{
  "aor": 0.0006085393258426965,
  "aqi": 0.00603991595505618,
  "bids_meta": {
    "AcquisitionMatrixPE": 64,
    "AcquisitionNumber": 1,
    "AcquisitionTime": "14:57:36.000000",
    "BodyPartExamined": "BRAIN",
    "CoilString": "RM:HNU_FlexS",
    "ConversionSoftware": "dcm2niix",
    "ConversionSoftwareVersion": "v1.0.20200331",
    "DeviceSerialNumber": "00000070431MRS04",
    "EchoTime": 0.03,
    "EffectiveEchoSpacing": 0.000644,
    "FlipAngle": 78,
    "ImageOrientationPatientDICOM": [
      1,
      0,
      0,
      0,
      1,
      0
    ],
    "ImageType": [
      "ORIGINAL",
      "PRIMARY",
      "EPI",
      "NONE"
    ],
    "ImagingFrequency": 127.734,
    "InPlanePhaseEncodingDirectionDICOM": "COL",
    "InstitutionName": "N_and_N_University_Hospital",
    "MRAcquisitionType": "2D",
    "MagneticFieldStrength": 3,
    "Manufacturer": "GE",
    "ManufacturersModelName": "DISCOVERY_MR750w",
    "Modality": "MR",
    "PatientPosition": "HFS",
    "PercentPhaseFOV": 100,
    "PercentSampling": 100,
    "PhaseEncodingDirection": "j",
    "PhaseEncodingPolarityGE": "Flipped",
    "PixelBandwidth": 7812.5,
    "ProcedureStepDescription": "MRI_Head",
    "ProtocolName": "fMRI_7_PartA",
    "ReconMatrixPE": 64,
    "RepetitionTime": 2,
    "SAR": 0.0708473,
    "ScanOptions": "SAT_GEMS_EPI_GEMS_ACC_GEMS_FS",
    "ScanningSequence": "EP_GR",
    "SequenceVariant": "SS",
    "SeriesDescription": "fMRI_7_PartA",
    "SeriesNumber": 11,
    "SliceThickness": 3.3,
    "SliceTiming": [
      0,
      1.0285,
      0.0571001,
      1.0857,
      0.1142,
      1.1428,
      0.1714,
      1.2,
      0.2285,
      1.2571,
      0.2857,
      1.3143,
      0.3428,
      1.3714,
      0.4,
      1.4286,
      0.4571,
      1.4857,
      0.5142,
      1.5428,
      0.5714,
      1.6,
      0.6285,
      1.6571,
      0.6857,
      1.7143,
      0.7428,
      1.7714,
      0.8,
      1.8285,
      0.8571,
      1.8857,
      0.9143,
      1.9428,
      0.9714
    ],
    "SoftwareVersions": "27_LX_MR_Software_release:DV26.0_EB_1706.a",
    "SpacingBetweenSlices": 3.3,
    "StationName": "nnmr04",
    "TaskName": "grasp",
    "TotalReadoutTime": 0.040572,
    "dataset": "ds003342",
    "modality": "bold",
    "run_id": 7,
    "session_id": "action",
    "subject_id": "RL17",
    "task_id": "grasp"
  },
  "dummy_trs": 0,
  "dvars_nstd": 34.12015001135591,
  "dvars_std": 1.0226645183615821,
  "dvars_vstd": 1.0105125061016955,
  "efc": 0.5079992758941956,
  "fber": 2650.447998046875,
  "fd_mean": 0.1644521304520513,
  "fd_num": 48,
  "fd_perc": 26.96629213483146,
  "fwhm_avg": 2.8835381815551298,
  "fwhm_x": 2.9492371318120125,
  "fwhm_y": 2.9656373864279235,
  "fwhm_z": 2.735740026425454,
  "gcor": 0.0117487,
  "gsr_x": 0.004885994363576174,
  "gsr_y": 0.03340833634138107,
  "provenance": {
    "md5sum": "d78bde65fc63a76f9076abad466931af",
    "settings": {
      "fd_thres": 0.2,
      "testing": false
    },
    "software": "mriqc",
    "version": "22.0.6",
    "webapi_port": null,
    "webapi_url": "https://mriqc.nimh.nih.gov/api/v1"
  },
  "size_t": 178,
  "size_x": 64,
  "size_y": 64,
  "size_z": 35,
  "snr": 3.6957009611757456,
  "spacing_tr": 2.0,
  "spacing_x": 3.2969000339508057,
  "spacing_y": 3.2969000339508057,
  "spacing_z": 3.299999237060547,
  "summary_bg_k": 37.33940458192054,
  "summary_bg_mad": 18.303474160767493,
  "summary_bg_mean": 58.69880294799805,
  "summary_bg_median": 29.674158096313477,
  "summary_bg_n": 83950.0,
  "summary_bg_p05": 4.109269571304321,
  "summary_bg_p95": 222.29494857788134,
  "summary_bg_stdv": 104.49365234375,
  "summary_fg_k": -0.12017149766375024,
  "summary_fg_mad": 416.8278585142772,
  "summary_fg_mean": 1602.898681640625,
  "summary_fg_median": 1541.050537109375,
  "summary_fg_n": 28621.0,
  "summary_fg_p05": 1026.4775390625,
  "summary_fg_p95": 2404.10107421875,
  "summary_fg_stdv": 416.97735595703125,
  "tsnr": 37.75688986061141
}