{
  "aor": 0.0013435393258426967,
  "aqi": 0.006224659269662921,
  "bids_meta": {
    "AcquisitionMatrixPE": 64,
    "AcquisitionNumber": 1,
    "AcquisitionTime": "14:35:26.000000",
    "BodyPartExamined": "BRAIN",
    "CoilString": "RM:HNU_FlexS",
    "ConversionSoftware": "dcm2niix",
    "ConversionSoftwareVersion": "v1.0.20200331",
    "DeviceSerialNumber": "00000070431MRS04",
    "EchoTime": 0.03,
    "EffectiveEchoSpacing": 0.000644,
    "FlipAngle": 78,
    "ImageOrientationPatientDICOM": [
      1,
      0,
      0,
      0,
      1,
      0
    ],
    "ImageType": [
      "ORIGINAL",
      "PRIMARY",
      "EPI",
      "NONE"
    ],
    "ImagingFrequency": 127.734,
    "InPlanePhaseEncodingDirectionDICOM": "COL",
    "InstitutionName": "N_and_N_University_Hospital",
    "MRAcquisitionType": "2D",
    "MagneticFieldStrength": 3,
    "Manufacturer": "GE",
    "ManufacturersModelName": "DISCOVERY_MR750w",
    "Modality": "MR",
    "PatientPosition": "HFS",
    "PercentPhaseFOV": 100,
    "PercentSampling": 100,
    "PhaseEncodingDirection": "j",
    "PhaseEncodingPolarityGE": "Flipped",
    "PixelBandwidth": 7812.5,
    "ProcedureStepDescription": "MRI_Head",
    "ProtocolName": "fMRI_4_PartA",
    "ReconMatrixPE": 64,
    "RepetitionTime": 2,
    "SAR": 0.0708473,
    "ScanOptions": "SAT_GEMS_EPI_GEMS_ACC_GEMS_FS",
    "ScanningSequence": "EP_GR",
    "SequenceVariant": "SS",
    "SeriesDescription": "fMRI_4_PartA",
    "SeriesNumber": 8,
    "SliceThickness": 3.3,
    "SliceTiming": [
      0,
      1.0285,
      0.0571001,
      1.0857,
      0.1142,
      1.1428,
      0.1714,
      1.2,
      0.2285,
      1.2571,
      0.2857,
      1.3143,
      0.3428,
      1.3714,
      0.4,
      1.4286,
      0.4571,
      1.4857,
      0.5142,
      1.5428,
      0.5714,
      1.6,
      0.6285,
      1.6571,
      0.6857,
      1.7143,
      0.7428,
      1.7714,
      0.8,
      1.8285,
      0.8571,
      1.8857,
      0.9143,
      1.9428,
      0.9714
    ],
    "SoftwareVersions": "27_LX_MR_Software_release:DV26.0_EB_1706.a",
    "SpacingBetweenSlices": 3.3,
    "StationName": "nnmr04",
    "TaskName": "grasp",
    "TotalReadoutTime": 0.040572,
    "dataset": "ds003342",
    "modality": "bold",
    "run_id": 4,
    "session_id": "action",
    "subject_id": "RL17",
    "task_id": "grasp"
  },
  "dummy_trs": 0,
  "dvars_nstd": 33.58454873468926,
  "dvars_std": 1.0312872555932204,
  "dvars_vstd": 1.0212029704519776,
  "efc": 0.5122196901799596,
  "fber": 2672.281005859375,
  "fd_mean": 0.16521163612283796,
  "fd_num": 45,
  "fd_perc": 25.280898876404493,
  "fwhm_avg": 2.7701605858200065,
  "fwhm_x": 2.8402893334859685,
  "fwhm_y": 2.8655190945170665,
  "fwhm_z": 2.604673329456984,
  "gcor": 0.0160259,
  "gsr_x": 0.0044130971655249596,
  "gsr_y": 0.03147515654563904,
  "provenance": {
    "md5sum": "781c46e70a3e35ed45c2e3b23892b91b",
    "settings": {
      "fd_thres": 0.2,
      "testing": false
    },
    "software": "mriqc",
    "version": "22.0.6",
    "webapi_port": null,
    "webapi_url": "https://mriqc.nimh.nih.gov/api/v1"
  },
  "size_t": 178,
  "size_x": 64,
  "size_y": 64,
  "size_z": 35,
  "snr": 3.873911541912625,
  "spacing_tr": 2.0,
  "spacing_x": 3.2969000339508057,
  "spacing_y": 3.2969000339508057,
  "spacing_z": 3.299999237060547,
  "summary_bg_k": 36.11223872527348,
  "summary_bg_mad": 18.057761788813416,
  "summary_bg_mean": 57.91110610961914,
  "summary_bg_median": 29.241573333740234,
  "summary_bg_n": 82992.0,
  "summary_bg_p05": 3.837078809738159,
  "summary_bg_p95": 216.3856742858884,
  "summary_bg_stdv": 102.66901397705078,
  "summary_fg_k": -0.18678958420521097,
  "summary_fg_mad": 402.2016401438244,
  "summary_fg_mean": 1578.98779296875,
  "summary_fg_median": 1525.904541015625,
  "summary_fg_n": 29060.0,
  "summary_fg_p05": 1023.4275573730469,
  "summary_fg_p95": 2321.4848388671876,
  "summary_fg_stdv": 393.88568115234375,
  "tsnr": 37.757840017438866
}