{
  "aor": 0.0010584180790960452,
  "aqi": 0.00599038593220339,
  "bids_meta": {
    "AcquisitionMatrixPE": 64,
    "AcquisitionNumber": 1,
    "AcquisitionTime": "14:28:9.000000",
    "BodyPartExamined": "BRAIN",
    "CoilString": "RM:HNU_FlexS",
    "ConversionSoftware": "dcm2niix",
    "ConversionSoftwareVersion": "v1.0.20200331",
    "DeviceSerialNumber": "00000070431MRS04",
    "EchoTime": 0.03,
    "EffectiveEchoSpacing": 0.000644,
    "FlipAngle": 78,
    "ImageOrientationPatientDICOM": [
      1,
      0,
      0,
      0,
      1,
      0
    ],
    "ImageType": [
      "ORIGINAL",
      "PRIMARY",
      "EPI",
      "NONE"
    ],
    "ImagingFrequency": 127.734,
    "InPlanePhaseEncodingDirectionDICOM": "COL",
    "InstitutionName": "N_and_N_University_Hospital",
    "MRAcquisitionType": "2D",
    "MagneticFieldStrength": 3,
    "Manufacturer": "GE",
    "ManufacturersModelName": "DISCOVERY_MR750w",
    "Modality": "MR",
    "PatientPosition": "HFS",
    "PercentPhaseFOV": 100,
    "PercentSampling": 100,
    "PhaseEncodingDirection": "j",
    "PhaseEncodingPolarityGE": "Flipped",
    "PixelBandwidth": 7812.5,
    "ProcedureStepDescription": "MRI_Head",
    "ProtocolName": "fMRI_3_PartA",
    "ReconMatrixPE": 64,
    "RepetitionTime": 2,
    "SAR": 0.0708473,
    "ScanOptions": "SAT_GEMS_EPI_GEMS_ACC_GEMS_FS",
    "ScanningSequence": "EP_GR",
    "SequenceVariant": "SS",
    "SeriesDescription": "fMRI_3_PartA",
    "SeriesNumber": 7,
    "SliceThickness": 3.3,
    "SliceTiming": [
      0,
      1.0285,
      0.0571001,
      1.0857,
      0.1142,
      1.1428,
      0.1714,
      1.2,
      0.2285,
      1.2571,
      0.2857,
      1.3143,
      0.3428,
      1.3714,
      0.4,
      1.4286,
      0.4571,
      1.4857,
      0.5142,
      1.5428,
      0.5714,
      1.6,
      0.6285,
      1.6571,
      0.6857,
      1.7143,
      0.7428,
      1.7714,
      0.8,
      1.8285,
      0.8571,
      1.8857,
      0.9143,
      1.9428,
      0.9714
    ],
    "SoftwareVersions": "27_LX_MR_Software_release:DV26.0_EB_1706.a",
    "SpacingBetweenSlices": 3.3,
    "StationName": "nnmr04",
    "TaskName": "grasp",
    "TotalReadoutTime": 0.040572,
    "dataset": "ds003342",
    "modality": "bold",
    "run_id": 3,
    "session_id": "action",
    "subject_id": "RL17",
    "task_id": "grasp"
  },
  "dummy_trs": 1,
  "dvars_nstd": 33.83951472170455,
  "dvars_std": 1.0267244927840902,
  "dvars_vstd": 1.0117107790340911,
  "efc": 0.5124600560599127,
  "fber": 2672.601318359375,
  "fd_mean": 0.14484271102256568,
  "fd_num": 35,
  "fd_perc": 19.774011299435028,
  "fwhm_avg": 2.7340310408608155,
  "fwhm_x": 2.7957747899788266,
  "fwhm_y": 2.838269254038179,
  "fwhm_z": 2.5680490785654424,
  "gcor": 0.0142252,
  "gsr_x": 0.004585117567330599,
  "gsr_y": 0.03145042061805725,
  "provenance": {
    "md5sum": "a6444794bfbaaf9f37bfe759d6baaf0b",
    "settings": {
      "fd_thres": 0.2,
      "testing": false
    },
    "software": "mriqc",
    "version": "22.0.6",
    "webapi_port": null,
    "webapi_url": "https://mriqc.nimh.nih.gov/api/v1"
  },
  "size_t": 177,
  "size_x": 64,
  "size_y": 64,
  "size_z": 35,
  "snr": 3.897720441914818,
  "spacing_tr": 2.0,
  "spacing_x": 3.2969000339508057,
  "spacing_y": 3.2969000339508057,
  "spacing_z": 3.299999237060547,
  "summary_bg_k": 36.65276037710628,
  "summary_bg_mad": 17.925249238537283,
  "summary_bg_mean": 57.82298278808594,
  "summary_bg_median": 29.25423812866211,
  "summary_bg_n": 82939.0,
  "summary_bg_p05": 3.9203389644622835,
  "summary_bg_p95": 215.81411895751947,
  "summary_bg_stdv": 103.2490463256836,
  "summary_fg_k": -0.16164111838257078,
  "summary_fg_mad": 400.5707234089534,
  "summary_fg_mean": 1584.7000732421875,
  "summary_fg_median": 1533.0565185546875,
  "summary_fg_n": 29060.0,
  "summary_fg_p05": 1028.9537048339844,
  "summary_fg_p95": 2318.5857788085937,
  "summary_fg_stdv": 393.3145446777344,
  "tsnr": 38.447305037872866
}