{
  "aor": 0.0006812359550561798,
  "aqi": 0.005148954943820224,
  "bids_meta": {
    "AcquisitionMatrixPE": 64,
    "AcquisitionNumber": 1,
    "AcquisitionTime": "14:20:45.000000",
    "BodyPartExamined": "BRAIN",
    "CoilString": "RM:HNU_FlexS",
    "ConversionSoftware": "dcm2niix",
    "ConversionSoftwareVersion": "v1.0.20200331",
    "DeviceSerialNumber": "00000070431MRS04",
    "EchoTime": 0.03,
    "EffectiveEchoSpacing": 0.000644,
    "FlipAngle": 78,
    "ImageOrientationPatientDICOM": [
      1,
      0,
      0,
      0,
      1,
      0
    ],
    "ImageType": [
      "ORIGINAL",
      "PRIMARY",
      "EPI",
      "NONE"
    ],
    "ImagingFrequency": 127.734,
    "InPlanePhaseEncodingDirectionDICOM": "COL",
    "InstitutionName": "N_and_N_University_Hospital",
    "MRAcquisitionType": "2D",
    "MagneticFieldStrength": 3,
    "Manufacturer": "GE",
    "ManufacturersModelName": "DISCOVERY_MR750w",
    "Modality": "MR",
    "PatientPosition": "HFS",
    "PercentPhaseFOV": 100,
    "PercentSampling": 100,
    "PhaseEncodingDirection": "j",
    "PhaseEncodingPolarityGE": "Flipped",
    "PixelBandwidth": 7812.5,
    "ProcedureStepDescription": "MRI_Head",
    "ProtocolName": "fMRI_2_PartA",
    "ReconMatrixPE": 64,
    "RepetitionTime": 2,
    "SAR": 0.0708473,
    "ScanOptions": "SAT_GEMS_EPI_GEMS_ACC_GEMS_FS",
    "ScanningSequence": "EP_GR",
    "SequenceVariant": "SS",
    "SeriesDescription": "fMRI_2_PartA",
    "SeriesNumber": 6,
    "SliceThickness": 3.3,
    "SliceTiming": [
      0,
      1.0285,
      0.0571001,
      1.0857,
      0.1142,
      1.1428,
      0.1714,
      1.2,
      0.2285,
      1.2571,
      0.2857,
      1.3143,
      0.3428,
      1.3714,
      0.4,
      1.4286,
      0.4571,
      1.4857,
      0.5142,
      1.5428,
      0.5714,
      1.6,
      0.6285,
      1.6571,
      0.6857,
      1.7143,
      0.7428,
      1.7714,
      0.8,
      1.8285,
      0.8571,
      1.8857,
      0.9143,
      1.9428,
      0.9714
    ],
    "SoftwareVersions": "27_LX_MR_Software_release:DV26.0_EB_1706.a",
    "SpacingBetweenSlices": 3.3,
    "StationName": "nnmr04",
    "TaskName": "grasp",
    "TotalReadoutTime": 0.040572,
    "dataset": "ds003342",
    "modality": "bold",
    "run_id": 2,
    "session_id": "action",
    "subject_id": "RL17",
    "task_id": "grasp"
  },
  "dummy_trs": 0,
  "dvars_nstd": 34.47833202361583,
  "dvars_std": 1.0376722097175135,
  "dvars_vstd": 1.0192061244632764,
  "efc": 0.5103915300767379,
  "fber": 2674.6796875,
  "fd_mean": 0.1546486030818649,
  "fd_num": 42,
  "fd_perc": 23.59550561797753,
  "fwhm_avg": 2.767697038694941,
  "fwhm_x": 2.776987444483921,
  "fwhm_y": 2.8613485100715557,
  "fwhm_z": 2.664755161529347,
  "gcor": 0.0102837,
  "gsr_x": 0.004705988336354494,
  "gsr_y": 0.030293595045804977,
  "provenance": {
    "md5sum": "c3649c8b435764d542569a5068e4b613",
    "settings": {
      "fd_thres": 0.2,
      "testing": false
    },
    "software": "mriqc",
    "version": "22.0.6",
    "webapi_port": null,
    "webapi_url": "https://mriqc.nimh.nih.gov/api/v1"
  },
  "size_t": 178,
  "size_x": 64,
  "size_y": 64,
  "size_z": 35,
  "snr": 3.911672832526969,
  "spacing_tr": 2.0,
  "spacing_x": 3.2969000339508057,
  "spacing_y": 3.2969000339508057,
  "spacing_z": 3.299999237060547,
  "summary_bg_k": 38.01628202049331,
  "summary_bg_mad": 17.741253045701885,
  "summary_bg_mean": 56.916107177734375,
  "summary_bg_median": 29.30337142944336,
  "summary_bg_n": 83160.0,
  "summary_bg_p05": 4.207584333419799,
  "summary_bg_p95": 209.4963508605958,
  "summary_bg_stdv": 101.81742858886719,
  "summary_fg_k": -0.16282260631086043,
  "summary_fg_mad": 398.3619320544916,
  "summary_fg_mean": 1584.319580078125,
  "summary_fg_median": 1534.2696533203125,
  "summary_fg_n": 28791.0,
  "summary_fg_p05": 1031.3876953125,
  "summary_fg_p95": 2322.07861328125,
  "summary_fg_stdv": 392.2217102050781,
  "tsnr": 39.614786443300545
}