{
  "aor": 0.0009401129943502825,
  "aqi": 0.006349934689265536,
  "bids_meta": {
    "AcquisitionMatrixPE": 64,
    "AcquisitionNumber": 1,
    "AcquisitionTime": "14:43:2.000000",
    "BodyPartExamined": "BRAIN",
    "CoilString": "RM:HNU_FlexS",
    "ConversionSoftware": "dcm2niix",
    "ConversionSoftwareVersion": "v1.0.20200331",
    "DeviceSerialNumber": "00000070431MRS04",
    "EchoTime": 0.03,
    "EffectiveEchoSpacing": 0.000644,
    "FlipAngle": 78,
    "ImageOrientationPatientDICOM": [
      1,
      0,
      0,
      0,
      1,
      0
    ],
    "ImageType": [
      "ORIGINAL",
      "PRIMARY",
      "EPI",
      "NONE"
    ],
    "ImagingFrequency": 127.734,
    "InPlanePhaseEncodingDirectionDICOM": "COL",
    "InstitutionName": "N_and_N_University_Hospital",
    "MRAcquisitionType": "2D",
    "MagneticFieldStrength": 3,
    "Manufacturer": "GE",
    "ManufacturersModelName": "DISCOVERY_MR750w",
    "Modality": "MR",
    "PatientPosition": "HFS",
    "PercentPhaseFOV": 100,
    "PercentSampling": 100,
    "PhaseEncodingDirection": "j",
    "PhaseEncodingPolarityGE": "Flipped",
    "PixelBandwidth": 7812.5,
    "ProcedureStepDescription": "MRI_Head",
    "ProtocolName": "fMRI_5_PartA",
    "ReconMatrixPE": 64,
    "RepetitionTime": 2,
    "SAR": 0.0708473,
    "ScanOptions": "SAT_GEMS_EPI_GEMS_ACC_GEMS_FS",
    "ScanningSequence": "EP_GR",
    "SequenceVariant": "SS",
    "SeriesDescription": "fMRI_5_PartA",
    "SeriesNumber": 9,
    "SliceThickness": 3.3,
    "SliceTiming": [
      0,
      1.0285,
      0.0571001,
      1.0857,
      0.1142,
      1.1428,
      0.1714,
      1.2,
      0.2285,
      1.2571,
      0.2857,
      1.3143,
      0.3428,
      1.3714,
      0.4,
      1.4286,
      0.4571,
      1.4857,
      0.5142,
      1.5428,
      0.5714,
      1.6,
      0.6285,
      1.6571,
      0.6857,
      1.7143,
      0.7428,
      1.7714,
      0.8,
      1.8285,
      0.8571,
      1.8857,
      0.9143,
      1.9428,
      0.9714
    ],
    "SoftwareVersions": "27_LX_MR_Software_release:DV26.0_EB_1706.a",
    "SpacingBetweenSlices": 3.3,
    "StationName": "nnmr04",
    "TaskName": "grasp",
    "TotalReadoutTime": 0.040572,
    "dataset": "ds003342",
    "modality": "bold",
    "run_id": 5,
    "session_id": "action",
    "subject_id": "RL17",
    "task_id": "grasp"
  },
  "dummy_trs": 1,
  "dvars_nstd": 34.03315726198865,
  "dvars_std": 1.0125829616477273,
  "dvars_vstd": 1.0025411520454548,
  "efc": 0.5114238108372773,
  "fber": 2657.016357421875,
  "fd_mean": 0.1544161380038915,
  "fd_num": 40,
  "fd_perc": 22.598870056497177,
  "fwhm_avg": 2.8078147191357536,
  "fwhm_x": 2.8906578609784455,
  "fwhm_y": 2.87188568124516,
  "fwhm_z": 2.6609006151836545,
  "gcor": 0.0116536,
  "gsr_x": 0.004710990469902754,
  "gsr_y": 0.03226287290453911,
  "provenance": {
    "md5sum": "fce60b89982569119b3dd79605562601",
    "settings": {
      "fd_thres": 0.2,
      "testing": false
    },
    "software": "mriqc",
    "version": "22.0.6",
    "webapi_port": null,
    "webapi_url": "https://mriqc.nimh.nih.gov/api/v1"
  },
  "size_t": 177,
  "size_x": 64,
  "size_y": 64,
  "size_z": 35,
  "snr": 3.786108513359794,
  "spacing_tr": 2.0,
  "spacing_x": 3.2969000339508057,
  "spacing_y": 3.2969000339508057,
  "spacing_z": 3.299999237060547,
  "summary_bg_k": 35.954335615931605,
  "summary_bg_mad": 17.682335013584872,
  "summary_bg_mean": 58.498741149902344,
  "summary_bg_median": 29.423728942871094,
  "summary_bg_n": 83312.0,
  "summary_bg_p05": 4.545480227470399,
  "summary_bg_p95": 222.7579101562499,
  "summary_bg_stdv": 104.41670989990234,
  "summary_fg_k": -0.1329063892428537,
  "summary_fg_mad": 408.56586219140127,
  "summary_fg_mean": 1594.1595458984375,
  "summary_fg_median": 1534.0762939453125,
  "summary_fg_n": 28906.0,
  "summary_fg_p05": 1030.1299438476562,
  "summary_fg_p95": 2358.2965698242188,
  "summary_fg_stdv": 405.1784973144531,
  "tsnr": 37.21131111547584
}