{
  "bids_meta": {
    "AcquisitionMatrixPE": 256,
    "AcquisitionNumber": 1,
    "AcquisitionTime": "09:17:19.000000",
    "BodyPartExamined": "BRAIN",
    "CoilString": "Head+Neck_40",
    "ConversionSoftware": "dcm2niix",
    "ConversionSoftwareVersion": "v1.0.20200331",
    "DeviceSerialNumber": "00000070431MRS04",
    "EchoTime": 0.002616,
    "FlipAngle": 9,
    "ImageOrientationPatientDICOM": [
      0.0186372,
      0.996481,
      0.0817166,
      0.0218939,
      0.0813045,
      -0.996449
    ],
    "ImageType": [
      "ORIGINAL",
      "PRIMARY",
      "OTHER"
    ],
    "ImagingFrequency": 127.734,
    "InPlanePhaseEncodingDirectionDICOM": "ROW",
    "InstitutionName": "N_and_N_University_Hospital",
    "InversionTime": 0.9,
    "MRAcquisitionType": "3D",
    "MagneticFieldStrength": 3,
    "Manufacturer": "GE",
    "ManufacturersModelName": "DISCOVERY_MR750w",
    "Modality": "MR",
    "PatientPosition": "HFS",
    "PercentPhaseFOV": 100,
    "PercentSampling": 62.5,
    "PixelBandwidth": 390.625,
    "ProcedureStepDescription": "MRI_Head",
    "ProtocolName": "SAG_FSPGR_BRAVO",
    "ReconMatrixPE": 256,
    "RepetitionTime": 0.007096,
    "SAR": 0.0581563,
    "ScanOptions": "FAST_GEMS_NPW_EDR_GEMS_ACC_GEMS_IR_GEMS",
    "ScanningSequence": "GR",
    "SequenceVariant": "SS_SK_OSP",
    "SeriesDescription": "SAG_FSPGR_BRAVO",
    "SeriesNumber": 2,
    "SliceThickness": 0.9,
    "SoftwareVersions": "27_LX_MR_Software_release:DV26.0_EB_1706.a",
    "SpacingBetweenSlices": 0.9,
    "StationName": "nnmr04",
    "dataset": "ds003342",
    "modality": "T1w",
    "session_id": "localiser",
    "subject_id": "QR30"
  },
  "cjv": 0.44467338608579743,
  "cnr": 2.9597168727085648,
  "efc": 0.6292241003268183,
  "fber": 17050.193335262345,
  "fwhm_avg": 4.370779862476314,
  "fwhm_x": 4.352589004193121,
  "fwhm_y": 4.599254185313519,
  "fwhm_z": 4.160496397922303,
  "icvs_csf": 0.19841814258302098,
  "icvs_gm": 0.38790910954309216,
  "icvs_wm": 0.41367274787388686,
  "inu_med": 0.48775842785835266,
  "inu_range": 0.18924159407615654,
  "provenance": {
    "md5sum": "48ed157471b78e34c4ddac2a2200e137",
    "settings": {
      "testing": false
    },
    "software": "mriqc",
    "version": "22.0.6",
    "warnings": {
      "large_rot_frame": true,
      "small_air_mask": false
    },
    "webapi_port": null,
    "webapi_url": "https://mriqc.nimh.nih.gov/api/v1"
  },
  "qi_1": 0.0,
  "qi_2": 0.00017630317490772719,
  "rpve_csf": 19.573970349506006,
  "rpve_gm": 9.80706696233636,
  "rpve_wm": 10.815397534296041,
  "size_x": 196,
  "size_y": 256,
  "size_z": 256,
  "snr_csf": 2.6214012514497345,
  "snr_gm": 14.490411662465034,
  "snr_total": 11.844174552885022,
  "snr_wm": 18.420710744740298,
  "snrd_csf": 7.67836213134729,
  "snrd_gm": 19.05835206838243,
  "snrd_total": 17.237510860321404,
  "snrd_wm": 24.975818381234486,
  "spacing_x": 0.8999999761581421,
  "spacing_y": 0.8984000086784363,
  "spacing_z": 0.8984000086784363,
  "summary_bg_k": 3032.3030182105485,
  "summary_bg_mad": 0.0,
  "summary_bg_mean": 8.536630571245714,
  "summary_bg_median": 0.0,
  "summary_bg_n": 2767885.0,
  "summary_bg_p05": 0.0,
  "summary_bg_p95": 32.27465536817908,
  "summary_bg_stdv": 26.231951902607477,
  "summary_csf_k": 1.4896094367824295,
  "summary_csf_mad": 108.47378743051107,
  "summary_csf_mean": 315.72734313392937,
  "summary_csf_median": 307.4450238458812,
  "summary_csf_n": 76654.0,
  "summary_csf_p05": 138.4852742291987,
  "summary_csf_p95": 521.9386116171252,
  "summary_csf_stdv": 117.28193776581986,
  "summary_gm_k": 0.088062263029558,
  "summary_gm_mad": 52.55291283247373,
  "summary_gm_mean": 763.2191480110409,
  "summary_gm_median": 763.1048661023378,
  "summary_gm_n": 31889.0,
  "summary_gm_p05": 677.0991244532167,
  "summary_gm_p95": 849.1106077514588,
  "summary_gm_stdv": 52.66192008664678,
  "summary_wm_k": 0.3951467932838839,
  "summary_wm_mad": 52.80709862610117,
  "summary_wm_mean": 1004.2691425065569,
  "summary_wm_median": 1000.0428407043219,
  "summary_wm_n": 387282.0,
  "summary_wm_p05": 922.7636858187616,
  "summary_wm_p95": 1100.381443914026,
  "summary_wm_stdv": 54.28897741553339,
  "tpm_overlap_csf": 0.14083882960249694,
  "tpm_overlap_gm": 0.41589979456040455,
  "tpm_overlap_wm": 0.4824768325511148,
  "wm2max": 0.43109214197291357
}