{
  "bids_meta": {
    "AcquisitionMatrixPE": 256,
    "AcquisitionNumber": 1,
    "AcquisitionTime": "09:10:57.000000",
    "BodyPartExamined": "BRAIN",
    "CoilString": "Head_24",
    "ConversionSoftware": "dcm2niix",
    "ConversionSoftwareVersion": "v1.0.20200331",
    "DeviceSerialNumber": "00000070431MRS04",
    "EchoTime": 0.002616,
    "FlipAngle": 9,
    "ImageOrientationPatientDICOM": [
      0.0727437,
      0.997348,
      -0.00208302,
      -0.0286233,
      0,
      -0.99959
    ],
    "ImageType": [
      "ORIGINAL",
      "PRIMARY",
      "OTHER"
    ],
    "ImagingFrequency": 127.734,
    "InPlanePhaseEncodingDirectionDICOM": "ROW",
    "InstitutionName": "N_and_N_University_Hospital",
    "InversionTime": 0.9,
    "MRAcquisitionType": "3D",
    "MagneticFieldStrength": 3,
    "Manufacturer": "GE",
    "ManufacturersModelName": "DISCOVERY_MR750w",
    "Modality": "MR",
    "PatientPosition": "HFS",
    "PercentPhaseFOV": 100,
    "PercentSampling": 62.5,
    "PixelBandwidth": 390.625,
    "ProcedureStepDescription": "MRI_Head",
    "ProtocolName": "SAG_FSPGR_BRAVO",
    "ReconMatrixPE": 256,
    "RepetitionTime": 0.007096,
    "SAR": 0.0505702,
    "ScanOptions": "FAST_GEMS_NPW_EDR_GEMS_ACC_GEMS_IR_GEMS",
    "ScanningSequence": "GR",
    "SequenceVariant": "SS_SK_OSP",
    "SeriesDescription": "SAG_FSPGR_BRAVO",
    "SeriesNumber": 2,
    "SliceThickness": 0.9,
    "SoftwareVersions": "27_LX_MR_Software_release:DV26.0_EB_1706.a",
    "SpacingBetweenSlices": 0.9,
    "StationName": "nnmr04",
    "dataset": "ds003342",
    "modality": "T1w",
    "session_id": "localiser",
    "subject_id": "RE29"
  },
  "cjv": 0.4578688231076201,
  "cnr": 2.9202277875960307,
  "efc": 0.6026435916386784,
  "fber": 23285.052618709964,
  "fwhm_avg": 4.152577561335498,
  "fwhm_x": 4.251866779302671,
  "fwhm_y": 4.124042702815848,
  "fwhm_z": 4.081823201887976,
  "icvs_csf": 0.20333506068700694,
  "icvs_gm": 0.396517948598433,
  "icvs_wm": 0.40014699071456006,
  "inu_med": 0.5456618666648865,
  "inu_range": 0.22977158427238464,
  "provenance": {
    "md5sum": "e3eb6a3dfb2bf6b6c5e3b72aaee18552",
    "settings": {
      "testing": false
    },
    "software": "mriqc",
    "version": "22.0.6",
    "warnings": {
      "large_rot_frame": true,
      "small_air_mask": false
    },
    "webapi_port": null,
    "webapi_url": "https://mriqc.nimh.nih.gov/api/v1"
  },
  "qi_1": 0.0,
  "qi_2": 0.0002040344807621136,
  "rpve_csf": 20.581986754539304,
  "rpve_gm": 10.361390472530054,
  "rpve_wm": 11.868096750093388,
  "size_x": 196,
  "size_y": 256,
  "size_z": 256,
  "snr_csf": 2.8830850989575776,
  "snr_gm": 13.77491369267785,
  "snr_total": 11.493655001461674,
  "snr_wm": 17.822966212749595,
  "snrd_csf": 9.701575056476058,
  "snrd_gm": 22.487764045200457,
  "snrd_total": 20.578535890034036,
  "snrd_wm": 29.546268568425592,
  "spacing_x": 0.8999999761581421,
  "spacing_y": 0.8984000086784363,
  "spacing_z": 0.8984000086784363,
  "summary_bg_k": 3645.2591084218216,
  "summary_bg_mad": 0.0,
  "summary_bg_mean": 7.380690179543912,
  "summary_bg_median": 0.0,
  "summary_bg_n": 2780262.0,
  "summary_bg_p05": 0.0,
  "summary_bg_p95": 29.12011058628559,
  "summary_bg_stdv": 22.173235605380402,
  "summary_csf_k": 2.989161622122311,
  "summary_csf_mad": 93.02500285775156,
  "summary_csf_mean": 337.1989287960428,
  "summary_csf_median": 328.3519423902035,
  "summary_csf_n": 56746.0,
  "summary_csf_p05": 160.93749366886914,
  "summary_csf_p95": 534.6979538258165,
  "summary_csf_stdv": 113.88808791096636,
  "summary_gm_k": 0.14170864556957197,
  "summary_gm_mad": 54.45871063236207,
  "summary_gm_mean": 760.4138973548254,
  "summary_gm_median": 761.1033220142126,
  "summary_gm_n": 35319.0,
  "summary_gm_p05": 669.0991356894374,
  "summary_gm_p95": 849.895217962563,
  "summary_gm_stdv": 55.252073749225055,
  "summary_wm_k": 0.3494166983634224,
  "summary_wm_mad": 54.924612149178856,
  "summary_wm_mean": 1004.7913194526001,
  "summary_wm_median": 999.9999606609344,
  "summary_wm_n": 335416.0,
  "summary_wm_p05": 921.2290140390396,
  "summary_wm_p95": 1104.0153196975589,
  "summary_wm_stdv": 56.10729763143152,
  "tpm_overlap_csf": 0.14635244138924766,
  "tpm_overlap_gm": 0.4394802687309543,
  "tpm_overlap_wm": 0.4954198080230491,
  "wm2max": 0.5234446882403906
}