{
  "aor": 0.0014602678571428572,
  "aqi": 0.006516936785714286,
  "bids_meta": {
    "AcquisitionMatrixPE": 64,
    "AcquisitionNumber": 1,
    "AcquisitionTime": "11:34:42.000000",
    "BodyPartExamined": "BRAIN",
    "CoilString": "Head+Neck_40",
    "ConversionSoftware": "dcm2niix",
    "ConversionSoftwareVersion": "v1.0.20200331",
    "DeviceSerialNumber": "00000070431MRS04",
    "EchoTime": 0.03,
    "EffectiveEchoSpacing": 0.000644,
    "FlipAngle": 78,
    "ImageOrientationPatientDICOM": [
      1,
      0,
      0,
      0,
      1,
      0
    ],
    "ImageType": [
      "ORIGINAL",
      "PRIMARY",
      "EPI",
      "NONE"
    ],
    "ImagingFrequency": 127.734,
    "InPlanePhaseEncodingDirectionDICOM": "ROW",
    "InstitutionName": "N_and_N_University_Hospital",
    "MRAcquisitionType": "2D",
    "MagneticFieldStrength": 3,
    "Manufacturer": "GE",
    "ManufacturersModelName": "DISCOVERY_MR750w",
    "Modality": "MR",
    "PatientPosition": "HFS",
    "PercentPhaseFOV": 100,
    "PercentSampling": 100,
    "PhaseEncodingDirection": "i-",
    "PhaseEncodingPolarityGE": "Flipped",
    "PixelBandwidth": 7812.5,
    "ProcedureStepDescription": "MRI_Head",
    "ProtocolName": "fMRI_2_PartB",
    "ReconMatrixPE": 64,
    "RepetitionTime": 2,
    "SAR": 0.0579337,
    "ScanOptions": "SAT_GEMS_EPI_GEMS_ACC_GEMS_FS",
    "ScanningSequence": "EP_GR",
    "SequenceVariant": "SS",
    "SeriesDescription": "fMRI_2_PartB",
    "SeriesNumber": 5,
    "SliceThickness": 3.3,
    "SliceTiming": [
      0,
      1.0285,
      0.0571001,
      1.0857,
      0.1142,
      1.1428,
      0.1714,
      1.2,
      0.2285,
      1.2571,
      0.2857,
      1.3143,
      0.3428,
      1.3714,
      0.4,
      1.4286,
      0.4571,
      1.4857,
      0.5142,
      1.5428,
      0.5714,
      1.6,
      0.6285,
      1.6571,
      0.6857,
      1.7143,
      0.7428,
      1.7714,
      0.8,
      1.8285,
      0.8571,
      1.8857,
      0.9143,
      1.9428,
      0.9714
    ],
    "SoftwareVersions": "27_LX_MR_Software_release:DV26.0_EB_1706.a",
    "SpacingBetweenSlices": 3.3,
    "StationName": "nnmr04",
    "TaskName": "localiser",
    "TotalReadoutTime": 0.040572,
    "dataset": "ds003342",
    "modality": "bold",
    "run_id": 2,
    "session_id": "localiser",
    "subject_id": "SC13",
    "task_id": "localiser"
  },
  "dummy_trs": 0,
  "dvars_nstd": 15.736284221748878,
  "dvars_std": 1.0095370955605387,
  "dvars_vstd": 0.9648538331838563,
  "efc": 0.4589858706944506,
  "fber": 37409.40234375,
  "fd_mean": 0.06868666785439385,
  "fd_num": 11,
  "fd_perc": 4.910714285714286,
  "fwhm_avg": 2.145351268745771,
  "fwhm_x": 2.1642664098157094,
  "fwhm_y": 2.2828929972076626,
  "fwhm_z": 1.988894399213941,
  "gcor": 0.0222079,
  "gsr_x": 0.00017855882470030338,
  "gsr_y": 0.014984013512730598,
  "provenance": {
    "md5sum": "f02e8f48c54023c329ecf5bd5b8f98f9",
    "settings": {
      "fd_thres": 0.2,
      "testing": false
    },
    "software": "mriqc",
    "version": "22.0.6",
    "webapi_port": null,
    "webapi_url": "https://mriqc.nimh.nih.gov/api/v1"
  },
  "size_t": 224,
  "size_x": 64,
  "size_y": 64,
  "size_z": 35,
  "snr": 6.912796098325197,
  "spacing_tr": 2.0,
  "spacing_x": 3.2969000339508057,
  "spacing_y": 3.2969000339508057,
  "spacing_z": 3.299999237060547,
  "summary_bg_k": 63.89462854262092,
  "summary_bg_mad": 25.99187120361608,
  "summary_bg_mean": 92.92381286621094,
  "summary_bg_median": 19.660715103149414,
  "summary_bg_n": 88957.0,
  "summary_bg_p05": 0.7142857313156128,
  "summary_bg_p95": 419.9303771972656,
  "summary_bg_stdv": 245.16702270507812,
  "summary_fg_k": 0.6957730480157176,
  "summary_fg_mad": 489.1331307958571,
  "summary_fg_mean": 3830.97314453125,
  "summary_fg_median": 3812.973388671875,
  "summary_fg_n": 23021.0,
  "summary_fg_p05": 2856.700927734375,
  "summary_fg_p95": 4714.75927734375,
  "summary_fg_stdv": 551.5699462890625,
  "tsnr": 68.1698789971415
}