{
  "aor": 0.0008453125,
  "aqi": 0.007681748973214285,
  "bids_meta": {
    "AcquisitionMatrixPE": 64,
    "AcquisitionNumber": 1,
    "AcquisitionTime": "11:42:58.000000",
    "BodyPartExamined": "BRAIN",
    "CoilString": "Head+Neck_40",
    "ConversionSoftware": "dcm2niix",
    "ConversionSoftwareVersion": "v1.0.20200331",
    "DeviceSerialNumber": "00000070431MRS04",
    "EchoTime": 0.03,
    "EffectiveEchoSpacing": 0.000644,
    "FlipAngle": 78,
    "ImageOrientationPatientDICOM": [
      1,
      0,
      0,
      0,
      1,
      0
    ],
    "ImageType": [
      "ORIGINAL",
      "PRIMARY",
      "EPI",
      "NONE"
    ],
    "ImagingFrequency": 127.734,
    "InPlanePhaseEncodingDirectionDICOM": "ROW",
    "InstitutionName": "N_and_N_University_Hospital",
    "MRAcquisitionType": "2D",
    "MagneticFieldStrength": 3,
    "Manufacturer": "GE",
    "ManufacturersModelName": "DISCOVERY_MR750w",
    "Modality": "MR",
    "PatientPosition": "HFS",
    "PercentPhaseFOV": 100,
    "PercentSampling": 100,
    "PhaseEncodingDirection": "i-",
    "PhaseEncodingPolarityGE": "Flipped",
    "PixelBandwidth": 7812.5,
    "ProcedureStepDescription": "MRI_Head",
    "ProtocolName": "fMRI_3_PartB",
    "ReconMatrixPE": 64,
    "RepetitionTime": 2,
    "SAR": 0.0579337,
    "ScanOptions": "SAT_GEMS_EPI_GEMS_ACC_GEMS_FS",
    "ScanningSequence": "EP_GR",
    "SequenceVariant": "SS",
    "SeriesDescription": "fMRI_3_PartB",
    "SeriesNumber": 6,
    "SliceThickness": 3.3,
    "SliceTiming": [
      0,
      1.0285,
      0.0571001,
      1.0857,
      0.1142,
      1.1428,
      0.1714,
      1.2,
      0.2285,
      1.2571,
      0.2857,
      1.3143,
      0.3428,
      1.3714,
      0.4,
      1.4286,
      0.4571,
      1.4857,
      0.5142,
      1.5428,
      0.5714,
      1.6,
      0.6285,
      1.6571,
      0.6857,
      1.7143,
      0.7428,
      1.7714,
      0.8,
      1.8285,
      0.8571,
      1.8857,
      0.9143,
      1.9428,
      0.9714
    ],
    "SoftwareVersions": "27_LX_MR_Software_release:DV26.0_EB_1706.a",
    "SpacingBetweenSlices": 3.3,
    "StationName": "nnmr04",
    "TaskName": "localiser",
    "TotalReadoutTime": 0.040572,
    "dataset": "ds003342",
    "modality": "bold",
    "run_id": 3,
    "session_id": "localiser",
    "subject_id": "SC13",
    "task_id": "localiser"
  },
  "dummy_trs": 0,
  "dvars_nstd": 15.881061400089694,
  "dvars_std": 0.9878132141704038,
  "dvars_vstd": 0.9445824762780269,
  "efc": 0.4561474244491667,
  "fber": 36579.8671875,
  "fd_mean": 0.069831554481074,
  "fd_num": 9,
  "fd_perc": 4.017857142857143,
  "fwhm_avg": 2.0837161337507406,
  "fwhm_x": 2.0890684973989027,
  "fwhm_y": 2.2233158192594975,
  "fwhm_z": 1.9387640845938214,
  "gcor": 0.0335301,
  "gsr_x": -0.0008392055751755834,
  "gsr_y": 0.01560228317975998,
  "provenance": {
    "md5sum": "82b71a2fa8b95f57b60263d1190770f3",
    "settings": {
      "fd_thres": 0.2,
      "testing": false
    },
    "software": "mriqc",
    "version": "22.0.6",
    "webapi_port": null,
    "webapi_url": "https://mriqc.nimh.nih.gov/api/v1"
  },
  "size_t": 224,
  "size_x": 64,
  "size_y": 64,
  "size_z": 35,
  "snr": 7.008075229450485,
  "spacing_tr": 2.0,
  "spacing_x": 3.2969000339508057,
  "spacing_y": 3.2969000339508057,
  "spacing_z": 3.299999237060547,
  "summary_bg_k": 68.07185584854243,
  "summary_bg_mad": 26.302954030042965,
  "summary_bg_mean": 92.23174285888672,
  "summary_bg_median": 19.915180206298828,
  "summary_bg_n": 89467.0,
  "summary_bg_p05": 0.7187500596046448,
  "summary_bg_p95": 408.23215026855456,
  "summary_bg_stdv": 247.4023895263672,
  "summary_fg_k": 0.7902011436308616,
  "summary_fg_mad": 480.06522289107136,
  "summary_fg_mean": 3818.653076171875,
  "summary_fg_median": 3796.852783203125,
  "summary_fg_n": 22633.0,
  "summary_fg_p05": 2878.968896484375,
  "summary_fg_p95": 4701.02685546875,
  "summary_fg_stdv": 541.7705688476562,
  "tsnr": 67.61328901618253
}