{
  "aor": 0.0019625892857142863,
  "aqi": 0.005257414107142857,
  "bids_meta": {
    "AcquisitionMatrixPE": 64,
    "AcquisitionNumber": 1,
    "AcquisitionTime": "11:51:32.000000",
    "BodyPartExamined": "BRAIN",
    "CoilString": "Head+Neck_40",
    "ConversionSoftware": "dcm2niix",
    "ConversionSoftwareVersion": "v1.0.20200331",
    "DeviceSerialNumber": "00000070431MRS04",
    "EchoTime": 0.03,
    "EffectiveEchoSpacing": 0.000644,
    "FlipAngle": 78,
    "ImageOrientationPatientDICOM": [
      1,
      0,
      0,
      0,
      1,
      0
    ],
    "ImageType": [
      "ORIGINAL",
      "PRIMARY",
      "EPI",
      "NONE"
    ],
    "ImagingFrequency": 127.734,
    "InPlanePhaseEncodingDirectionDICOM": "ROW",
    "InstitutionName": "N_and_N_University_Hospital",
    "MRAcquisitionType": "2D",
    "MagneticFieldStrength": 3,
    "Manufacturer": "GE",
    "ManufacturersModelName": "DISCOVERY_MR750w",
    "Modality": "MR",
    "PatientPosition": "HFS",
    "PercentPhaseFOV": 100,
    "PercentSampling": 100,
    "PhaseEncodingDirection": "i-",
    "PhaseEncodingPolarityGE": "Flipped",
    "PixelBandwidth": 7812.5,
    "ProcedureStepDescription": "MRI_Head",
    "ProtocolName": "fMRI_4_PartB",
    "ReconMatrixPE": 64,
    "RepetitionTime": 2,
    "SAR": 0.0579337,
    "ScanOptions": "SAT_GEMS_EPI_GEMS_ACC_GEMS_FS",
    "ScanningSequence": "EP_GR",
    "SequenceVariant": "SS",
    "SeriesDescription": "fMRI_4_PartB",
    "SeriesNumber": 7,
    "SliceThickness": 3.3,
    "SliceTiming": [
      0,
      1.0285,
      0.0571001,
      1.0857,
      0.1142,
      1.1428,
      0.1714,
      1.2,
      0.2285,
      1.2571,
      0.2857,
      1.3143,
      0.3428,
      1.3714,
      0.4,
      1.4286,
      0.4571,
      1.4857,
      0.5142,
      1.5428,
      0.5714,
      1.6,
      0.6285,
      1.6571,
      0.6857,
      1.7143,
      0.7428,
      1.7714,
      0.8,
      1.8285,
      0.8571,
      1.8857,
      0.9143,
      1.9428,
      0.9714
    ],
    "SoftwareVersions": "27_LX_MR_Software_release:DV26.0_EB_1706.a",
    "SpacingBetweenSlices": 3.3,
    "StationName": "nnmr04",
    "TaskName": "localiser",
    "TotalReadoutTime": 0.040572,
    "dataset": "ds003342",
    "modality": "bold",
    "run_id": 4,
    "session_id": "localiser",
    "subject_id": "SC13",
    "task_id": "localiser"
  },
  "dummy_trs": 0,
  "dvars_nstd": 15.794309928475325,
  "dvars_std": 1.0534765582959644,
  "dvars_vstd": 1.0036442690582956,
  "efc": 0.4588964259126425,
  "fber": 37632.16015625,
  "fd_mean": 0.06803323053550472,
  "fd_num": 7,
  "fd_perc": 3.125,
  "fwhm_avg": 2.0775237193711473,
  "fwhm_x": 2.108304749437761,
  "fwhm_y": 2.2025023280121543,
  "fwhm_z": 1.9217640806635263,
  "gcor": 0.0287612,
  "gsr_x": 0.0006346228765323758,
  "gsr_y": 0.016138717532157898,
  "provenance": {
    "md5sum": "da9940547c51a4e3ad400aca9e0548ba",
    "settings": {
      "fd_thres": 0.2,
      "testing": false
    },
    "software": "mriqc",
    "version": "22.0.6",
    "webapi_port": null,
    "webapi_url": "https://mriqc.nimh.nih.gov/api/v1"
  },
  "size_t": 224,
  "size_x": 64,
  "size_y": 64,
  "size_z": 35,
  "snr": 7.0227096741893815,
  "spacing_tr": 2.0,
  "spacing_x": 3.2969000339508057,
  "spacing_y": 3.2969000339508057,
  "spacing_z": 3.299999237060547,
  "summary_bg_k": 73.86363064183882,
  "summary_bg_mad": 25.55503400939473,
  "summary_bg_mean": 94.44725799560547,
  "summary_bg_median": 19.424108505249023,
  "summary_bg_n": 89170.0,
  "summary_bg_p05": 0.9330357313156128,
  "summary_bg_p95": 419.5812606811524,
  "summary_bg_stdv": 257.1508483886719,
  "summary_fg_k": 0.9312263263191323,
  "summary_fg_mad": 482.56729511651565,
  "summary_fg_mean": 3781.734375,
  "summary_fg_median": 3758.321533203125,
  "summary_fg_n": 22960.0,
  "summary_fg_p05": 2883.5956420898438,
  "summary_fg_p95": 4659.095166015625,
  "summary_fg_stdv": 535.1552124023438,
  "tsnr": 77.23547671549022
}