{
  "aor": 0.0012953571428571428,
  "aqi": 0.0038582812946428573,
  "bids_meta": {
    "AcquisitionMatrixPE": 64,
    "AcquisitionNumber": 1,
    "AcquisitionTime": "16:36:15.000000",
    "BodyPartExamined": "BRAIN",
    "CoilString": "Head+Neck_40",
    "ConversionSoftware": "dcm2niix",
    "ConversionSoftwareVersion": "v1.0.20200331",
    "DeviceSerialNumber": "00000070431MRS04",
    "EchoTime": 0.03,
    "EffectiveEchoSpacing": 0.000644,
    "FlipAngle": 78,
    "ImageOrientationPatientDICOM": [
      1,
      0,
      0,
      0,
      1,
      0
    ],
    "ImageType": [
      "ORIGINAL",
      "PRIMARY",
      "EPI",
      "NONE"
    ],
    "ImagingFrequency": 127.734,
    "InPlanePhaseEncodingDirectionDICOM": "ROW",
    "InstitutionName": "N_and_N_University_Hospital",
    "MRAcquisitionType": "2D",
    "MagneticFieldStrength": 3,
    "Manufacturer": "GE",
    "ManufacturersModelName": "DISCOVERY_MR750w",
    "Modality": "MR",
    "PatientPosition": "HFS",
    "PercentPhaseFOV": 100,
    "PercentSampling": 100,
    "PhaseEncodingDirection": "i-",
    "PhaseEncodingPolarityGE": "Flipped",
    "PixelBandwidth": 7812.5,
    "ProcedureStepDescription": "MRI_Head",
    "ProtocolName": "fMRI_2_PartB",
    "ReconMatrixPE": 64,
    "RepetitionTime": 2,
    "SAR": 0.0675176,
    "ScanOptions": "SAT_GEMS_EPI_GEMS_ACC_GEMS_FS",
    "ScanningSequence": "EP_GR",
    "SequenceVariant": "SS",
    "SeriesDescription": "fMRI_2_PartB",
    "SeriesNumber": 9,
    "SliceThickness": 3.3,
    "SliceTiming": [
      0,
      1.0285,
      0.0571001,
      1.0857,
      0.1142,
      1.1428,
      0.1714,
      1.2,
      0.2285,
      1.2571,
      0.2857,
      1.3143,
      0.3428,
      1.3714,
      0.4,
      1.4286,
      0.4571,
      1.4857,
      0.5142,
      1.5428,
      0.5714,
      1.6,
      0.6285,
      1.6571,
      0.6857,
      1.7143,
      0.7428,
      1.7714,
      0.8,
      1.8285,
      0.8571,
      1.8857,
      0.9143,
      1.9428,
      0.9714
    ],
    "SoftwareVersions": "27_LX_MR_Software_release:DV26.0_EB_1706.a",
    "SpacingBetweenSlices": 3.3,
    "StationName": "nnmr04",
    "TaskName": "localiser",
    "TotalReadoutTime": 0.040572,
    "dataset": "ds003342",
    "modality": "bold",
    "run_id": 2,
    "session_id": "localiser",
    "subject_id": "MC17",
    "task_id": "localiser"
  },
  "dummy_trs": 0,
  "dvars_nstd": 14.666174615067257,
  "dvars_std": 1.0046012519282514,
  "dvars_vstd": 0.9932968347533643,
  "efc": 0.49846186624539407,
  "fber": 8996.044921875,
  "fd_mean": 0.04582252043882595,
  "fd_num": 4,
  "fd_perc": 1.7857142857142858,
  "fwhm_avg": 2.162882731006418,
  "fwhm_x": 2.1215687245506483,
  "fwhm_y": 2.3841335554784022,
  "fwhm_z": 1.9829459129902034,
  "gcor": 0.0318679,
  "gsr_x": -0.004132311791181564,
  "gsr_y": 0.020068999379873276,
  "provenance": {
    "md5sum": "f53ffcc448ff602fe6c17f6c05455cef",
    "settings": {
      "fd_thres": 0.2,
      "testing": false
    },
    "software": "mriqc",
    "version": "22.0.6",
    "webapi_port": null,
    "webapi_url": "https://mriqc.nimh.nih.gov/api/v1"
  },
  "size_t": 224,
  "size_x": 64,
  "size_y": 64,
  "size_z": 35,
  "snr": 6.31686154864176,
  "spacing_tr": 2.0,
  "spacing_x": 3.2969000339508057,
  "spacing_y": 3.2969000339508057,
  "spacing_z": 3.299999237060547,
  "summary_bg_k": 96.59685832877418,
  "summary_bg_mad": 55.0747058072767,
  "summary_bg_mean": 121.95376586914062,
  "summary_bg_median": 43.142860412597656,
  "summary_bg_n": 84068.0,
  "summary_bg_p05": 1.7544643878936768,
  "summary_bg_p95": 499.1951126098628,
  "summary_bg_stdv": 271.0481872558594,
  "summary_fg_k": 1.480017165290457,
  "summary_fg_mad": 559.1596622896924,
  "summary_fg_mean": 4027.282958984375,
  "summary_fg_median": 4021.95556640625,
  "summary_fg_n": 27705.0,
  "summary_fg_p05": 2923.284130859375,
  "summary_fg_p95": 5020.76201171875,
  "summary_fg_stdv": 636.6900634765625,
  "tsnr": 78.67091158404946
}