{
  "aor": 0.0007407142857142857,
  "aqi": 0.0053991196428571425,
  "bids_meta": {
    "AcquisitionMatrixPE": 64,
    "AcquisitionNumber": 1,
    "AcquisitionTime": "10:01:34.000000",
    "BodyPartExamined": "BRAIN",
    "CoilString": "Head+Neck_40",
    "ConversionSoftware": "dcm2niix",
    "ConversionSoftwareVersion": "v1.0.20200331",
    "DeviceSerialNumber": "00000070431MRS04",
    "EchoTime": 0.03,
    "EffectiveEchoSpacing": 0.000644,
    "FlipAngle": 78,
    "ImageOrientationPatientDICOM": [
      1,
      0,
      0,
      0,
      1,
      0
    ],
    "ImageType": [
      "ORIGINAL",
      "PRIMARY",
      "EPI",
      "NONE"
    ],
    "ImagingFrequency": 127.734,
    "InPlanePhaseEncodingDirectionDICOM": "ROW",
    "InstitutionName": "N_and_N_University_Hospital",
    "MRAcquisitionType": "2D",
    "MagneticFieldStrength": 3,
    "Manufacturer": "GE",
    "ManufacturersModelName": "DISCOVERY_MR750w",
    "Modality": "MR",
    "PatientPosition": "HFS",
    "PercentPhaseFOV": 100,
    "PercentSampling": 100,
    "PhaseEncodingDirection": "i-",
    "PhaseEncodingPolarityGE": "Flipped",
    "PixelBandwidth": 7812.5,
    "ProcedureStepDescription": "MRI_Head",
    "ProtocolName": "fMRI_4_PartB",
    "ReconMatrixPE": 64,
    "RepetitionTime": 2,
    "SAR": 0.0769739,
    "ScanOptions": "SAT_GEMS_EPI_GEMS_ACC_GEMS_FS",
    "ScanningSequence": "EP_GR",
    "SequenceVariant": "SS",
    "SeriesDescription": "fMRI_4_PartB",
    "SeriesNumber": 10,
    "SliceThickness": 3.3,
    "SliceTiming": [
      0,
      1.0285,
      0.0571001,
      1.0857,
      0.1142,
      1.1428,
      0.1714,
      1.2,
      0.2285,
      1.2571,
      0.2857,
      1.3143,
      0.3428,
      1.3714,
      0.4,
      1.4286,
      0.4571,
      1.4857,
      0.5142,
      1.5428,
      0.5714,
      1.6,
      0.6285,
      1.6571,
      0.6857,
      1.7143,
      0.7428,
      1.7714,
      0.8,
      1.8285,
      0.8571,
      1.8857,
      0.9143,
      1.9428,
      0.9714
    ],
    "SoftwareVersions": "27_LX_MR_Software_release:DV26.0_EB_1706.a",
    "SpacingBetweenSlices": 3.3,
    "StationName": "nnmr04",
    "TaskName": "localiser",
    "TotalReadoutTime": 0.040572,
    "dataset": "ds003342",
    "modality": "bold",
    "run_id": 4,
    "session_id": "localiser",
    "subject_id": "QR30",
    "task_id": "localiser"
  },
  "dummy_trs": 0,
  "dvars_nstd": 21.127291131928242,
  "dvars_std": 1.0725583556502243,
  "dvars_vstd": 0.9912034988340809,
  "efc": 0.5419274140496387,
  "fber": 4075.5927734375,
  "fd_mean": 0.1326399251610857,
  "fd_num": 26,
  "fd_perc": 11.607142857142858,
  "fwhm_avg": 2.1987424518627097,
  "fwhm_x": 2.1567987887940014,
  "fwhm_y": 2.352534174566887,
  "fwhm_z": 2.086894392227241,
  "gcor": 0.0252424,
  "gsr_x": -0.005313405767083168,
  "gsr_y": 0.04244132339954376,
  "provenance": {
    "md5sum": "20b7a8646f9822c7a5a5c8abacf7c234",
    "settings": {
      "fd_thres": 0.2,
      "testing": false
    },
    "software": "mriqc",
    "version": "22.0.6",
    "webapi_port": null,
    "webapi_url": "https://mriqc.nimh.nih.gov/api/v1"
  },
  "size_t": 224,
  "size_x": 64,
  "size_y": 64,
  "size_z": 35,
  "snr": 5.232893168131411,
  "spacing_tr": 2.0,
  "spacing_x": 3.2969000339508057,
  "spacing_y": 3.2969000339508057,
  "spacing_z": 3.299989700317383,
  "summary_bg_k": 77.86664482567076,
  "summary_bg_mad": 80.83491935381154,
  "summary_bg_mean": 147.73052978515625,
  "summary_bg_median": 60.861610412597656,
  "summary_bg_n": 77376.0,
  "summary_bg_p05": 0.8080357313156128,
  "summary_bg_p95": 507.35269927978516,
  "summary_bg_stdv": 334.3843078613281,
  "summary_fg_k": 3.6858162672463592,
  "summary_fg_mad": 569.9116050630321,
  "summary_fg_mean": 3950.38427734375,
  "summary_fg_median": 3834.234375,
  "summary_fg_n": 33402.0,
  "summary_fg_p05": 2981.4241455078127,
  "summary_fg_p95": 5276.734594726562,
  "summary_fg_stdv": 732.7069091796875,
  "tsnr": 69.34480402711779
}