{
  "aor": 0.0013722321428571431,
  "aqi": 0.0080175834375,
  "bids_meta": {
    "AcquisitionMatrixPE": 64,
    "AcquisitionNumber": 1,
    "AcquisitionTime": "09:26:39.000000",
    "BodyPartExamined": "BRAIN",
    "CoilString": "Head+Neck_40",
    "ConversionSoftware": "dcm2niix",
    "ConversionSoftwareVersion": "v1.0.20200331",
    "DeviceSerialNumber": "00000070431MRS04",
    "EchoTime": 0.03,
    "EffectiveEchoSpacing": 0.000644,
    "FlipAngle": 78,
    "ImageOrientationPatientDICOM": [
      1,
      0,
      0,
      0,
      1,
      0
    ],
    "ImageType": [
      "ORIGINAL",
      "PRIMARY",
      "EPI",
      "NONE"
    ],
    "ImagingFrequency": 127.734,
    "InPlanePhaseEncodingDirectionDICOM": "ROW",
    "InstitutionName": "N_and_N_University_Hospital",
    "MRAcquisitionType": "2D",
    "MagneticFieldStrength": 3,
    "Manufacturer": "GE",
    "ManufacturersModelName": "DISCOVERY_MR750w",
    "Modality": "MR",
    "PatientPosition": "HFS",
    "PercentPhaseFOV": 100,
    "PercentSampling": 100,
    "PhaseEncodingDirection": "i-",
    "PhaseEncodingPolarityGE": "Flipped",
    "PixelBandwidth": 7812.5,
    "ProcedureStepDescription": "MRI_Head",
    "ProtocolName": "fMRI_1_PartB",
    "ReconMatrixPE": 64,
    "RepetitionTime": 2,
    "SAR": 0.0771515,
    "ScanOptions": "SAT_GEMS_EPI_GEMS_ACC_GEMS_FS",
    "ScanningSequence": "EP_GR",
    "SequenceVariant": "SS",
    "SeriesDescription": "fMRI_1_PartB",
    "SeriesNumber": 5,
    "SliceThickness": 3.3,
    "SliceTiming": [
      0,
      1.0285,
      0.0571001,
      1.0857,
      0.1142,
      1.1428,
      0.1714,
      1.2,
      0.2285,
      1.2571,
      0.2857,
      1.3143,
      0.3428,
      1.3714,
      0.4,
      1.4286,
      0.4571,
      1.4857,
      0.5142,
      1.5428,
      0.5714,
      1.6,
      0.6285,
      1.6571,
      0.6857,
      1.7143,
      0.7428,
      1.7714,
      0.8,
      1.8285,
      0.8571,
      1.8857,
      0.9143,
      1.9428,
      0.9714
    ],
    "SoftwareVersions": "27_LX_MR_Software_release:DV26.0_EB_1706.a",
    "SpacingBetweenSlices": 3.3,
    "StationName": "nnmr04",
    "TaskName": "localiser",
    "TotalReadoutTime": 0.040572,
    "dataset": "ds003342",
    "modality": "bold",
    "run_id": 1,
    "session_id": "localiser",
    "subject_id": "QR30",
    "task_id": "localiser"
  },
  "dummy_trs": 0,
  "dvars_nstd": 20.89523773017937,
  "dvars_std": 1.0236237565470852,
  "dvars_vstd": 0.9648897790582964,
  "efc": 0.5408202429708763,
  "fber": 3976.99560546875,
  "fd_mean": 0.14123426515727805,
  "fd_num": 26,
  "fd_perc": 11.607142857142858,
  "fwhm_avg": 2.2604430836647516,
  "fwhm_x": 2.2211076843676194,
  "fwhm_y": 2.4223330758469594,
  "fwhm_z": 2.1378884907796745,
  "gcor": 0.0410242,
  "gsr_x": -0.004452166147530079,
  "gsr_y": 0.03912026062607765,
  "provenance": {
    "md5sum": "4c0e08fda0176636b3477f4da2bcd845",
    "settings": {
      "fd_thres": 0.2,
      "testing": false
    },
    "software": "mriqc",
    "version": "22.0.6",
    "webapi_port": null,
    "webapi_url": "https://mriqc.nimh.nih.gov/api/v1"
  },
  "size_t": 224,
  "size_x": 64,
  "size_y": 64,
  "size_z": 35,
  "snr": 5.097059870531062,
  "spacing_tr": 2.0,
  "spacing_x": 3.2969000339508057,
  "spacing_y": 3.2969000339508057,
  "spacing_z": 3.299989700317383,
  "summary_bg_k": 70.09215377616646,
  "summary_bg_mad": 80.95074765213229,
  "summary_bg_mean": 145.822509765625,
  "summary_bg_median": 62.064735412597656,
  "summary_bg_n": 77534.0,
  "summary_bg_p05": 1.3080357313156128,
  "summary_bg_p95": 490.4718994140624,
  "summary_bg_stdv": 316.0210876464844,
  "summary_fg_k": 3.451021060277795,
  "summary_fg_mad": 593.0278567186797,
  "summary_fg_mean": 3962.926513671875,
  "summary_fg_median": 3843.013671875,
  "summary_fg_n": 33341.0,
  "summary_fg_p05": 2946.26806640625,
  "summary_fg_p95": 5311.669921875,
  "summary_fg_stdv": 753.9554443359375,
  "tsnr": 56.736723127774894
}