{
  "aor": 0.0005291517857142857,
  "aqi": 0.005046153928571428,
  "bids_meta": {
    "AcquisitionMatrixPE": 64,
    "AcquisitionNumber": 1,
    "AcquisitionTime": "09:53:6.000000",
    "BodyPartExamined": "BRAIN",
    "CoilString": "Head+Neck_40",
    "ConversionSoftware": "dcm2niix",
    "ConversionSoftwareVersion": "v1.0.20200331",
    "DeviceSerialNumber": "00000070431MRS04",
    "EchoTime": 0.03,
    "EffectiveEchoSpacing": 0.000644,
    "FlipAngle": 78,
    "ImageOrientationPatientDICOM": [
      1,
      0,
      0,
      0,
      1,
      0
    ],
    "ImageType": [
      "ORIGINAL",
      "PRIMARY",
      "EPI",
      "NONE"
    ],
    "ImagingFrequency": 127.734,
    "InPlanePhaseEncodingDirectionDICOM": "ROW",
    "InstitutionName": "N_and_N_University_Hospital",
    "MRAcquisitionType": "2D",
    "MagneticFieldStrength": 3,
    "Manufacturer": "GE",
    "ManufacturersModelName": "DISCOVERY_MR750w",
    "Modality": "MR",
    "PatientPosition": "HFS",
    "PercentPhaseFOV": 100,
    "PercentSampling": 100,
    "PhaseEncodingDirection": "i-",
    "PhaseEncodingPolarityGE": "Flipped",
    "PixelBandwidth": 7812.5,
    "ProcedureStepDescription": "MRI_Head",
    "ProtocolName": "fMRI_2_PartB",
    "ReconMatrixPE": 64,
    "RepetitionTime": 2,
    "SAR": 0.0769739,
    "ScanOptions": "SAT_GEMS_EPI_GEMS_ACC_GEMS_FS",
    "ScanningSequence": "EP_GR",
    "SequenceVariant": "SS",
    "SeriesDescription": "fMRI_2_PartB",
    "SeriesNumber": 9,
    "SliceThickness": 3.3,
    "SliceTiming": [
      0,
      1.0285,
      0.0571001,
      1.0857,
      0.1142,
      1.1428,
      0.1714,
      1.2,
      0.2285,
      1.2571,
      0.2857,
      1.3143,
      0.3428,
      1.3714,
      0.4,
      1.4286,
      0.4571,
      1.4857,
      0.5142,
      1.5428,
      0.5714,
      1.6,
      0.6285,
      1.6571,
      0.6857,
      1.7143,
      0.7428,
      1.7714,
      0.8,
      1.8285,
      0.8571,
      1.8857,
      0.9143,
      1.9428,
      0.9714
    ],
    "SoftwareVersions": "27_LX_MR_Software_release:DV26.0_EB_1706.a",
    "SpacingBetweenSlices": 3.3,
    "StationName": "nnmr04",
    "TaskName": "localiser",
    "TotalReadoutTime": 0.040572,
    "dataset": "ds003342",
    "modality": "bold",
    "run_id": 2,
    "session_id": "localiser",
    "subject_id": "QR30",
    "task_id": "localiser"
  },
  "dummy_trs": 0,
  "dvars_nstd": 22.183801035201792,
  "dvars_std": 1.0856151181165918,
  "dvars_vstd": 0.9906088413452919,
  "efc": 0.5428448883324962,
  "fber": 4174.3896484375,
  "fd_mean": 0.11861429882233171,
  "fd_num": 7,
  "fd_perc": 3.125,
  "fwhm_avg": 2.1850757381538406,
  "fwhm_x": 2.1517030928896683,
  "fwhm_y": 2.3414328370610176,
  "fwhm_z": 2.062091284510836,
  "gcor": 0.0240613,
  "gsr_x": -0.006209280341863632,
  "gsr_y": 0.04400757700204849,
  "provenance": {
    "md5sum": "060d0489b39407675c8c008b2e9c2d87",
    "settings": {
      "fd_thres": 0.2,
      "testing": false
    },
    "software": "mriqc",
    "version": "22.0.6",
    "webapi_port": null,
    "webapi_url": "https://mriqc.nimh.nih.gov/api/v1"
  },
  "size_t": 224,
  "size_x": 64,
  "size_y": 64,
  "size_z": 35,
  "snr": 5.273336281143826,
  "spacing_tr": 2.0,
  "spacing_x": 3.2969000339508057,
  "spacing_y": 3.2969000339508057,
  "spacing_z": 3.299989700317383,
  "summary_bg_k": 80.75652734427841,
  "summary_bg_mad": 79.94800360777883,
  "summary_bg_mean": 149.35679626464844,
  "summary_bg_median": 59.92857360839844,
  "summary_bg_n": 77233.0,
  "summary_bg_p05": 0.7901785969734192,
  "summary_bg_p95": 505.3732299804668,
  "summary_bg_stdv": 345.5771179199219,
  "summary_fg_k": 3.59539456366908,
  "summary_fg_mad": 569.8122461008788,
  "summary_fg_mean": 3939.890380859375,
  "summary_fg_median": 3828.848388671875,
  "summary_fg_n": 33568.0,
  "summary_fg_p05": 2978.595593261719,
  "summary_fg_p95": 5246.103198242187,
  "summary_fg_stdv": 726.0662231445312,
  "tsnr": 72.56695933034644
}