{
  "aor": 0.000725,
  "aqi": 0.0052922075,
  "bids_meta": {
    "AcquisitionMatrixPE": 64,
    "AcquisitionNumber": 1,
    "AcquisitionTime": "09:44:47.000000",
    "BodyPartExamined": "BRAIN",
    "CoilString": "Head+Neck_40",
    "ConversionSoftware": "dcm2niix",
    "ConversionSoftwareVersion": "v1.0.20200331",
    "DeviceSerialNumber": "00000070431MRS04",
    "EchoTime": 0.03,
    "EffectiveEchoSpacing": 0.000644,
    "FlipAngle": 78,
    "ImageOrientationPatientDICOM": [
      1,
      0,
      0,
      0,
      1,
      0
    ],
    "ImageType": [
      "ORIGINAL",
      "PRIMARY",
      "EPI",
      "NONE"
    ],
    "ImagingFrequency": 127.734,
    "InPlanePhaseEncodingDirectionDICOM": "ROW",
    "InstitutionName": "N_and_N_University_Hospital",
    "MRAcquisitionType": "2D",
    "MagneticFieldStrength": 3,
    "Manufacturer": "GE",
    "ManufacturersModelName": "DISCOVERY_MR750w",
    "Modality": "MR",
    "PatientPosition": "HFS",
    "PercentPhaseFOV": 100,
    "PercentSampling": 100,
    "PhaseEncodingDirection": "i-",
    "PhaseEncodingPolarityGE": "Flipped",
    "PixelBandwidth": 7812.5,
    "ProcedureStepDescription": "MRI_Head",
    "ProtocolName": "fMRI_3_PartB",
    "ReconMatrixPE": 64,
    "RepetitionTime": 2,
    "SAR": 0.0769739,
    "ScanOptions": "SAT_GEMS_EPI_GEMS_ACC_GEMS_FS",
    "ScanningSequence": "EP_GR",
    "SequenceVariant": "SS",
    "SeriesDescription": "fMRI_3_PartB",
    "SeriesNumber": 8,
    "SliceThickness": 3.3,
    "SliceTiming": [
      0,
      1.0285,
      0.0571001,
      1.0857,
      0.1142,
      1.1428,
      0.1714,
      1.2,
      0.2285,
      1.2571,
      0.2857,
      1.3143,
      0.3428,
      1.3714,
      0.4,
      1.4286,
      0.4571,
      1.4857,
      0.5142,
      1.5428,
      0.5714,
      1.6,
      0.6285,
      1.6571,
      0.6857,
      1.7143,
      0.7428,
      1.7714,
      0.8,
      1.8285,
      0.8571,
      1.8857,
      0.9143,
      1.9428,
      0.9714
    ],
    "SoftwareVersions": "27_LX_MR_Software_release:DV26.0_EB_1706.a",
    "SpacingBetweenSlices": 3.3,
    "StationName": "nnmr04",
    "TaskName": "localiser",
    "TotalReadoutTime": 0.040572,
    "dataset": "ds003342",
    "modality": "bold",
    "run_id": 3,
    "session_id": "localiser",
    "subject_id": "QR30",
    "task_id": "localiser"
  },
  "dummy_trs": 0,
  "dvars_nstd": 21.996692777130033,
  "dvars_std": 1.0722853922869953,
  "dvars_vstd": 0.9839857310762335,
  "efc": 0.5420909345341708,
  "fber": 3849.622802734375,
  "fd_mean": 0.1293523249059649,
  "fd_num": 23,
  "fd_perc": 10.267857142857142,
  "fwhm_avg": 2.2713968621298872,
  "fwhm_x": 2.234159338817826,
  "fwhm_y": 2.422897242179225,
  "fwhm_z": 2.157134005392612,
  "gcor": 0.02898,
  "gsr_x": -0.004735798574984074,
  "gsr_y": 0.040732186287641525,
  "provenance": {
    "md5sum": "0fb6cb13a205ba43b5615beb2d2069f6",
    "settings": {
      "fd_thres": 0.2,
      "testing": false
    },
    "software": "mriqc",
    "version": "22.0.6",
    "webapi_port": null,
    "webapi_url": "https://mriqc.nimh.nih.gov/api/v1"
  },
  "size_t": 224,
  "size_x": 64,
  "size_y": 64,
  "size_z": 35,
  "snr": 5.042783726716378,
  "spacing_tr": 2.0,
  "spacing_x": 3.2969000339508057,
  "spacing_y": 3.2969000339508057,
  "spacing_z": 3.299989700317383,
  "summary_bg_k": 71.91120180676813,
  "summary_bg_mad": 83.17796096580828,
  "summary_bg_mean": 149.6732177734375,
  "summary_bg_median": 62.843753814697266,
  "summary_bg_n": 77295.0,
  "summary_bg_p05": 1.03125,
  "summary_bg_p95": 507.3861724853519,
  "summary_bg_stdv": 331.4425048828125,
  "summary_fg_k": 3.7347436750970653,
  "summary_fg_mad": 591.1014873322328,
  "summary_fg_mean": 3949.9306640625,
  "summary_fg_median": 3833.598388671875,
  "summary_fg_n": 33505.0,
  "summary_fg_p05": 2938.0251953125,
  "summary_fg_p95": 5336.27529296875,
  "summary_fg_stdv": 760.203369140625,
  "tsnr": 68.18836181703955
}