{
  "bids_meta": {
    "AcquisitionMatrixPE": 256,
    "AcquisitionNumber": 1,
    "AcquisitionTime": "15:02:36.000000",
    "BodyPartExamined": "BRAIN",
    "CoilString": "RM:HNU_FlexS",
    "ConversionSoftware": "dcm2niix",
    "ConversionSoftwareVersion": "v1.0.20200331",
    "DeviceSerialNumber": "00000070431MRS04",
    "EchoTime": 0.002612,
    "FlipAngle": 9,
    "ImageOrientationPatientDICOM": [
      0,
      1,
      0,
      0,
      0,
      -1
    ],
    "ImageType": [
      "ORIGINAL",
      "PRIMARY",
      "OTHER"
    ],
    "ImagingFrequency": 127.734,
    "InPlanePhaseEncodingDirectionDICOM": "ROW",
    "InstitutionName": "N_and_N_University_Hospital",
    "InversionTime": 0.9,
    "MRAcquisitionType": "3D",
    "MagneticFieldStrength": 3,
    "Manufacturer": "GE",
    "ManufacturersModelName": "DISCOVERY_MR750w",
    "Modality": "MR",
    "PatientPosition": "HFS",
    "PercentPhaseFOV": 100,
    "PercentSampling": 62.5,
    "PixelBandwidth": 390.625,
    "ProcedureStepDescription": "MRI_Head",
    "ProtocolName": "SAG_FSPGR_BRAVO",
    "ReconMatrixPE": 256,
    "RepetitionTime": 0.007008,
    "SAR": 0.0567088,
    "ScanOptions": "FAST_GEMS_NPW_EDR_GEMS_ACC_GEMS_IR_GEMS",
    "ScanningSequence": "GR",
    "SequenceVariant": "SS_SK_OSP",
    "SeriesDescription": "SAG_FSPGR_BRAVO",
    "SeriesNumber": 2,
    "SliceThickness": 0.9,
    "SoftwareVersions": "27_LX_MR_Software_release:DV26.0_EB_1706.a",
    "SpacingBetweenSlices": 0.9,
    "StationName": "nnmr04",
    "dataset": "ds003342",
    "modality": "T1w",
    "session_id": "action",
    "subject_id": "QR30"
  },
  "cjv": 0.5138913723746963,
  "cnr": 2.4306719524081046,
  "efc": 0.6177811950883922,
  "fber": 2961.7256899810964,
  "fwhm_avg": 5.227024685087429,
  "fwhm_x": 5.220689027189918,
  "fwhm_y": 5.349198523572263,
  "fwhm_z": 5.111186504500105,
  "icvs_csf": 0.19594118123830423,
  "icvs_gm": 0.3798851333544073,
  "icvs_wm": 0.42417368540728845,
  "inu_med": 0.883064866065979,
  "inu_range": 0.9747794836759559,
  "provenance": {
    "md5sum": "4e8a05a9d862e43841b3b33f88086e31",
    "settings": {
      "testing": false
    },
    "software": "mriqc",
    "version": "22.0.6",
    "warnings": {
      "large_rot_frame": true,
      "small_air_mask": false
    },
    "webapi_port": null,
    "webapi_url": "https://mriqc.nimh.nih.gov/api/v1"
  },
  "qi_1": 0.0,
  "qi_2": 0.00019784133486768228,
  "rpve_csf": 20.28079980919065,
  "rpve_gm": 9.578479120785461,
  "rpve_wm": 9.977240936873965,
  "size_x": 196,
  "size_y": 256,
  "size_z": 256,
  "snr_csf": 2.3882580672823424,
  "snr_gm": 10.029280815692534,
  "snr_total": 8.263159702074448,
  "snr_wm": 12.371940223248473,
  "snrd_csf": 8.84160111763203,
  "snrd_gm": 21.35240751835098,
  "snrd_total": 20.037280176742765,
  "snrd_wm": 29.917831894245285,
  "spacing_x": 0.8999999761581421,
  "spacing_y": 0.8984000086784363,
  "spacing_z": 0.8984000086784363,
  "summary_bg_k": 1772.1493605934375,
  "summary_bg_mad": 21.897857999092192,
  "summary_bg_mean": 23.319075298871454,
  "summary_bg_median": 14.769880771636963,
  "summary_bg_n": 2944536.0,
  "summary_bg_p05": 0.0,
  "summary_bg_p95": 82.7508945018053,
  "summary_bg_stdv": 47.71259118252208,
  "summary_csf_k": 0.4764600641150296,
  "summary_csf_mad": 121.31804364675631,
  "summary_csf_mean": 297.89412661832347,
  "summary_csf_median": 295.5294893682003,
  "summary_csf_n": 56550.0,
  "summary_csf_p05": 97.85046011209488,
  "summary_csf_p95": 503.5968878902492,
  "summary_csf_stdv": 123.74160079781629,
  "summary_gm_k": 0.2692602612517421,
  "summary_gm_mad": 69.11511430963473,
  "summary_gm_mean": 712.6924416602809,
  "summary_gm_median": 713.7017387151718,
  "summary_gm_n": 26935.0,
  "summary_gm_p05": 593.4788654521108,
  "summary_gm_p95": 828.1880957856774,
  "summary_gm_stdv": 71.1604852944077,
  "summary_wm_k": 0.4556734099039099,
  "summary_wm_mad": 78.01111912176594,
  "summary_wm_mean": 1002.9788946023054,
  "summary_wm_median": 1000.000052601099,
  "summary_wm_n": 327950.0,
  "summary_wm_p05": 876.3023011386395,
  "summary_wm_p95": 1140.1161090284586,
  "summary_wm_stdv": 80.82794694546571,
  "tpm_overlap_csf": 0.12695153089334169,
  "tpm_overlap_gm": 0.40067435454651723,
  "tpm_overlap_wm": 0.4522436973350535,
  "wm2max": 0.32917703732961046
}