{
  "aor": 0.001333616071428571,
  "aqi": 0.0037307822767857143,
  "bids_meta": {
    "AcquisitionMatrixPE": 64,
    "AcquisitionNumber": 1,
    "AcquisitionTime": "14:20:55.000000",
    "BodyPartExamined": "BRAIN",
    "CoilString": "Head_24",
    "ConversionSoftware": "dcm2niix",
    "ConversionSoftwareVersion": "v1.0.20200331",
    "DeviceSerialNumber": "00000070431MRS04",
    "EchoTime": 0.03,
    "EffectiveEchoSpacing": 0.000644,
    "FlipAngle": 78,
    "ImageOrientationPatientDICOM": [
      1,
      0,
      0,
      0,
      1,
      0
    ],
    "ImageType": [
      "ORIGINAL",
      "PRIMARY",
      "EPI",
      "NONE"
    ],
    "ImagingFrequency": 127.735,
    "InPlanePhaseEncodingDirectionDICOM": "ROW",
    "InstitutionName": "N_and_N_University_Hospital",
    "MRAcquisitionType": "2D",
    "MagneticFieldStrength": 3,
    "Manufacturer": "GE",
    "ManufacturersModelName": "DISCOVERY_MR750w",
    "Modality": "MR",
    "PatientPosition": "HFS",
    "PercentPhaseFOV": 100,
    "PercentSampling": 100,
    "PhaseEncodingDirection": "i-",
    "PhaseEncodingPolarityGE": "Flipped",
    "PixelBandwidth": 7812.5,
    "ProcedureStepDescription": "MRI_Head",
    "ProtocolName": "fMRI_1_PartB",
    "ReconMatrixPE": 64,
    "RepetitionTime": 2,
    "SAR": 0.0573489,
    "ScanOptions": "SAT_GEMS_EPI_GEMS_ACC_GEMS_FS",
    "ScanningSequence": "EP_GR",
    "SequenceVariant": "SS",
    "SeriesDescription": "fMRI_1_PartB",
    "SeriesNumber": 4,
    "SliceThickness": 3.3,
    "SliceTiming": [
      0,
      1.0285,
      0.0571001,
      1.0857,
      0.1142,
      1.1428,
      0.1714,
      1.2,
      0.2285,
      1.2571,
      0.2857,
      1.3143,
      0.3428,
      1.3714,
      0.4,
      1.4286,
      0.4571,
      1.4857,
      0.5142,
      1.5428,
      0.5714,
      1.6,
      0.6285,
      1.6571,
      0.6857,
      1.7143,
      0.7428,
      1.7714,
      0.8,
      1.8285,
      0.8571,
      1.8857,
      0.9143,
      1.9428,
      0.9714
    ],
    "SoftwareVersions": "27_LX_MR_Software_release:DV26.0_EB_1706.a",
    "SpacingBetweenSlices": 3.3,
    "StationName": "nnmr04",
    "TaskName": "localiser",
    "TotalReadoutTime": 0.040572,
    "dataset": "ds003342",
    "modality": "bold",
    "run_id": 1,
    "session_id": "localiser",
    "subject_id": "QP18",
    "task_id": "localiser"
  },
  "dummy_trs": 0,
  "dvars_nstd": 16.787899633139016,
  "dvars_std": 1.0435067243497764,
  "dvars_vstd": 0.9751695930044841,
  "efc": 0.48025493830059934,
  "fber": 24026.796875,
  "fd_mean": 0.0832026899185295,
  "fd_num": 4,
  "fd_perc": 1.7857142857142858,
  "fwhm_avg": 2.542512960858041,
  "fwhm_x": 2.5181746229809647,
  "fwhm_y": 2.700100066222642,
  "fwhm_z": 2.409264193370517,
  "gcor": 0.0268717,
  "gsr_x": -0.0035831874702125788,
  "gsr_y": 0.013675250113010406,
  "provenance": {
    "md5sum": "448f99764dda606558142550990cd6a7",
    "settings": {
      "fd_thres": 0.2,
      "testing": false
    },
    "software": "mriqc",
    "version": "22.0.6",
    "webapi_port": null,
    "webapi_url": "https://mriqc.nimh.nih.gov/api/v1"
  },
  "size_t": 224,
  "size_x": 64,
  "size_y": 64,
  "size_z": 35,
  "snr": 6.169200763413034,
  "spacing_tr": 2.0,
  "spacing_x": 3.2969000339508057,
  "spacing_y": 3.2969000339508057,
  "spacing_z": 3.299999237060547,
  "summary_bg_k": 45.12257859733506,
  "summary_bg_mad": 45.02080456431679,
  "summary_bg_mean": 91.746337890625,
  "summary_bg_median": 32.5,
  "summary_bg_n": 84189.0,
  "summary_bg_p05": 0.4910714626312256,
  "summary_bg_p95": 375.5455505371089,
  "summary_bg_stdv": 193.4774932861328,
  "summary_fg_k": 0.32221555605198393,
  "summary_fg_mad": 784.6672241440898,
  "summary_fg_mean": 4981.27392578125,
  "summary_fg_median": 4999.9775390625,
  "summary_fg_n": 27558.0,
  "summary_fg_p05": 3547.7672729492188,
  "summary_fg_p95": 6244.067700195312,
  "summary_fg_stdv": 810.4594116210938,
  "tsnr": 74.6917641244363
}