{
  "aor": 0.0007398660714285713,
  "aqi": 0.0016002754464285714,
  "bids_meta": {
    "AcquisitionMatrixPE": 72,
    "AcquisitionNumber": 1,
    "AcquisitionTime": "12:14:5.145000",
    "BandwidthPerPixelPhaseEncode": 56.689,
    "BaseResolution": 72,
    "BodyPartExamined": "BRAIN",
    "ConsistencyInfo": "N4_VD13D_LATEST_20130810",
    "ConversionSoftware": "dcm2niix",
    "ConversionSoftwareVersion": "v1.0.20200331",
    "DerivedVendorReportedEchoSpacing": 0.000490003,
    "DeviceSerialNumber": "67003",
    "DwellTime": 2.8e-06,
    "EchoTime": 0.03,
    "EchoTrainLength": 36,
    "EffectiveEchoSpacing": 0.000245001,
    "FlipAngle": 77,
    "ImageOrientationPatientDICOM": [
      1,
      0,
      0,
      0,
      0.997801,
      -0.0662739
    ],
    "ImageType": [
      "ORIGINAL",
      "PRIMARY",
      "M",
      "ND",
      "MOSAIC"
    ],
    "ImagingFrequency": 123.257,
    "InPlanePhaseEncodingDirectionDICOM": "COL",
    "InstitutionAddress": "Oxfordlaan_55_Maastricht_Limburg_NL_6229_EV",
    "InstitutionName": "Brains_Unlimited",
    "InstitutionalDepartmentName": "Department",
    "MRAcquisitionType": "2D",
    "MagneticFieldStrength": 3,
    "Manufacturer": "Siemens",
    "ManufacturersModelName": "Prisma_fit",
    "Modality": "MR",
    "ParallelReductionFactorInPlane": 2,
    "PartialFourier": 1,
    "PatientPosition": "HFS",
    "PercentPhaseFOV": 100,
    "PercentSampling": 100,
    "PhaseEncodingDirection": "j-",
    "PhaseEncodingSteps": 72,
    "PhaseResolution": 1,
    "PixelBandwidth": 2480,
    "ProcedureStepDescription": "Fraser_Smith_fMRI",
    "ProtocolName": "ep2d_3iso_matrix72_ipat2_localizer",
    "PulseSequenceDetails": "%SiemensSeq%_ep2d_bold",
    "ReceiveCoilActiveElements": "HC1-7",
    "ReceiveCoilName": "HeadNeck_64",
    "ReconMatrixPE": 72,
    "RefLinesPE": 36,
    "RepetitionTime": 2,
    "SAR": 0.0766409,
    "ScanOptions": "FS",
    "ScanningSequence": "EP",
    "SequenceName": "_epfid2d1_72",
    "SequenceVariant": "SK",
    "SeriesDescription": "ep2d_3iso_matrix72_ipat2_localizer",
    "SeriesNumber": 3,
    "ShimSetting": [
      2293,
      -11703,
      -2209,
      429,
      45,
      255,
      -96,
      81
    ],
    "SliceThickness": 3,
    "SliceTiming": [
      0,
      1.0175,
      0.055,
      1.075,
      0.1125,
      1.13,
      0.17,
      1.1875,
      0.225,
      1.245,
      0.2825,
      1.3,
      0.3375,
      1.3575,
      0.395,
      1.4125,
      0.4525,
      1.47,
      0.5075,
      1.5275,
      0.565,
      1.5825,
      0.6225,
      1.64,
      0.6775,
      1.6975,
      0.735,
      1.7525,
      0.79,
      1.81,
      0.8475,
      1.865,
      0.905,
      1.9225,
      0.96
    ],
    "SoftwareVersions": "syngo_MR_D13D",
    "SpacingBetweenSlices": 3,
    "StationName": "MRCPRISMA",
    "TaskName": "localiser",
    "TotalReadoutTime": 0.0173951,
    "TxRefAmp": 227.464,
    "dataset": "ds003342",
    "modality": "bold",
    "run_id": 3,
    "session_id": "localiser",
    "subject_id": "TS12",
    "task_id": "localiser"
  },
  "dummy_trs": 0,
  "dvars_nstd": 20.446806878071754,
  "dvars_std": 1.11054478515695,
  "dvars_vstd": 1.0029820442152468,
  "efc": 0.5317704104092491,
  "fber": 371.6953125,
  "fd_mean": 0.06986490680700354,
  "fd_num": 1,
  "fd_perc": 0.44642857142857145,
  "fwhm_avg": 2.679988888888889,
  "fwhm_x": 2.5209633333333334,
  "fwhm_y": 2.7285866666666667,
  "fwhm_z": 2.7904166666666668,
  "gcor": 0.018744,
  "gsr_x": -0.007045314181596041,
  "gsr_y": 0.04013203829526901,
  "provenance": {
    "md5sum": "80a9e35a8477f094005c070be4eaba7a",
    "settings": {
      "fd_thres": 0.2,
      "testing": false
    },
    "software": "mriqc",
    "version": "22.0.6",
    "webapi_port": null,
    "webapi_url": "https://mriqc.nimh.nih.gov/api/v1"
  },
  "size_t": 224,
  "size_x": 72,
  "size_y": 72,
  "size_z": 35,
  "snr": 2.6623624375724493,
  "spacing_tr": 2.0,
  "spacing_x": 3.0,
  "spacing_y": 3.0,
  "spacing_z": 3.0,
  "summary_bg_k": 57.73038020619479,
  "summary_bg_mad": 4.5139950625113245,
  "summary_bg_mean": 59.2247314453125,
  "summary_bg_median": 37.36607360839844,
  "summary_bg_n": 112487.0,
  "summary_bg_p05": 33.767860412597656,
  "summary_bg_p95": 160.21786499023432,
  "summary_bg_stdv": 72.17772674560547,
  "summary_fg_k": 1.5249828033553454,
  "summary_fg_mad": 240.4463356486001,
  "summary_fg_mean": 773.4605712890625,
  "summary_fg_median": 724.2277221679688,
  "summary_fg_n": 32361.0,
  "summary_fg_p05": 427.48663330078125,
  "summary_fg_p95": 1301.134033203125,
  "summary_fg_stdv": 272.020263671875,
  "tsnr": 76.56956212315708
}