{
  "aor": 0.0015534375,
  "aqi": 0.0013981537142857144,
  "bids_meta": {
    "AcquisitionMatrixPE": 72,
    "AcquisitionNumber": 1,
    "AcquisitionTime": "14:49:24.240000",
    "BandwidthPerPixelPhaseEncode": 56.689,
    "BaseResolution": 72,
    "BodyPartExamined": "BRAIN",
    "ConsistencyInfo": "N4_VD13D_LATEST_20130810",
    "ConversionSoftware": "dcm2niix",
    "ConversionSoftwareVersion": "v1.0.20200331",
    "DerivedVendorReportedEchoSpacing": 0.000490003,
    "DeviceSerialNumber": "67003",
    "DwellTime": 2.8e-06,
    "EchoTime": 0.03,
    "EchoTrainLength": 36,
    "EffectiveEchoSpacing": 0.000245001,
    "FlipAngle": 77,
    "ImageOrientationPatientDICOM": [
      1,
      0,
      0,
      0,
      0.993768,
      -0.111469
    ],
    "ImageType": [
      "ORIGINAL",
      "PRIMARY",
      "M",
      "ND",
      "MOSAIC"
    ],
    "ImagingFrequency": 123.257,
    "InPlanePhaseEncodingDirectionDICOM": "COL",
    "InstitutionAddress": "Oxfordlaan_55_Maastricht_Limburg_NL_6229_EV",
    "InstitutionName": "Brains_Unlimited",
    "InstitutionalDepartmentName": "Department",
    "MRAcquisitionType": "2D",
    "MagneticFieldStrength": 3,
    "Manufacturer": "Siemens",
    "ManufacturersModelName": "Prisma_fit",
    "Modality": "MR",
    "ParallelReductionFactorInPlane": 2,
    "PartialFourier": 1,
    "PatientPosition": "HFS",
    "PercentPhaseFOV": 100,
    "PercentSampling": 100,
    "PhaseEncodingDirection": "j-",
    "PhaseEncodingSteps": 72,
    "PhaseResolution": 1,
    "PixelBandwidth": 2480,
    "ProcedureStepDescription": "Stephanie_Rossit_object_reg",
    "ProtocolName": "ep2d_3iso_matrix72_ipat2_localizer",
    "PulseSequenceDetails": "%SiemensSeq%_ep2d_bold",
    "ReceiveCoilActiveElements": "HC1-7",
    "ReceiveCoilName": "HeadNeck_64",
    "ReconMatrixPE": 72,
    "RefLinesPE": 36,
    "RepetitionTime": 2,
    "SAR": 0.0815475,
    "ScanOptions": "FS",
    "ScanningSequence": "EP",
    "SequenceName": "_epfid2d1_72",
    "SequenceVariant": "SK",
    "SeriesDescription": "ep2d_3iso_matrix72_ipat2_localizer",
    "SeriesNumber": 14,
    "ShimSetting": [
      2242,
      -11690,
      -2198,
      347,
      -76,
      168,
      -73,
      23
    ],
    "SliceThickness": 3,
    "SliceTiming": [
      0,
      1.0175,
      0.055,
      1.0725,
      0.1125,
      1.13,
      0.1675,
      1.1875,
      0.225,
      1.2425,
      0.2825,
      1.3,
      0.3375,
      1.3575,
      0.395,
      1.4125,
      0.4525,
      1.47,
      0.5075,
      1.525,
      0.565,
      1.5825,
      0.62,
      1.64,
      0.6775,
      1.695,
      0.735,
      1.7525,
      0.79,
      1.81,
      0.8475,
      1.865,
      0.905,
      1.9225,
      0.96
    ],
    "SoftwareVersions": "syngo_MR_D13D",
    "SpacingBetweenSlices": 3,
    "StationName": "MRCPRISMA",
    "TaskName": "localiser",
    "TotalReadoutTime": 0.0173951,
    "TxRefAmp": 230.083,
    "dataset": "ds003342",
    "modality": "bold",
    "run_id": 1,
    "session_id": "localiser",
    "subject_id": "TS12",
    "task_id": "localiser"
  },
  "dummy_trs": 0,
  "dvars_nstd": 18.677960964529145,
  "dvars_std": 1.1057496756053806,
  "dvars_vstd": 1.0073426525560543,
  "efc": 0.5255197631297726,
  "fber": 419.71099853515625,
  "fd_mean": 0.07658406265739347,
  "fd_num": 2,
  "fd_perc": 0.8928571428571429,
  "fwhm_avg": 2.777648888888889,
  "fwhm_x": 2.6291333333333333,
  "fwhm_y": 2.8589566666666664,
  "fwhm_z": 2.844856666666667,
  "gcor": 0.0118109,
  "gsr_x": -0.006414199713617563,
  "gsr_y": 0.03522875905036926,
  "provenance": {
    "md5sum": "104d5ca3894e0153e219a392ca4a706e",
    "settings": {
      "fd_thres": 0.2,
      "testing": false
    },
    "software": "mriqc",
    "version": "22.0.6",
    "webapi_port": null,
    "webapi_url": "https://mriqc.nimh.nih.gov/api/v1"
  },
  "size_t": 224,
  "size_x": 72,
  "size_y": 72,
  "size_z": 35,
  "snr": 2.449789080766481,
  "spacing_tr": 2.0,
  "spacing_x": 3.0,
  "spacing_y": 3.0,
  "spacing_z": 3.0,
  "summary_bg_k": 36.30128552874647,
  "summary_bg_mad": 6.102499863343882,
  "summary_bg_mean": 69.12181091308594,
  "summary_bg_median": 39.12946701049805,
  "summary_bg_n": 113312.0,
  "summary_bg_p05": 34.29018020629883,
  "summary_bg_p95": 226.41853408813458,
  "summary_bg_stdv": 90.45172119140625,
  "summary_fg_k": 2.4064244868914946,
  "summary_fg_mad": 290.7620579482759,
  "summary_fg_mean": 868.011474609375,
  "summary_fg_median": 805.0000610351562,
  "summary_fg_n": 31789.0,
  "summary_fg_p05": 460.5607421875,
  "summary_fg_p95": 1493.4250732421872,
  "summary_fg_stdv": 328.5945739746094,
  "tsnr": 81.32595098996535
}