{
  "aor": 0.0006817410714285713,
  "aqi": 0.0025355252232142854,
  "bids_meta": {
    "AcquisitionMatrixPE": 64,
    "AcquisitionNumber": 1,
    "AcquisitionTime": "14:47:47.000000",
    "BodyPartExamined": "BRAIN",
    "CoilString": "Head_24",
    "ConversionSoftware": "dcm2niix",
    "ConversionSoftwareVersion": "v1.0.20200331",
    "DeviceSerialNumber": "00000070431MRS04",
    "EchoTime": 0.03,
    "EffectiveEchoSpacing": 0.000644,
    "FlipAngle": 78,
    "ImageOrientationPatientDICOM": [
      1,
      0,
      0,
      0,
      1,
      0
    ],
    "ImageType": [
      "ORIGINAL",
      "PRIMARY",
      "EPI",
      "NONE"
    ],
    "ImagingFrequency": 127.735,
    "InPlanePhaseEncodingDirectionDICOM": "ROW",
    "InstitutionName": "N_and_N_University_Hospital",
    "MRAcquisitionType": "2D",
    "MagneticFieldStrength": 3,
    "Manufacturer": "GE",
    "ManufacturersModelName": "DISCOVERY_MR750w",
    "Modality": "MR",
    "PatientPosition": "HFS",
    "PercentPhaseFOV": 100,
    "PercentSampling": 100,
    "PhaseEncodingDirection": "i-",
    "PhaseEncodingPolarityGE": "Flipped",
    "PixelBandwidth": 7812.5,
    "ProcedureStepDescription": "MRI_Head",
    "ProtocolName": "fMRI_4_PartB",
    "ReconMatrixPE": 64,
    "RepetitionTime": 2,
    "SAR": 0.0562379,
    "ScanOptions": "SAT_GEMS_EPI_GEMS_ACC_GEMS_FS",
    "ScanningSequence": "EP_GR",
    "SequenceVariant": "SS",
    "SeriesDescription": "fMRI_4_PartB",
    "SeriesNumber": 7,
    "SliceThickness": 3.3,
    "SliceTiming": [
      0,
      1.0285,
      0.0571001,
      1.0857,
      0.1142,
      1.1428,
      0.1714,
      1.2,
      0.2285,
      1.2571,
      0.2857,
      1.3143,
      0.3428,
      1.3714,
      0.4,
      1.4286,
      0.4571,
      1.4857,
      0.5142,
      1.5428,
      0.5714,
      1.6,
      0.6285,
      1.6571,
      0.6857,
      1.7143,
      0.7428,
      1.7714,
      0.8,
      1.8285,
      0.8571,
      1.8857,
      0.9143,
      1.9428,
      0.9714
    ],
    "SoftwareVersions": "27_LX_MR_Software_release:DV26.0_EB_1706.a",
    "SpacingBetweenSlices": 3.3,
    "StationName": "nnmr04",
    "TaskName": "localiser",
    "TotalReadoutTime": 0.040572,
    "dataset": "ds003342",
    "modality": "bold",
    "run_id": 4,
    "session_id": "localiser",
    "subject_id": "QP18",
    "task_id": "localiser"
  },
  "dummy_trs": 0,
  "dvars_nstd": 16.761258676860997,
  "dvars_std": 1.0827886921973098,
  "dvars_vstd": 1.0007121905381164,
  "efc": 0.48141033461691235,
  "fber": 24884.744140625,
  "fd_mean": 0.08136196223348087,
  "fd_num": 1,
  "fd_perc": 0.44642857142857145,
  "fwhm_avg": 2.4540616846362515,
  "fwhm_x": 2.433540573684169,
  "fwhm_y": 2.5887378786466875,
  "fwhm_z": 2.3399066015778978,
  "gcor": 0.0443747,
  "gsr_x": -0.004093664698302746,
  "gsr_y": 0.013578603975474834,
  "provenance": {
    "md5sum": "751c35b38d698247b85eef8d8f72701a",
    "settings": {
      "fd_thres": 0.2,
      "testing": false
    },
    "software": "mriqc",
    "version": "22.0.6",
    "webapi_port": null,
    "webapi_url": "https://mriqc.nimh.nih.gov/api/v1"
  },
  "size_t": 224,
  "size_x": 64,
  "size_y": 64,
  "size_z": 35,
  "snr": 6.417635303004982,
  "spacing_tr": 2.0,
  "spacing_x": 3.2969000339508057,
  "spacing_y": 3.2969000339508057,
  "spacing_z": 3.299999237060547,
  "summary_bg_k": 42.63415711788234,
  "summary_bg_mad": 44.05446859765724,
  "summary_bg_mean": 93.86925506591797,
  "summary_bg_median": 31.750001907348633,
  "summary_bg_n": 84164.0,
  "summary_bg_p05": 0.4732142984867096,
  "summary_bg_p95": 397.97055816650374,
  "summary_bg_stdv": 199.8846435546875,
  "summary_fg_k": 0.5401397019592484,
  "summary_fg_mad": 737.8986529896289,
  "summary_fg_mean": 4995.763671875,
  "summary_fg_median": 5000.1923828125,
  "summary_fg_n": 27457.0,
  "summary_fg_p05": 3643.03759765625,
  "summary_fg_p95": 6236.26181640625,
  "summary_fg_stdv": 779.1189575195312,
  "tsnr": 92.36412132997066
}