{
  "aor": 0.0006616517857142857,
  "aqi": 0.0028026073660714287,
  "bids_meta": {
    "AcquisitionMatrixPE": 64,
    "AcquisitionNumber": 1,
    "AcquisitionTime": "14:38:38.000000",
    "BodyPartExamined": "BRAIN",
    "CoilString": "Head_24",
    "ConversionSoftware": "dcm2niix",
    "ConversionSoftwareVersion": "v1.0.20200331",
    "DeviceSerialNumber": "00000070431MRS04",
    "EchoTime": 0.03,
    "EffectiveEchoSpacing": 0.000644,
    "FlipAngle": 78,
    "ImageOrientationPatientDICOM": [
      1,
      0,
      0,
      0,
      1,
      0
    ],
    "ImageType": [
      "ORIGINAL",
      "PRIMARY",
      "EPI",
      "NONE"
    ],
    "ImagingFrequency": 127.735,
    "InPlanePhaseEncodingDirectionDICOM": "ROW",
    "InstitutionName": "N_and_N_University_Hospital",
    "MRAcquisitionType": "2D",
    "MagneticFieldStrength": 3,
    "Manufacturer": "GE",
    "ManufacturersModelName": "DISCOVERY_MR750w",
    "Modality": "MR",
    "PatientPosition": "HFS",
    "PercentPhaseFOV": 100,
    "PercentSampling": 100,
    "PhaseEncodingDirection": "i-",
    "PhaseEncodingPolarityGE": "Flipped",
    "PixelBandwidth": 7812.5,
    "ProcedureStepDescription": "MRI_Head",
    "ProtocolName": "fMRI_3_PartB",
    "ReconMatrixPE": 64,
    "RepetitionTime": 2,
    "SAR": 0.0562379,
    "ScanOptions": "SAT_GEMS_EPI_GEMS_ACC_GEMS_FS",
    "ScanningSequence": "EP_GR",
    "SequenceVariant": "SS",
    "SeriesDescription": "fMRI_3_PartB",
    "SeriesNumber": 6,
    "SliceThickness": 3.3,
    "SliceTiming": [
      0,
      1.0285,
      0.0571001,
      1.0857,
      0.1142,
      1.1428,
      0.1714,
      1.2,
      0.2285,
      1.2571,
      0.2857,
      1.3143,
      0.3428,
      1.3714,
      0.4,
      1.4286,
      0.4571,
      1.4857,
      0.5142,
      1.5428,
      0.5714,
      1.6,
      0.6285,
      1.6571,
      0.6857,
      1.7143,
      0.7428,
      1.7714,
      0.8,
      1.8285,
      0.8571,
      1.8857,
      0.9143,
      1.9428,
      0.9714
    ],
    "SoftwareVersions": "27_LX_MR_Software_release:DV26.0_EB_1706.a",
    "SpacingBetweenSlices": 3.3,
    "StationName": "nnmr04",
    "TaskName": "localiser",
    "TotalReadoutTime": 0.040572,
    "dataset": "ds003342",
    "modality": "bold",
    "run_id": 3,
    "session_id": "localiser",
    "subject_id": "QP18",
    "task_id": "localiser"
  },
  "dummy_trs": 0,
  "dvars_nstd": 16.556135515605376,
  "dvars_std": 1.0646453858295961,
  "dvars_vstd": 0.991612751210762,
  "efc": 0.48172879496938514,
  "fber": 24871.498046875,
  "fd_mean": 0.08050898672665933,
  "fd_num": 1,
  "fd_perc": 0.44642857142857145,
  "fwhm_avg": 2.491596046490511,
  "fwhm_x": 2.470181053758186,
  "fwhm_y": 2.6327944161529033,
  "fwhm_z": 2.371812669560443,
  "gcor": 0.0375689,
  "gsr_x": -0.003677650820463896,
  "gsr_y": 0.013193013146519661,
  "provenance": {
    "md5sum": "629ca8dd2e5f1e5088cafa08c8fbb040",
    "settings": {
      "fd_thres": 0.2,
      "testing": false
    },
    "software": "mriqc",
    "version": "22.0.6",
    "webapi_port": null,
    "webapi_url": "https://mriqc.nimh.nih.gov/api/v1"
  },
  "size_t": 224,
  "size_x": 64,
  "size_y": 64,
  "size_z": 35,
  "snr": 6.2868917517210505,
  "spacing_tr": 2.0,
  "spacing_x": 3.2969000339508057,
  "spacing_y": 3.2969000339508057,
  "spacing_z": 3.299999237060547,
  "summary_bg_k": 43.387035226488,
  "summary_bg_mad": 44.147130175874096,
  "summary_bg_mean": 93.40027618408203,
  "summary_bg_median": 31.834823608398438,
  "summary_bg_n": 84060.0,
  "summary_bg_p05": 0.4910714626312256,
  "summary_bg_p95": 391.9158615112305,
  "summary_bg_stdv": 198.18458557128906,
  "summary_fg_k": 0.40352241715986814,
  "summary_fg_mad": 765.7513771380146,
  "summary_fg_mean": 4997.09130859375,
  "summary_fg_median": 4998.4580078125,
  "summary_fg_n": 27614.0,
  "summary_fg_p05": 3615.7033813476564,
  "summary_fg_p95": 6264.414233398437,
  "summary_fg_stdv": 795.0458984375,
  "tsnr": 87.6441193157807
}