{
  "aor": 0.0008897321428571427,
  "aqi": 0.0032497210267857144,
  "bids_meta": {
    "AcquisitionMatrixPE": 64,
    "AcquisitionNumber": 1,
    "AcquisitionTime": "14:29:42.000000",
    "BodyPartExamined": "BRAIN",
    "CoilString": "Head_24",
    "ConversionSoftware": "dcm2niix",
    "ConversionSoftwareVersion": "v1.0.20200331",
    "DeviceSerialNumber": "00000070431MRS04",
    "EchoTime": 0.03,
    "EffectiveEchoSpacing": 0.000644,
    "FlipAngle": 78,
    "ImageOrientationPatientDICOM": [
      1,
      0,
      0,
      0,
      1,
      0
    ],
    "ImageType": [
      "ORIGINAL",
      "PRIMARY",
      "EPI",
      "NONE"
    ],
    "ImagingFrequency": 127.735,
    "InPlanePhaseEncodingDirectionDICOM": "ROW",
    "InstitutionName": "N_and_N_University_Hospital",
    "MRAcquisitionType": "2D",
    "MagneticFieldStrength": 3,
    "Manufacturer": "GE",
    "ManufacturersModelName": "DISCOVERY_MR750w",
    "Modality": "MR",
    "PatientPosition": "HFS",
    "PercentPhaseFOV": 100,
    "PercentSampling": 100,
    "PhaseEncodingDirection": "i-",
    "PhaseEncodingPolarityGE": "Flipped",
    "PixelBandwidth": 7812.5,
    "ProcedureStepDescription": "MRI_Head",
    "ProtocolName": "fMRI_2_PartB",
    "ReconMatrixPE": 64,
    "RepetitionTime": 2,
    "SAR": 0.0562379,
    "ScanOptions": "SAT_GEMS_EPI_GEMS_ACC_GEMS_FS",
    "ScanningSequence": "EP_GR",
    "SequenceVariant": "SS",
    "SeriesDescription": "fMRI_2_PartB",
    "SeriesNumber": 5,
    "SliceThickness": 3.3,
    "SliceTiming": [
      0,
      1.0285,
      0.0571001,
      1.0857,
      0.1142,
      1.1428,
      0.1714,
      1.2,
      0.2285,
      1.2571,
      0.2857,
      1.3143,
      0.3428,
      1.3714,
      0.4,
      1.4286,
      0.4571,
      1.4857,
      0.5142,
      1.5428,
      0.5714,
      1.6,
      0.6285,
      1.6571,
      0.6857,
      1.7143,
      0.7428,
      1.7714,
      0.8,
      1.8285,
      0.8571,
      1.8857,
      0.9143,
      1.9428,
      0.9714
    ],
    "SoftwareVersions": "27_LX_MR_Software_release:DV26.0_EB_1706.a",
    "SpacingBetweenSlices": 3.3,
    "StationName": "nnmr04",
    "TaskName": "localiser",
    "TotalReadoutTime": 0.040572,
    "dataset": "ds003342",
    "modality": "bold",
    "run_id": 2,
    "session_id": "localiser",
    "subject_id": "QP18",
    "task_id": "localiser"
  },
  "dummy_trs": 0,
  "dvars_nstd": 16.978817195784757,
  "dvars_std": 1.0620568804932735,
  "dvars_vstd": 0.9844396003139009,
  "efc": 0.48020578983214984,
  "fber": 25207.208984375,
  "fd_mean": 0.09415472359101137,
  "fd_num": 8,
  "fd_perc": 3.5714285714285716,
  "fwhm_avg": 2.469944439827216,
  "fwhm_x": 2.4521671621059022,
  "fwhm_y": 2.6182656165209055,
  "fwhm_z": 2.339400540854839,
  "gcor": 0.0630163,
  "gsr_x": -0.0036533395759761333,
  "gsr_y": 0.013506737537682056,
  "provenance": {
    "md5sum": "1191bf89b61b578c8e45110c760c45ec",
    "settings": {
      "fd_thres": 0.2,
      "testing": false
    },
    "software": "mriqc",
    "version": "22.0.6",
    "webapi_port": null,
    "webapi_url": "https://mriqc.nimh.nih.gov/api/v1"
  },
  "size_t": 224,
  "size_x": 64,
  "size_y": 64,
  "size_z": 35,
  "snr": 6.30956583524328,
  "spacing_tr": 2.0,
  "spacing_x": 3.2969000339508057,
  "spacing_y": 3.2969000339508057,
  "spacing_z": 3.299999237060547,
  "summary_bg_k": 45.45535659708392,
  "summary_bg_mad": 44.10741847490106,
  "summary_bg_mean": 91.82511138916016,
  "summary_bg_median": 31.848217010498047,
  "summary_bg_n": 84244.0,
  "summary_bg_p05": 0.4687500298023224,
  "summary_bg_p95": 381.5109573364243,
  "summary_bg_stdv": 194.84962463378906,
  "summary_fg_k": 0.3858328227535841,
  "summary_fg_mad": 761.9315770374556,
  "summary_fg_mean": 5000.96533203125,
  "summary_fg_median": 5011.71435546875,
  "summary_fg_n": 27541.0,
  "summary_fg_p05": 3610.52685546875,
  "summary_fg_p95": 6255.3173828125,
  "summary_fg_stdv": 794.2897338867188,
  "tsnr": 80.46953572065104
}