{
  "aor": 0.0014041573033707865,
  "aqi": 0.00794503264044944,
  "bids_meta": {
    "AcquisitionMatrixPE": 64,
    "AcquisitionNumber": 1,
    "AcquisitionTime": "14:33:1.000000",
    "BodyPartExamined": "BRAIN",
    "CoilString": "RM:HNU_FlexS",
    "ConversionSoftware": "dcm2niix",
    "ConversionSoftwareVersion": "v1.0.20200331",
    "DeviceSerialNumber": "00000070431MRS04",
    "EchoTime": 0.03,
    "EffectiveEchoSpacing": 0.000644,
    "FlipAngle": 78,
    "ImageOrientationPatientDICOM": [
      1,
      0,
      0,
      0,
      1,
      0
    ],
    "ImageType": [
      "ORIGINAL",
      "PRIMARY",
      "EPI",
      "NONE"
    ],
    "ImagingFrequency": 127.734,
    "InPlanePhaseEncodingDirectionDICOM": "COL",
    "InstitutionName": "N_and_N_University_Hospital",
    "MRAcquisitionType": "2D",
    "MagneticFieldStrength": 3,
    "Manufacturer": "GE",
    "ManufacturersModelName": "DISCOVERY_MR750w",
    "Modality": "MR",
    "PatientPosition": "HFS",
    "PercentPhaseFOV": 100,
    "PercentSampling": 100,
    "PhaseEncodingDirection": "j",
    "PhaseEncodingPolarityGE": "Flipped",
    "PixelBandwidth": 7812.5,
    "ProcedureStepDescription": "MRI_Head",
    "ProtocolName": "fMRI_3.3X3.3X3.3_NEW_180_volumes",
    "ReconMatrixPE": 64,
    "RepetitionTime": 2,
    "SAR": 0.058895,
    "ScanOptions": "SAT_GEMS_EPI_GEMS_ACC_GEMS_FS",
    "ScanningSequence": "EP_GR",
    "SequenceVariant": "SS",
    "SeriesDescription": "fMRI_3.3X3.3X3.3_NEW_180_volumes",
    "SeriesNumber": 11,
    "SliceThickness": 3.3,
    "SliceTiming": [
      0,
      1.0285,
      0.0571001,
      1.0857,
      0.1142,
      1.1428,
      0.1714,
      1.2,
      0.2285,
      1.2571,
      0.2857,
      1.3143,
      0.3428,
      1.3714,
      0.4,
      1.4286,
      0.4571,
      1.4857,
      0.5142,
      1.5428,
      0.5714,
      1.6,
      0.6285,
      1.6571,
      0.6857,
      1.7143,
      0.7428,
      1.7714,
      0.8,
      1.8285,
      0.8571,
      1.8857,
      0.9143,
      1.9428,
      0.9714
    ],
    "SoftwareVersions": "27_LX_MR_Software_release:DV26.0_EA_1641.c",
    "SpacingBetweenSlices": 3.3,
    "StationName": "nnmr04",
    "TaskName": "grasp",
    "TotalReadoutTime": 0.040572,
    "dataset": "ds003342",
    "modality": "bold",
    "run_id": 4,
    "session_id": "action",
    "subject_id": "SC13",
    "task_id": "grasp"
  },
  "dummy_trs": 0,
  "dvars_nstd": 36.767583836327695,
  "dvars_std": 1.0371449297175144,
  "dvars_vstd": 1.0240753210734448,
  "efc": 0.4725419958314234,
  "fber": 2661.234619140625,
  "fd_mean": 0.26383550530622896,
  "fd_num": 85,
  "fd_perc": 47.752808988764045,
  "fwhm_avg": 2.5054743908528683,
  "fwhm_x": 2.5741211175972927,
  "fwhm_y": 2.5819587832025297,
  "fwhm_z": 2.360343271758782,
  "gcor": 0.0106663,
  "gsr_x": 0.0044607846066355705,
  "gsr_y": 0.01350889541208744,
  "provenance": {
    "md5sum": "71856a740a07a75c0d81a41d468f900e",
    "settings": {
      "fd_thres": 0.2,
      "testing": false
    },
    "software": "mriqc",
    "version": "22.0.6",
    "webapi_port": null,
    "webapi_url": "https://mriqc.nimh.nih.gov/api/v1"
  },
  "size_t": 178,
  "size_x": 64,
  "size_y": 64,
  "size_z": 35,
  "snr": 4.5825426371377995,
  "spacing_tr": 2.0,
  "spacing_x": 3.2969000339508057,
  "spacing_y": 3.2969000339508057,
  "spacing_z": 3.3000030517578125,
  "summary_bg_k": 65.88642001136526,
  "summary_bg_mad": 15.567320466469505,
  "summary_bg_mean": 44.065555572509766,
  "summary_bg_median": 27.7359561920166,
  "summary_bg_n": 88767.0,
  "summary_bg_p05": 1.5617977380752563,
  "summary_bg_p95": 137.81292114257812,
  "summary_bg_stdv": 72.6619873046875,
  "summary_fg_k": -0.10737369600382829,
  "summary_fg_mad": 324.6440974785469,
  "summary_fg_mean": 1490.61572265625,
  "summary_fg_median": 1466.6236572265625,
  "summary_fg_n": 23128.0,
  "summary_fg_p05": 1000.05087890625,
  "summary_fg_p95": 2046.070751953125,
  "summary_fg_stdv": 320.0389099121094,
  "tsnr": 36.08235618378967
}