{
  "aor": 0.0016343258426966293,
  "aqi": 0.0075386310112359545,
  "bids_meta": {
    "AcquisitionMatrixPE": 64,
    "AcquisitionNumber": 1,
    "AcquisitionTime": "14:40:12.000000",
    "BodyPartExamined": "BRAIN",
    "CoilString": "RM:HNU_FlexS",
    "ConversionSoftware": "dcm2niix",
    "ConversionSoftwareVersion": "v1.0.20200331",
    "DeviceSerialNumber": "00000070431MRS04",
    "EchoTime": 0.03,
    "EffectiveEchoSpacing": 0.000644,
    "FlipAngle": 78,
    "ImageOrientationPatientDICOM": [
      1,
      0,
      0,
      0,
      1,
      0
    ],
    "ImageType": [
      "ORIGINAL",
      "PRIMARY",
      "EPI",
      "NONE"
    ],
    "ImagingFrequency": 127.734,
    "InPlanePhaseEncodingDirectionDICOM": "COL",
    "InstitutionName": "N_and_N_University_Hospital",
    "MRAcquisitionType": "2D",
    "MagneticFieldStrength": 3,
    "Manufacturer": "GE",
    "ManufacturersModelName": "DISCOVERY_MR750w",
    "Modality": "MR",
    "PatientPosition": "HFS",
    "PercentPhaseFOV": 100,
    "PercentSampling": 100,
    "PhaseEncodingDirection": "j",
    "PhaseEncodingPolarityGE": "Flipped",
    "PixelBandwidth": 7812.5,
    "ProcedureStepDescription": "MRI_Head",
    "ProtocolName": "fMRI_3.3X3.3X3.3_NEW_180_volumes",
    "ReconMatrixPE": 64,
    "RepetitionTime": 2,
    "SAR": 0.058895,
    "ScanOptions": "SAT_GEMS_EPI_GEMS_ACC_GEMS_FS",
    "ScanningSequence": "EP_GR",
    "SequenceVariant": "SS",
    "SeriesDescription": "fMRI_3.3X3.3X3.3_NEW_180_volumes",
    "SeriesNumber": 12,
    "SliceThickness": 3.3,
    "SliceTiming": [
      0,
      1.0285,
      0.0571001,
      1.0857,
      0.1142,
      1.1428,
      0.1714,
      1.2,
      0.2285,
      1.2571,
      0.2857,
      1.3143,
      0.3428,
      1.3714,
      0.4,
      1.4286,
      0.4571,
      1.4857,
      0.5142,
      1.5428,
      0.5714,
      1.6,
      0.6285,
      1.6571,
      0.6857,
      1.7143,
      0.7428,
      1.7714,
      0.8,
      1.8285,
      0.8571,
      1.8857,
      0.9143,
      1.9428,
      0.9714
    ],
    "SoftwareVersions": "27_LX_MR_Software_release:DV26.0_EA_1641.c",
    "SpacingBetweenSlices": 3.3,
    "StationName": "nnmr04",
    "TaskName": "grasp",
    "TotalReadoutTime": 0.040572,
    "dataset": "ds003342",
    "modality": "bold",
    "run_id": 5,
    "session_id": "action",
    "subject_id": "SC13",
    "task_id": "grasp"
  },
  "dummy_trs": 0,
  "dvars_nstd": 37.07761822728813,
  "dvars_std": 1.038548661412429,
  "dvars_vstd": 1.0242457348587564,
  "efc": 0.47202053329655913,
  "fber": 2641.509033203125,
  "fd_mean": 0.23579101900056226,
  "fd_num": 77,
  "fd_perc": 43.258426966292134,
  "fwhm_avg": 2.5097734405421765,
  "fwhm_x": 2.5728289947072653,
  "fwhm_y": 2.596345024675299,
  "fwhm_z": 2.360146302243965,
  "gcor": 0.0108505,
  "gsr_x": 0.004844187293201685,
  "gsr_y": 0.013744650408625603,
  "provenance": {
    "md5sum": "5682edd9328ebec41eced85b78cbb1d2",
    "settings": {
      "fd_thres": 0.2,
      "testing": false
    },
    "software": "mriqc",
    "version": "22.0.6",
    "webapi_port": null,
    "webapi_url": "https://mriqc.nimh.nih.gov/api/v1"
  },
  "size_t": 178,
  "size_x": 64,
  "size_y": 64,
  "size_z": 35,
  "snr": 4.58624745025105,
  "spacing_tr": 2.0,
  "spacing_x": 3.2969000339508057,
  "spacing_y": 3.2969000339508057,
  "spacing_z": 3.3000030517578125,
  "summary_bg_k": 64.65120109854061,
  "summary_bg_mad": 15.642285072776486,
  "summary_bg_mean": 44.30647277832031,
  "summary_bg_median": 27.80337142944336,
  "summary_bg_n": 89036.0,
  "summary_bg_p05": 1.7528090476989746,
  "summary_bg_p95": 138.82022094726562,
  "summary_bg_stdv": 72.52327728271484,
  "summary_fg_k": -0.13056705314003736,
  "summary_fg_mad": 324.77313744214484,
  "summary_fg_mean": 1488.55908203125,
  "summary_fg_median": 1465.91015625,
  "summary_fg_n": 23053.0,
  "summary_fg_p05": 992.5325805664063,
  "summary_fg_p95": 2041.5067871093745,
  "summary_fg_stdv": 319.6247863769531,
  "tsnr": 36.4608362945728
}