{
  "bids_meta": {
    "AcquisitionMatrixPE": 256,
    "AcquisitionNumber": 1,
    "AcquisitionTime": "16:59:38.720000",
    "BaseResolution": 256,
    "BodyPartExamined": "BRAIN",
    "ConsistencyInfo": "N4_VD13D_LATEST_20130810",
    "ConversionSoftware": "dcm2niix",
    "ConversionSoftwareVersion": "v1.0.20200331",
    "DeviceSerialNumber": "67003",
    "DwellTime": 9.8e-06,
    "EchoTime": 0.00221,
    "FlipAngle": 9,
    "ImageOrientationPatientDICOM": [
      0,
      1,
      0,
      0,
      0,
      -1
    ],
    "ImageType": [
      "ORIGINAL",
      "PRIMARY",
      "M",
      "NORM",
      "DIS3D",
      "DIS2D"
    ],
    "ImagingFrequency": 123.257,
    "InPlanePhaseEncodingDirectionDICOM": "ROW",
    "InstitutionAddress": "Oxfordlaan_55_Maastricht_Limburg_NL_6229_EV",
    "InstitutionName": "Brains_Unlimited",
    "InstitutionalDepartmentName": "Department",
    "InversionTime": 0.9,
    "MRAcquisitionType": "3D",
    "MagneticFieldStrength": 3,
    "Manufacturer": "Siemens",
    "ManufacturersModelName": "Prisma_fit",
    "Modality": "MR",
    "ParallelReductionFactorInPlane": 2,
    "PartialFourier": 0.875,
    "PatientPosition": "HFS",
    "PercentPhaseFOV": 100,
    "PercentSampling": 100,
    "PhaseEncodingSteps": 223,
    "PhaseResolution": 1,
    "PixelBandwidth": 200,
    "ProcedureStepDescription": "Stephanie_Rossit_object_reg",
    "ProtocolName": "MPRAGE_1iso_G2",
    "PulseSequenceDetails": "%SiemensSeq%_tfl",
    "ReceiveCoilActiveElements": "HC1-7;NC1",
    "ReceiveCoilName": "HeadNeck_64",
    "ReconMatrixPE": 256,
    "RefLinesPE": 48,
    "RepetitionTime": 2.25,
    "SAR": 0.0533662,
    "ScanOptions": "IR_PFP",
    "ScanningSequence": "GR_IR",
    "SequenceName": "_tfl3d1_16ns",
    "SequenceVariant": "SK_SP_MP",
    "SeriesDescription": "MPRAGE_1iso_G2",
    "SeriesNumber": 2,
    "ShimSetting": [
      2258,
      -11674,
      -2198,
      334,
      -37,
      193,
      -131,
      54
    ],
    "SliceThickness": 1,
    "SoftwareVersions": "syngo_MR_D13D",
    "StationName": "MRCPRISMA",
    "TxRefAmp": 222.19,
    "dataset": "ds003342",
    "modality": "T1w",
    "session_id": "localiser",
    "subject_id": "TS12"
  },
  "cjv": 0.2873721234264455,
  "cnr": 4.6994539676674965,
  "efc": 0.5093167913563079,
  "fber": -1.0,
  "fwhm_avg": 4.469546666666667,
  "fwhm_x": 4.34117,
  "fwhm_y": 4.71889,
  "fwhm_z": 4.34858,
  "icvs_csf": 0.23038337533790582,
  "icvs_gm": 0.458160512178175,
  "icvs_wm": 0.3114561124839192,
  "inu_med": 0.5523211359977722,
  "inu_range": 0.23307349532842642,
  "provenance": {
    "md5sum": "eaa4c73f4b6544fbf090101c30a6f90e",
    "settings": {
      "testing": false
    },
    "software": "mriqc",
    "version": "22.0.6",
    "warnings": {
      "large_rot_frame": true,
      "small_air_mask": false
    },
    "webapi_port": null,
    "webapi_url": "https://mriqc.nimh.nih.gov/api/v1"
  },
  "qi_1": 2.405178417853021e-06,
  "qi_2": 0.009020720276642009,
  "rpve_csf": 27.349694365562417,
  "rpve_gm": 14.525825002687306,
  "rpve_wm": 23.93372224241149,
  "size_x": 192,
  "size_y": 256,
  "size_z": 256,
  "snr_csf": 1.7186510035191527,
  "snr_gm": 11.495775539996059,
  "snr_total": 12.28038871155418,
  "snr_wm": 23.626739591147327,
  "snrd_csf": 27.503979106308176,
  "snrd_gm": 93.2421598634971,
  "snrd_total": 87.12215307315954,
  "snrd_wm": 140.6203202496733,
  "spacing_x": 1.0,
  "spacing_y": 1.0,
  "spacing_z": 1.0,
  "summary_bg_k": 35.77375426199731,
  "summary_bg_mad": 0.0,
  "summary_bg_mean": 1.4377044223626756,
  "summary_bg_median": 0.0,
  "summary_bg_n": 2691535.0,
  "summary_bg_p05": 0.0,
  "summary_bg_p95": 10.115607153624296,
  "summary_bg_stdv": 4.659120051404047,
  "summary_csf_k": -0.3069525949919991,
  "summary_csf_mad": 124.95547588179765,
  "summary_csf_mean": 203.12070245129826,
  "summary_csf_median": 195.59948210418224,
  "summary_csf_n": 38854.0,
  "summary_csf_p05": 45.01445183362812,
  "summary_csf_p95": 411.6166413202882,
  "summary_csf_stdv": 113.80842566570327,
  "summary_gm_k": 0.060997675718006406,
  "summary_gm_mad": 57.63986000299737,
  "summary_gm_mean": 662.3577953738953,
  "summary_gm_median": 663.1083491258323,
  "summary_gm_n": 56672.0,
  "summary_gm_p05": 566.8935419134796,
  "summary_gm_p95": 755.5006688423455,
  "summary_gm_stdv": 57.68227610112644,
  "summary_wm_k": 0.48772084223441725,
  "summary_wm_mad": 39.18681129700181,
  "summary_wm_mean": 997.7422866057154,
  "summary_wm_median": 1000.046637173742,
  "summary_wm_n": 147944.0,
  "summary_wm_p05": 923.410424452275,
  "summary_wm_p95": 1063.3041436597705,
  "summary_wm_stdv": 42.32675666040483,
  "tpm_overlap_csf": 0.14580476345748103,
  "tpm_overlap_gm": 0.4812135600728272,
  "tpm_overlap_wm": 0.5020828829939956,
  "wm2max": 0.39957161482585213
}