{
  "aor": 0.00460607142857143,
  "aqi": 0.004890027723214285,
  "bids_meta": {
    "AcquisitionMatrixPE": 64,
    "AcquisitionNumber": 1,
    "AcquisitionTime": "10:42:38.000000",
    "BodyPartExamined": "BRAIN",
    "CoilString": "Head_24",
    "ConversionSoftware": "dcm2niix",
    "ConversionSoftwareVersion": "v1.0.20200331",
    "DeviceSerialNumber": "00000070431MRS04",
    "EchoTime": 0.03,
    "EffectiveEchoSpacing": 0.000644,
    "FlipAngle": 78,
    "ImageOrientationPatientDICOM": [
      1,
      0,
      0,
      0,
      1,
      0
    ],
    "ImageType": [
      "ORIGINAL",
      "PRIMARY",
      "EPI",
      "NONE"
    ],
    "ImagingFrequency": 127.734,
    "InPlanePhaseEncodingDirectionDICOM": "ROW",
    "InstitutionName": "N_and_N_University_Hospital",
    "MRAcquisitionType": "2D",
    "MagneticFieldStrength": 3,
    "Manufacturer": "GE",
    "ManufacturersModelName": "DISCOVERY_MR750w",
    "Modality": "MR",
    "PatientPosition": "HFS",
    "PercentPhaseFOV": 100,
    "PercentSampling": 100,
    "PhaseEncodingDirection": "i-",
    "PhaseEncodingPolarityGE": "Flipped",
    "PixelBandwidth": 7812.5,
    "ProcedureStepDescription": "MRI_Head",
    "ProtocolName": "fMRI_2_PartB",
    "ReconMatrixPE": 64,
    "RepetitionTime": 2,
    "SAR": 0.0678664,
    "ScanOptions": "SAT_GEMS_EPI_GEMS_ACC_GEMS_FS",
    "ScanningSequence": "EP_GR",
    "SequenceVariant": "SS",
    "SeriesDescription": "fMRI_2_PartB",
    "SeriesNumber": 7,
    "SliceThickness": 3.3,
    "SliceTiming": [
      0,
      1.0285,
      0.0571001,
      1.0857,
      0.1142,
      1.1428,
      0.1714,
      1.2,
      0.2285,
      1.2571,
      0.2857,
      1.3143,
      0.3428,
      1.3714,
      0.4,
      1.4286,
      0.4571,
      1.4857,
      0.5142,
      1.5428,
      0.5714,
      1.6,
      0.6285,
      1.6571,
      0.6857,
      1.7143,
      0.7428,
      1.7714,
      0.8,
      1.8285,
      0.8571,
      1.8857,
      0.9143,
      1.9428,
      0.9714
    ],
    "SoftwareVersions": "27_LX_MR_Software_release:DV26.0_EB_1706.a",
    "SpacingBetweenSlices": 3.3,
    "StationName": "nnmr04",
    "TaskName": "localiser",
    "TotalReadoutTime": 0.040572,
    "dataset": "ds003342",
    "modality": "bold",
    "run_id": 2,
    "session_id": "localiser",
    "subject_id": "CR09",
    "task_id": "localiser"
  },
  "dummy_trs": 0,
  "dvars_nstd": 18.86639211825113,
  "dvars_std": 1.0642849666816143,
  "dvars_vstd": 0.9871572697757848,
  "efc": 0.5454462814675236,
  "fber": 7910.90380859375,
  "fd_mean": 0.12821177851235055,
  "fd_num": 12,
  "fd_perc": 5.357142857142857,
  "fwhm_avg": 2.5826444859148925,
  "fwhm_x": 2.6132336168153762,
  "fwhm_y": 2.737796083305413,
  "fwhm_z": 2.3969037576238876,
  "gcor": 0.0187366,
  "gsr_x": 0.008402020670473576,
  "gsr_y": 0.022261181846261024,
  "provenance": {
    "md5sum": "efee246b6f9a3bb73bdfaba8b64c91f4",
    "settings": {
      "fd_thres": 0.2,
      "testing": false
    },
    "software": "mriqc",
    "version": "22.0.6",
    "webapi_port": null,
    "webapi_url": "https://mriqc.nimh.nih.gov/api/v1"
  },
  "size_t": 224,
  "size_x": 64,
  "size_y": 64,
  "size_z": 35,
  "snr": 5.279762833136563,
  "spacing_tr": 2.0,
  "spacing_x": 3.2969000339508057,
  "spacing_y": 3.2969000339508057,
  "spacing_z": 3.2999989986419678,
  "summary_bg_k": 18.040329032363047,
  "summary_bg_mad": 72.74348203830851,
  "summary_bg_mean": 181.46615600585938,
  "summary_bg_median": 52.16741180419922,
  "summary_bg_n": 76808.0,
  "summary_bg_p05": 0.535714328289032,
  "summary_bg_p95": 869.020776367187,
  "summary_bg_stdv": 333.94244384765625,
  "summary_fg_k": 0.4376466897211757,
  "summary_fg_mad": 781.6822927000209,
  "summary_fg_mean": 4559.58349609375,
  "summary_fg_median": 4517.9443359375,
  "summary_fg_n": 33234.0,
  "summary_fg_p05": 3139.821154785156,
  "summary_fg_p95": 6022.873266601562,
  "summary_fg_stdv": 855.6968383789062,
  "tsnr": 64.93154999474064
}