{
  "aor": 0.0021559821428571426,
  "aqi": 0.005206563303571429,
  "bids_meta": {
    "AcquisitionMatrixPE": 64,
    "AcquisitionNumber": 1,
    "AcquisitionTime": "10:30:23.000000",
    "BodyPartExamined": "BRAIN",
    "CoilString": "Head+Neck_40",
    "ConversionSoftware": "dcm2niix",
    "ConversionSoftwareVersion": "v1.0.20200331",
    "DeviceSerialNumber": "00000070431MRS04",
    "EchoTime": 0.03,
    "EffectiveEchoSpacing": 0.000644,
    "FlipAngle": 78,
    "ImageOrientationPatientDICOM": [
      1,
      0,
      0,
      0,
      1,
      0
    ],
    "ImageType": [
      "ORIGINAL",
      "PRIMARY",
      "EPI",
      "NONE"
    ],
    "ImagingFrequency": 127.734,
    "InPlanePhaseEncodingDirectionDICOM": "ROW",
    "InstitutionName": "N_and_N_University_Hospital",
    "MRAcquisitionType": "2D",
    "MagneticFieldStrength": 3,
    "Manufacturer": "GE",
    "ManufacturersModelName": "DISCOVERY_MR750w",
    "Modality": "MR",
    "PatientPosition": "HFS",
    "PercentPhaseFOV": 100,
    "PercentSampling": 100,
    "PhaseEncodingDirection": "i-",
    "PhaseEncodingPolarityGE": "Flipped",
    "PixelBandwidth": 7812.5,
    "ProcedureStepDescription": "MRI_Head",
    "ProtocolName": "fMRI_1_PartB",
    "ReconMatrixPE": 64,
    "RepetitionTime": 2,
    "SAR": 0.0679795,
    "ScanOptions": "SAT_GEMS_EPI_GEMS_ACC_GEMS_FS",
    "ScanningSequence": "EP_GR",
    "SequenceVariant": "SS",
    "SeriesDescription": "fMRI_1_PartB",
    "SeriesNumber": 4,
    "SliceThickness": 3.3,
    "SliceTiming": [
      0,
      1.0285,
      0.0571001,
      1.0857,
      0.1142,
      1.1428,
      0.1714,
      1.2,
      0.2285,
      1.2571,
      0.2857,
      1.3143,
      0.3428,
      1.3714,
      0.4,
      1.4286,
      0.4571,
      1.4857,
      0.5142,
      1.5428,
      0.5714,
      1.6,
      0.6285,
      1.6571,
      0.6857,
      1.7143,
      0.7428,
      1.7714,
      0.8,
      1.8285,
      0.8571,
      1.8857,
      0.9143,
      1.9428,
      0.9714
    ],
    "SoftwareVersions": "27_LX_MR_Software_release:DV26.0_EB_1706.a",
    "SpacingBetweenSlices": 3.3,
    "StationName": "nnmr04",
    "TaskName": "localiser",
    "TotalReadoutTime": 0.040572,
    "dataset": "ds003342",
    "modality": "bold",
    "run_id": 1,
    "session_id": "localiser",
    "subject_id": "CR09",
    "task_id": "localiser"
  },
  "dummy_trs": 0,
  "dvars_nstd": 17.9049702587444,
  "dvars_std": 1.0664675656950673,
  "dvars_vstd": 0.9746780861883407,
  "efc": 0.5463247085141211,
  "fber": 6248.41845703125,
  "fd_mean": 0.08567427242326132,
  "fd_num": 4,
  "fd_perc": 1.7857142857142858,
  "fwhm_avg": 2.587721706952141,
  "fwhm_x": 2.60330004295425,
  "fwhm_y": 2.745946163600023,
  "fwhm_z": 2.4139189143021498,
  "gcor": 0.0301816,
  "gsr_x": 0.010448681190609932,
  "gsr_y": 0.023414846509695053,
  "provenance": {
    "md5sum": "1e7cf5a5d0b3fda5dbd956bbd69c8e4c",
    "settings": {
      "fd_thres": 0.2,
      "testing": false
    },
    "software": "mriqc",
    "version": "22.0.6",
    "webapi_port": null,
    "webapi_url": "https://mriqc.nimh.nih.gov/api/v1"
  },
  "size_t": 224,
  "size_x": 64,
  "size_y": 64,
  "size_z": 35,
  "snr": 5.164620202151385,
  "spacing_tr": 2.0,
  "spacing_x": 3.2969000339508057,
  "spacing_y": 3.2969000339508057,
  "spacing_z": 3.2999989986419678,
  "summary_bg_k": 21.165872351858425,
  "summary_bg_mad": 71.26750049859791,
  "summary_bg_mean": 169.77508544921875,
  "summary_bg_median": 52.779022216796875,
  "summary_bg_n": 76972.0,
  "summary_bg_p05": 0.7569196760654457,
  "summary_bg_p95": 792.7469360351561,
  "summary_bg_stdv": 310.0510559082031,
  "summary_fg_k": 1.3839086666723732,
  "summary_fg_mad": 689.1783750084634,
  "summary_fg_mean": 4154.693359375,
  "summary_fg_median": 4107.36181640625,
  "summary_fg_n": 33095.0,
  "summary_fg_p05": 2884.9509765625,
  "summary_fg_p95": 5514.379345703125,
  "summary_fg_stdv": 795.2762451171875,
  "tsnr": 62.98049912927672
}