{
  "aor": 0.001225982142857143,
  "aqi": 0.005007982946428571,
  "bids_meta": {
    "AcquisitionMatrixPE": 64,
    "AcquisitionNumber": 1,
    "AcquisitionTime": "10:51:34.000000",
    "BodyPartExamined": "BRAIN",
    "CoilString": "Head_24",
    "ConversionSoftware": "dcm2niix",
    "ConversionSoftwareVersion": "v1.0.20200331",
    "DeviceSerialNumber": "00000070431MRS04",
    "EchoTime": 0.03,
    "EffectiveEchoSpacing": 0.000644,
    "FlipAngle": 78,
    "ImageOrientationPatientDICOM": [
      1,
      0,
      0,
      0,
      1,
      0
    ],
    "ImageType": [
      "ORIGINAL",
      "PRIMARY",
      "EPI",
      "NONE"
    ],
    "ImagingFrequency": 127.734,
    "InPlanePhaseEncodingDirectionDICOM": "ROW",
    "InstitutionName": "N_and_N_University_Hospital",
    "MRAcquisitionType": "2D",
    "MagneticFieldStrength": 3,
    "Manufacturer": "GE",
    "ManufacturersModelName": "DISCOVERY_MR750w",
    "Modality": "MR",
    "PatientPosition": "HFS",
    "PercentPhaseFOV": 100,
    "PercentSampling": 100,
    "PhaseEncodingDirection": "i-",
    "PhaseEncodingPolarityGE": "Flipped",
    "PixelBandwidth": 7812.5,
    "ProcedureStepDescription": "MRI_Head",
    "ProtocolName": "fMRI_3_PartB",
    "ReconMatrixPE": 64,
    "RepetitionTime": 2,
    "SAR": 0.0686541,
    "ScanOptions": "SAT_GEMS_EPI_GEMS_ACC_GEMS_FS",
    "ScanningSequence": "EP_GR",
    "SequenceVariant": "SS",
    "SeriesDescription": "fMRI_3_PartB",
    "SeriesNumber": 8,
    "SliceThickness": 3.3,
    "SliceTiming": [
      0,
      1.0285,
      0.0571001,
      1.0857,
      0.1142,
      1.1428,
      0.1714,
      1.2,
      0.2285,
      1.2571,
      0.2857,
      1.3143,
      0.3428,
      1.3714,
      0.4,
      1.4286,
      0.4571,
      1.4857,
      0.5142,
      1.5428,
      0.5714,
      1.6,
      0.6285,
      1.6571,
      0.6857,
      1.7143,
      0.7428,
      1.7714,
      0.8,
      1.8285,
      0.8571,
      1.8857,
      0.9143,
      1.9428,
      0.9714
    ],
    "SoftwareVersions": "27_LX_MR_Software_release:DV26.0_EB_1706.a",
    "SpacingBetweenSlices": 3.3,
    "StationName": "nnmr04",
    "TaskName": "localiser",
    "TotalReadoutTime": 0.040572,
    "dataset": "ds003342",
    "modality": "bold",
    "run_id": 3,
    "session_id": "localiser",
    "subject_id": "CR09",
    "task_id": "localiser"
  },
  "dummy_trs": 0,
  "dvars_nstd": 19.04090959183857,
  "dvars_std": 1.0699781135426008,
  "dvars_vstd": 0.9674420058744396,
  "efc": 0.5465171750027233,
  "fber": 7396.8203125,
  "fd_mean": 0.10458692596739103,
  "fd_num": 9,
  "fd_perc": 4.017857142857143,
  "fwhm_avg": 2.5894996704136926,
  "fwhm_x": 2.5990596960052867,
  "fwhm_y": 2.7507779752521673,
  "fwhm_z": 2.418661339983624,
  "gcor": 0.0214132,
  "gsr_x": 0.008291048929095268,
  "gsr_y": 0.023045463487505913,
  "provenance": {
    "md5sum": "ad7a32364fc81b88326ab95b95633a64",
    "settings": {
      "fd_thres": 0.2,
      "testing": false
    },
    "software": "mriqc",
    "version": "22.0.6",
    "webapi_port": null,
    "webapi_url": "https://mriqc.nimh.nih.gov/api/v1"
  },
  "size_t": 224,
  "size_x": 64,
  "size_y": 64,
  "size_z": 35,
  "snr": 5.331404881424622,
  "spacing_tr": 2.0,
  "spacing_x": 3.2969000339508057,
  "spacing_y": 3.2969000339508057,
  "spacing_z": 3.2999989986419678,
  "summary_bg_k": 17.244778866167387,
  "summary_bg_mad": 73.46492888773442,
  "summary_bg_mean": 180.7053985595703,
  "summary_bg_median": 52.810272216796875,
  "summary_bg_n": 76762.0,
  "summary_bg_p05": 0.5580357313156128,
  "summary_bg_p95": 877.0848724365227,
  "summary_bg_stdv": 330.32012939453125,
  "summary_fg_k": 0.45443517294012814,
  "summary_fg_mad": 777.416553650927,
  "summary_fg_mean": 4558.443359375,
  "summary_fg_median": 4510.716796875,
  "summary_fg_n": 33280.0,
  "summary_fg_p05": 3175.146728515625,
  "summary_fg_p95": 6007.4412841796875,
  "summary_fg_stdv": 846.0526123046875,
  "tsnr": 64.42669596197084
}