{
  "aor": 0.0057541891891891885,
  "aqi": 0.007430513603603603,
  "bids_meta": {
    "AcquisitionMatrixPE": 64,
    "AcquisitionNumber": 1,
    "AcquisitionTime": "11:00:0.000000",
    "BodyPartExamined": "BRAIN",
    "CoilString": "Head+Neck_40",
    "ConversionSoftware": "dcm2niix",
    "ConversionSoftwareVersion": "v1.0.20200331",
    "DeviceSerialNumber": "00000070431MRS04",
    "EchoTime": 0.03,
    "EffectiveEchoSpacing": 0.000644,
    "FlipAngle": 78,
    "ImageOrientationPatientDICOM": [
      1,
      0,
      0,
      0,
      1,
      0
    ],
    "ImageType": [
      "ORIGINAL",
      "PRIMARY",
      "EPI",
      "NONE"
    ],
    "ImagingFrequency": 127.734,
    "InPlanePhaseEncodingDirectionDICOM": "ROW",
    "InstitutionName": "N_and_N_University_Hospital",
    "MRAcquisitionType": "2D",
    "MagneticFieldStrength": 3,
    "Manufacturer": "GE",
    "ManufacturersModelName": "DISCOVERY_MR750w",
    "Modality": "MR",
    "PatientPosition": "HFS",
    "PercentPhaseFOV": 100,
    "PercentSampling": 100,
    "PhaseEncodingDirection": "i-",
    "PhaseEncodingPolarityGE": "Flipped",
    "PixelBandwidth": 7812.5,
    "ProcedureStepDescription": "MRI_Head",
    "ProtocolName": "fMRI_4_PartB",
    "ReconMatrixPE": 64,
    "RepetitionTime": 2,
    "SAR": 0.0686541,
    "ScanOptions": "SAT_GEMS_EPI_GEMS_ACC_GEMS_FS",
    "ScanningSequence": "EP_GR",
    "SequenceVariant": "SS",
    "SeriesDescription": "fMRI_4_PartB",
    "SeriesNumber": 9,
    "SliceThickness": 3.3,
    "SliceTiming": [
      0,
      1.0285,
      0.0571001,
      1.0857,
      0.1142,
      1.1428,
      0.1714,
      1.2,
      0.2285,
      1.2571,
      0.2857,
      1.3143,
      0.3428,
      1.3714,
      0.4,
      1.4286,
      0.4571,
      1.4857,
      0.5142,
      1.5428,
      0.5714,
      1.6,
      0.6285,
      1.6571,
      0.6857,
      1.7143,
      0.7428,
      1.7714,
      0.8,
      1.8285,
      0.8571,
      1.8857,
      0.9143,
      1.9428,
      0.9714
    ],
    "SoftwareVersions": "27_LX_MR_Software_release:DV26.0_EB_1706.a",
    "SpacingBetweenSlices": 3.3,
    "StationName": "nnmr04",
    "TaskName": "localiser",
    "TotalReadoutTime": 0.040572,
    "dataset": "ds003342",
    "modality": "bold",
    "run_id": 4,
    "session_id": "localiser",
    "subject_id": "CR09",
    "task_id": "localiser"
  },
  "dummy_trs": 2,
  "dvars_nstd": 22.525862391809955,
  "dvars_std": 1.1377278382352938,
  "dvars_vstd": 1.0461102047511308,
  "efc": 0.5468318338162,
  "fber": 6071.06884765625,
  "fd_mean": 0.2599767777664939,
  "fd_num": 84,
  "fd_perc": 37.83783783783784,
  "fwhm_avg": 2.4037154158934793,
  "fwhm_x": 2.416979561995085,
  "fwhm_y": 2.5573902493780643,
  "fwhm_z": 2.236776436307288,
  "gcor": 0.0427172,
  "gsr_x": 0.012756673619151115,
  "gsr_y": 0.0226903073489666,
  "provenance": {
    "md5sum": "5492117d12440be6670f2e22966e51ef",
    "settings": {
      "fd_thres": 0.2,
      "testing": false
    },
    "software": "mriqc",
    "version": "22.0.6",
    "webapi_port": null,
    "webapi_url": "https://mriqc.nimh.nih.gov/api/v1"
  },
  "size_t": 222,
  "size_x": 64,
  "size_y": 64,
  "size_z": 35,
  "snr": 5.703845280891734,
  "spacing_tr": 2.0,
  "spacing_x": 3.2969000339508057,
  "spacing_y": 3.2969000339508057,
  "spacing_z": 3.2999989986419678,
  "summary_bg_k": 24.35442414116206,
  "summary_bg_mad": 73.40217064982835,
  "summary_bg_mean": 171.748779296875,
  "summary_bg_median": 54.3603630065918,
  "summary_bg_n": 77299.0,
  "summary_bg_p05": 0.8198198676109314,
  "summary_bg_p95": 800.0410339355468,
  "summary_bg_stdv": 315.85888671875,
  "summary_fg_k": 1.626765531353108,
  "summary_fg_mad": 620.5092063855744,
  "summary_fg_mean": 4168.34033203125,
  "summary_fg_median": 4116.6259765625,
  "summary_fg_n": 32884.0,
  "summary_fg_p05": 3036.57900390625,
  "summary_fg_p95": 5407.674560546874,
  "summary_fg_stdv": 721.7172241210938,
  "tsnr": 57.678783886134624
}