{
  "bids_meta": {
    "AcquisitionMatrixPE": 256,
    "AcquisitionNumber": 1,
    "AcquisitionTime": "10:28:9.000000",
    "BodyPartExamined": "BRAIN",
    "CoilString": "RM:HNU_FlexS",
    "ConversionSoftware": "dcm2niix",
    "ConversionSoftwareVersion": "v1.0.20200331",
    "DeviceSerialNumber": "00000070431MRS04",
    "EchoTime": 0.002604,
    "FlipAngle": 9,
    "ImageOrientationPatientDICOM": [
      -0.00543943,
      0.999985,
      0,
      0,
      0,
      -1
    ],
    "ImageType": [
      "ORIGINAL",
      "PRIMARY",
      "OTHER"
    ],
    "ImagingFrequency": 127.734,
    "InPlanePhaseEncodingDirectionDICOM": "ROW",
    "InstitutionName": "N_and_N_University_Hospital",
    "InversionTime": 0.9,
    "MRAcquisitionType": "3D",
    "MagneticFieldStrength": 3,
    "Manufacturer": "GE",
    "ManufacturersModelName": "DISCOVERY_MR750w",
    "Modality": "MR",
    "PatientPosition": "HFS",
    "PercentPhaseFOV": 100,
    "PercentSampling": 62.5,
    "PixelBandwidth": 390.625,
    "ProcedureStepDescription": "MRI_Head",
    "ProtocolName": "SAG_FSPGR_BRAVO",
    "ReconMatrixPE": 256,
    "RepetitionTime": 0.006996,
    "SAR": 0.0514707,
    "ScanOptions": "FAST_GEMS_NPW_EDR_GEMS_ACC_GEMS_IR_GEMS",
    "ScanningSequence": "GR",
    "SequenceVariant": "SS_SK_OSP",
    "SeriesDescription": "SAG_FSPGR_BRAVO",
    "SeriesNumber": 2,
    "SliceThickness": 0.9,
    "SoftwareVersions": "27_LX_MR_Software_release:DV26.0_EB_1706.a",
    "SpacingBetweenSlices": 0.9,
    "StationName": "nnmr04",
    "dataset": "ds003342",
    "modality": "T1w",
    "session_id": "action",
    "subject_id": "KH02"
  },
  "cjv": 0.5932205604644714,
  "cnr": 2.1650407374758287,
  "efc": 0.6105429775805672,
  "fber": 3060.5584318011065,
  "fwhm_avg": 4.021184607816152,
  "fwhm_x": 4.0270445511246935,
  "fwhm_y": 3.9885907896096047,
  "fwhm_z": 4.047918482714156,
  "icvs_csf": 0.20833711763420623,
  "icvs_gm": 0.38324226271392436,
  "icvs_wm": 0.4084206196518694,
  "inu_med": 1.0409164428710938,
  "inu_range": 1.1071123689413063,
  "provenance": {
    "md5sum": "588d678cf65fd53fb4107cf0d57c0d0f",
    "settings": {
      "testing": false
    },
    "software": "mriqc",
    "version": "22.0.6",
    "warnings": {
      "large_rot_frame": true,
      "small_air_mask": false
    },
    "webapi_port": null,
    "webapi_url": "https://mriqc.nimh.nih.gov/api/v1"
  },
  "qi_1": 0.0,
  "qi_2": 0.0002495498701560171,
  "rpve_csf": 19.808285762204402,
  "rpve_gm": 9.53246718822184,
  "rpve_wm": 10.175544745581972,
  "size_x": 196,
  "size_y": 256,
  "size_z": 256,
  "snr_csf": 2.1647005834721176,
  "snr_gm": 7.678284378152651,
  "snr_total": 6.590896560439713,
  "snr_wm": 9.92970471969437,
  "snrd_csf": 7.454937642656115,
  "snrd_gm": 17.76499247960157,
  "snrd_total": 17.019281306830777,
  "snrd_wm": 25.837913798234645,
  "spacing_x": 0.8999999761581421,
  "spacing_y": 0.8984000086784363,
  "spacing_z": 0.8984000086784363,
  "summary_bg_k": 1060.6561237877881,
  "summary_bg_mad": 25.357224395912997,
  "summary_bg_mean": 31.869006794329078,
  "summary_bg_median": 17.103187948465347,
  "summary_bg_n": 3003287.0,
  "summary_bg_p05": 0.0,
  "summary_bg_p95": 117.57652822136879,
  "summary_bg_stdv": 51.64035857386545,
  "summary_csf_k": 1.1586416677382614,
  "summary_csf_mad": 129.21891841607325,
  "summary_csf_mean": 291.08558570305706,
  "summary_csf_median": 288.5452963113785,
  "summary_csf_n": 43295.0,
  "summary_csf_p05": 80.34080538153648,
  "summary_csf_p95": 514.2316435575485,
  "summary_csf_stdv": 133.29416833837647,
  "summary_gm_k": -0.03658003236024765,
  "summary_gm_mad": 89.17134630739885,
  "summary_gm_mean": 685.9235684949656,
  "summary_gm_median": 687.598644644022,
  "summary_gm_n": 19781.0,
  "summary_gm_p05": 535.9419633150101,
  "summary_gm_p95": 831.6819586157799,
  "summary_gm_stdv": 89.54881458943846,
  "summary_wm_k": 0.5236568416654781,
  "summary_wm_mad": 96.18902833578805,
  "summary_wm_mean": 1003.5237262659178,
  "summary_wm_median": 1000.0631595253944,
  "summary_wm_n": 227399.0,
  "summary_wm_p05": 844.6134833782912,
  "summary_wm_p95": 1174.1243859529495,
  "summary_wm_stdv": 100.7140684276587,
  "tpm_overlap_csf": 0.13847767827613555,
  "tpm_overlap_gm": 0.407294086833644,
  "tpm_overlap_wm": 0.4371951303565894,
  "wm2max": 0.344283665754139
}