{
  "bids_meta": {
    "AcquisitionMatrixPE": 256,
    "AcquisitionNumber": 1,
    "AcquisitionTime": "10:27:6.000000",
    "BodyPartExamined": "BRAIN",
    "CoilString": "RM:HNU_FlexS",
    "ConversionSoftware": "dcm2niix",
    "ConversionSoftwareVersion": "v1.0.20200331",
    "DeviceSerialNumber": "00000070431MRS04",
    "EchoTime": 0.002612,
    "FlipAngle": 9,
    "ImageOrientationPatientDICOM": [
      0,
      1,
      0,
      0,
      0,
      -1
    ],
    "ImageType": [
      "ORIGINAL",
      "PRIMARY",
      "OTHER"
    ],
    "ImagingFrequency": 127.734,
    "InPlanePhaseEncodingDirectionDICOM": "ROW",
    "InstitutionName": "N_and_N_University_Hospital",
    "InversionTime": 0.9,
    "MRAcquisitionType": "3D",
    "MagneticFieldStrength": 3,
    "Manufacturer": "GE",
    "ManufacturersModelName": "DISCOVERY_MR750w",
    "Modality": "MR",
    "PatientPosition": "HFS",
    "PercentPhaseFOV": 100,
    "PercentSampling": 62.5,
    "PixelBandwidth": 390.625,
    "ProcedureStepDescription": "MRI_Head",
    "ProtocolName": "SAG_FSPGR_BRAVO",
    "ReconMatrixPE": 256,
    "RepetitionTime": 0.007008,
    "SAR": 0.0493557,
    "ScanOptions": "FAST_GEMS_NPW_EDR_GEMS_ACC_GEMS_IR_GEMS",
    "ScanningSequence": "GR",
    "SequenceVariant": "SS_SK_OSP",
    "SeriesDescription": "SAG_FSPGR_BRAVO",
    "SeriesNumber": 2,
    "SliceThickness": 0.9,
    "SoftwareVersions": "27_LX_MR_Software_release:DV26.0_EB_1706.a",
    "SpacingBetweenSlices": 0.9,
    "StationName": "nnmr04",
    "dataset": "ds003342",
    "modality": "T1w",
    "session_id": "action",
    "subject_id": "DT12"
  },
  "cjv": 0.5875540017824822,
  "cnr": 2.2056973447942254,
  "efc": 0.6000878383289755,
  "fber": 1806.3799717569605,
  "fwhm_avg": 4.315329886231763,
  "fwhm_x": 4.226822334194775,
  "fwhm_y": 4.282368614020188,
  "fwhm_z": 4.436798710480326,
  "icvs_csf": 0.17384411022628302,
  "icvs_gm": 0.4083755393181823,
  "icvs_wm": 0.4177803504555347,
  "inu_med": 0.9876078963279724,
  "inu_range": 1.1922575712203973,
  "provenance": {
    "md5sum": "bccd123cf6941f79056aa1d89022da85",
    "settings": {
      "testing": false
    },
    "software": "mriqc",
    "version": "22.0.6",
    "warnings": {
      "large_rot_frame": true,
      "small_air_mask": false
    },
    "webapi_port": null,
    "webapi_url": "https://mriqc.nimh.nih.gov/api/v1"
  },
  "qi_1": 0.0,
  "qi_2": 0.0003125271821247065,
  "rpve_csf": 24.576152678929045,
  "rpve_gm": 9.863572353924251,
  "rpve_wm": 10.784450721860292,
  "size_x": 196,
  "size_y": 256,
  "size_z": 256,
  "snr_csf": 2.085151319717825,
  "snr_gm": 7.512927853955234,
  "snr_total": 6.451644051657051,
  "snr_wm": 9.756852981298092,
  "snrd_csf": 6.435445808747094,
  "snrd_gm": 15.77971875212796,
  "snrd_total": 15.098600061676704,
  "snrd_wm": 23.080635624155057,
  "spacing_x": 0.8999999761581421,
  "spacing_y": 0.8984000086784363,
  "spacing_z": 0.8984000086784363,
  "summary_bg_k": 4.13286711958781,
  "summary_bg_mad": 28.384678214401124,
  "summary_bg_mean": 33.13929927659929,
  "summary_bg_median": 19.145174518227577,
  "summary_bg_n": 2697160.0,
  "summary_bg_p05": 0.0,
  "summary_bg_p95": 117.12700716406107,
  "summary_bg_stdv": 42.208195494935836,
  "summary_csf_k": 2.508888296687542,
  "summary_csf_mad": 133.24527289180656,
  "summary_csf_mean": 283.15344686273664,
  "summary_csf_median": 278.8244683817029,
  "summary_csf_n": 18798.0,
  "summary_csf_p05": 81.93707890547812,
  "summary_csf_p95": 503.5760131280868,
  "summary_csf_stdv": 133.71550031556274,
  "summary_gm_k": 0.07380243429396938,
  "summary_gm_mad": 90.48746144145072,
  "summary_gm_mean": 682.0708926894672,
  "summary_gm_median": 683.677840359509,
  "summary_gm_n": 26919.0,
  "summary_gm_p05": 529.2238400742411,
  "summary_gm_p95": 829.2848189167678,
  "summary_gm_stdv": 90.99849682231573,
  "summary_wm_k": 0.7317360026268389,
  "summary_wm_mad": 95.36890291781269,
  "summary_wm_mean": 1004.5126849358131,
  "summary_wm_median": 1000.0000231638551,
  "summary_wm_n": 222624.0,
  "summary_wm_p05": 844.2778074964881,
  "summary_wm_p95": 1180.8426588997245,
  "summary_wm_stdv": 102.49183616261638,
  "tpm_overlap_csf": 0.12773427408993082,
  "tpm_overlap_gm": 0.432083670046486,
  "tpm_overlap_wm": 0.4497045077714892,
  "wm2max": 0.324560188391744
}