{
  "aor": 0.001044494382022472,
  "aqi": 0.006218541685393259,
  "bids_meta": {
    "AcquisitionMatrixPE": 64,
    "AcquisitionNumber": 1,
    "AcquisitionTime": "13:13:29.000000",
    "BodyPartExamined": "BRAIN",
    "CoilString": "RM:HNU_FlexS",
    "ConversionSoftware": "dcm2niix",
    "ConversionSoftwareVersion": "v1.0.20200331",
    "DeviceSerialNumber": "00000070431MRS04",
    "EchoTime": 0.03,
    "EffectiveEchoSpacing": 0.000644,
    "FlipAngle": 78,
    "ImageOrientationPatientDICOM": [
      1,
      0,
      0,
      0,
      1,
      0
    ],
    "ImageType": [
      "ORIGINAL",
      "PRIMARY",
      "EPI",
      "NONE"
    ],
    "ImagingFrequency": 127.734,
    "InPlanePhaseEncodingDirectionDICOM": "COL",
    "InstitutionName": "N_and_N_University_Hospital",
    "MRAcquisitionType": "2D",
    "MagneticFieldStrength": 3,
    "Manufacturer": "GE",
    "ManufacturersModelName": "DISCOVERY_MR750w",
    "Modality": "MR",
    "PatientPosition": "HFS",
    "PercentPhaseFOV": 100,
    "PercentSampling": 100,
    "PhaseEncodingDirection": "j",
    "PhaseEncodingPolarityGE": "Flipped",
    "PixelBandwidth": 7812.5,
    "ProcedureStepDescription": "MRI_Head",
    "ProtocolName": "fMRI_7_PartA",
    "ReconMatrixPE": 64,
    "RepetitionTime": 2,
    "SAR": 0.0652739,
    "ScanOptions": "SAT_GEMS_EPI_GEMS_ACC_GEMS_FS",
    "ScanningSequence": "EP_GR",
    "SequenceVariant": "SS",
    "SeriesDescription": "fMRI_7_PartA",
    "SeriesNumber": 11,
    "SliceThickness": 3.3,
    "SliceTiming": [
      0,
      1.0285,
      0.0571001,
      1.0857,
      0.1142,
      1.1428,
      0.1714,
      1.2,
      0.2285,
      1.2571,
      0.2857,
      1.3143,
      0.3428,
      1.3714,
      0.4,
      1.4286,
      0.4571,
      1.4857,
      0.5142,
      1.5428,
      0.5714,
      1.6,
      0.6285,
      1.6571,
      0.6857,
      1.7143,
      0.7428,
      1.7714,
      0.8,
      1.8285,
      0.8571,
      1.8857,
      0.9143,
      1.9428,
      0.9714
    ],
    "SoftwareVersions": "27_LX_MR_Software_release:DV26.0_EB_1706.a",
    "SpacingBetweenSlices": 3.3,
    "StationName": "nnmr04",
    "TaskName": "grasp",
    "TotalReadoutTime": 0.040572,
    "dataset": "ds003342",
    "modality": "bold",
    "run_id": 7,
    "session_id": "action",
    "subject_id": "RS06",
    "task_id": "grasp"
  },
  "dummy_trs": 0,
  "dvars_nstd": 37.69276949757061,
  "dvars_std": 1.0353609852542374,
  "dvars_vstd": 1.0147240879096044,
  "efc": 0.5260466478165542,
  "fber": 3149.018798828125,
  "fd_mean": 0.2080616622733242,
  "fd_num": 74,
  "fd_perc": 41.57303370786517,
  "fwhm_avg": 2.8832243668030757,
  "fwhm_x": 2.8709666360909853,
  "fwhm_y": 2.968160969161498,
  "fwhm_z": 2.8105454951567435,
  "gcor": 0.0138407,
  "gsr_x": 0.008844489231705666,
  "gsr_y": 0.04255296662449837,
  "provenance": {
    "md5sum": "a5146f975e056272db6daa8fb19278e0",
    "settings": {
      "fd_thres": 0.2,
      "testing": false
    },
    "software": "mriqc",
    "version": "22.0.6",
    "webapi_port": null,
    "webapi_url": "https://mriqc.nimh.nih.gov/api/v1"
  },
  "size_t": 178,
  "size_x": 64,
  "size_y": 64,
  "size_z": 35,
  "snr": 3.6354450475964275,
  "spacing_tr": 2.0,
  "spacing_x": 3.2969000339508057,
  "spacing_y": 3.2969000339508057,
  "spacing_z": 3.299999952316284,
  "summary_bg_k": 39.25193970875853,
  "summary_bg_mad": 18.89068489185509,
  "summary_bg_mean": 54.76560974121094,
  "summary_bg_median": 26.162921905517578,
  "summary_bg_n": 80998.0,
  "summary_bg_p05": 1.6115168273448965,
  "summary_bg_p95": 223.44887313842753,
  "summary_bg_stdv": 96.95375061035156,
  "summary_fg_k": 0.048840986405321196,
  "summary_fg_mad": 405.66653509906,
  "summary_fg_mean": 1489.307861328125,
  "summary_fg_median": 1437.41015625,
  "summary_fg_n": 32841.0,
  "summary_fg_p05": 934.8427124023438,
  "summary_fg_p95": 2214.028076171875,
  "summary_fg_stdv": 395.38165283203125,
  "tsnr": 35.99141143891029
}