{
  "aor": 0.0009192696629213483,
  "aqi": 0.008416416573033709,
  "bids_meta": {
    "AcquisitionMatrixPE": 64,
    "AcquisitionNumber": 1,
    "AcquisitionTime": "12:27:40.000000",
    "BodyPartExamined": "BRAIN",
    "CoilString": "RM:HNU_FlexS",
    "ConversionSoftware": "dcm2niix",
    "ConversionSoftwareVersion": "v1.0.20200331",
    "DeviceSerialNumber": "00000070431MRS04",
    "EchoTime": 0.03,
    "EffectiveEchoSpacing": 0.000644,
    "FlipAngle": 78,
    "ImageOrientationPatientDICOM": [
      1,
      0,
      0,
      0,
      1,
      0
    ],
    "ImageType": [
      "ORIGINAL",
      "PRIMARY",
      "EPI",
      "NONE"
    ],
    "ImagingFrequency": 127.734,
    "InPlanePhaseEncodingDirectionDICOM": "COL",
    "InstitutionName": "N_and_N_University_Hospital",
    "MRAcquisitionType": "2D",
    "MagneticFieldStrength": 3,
    "Manufacturer": "GE",
    "ManufacturersModelName": "DISCOVERY_MR750w",
    "Modality": "MR",
    "PatientPosition": "HFS",
    "PercentPhaseFOV": 100,
    "PercentSampling": 100,
    "PhaseEncodingDirection": "j",
    "PhaseEncodingPolarityGE": "Flipped",
    "PixelBandwidth": 7812.5,
    "ProcedureStepDescription": "MRI_Head",
    "ProtocolName": "fMRI_1_PartA",
    "ReconMatrixPE": 64,
    "RepetitionTime": 2,
    "SAR": 0.0658504,
    "ScanOptions": "SAT_GEMS_EPI_GEMS_ACC_GEMS_FS",
    "ScanningSequence": "EP_GR",
    "SequenceVariant": "SS",
    "SeriesDescription": "fMRI_1_PartA",
    "SeriesNumber": 5,
    "SliceThickness": 3.3,
    "SliceTiming": [
      0,
      1.0285,
      0.0571001,
      1.0857,
      0.1142,
      1.1428,
      0.1714,
      1.2,
      0.2285,
      1.2571,
      0.2857,
      1.3143,
      0.3428,
      1.3714,
      0.4,
      1.4286,
      0.4571,
      1.4857,
      0.5142,
      1.5428,
      0.5714,
      1.6,
      0.6285,
      1.6571,
      0.6857,
      1.7143,
      0.7428,
      1.7714,
      0.8,
      1.8285,
      0.8571,
      1.8857,
      0.9143,
      1.9428,
      0.9714
    ],
    "SoftwareVersions": "27_LX_MR_Software_release:DV26.0_EB_1706.a",
    "SpacingBetweenSlices": 3.3,
    "StationName": "nnmr04",
    "TaskName": "grasp",
    "TotalReadoutTime": 0.040572,
    "dataset": "ds003342",
    "modality": "bold",
    "run_id": 1,
    "session_id": "action",
    "subject_id": "RS06",
    "task_id": "grasp"
  },
  "dummy_trs": 0,
  "dvars_nstd": 38.33464203276838,
  "dvars_std": 1.0305774083050852,
  "dvars_vstd": 1.0120379501129941,
  "efc": 0.532919721706093,
  "fber": 3190.68896484375,
  "fd_mean": 0.25864162474488095,
  "fd_num": 97,
  "fd_perc": 54.49438202247191,
  "fwhm_avg": 2.8360674880265933,
  "fwhm_x": 2.8037307485247,
  "fwhm_y": 2.886008038465741,
  "fwhm_z": 2.8184636770893396,
  "gcor": 0.018697,
  "gsr_x": 0.0067091649398207664,
  "gsr_y": 0.042348094284534454,
  "provenance": {
    "md5sum": "fab0389de4b0c4e98713712d6297eb36",
    "settings": {
      "fd_thres": 0.2,
      "testing": false
    },
    "software": "mriqc",
    "version": "22.0.6",
    "webapi_port": null,
    "webapi_url": "https://mriqc.nimh.nih.gov/api/v1"
  },
  "size_t": 178,
  "size_x": 64,
  "size_y": 64,
  "size_z": 35,
  "snr": 3.721713653757558,
  "spacing_tr": 2.0,
  "spacing_x": 3.2969000339508057,
  "spacing_y": 3.2969000339508057,
  "spacing_z": 3.299999952316284,
  "summary_bg_k": 44.41422755256436,
  "summary_bg_mad": 18.832380500869316,
  "summary_bg_mean": 56.398963928222656,
  "summary_bg_median": 25.98314666748047,
  "summary_bg_n": 79933.0,
  "summary_bg_p05": 1.6662920951843283,
  "summary_bg_p95": 235.6000030517576,
  "summary_bg_stdv": 104.02838897705078,
  "summary_fg_k": 0.17586067212587198,
  "summary_fg_mad": 394.93015675330713,
  "summary_fg_mean": 1493.4443359375,
  "summary_fg_median": 1448.03369140625,
  "summary_fg_n": 33620.0,
  "summary_fg_p05": 941.4267211914063,
  "summary_fg_p95": 2198.7363647460934,
  "summary_fg_stdv": 389.07135009765625,
  "tsnr": 33.966464010300115
}