{
  "aor": 0.001355056179775281,
  "aqi": 0.007757431573033708,
  "bids_meta": {
    "AcquisitionMatrixPE": 64,
    "AcquisitionNumber": 1,
    "AcquisitionTime": "12:58:47.000000",
    "BodyPartExamined": "BRAIN",
    "CoilString": "RM:HNU_FlexS",
    "ConversionSoftware": "dcm2niix",
    "ConversionSoftwareVersion": "v1.0.20200331",
    "DeviceSerialNumber": "00000070431MRS04",
    "EchoTime": 0.03,
    "EffectiveEchoSpacing": 0.000644,
    "FlipAngle": 78,
    "ImageOrientationPatientDICOM": [
      1,
      0,
      0,
      0,
      1,
      0
    ],
    "ImageType": [
      "ORIGINAL",
      "PRIMARY",
      "EPI",
      "NONE"
    ],
    "ImagingFrequency": 127.734,
    "InPlanePhaseEncodingDirectionDICOM": "COL",
    "InstitutionName": "N_and_N_University_Hospital",
    "MRAcquisitionType": "2D",
    "MagneticFieldStrength": 3,
    "Manufacturer": "GE",
    "ManufacturersModelName": "DISCOVERY_MR750w",
    "Modality": "MR",
    "PatientPosition": "HFS",
    "PercentPhaseFOV": 100,
    "PercentSampling": 100,
    "PhaseEncodingDirection": "j",
    "PhaseEncodingPolarityGE": "Flipped",
    "PixelBandwidth": 7812.5,
    "ProcedureStepDescription": "MRI_Head",
    "ProtocolName": "fMRI_5_PartA",
    "ReconMatrixPE": 64,
    "RepetitionTime": 2,
    "SAR": 0.0652739,
    "ScanOptions": "SAT_GEMS_EPI_GEMS_ACC_GEMS_FS",
    "ScanningSequence": "EP_GR",
    "SequenceVariant": "SS",
    "SeriesDescription": "fMRI_5_PartA",
    "SeriesNumber": 9,
    "SliceThickness": 3.3,
    "SliceTiming": [
      0,
      1.0285,
      0.0571001,
      1.0857,
      0.1142,
      1.1428,
      0.1714,
      1.2,
      0.2285,
      1.2571,
      0.2857,
      1.3143,
      0.3428,
      1.3714,
      0.4,
      1.4286,
      0.4571,
      1.4857,
      0.5142,
      1.5428,
      0.5714,
      1.6,
      0.6285,
      1.6571,
      0.6857,
      1.7143,
      0.7428,
      1.7714,
      0.8,
      1.8285,
      0.8571,
      1.8857,
      0.9143,
      1.9428,
      0.9714
    ],
    "SoftwareVersions": "27_LX_MR_Software_release:DV26.0_EB_1706.a",
    "SpacingBetweenSlices": 3.3,
    "StationName": "nnmr04",
    "TaskName": "grasp",
    "TotalReadoutTime": 0.040572,
    "dataset": "ds003342",
    "modality": "bold",
    "run_id": 5,
    "session_id": "action",
    "subject_id": "RS06",
    "task_id": "grasp"
  },
  "dummy_trs": 0,
  "dvars_nstd": 37.97292976610168,
  "dvars_std": 1.0359260088135591,
  "dvars_vstd": 1.017202771468927,
  "efc": 0.5341895443461885,
  "fber": 3107.373779296875,
  "fd_mean": 0.2335348011712239,
  "fd_num": 73,
  "fd_perc": 41.01123595505618,
  "fwhm_avg": 2.8491966911007265,
  "fwhm_x": 2.7888531363754403,
  "fwhm_y": 2.9231793201964593,
  "fwhm_z": 2.8355576167302803,
  "gcor": 0.0112173,
  "gsr_x": 0.0075047253631055355,
  "gsr_y": 0.04273480549454689,
  "provenance": {
    "md5sum": "9f2e73b71188e8c1c94b27f58a8c43b8",
    "settings": {
      "fd_thres": 0.2,
      "testing": false
    },
    "software": "mriqc",
    "version": "22.0.6",
    "webapi_port": null,
    "webapi_url": "https://mriqc.nimh.nih.gov/api/v1"
  },
  "size_t": 178,
  "size_x": 64,
  "size_y": 64,
  "size_z": 35,
  "snr": 3.6675397121994626,
  "spacing_tr": 2.0,
  "spacing_x": 3.2969000339508057,
  "spacing_y": 3.2969000339508057,
  "spacing_z": 3.299999952316284,
  "summary_bg_k": 39.74441836160415,
  "summary_bg_mad": 18.83237908694966,
  "summary_bg_mean": 56.068138122558594,
  "summary_bg_median": 25.926965713500977,
  "summary_bg_n": 79697.0,
  "summary_bg_p05": 1.4775280952453613,
  "summary_bg_p95": 233.82135009765608,
  "summary_bg_stdv": 101.62434387207031,
  "summary_fg_k": 0.13979806503434355,
  "summary_fg_mad": 396.2504183724475,
  "summary_fg_mean": 1478.2041015625,
  "summary_fg_median": 1426.25,
  "summary_fg_n": 33868.0,
  "summary_fg_p05": 936.7924163818359,
  "summary_fg_p95": 2191.1572265624995,
  "summary_fg_stdv": 388.8789367675781,
  "tsnr": 34.661055410280824
}