{
  "aor": 0.0010157303370786515,
  "aqi": 0.007110320898876405,
  "bids_meta": {
    "AcquisitionMatrixPE": 64,
    "AcquisitionNumber": 1,
    "AcquisitionTime": "13:05:58.000000",
    "BodyPartExamined": "BRAIN",
    "CoilString": "RM:HNU_FlexS",
    "ConversionSoftware": "dcm2niix",
    "ConversionSoftwareVersion": "v1.0.20200331",
    "DeviceSerialNumber": "00000070431MRS04",
    "EchoTime": 0.03,
    "EffectiveEchoSpacing": 0.000644,
    "FlipAngle": 78,
    "ImageOrientationPatientDICOM": [
      1,
      0,
      0,
      0,
      1,
      0
    ],
    "ImageType": [
      "ORIGINAL",
      "PRIMARY",
      "EPI",
      "NONE"
    ],
    "ImagingFrequency": 127.734,
    "InPlanePhaseEncodingDirectionDICOM": "COL",
    "InstitutionName": "N_and_N_University_Hospital",
    "MRAcquisitionType": "2D",
    "MagneticFieldStrength": 3,
    "Manufacturer": "GE",
    "ManufacturersModelName": "DISCOVERY_MR750w",
    "Modality": "MR",
    "PatientPosition": "HFS",
    "PercentPhaseFOV": 100,
    "PercentSampling": 100,
    "PhaseEncodingDirection": "j",
    "PhaseEncodingPolarityGE": "Flipped",
    "PixelBandwidth": 7812.5,
    "ProcedureStepDescription": "MRI_Head",
    "ProtocolName": "fMRI_6_PartA",
    "ReconMatrixPE": 64,
    "RepetitionTime": 2,
    "SAR": 0.0652739,
    "ScanOptions": "SAT_GEMS_EPI_GEMS_ACC_GEMS_FS",
    "ScanningSequence": "EP_GR",
    "SequenceVariant": "SS",
    "SeriesDescription": "fMRI_6_PartA",
    "SeriesNumber": 10,
    "SliceThickness": 3.3,
    "SliceTiming": [
      0,
      1.0285,
      0.0571001,
      1.0857,
      0.1142,
      1.1428,
      0.1714,
      1.2,
      0.2285,
      1.2571,
      0.2857,
      1.3143,
      0.3428,
      1.3714,
      0.4,
      1.4286,
      0.4571,
      1.4857,
      0.5142,
      1.5428,
      0.5714,
      1.6,
      0.6285,
      1.6571,
      0.6857,
      1.7143,
      0.7428,
      1.7714,
      0.8,
      1.8285,
      0.8571,
      1.8857,
      0.9143,
      1.9428,
      0.9714
    ],
    "SoftwareVersions": "27_LX_MR_Software_release:DV26.0_EB_1706.a",
    "SpacingBetweenSlices": 3.3,
    "StationName": "nnmr04",
    "TaskName": "grasp",
    "TotalReadoutTime": 0.040572,
    "dataset": "ds003342",
    "modality": "bold",
    "run_id": 6,
    "session_id": "action",
    "subject_id": "RS06",
    "task_id": "grasp"
  },
  "dummy_trs": 0,
  "dvars_nstd": 37.86866880954803,
  "dvars_std": 1.0299409080225992,
  "dvars_vstd": 1.0100021692090393,
  "efc": 0.5312167408512426,
  "fber": 3055.66943359375,
  "fd_mean": 0.20903885718173365,
  "fd_num": 76,
  "fd_perc": 42.69662921348315,
  "fwhm_avg": 2.884721451008476,
  "fwhm_x": 2.8649731270987453,
  "fwhm_y": 2.9712942155121986,
  "fwhm_z": 2.817897010414485,
  "gcor": 0.0137073,
  "gsr_x": 0.007493109442293644,
  "gsr_y": 0.043032582849264145,
  "provenance": {
    "md5sum": "e383d32ce3e0be9a74dff020c5b67dc2",
    "settings": {
      "fd_thres": 0.2,
      "testing": false
    },
    "software": "mriqc",
    "version": "22.0.6",
    "webapi_port": null,
    "webapi_url": "https://mriqc.nimh.nih.gov/api/v1"
  },
  "size_t": 178,
  "size_x": 64,
  "size_y": 64,
  "size_z": 35,
  "snr": 3.608006643780048,
  "spacing_tr": 2.0,
  "spacing_x": 3.2969000339508057,
  "spacing_y": 3.2969000339508057,
  "spacing_z": 3.299999952316284,
  "summary_bg_k": 40.78391381603421,
  "summary_bg_mad": 19.098917081535166,
  "summary_bg_mean": 56.04288864135742,
  "summary_bg_median": 26.185394287109375,
  "summary_bg_n": 80113.0,
  "summary_bg_p05": 1.4438202381134033,
  "summary_bg_p95": 233.50224609374996,
  "summary_bg_stdv": 101.49805450439453,
  "summary_fg_k": 0.06483825071422533,
  "summary_fg_mad": 408.4110323332553,
  "summary_fg_mean": 1483.0657958984375,
  "summary_fg_median": 1433.08984375,
  "summary_fg_n": 33512.0,
  "summary_fg_p05": 923.6634979248047,
  "summary_fg_p95": 2211.1339233398435,
  "summary_fg_stdv": 397.1911926269531,
  "tsnr": 35.006642630905844
}