{
  "aor": 0.0007790178571428571,
  "aqi": 0.004135051428571428,
  "bids_meta": {
    "AcquisitionMatrixPE": 64,
    "AcquisitionNumber": 1,
    "AcquisitionTime": "09:51:20.000000",
    "BodyPartExamined": "BRAIN",
    "CoilString": "Head+Neck_40",
    "ConversionSoftware": "dcm2niix",
    "ConversionSoftwareVersion": "v1.0.20200331",
    "DeviceSerialNumber": "00000070431MRS04",
    "EchoTime": 0.03,
    "EffectiveEchoSpacing": 0.000644,
    "FlipAngle": 78,
    "ImageOrientationPatientDICOM": [
      1,
      0,
      0,
      0,
      1,
      0
    ],
    "ImageType": [
      "ORIGINAL",
      "PRIMARY",
      "EPI",
      "NONE"
    ],
    "ImagingFrequency": 127.734,
    "InPlanePhaseEncodingDirectionDICOM": "ROW",
    "InstitutionName": "N_and_N_University_Hospital",
    "MRAcquisitionType": "2D",
    "MagneticFieldStrength": 3,
    "Manufacturer": "GE",
    "ManufacturersModelName": "DISCOVERY_MR750w",
    "Modality": "MR",
    "PatientPosition": "HFS",
    "PercentPhaseFOV": 100,
    "PercentSampling": 100,
    "PhaseEncodingDirection": "i-",
    "PhaseEncodingPolarityGE": "Flipped",
    "PixelBandwidth": 7812.5,
    "ProcedureStepDescription": "MRI_Head",
    "ProtocolName": "fMRI_3_PartB",
    "ReconMatrixPE": 64,
    "RepetitionTime": 2,
    "SAR": 0.0682691,
    "ScanOptions": "SAT_GEMS_EPI_GEMS_ACC_GEMS_FS",
    "ScanningSequence": "EP_GR",
    "SequenceVariant": "SS",
    "SeriesDescription": "fMRI_3_PartB",
    "SeriesNumber": 7,
    "SliceThickness": 3.3,
    "SliceTiming": [
      0,
      1.0285,
      0.0571001,
      1.0857,
      0.1142,
      1.1428,
      0.1714,
      1.2,
      0.2285,
      1.2571,
      0.2857,
      1.3143,
      0.3428,
      1.3714,
      0.4,
      1.4286,
      0.4571,
      1.4857,
      0.5142,
      1.5428,
      0.5714,
      1.6,
      0.6285,
      1.6571,
      0.6857,
      1.7143,
      0.7428,
      1.7714,
      0.8,
      1.8285,
      0.8571,
      1.8857,
      0.9143,
      1.9428,
      0.9714
    ],
    "SoftwareVersions": "27_LX_MR_Software_release:DV26.0_EB_1706.a",
    "SpacingBetweenSlices": 3.3,
    "StationName": "nnmr04",
    "TaskName": "localiser",
    "TotalReadoutTime": 0.040572,
    "dataset": "ds003342",
    "modality": "bold",
    "run_id": 3,
    "session_id": "localiser",
    "subject_id": "KH02",
    "task_id": "localiser"
  },
  "dummy_trs": 0,
  "dvars_nstd": 19.24088396829596,
  "dvars_std": 1.084429280313902,
  "dvars_vstd": 0.9886579413004488,
  "efc": 0.5386335434326228,
  "fber": 10089.064453125,
  "fd_mean": 0.09305598427974685,
  "fd_num": 22,
  "fd_perc": 9.821428571428571,
  "fwhm_avg": 2.2531547358127124,
  "fwhm_x": 2.2173253434195814,
  "fwhm_y": 2.395708064746817,
  "fwhm_z": 2.1464307992717395,
  "gcor": 0.0658971,
  "gsr_x": 0.012110752053558826,
  "gsr_y": 0.01396592240780592,
  "provenance": {
    "md5sum": "745442fe614c596b00506ec28626fdc0",
    "settings": {
      "fd_thres": 0.2,
      "testing": false
    },
    "software": "mriqc",
    "version": "22.0.6",
    "webapi_port": null,
    "webapi_url": "https://mriqc.nimh.nih.gov/api/v1"
  },
  "size_t": 224,
  "size_x": 64,
  "size_y": 64,
  "size_z": 35,
  "snr": 5.484196169203339,
  "spacing_tr": 2.0,
  "spacing_x": 3.2969000339508057,
  "spacing_y": 3.2969000339508057,
  "spacing_z": 3.299999237060547,
  "summary_bg_k": 31.1614491331923,
  "summary_bg_mad": 52.552956061962625,
  "summary_bg_mean": 142.41700744628906,
  "summary_bg_median": 38.31919860839844,
  "summary_bg_n": 77832.0,
  "summary_bg_p05": 0.7187500596046448,
  "summary_bg_p95": 642.9058258056638,
  "summary_bg_stdv": 296.9137878417969,
  "summary_fg_k": 1.67896979830277,
  "summary_fg_mad": 596.4958283630895,
  "summary_fg_mean": 3901.109619140625,
  "summary_fg_median": 3834.524658203125,
  "summary_fg_n": 32692.0,
  "summary_fg_p05": 2862.52138671875,
  "summary_fg_p95": 5112.568212890625,
  "summary_fg_stdv": 699.1846923828125,
  "tsnr": 72.10589751647785
}