{
  "aor": 0.0004525892857142857,
  "aqi": 0.004484618750000001,
  "bids_meta": {
    "AcquisitionMatrixPE": 64,
    "AcquisitionNumber": 1,
    "AcquisitionTime": "13:33:11.000000",
    "BodyPartExamined": "BRAIN",
    "CoilString": "Head+Neck_40",
    "ConversionSoftware": "dcm2niix",
    "ConversionSoftwareVersion": "v1.0.20200331",
    "DeviceSerialNumber": "00000070431MRS04",
    "EchoTime": 0.03,
    "EffectiveEchoSpacing": 0.000644,
    "FlipAngle": 78,
    "ImageOrientationPatientDICOM": [
      1,
      0,
      0,
      0,
      1,
      0
    ],
    "ImageType": [
      "ORIGINAL",
      "PRIMARY",
      "EPI",
      "NONE"
    ],
    "ImagingFrequency": 127.734,
    "InPlanePhaseEncodingDirectionDICOM": "ROW",
    "InstitutionName": "N_and_N_University_Hospital",
    "MRAcquisitionType": "2D",
    "MagneticFieldStrength": 3,
    "Manufacturer": "GE",
    "ManufacturersModelName": "DISCOVERY_MR750w",
    "Modality": "MR",
    "PatientPosition": "HFS",
    "PercentPhaseFOV": 100,
    "PercentSampling": 100,
    "PhaseEncodingDirection": "i-",
    "PhaseEncodingPolarityGE": "Flipped",
    "PixelBandwidth": 7812.5,
    "ProcedureStepDescription": "MRI_Head",
    "ProtocolName": "fMRI_2_PartB",
    "ReconMatrixPE": 64,
    "RepetitionTime": 2,
    "SAR": 0.0556044,
    "ScanOptions": "SAT_GEMS_EPI_GEMS_ACC_GEMS_FS",
    "ScanningSequence": "EP_GR",
    "SequenceVariant": "SS",
    "SeriesDescription": "fMRI_2_PartB",
    "SeriesNumber": 5,
    "SliceThickness": 3.3,
    "SliceTiming": [
      0,
      1.0285,
      0.0571001,
      1.0857,
      0.1142,
      1.1428,
      0.1714,
      1.2,
      0.2285,
      1.2571,
      0.2857,
      1.3143,
      0.3428,
      1.3714,
      0.4,
      1.4286,
      0.4571,
      1.4857,
      0.5142,
      1.5428,
      0.5714,
      1.6,
      0.6285,
      1.6571,
      0.6857,
      1.7143,
      0.7428,
      1.7714,
      0.8,
      1.8285,
      0.8571,
      1.8857,
      0.9143,
      1.9428,
      0.9714
    ],
    "SoftwareVersions": "27_LX_MR_Software_release:DV26.0_EB_1706.a",
    "SpacingBetweenSlices": 3.3,
    "StationName": "nnmr04",
    "TaskName": "localiser",
    "TotalReadoutTime": 0.040572,
    "dataset": "ds003342",
    "modality": "bold",
    "run_id": 2,
    "session_id": "localiser",
    "subject_id": "JM15",
    "task_id": "localiser"
  },
  "dummy_trs": 0,
  "dvars_nstd": 15.202233631076222,
  "dvars_std": 1.0513257574439463,
  "dvars_vstd": 0.9874882066367713,
  "efc": 0.4431802663180888,
  "fber": 36977.99609375,
  "fd_mean": 0.05241946990849074,
  "fd_num": 1,
  "fd_perc": 0.44642857142857145,
  "fwhm_avg": 2.119550981139942,
  "fwhm_x": 2.087688413091479,
  "fwhm_y": 2.2706875922558547,
  "fwhm_z": 2.000276938072493,
  "gcor": 0.0150398,
  "gsr_x": -0.007019685115665197,
  "gsr_y": 0.014036032371222973,
  "provenance": {
    "md5sum": "c1d51ef40820dc5350aa24668c4b07e4",
    "settings": {
      "fd_thres": 0.2,
      "testing": false
    },
    "software": "mriqc",
    "version": "22.0.6",
    "webapi_port": null,
    "webapi_url": "https://mriqc.nimh.nih.gov/api/v1"
  },
  "size_t": 224,
  "size_x": 64,
  "size_y": 64,
  "size_z": 35,
  "snr": 7.573333051410881,
  "spacing_tr": 2.0,
  "spacing_x": 3.2969000339508057,
  "spacing_y": 3.2969000339508057,
  "spacing_z": 3.3000030517578125,
  "summary_bg_k": 75.67831978736358,
  "summary_bg_mad": 29.592477348872354,
  "summary_bg_mean": 89.43048858642578,
  "summary_bg_median": 22.361608505249023,
  "summary_bg_n": 91778.0,
  "summary_bg_p05": 0.9464285969734192,
  "summary_bg_p95": 391.80583038330053,
  "summary_bg_stdv": 215.81101989746094,
  "summary_fg_k": 2.0188538643064637,
  "summary_fg_mad": 461.44690982630755,
  "summary_fg_mean": 4248.57421875,
  "summary_fg_median": 4237.2724609375,
  "summary_fg_n": 22139.0,
  "summary_fg_p05": 3318.7989013671877,
  "summary_fg_p95": 5142.83203125,
  "summary_fg_stdv": 559.4863891601562,
  "tsnr": 90.14908546209335
}