{
  "aor": 0.00044424107142857145,
  "aqi": 0.006235886473214285,
  "bids_meta": {
    "AcquisitionMatrixPE": 64,
    "AcquisitionNumber": 1,
    "AcquisitionTime": "13:42:0.000000",
    "BodyPartExamined": "BRAIN",
    "CoilString": "Head+Neck_40",
    "ConversionSoftware": "dcm2niix",
    "ConversionSoftwareVersion": "v1.0.20200331",
    "DeviceSerialNumber": "00000070431MRS04",
    "EchoTime": 0.03,
    "EffectiveEchoSpacing": 0.000644,
    "FlipAngle": 78,
    "ImageOrientationPatientDICOM": [
      1,
      0,
      0,
      0,
      1,
      0
    ],
    "ImageType": [
      "ORIGINAL",
      "PRIMARY",
      "EPI",
      "NONE"
    ],
    "ImagingFrequency": 127.734,
    "InPlanePhaseEncodingDirectionDICOM": "ROW",
    "InstitutionName": "N_and_N_University_Hospital",
    "MRAcquisitionType": "2D",
    "MagneticFieldStrength": 3,
    "Manufacturer": "GE",
    "ManufacturersModelName": "DISCOVERY_MR750w",
    "Modality": "MR",
    "PatientPosition": "HFS",
    "PercentPhaseFOV": 100,
    "PercentSampling": 100,
    "PhaseEncodingDirection": "i-",
    "PhaseEncodingPolarityGE": "Flipped",
    "PixelBandwidth": 7812.5,
    "ProcedureStepDescription": "MRI_Head",
    "ProtocolName": "fMRI_3_PartB",
    "ReconMatrixPE": 64,
    "RepetitionTime": 2,
    "SAR": 0.0556044,
    "ScanOptions": "SAT_GEMS_EPI_GEMS_ACC_GEMS_FS",
    "ScanningSequence": "EP_GR",
    "SequenceVariant": "SS",
    "SeriesDescription": "fMRI_3_PartB",
    "SeriesNumber": 6,
    "SliceThickness": 3.3,
    "SliceTiming": [
      0,
      1.0285,
      0.0571001,
      1.0857,
      0.1142,
      1.1428,
      0.1714,
      1.2,
      0.2285,
      1.2571,
      0.2857,
      1.3143,
      0.3428,
      1.3714,
      0.4,
      1.4286,
      0.4571,
      1.4857,
      0.5142,
      1.5428,
      0.5714,
      1.6,
      0.6285,
      1.6571,
      0.6857,
      1.7143,
      0.7428,
      1.7714,
      0.8,
      1.8285,
      0.8571,
      1.8857,
      0.9143,
      1.9428,
      0.9714
    ],
    "SoftwareVersions": "27_LX_MR_Software_release:DV26.0_EB_1706.a",
    "SpacingBetweenSlices": 3.3,
    "StationName": "nnmr04",
    "TaskName": "localiser",
    "TotalReadoutTime": 0.040572,
    "dataset": "ds003342",
    "modality": "bold",
    "run_id": 3,
    "session_id": "localiser",
    "subject_id": "JM15",
    "task_id": "localiser"
  },
  "dummy_trs": 0,
  "dvars_nstd": 15.231102703721977,
  "dvars_std": 1.0313524191031396,
  "dvars_vstd": 0.969568872690583,
  "efc": 0.4438583522595922,
  "fber": 36645.078125,
  "fd_mean": 0.0626387799984002,
  "fd_num": 2,
  "fd_perc": 0.8928571428571429,
  "fwhm_avg": 2.119123180219332,
  "fwhm_x": 2.0939185079649913,
  "fwhm_y": 2.2627710646901935,
  "fwhm_z": 2.000679968002811,
  "gcor": 0.0152956,
  "gsr_x": -0.0067039187997579575,
  "gsr_y": 0.015177218243479729,
  "provenance": {
    "md5sum": "6965dbe7f1254719f2480eec96094797",
    "settings": {
      "fd_thres": 0.2,
      "testing": false
    },
    "software": "mriqc",
    "version": "22.0.6",
    "webapi_port": null,
    "webapi_url": "https://mriqc.nimh.nih.gov/api/v1"
  },
  "size_t": 224,
  "size_x": 64,
  "size_y": 64,
  "size_z": 35,
  "snr": 7.610474276240378,
  "spacing_tr": 2.0,
  "spacing_x": 3.2969000339508057,
  "spacing_y": 3.2969000339508057,
  "spacing_z": 3.3000030517578125,
  "summary_bg_k": 85.01930891896345,
  "summary_bg_mad": 30.02931525005353,
  "summary_bg_mean": 91.03593444824219,
  "summary_bg_median": 22.642858505249023,
  "summary_bg_n": 91814.0,
  "summary_bg_p05": 0.9002232372760797,
  "summary_bg_p95": 396.08908386230405,
  "summary_bg_stdv": 221.57681274414062,
  "summary_fg_k": 2.00935851991278,
  "summary_fg_mad": 459.08690824802227,
  "summary_fg_mean": 4249.4306640625,
  "summary_fg_median": 4235.04931640625,
  "summary_fg_n": 22096.0,
  "summary_fg_p05": 3349.72216796875,
  "summary_fg_p95": 5154.2681884765625,
  "summary_fg_stdv": 556.4638061523438,
  "tsnr": 79.07114530960098
}