{
  "aor": 0.00030209821428571433,
  "aqi": 0.006522918258928571,
  "bids_meta": {
    "AcquisitionMatrixPE": 64,
    "AcquisitionNumber": 1,
    "AcquisitionTime": "13:50:30.000000",
    "BodyPartExamined": "BRAIN",
    "CoilString": "Head+Neck_40",
    "ConversionSoftware": "dcm2niix",
    "ConversionSoftwareVersion": "v1.0.20200331",
    "DeviceSerialNumber": "00000070431MRS04",
    "EchoTime": 0.03,
    "EffectiveEchoSpacing": 0.000644,
    "FlipAngle": 78,
    "ImageOrientationPatientDICOM": [
      1,
      0,
      0,
      0,
      1,
      0
    ],
    "ImageType": [
      "ORIGINAL",
      "PRIMARY",
      "EPI",
      "NONE"
    ],
    "ImagingFrequency": 127.734,
    "InPlanePhaseEncodingDirectionDICOM": "ROW",
    "InstitutionName": "N_and_N_University_Hospital",
    "MRAcquisitionType": "2D",
    "MagneticFieldStrength": 3,
    "Manufacturer": "GE",
    "ManufacturersModelName": "DISCOVERY_MR750w",
    "Modality": "MR",
    "PatientPosition": "HFS",
    "PercentPhaseFOV": 100,
    "PercentSampling": 100,
    "PhaseEncodingDirection": "i-",
    "PhaseEncodingPolarityGE": "Flipped",
    "PixelBandwidth": 7812.5,
    "ProcedureStepDescription": "MRI_Head",
    "ProtocolName": "fMRI_4_PartB",
    "ReconMatrixPE": 64,
    "RepetitionTime": 2,
    "SAR": 0.0556044,
    "ScanOptions": "SAT_GEMS_EPI_GEMS_ACC_GEMS_FS",
    "ScanningSequence": "EP_GR",
    "SequenceVariant": "SS",
    "SeriesDescription": "fMRI_4_PartB",
    "SeriesNumber": 7,
    "SliceThickness": 3.3,
    "SliceTiming": [
      0,
      1.0285,
      0.0571001,
      1.0857,
      0.1142,
      1.1428,
      0.1714,
      1.2,
      0.2285,
      1.2571,
      0.2857,
      1.3143,
      0.3428,
      1.3714,
      0.4,
      1.4286,
      0.4571,
      1.4857,
      0.5142,
      1.5428,
      0.5714,
      1.6,
      0.6285,
      1.6571,
      0.6857,
      1.7143,
      0.7428,
      1.7714,
      0.8,
      1.8285,
      0.8571,
      1.8857,
      0.9143,
      1.9428,
      0.9714
    ],
    "SoftwareVersions": "27_LX_MR_Software_release:DV26.0_EB_1706.a",
    "SpacingBetweenSlices": 3.3,
    "StationName": "nnmr04",
    "TaskName": "localiser",
    "TotalReadoutTime": 0.040572,
    "dataset": "ds003342",
    "modality": "bold",
    "run_id": 4,
    "session_id": "localiser",
    "subject_id": "JM15",
    "task_id": "localiser"
  },
  "dummy_trs": 0,
  "dvars_nstd": 15.425613027040349,
  "dvars_std": 1.0195196897757848,
  "dvars_vstd": 0.958034890224215,
  "efc": 0.4430657856866065,
  "fber": 36346.31640625,
  "fd_mean": 0.06606519145703199,
  "fd_num": 3,
  "fd_perc": 1.3392857142857142,
  "fwhm_avg": 2.1291840124295525,
  "fwhm_x": 2.097585589124717,
  "fwhm_y": 2.288859207828987,
  "fwhm_z": 2.001107240334953,
  "gcor": 0.0161267,
  "gsr_x": -0.006382204592227936,
  "gsr_y": 0.01620640605688095,
  "provenance": {
    "md5sum": "aee9f50e7dfbfef403605f9fea28cc3f",
    "settings": {
      "fd_thres": 0.2,
      "testing": false
    },
    "software": "mriqc",
    "version": "22.0.6",
    "webapi_port": null,
    "webapi_url": "https://mriqc.nimh.nih.gov/api/v1"
  },
  "size_t": 224,
  "size_x": 64,
  "size_y": 64,
  "size_z": 35,
  "snr": 7.653143555773481,
  "spacing_tr": 2.0,
  "spacing_x": 3.2969000339508057,
  "spacing_y": 3.2969000339508057,
  "spacing_z": 3.3000030517578125,
  "summary_bg_k": 92.17490614566896,
  "summary_bg_mad": 30.075645508942088,
  "summary_bg_mean": 92.36766052246094,
  "summary_bg_median": 22.63839340209961,
  "summary_bg_n": 91997.0,
  "summary_bg_p05": 0.816964328289032,
  "summary_bg_p95": 398.8571472167969,
  "summary_bg_stdv": 229.48095703125,
  "summary_fg_k": 2.1518658957680046,
  "summary_fg_mad": 459.1368592016731,
  "summary_fg_mean": 4260.796875,
  "summary_fg_median": 4250.70556640625,
  "summary_fg_n": 21987.0,
  "summary_fg_p05": 3362.9273193359377,
  "summary_fg_p95": 5170.89541015625,
  "summary_fg_stdv": 555.4069213867188,
  "tsnr": 80.36863111890852
}