{
  "bids_meta": {
    "AcquisitionMatrixPE": 256,
    "AcquisitionNumber": 1,
    "AcquisitionTime": "15:17:56.000000",
    "BodyPartExamined": "BRAIN",
    "CoilString": "Head+Neck_40",
    "ConversionSoftware": "dcm2niix",
    "ConversionSoftwareVersion": "v1.0.20200331",
    "DeviceSerialNumber": "00000070431MRS04",
    "EchoTime": 0.002604,
    "FlipAngle": 9,
    "ImageOrientationPatientDICOM": [
      -0.0443066,
      0.997735,
      -0.0506196,
      0.00677795,
      -0.0503681,
      -0.998708
    ],
    "ImageType": [
      "ORIGINAL",
      "PRIMARY",
      "OTHER"
    ],
    "ImagingFrequency": 127.734,
    "InPlanePhaseEncodingDirectionDICOM": "ROW",
    "InstitutionName": "N_and_N_University_Hospital",
    "InversionTime": 0.9,
    "MRAcquisitionType": "3D",
    "MagneticFieldStrength": 3,
    "Manufacturer": "GE",
    "ManufacturersModelName": "DISCOVERY_MR750w",
    "Modality": "MR",
    "PatientPosition": "HFS",
    "PercentPhaseFOV": 100,
    "PercentSampling": 62.5,
    "PixelBandwidth": 390.625,
    "ProcedureStepDescription": "MRI_Head",
    "ProtocolName": "SAG_FSPGR_BRAVO",
    "ReconMatrixPE": 256,
    "RepetitionTime": 0.007072,
    "SAR": 0.0555529,
    "ScanOptions": "FAST_GEMS_NPW_EDR_GEMS_ACC_GEMS_IR_GEMS",
    "ScanningSequence": "GR",
    "SequenceVariant": "SS_SK_OSP",
    "SeriesDescription": "SAG_FSPGR_BRAVO",
    "SeriesNumber": 2,
    "SliceThickness": 0.9,
    "SoftwareVersions": "27_LX_MR_Software_release:DV26.0_EB_1706.a",
    "SpacingBetweenSlices": 0.9,
    "StationName": "nnmr04",
    "dataset": "ds003342",
    "modality": "T1w",
    "session_id": "localiser",
    "subject_id": "KL04"
  },
  "cjv": 0.4311298568716886,
  "cnr": 3.192459550656828,
  "efc": 0.6225637535620565,
  "fber": 24299.52245135255,
  "fwhm_avg": 4.164963602816587,
  "fwhm_x": 4.162577888048434,
  "fwhm_y": 4.234494616263588,
  "fwhm_z": 4.097818304137739,
  "icvs_csf": 0.18306665612960116,
  "icvs_gm": 0.3977028271534285,
  "icvs_wm": 0.41923051671697037,
  "inu_med": 0.4582239240407944,
  "inu_range": 0.16813255846500397,
  "provenance": {
    "md5sum": "32f99bdfb574d42f5dd4f90d67138438",
    "settings": {
      "testing": false
    },
    "software": "mriqc",
    "version": "22.0.6",
    "warnings": {
      "large_rot_frame": true,
      "small_air_mask": false
    },
    "webapi_port": null,
    "webapi_url": "https://mriqc.nimh.nih.gov/api/v1"
  },
  "qi_1": 0.0,
  "qi_2": 0.00026709335315903623,
  "rpve_csf": 22.0371704171174,
  "rpve_gm": 10.252901431391784,
  "rpve_wm": 11.361150426890383,
  "size_x": 196,
  "size_y": 256,
  "size_z": 256,
  "snr_csf": 2.5265591257719904,
  "snr_gm": 13.960422309163357,
  "snr_total": 11.61342892350747,
  "snr_wm": 18.353305335587063,
  "snrd_csf": 37.25170821540552,
  "snrd_gm": 90.27929144541733,
  "snrd_total": 82.56008281316589,
  "snrd_wm": 120.1492487786748,
  "spacing_x": 0.8999999761581421,
  "spacing_y": 0.8984000086784363,
  "spacing_z": 0.8984000086784363,
  "summary_bg_k": 4539.731566341246,
  "summary_bg_mad": 5.452987430228923,
  "summary_bg_mean": 7.0645863764089665,
  "summary_bg_median": 3.67798412963748,
  "summary_bg_n": 2462204.0,
  "summary_bg_p05": 0.0,
  "summary_bg_p95": 27.11827104538679,
  "summary_bg_stdv": 14.09549351754158,
  "summary_csf_k": 6.809083915482386,
  "summary_csf_mad": 110.54507727027514,
  "summary_csf_mean": 317.57347401440796,
  "summary_csf_median": 310.0622964212671,
  "summary_csf_n": 45088.0,
  "summary_csf_p05": 142.1252665855922,
  "summary_csf_p95": 520.2330141694285,
  "summary_csf_stdv": 122.71981083951215,
  "summary_gm_k": 0.08528584627248792,
  "summary_gm_mad": 53.14628047670875,
  "summary_gm_mean": 750.8749813695157,
  "summary_gm_median": 751.4341157991439,
  "summary_gm_n": 39553.0,
  "summary_gm_p05": 660.7635727107524,
  "summary_gm_p95": 837.8392952028662,
  "summary_gm_stdv": 53.82534998008123,
  "summary_wm_k": 0.12620017257537564,
  "summary_wm_mad": 54.041547069731415,
  "summary_wm_mean": 1003.82746983713,
  "summary_wm_median": 1000.0548639055341,
  "summary_wm_n": 375258.0,
  "summary_wm_p05": 920.9782051183283,
  "summary_wm_p95": 1099.9368359036744,
  "summary_wm_stdv": 54.4890150917835,
  "tpm_overlap_csf": 0.1567167974557099,
  "tpm_overlap_gm": 0.45161731746862765,
  "tpm_overlap_wm": 0.5161478300181389,
  "wm2max": 0.6591706769909903
}