{
  "bids_meta": {
    "AcquisitionMatrixPE": 256,
    "AcquisitionNumber": 1,
    "AcquisitionTime": "13:41:12.000000",
    "BodyPartExamined": "BRAIN",
    "CoilString": "RM:HNU_FlexS",
    "ConversionSoftware": "dcm2niix",
    "ConversionSoftwareVersion": "v1.0.20200331",
    "DeviceSerialNumber": "00000070431MRS04",
    "EchoTime": 0.002552,
    "FlipAngle": 9,
    "ImageOrientationPatientDICOM": [
      0.0143867,
      0.899847,
      0.435968,
      0.0399454,
      0.435148,
      -0.899473
    ],
    "ImageType": [
      "ORIGINAL",
      "PRIMARY",
      "OTHER"
    ],
    "ImagingFrequency": 127.734,
    "InPlanePhaseEncodingDirectionDICOM": "ROW",
    "InstitutionName": "N_and_N_University_Hospital",
    "InversionTime": 0.9,
    "MRAcquisitionType": "3D",
    "MagneticFieldStrength": 3,
    "Manufacturer": "GE",
    "ManufacturersModelName": "DISCOVERY_MR750w",
    "Modality": "MR",
    "PatientPosition": "HFS",
    "PercentPhaseFOV": 100,
    "PercentSampling": 62.5,
    "PixelBandwidth": 390.625,
    "ProcedureStepDescription": "MRI_Head",
    "ProtocolName": "SAG_FSPGR_BRAVO",
    "ReconMatrixPE": 256,
    "RepetitionTime": 0.007232,
    "SAR": 0.0469478,
    "ScanOptions": "FAST_GEMS_NPW_EDR_GEMS_ACC_GEMS_IR_GEMS",
    "ScanningSequence": "GR",
    "SequenceVariant": "SS_SK_OSP",
    "SeriesDescription": "SAG_FSPGR_BRAVO",
    "SeriesNumber": 4,
    "SliceThickness": 0.9,
    "SoftwareVersions": "27_LX_MR_Software_release:DV26.0_EA_1641.c",
    "SpacingBetweenSlices": 0.9,
    "StationName": "nnmr04",
    "dataset": "ds003342",
    "modality": "T1w",
    "session_id": "action",
    "subject_id": "ST28"
  },
  "cjv": 0.5031688610295074,
  "cnr": 2.6065134894603657,
  "efc": 0.5877976333109877,
  "fber": 2622.3448170190804,
  "fwhm_avg": 4.6187203382055415,
  "fwhm_x": 4.728111236363285,
  "fwhm_y": 4.644223018360871,
  "fwhm_z": 4.48382675989247,
  "icvs_csf": 0.21462398727444784,
  "icvs_gm": 0.37494112936415663,
  "icvs_wm": 0.4104348833613955,
  "inu_med": 0.9094610512256622,
  "inu_range": 0.844591090083122,
  "provenance": {
    "md5sum": "a2269e588b18bf0bbb6e28d0a2bd423d",
    "settings": {
      "testing": false
    },
    "software": "mriqc",
    "version": "22.0.6",
    "warnings": {
      "large_rot_frame": true,
      "small_air_mask": false
    },
    "webapi_port": null,
    "webapi_url": "https://mriqc.nimh.nih.gov/api/v1"
  },
  "qi_1": 0.0,
  "qi_2": 0.0002907841068371257,
  "rpve_csf": 22.969676635934338,
  "rpve_gm": 11.98313838113668,
  "rpve_wm": 12.696152240481474,
  "size_x": 196,
  "size_y": 256,
  "size_z": 256,
  "snr_csf": 1.8571976262480439,
  "snr_gm": 8.762409799314366,
  "snr_total": 7.658148633034524,
  "snr_wm": 12.354838473541163,
  "snrd_csf": 7.1153365338513215,
  "snrd_gm": 19.784064847509875,
  "snrd_total": 18.50704065482609,
  "snrd_wm": 28.621720583117074,
  "spacing_x": 0.8999999761581421,
  "spacing_y": 0.8984000086784363,
  "spacing_z": 0.8984000086784363,
  "summary_bg_k": 18.08451548403095,
  "summary_bg_mad": 22.889483818775947,
  "summary_bg_mean": 29.801679762854654,
  "summary_bg_median": 15.438722223043442,
  "summary_bg_n": 2384492.0,
  "summary_bg_p05": 0.0,
  "summary_bg_p95": 99.07010167837143,
  "summary_bg_stdv": 35.48951309865777,
  "summary_csf_k": 11.603019045088677,
  "summary_csf_mad": 131.37149689810983,
  "summary_csf_mean": 255.7144274949923,
  "summary_csf_median": 248.5991931706667,
  "summary_csf_n": 35348.0,
  "summary_csf_p05": 56.80734470486641,
  "summary_csf_p95": 471.24762294441473,
  "summary_csf_stdv": 133.855262993505,
  "summary_gm_k": 0.22609797107776686,
  "summary_gm_mad": 76.00369144458422,
  "summary_gm_mean": 688.246544224666,
  "summary_gm_median": 691.2255710363388,
  "summary_gm_n": 24154.0,
  "summary_gm_p05": 550.9060648083687,
  "summary_gm_p95": 812.4910712465643,
  "summary_gm_stdv": 78.88369501091688,
  "summary_wm_k": 0.29086603085653184,
  "summary_wm_mad": 79.36199408981004,
  "summary_wm_mean": 1001.3112059755763,
  "summary_wm_median": 1000.0000154972076,
  "summary_wm_n": 277035.0,
  "summary_wm_p05": 871.4830845594406,
  "summary_wm_p95": 1135.610413402319,
  "summary_wm_stdv": 80.9398044993481,
  "tpm_overlap_csf": 0.13038110591586222,
  "tpm_overlap_gm": 0.42629350960235846,
  "tpm_overlap_wm": 0.47028866930520036,
  "wm2max": 0.34084071096048313
}