{
  "aor": 0.0006494196428571428,
  "aqi": 0.0064264400892857145,
  "bids_meta": {
    "AcquisitionMatrixPE": 64,
    "AcquisitionNumber": 1,
    "AcquisitionTime": "14:22:53.000000",
    "BodyPartExamined": "BRAIN",
    "CoilString": "Head+Neck_40",
    "ConversionSoftware": "dcm2niix",
    "ConversionSoftwareVersion": "v1.0.20200331",
    "DeviceSerialNumber": "00000070431MRS04",
    "EchoTime": 0.03,
    "EffectiveEchoSpacing": 0.000644,
    "FlipAngle": 78,
    "ImageOrientationPatientDICOM": [
      1,
      0,
      0,
      0,
      1,
      0
    ],
    "ImageType": [
      "ORIGINAL",
      "PRIMARY",
      "EPI",
      "NONE"
    ],
    "ImagingFrequency": 127.734,
    "InPlanePhaseEncodingDirectionDICOM": "ROW",
    "InstitutionName": "N_and_N_University_Hospital",
    "MRAcquisitionType": "2D",
    "MagneticFieldStrength": 3,
    "Manufacturer": "GE",
    "ManufacturersModelName": "DISCOVERY_MR750w",
    "Modality": "MR",
    "PatientPosition": "HFS",
    "PercentPhaseFOV": 100,
    "PercentSampling": 100,
    "PhaseEncodingDirection": "i-",
    "PhaseEncodingPolarityGE": "Flipped",
    "PixelBandwidth": 7812.5,
    "ProcedureStepDescription": "MRI_Head",
    "ProtocolName": "fMRI_3_PartB",
    "ReconMatrixPE": 64,
    "RepetitionTime": 2,
    "SAR": 0.0672752,
    "ScanOptions": "SAT_GEMS_EPI_GEMS_ACC_GEMS_FS",
    "ScanningSequence": "EP_GR",
    "SequenceVariant": "SS",
    "SeriesDescription": "fMRI_3_PartB",
    "SeriesNumber": 6,
    "SliceThickness": 3.3,
    "SliceTiming": [
      0,
      1.0285,
      0.0571001,
      1.0857,
      0.1142,
      1.1428,
      0.1714,
      1.2,
      0.2285,
      1.2571,
      0.2857,
      1.3143,
      0.3428,
      1.3714,
      0.4,
      1.4286,
      0.4571,
      1.4857,
      0.5142,
      1.5428,
      0.5714,
      1.6,
      0.6285,
      1.6571,
      0.6857,
      1.7143,
      0.7428,
      1.7714,
      0.8,
      1.8285,
      0.8571,
      1.8857,
      0.9143,
      1.9428,
      0.9714
    ],
    "SoftwareVersions": "27_LX_MR_Software_release:DV26.0_EB_1706.a",
    "SpacingBetweenSlices": 3.3,
    "StationName": "nnmr04",
    "TaskName": "localiser",
    "TotalReadoutTime": 0.040572,
    "dataset": "ds003342",
    "modality": "bold",
    "run_id": 3,
    "session_id": "localiser",
    "subject_id": "MK14",
    "task_id": "localiser"
  },
  "dummy_trs": 0,
  "dvars_nstd": 18.404853504439448,
  "dvars_std": 1.02705305264574,
  "dvars_vstd": 0.9748322533632287,
  "efc": 0.5277525612872016,
  "fber": 7228.60791015625,
  "fd_mean": 0.1288068227728948,
  "fd_num": 31,
  "fd_perc": 13.839285714285714,
  "fwhm_avg": 2.181486377262014,
  "fwhm_x": 2.1760198750712405,
  "fwhm_y": 2.3611392277100975,
  "fwhm_z": 2.0073000290047043,
  "gcor": 0.0504397,
  "gsr_x": 0.00487517099827528,
  "gsr_y": 0.019928405061364174,
  "provenance": {
    "md5sum": "398d57a3d6e134a10d65e16ae50975a4",
    "settings": {
      "fd_thres": 0.2,
      "testing": false
    },
    "software": "mriqc",
    "version": "22.0.6",
    "webapi_port": null,
    "webapi_url": "https://mriqc.nimh.nih.gov/api/v1"
  },
  "size_t": 224,
  "size_x": 64,
  "size_y": 64,
  "size_z": 35,
  "snr": 5.9044576696883375,
  "spacing_tr": 2.0,
  "spacing_x": 3.2969000339508057,
  "spacing_y": 3.2969000339508057,
  "spacing_z": 3.299999952316284,
  "summary_bg_k": 94.48378022567245,
  "summary_bg_mad": 61.77288931525416,
  "summary_bg_mean": 123.93247985839844,
  "summary_bg_median": 45.55357360839844,
  "summary_bg_n": 79091.0,
  "summary_bg_p05": 0.9866071939468384,
  "summary_bg_p95": 485.6986846923828,
  "summary_bg_stdv": 259.75616455078125,
  "summary_fg_k": 1.808261374005621,
  "summary_fg_mad": 527.6178068397908,
  "summary_fg_mean": 3869.789306640625,
  "summary_fg_median": 3828.473388671875,
  "summary_fg_n": 31520.0,
  "summary_fg_p05": 2846.16328125,
  "summary_fg_p95": 4987.41044921875,
  "summary_fg_stdv": 648.3936157226562,
  "tsnr": 67.16768893017434
}