{
  "aor": 0.0005270224719101123,
  "aqi": 0.012037043426966291,
  "bids_meta": {
    "AcquisitionMatrixPE": 64,
    "AcquisitionNumber": 1,
    "AcquisitionTime": "11:10:42.000000",
    "BodyPartExamined": "BRAIN",
    "CoilString": "RM:HNU_FlexS",
    "ConversionSoftware": "dcm2niix",
    "ConversionSoftwareVersion": "v1.0.20200331",
    "DeviceSerialNumber": "00000070431MRS04",
    "EchoTime": 0.03,
    "EffectiveEchoSpacing": 0.000644,
    "FlipAngle": 78,
    "ImageOrientationPatientDICOM": [
      1,
      0,
      0,
      0,
      1,
      0
    ],
    "ImageType": [
      "ORIGINAL",
      "PRIMARY",
      "EPI",
      "NONE"
    ],
    "ImagingFrequency": 127.734,
    "InPlanePhaseEncodingDirectionDICOM": "COL",
    "InstitutionName": "N_and_N_University_Hospital",
    "MRAcquisitionType": "2D",
    "MagneticFieldStrength": 3,
    "Manufacturer": "GE",
    "ManufacturersModelName": "DISCOVERY_MR750w",
    "Modality": "MR",
    "PatientPosition": "HFS",
    "PercentPhaseFOV": 100,
    "PercentSampling": 100,
    "PhaseEncodingDirection": "j",
    "PhaseEncodingPolarityGE": "Flipped",
    "PixelBandwidth": 7812.5,
    "ProcedureStepDescription": "MRI_Head",
    "ProtocolName": "fMRI_5_PartA",
    "ReconMatrixPE": 64,
    "RepetitionTime": 2,
    "SAR": 0.0621824,
    "ScanOptions": "SAT_GEMS_EPI_GEMS_ACC_GEMS_FS",
    "ScanningSequence": "EP_GR",
    "SequenceVariant": "SS",
    "SeriesDescription": "fMRI_5_PartA",
    "SeriesNumber": 9,
    "SliceThickness": 3.3,
    "SliceTiming": [
      0,
      1.0285,
      0.0571001,
      1.0857,
      0.1142,
      1.1428,
      0.1714,
      1.2,
      0.2285,
      1.2571,
      0.2857,
      1.3143,
      0.3428,
      1.3714,
      0.4,
      1.4286,
      0.4571,
      1.4857,
      0.5142,
      1.5428,
      0.5714,
      1.6,
      0.6285,
      1.6571,
      0.6857,
      1.7143,
      0.7428,
      1.7714,
      0.8,
      1.8285,
      0.8571,
      1.8857,
      0.9143,
      1.9428,
      0.9714
    ],
    "SoftwareVersions": "27_LX_MR_Software_release:DV26.0_EB_1706.a",
    "SpacingBetweenSlices": 3.3,
    "StationName": "nnmr04",
    "TaskName": "grasp",
    "TotalReadoutTime": 0.040572,
    "dataset": "ds003342",
    "modality": "bold",
    "run_id": 5,
    "session_id": "action",
    "subject_id": "DT12",
    "task_id": "grasp"
  },
  "dummy_trs": 0,
  "dvars_nstd": 41.14855926881357,
  "dvars_std": 0.98647809440678,
  "dvars_vstd": 0.9865468652542372,
  "efc": 0.5190448646781477,
  "fber": 2406.327392578125,
  "fd_mean": 0.210427677208652,
  "fd_num": 78,
  "fd_perc": 43.82022471910113,
  "fwhm_avg": 2.6992894100442633,
  "fwhm_x": 2.7061572714136855,
  "fwhm_y": 2.823967940830481,
  "fwhm_z": 2.5677430178886222,
  "gcor": 0.00618731,
  "gsr_x": 0.0025404691696166992,
  "gsr_y": 0.027069315314292908,
  "provenance": {
    "md5sum": "a187098feaeb62ed9e2ab5d120de723d",
    "settings": {
      "fd_thres": 0.2,
      "testing": false
    },
    "software": "mriqc",
    "version": "22.0.6",
    "webapi_port": null,
    "webapi_url": "https://mriqc.nimh.nih.gov/api/v1"
  },
  "size_t": 178,
  "size_x": 64,
  "size_y": 64,
  "size_z": 35,
  "snr": 4.228191196825989,
  "spacing_tr": 2.0,
  "spacing_x": 3.2969000339508057,
  "spacing_y": 3.2969000339508057,
  "spacing_z": 3.299999237060547,
  "summary_bg_k": 36.361575148590845,
  "summary_bg_mad": 19.153054651291065,
  "summary_bg_mean": 57.95464324951172,
  "summary_bg_median": 26.154495239257812,
  "summary_bg_n": 83274.0,
  "summary_bg_p05": 1.8089888095855713,
  "summary_bg_p95": 216.11544952392515,
  "summary_bg_stdv": 111.02973175048828,
  "summary_fg_k": -0.181017361799245,
  "summary_fg_mad": 313.77867916919604,
  "summary_fg_mean": 1333.6900634765625,
  "summary_fg_median": 1302.471923828125,
  "summary_fg_n": 28354.0,
  "summary_fg_p05": 873.3573120117187,
  "summary_fg_p95": 1880.9514282226562,
  "summary_fg_stdv": 308.0392761230469,
  "tsnr": 29.969699617708102
}