{
  "aor": 0.001243876404494382,
  "aqi": 0.015866905280898878,
  "bids_meta": {
    "AcquisitionMatrixPE": 64,
    "AcquisitionNumber": 1,
    "AcquisitionTime": "10:40:27.000000",
    "BodyPartExamined": "BRAIN",
    "CoilString": "RM:HNU_FlexS",
    "ConversionSoftware": "dcm2niix",
    "ConversionSoftwareVersion": "v1.0.20200331",
    "DeviceSerialNumber": "00000070431MRS04",
    "EchoTime": 0.03,
    "EffectiveEchoSpacing": 0.000644,
    "FlipAngle": 78,
    "ImageOrientationPatientDICOM": [
      1,
      0,
      0,
      0,
      1,
      0
    ],
    "ImageType": [
      "ORIGINAL",
      "PRIMARY",
      "EPI",
      "NONE"
    ],
    "ImagingFrequency": 127.734,
    "InPlanePhaseEncodingDirectionDICOM": "COL",
    "InstitutionName": "N_and_N_University_Hospital",
    "MRAcquisitionType": "2D",
    "MagneticFieldStrength": 3,
    "Manufacturer": "GE",
    "ManufacturersModelName": "DISCOVERY_MR750w",
    "Modality": "MR",
    "PatientPosition": "HFS",
    "PercentPhaseFOV": 100,
    "PercentSampling": 100,
    "PhaseEncodingDirection": "j",
    "PhaseEncodingPolarityGE": "Flipped",
    "PixelBandwidth": 7812.5,
    "ProcedureStepDescription": "MRI_Head",
    "ProtocolName": "fMRI_1_PartA",
    "ReconMatrixPE": 64,
    "RepetitionTime": 2,
    "SAR": 0.062134,
    "ScanOptions": "SAT_GEMS_EPI_GEMS_ACC_GEMS_FS",
    "ScanningSequence": "EP_GR",
    "SequenceVariant": "SS",
    "SeriesDescription": "fMRI_1_PartA",
    "SeriesNumber": 5,
    "SliceThickness": 3.3,
    "SliceTiming": [
      0,
      1.0285,
      0.0571001,
      1.0857,
      0.1142,
      1.1428,
      0.1714,
      1.2,
      0.2285,
      1.2571,
      0.2857,
      1.3143,
      0.3428,
      1.3714,
      0.4,
      1.4286,
      0.4571,
      1.4857,
      0.5142,
      1.5428,
      0.5714,
      1.6,
      0.6285,
      1.6571,
      0.6857,
      1.7143,
      0.7428,
      1.7714,
      0.8,
      1.8285,
      0.8571,
      1.8857,
      0.9143,
      1.9428,
      0.9714
    ],
    "SoftwareVersions": "27_LX_MR_Software_release:DV26.0_EB_1706.a",
    "SpacingBetweenSlices": 3.3,
    "StationName": "nnmr04",
    "TaskName": "grasp",
    "TotalReadoutTime": 0.040572,
    "dataset": "ds003342",
    "modality": "bold",
    "run_id": 1,
    "session_id": "action",
    "subject_id": "DT12",
    "task_id": "grasp"
  },
  "dummy_trs": 0,
  "dvars_nstd": 44.45277659079096,
  "dvars_std": 1.011185107966102,
  "dvars_vstd": 1.0031157252542375,
  "efc": 0.5180475037686724,
  "fber": 2477.3828125,
  "fd_mean": 0.4323768470824612,
  "fd_num": 143,
  "fd_perc": 80.33707865168539,
  "fwhm_avg": 2.630666071605464,
  "fwhm_x": 2.6713609479526657,
  "fwhm_y": 2.7197306280636218,
  "fwhm_z": 2.500906638800104,
  "gcor": 0.0103649,
  "gsr_x": 0.0011418528156355023,
  "gsr_y": 0.02675553411245346,
  "provenance": {
    "md5sum": "5edc315ae1216fd68d02f3daadbe3f35",
    "settings": {
      "fd_thres": 0.2,
      "testing": false
    },
    "software": "mriqc",
    "version": "22.0.6",
    "webapi_port": null,
    "webapi_url": "https://mriqc.nimh.nih.gov/api/v1"
  },
  "size_t": 178,
  "size_x": 64,
  "size_y": 64,
  "size_z": 35,
  "snr": 4.440787287507951,
  "spacing_tr": 2.0,
  "spacing_x": 3.2969000339508057,
  "spacing_y": 3.2969000339508057,
  "spacing_z": 3.299999237060547,
  "summary_bg_k": 40.21558443401538,
  "summary_bg_mad": 19.79857118728409,
  "summary_bg_mean": 59.51399230957031,
  "summary_bg_median": 26.033708572387695,
  "summary_bg_n": 83903.0,
  "summary_bg_p05": 2.095505714416504,
  "summary_bg_p95": 223.09718780517557,
  "summary_bg_stdv": 118.2472915649414,
  "summary_fg_k": -0.17161192652315016,
  "summary_fg_mad": 307.2734723647569,
  "summary_fg_mean": 1350.6202392578125,
  "summary_fg_median": 1325.0927734375,
  "summary_fg_n": 28150.0,
  "summary_fg_p05": 896.2379211425781,
  "summary_fg_p95": 1870.300537109375,
  "summary_fg_stdv": 298.3861083984375,
  "tsnr": 27.33507789426949
}