{
  "aor": 0.001201685393258427,
  "aqi": 0.010211551348314607,
  "bids_meta": {
    "AcquisitionMatrixPE": 64,
    "AcquisitionNumber": 1,
    "AcquisitionTime": "10:55:7.000000",
    "BodyPartExamined": "BRAIN",
    "CoilString": "RM:HNU_FlexS",
    "ConversionSoftware": "dcm2niix",
    "ConversionSoftwareVersion": "v1.0.20200331",
    "DeviceSerialNumber": "00000070431MRS04",
    "EchoTime": 0.03,
    "EffectiveEchoSpacing": 0.000644,
    "FlipAngle": 78,
    "ImageOrientationPatientDICOM": [
      1,
      0,
      0,
      0,
      1,
      0
    ],
    "ImageType": [
      "ORIGINAL",
      "PRIMARY",
      "EPI",
      "NONE"
    ],
    "ImagingFrequency": 127.734,
    "InPlanePhaseEncodingDirectionDICOM": "COL",
    "InstitutionName": "N_and_N_University_Hospital",
    "MRAcquisitionType": "2D",
    "MagneticFieldStrength": 3,
    "Manufacturer": "GE",
    "ManufacturersModelName": "DISCOVERY_MR750w",
    "Modality": "MR",
    "PatientPosition": "HFS",
    "PercentPhaseFOV": 100,
    "PercentSampling": 100,
    "PhaseEncodingDirection": "j",
    "PhaseEncodingPolarityGE": "Flipped",
    "PixelBandwidth": 7812.5,
    "ProcedureStepDescription": "MRI_Head",
    "ProtocolName": "fMRI_3_PartA",
    "ReconMatrixPE": 64,
    "RepetitionTime": 2,
    "SAR": 0.0621824,
    "ScanOptions": "SAT_GEMS_EPI_GEMS_ACC_GEMS_FS",
    "ScanningSequence": "EP_GR",
    "SequenceVariant": "SS",
    "SeriesDescription": "fMRI_3_PartA",
    "SeriesNumber": 7,
    "SliceThickness": 3.3,
    "SliceTiming": [
      0,
      1.0285,
      0.0571001,
      1.0857,
      0.1142,
      1.1428,
      0.1714,
      1.2,
      0.2285,
      1.2571,
      0.2857,
      1.3143,
      0.3428,
      1.3714,
      0.4,
      1.4286,
      0.4571,
      1.4857,
      0.5142,
      1.5428,
      0.5714,
      1.6,
      0.6285,
      1.6571,
      0.6857,
      1.7143,
      0.7428,
      1.7714,
      0.8,
      1.8285,
      0.8571,
      1.8857,
      0.9143,
      1.9428,
      0.9714
    ],
    "SoftwareVersions": "27_LX_MR_Software_release:DV26.0_EB_1706.a",
    "SpacingBetweenSlices": 3.3,
    "StationName": "nnmr04",
    "TaskName": "grasp",
    "TotalReadoutTime": 0.040572,
    "dataset": "ds003342",
    "modality": "bold",
    "run_id": 3,
    "session_id": "action",
    "subject_id": "DT12",
    "task_id": "grasp"
  },
  "dummy_trs": 0,
  "dvars_nstd": 40.40898313372881,
  "dvars_std": 1.0143301636723163,
  "dvars_vstd": 1.0096287800000001,
  "efc": 0.5182100467146054,
  "fber": 2467.685302734375,
  "fd_mean": 0.2215576750943261,
  "fd_num": 78,
  "fd_perc": 43.82022471910113,
  "fwhm_avg": 2.6559402421584157,
  "fwhm_x": 2.6778518939260425,
  "fwhm_y": 2.792044012620297,
  "fwhm_z": 2.4979248199289077,
  "gcor": 0.00692264,
  "gsr_x": 0.0035610764753073454,
  "gsr_y": 0.026697978377342224,
  "provenance": {
    "md5sum": "53b20c4d38c65bd80354a0af08acd0eb",
    "settings": {
      "fd_thres": 0.2,
      "testing": false
    },
    "software": "mriqc",
    "version": "22.0.6",
    "webapi_port": null,
    "webapi_url": "https://mriqc.nimh.nih.gov/api/v1"
  },
  "size_t": 178,
  "size_x": 64,
  "size_y": 64,
  "size_z": 35,
  "snr": 4.251382533937743,
  "spacing_tr": 2.0,
  "spacing_x": 3.2969000339508057,
  "spacing_y": 3.2969000339508057,
  "spacing_z": 3.299999237060547,
  "summary_bg_k": 35.7472922872401,
  "summary_bg_mad": 18.965650912081728,
  "summary_bg_mean": 58.299015045166016,
  "summary_bg_median": 26.039325714111328,
  "summary_bg_n": 83564.0,
  "summary_bg_p05": 3.9438202381134033,
  "summary_bg_p95": 218.14466171264576,
  "summary_bg_stdv": 112.556396484375,
  "summary_fg_k": -0.06553181844704703,
  "summary_fg_mad": 313.387034735499,
  "summary_fg_mean": 1343.869140625,
  "summary_fg_median": 1313.6826171875,
  "summary_fg_n": 28326.0,
  "summary_fg_p05": 884.552001953125,
  "summary_fg_p95": 1896.6924133300781,
  "summary_fg_stdv": 308.9958190917969,
  "tsnr": 31.190501242876053
}