{
  "aor": 0.000511123595505618,
  "aqi": 0.012022624719101127,
  "bids_meta": {
    "AcquisitionMatrixPE": 64,
    "AcquisitionNumber": 1,
    "AcquisitionTime": "11:25:45.000000",
    "BodyPartExamined": "BRAIN",
    "CoilString": "RM:HNU_FlexS",
    "ConversionSoftware": "dcm2niix",
    "ConversionSoftwareVersion": "v1.0.20200331",
    "DeviceSerialNumber": "00000070431MRS04",
    "EchoTime": 0.03,
    "EffectiveEchoSpacing": 0.000644,
    "FlipAngle": 78,
    "ImageOrientationPatientDICOM": [
      1,
      0,
      0,
      0,
      1,
      0
    ],
    "ImageType": [
      "ORIGINAL",
      "PRIMARY",
      "EPI",
      "NONE"
    ],
    "ImagingFrequency": 127.734,
    "InPlanePhaseEncodingDirectionDICOM": "COL",
    "InstitutionName": "N_and_N_University_Hospital",
    "MRAcquisitionType": "2D",
    "MagneticFieldStrength": 3,
    "Manufacturer": "GE",
    "ManufacturersModelName": "DISCOVERY_MR750w",
    "Modality": "MR",
    "PatientPosition": "HFS",
    "PercentPhaseFOV": 100,
    "PercentSampling": 100,
    "PhaseEncodingDirection": "j",
    "PhaseEncodingPolarityGE": "Flipped",
    "PixelBandwidth": 7812.5,
    "ProcedureStepDescription": "MRI_Head",
    "ProtocolName": "fMRI_7_PartA",
    "ReconMatrixPE": 64,
    "RepetitionTime": 2,
    "SAR": 0.0621824,
    "ScanOptions": "SAT_GEMS_EPI_GEMS_ACC_GEMS_FS",
    "ScanningSequence": "EP_GR",
    "SequenceVariant": "SS",
    "SeriesDescription": "fMRI_7_PartA",
    "SeriesNumber": 11,
    "SliceThickness": 3.3,
    "SliceTiming": [
      0,
      1.0285,
      0.0571001,
      1.0857,
      0.1142,
      1.1428,
      0.1714,
      1.2,
      0.2285,
      1.2571,
      0.2857,
      1.3143,
      0.3428,
      1.3714,
      0.4,
      1.4286,
      0.4571,
      1.4857,
      0.5142,
      1.5428,
      0.5714,
      1.6,
      0.6285,
      1.6571,
      0.6857,
      1.7143,
      0.7428,
      1.7714,
      0.8,
      1.8285,
      0.8571,
      1.8857,
      0.9143,
      1.9428,
      0.9714
    ],
    "SoftwareVersions": "27_LX_MR_Software_release:DV26.0_EB_1706.a",
    "SpacingBetweenSlices": 3.3,
    "StationName": "nnmr04",
    "TaskName": "grasp",
    "TotalReadoutTime": 0.040572,
    "dataset": "ds003342",
    "modality": "bold",
    "run_id": 7,
    "session_id": "action",
    "subject_id": "DT12",
    "task_id": "grasp"
  },
  "dummy_trs": 0,
  "dvars_nstd": 40.86564606056498,
  "dvars_std": 0.9881908866666669,
  "dvars_vstd": 0.9868389755367236,
  "efc": 0.5175758413946568,
  "fber": 2422.253662109375,
  "fd_mean": 0.21006196451185374,
  "fd_num": 70,
  "fd_perc": 39.325842696629216,
  "fwhm_avg": 2.684101719101367,
  "fwhm_x": 2.7031301853943255,
  "fwhm_y": 2.805019838262403,
  "fwhm_z": 2.5441551336473713,
  "gcor": 0.00625768,
  "gsr_x": 0.002153388923034072,
  "gsr_y": 0.025980761274695396,
  "provenance": {
    "md5sum": "288d51e19bbd37777bf2e807b8787cb4",
    "settings": {
      "fd_thres": 0.2,
      "testing": false
    },
    "software": "mriqc",
    "version": "22.0.6",
    "webapi_port": null,
    "webapi_url": "https://mriqc.nimh.nih.gov/api/v1"
  },
  "size_t": 178,
  "size_x": 64,
  "size_y": 64,
  "size_z": 35,
  "snr": 4.293090136707154,
  "spacing_tr": 2.0,
  "spacing_x": 3.2969000339508057,
  "spacing_y": 3.2969000339508057,
  "spacing_z": 3.299999237060547,
  "summary_bg_k": 36.085156357486994,
  "summary_bg_mad": 19.232183250988605,
  "summary_bg_mean": 57.795040130615234,
  "summary_bg_median": 26.252809524536133,
  "summary_bg_n": 83531.0,
  "summary_bg_p05": 1.8904494643211365,
  "summary_bg_p95": 218.52809143066406,
  "summary_bg_stdv": 110.25518035888672,
  "summary_fg_k": -0.22022087042346516,
  "summary_fg_mad": 314.89054034221715,
  "summary_fg_mean": 1338.7130126953125,
  "summary_fg_median": 1313.415771484375,
  "summary_fg_n": 28222.0,
  "summary_fg_p05": 876.2573059082032,
  "summary_fg_p95": 1880.7045166015623,
  "summary_fg_stdv": 305.9317321777344,
  "tsnr": 30.209998139878735
}