{
  "aor": 0.0010993258426966292,
  "aqi": 0.013088627415730338,
  "bids_meta": {
    "AcquisitionMatrixPE": 64,
    "AcquisitionNumber": 1,
    "AcquisitionTime": "10:47:43.000000",
    "BodyPartExamined": "BRAIN",
    "CoilString": "RM:HNU_FlexS",
    "ConversionSoftware": "dcm2niix",
    "ConversionSoftwareVersion": "v1.0.20200331",
    "DeviceSerialNumber": "00000070431MRS04",
    "EchoTime": 0.03,
    "EffectiveEchoSpacing": 0.000644,
    "FlipAngle": 78,
    "ImageOrientationPatientDICOM": [
      1,
      0,
      0,
      0,
      1,
      0
    ],
    "ImageType": [
      "ORIGINAL",
      "PRIMARY",
      "EPI",
      "NONE"
    ],
    "ImagingFrequency": 127.734,
    "InPlanePhaseEncodingDirectionDICOM": "COL",
    "InstitutionName": "N_and_N_University_Hospital",
    "MRAcquisitionType": "2D",
    "MagneticFieldStrength": 3,
    "Manufacturer": "GE",
    "ManufacturersModelName": "DISCOVERY_MR750w",
    "Modality": "MR",
    "PatientPosition": "HFS",
    "PercentPhaseFOV": 100,
    "PercentSampling": 100,
    "PhaseEncodingDirection": "j",
    "PhaseEncodingPolarityGE": "Flipped",
    "PixelBandwidth": 7812.5,
    "ProcedureStepDescription": "MRI_Head",
    "ProtocolName": "fMRI_2_PartA",
    "ReconMatrixPE": 64,
    "RepetitionTime": 2,
    "SAR": 0.0621824,
    "ScanOptions": "SAT_GEMS_EPI_GEMS_ACC_GEMS_FS",
    "ScanningSequence": "EP_GR",
    "SequenceVariant": "SS",
    "SeriesDescription": "fMRI_2_PartA",
    "SeriesNumber": 6,
    "SliceThickness": 3.3,
    "SliceTiming": [
      0,
      1.0285,
      0.0571001,
      1.0857,
      0.1142,
      1.1428,
      0.1714,
      1.2,
      0.2285,
      1.2571,
      0.2857,
      1.3143,
      0.3428,
      1.3714,
      0.4,
      1.4286,
      0.4571,
      1.4857,
      0.5142,
      1.5428,
      0.5714,
      1.6,
      0.6285,
      1.6571,
      0.6857,
      1.7143,
      0.7428,
      1.7714,
      0.8,
      1.8285,
      0.8571,
      1.8857,
      0.9143,
      1.9428,
      0.9714
    ],
    "SoftwareVersions": "27_LX_MR_Software_release:DV26.0_EB_1706.a",
    "SpacingBetweenSlices": 3.3,
    "StationName": "nnmr04",
    "TaskName": "grasp",
    "TotalReadoutTime": 0.040572,
    "dataset": "ds003342",
    "modality": "bold",
    "run_id": 2,
    "session_id": "action",
    "subject_id": "DT12",
    "task_id": "grasp"
  },
  "dummy_trs": 0,
  "dvars_nstd": 42.594657747344606,
  "dvars_std": 1.015626970564972,
  "dvars_vstd": 1.0067620593220339,
  "efc": 0.5170123447000358,
  "fber": 2523.80322265625,
  "fd_mean": 0.3627700845186364,
  "fd_num": 124,
  "fd_perc": 69.66292134831461,
  "fwhm_avg": 2.654329219782605,
  "fwhm_x": 2.6825441805712833,
  "fwhm_y": 2.739236830659317,
  "fwhm_z": 2.5412066481172153,
  "gcor": 0.00696841,
  "gsr_x": 0.0017005937406793237,
  "gsr_y": 0.02541794255375862,
  "provenance": {
    "md5sum": "af6989e8f26f8f2a7a0019a348e2332a",
    "settings": {
      "fd_thres": 0.2,
      "testing": false
    },
    "software": "mriqc",
    "version": "22.0.6",
    "webapi_port": null,
    "webapi_url": "https://mriqc.nimh.nih.gov/api/v1"
  },
  "size_t": 178,
  "size_x": 64,
  "size_y": 64,
  "size_z": 35,
  "snr": 4.428953765007365,
  "spacing_tr": 2.0,
  "spacing_x": 3.2969000339508057,
  "spacing_y": 3.2969000339508057,
  "spacing_z": 3.299999237060547,
  "summary_bg_k": 39.62768272737938,
  "summary_bg_mad": 19.390440450383682,
  "summary_bg_mean": 59.729774475097656,
  "summary_bg_median": 26.050561904907227,
  "summary_bg_n": 84002.0,
  "summary_bg_p05": 2.2921347618103027,
  "summary_bg_p95": 223.8609596252439,
  "summary_bg_stdv": 119.74491119384766,
  "summary_fg_k": -0.18924405378545606,
  "summary_fg_mad": 311.60870839284325,
  "summary_fg_mean": 1351.2423095703125,
  "summary_fg_median": 1330.6405029296875,
  "summary_fg_n": 28032.0,
  "summary_fg_p05": 890.837939453125,
  "summary_fg_p95": 1872.3890991210938,
  "summary_fg_stdv": 300.4359130859375,
  "tsnr": 29.433235090691596
}