{
  "aor": 0.0006354237288135594,
  "aqi": 0.008899075084745762,
  "bids_meta": {
    "AcquisitionMatrixPE": 64,
    "AcquisitionNumber": 1,
    "AcquisitionTime": "11:02:45.000000",
    "BodyPartExamined": "BRAIN",
    "CoilString": "RM:HNU_FlexS",
    "ConversionSoftware": "dcm2niix",
    "ConversionSoftwareVersion": "v1.0.20200331",
    "DeviceSerialNumber": "00000070431MRS04",
    "EchoTime": 0.03,
    "EffectiveEchoSpacing": 0.000644,
    "FlipAngle": 78,
    "ImageOrientationPatientDICOM": [
      1,
      0,
      0,
      0,
      1,
      0
    ],
    "ImageType": [
      "ORIGINAL",
      "PRIMARY",
      "EPI",
      "NONE"
    ],
    "ImagingFrequency": 127.734,
    "InPlanePhaseEncodingDirectionDICOM": "COL",
    "InstitutionName": "N_and_N_University_Hospital",
    "MRAcquisitionType": "2D",
    "MagneticFieldStrength": 3,
    "Manufacturer": "GE",
    "ManufacturersModelName": "DISCOVERY_MR750w",
    "Modality": "MR",
    "PatientPosition": "HFS",
    "PercentPhaseFOV": 100,
    "PercentSampling": 100,
    "PhaseEncodingDirection": "j",
    "PhaseEncodingPolarityGE": "Flipped",
    "PixelBandwidth": 7812.5,
    "ProcedureStepDescription": "MRI_Head",
    "ProtocolName": "fMRI_4_PartA",
    "ReconMatrixPE": 64,
    "RepetitionTime": 2,
    "SAR": 0.0621824,
    "ScanOptions": "SAT_GEMS_EPI_GEMS_ACC_GEMS_FS",
    "ScanningSequence": "EP_GR",
    "SequenceVariant": "SS",
    "SeriesDescription": "fMRI_4_PartA",
    "SeriesNumber": 8,
    "SliceThickness": 3.3,
    "SliceTiming": [
      0,
      1.0285,
      0.0571001,
      1.0857,
      0.1142,
      1.1428,
      0.1714,
      1.2,
      0.2285,
      1.2571,
      0.2857,
      1.3143,
      0.3428,
      1.3714,
      0.4,
      1.4286,
      0.4571,
      1.4857,
      0.5142,
      1.5428,
      0.5714,
      1.6,
      0.6285,
      1.6571,
      0.6857,
      1.7143,
      0.7428,
      1.7714,
      0.8,
      1.8285,
      0.8571,
      1.8857,
      0.9143,
      1.9428,
      0.9714
    ],
    "SoftwareVersions": "27_LX_MR_Software_release:DV26.0_EB_1706.a",
    "SpacingBetweenSlices": 3.3,
    "StationName": "nnmr04",
    "TaskName": "grasp",
    "TotalReadoutTime": 0.040572,
    "dataset": "ds003342",
    "modality": "bold",
    "run_id": 4,
    "session_id": "action",
    "subject_id": "DT12",
    "task_id": "grasp"
  },
  "dummy_trs": 1,
  "dvars_nstd": 40.20111406954546,
  "dvars_std": 1.006322875170455,
  "dvars_vstd": 0.9993462226136359,
  "efc": 0.5162092967409608,
  "fber": 2451.9501953125,
  "fd_mean": 0.21203180216819842,
  "fd_num": 79,
  "fd_perc": 44.632768361581924,
  "fwhm_avg": 2.6685195628330405,
  "fwhm_x": 2.694974038795068,
  "fwhm_y": 2.7927477039594666,
  "fwhm_z": 2.5178369457445884,
  "gcor": 0.00603384,
  "gsr_x": 0.0013463556533679366,
  "gsr_y": 0.025420958176255226,
  "provenance": {
    "md5sum": "8f35aa3e58ffa3bc6a4c4077ace53fa8",
    "settings": {
      "fd_thres": 0.2,
      "testing": false
    },
    "software": "mriqc",
    "version": "22.0.6",
    "webapi_port": null,
    "webapi_url": "https://mriqc.nimh.nih.gov/api/v1"
  },
  "size_t": 177,
  "size_x": 64,
  "size_y": 64,
  "size_z": 35,
  "snr": 4.289021016395806,
  "spacing_tr": 2.0,
  "spacing_x": 3.2969000339508057,
  "spacing_y": 3.2969000339508057,
  "spacing_z": 3.299999237060547,
  "summary_bg_k": 38.49141771797946,
  "summary_bg_mad": 19.206818946257453,
  "summary_bg_mean": 58.81450653076172,
  "summary_bg_median": 26.214689254760742,
  "summary_bg_n": 83990.0,
  "summary_bg_p05": 1.9887006282806396,
  "summary_bg_p95": 219.55169754028324,
  "summary_bg_stdv": 116.24664306640625,
  "summary_fg_k": -0.21974818074412328,
  "summary_fg_mad": 317.30203121874035,
  "summary_fg_mean": 1344.8382568359375,
  "summary_fg_median": 1320.48583984375,
  "summary_fg_n": 28071.0,
  "summary_fg_p05": 877.3389892578125,
  "summary_fg_p95": 1890.5254516601562,
  "summary_fg_stdv": 307.8703308105469,
  "tsnr": 32.05745704751462
}