{
  "aor": 0.0007225280898876405,
  "aqi": 0.010369627808988764,
  "bids_meta": {
    "AcquisitionMatrixPE": 64,
    "AcquisitionNumber": 1,
    "AcquisitionTime": "11:18:5.000000",
    "BodyPartExamined": "BRAIN",
    "CoilString": "RM:HNU_FlexS",
    "ConversionSoftware": "dcm2niix",
    "ConversionSoftwareVersion": "v1.0.20200331",
    "DeviceSerialNumber": "00000070431MRS04",
    "EchoTime": 0.03,
    "EffectiveEchoSpacing": 0.000644,
    "FlipAngle": 78,
    "ImageOrientationPatientDICOM": [
      1,
      0,
      0,
      0,
      1,
      0
    ],
    "ImageType": [
      "ORIGINAL",
      "PRIMARY",
      "EPI",
      "NONE"
    ],
    "ImagingFrequency": 127.734,
    "InPlanePhaseEncodingDirectionDICOM": "COL",
    "InstitutionName": "N_and_N_University_Hospital",
    "MRAcquisitionType": "2D",
    "MagneticFieldStrength": 3,
    "Manufacturer": "GE",
    "ManufacturersModelName": "DISCOVERY_MR750w",
    "Modality": "MR",
    "PatientPosition": "HFS",
    "PercentPhaseFOV": 100,
    "PercentSampling": 100,
    "PhaseEncodingDirection": "j",
    "PhaseEncodingPolarityGE": "Flipped",
    "PixelBandwidth": 7812.5,
    "ProcedureStepDescription": "MRI_Head",
    "ProtocolName": "fMRI_6_PartA",
    "ReconMatrixPE": 64,
    "RepetitionTime": 2,
    "SAR": 0.0621824,
    "ScanOptions": "SAT_GEMS_EPI_GEMS_ACC_GEMS_FS",
    "ScanningSequence": "EP_GR",
    "SequenceVariant": "SS",
    "SeriesDescription": "fMRI_6_PartA",
    "SeriesNumber": 10,
    "SliceThickness": 3.3,
    "SliceTiming": [
      0,
      1.0285,
      0.0571001,
      1.0857,
      0.1142,
      1.1428,
      0.1714,
      1.2,
      0.2285,
      1.2571,
      0.2857,
      1.3143,
      0.3428,
      1.3714,
      0.4,
      1.4286,
      0.4571,
      1.4857,
      0.5142,
      1.5428,
      0.5714,
      1.6,
      0.6285,
      1.6571,
      0.6857,
      1.7143,
      0.7428,
      1.7714,
      0.8,
      1.8285,
      0.8571,
      1.8857,
      0.9143,
      1.9428,
      0.9714
    ],
    "SoftwareVersions": "27_LX_MR_Software_release:DV26.0_EB_1706.a",
    "SpacingBetweenSlices": 3.3,
    "StationName": "nnmr04",
    "TaskName": "grasp",
    "TotalReadoutTime": 0.040572,
    "dataset": "ds003342",
    "modality": "bold",
    "run_id": 6,
    "session_id": "action",
    "subject_id": "DT12",
    "task_id": "grasp"
  },
  "dummy_trs": 0,
  "dvars_nstd": 40.58801752293782,
  "dvars_std": 1.0118385466666673,
  "dvars_vstd": 1.003652255084745,
  "efc": 0.5194797607393008,
  "fber": 2440.501953125,
  "fd_mean": 0.1791758469602153,
  "fd_num": 60,
  "fd_perc": 33.70786516853933,
  "fwhm_avg": 2.622649572201809,
  "fwhm_x": 2.6327307199540995,
  "fwhm_y": 2.760514394212233,
  "fwhm_z": 2.474703602439095,
  "gcor": 0.00703176,
  "gsr_x": 0.002395796589553356,
  "gsr_y": 0.02488786354660988,
  "provenance": {
    "md5sum": "b555b600a34aed2dde44c4051c52032c",
    "settings": {
      "fd_thres": 0.2,
      "testing": false
    },
    "software": "mriqc",
    "version": "22.0.6",
    "webapi_port": null,
    "webapi_url": "https://mriqc.nimh.nih.gov/api/v1"
  },
  "size_t": 178,
  "size_x": 64,
  "size_y": 64,
  "size_z": 35,
  "snr": 4.39304482841382,
  "spacing_tr": 2.0,
  "spacing_x": 3.2969000339508057,
  "spacing_y": 3.2969000339508057,
  "spacing_z": 3.299999237060547,
  "summary_bg_k": 36.52417143946088,
  "summary_bg_mad": 19.032280462009304,
  "summary_bg_mean": 58.0665283203125,
  "summary_bg_median": 26.157302856445312,
  "summary_bg_n": 83273.0,
  "summary_bg_p05": 1.848314642906189,
  "summary_bg_p95": 217.60112609863265,
  "summary_bg_stdv": 111.53113555908203,
  "summary_fg_k": -0.24883495413136014,
  "summary_fg_mad": 310.6509531511035,
  "summary_fg_mean": 1338.436279296875,
  "summary_fg_median": 1312.2640380859375,
  "summary_fg_n": 28506.0,
  "summary_fg_p05": 890.0238800048828,
  "summary_fg_p95": 1863.165771484375,
  "summary_fg_stdv": 298.7087707519531,
  "tsnr": 31.1021002731286
}