{
  "aor": 0.0010121874999999998,
  "aqi": 0.006155490848214286,
  "bids_meta": {
    "AcquisitionMatrixPE": 64,
    "AcquisitionNumber": 1,
    "AcquisitionTime": "12:25:12.000000",
    "BodyPartExamined": "BRAIN",
    "CoilString": "Head+Neck_40",
    "ConversionSoftware": "dcm2niix",
    "ConversionSoftwareVersion": "v1.0.20200331",
    "DeviceSerialNumber": "00000070431MRS04",
    "EchoTime": 0.03,
    "EffectiveEchoSpacing": 0.000644,
    "FlipAngle": 78,
    "ImageOrientationPatientDICOM": [
      1,
      0,
      0,
      0,
      1,
      0
    ],
    "ImageType": [
      "ORIGINAL",
      "PRIMARY",
      "EPI",
      "NONE"
    ],
    "ImagingFrequency": 127.734,
    "InPlanePhaseEncodingDirectionDICOM": "ROW",
    "InstitutionName": "N_and_N_University_Hospital",
    "MRAcquisitionType": "2D",
    "MagneticFieldStrength": 3,
    "Manufacturer": "GE",
    "ManufacturersModelName": "DISCOVERY_MR750w",
    "Modality": "MR",
    "PatientPosition": "HFS",
    "PercentPhaseFOV": 100,
    "PercentSampling": 100,
    "PhaseEncodingDirection": "i-",
    "PhaseEncodingPolarityGE": "Flipped",
    "PixelBandwidth": 7812.5,
    "ProcedureStepDescription": "MRI_Head",
    "ProtocolName": "fMRI_2_PartB",
    "ReconMatrixPE": 64,
    "RepetitionTime": 2,
    "SAR": 0.0607509,
    "ScanOptions": "SAT_GEMS_EPI_GEMS_ACC_GEMS_FS",
    "ScanningSequence": "EP_GR",
    "SequenceVariant": "SS",
    "SeriesDescription": "fMRI_2_PartB",
    "SeriesNumber": 5,
    "SliceThickness": 3.3,
    "SliceTiming": [
      0,
      1.0285,
      0.0571001,
      1.0857,
      0.1142,
      1.1428,
      0.1714,
      1.2,
      0.2285,
      1.2571,
      0.2857,
      1.3143,
      0.3428,
      1.3714,
      0.4,
      1.4286,
      0.4571,
      1.4857,
      0.5142,
      1.5428,
      0.5714,
      1.6,
      0.6285,
      1.6571,
      0.6857,
      1.7143,
      0.7428,
      1.7714,
      0.8,
      1.8285,
      0.8571,
      1.8857,
      0.9143,
      1.9428,
      0.9714
    ],
    "SoftwareVersions": "27_LX_MR_Software_release:DV26.0_EB_1706.a",
    "SpacingBetweenSlices": 3.3,
    "StationName": "nnmr04",
    "TaskName": "localiser",
    "TotalReadoutTime": 0.040572,
    "dataset": "ds003342",
    "modality": "bold",
    "run_id": 2,
    "session_id": "localiser",
    "subject_id": "LP12",
    "task_id": "localiser"
  },
  "dummy_trs": 0,
  "dvars_nstd": 17.350228463542596,
  "dvars_std": 1.0247084891928249,
  "dvars_vstd": 0.956878990179372,
  "efc": 0.47269264539106864,
  "fber": 18174.181640625,
  "fd_mean": 0.06334201262426756,
  "fd_num": 2,
  "fd_perc": 0.8928571428571429,
  "fwhm_avg": 2.2654723283901226,
  "fwhm_x": 2.2906699997664193,
  "fwhm_y": 2.3798598438538754,
  "fwhm_z": 2.125887141550073,
  "gcor": 0.0230075,
  "gsr_x": 0.010752422735095024,
  "gsr_y": 0.007566066458821297,
  "provenance": {
    "md5sum": "b2b9562bbfe8fc2c3558cb92804b1c2e",
    "settings": {
      "fd_thres": 0.2,
      "testing": false
    },
    "software": "mriqc",
    "version": "22.0.6",
    "webapi_port": null,
    "webapi_url": "https://mriqc.nimh.nih.gov/api/v1"
  },
  "size_t": 224,
  "size_x": 64,
  "size_y": 64,
  "size_z": 35,
  "snr": 6.2550337015337565,
  "spacing_tr": 2.0,
  "spacing_x": 3.2969000339508057,
  "spacing_y": 3.2969000339508057,
  "spacing_z": 3.3000011444091797,
  "summary_bg_k": 45.29481640329162,
  "summary_bg_mad": 41.949701079777775,
  "summary_bg_mean": 102.31169891357422,
  "summary_bg_median": 30.85714340209961,
  "summary_bg_n": 87447.0,
  "summary_bg_p05": 0.7321428656578064,
  "summary_bg_p95": 393.09733581542963,
  "summary_bg_stdv": 230.25701904296875,
  "summary_fg_k": 1.3634260633195243,
  "summary_fg_mad": 554.5098800389787,
  "summary_fg_mean": 4131.87890625,
  "summary_fg_median": 4121.046875,
  "summary_fg_n": 25056.0,
  "summary_fg_p05": 3035.5570068359375,
  "summary_fg_p95": 5241.8463134765625,
  "summary_fg_stdv": 658.82373046875,
  "tsnr": 68.66692763881292
}