{
  "aor": 0.004605491071428572,
  "aqi": 0.005962455267857143,
  "bids_meta": {
    "AcquisitionMatrixPE": 64,
    "AcquisitionNumber": 1,
    "AcquisitionTime": "12:33:56.000000",
    "BodyPartExamined": "BRAIN",
    "CoilString": "Head+Neck_40",
    "ConversionSoftware": "dcm2niix",
    "ConversionSoftwareVersion": "v1.0.20200331",
    "DeviceSerialNumber": "00000070431MRS04",
    "EchoTime": 0.03,
    "EffectiveEchoSpacing": 0.000644,
    "FlipAngle": 78,
    "ImageOrientationPatientDICOM": [
      1,
      0,
      0,
      0,
      1,
      0
    ],
    "ImageType": [
      "ORIGINAL",
      "PRIMARY",
      "EPI",
      "NONE"
    ],
    "ImagingFrequency": 127.734,
    "InPlanePhaseEncodingDirectionDICOM": "ROW",
    "InstitutionName": "N_and_N_University_Hospital",
    "MRAcquisitionType": "2D",
    "MagneticFieldStrength": 3,
    "Manufacturer": "GE",
    "ManufacturersModelName": "DISCOVERY_MR750w",
    "Modality": "MR",
    "PatientPosition": "HFS",
    "PercentPhaseFOV": 100,
    "PercentSampling": 100,
    "PhaseEncodingDirection": "i-",
    "PhaseEncodingPolarityGE": "Flipped",
    "PixelBandwidth": 7812.5,
    "ProcedureStepDescription": "MRI_Head",
    "ProtocolName": "fMRI_3_PartB",
    "ReconMatrixPE": 64,
    "RepetitionTime": 2,
    "SAR": 0.0607509,
    "ScanOptions": "SAT_GEMS_EPI_GEMS_ACC_GEMS_FS",
    "ScanningSequence": "EP_GR",
    "SequenceVariant": "SS",
    "SeriesDescription": "fMRI_3_PartB",
    "SeriesNumber": 6,
    "SliceThickness": 3.3,
    "SliceTiming": [
      0,
      1.0285,
      0.0571001,
      1.0857,
      0.1142,
      1.1428,
      0.1714,
      1.2,
      0.2285,
      1.2571,
      0.2857,
      1.3143,
      0.3428,
      1.3714,
      0.4,
      1.4286,
      0.4571,
      1.4857,
      0.5142,
      1.5428,
      0.5714,
      1.6,
      0.6285,
      1.6571,
      0.6857,
      1.7143,
      0.7428,
      1.7714,
      0.8,
      1.8285,
      0.8571,
      1.8857,
      0.9143,
      1.9428,
      0.9714
    ],
    "SoftwareVersions": "27_LX_MR_Software_release:DV26.0_EB_1706.a",
    "SpacingBetweenSlices": 3.3,
    "StationName": "nnmr04",
    "TaskName": "localiser",
    "TotalReadoutTime": 0.040572,
    "dataset": "ds003342",
    "modality": "bold",
    "run_id": 3,
    "session_id": "localiser",
    "subject_id": "LP12",
    "task_id": "localiser"
  },
  "dummy_trs": 0,
  "dvars_nstd": 16.983616084663666,
  "dvars_std": 1.0860366102690584,
  "dvars_vstd": 1.0253904160986547,
  "efc": 0.47079187589302146,
  "fber": 18537.1328125,
  "fd_mean": 0.06593011802180847,
  "fd_num": 2,
  "fd_perc": 0.8928571428571429,
  "fwhm_avg": 2.2760527897317626,
  "fwhm_x": 2.3002062306731004,
  "fwhm_y": 2.3950256054739154,
  "fwhm_z": 2.1329265330482716,
  "gcor": 0.0252045,
  "gsr_x": 0.010366600006818771,
  "gsr_y": 0.007179702166467905,
  "provenance": {
    "md5sum": "85dad9d26042860494d04dedd08e2e3e",
    "settings": {
      "fd_thres": 0.2,
      "testing": false
    },
    "software": "mriqc",
    "version": "22.0.6",
    "webapi_port": null,
    "webapi_url": "https://mriqc.nimh.nih.gov/api/v1"
  },
  "size_t": 224,
  "size_x": 64,
  "size_y": 64,
  "size_z": 35,
  "snr": 6.039955799379192,
  "spacing_tr": 2.0,
  "spacing_x": 3.2969000339508057,
  "spacing_y": 3.2969000339508057,
  "spacing_z": 3.3000011444091797,
  "summary_bg_k": 44.73960574501631,
  "summary_bg_mad": 41.896751202533956,
  "summary_bg_mean": 102.36425018310547,
  "summary_bg_median": 30.785715103149414,
  "summary_bg_n": 87635.0,
  "summary_bg_p05": 0.6651785969734192,
  "summary_bg_p95": 394.27859497070324,
  "summary_bg_stdv": 227.5933380126953,
  "summary_fg_k": 1.3948961718823085,
  "summary_fg_mad": 583.4503043012827,
  "summary_fg_mean": 4147.86376953125,
  "summary_fg_median": 4131.232421875,
  "summary_fg_n": 25021.0,
  "summary_fg_p05": 3022.821533203125,
  "summary_fg_p95": 5290.1611328125,
  "summary_fg_stdv": 683.97021484375,
  "tsnr": 66.6096020443365
}