{
  "aor": 0.0019471428571428574,
  "aqi": 0.004593663928571428,
  "bids_meta": {
    "AcquisitionMatrixPE": 64,
    "AcquisitionNumber": 1,
    "AcquisitionTime": "12:42:15.000000",
    "BodyPartExamined": "BRAIN",
    "CoilString": "Head+Neck_40",
    "ConversionSoftware": "dcm2niix",
    "ConversionSoftwareVersion": "v1.0.20200331",
    "DeviceSerialNumber": "00000070431MRS04",
    "EchoTime": 0.03,
    "EffectiveEchoSpacing": 0.000644,
    "FlipAngle": 78,
    "ImageOrientationPatientDICOM": [
      1,
      0,
      0,
      0,
      1,
      0
    ],
    "ImageType": [
      "ORIGINAL",
      "PRIMARY",
      "EPI",
      "NONE"
    ],
    "ImagingFrequency": 127.734,
    "InPlanePhaseEncodingDirectionDICOM": "ROW",
    "InstitutionName": "N_and_N_University_Hospital",
    "MRAcquisitionType": "2D",
    "MagneticFieldStrength": 3,
    "Manufacturer": "GE",
    "ManufacturersModelName": "DISCOVERY_MR750w",
    "Modality": "MR",
    "PatientPosition": "HFS",
    "PercentPhaseFOV": 100,
    "PercentSampling": 100,
    "PhaseEncodingDirection": "i-",
    "PhaseEncodingPolarityGE": "Flipped",
    "PixelBandwidth": 7812.5,
    "ProcedureStepDescription": "MRI_Head",
    "ProtocolName": "fMRI_4_PartB",
    "ReconMatrixPE": 64,
    "RepetitionTime": 2,
    "SAR": 0.0607509,
    "ScanOptions": "SAT_GEMS_EPI_GEMS_ACC_GEMS_FS",
    "ScanningSequence": "EP_GR",
    "SequenceVariant": "SS",
    "SeriesDescription": "fMRI_4_PartB",
    "SeriesNumber": 7,
    "SliceThickness": 3.3,
    "SliceTiming": [
      0,
      1.0285,
      0.0571001,
      1.0857,
      0.1142,
      1.1428,
      0.1714,
      1.2,
      0.2285,
      1.2571,
      0.2857,
      1.3143,
      0.3428,
      1.3714,
      0.4,
      1.4286,
      0.4571,
      1.4857,
      0.5142,
      1.5428,
      0.5714,
      1.6,
      0.6285,
      1.6571,
      0.6857,
      1.7143,
      0.7428,
      1.7714,
      0.8,
      1.8285,
      0.8571,
      1.8857,
      0.9143,
      1.9428,
      0.9714
    ],
    "SoftwareVersions": "27_LX_MR_Software_release:DV26.0_EB_1706.a",
    "SpacingBetweenSlices": 3.3,
    "StationName": "nnmr04",
    "TaskName": "localiser",
    "TotalReadoutTime": 0.040572,
    "dataset": "ds003342",
    "modality": "bold",
    "run_id": 4,
    "session_id": "localiser",
    "subject_id": "LP12",
    "task_id": "localiser"
  },
  "dummy_trs": 0,
  "dvars_nstd": 16.314505684170403,
  "dvars_std": 1.0705529322421525,
  "dvars_vstd": 1.0084222467713007,
  "efc": 0.469387750310964,
  "fber": 18045.484375,
  "fd_mean": 0.05220147507730296,
  "fd_num": 0,
  "fd_perc": 0.0,
  "fwhm_avg": 2.286795607268266,
  "fwhm_x": 2.2906518008524754,
  "fwhm_y": 2.4090721338863963,
  "fwhm_z": 2.1606628870659264,
  "gcor": 0.0280898,
  "gsr_x": 0.009470771066844463,
  "gsr_y": 0.008110337890684605,
  "provenance": {
    "md5sum": "bd1ed08b2400f3a2b13a4d3361f9221b",
    "settings": {
      "fd_thres": 0.2,
      "testing": false
    },
    "software": "mriqc",
    "version": "22.0.6",
    "webapi_port": null,
    "webapi_url": "https://mriqc.nimh.nih.gov/api/v1"
  },
  "size_t": 224,
  "size_x": 64,
  "size_y": 64,
  "size_z": 35,
  "snr": 6.044457295210238,
  "spacing_tr": 2.0,
  "spacing_x": 3.2969000339508057,
  "spacing_y": 3.2969000339508057,
  "spacing_z": 3.3000011444091797,
  "summary_bg_k": 43.34997023249151,
  "summary_bg_mad": 42.13502847797046,
  "summary_bg_mean": 100.39299774169922,
  "summary_bg_median": 31.022323608398438,
  "summary_bg_n": 87819.0,
  "summary_bg_p05": 0.6517857313156128,
  "summary_bg_p95": 386.1348358154296,
  "summary_bg_stdv": 223.0173797607422,
  "summary_fg_k": 1.354573750621669,
  "summary_fg_mad": 579.6576514581426,
  "summary_fg_mean": 4148.2177734375,
  "summary_fg_median": 4132.8037109375,
  "summary_fg_n": 24861.0,
  "summary_fg_p05": 3019.8662109375,
  "summary_fg_p95": 5306.5537109375,
  "summary_fg_stdv": 683.720703125,
  "tsnr": 73.71723052696325
}