{
  "aor": 0.0006197191011235954,
  "aqi": 0.006398590000000001,
  "bids_meta": {
    "AcquisitionMatrixPE": 64,
    "AcquisitionNumber": 1,
    "AcquisitionTime": "14:48:54.000000",
    "BodyPartExamined": "BRAIN",
    "CoilString": "RM:HNU_FlexS",
    "ConversionSoftware": "dcm2niix",
    "ConversionSoftwareVersion": "v1.0.20200331",
    "DeviceSerialNumber": "00000070431MRS04",
    "EchoTime": 0.03,
    "EffectiveEchoSpacing": 0.000644,
    "FlipAngle": 78,
    "ImageOrientationPatientDICOM": [
      1,
      0,
      0,
      0,
      1,
      0
    ],
    "ImageType": [
      "ORIGINAL",
      "PRIMARY",
      "EPI",
      "NONE"
    ],
    "ImagingFrequency": 127.734,
    "InPlanePhaseEncodingDirectionDICOM": "COL",
    "InstitutionName": "N_and_N_University_Hospital",
    "MRAcquisitionType": "2D",
    "MagneticFieldStrength": 3,
    "Manufacturer": "GE",
    "ManufacturersModelName": "DISCOVERY_MR750w",
    "Modality": "MR",
    "PatientPosition": "HFS",
    "PercentPhaseFOV": 100,
    "PercentSampling": 100,
    "PhaseEncodingDirection": "j",
    "PhaseEncodingPolarityGE": "Flipped",
    "PixelBandwidth": 7812.5,
    "ProcedureStepDescription": "MRI_Head",
    "ProtocolName": "fMRI_6_PartA",
    "ReconMatrixPE": 64,
    "RepetitionTime": 2,
    "SAR": 0.0670201,
    "ScanOptions": "SAT_GEMS_EPI_GEMS_ACC_GEMS_FS",
    "ScanningSequence": "EP_GR",
    "SequenceVariant": "SS",
    "SeriesDescription": "fMRI_6_PartA",
    "SeriesNumber": 10,
    "SliceThickness": 3.3,
    "SliceTiming": [
      0,
      1.0285,
      0.0571001,
      1.0857,
      0.1142,
      1.1428,
      0.1714,
      1.2,
      0.2285,
      1.2571,
      0.2857,
      1.3143,
      0.3428,
      1.3714,
      0.4,
      1.4286,
      0.4571,
      1.4857,
      0.5142,
      1.5428,
      0.5714,
      1.6,
      0.6285,
      1.6571,
      0.6857,
      1.7143,
      0.7428,
      1.7714,
      0.8,
      1.8285,
      0.8571,
      1.8857,
      0.9143,
      1.9428,
      0.9714
    ],
    "SoftwareVersions": "27_LX_MR_Software_release:DV26.0_EB_1706.a",
    "SpacingBetweenSlices": 3.3,
    "StationName": "nnmr04",
    "TaskName": "grasp",
    "TotalReadoutTime": 0.040572,
    "dataset": "ds003342",
    "modality": "bold",
    "run_id": 6,
    "session_id": "action",
    "subject_id": "MK14",
    "task_id": "grasp"
  },
  "dummy_trs": 0,
  "dvars_nstd": 38.23691925175143,
  "dvars_std": 1.0354828924858759,
  "dvars_vstd": 1.0185380654802259,
  "efc": 0.5377137882263677,
  "fber": 2493.773193359375,
  "fd_mean": 0.17553586696354828,
  "fd_num": 52,
  "fd_perc": 29.213483146067414,
  "fwhm_avg": 2.6526503863046713,
  "fwhm_x": 2.6949679724904203,
  "fwhm_y": 2.758281994101764,
  "fwhm_z": 2.5047011923218303,
  "gcor": 0.00640636,
  "gsr_x": 0.00317675550468266,
  "gsr_y": 0.03259246423840523,
  "provenance": {
    "md5sum": "17025e655557d449616f5503fe1765e0",
    "settings": {
      "fd_thres": 0.2,
      "testing": false
    },
    "software": "mriqc",
    "version": "22.0.6",
    "webapi_port": null,
    "webapi_url": "https://mriqc.nimh.nih.gov/api/v1"
  },
  "size_t": 178,
  "size_x": 64,
  "size_y": 64,
  "size_z": 35,
  "snr": 3.9525763507102547,
  "spacing_tr": 2.0,
  "spacing_x": 3.2969000339508057,
  "spacing_y": 3.2969000339508057,
  "spacing_z": 3.3001022338867188,
  "summary_bg_k": 31.77719834090263,
  "summary_bg_mad": 24.846081967979824,
  "summary_bg_mean": 57.60743713378906,
  "summary_bg_median": 27.853933334350586,
  "summary_bg_n": 77901.0,
  "summary_bg_p05": 1.7078652381896973,
  "summary_bg_p95": 222.8988800048828,
  "summary_bg_stdv": 96.75006866455078,
  "summary_fg_k": 0.23008926291279375,
  "summary_fg_mad": 357.82347549595806,
  "summary_fg_mean": 1446.9949951171875,
  "summary_fg_median": 1400.98876953125,
  "summary_fg_n": 32317.0,
  "summary_fg_p05": 953.49775390625,
  "summary_fg_p95": 2089.575244140625,
  "summary_fg_stdv": 354.44403076171875,
  "tsnr": 35.711195120820776
}