{
  "aor": 0.0007116292134831461,
  "aqi": 0.008882954438202246,
  "bids_meta": {
    "AcquisitionMatrixPE": 64,
    "AcquisitionNumber": 1,
    "AcquisitionTime": "14:11:41.000000",
    "BodyPartExamined": "BRAIN",
    "CoilString": "RM:HNU_FlexS",
    "ConversionSoftware": "dcm2niix",
    "ConversionSoftwareVersion": "v1.0.20200331",
    "DeviceSerialNumber": "00000070431MRS04",
    "EchoTime": 0.03,
    "EffectiveEchoSpacing": 0.000644,
    "FlipAngle": 78,
    "ImageOrientationPatientDICOM": [
      1,
      0,
      0,
      0,
      1,
      0
    ],
    "ImageType": [
      "ORIGINAL",
      "PRIMARY",
      "EPI",
      "NONE"
    ],
    "ImagingFrequency": 127.734,
    "InPlanePhaseEncodingDirectionDICOM": "COL",
    "InstitutionName": "N_and_N_University_Hospital",
    "MRAcquisitionType": "2D",
    "MagneticFieldStrength": 3,
    "Manufacturer": "GE",
    "ManufacturersModelName": "DISCOVERY_MR750w",
    "Modality": "MR",
    "PatientPosition": "HFS",
    "PercentPhaseFOV": 100,
    "PercentSampling": 100,
    "PhaseEncodingDirection": "j",
    "PhaseEncodingPolarityGE": "Flipped",
    "PixelBandwidth": 7812.5,
    "ProcedureStepDescription": "MRI_Head",
    "ProtocolName": "fMRI_1_PartA",
    "ReconMatrixPE": 64,
    "RepetitionTime": 2,
    "SAR": 0.0669283,
    "ScanOptions": "SAT_GEMS_EPI_GEMS_ACC_GEMS_FS",
    "ScanningSequence": "EP_GR",
    "SequenceVariant": "SS",
    "SeriesDescription": "fMRI_1_PartA",
    "SeriesNumber": 5,
    "SliceThickness": 3.3,
    "SliceTiming": [
      0,
      1.0285,
      0.0571001,
      1.0857,
      0.1142,
      1.1428,
      0.1714,
      1.2,
      0.2285,
      1.2571,
      0.2857,
      1.3143,
      0.3428,
      1.3714,
      0.4,
      1.4286,
      0.4571,
      1.4857,
      0.5142,
      1.5428,
      0.5714,
      1.6,
      0.6285,
      1.6571,
      0.6857,
      1.7143,
      0.7428,
      1.7714,
      0.8,
      1.8285,
      0.8571,
      1.8857,
      0.9143,
      1.9428,
      0.9714
    ],
    "SoftwareVersions": "27_LX_MR_Software_release:DV26.0_EB_1706.a",
    "SpacingBetweenSlices": 3.3,
    "StationName": "nnmr04",
    "TaskName": "grasp",
    "TotalReadoutTime": 0.040572,
    "dataset": "ds003342",
    "modality": "bold",
    "run_id": 1,
    "session_id": "action",
    "subject_id": "MK14",
    "task_id": "grasp"
  },
  "dummy_trs": 0,
  "dvars_nstd": 39.29048061875705,
  "dvars_std": 1.0348572870621469,
  "dvars_vstd": 1.0123450984745768,
  "efc": 0.5433764520995501,
  "fber": 2473.28125,
  "fd_mean": 0.18845405097895424,
  "fd_num": 58,
  "fd_perc": 32.58426966292135,
  "fwhm_avg": 2.57730650637157,
  "fwhm_x": 2.618456705117318,
  "fwhm_y": 2.6700566924533424,
  "fwhm_z": 2.443406121544049,
  "gcor": 0.0175904,
  "gsr_x": 0.0008420398226007819,
  "gsr_y": 0.03289342671632767,
  "provenance": {
    "md5sum": "083beeb31816dffbc87f2ffde530c609",
    "settings": {
      "fd_thres": 0.2,
      "testing": false
    },
    "software": "mriqc",
    "version": "22.0.6",
    "webapi_port": null,
    "webapi_url": "https://mriqc.nimh.nih.gov/api/v1"
  },
  "size_t": 178,
  "size_x": 64,
  "size_y": 64,
  "size_z": 35,
  "snr": 4.128154583183012,
  "spacing_tr": 2.0,
  "spacing_x": 3.2969000339508057,
  "spacing_y": 3.2969000339508057,
  "spacing_z": 3.3001022338867188,
  "summary_bg_k": 33.797489553339865,
  "summary_bg_mad": 25.379150887552548,
  "summary_bg_mean": 58.96531677246094,
  "summary_bg_median": 27.539325714111328,
  "summary_bg_n": 77358.0,
  "summary_bg_p05": 2.7752809524536133,
  "summary_bg_p95": 227.1177047729488,
  "summary_bg_stdv": 100.34896850585938,
  "summary_fg_k": 0.378844203944662,
  "summary_fg_mad": 335.01805993775713,
  "summary_fg_mean": 1430.262939453125,
  "summary_fg_median": 1383.615234375,
  "summary_fg_n": 32686.0,
  "summary_fg_p05": 971.17138671875,
  "summary_fg_p95": 2033.3033447265625,
  "summary_fg_stdv": 335.1604309082031,
  "tsnr": 33.111526768421754
}