{
  "aor": 0.0006730803571428572,
  "aqi": 0.005602384464285714,
  "bids_meta": {
    "AcquisitionMatrixPE": 64,
    "AcquisitionNumber": 1,
    "AcquisitionTime": "09:19:48.000000",
    "BodyPartExamined": "BRAIN",
    "CoilString": "Head_24",
    "ConversionSoftware": "dcm2niix",
    "ConversionSoftwareVersion": "v1.0.20200331",
    "DeviceSerialNumber": "00000070431MRS04",
    "EchoTime": 0.03,
    "EffectiveEchoSpacing": 0.000644,
    "FlipAngle": 78,
    "ImageOrientationPatientDICOM": [
      1,
      0,
      0,
      0,
      1,
      0
    ],
    "ImageType": [
      "ORIGINAL",
      "PRIMARY",
      "EPI",
      "NONE"
    ],
    "ImagingFrequency": 127.734,
    "InPlanePhaseEncodingDirectionDICOM": "ROW",
    "InstitutionName": "N_and_N_University_Hospital",
    "MRAcquisitionType": "2D",
    "MagneticFieldStrength": 3,
    "Manufacturer": "GE",
    "ManufacturersModelName": "DISCOVERY_MR750w",
    "Modality": "MR",
    "PatientPosition": "HFS",
    "PercentPhaseFOV": 100,
    "PercentSampling": 100,
    "PhaseEncodingDirection": "i-",
    "PhaseEncodingPolarityGE": "Flipped",
    "PixelBandwidth": 7812.5,
    "ProcedureStepDescription": "MRI_Head",
    "ProtocolName": "fMRI_1_PartB",
    "ReconMatrixPE": 64,
    "RepetitionTime": 2,
    "SAR": 0.0660233,
    "ScanOptions": "SAT_GEMS_EPI_GEMS_ACC_GEMS_FS",
    "ScanningSequence": "EP_GR",
    "SequenceVariant": "SS",
    "SeriesDescription": "fMRI_1_PartB",
    "SeriesNumber": 4,
    "SliceThickness": 3.3,
    "SliceTiming": [
      0,
      1.0285,
      0.0571001,
      1.0857,
      0.1142,
      1.1428,
      0.1714,
      1.2,
      0.2285,
      1.2571,
      0.2857,
      1.3143,
      0.3428,
      1.3714,
      0.4,
      1.4286,
      0.4571,
      1.4857,
      0.5142,
      1.5428,
      0.5714,
      1.6,
      0.6285,
      1.6571,
      0.6857,
      1.7143,
      0.7428,
      1.7714,
      0.8,
      1.8285,
      0.8571,
      1.8857,
      0.9143,
      1.9428,
      0.9714
    ],
    "SoftwareVersions": "27_LX_MR_Software_release:DV26.0_EB_1706.a",
    "SpacingBetweenSlices": 3.3,
    "StationName": "nnmr04",
    "TaskName": "localiser",
    "TotalReadoutTime": 0.040572,
    "dataset": "ds003342",
    "modality": "bold",
    "run_id": 1,
    "session_id": "localiser",
    "subject_id": "RE29",
    "task_id": "localiser"
  },
  "dummy_trs": 0,
  "dvars_nstd": 18.747914387174887,
  "dvars_std": 1.0667992072645742,
  "dvars_vstd": 0.9594814019282508,
  "efc": 0.5082963933205903,
  "fber": 15420.3359375,
  "fd_mean": 0.07856483405218698,
  "fd_num": 6,
  "fd_perc": 2.6785714285714284,
  "fwhm_avg": 2.386847521256556,
  "fwhm_x": 2.3705844640470586,
  "fwhm_y": 2.5749158035061828,
  "fwhm_z": 2.2150422962164273,
  "gcor": 0.0170043,
  "gsr_x": 0.0034902417100965977,
  "gsr_y": 0.0194549597799778,
  "provenance": {
    "md5sum": "fa03f3473172caf3fc87b962a38751e2",
    "settings": {
      "fd_thres": 0.2,
      "testing": false
    },
    "software": "mriqc",
    "version": "22.0.6",
    "webapi_port": null,
    "webapi_url": "https://mriqc.nimh.nih.gov/api/v1"
  },
  "size_t": 224,
  "size_x": 64,
  "size_y": 64,
  "size_z": 35,
  "snr": 5.807016023859185,
  "spacing_tr": 2.0,
  "spacing_x": 3.2969000339508057,
  "spacing_y": 3.2969000339508057,
  "spacing_z": 3.3000001907348633,
  "summary_bg_k": 33.59877440639611,
  "summary_bg_mad": 51.94734033869679,
  "summary_bg_mean": 136.2825164794922,
  "summary_bg_median": 37.03794860839844,
  "summary_bg_n": 82178.0,
  "summary_bg_p05": 0.5133928656578064,
  "summary_bg_p95": 632.900039672851,
  "summary_bg_stdv": 284.7183837890625,
  "summary_fg_k": 0.6675452629264074,
  "summary_fg_mad": 707.7968690549433,
  "summary_fg_mean": 4562.00390625,
  "summary_fg_median": 4541.17431640625,
  "summary_fg_n": 29430.0,
  "summary_fg_p05": 3265.137585449219,
  "summary_fg_p95": 5863.871630859375,
  "summary_fg_stdv": 782.0018310546875,
  "tsnr": 65.55845805397257
}