{
  "aor": 0.0009689732142857144,
  "aqi": 0.003313924598214286,
  "bids_meta": {
    "AcquisitionMatrixPE": 64,
    "AcquisitionNumber": 1,
    "AcquisitionTime": "09:46:15.000000",
    "BodyPartExamined": "BRAIN",
    "CoilString": "Head_24",
    "ConversionSoftware": "dcm2niix",
    "ConversionSoftwareVersion": "v1.0.20200331",
    "DeviceSerialNumber": "00000070431MRS04",
    "EchoTime": 0.03,
    "EffectiveEchoSpacing": 0.000644,
    "FlipAngle": 78,
    "ImageOrientationPatientDICOM": [
      1,
      0,
      0,
      0,
      1,
      0
    ],
    "ImageType": [
      "ORIGINAL",
      "PRIMARY",
      "EPI",
      "NONE"
    ],
    "ImagingFrequency": 127.734,
    "InPlanePhaseEncodingDirectionDICOM": "ROW",
    "InstitutionName": "N_and_N_University_Hospital",
    "MRAcquisitionType": "2D",
    "MagneticFieldStrength": 3,
    "Manufacturer": "GE",
    "ManufacturersModelName": "DISCOVERY_MR750w",
    "Modality": "MR",
    "PatientPosition": "HFS",
    "PercentPhaseFOV": 100,
    "PercentSampling": 100,
    "PhaseEncodingDirection": "i-",
    "PhaseEncodingPolarityGE": "Flipped",
    "PixelBandwidth": 7812.5,
    "ProcedureStepDescription": "MRI_Head",
    "ProtocolName": "fMRI_4_PartB",
    "ReconMatrixPE": 64,
    "RepetitionTime": 2,
    "SAR": 0.0655503,
    "ScanOptions": "SAT_GEMS_EPI_GEMS_ACC_GEMS_FS",
    "ScanningSequence": "EP_GR",
    "SequenceVariant": "SS",
    "SeriesDescription": "fMRI_4_PartB",
    "SeriesNumber": 7,
    "SliceThickness": 3.3,
    "SliceTiming": [
      0,
      1.0285,
      0.0571001,
      1.0857,
      0.1142,
      1.1428,
      0.1714,
      1.2,
      0.2285,
      1.2571,
      0.2857,
      1.3143,
      0.3428,
      1.3714,
      0.4,
      1.4286,
      0.4571,
      1.4857,
      0.5142,
      1.5428,
      0.5714,
      1.6,
      0.6285,
      1.6571,
      0.6857,
      1.7143,
      0.7428,
      1.7714,
      0.8,
      1.8285,
      0.8571,
      1.8857,
      0.9143,
      1.9428,
      0.9714
    ],
    "SoftwareVersions": "27_LX_MR_Software_release:DV26.0_EB_1706.a",
    "SpacingBetweenSlices": 3.3,
    "StationName": "nnmr04",
    "TaskName": "localiser",
    "TotalReadoutTime": 0.040572,
    "dataset": "ds003342",
    "modality": "bold",
    "run_id": 4,
    "session_id": "localiser",
    "subject_id": "RE29",
    "task_id": "localiser"
  },
  "dummy_trs": 0,
  "dvars_nstd": 18.01947148493273,
  "dvars_std": 1.0881658349327352,
  "dvars_vstd": 1.0012635030493273,
  "efc": 0.5092187009887428,
  "fber": 15899.240234375,
  "fd_mean": 0.10316670342337035,
  "fd_num": 4,
  "fd_perc": 1.7857142857142858,
  "fwhm_avg": 2.3972204540413364,
  "fwhm_x": 2.3764687795556343,
  "fwhm_y": 2.5696896820519166,
  "fwhm_z": 2.245502900516458,
  "gcor": 0.0391418,
  "gsr_x": 0.0035976555664092302,
  "gsr_y": 0.019440192729234695,
  "provenance": {
    "md5sum": "d6df5313677634d3d18b624fd7e58c8b",
    "settings": {
      "fd_thres": 0.2,
      "testing": false
    },
    "software": "mriqc",
    "version": "22.0.6",
    "webapi_port": null,
    "webapi_url": "https://mriqc.nimh.nih.gov/api/v1"
  },
  "size_t": 224,
  "size_x": 64,
  "size_y": 64,
  "size_z": 35,
  "snr": 5.709208948835542,
  "spacing_tr": 2.0,
  "spacing_x": 3.2969000339508057,
  "spacing_y": 3.2969000339508057,
  "spacing_z": 3.3000001907348633,
  "summary_bg_k": 31.94699611430002,
  "summary_bg_mad": 50.58718497642746,
  "summary_bg_mean": 137.0793914794922,
  "summary_bg_median": 35.92857360839844,
  "summary_bg_n": 82043.0,
  "summary_bg_p05": 0.4196428656578064,
  "summary_bg_p95": 645.6696716308592,
  "summary_bg_stdv": 287.09710693359375,
  "summary_fg_k": 0.6316432280199153,
  "summary_fg_mad": 723.0994160985596,
  "summary_fg_mean": 4519.12939453125,
  "summary_fg_median": 4501.638671875,
  "summary_fg_n": 29535.0,
  "summary_fg_p05": 3217.0831298828125,
  "summary_fg_p95": 5827.00546875,
  "summary_fg_stdv": 788.4739379882812,
  "tsnr": 79.46250962559134
}