{
  "aor": 0.0020602678571428573,
  "aqi": 0.003859528080357143,
  "bids_meta": {
    "AcquisitionMatrixPE": 64,
    "AcquisitionNumber": 1,
    "AcquisitionTime": "09:28:48.000000",
    "BodyPartExamined": "BRAIN",
    "CoilString": "Head_24",
    "ConversionSoftware": "dcm2niix",
    "ConversionSoftwareVersion": "v1.0.20200331",
    "DeviceSerialNumber": "00000070431MRS04",
    "EchoTime": 0.03,
    "EffectiveEchoSpacing": 0.000644,
    "FlipAngle": 78,
    "ImageOrientationPatientDICOM": [
      1,
      0,
      0,
      0,
      1,
      0
    ],
    "ImageType": [
      "ORIGINAL",
      "PRIMARY",
      "EPI",
      "NONE"
    ],
    "ImagingFrequency": 127.734,
    "InPlanePhaseEncodingDirectionDICOM": "ROW",
    "InstitutionName": "N_and_N_University_Hospital",
    "MRAcquisitionType": "2D",
    "MagneticFieldStrength": 3,
    "Manufacturer": "GE",
    "ManufacturersModelName": "DISCOVERY_MR750w",
    "Modality": "MR",
    "PatientPosition": "HFS",
    "PercentPhaseFOV": 100,
    "PercentSampling": 100,
    "PhaseEncodingDirection": "i-",
    "PhaseEncodingPolarityGE": "Flipped",
    "PixelBandwidth": 7812.5,
    "ProcedureStepDescription": "MRI_Head",
    "ProtocolName": "fMRI_2_PartB",
    "ReconMatrixPE": 64,
    "RepetitionTime": 2,
    "SAR": 0.0655503,
    "ScanOptions": "SAT_GEMS_EPI_GEMS_ACC_GEMS_FS",
    "ScanningSequence": "EP_GR",
    "SequenceVariant": "SS",
    "SeriesDescription": "fMRI_2_PartB",
    "SeriesNumber": 5,
    "SliceThickness": 3.3,
    "SliceTiming": [
      0,
      1.0285,
      0.0571001,
      1.0857,
      0.1142,
      1.1428,
      0.1714,
      1.2,
      0.2285,
      1.2571,
      0.2857,
      1.3143,
      0.3428,
      1.3714,
      0.4,
      1.4286,
      0.4571,
      1.4857,
      0.5142,
      1.5428,
      0.5714,
      1.6,
      0.6285,
      1.6571,
      0.6857,
      1.7143,
      0.7428,
      1.7714,
      0.8,
      1.8285,
      0.8571,
      1.8857,
      0.9143,
      1.9428,
      0.9714
    ],
    "SoftwareVersions": "27_LX_MR_Software_release:DV26.0_EB_1706.a",
    "SpacingBetweenSlices": 3.3,
    "StationName": "nnmr04",
    "TaskName": "localiser",
    "TotalReadoutTime": 0.040572,
    "dataset": "ds003342",
    "modality": "bold",
    "run_id": 2,
    "session_id": "localiser",
    "subject_id": "RE29",
    "task_id": "localiser"
  },
  "dummy_trs": 0,
  "dvars_nstd": 17.74344555493274,
  "dvars_std": 1.0941256774439465,
  "dvars_vstd": 1.0138446296412555,
  "efc": 0.5097190921360287,
  "fber": 15742.24609375,
  "fd_mean": 0.08592286150707565,
  "fd_num": 6,
  "fd_perc": 2.6785714285714284,
  "fwhm_avg": 2.36067705594225,
  "fwhm_x": 2.3477721254181945,
  "fwhm_y": 2.5501106838004453,
  "fwhm_z": 2.18414835860811,
  "gcor": 0.024656,
  "gsr_x": 0.0038856957107782364,
  "gsr_y": 0.019998053088784218,
  "provenance": {
    "md5sum": "9bf0e7b203ac0d0811245284c1e0004b",
    "settings": {
      "fd_thres": 0.2,
      "testing": false
    },
    "software": "mriqc",
    "version": "22.0.6",
    "webapi_port": null,
    "webapi_url": "https://mriqc.nimh.nih.gov/api/v1"
  },
  "size_t": 224,
  "size_x": 64,
  "size_y": 64,
  "size_z": 35,
  "snr": 5.891985343216934,
  "spacing_tr": 2.0,
  "spacing_x": 3.2969000339508057,
  "spacing_y": 3.2969000339508057,
  "spacing_z": 3.3000001907348633,
  "summary_bg_k": 33.11766965004667,
  "summary_bg_mad": 50.82545712640521,
  "summary_bg_mean": 135.63841247558594,
  "summary_bg_median": 36.21875,
  "summary_bg_n": 81954.0,
  "summary_bg_p05": 0.3392857313156128,
  "summary_bg_p95": 645.1975677490228,
  "summary_bg_stdv": 286.21728515625,
  "summary_fg_k": 0.807441791766963,
  "summary_fg_mad": 688.8772214328294,
  "summary_fg_mean": 4519.978515625,
  "summary_fg_median": 4496.83740234375,
  "summary_fg_n": 29618.0,
  "summary_fg_p05": 3263.5554321289064,
  "summary_fg_p95": 5780.716137695312,
  "summary_fg_stdv": 763.19970703125,
  "tsnr": 77.9997591729043
}