{
  "aor": 0.0008185714285714287,
  "aqi": 0.0032017170535714287,
  "bids_meta": {
    "AcquisitionMatrixPE": 64,
    "AcquisitionNumber": 1,
    "AcquisitionTime": "09:37:6.000000",
    "BodyPartExamined": "BRAIN",
    "CoilString": "Head_24",
    "ConversionSoftware": "dcm2niix",
    "ConversionSoftwareVersion": "v1.0.20200331",
    "DeviceSerialNumber": "00000070431MRS04",
    "EchoTime": 0.03,
    "EffectiveEchoSpacing": 0.000644,
    "FlipAngle": 78,
    "ImageOrientationPatientDICOM": [
      1,
      0,
      0,
      0,
      1,
      0
    ],
    "ImageType": [
      "ORIGINAL",
      "PRIMARY",
      "EPI",
      "NONE"
    ],
    "ImagingFrequency": 127.734,
    "InPlanePhaseEncodingDirectionDICOM": "ROW",
    "InstitutionName": "N_and_N_University_Hospital",
    "MRAcquisitionType": "2D",
    "MagneticFieldStrength": 3,
    "Manufacturer": "GE",
    "ManufacturersModelName": "DISCOVERY_MR750w",
    "Modality": "MR",
    "PatientPosition": "HFS",
    "PercentPhaseFOV": 100,
    "PercentSampling": 100,
    "PhaseEncodingDirection": "i-",
    "PhaseEncodingPolarityGE": "Flipped",
    "PixelBandwidth": 7812.5,
    "ProcedureStepDescription": "MRI_Head",
    "ProtocolName": "fMRI_3_PartB",
    "ReconMatrixPE": 64,
    "RepetitionTime": 2,
    "SAR": 0.0655503,
    "ScanOptions": "SAT_GEMS_EPI_GEMS_ACC_GEMS_FS",
    "ScanningSequence": "EP_GR",
    "SequenceVariant": "SS",
    "SeriesDescription": "fMRI_3_PartB",
    "SeriesNumber": 6,
    "SliceThickness": 3.3,
    "SliceTiming": [
      0,
      1.0285,
      0.0571001,
      1.0857,
      0.1142,
      1.1428,
      0.1714,
      1.2,
      0.2285,
      1.2571,
      0.2857,
      1.3143,
      0.3428,
      1.3714,
      0.4,
      1.4286,
      0.4571,
      1.4857,
      0.5142,
      1.5428,
      0.5714,
      1.6,
      0.6285,
      1.6571,
      0.6857,
      1.7143,
      0.7428,
      1.7714,
      0.8,
      1.8285,
      0.8571,
      1.8857,
      0.9143,
      1.9428,
      0.9714
    ],
    "SoftwareVersions": "27_LX_MR_Software_release:DV26.0_EB_1706.a",
    "SpacingBetweenSlices": 3.3,
    "StationName": "nnmr04",
    "TaskName": "localiser",
    "TotalReadoutTime": 0.040572,
    "dataset": "ds003342",
    "modality": "bold",
    "run_id": 3,
    "session_id": "localiser",
    "subject_id": "RE29",
    "task_id": "localiser"
  },
  "dummy_trs": 0,
  "dvars_nstd": 17.56990974152466,
  "dvars_std": 1.0864469816143503,
  "dvars_vstd": 1.0032649183408076,
  "efc": 0.5081257042196657,
  "fber": 15888.0615234375,
  "fd_mean": 0.08952875215700562,
  "fd_num": 5,
  "fd_perc": 2.232142857142857,
  "fwhm_avg": 2.343822865245244,
  "fwhm_x": 2.3306863783770573,
  "fwhm_y": 2.5231671917062823,
  "fwhm_z": 2.177615025652393,
  "gcor": 0.0298175,
  "gsr_x": 0.0034389891661703587,
  "gsr_y": 0.020300032570958138,
  "provenance": {
    "md5sum": "2e670043fa67cd20e035add145432d9e",
    "settings": {
      "fd_thres": 0.2,
      "testing": false
    },
    "software": "mriqc",
    "version": "22.0.6",
    "webapi_port": null,
    "webapi_url": "https://mriqc.nimh.nih.gov/api/v1"
  },
  "size_t": 224,
  "size_x": 64,
  "size_y": 64,
  "size_z": 35,
  "snr": 5.921873577057127,
  "spacing_tr": 2.0,
  "spacing_x": 3.2969000339508057,
  "spacing_y": 3.2969000339508057,
  "spacing_z": 3.3000001907348633,
  "summary_bg_k": 34.56176780132598,
  "summary_bg_mad": 50.64013591411102,
  "summary_bg_mean": 135.68167114257812,
  "summary_bg_median": 36.06696701049805,
  "summary_bg_n": 82156.0,
  "summary_bg_p05": 0.3437500298023224,
  "summary_bg_p95": 643.3158569335938,
  "summary_bg_stdv": 288.97637939453125,
  "summary_fg_k": 0.7586606100488305,
  "summary_fg_mad": 690.038400123495,
  "summary_fg_mean": 4549.7880859375,
  "summary_fg_median": 4527.65625,
  "summary_fg_n": 29387.0,
  "summary_fg_p05": 3288.467456054688,
  "summary_fg_p95": 5816.272509765625,
  "summary_fg_stdv": 764.5518188476562,
  "tsnr": 84.68744207918644
}