{
  "bids_meta": {
    "AcquisitionMatrixPE": 256,
    "AcquisitionNumber": 1,
    "AcquisitionTime": "13:16:37.000000",
    "BodyPartExamined": "BRAIN",
    "CoilString": "Head+Neck_40",
    "ConversionSoftware": "dcm2niix",
    "ConversionSoftwareVersion": "v1.0.20200331",
    "DeviceSerialNumber": "00000070431MRS04",
    "EchoTime": 0.002588,
    "FlipAngle": 9,
    "ImageOrientationPatientDICOM": [
      -0.0200541,
      0.9692,
      0.245457,
      0.025905,
      0.245927,
      -0.968942
    ],
    "ImageType": [
      "ORIGINAL",
      "PRIMARY",
      "OTHER"
    ],
    "ImagingFrequency": 127.734,
    "InPlanePhaseEncodingDirectionDICOM": "ROW",
    "InstitutionName": "N_and_N_University_Hospital",
    "InversionTime": 0.9,
    "MRAcquisitionType": "3D",
    "MagneticFieldStrength": 3,
    "Manufacturer": "GE",
    "ManufacturersModelName": "DISCOVERY_MR750w",
    "Modality": "MR",
    "PatientPosition": "HFS",
    "PercentPhaseFOV": 100,
    "PercentSampling": 62.5,
    "PixelBandwidth": 390.625,
    "ProcedureStepDescription": "MRI_Head",
    "ProtocolName": "SAG_FSPGR_BRAVO",
    "ReconMatrixPE": 256,
    "RepetitionTime": 0.007176,
    "SAR": 0.0402297,
    "ScanOptions": "FAST_GEMS_NPW_EDR_GEMS_ACC_GEMS_IR_GEMS",
    "ScanningSequence": "GR",
    "SequenceVariant": "SS_SK_OSP",
    "SeriesDescription": "SAG_FSPGR_BRAVO",
    "SeriesNumber": 2,
    "SliceThickness": 0.9,
    "SoftwareVersions": "27_LX_MR_Software_release:DV26.0_EB_1706.a",
    "SpacingBetweenSlices": 0.9,
    "StationName": "nnmr04",
    "dataset": "ds003342",
    "modality": "T1w",
    "session_id": "localiser",
    "subject_id": "JM15"
  },
  "cjv": 0.38315598203466517,
  "cnr": 3.573458023597005,
  "efc": 0.5523262432912935,
  "fber": 26292.353743780717,
  "fwhm_avg": 4.529281402688238,
  "fwhm_x": 4.48174456317013,
  "fwhm_y": 4.623397105828298,
  "fwhm_z": 4.4827025390662865,
  "icvs_csf": 0.16734240591680258,
  "icvs_gm": 0.42468542405874604,
  "icvs_wm": 0.40797217002445135,
  "inu_med": 0.45311303436756134,
  "inu_range": 0.1591809242963791,
  "provenance": {
    "md5sum": "796ecb90de37cbe13e57643c797a8444",
    "settings": {
      "testing": false
    },
    "software": "mriqc",
    "version": "22.0.6",
    "warnings": {
      "large_rot_frame": true,
      "small_air_mask": false
    },
    "webapi_port": null,
    "webapi_url": "https://mriqc.nimh.nih.gov/api/v1"
  },
  "qi_1": 0.0,
  "qi_2": 0.00037397963835939787,
  "rpve_csf": 29.62239490936244,
  "rpve_gm": 12.235554155246199,
  "rpve_wm": 14.413716468502413,
  "size_x": 196,
  "size_y": 256,
  "size_z": 256,
  "snr_csf": 2.3886755113554616,
  "snr_gm": 14.498208518676936,
  "snr_total": 12.603527216226341,
  "snr_wm": 20.923697618646628,
  "snrd_csf": 35.50358236862202,
  "snrd_gm": 82.52869188614862,
  "snrd_total": 76.3546073930786,
  "snrd_wm": 111.03154792446514,
  "spacing_x": 0.8999999761581421,
  "spacing_y": 0.8984000086784363,
  "spacing_z": 0.8984000086784363,
  "summary_bg_k": 5435.557764621864,
  "summary_bg_mad": 5.900603370324148,
  "summary_bg_mean": 6.7715506619029,
  "summary_bg_median": 3.979896493256092,
  "summary_bg_n": 3578966.0,
  "summary_bg_p05": 0.0,
  "summary_bg_p95": 23.29259934835136,
  "summary_bg_stdv": 15.75512728760378,
  "summary_csf_k": 2.6842153638125934,
  "summary_csf_mad": 114.30527810974085,
  "summary_csf_mean": 318.0445256425993,
  "summary_csf_median": 319.76937593892217,
  "summary_csf_n": 24565.0,
  "summary_csf_p05": 90.84879110567272,
  "summary_csf_p95": 537.3064363151789,
  "summary_csf_stdv": 133.86618053174354,
  "summary_gm_k": 0.08356941218596825,
  "summary_gm_mad": 50.930528449624774,
  "summary_gm_mean": 742.794175725979,
  "summary_gm_median": 743.3094505080953,
  "summary_gm_n": 51104.0,
  "summary_gm_p05": 657.2480156649835,
  "summary_gm_p95": 825.4420131719671,
  "summary_gm_stdv": 51.268553421455884,
  "summary_wm_k": 0.17213245682251266,
  "summary_wm_mad": 47.43177324606719,
  "summary_wm_mean": 1001.8992682948307,
  "summary_wm_median": 1000.0255304016173,
  "summary_wm_n": 292311.0,
  "summary_wm_p05": 926.7801276315004,
  "summary_wm_p95": 1083.2716987188905,
  "summary_wm_stdv": 47.79383826300044,
  "tpm_overlap_csf": 0.12574148186518014,
  "tpm_overlap_gm": 0.4533456289892454,
  "tpm_overlap_wm": 0.510559301901351,
  "wm2max": 0.6298891210027318
}