{
  "aor": 0.0004991573033707866,
  "aqi": 0.01034527786516854,
  "bids_meta": {
    "AcquisitionMatrixPE": 64,
    "AcquisitionNumber": 1,
    "AcquisitionTime": "14:43:30.000000",
    "BodyPartExamined": "BRAIN",
    "CoilString": "RM:HNU_FlexS",
    "ConversionSoftware": "dcm2niix",
    "ConversionSoftwareVersion": "v1.0.20200331",
    "DeviceSerialNumber": "00000070431MRS04",
    "EchoTime": 0.03,
    "EffectiveEchoSpacing": 0.000644,
    "FlipAngle": 78,
    "ImageOrientationPatientDICOM": [
      1,
      0,
      0,
      0,
      1,
      0
    ],
    "ImageType": [
      "ORIGINAL",
      "PRIMARY",
      "EPI",
      "NONE"
    ],
    "ImagingFrequency": 127.734,
    "InPlanePhaseEncodingDirectionDICOM": "COL",
    "InstitutionName": "N_and_N_University_Hospital",
    "MRAcquisitionType": "2D",
    "MagneticFieldStrength": 3,
    "Manufacturer": "GE",
    "ManufacturersModelName": "DISCOVERY_MR750w",
    "Modality": "MR",
    "PatientPosition": "HFS",
    "PercentPhaseFOV": 100,
    "PercentSampling": 100,
    "PhaseEncodingDirection": "j",
    "PhaseEncodingPolarityGE": "Flipped",
    "PixelBandwidth": 7812.5,
    "ProcedureStepDescription": "MRI_Head",
    "ProtocolName": "fMRI_7_PartA",
    "ReconMatrixPE": 64,
    "RepetitionTime": 2,
    "SAR": 0.0686835,
    "ScanOptions": "SAT_GEMS_EPI_GEMS_ACC_GEMS_FS",
    "ScanningSequence": "EP_GR",
    "SequenceVariant": "SS",
    "SeriesDescription": "fMRI_7_PartA",
    "SeriesNumber": 10,
    "SliceThickness": 3.3,
    "SliceTiming": [
      0,
      1.0285,
      0.0571001,
      1.0857,
      0.1142,
      1.1428,
      0.1714,
      1.2,
      0.2285,
      1.2571,
      0.2857,
      1.3143,
      0.3428,
      1.3714,
      0.4,
      1.4286,
      0.4571,
      1.4857,
      0.5142,
      1.5428,
      0.5714,
      1.6,
      0.6285,
      1.6571,
      0.6857,
      1.7143,
      0.7428,
      1.7714,
      0.8,
      1.8285,
      0.8571,
      1.8857,
      0.9143,
      1.9428,
      0.9714
    ],
    "SoftwareVersions": "27_LX_MR_Software_release:DV26.0_EB_1706.a",
    "SpacingBetweenSlices": 3.3,
    "StationName": "nnmr04",
    "TaskName": "grasp",
    "TotalReadoutTime": 0.040572,
    "dataset": "ds003342",
    "modality": "bold",
    "run_id": 7,
    "session_id": "action",
    "subject_id": "LB28",
    "task_id": "grasp"
  },
  "dummy_trs": 0,
  "dvars_nstd": 42.504026639209066,
  "dvars_std": 1.0744948750847463,
  "dvars_vstd": 1.0074159502259892,
  "efc": 0.5223904362255105,
  "fber": 3216.784912109375,
  "fd_mean": 0.1697514239033254,
  "fd_num": 50,
  "fd_perc": 28.089887640449437,
  "fwhm_avg": 2.5016317501135767,
  "fwhm_x": 2.5375231016558115,
  "fwhm_y": 2.5025993857971836,
  "fwhm_z": 2.4647727628877343,
  "gcor": 0.0116498,
  "gsr_x": -0.0006858966662548482,
  "gsr_y": 0.02226296253502369,
  "provenance": {
    "md5sum": "438a7980add5bd7d523994c0913d6f8a",
    "settings": {
      "fd_thres": 0.2,
      "testing": false
    },
    "software": "mriqc",
    "version": "22.0.6",
    "webapi_port": null,
    "webapi_url": "https://mriqc.nimh.nih.gov/api/v1"
  },
  "size_t": 178,
  "size_x": 64,
  "size_y": 64,
  "size_z": 35,
  "snr": 4.526838341427595,
  "spacing_tr": 2.0,
  "spacing_x": 3.2969000339508057,
  "spacing_y": 3.2969000339508057,
  "spacing_z": 3.299999952316284,
  "summary_bg_k": 46.238930404394985,
  "summary_bg_mad": 18.411754248998093,
  "summary_bg_mean": 48.160072326660156,
  "summary_bg_median": 24.601123809814453,
  "summary_bg_n": 80714.0,
  "summary_bg_p05": 1.398876428604126,
  "summary_bg_p95": 166.65421981811488,
  "summary_bg_stdv": 82.51531219482422,
  "summary_fg_k": -0.05354520937595009,
  "summary_fg_mad": 316.8895738876888,
  "summary_fg_mean": 1424.970458984375,
  "summary_fg_median": 1401.5589599609375,
  "summary_fg_n": 30494.0,
  "summary_fg_p05": 953.7693725585938,
  "summary_fg_p95": 1966.4326171875,
  "summary_fg_stdv": 309.6059265136719,
  "tsnr": 33.98166258074343
}