{
  "bids_meta": {
    "AcquisitionMatrixPE": 256,
    "AcquisitionNumber": 1,
    "AcquisitionTime": "12:56:7.000000",
    "BodyPartExamined": "BRAIN",
    "CoilString": "RM:HNU_FlexS",
    "ConversionSoftware": "dcm2niix",
    "ConversionSoftwareVersion": "v1.0.20200331",
    "DeviceSerialNumber": "00000070431MRS04",
    "EchoTime": 0.002564,
    "FlipAngle": 9,
    "ImageOrientationPatientDICOM": [
      0.0881847,
      0.935452,
      0.342278,
      0.0536287,
      0.338659,
      -0.93938
    ],
    "ImageType": [
      "ORIGINAL",
      "PRIMARY",
      "OTHER"
    ],
    "ImagingFrequency": 127.734,
    "InPlanePhaseEncodingDirectionDICOM": "ROW",
    "InstitutionName": "N_and_N_University_Hospital",
    "InversionTime": 0.9,
    "MRAcquisitionType": "3D",
    "MagneticFieldStrength": 3,
    "Manufacturer": "GE",
    "ManufacturersModelName": "DISCOVERY_MR750w",
    "Modality": "MR",
    "PatientPosition": "HFS",
    "PercentPhaseFOV": 100,
    "PercentSampling": 62.5,
    "PixelBandwidth": 390.625,
    "ProcedureStepDescription": "MRI_Head",
    "ProtocolName": "SAG_FSPGR_BRAVO_from_cann_study",
    "ReconMatrixPE": 256,
    "RepetitionTime": 0.007256,
    "SAR": 0.0477715,
    "ScanOptions": "FAST_GEMS_NPW_EDR_GEMS_ACC_GEMS_IR_GEMS",
    "ScanningSequence": "GR",
    "SequenceVariant": "SS_SK_OSP",
    "SeriesDescription": "SAG_FSPGR_BRAVO_from_cann_study",
    "SeriesNumber": 15,
    "SliceThickness": 0.9,
    "SoftwareVersions": "27_LX_MR_Software_release:DV26.0_EA_1641.c",
    "SpacingBetweenSlices": 0.9,
    "StationName": "nnmr04",
    "dataset": "ds003342",
    "modality": "T1w",
    "session_id": "action",
    "subject_id": "TS12"
  },
  "cjv": 0.536808980872426,
  "cnr": 2.418687133714598,
  "efc": 0.5859900670338027,
  "fber": 1852.3198167926305,
  "fwhm_avg": 4.469543268930159,
  "fwhm_x": 4.560633454148861,
  "fwhm_y": 4.534884194840045,
  "fwhm_z": 4.31311215780157,
  "icvs_csf": 0.19118659853624181,
  "icvs_gm": 0.40043533567455086,
  "icvs_wm": 0.4083780657892073,
  "inu_med": 0.9601565003395081,
  "inu_range": 0.9524179697036739,
  "provenance": {
    "md5sum": "d44fa289c6f48d04fe1bb103c0fa8eb4",
    "settings": {
      "testing": false
    },
    "software": "mriqc",
    "version": "22.0.6",
    "warnings": {
      "large_rot_frame": true,
      "small_air_mask": false
    },
    "webapi_port": null,
    "webapi_url": "https://mriqc.nimh.nih.gov/api/v1"
  },
  "qi_1": 0.0,
  "qi_2": 0.00025290368799240075,
  "rpve_csf": 24.92578399792662,
  "rpve_gm": 11.067955174983998,
  "rpve_wm": 12.17458333922622,
  "size_x": 186,
  "size_y": 256,
  "size_z": 256,
  "snr_csf": 1.9717185534805532,
  "snr_gm": 8.532484551552185,
  "snr_total": 7.250826279142061,
  "snr_wm": 11.248275732393441,
  "snrd_csf": 4.276558569714403,
  "snrd_gm": 11.489894637071414,
  "snrd_total": 10.782944990274975,
  "snrd_wm": 16.582381764039106,
  "spacing_x": 0.8999999761581421,
  "spacing_y": 0.8984000086784363,
  "spacing_z": 0.8984000086784363,
  "summary_bg_k": 1.358151568341758,
  "summary_bg_mad": 39.50798075010723,
  "summary_bg_mean": 36.355631238626785,
  "summary_bg_median": 26.647728066891432,
  "summary_bg_n": 2443984.0,
  "summary_bg_p05": 0.0,
  "summary_bg_p95": 114.14773067459464,
  "summary_bg_stdv": 40.29345028205617,
  "summary_csf_k": 1.7225481528080042,
  "summary_csf_mad": 127.03205750780748,
  "summary_csf_mean": 264.7427491916298,
  "summary_csf_median": 257.8977349586785,
  "summary_csf_n": 24754.0,
  "summary_csf_p05": 60.17045633867383,
  "summary_csf_p95": 488.56251456029696,
  "summary_csf_stdv": 130.79581020195158,
  "summary_gm_k": 0.1624080463970783,
  "summary_gm_mad": 78.93172273528886,
  "summary_gm_mean": 690.8307168635097,
  "summary_gm_median": 692.8977479226887,
  "summary_gm_n": 29712.0,
  "summary_gm_p05": 551.906266448088,
  "summary_gm_p95": 822.1022972278297,
  "summary_gm_stdv": 81.20566564219385,
  "summary_wm_k": 0.36320826769053616,
  "summary_wm_mad": 85.92354022411381,
  "summary_wm_mean": 1001.795386451757,
  "summary_wm_median": 1000.0000298023224,
  "summary_wm_n": 236207.0,
  "summary_wm_p05": 859.6022983454168,
  "summary_wm_p95": 1150.7954888418317,
  "summary_wm_stdv": 88.90232928170248,
  "tpm_overlap_csf": 0.12537417718581817,
  "tpm_overlap_gm": 0.42638361499285055,
  "tpm_overlap_wm": 0.4633939922601658,
  "wm2max": 0.3601391446695314
}