{
  "aor": 0.0014316853932584267,
  "aqi": 0.009745924101123595,
  "bids_meta": {
    "AcquisitionMatrixPE": 64,
    "AcquisitionNumber": 1,
    "AcquisitionTime": "12:58:40.000000",
    "BodyPartExamined": "BRAIN",
    "CoilString": "RM:HNU_FlexS",
    "ConversionSoftware": "dcm2niix",
    "ConversionSoftwareVersion": "v1.0.20200331",
    "DeviceSerialNumber": "00000070431MRS04",
    "EchoTime": 0.03,
    "EffectiveEchoSpacing": 0.000644,
    "FlipAngle": 78,
    "ImageOrientationPatientDICOM": [
      1,
      0,
      0,
      0,
      1,
      0
    ],
    "ImageType": [
      "ORIGINAL",
      "PRIMARY",
      "EPI",
      "NONE"
    ],
    "ImagingFrequency": 127.734,
    "InPlanePhaseEncodingDirectionDICOM": "COL",
    "InstitutionName": "N_and_N_University_Hospital",
    "MRAcquisitionType": "2D",
    "MagneticFieldStrength": 3,
    "Manufacturer": "GE",
    "ManufacturersModelName": "DISCOVERY_MR750w",
    "Modality": "MR",
    "PatientPosition": "HFS",
    "PercentPhaseFOV": 100,
    "PercentSampling": 100,
    "PhaseEncodingDirection": "j",
    "PhaseEncodingPolarityGE": "Flipped",
    "PixelBandwidth": 7812.5,
    "ProcedureStepDescription": "MRI_Head",
    "ProtocolName": "fMRI_7_PartA",
    "ReconMatrixPE": 64,
    "RepetitionTime": 2,
    "SAR": 0.0665355,
    "ScanOptions": "SAT_GEMS_EPI_GEMS_ACC_GEMS_FS",
    "ScanningSequence": "EP_GR",
    "SequenceVariant": "SS",
    "SeriesDescription": "fMRI_7_PartA",
    "SeriesNumber": 10,
    "SliceThickness": 3.3,
    "SliceTiming": [
      0,
      1.0285,
      0.0571001,
      1.0857,
      0.1142,
      1.1428,
      0.1714,
      1.2,
      0.2285,
      1.2571,
      0.2857,
      1.3143,
      0.3428,
      1.3714,
      0.4,
      1.4286,
      0.4571,
      1.4857,
      0.5142,
      1.5428,
      0.5714,
      1.6,
      0.6285,
      1.6571,
      0.6857,
      1.7143,
      0.7428,
      1.7714,
      0.8,
      1.8285,
      0.8571,
      1.8857,
      0.9143,
      1.9428,
      0.9714
    ],
    "SoftwareVersions": "27_LX_MR_Software_release:DV26.0_EB_1706.a",
    "SpacingBetweenSlices": 3.3,
    "StationName": "nnmr04",
    "TaskName": "grasp",
    "TotalReadoutTime": 0.040572,
    "dataset": "ds003342",
    "modality": "bold",
    "run_id": 7,
    "session_id": "action",
    "subject_id": "RE29",
    "task_id": "grasp"
  },
  "dummy_trs": 0,
  "dvars_nstd": 38.9137688544068,
  "dvars_std": 1.0478982825423724,
  "dvars_vstd": 1.0183741561016946,
  "efc": 0.5206283685931208,
  "fber": 3137.33740234375,
  "fd_mean": 0.3007058882444967,
  "fd_num": 115,
  "fd_perc": 64.6067415730337,
  "fwhm_avg": 2.7167396732949083,
  "fwhm_x": 2.778519186407545,
  "fwhm_y": 2.9056992633532013,
  "fwhm_z": 2.466000570123978,
  "gcor": 0.0109595,
  "gsr_x": 0.0008613051031716168,
  "gsr_y": 0.031200990080833435,
  "provenance": {
    "md5sum": "dee1d953ba748204fc74911c6edc7f05",
    "settings": {
      "fd_thres": 0.2,
      "testing": false
    },
    "software": "mriqc",
    "version": "22.0.6",
    "webapi_port": null,
    "webapi_url": "https://mriqc.nimh.nih.gov/api/v1"
  },
  "size_t": 178,
  "size_x": 64,
  "size_y": 64,
  "size_z": 35,
  "snr": 4.277502900478673,
  "spacing_tr": 2.0,
  "spacing_x": 3.2969000339508057,
  "spacing_y": 3.2969000339508057,
  "spacing_z": 3.299999237060547,
  "summary_bg_k": 30.61868591664487,
  "summary_bg_mad": 17.566339872744567,
  "summary_bg_mean": 57.02277374267578,
  "summary_bg_median": 24.719100952148438,
  "summary_bg_n": 82140.0,
  "summary_bg_p05": 3.393258571624756,
  "summary_bg_p95": 235.55871353149462,
  "summary_bg_stdv": 104.42125701904297,
  "summary_fg_k": -0.017702099320246134,
  "summary_fg_mad": 325.7851871987224,
  "summary_fg_mean": 1414.30419921875,
  "summary_fg_median": 1382.7808837890625,
  "summary_fg_n": 29578.0,
  "summary_fg_p05": 937.4180084228516,
  "summary_fg_p95": 2011.476434326171,
  "summary_fg_stdv": 323.2627868652344,
  "tsnr": 34.05373320961371
}