{
  "aor": 0.0006449438202247191,
  "aqi": 0.011302254269662922,
  "bids_meta": {
    "AcquisitionMatrixPE": 64,
    "AcquisitionNumber": 1,
    "AcquisitionTime": "12:44:9.000000",
    "BodyPartExamined": "BRAIN",
    "CoilString": "RM:HNU_FlexS",
    "ConversionSoftware": "dcm2niix",
    "ConversionSoftwareVersion": "v1.0.20200331",
    "DeviceSerialNumber": "00000070431MRS04",
    "EchoTime": 0.03,
    "EffectiveEchoSpacing": 0.000644,
    "FlipAngle": 78,
    "ImageOrientationPatientDICOM": [
      1,
      0,
      0,
      0,
      1,
      0
    ],
    "ImageType": [
      "ORIGINAL",
      "PRIMARY",
      "EPI",
      "NONE"
    ],
    "ImagingFrequency": 127.734,
    "InPlanePhaseEncodingDirectionDICOM": "COL",
    "InstitutionName": "N_and_N_University_Hospital",
    "MRAcquisitionType": "2D",
    "MagneticFieldStrength": 3,
    "Manufacturer": "GE",
    "ManufacturersModelName": "DISCOVERY_MR750w",
    "Modality": "MR",
    "PatientPosition": "HFS",
    "PercentPhaseFOV": 100,
    "PercentSampling": 100,
    "PhaseEncodingDirection": "j",
    "PhaseEncodingPolarityGE": "Flipped",
    "PixelBandwidth": 7812.5,
    "ProcedureStepDescription": "MRI_Head",
    "ProtocolName": "fMRI_5_PartA",
    "ReconMatrixPE": 64,
    "RepetitionTime": 2,
    "SAR": 0.0665355,
    "ScanOptions": "SAT_GEMS_EPI_GEMS_ACC_GEMS_FS",
    "ScanningSequence": "EP_GR",
    "SequenceVariant": "SS",
    "SeriesDescription": "fMRI_5_PartA",
    "SeriesNumber": 8,
    "SliceThickness": 3.3,
    "SliceTiming": [
      0,
      1.0285,
      0.0571001,
      1.0857,
      0.1142,
      1.1428,
      0.1714,
      1.2,
      0.2285,
      1.2571,
      0.2857,
      1.3143,
      0.3428,
      1.3714,
      0.4,
      1.4286,
      0.4571,
      1.4857,
      0.5142,
      1.5428,
      0.5714,
      1.6,
      0.6285,
      1.6571,
      0.6857,
      1.7143,
      0.7428,
      1.7714,
      0.8,
      1.8285,
      0.8571,
      1.8857,
      0.9143,
      1.9428,
      0.9714
    ],
    "SoftwareVersions": "27_LX_MR_Software_release:DV26.0_EB_1706.a",
    "SpacingBetweenSlices": 3.3,
    "StationName": "nnmr04",
    "TaskName": "grasp",
    "TotalReadoutTime": 0.040572,
    "dataset": "ds003342",
    "modality": "bold",
    "run_id": 5,
    "session_id": "action",
    "subject_id": "RE29",
    "task_id": "grasp"
  },
  "dummy_trs": 0,
  "dvars_nstd": 39.617948995593245,
  "dvars_std": 1.0274960716384185,
  "dvars_vstd": 0.9996302312994353,
  "efc": 0.516659779111998,
  "fber": 3086.992919921875,
  "fd_mean": 0.31473918548998087,
  "fd_num": 108,
  "fd_perc": 60.674157303370784,
  "fwhm_avg": 2.8698975506220084,
  "fwhm_x": 2.8850070981988187,
  "fwhm_y": 3.0194728070267423,
  "fwhm_z": 2.7052127466404645,
  "gcor": 0.00875785,
  "gsr_x": 0.0032338385935872793,
  "gsr_y": 0.03260715305805206,
  "provenance": {
    "md5sum": "2bb410833f9f509469a1f71a1bbafb83",
    "settings": {
      "fd_thres": 0.2,
      "testing": false
    },
    "software": "mriqc",
    "version": "22.0.6",
    "webapi_port": null,
    "webapi_url": "https://mriqc.nimh.nih.gov/api/v1"
  },
  "size_t": 178,
  "size_x": 64,
  "size_y": 64,
  "size_z": 35,
  "snr": 4.144088735332278,
  "spacing_tr": 2.0,
  "spacing_x": 3.2969000339508057,
  "spacing_y": 3.2969000339508057,
  "spacing_z": 3.299999237060547,
  "summary_bg_k": 32.74823789683352,
  "summary_bg_mad": 17.632970836591802,
  "summary_bg_mean": 56.261409759521484,
  "summary_bg_median": 24.910112380981445,
  "summary_bg_n": 82769.0,
  "summary_bg_p05": 3.2775280952453643,
  "summary_bg_p95": 228.80336914062477,
  "summary_bg_stdv": 104.1765365600586,
  "summary_fg_k": -0.04132068022851154,
  "summary_fg_mad": 338.5788752025396,
  "summary_fg_mean": 1428.66943359375,
  "summary_fg_median": 1391.85400390625,
  "summary_fg_n": 29196.0,
  "summary_fg_p05": 937.846923828125,
  "summary_fg_p95": 2053.5463256835938,
  "summary_fg_stdv": 335.8591613769531,
  "tsnr": 32.459551256208215
}