{
  "aor": 0.0007153932584269664,
  "aqi": 0.007726428707865168,
  "bids_meta": {
    "AcquisitionMatrixPE": 64,
    "AcquisitionNumber": 1,
    "AcquisitionTime": "12:51:4.000000",
    "BodyPartExamined": "BRAIN",
    "CoilString": "RM:HNU_FlexS",
    "ConversionSoftware": "dcm2niix",
    "ConversionSoftwareVersion": "v1.0.20200331",
    "DeviceSerialNumber": "00000070431MRS04",
    "EchoTime": 0.03,
    "EffectiveEchoSpacing": 0.000644,
    "FlipAngle": 78,
    "ImageOrientationPatientDICOM": [
      1,
      0,
      0,
      0,
      1,
      0
    ],
    "ImageType": [
      "ORIGINAL",
      "PRIMARY",
      "EPI",
      "NONE"
    ],
    "ImagingFrequency": 127.734,
    "InPlanePhaseEncodingDirectionDICOM": "COL",
    "InstitutionName": "N_and_N_University_Hospital",
    "MRAcquisitionType": "2D",
    "MagneticFieldStrength": 3,
    "Manufacturer": "GE",
    "ManufacturersModelName": "DISCOVERY_MR750w",
    "Modality": "MR",
    "PatientPosition": "HFS",
    "PercentPhaseFOV": 100,
    "PercentSampling": 100,
    "PhaseEncodingDirection": "j",
    "PhaseEncodingPolarityGE": "Flipped",
    "PixelBandwidth": 7812.5,
    "ProcedureStepDescription": "MRI_Head",
    "ProtocolName": "fMRI_6_PartA",
    "ReconMatrixPE": 64,
    "RepetitionTime": 2,
    "SAR": 0.0665355,
    "ScanOptions": "SAT_GEMS_EPI_GEMS_ACC_GEMS_FS",
    "ScanningSequence": "EP_GR",
    "SequenceVariant": "SS",
    "SeriesDescription": "fMRI_6_PartA",
    "SeriesNumber": 9,
    "SliceThickness": 3.3,
    "SliceTiming": [
      0,
      1.0285,
      0.0571001,
      1.0857,
      0.1142,
      1.1428,
      0.1714,
      1.2,
      0.2285,
      1.2571,
      0.2857,
      1.3143,
      0.3428,
      1.3714,
      0.4,
      1.4286,
      0.4571,
      1.4857,
      0.5142,
      1.5428,
      0.5714,
      1.6,
      0.6285,
      1.6571,
      0.6857,
      1.7143,
      0.7428,
      1.7714,
      0.8,
      1.8285,
      0.8571,
      1.8857,
      0.9143,
      1.9428,
      0.9714
    ],
    "SoftwareVersions": "27_LX_MR_Software_release:DV26.0_EB_1706.a",
    "SpacingBetweenSlices": 3.3,
    "StationName": "nnmr04",
    "TaskName": "grasp",
    "TotalReadoutTime": 0.040572,
    "dataset": "ds003342",
    "modality": "bold",
    "run_id": 6,
    "session_id": "action",
    "subject_id": "RE29",
    "task_id": "grasp"
  },
  "dummy_trs": 0,
  "dvars_nstd": 38.44931571197741,
  "dvars_std": 1.0495872220338984,
  "dvars_vstd": 1.0169962552542366,
  "efc": 0.5167838722063706,
  "fber": 3114.574462890625,
  "fd_mean": 0.2765564339450938,
  "fd_num": 108,
  "fd_perc": 60.674157303370784,
  "fwhm_avg": 2.8513921693526942,
  "fwhm_x": 2.853723165129,
  "fwhm_y": 2.9755011977855976,
  "fwhm_z": 2.724952145143485,
  "gcor": 0.00938156,
  "gsr_x": 0.0020882529206573963,
  "gsr_y": 0.03327100723981857,
  "provenance": {
    "md5sum": "0a5e4c846e06cde39a1796990231b745",
    "settings": {
      "fd_thres": 0.2,
      "testing": false
    },
    "software": "mriqc",
    "version": "22.0.6",
    "webapi_port": null,
    "webapi_url": "https://mriqc.nimh.nih.gov/api/v1"
  },
  "size_t": 178,
  "size_x": 64,
  "size_y": 64,
  "size_z": 35,
  "snr": 4.143429523161205,
  "spacing_tr": 2.0,
  "spacing_x": 3.2969000339508057,
  "spacing_y": 3.2969000339508057,
  "spacing_z": 3.299999237060547,
  "summary_bg_k": 33.117474075681834,
  "summary_bg_mad": 17.558007644204476,
  "summary_bg_mean": 56.166385650634766,
  "summary_bg_median": 24.657302856445312,
  "summary_bg_n": 82753.0,
  "summary_bg_p05": 3.6460673809051514,
  "summary_bg_p95": 231.56068115234353,
  "summary_bg_stdv": 104.94569396972656,
  "summary_fg_k": 0.020948796400710012,
  "summary_fg_mad": 335.372150665358,
  "summary_fg_mean": 1430.06494140625,
  "summary_fg_median": 1392.550537109375,
  "summary_fg_n": 29300.0,
  "summary_fg_p05": 938.5224578857421,
  "summary_fg_p95": 2060.4466552734375,
  "summary_fg_stdv": 336.0807189941406,
  "tsnr": 35.394314983394
}