{
  "aor": 0.0011239887640449439,
  "aqi": 0.012592863033707866,
  "bids_meta": {
    "AcquisitionMatrixPE": 64,
    "AcquisitionNumber": 1,
    "AcquisitionTime": "12:22:54.000000",
    "BodyPartExamined": "BRAIN",
    "CoilString": "RM:HNU_FlexS",
    "ConversionSoftware": "dcm2niix",
    "ConversionSoftwareVersion": "v1.0.20200331",
    "DeviceSerialNumber": "00000070431MRS04",
    "EchoTime": 0.03,
    "EffectiveEchoSpacing": 0.000644,
    "FlipAngle": 78,
    "ImageOrientationPatientDICOM": [
      1,
      0,
      0,
      0,
      1,
      0
    ],
    "ImageType": [
      "ORIGINAL",
      "PRIMARY",
      "EPI",
      "NONE"
    ],
    "ImagingFrequency": 127.734,
    "InPlanePhaseEncodingDirectionDICOM": "COL",
    "InstitutionName": "N_and_N_University_Hospital",
    "MRAcquisitionType": "2D",
    "MagneticFieldStrength": 3,
    "Manufacturer": "GE",
    "ManufacturersModelName": "DISCOVERY_MR750w",
    "Modality": "MR",
    "PatientPosition": "HFS",
    "PercentPhaseFOV": 100,
    "PercentSampling": 100,
    "PhaseEncodingDirection": "j",
    "PhaseEncodingPolarityGE": "Flipped",
    "PixelBandwidth": 7812.5,
    "ProcedureStepDescription": "MRI_Head",
    "ProtocolName": "fMRI_2_PartA",
    "ReconMatrixPE": 64,
    "RepetitionTime": 2,
    "SAR": 0.0665355,
    "ScanOptions": "SAT_GEMS_EPI_GEMS_ACC_GEMS_FS",
    "ScanningSequence": "EP_GR",
    "SequenceVariant": "SS",
    "SeriesDescription": "fMRI_2_PartA",
    "SeriesNumber": 5,
    "SliceThickness": 3.3,
    "SliceTiming": [
      0,
      1.0285,
      0.0571001,
      1.0857,
      0.1142,
      1.1428,
      0.1714,
      1.2,
      0.2285,
      1.2571,
      0.2857,
      1.3143,
      0.3428,
      1.3714,
      0.4,
      1.4286,
      0.4571,
      1.4857,
      0.5142,
      1.5428,
      0.5714,
      1.6,
      0.6285,
      1.6571,
      0.6857,
      1.7143,
      0.7428,
      1.7714,
      0.8,
      1.8285,
      0.8571,
      1.8857,
      0.9143,
      1.9428,
      0.9714
    ],
    "SoftwareVersions": "27_LX_MR_Software_release:DV26.0_EB_1706.a",
    "SpacingBetweenSlices": 3.3,
    "StationName": "nnmr04",
    "TaskName": "grasp",
    "TotalReadoutTime": 0.040572,
    "dataset": "ds003342",
    "modality": "bold",
    "run_id": 2,
    "session_id": "action",
    "subject_id": "RE29",
    "task_id": "grasp"
  },
  "dummy_trs": 0,
  "dvars_nstd": 40.10594685853109,
  "dvars_std": 1.0413375410169492,
  "dvars_vstd": 1.0059409825423729,
  "efc": 0.5156830551285014,
  "fber": 3194.373291015625,
  "fd_mean": 0.3526888994601898,
  "fd_num": 119,
  "fd_perc": 66.85393258426966,
  "fwhm_avg": 2.740387228973693,
  "fwhm_x": 2.764997393347117,
  "fwhm_y": 2.880742486031263,
  "fwhm_z": 2.5754218075426984,
  "gcor": 0.0180499,
  "gsr_x": 0.0045574321411550045,
  "gsr_y": 0.03183500096201897,
  "provenance": {
    "md5sum": "84572fc5dfed12e30fbe14a7d39bfcaa",
    "settings": {
      "fd_thres": 0.2,
      "testing": false
    },
    "software": "mriqc",
    "version": "22.0.6",
    "webapi_port": null,
    "webapi_url": "https://mriqc.nimh.nih.gov/api/v1"
  },
  "size_t": 178,
  "size_x": 64,
  "size_y": 64,
  "size_z": 35,
  "snr": 4.351766340845094,
  "spacing_tr": 2.0,
  "spacing_x": 3.2969000339508057,
  "spacing_y": 3.2969000339508057,
  "spacing_z": 3.299999237060547,
  "summary_bg_k": 33.16474662213651,
  "summary_bg_mad": 17.607985462328788,
  "summary_bg_mean": 55.324825286865234,
  "summary_bg_median": 24.966293334960938,
  "summary_bg_n": 83112.0,
  "summary_bg_p05": 3.710955059528352,
  "summary_bg_p95": 223.93820190429688,
  "summary_bg_stdv": 102.36929321289062,
  "summary_fg_k": -0.05468976172610995,
  "summary_fg_mad": 329.52915596022456,
  "summary_fg_mean": 1444.1221923828125,
  "summary_fg_median": 1414.3624267578125,
  "summary_fg_n": 29116.0,
  "summary_fg_p05": 956.9424438476562,
  "summary_fg_p95": 2031.6614990234375,
  "summary_fg_stdv": 325.00323486328125,
  "tsnr": 32.61799840303138
}