{
  "aor": 0.0010461235955056178,
  "aqi": 0.016208406460674157,
  "bids_meta": {
    "AcquisitionMatrixPE": 64,
    "AcquisitionNumber": 1,
    "AcquisitionTime": "12:15:41.000000",
    "BodyPartExamined": "BRAIN",
    "CoilString": "RM:HNU_FlexS",
    "ConversionSoftware": "dcm2niix",
    "ConversionSoftwareVersion": "v1.0.20200331",
    "DeviceSerialNumber": "00000070431MRS04",
    "EchoTime": 0.03,
    "EffectiveEchoSpacing": 0.000644,
    "FlipAngle": 78,
    "ImageOrientationPatientDICOM": [
      1,
      0,
      0,
      0,
      1,
      0
    ],
    "ImageType": [
      "ORIGINAL",
      "PRIMARY",
      "EPI",
      "NONE"
    ],
    "ImagingFrequency": 127.734,
    "InPlanePhaseEncodingDirectionDICOM": "COL",
    "InstitutionName": "N_and_N_University_Hospital",
    "MRAcquisitionType": "2D",
    "MagneticFieldStrength": 3,
    "Manufacturer": "GE",
    "ManufacturersModelName": "DISCOVERY_MR750w",
    "Modality": "MR",
    "PatientPosition": "HFS",
    "PercentPhaseFOV": 100,
    "PercentSampling": 100,
    "PhaseEncodingDirection": "j",
    "PhaseEncodingPolarityGE": "Flipped",
    "PixelBandwidth": 7812.5,
    "ProcedureStepDescription": "MRI_Head",
    "ProtocolName": "fMRI_1_PartA",
    "ReconMatrixPE": 64,
    "RepetitionTime": 2,
    "SAR": 0.0672073,
    "ScanOptions": "SAT_GEMS_EPI_GEMS_ACC_GEMS_FS",
    "ScanningSequence": "EP_GR",
    "SequenceVariant": "SS",
    "SeriesDescription": "fMRI_1_PartA",
    "SeriesNumber": 4,
    "SliceThickness": 3.3,
    "SliceTiming": [
      0,
      1.0285,
      0.0571001,
      1.0857,
      0.1142,
      1.1428,
      0.1714,
      1.2,
      0.2285,
      1.2571,
      0.2857,
      1.3143,
      0.3428,
      1.3714,
      0.4,
      1.4286,
      0.4571,
      1.4857,
      0.5142,
      1.5428,
      0.5714,
      1.6,
      0.6285,
      1.6571,
      0.6857,
      1.7143,
      0.7428,
      1.7714,
      0.8,
      1.8285,
      0.8571,
      1.8857,
      0.9143,
      1.9428,
      0.9714
    ],
    "SoftwareVersions": "27_LX_MR_Software_release:DV26.0_EB_1706.a",
    "SpacingBetweenSlices": 3.3,
    "StationName": "nnmr04",
    "TaskName": "grasp",
    "TotalReadoutTime": 0.040572,
    "dataset": "ds003342",
    "modality": "bold",
    "run_id": 1,
    "session_id": "action",
    "subject_id": "RE29",
    "task_id": "grasp"
  },
  "dummy_trs": 0,
  "dvars_nstd": 38.37888573259887,
  "dvars_std": 1.0064994742372881,
  "dvars_vstd": 0.9876035223728816,
  "efc": 0.519506860281573,
  "fber": 3209.153564453125,
  "fd_mean": 0.29514590655177486,
  "fd_num": 107,
  "fd_perc": 60.1123595505618,
  "fwhm_avg": 2.7465931785680646,
  "fwhm_x": 2.787994754267746,
  "fwhm_y": 2.9122387397637626,
  "fwhm_z": 2.539546041672687,
  "gcor": 0.0350245,
  "gsr_x": 0.0008430767338722944,
  "gsr_y": 0.03282907232642174,
  "provenance": {
    "md5sum": "685e2b1960183e22cd71d3396bc9a7ea",
    "settings": {
      "fd_thres": 0.2,
      "testing": false
    },
    "software": "mriqc",
    "version": "22.0.6",
    "webapi_port": null,
    "webapi_url": "https://mriqc.nimh.nih.gov/api/v1"
  },
  "size_t": 178,
  "size_x": 64,
  "size_y": 64,
  "size_z": 35,
  "snr": 4.364492867725904,
  "spacing_tr": 2.0,
  "spacing_x": 3.2969000339508057,
  "spacing_y": 3.2969000339508057,
  "spacing_z": 3.299999237060547,
  "summary_bg_k": 31.160052991709286,
  "summary_bg_mad": 18.157711769383408,
  "summary_bg_mean": 58.49467849731445,
  "summary_bg_median": 24.88763999938965,
  "summary_bg_n": 82216.0,
  "summary_bg_p05": 6.049157381057739,
  "summary_bg_p95": 240.14186096191406,
  "summary_bg_stdv": 107.99009704589844,
  "summary_fg_k": -0.049011740814858484,
  "summary_fg_mad": 324.0526492302466,
  "summary_fg_mean": 1434.7496337890625,
  "summary_fg_median": 1403.4775390625,
  "summary_fg_n": 29202.0,
  "summary_fg_p05": 955.2368041992188,
  "summary_fg_p95": 2022.6421813964841,
  "summary_fg_stdv": 321.5616455078125,
  "tsnr": 29.32914790813811
}