{
  "aor": 0.001001179775280899,
  "aqi": 0.01223991735955056,
  "bids_meta": {
    "AcquisitionMatrixPE": 64,
    "AcquisitionNumber": 1,
    "AcquisitionTime": "12:29:48.000000",
    "BodyPartExamined": "BRAIN",
    "CoilString": "RM:HNU_FlexS",
    "ConversionSoftware": "dcm2niix",
    "ConversionSoftwareVersion": "v1.0.20200331",
    "DeviceSerialNumber": "00000070431MRS04",
    "EchoTime": 0.03,
    "EffectiveEchoSpacing": 0.000644,
    "FlipAngle": 78,
    "ImageOrientationPatientDICOM": [
      1,
      0,
      0,
      0,
      1,
      0
    ],
    "ImageType": [
      "ORIGINAL",
      "PRIMARY",
      "EPI",
      "NONE"
    ],
    "ImagingFrequency": 127.734,
    "InPlanePhaseEncodingDirectionDICOM": "COL",
    "InstitutionName": "N_and_N_University_Hospital",
    "MRAcquisitionType": "2D",
    "MagneticFieldStrength": 3,
    "Manufacturer": "GE",
    "ManufacturersModelName": "DISCOVERY_MR750w",
    "Modality": "MR",
    "PatientPosition": "HFS",
    "PercentPhaseFOV": 100,
    "PercentSampling": 100,
    "PhaseEncodingDirection": "j",
    "PhaseEncodingPolarityGE": "Flipped",
    "PixelBandwidth": 7812.5,
    "ProcedureStepDescription": "MRI_Head",
    "ProtocolName": "fMRI_3_PartA",
    "ReconMatrixPE": 64,
    "RepetitionTime": 2,
    "SAR": 0.0665355,
    "ScanOptions": "SAT_GEMS_EPI_GEMS_ACC_GEMS_FS",
    "ScanningSequence": "EP_GR",
    "SequenceVariant": "SS",
    "SeriesDescription": "fMRI_3_PartA",
    "SeriesNumber": 6,
    "SliceThickness": 3.3,
    "SliceTiming": [
      0,
      1.0285,
      0.0571001,
      1.0857,
      0.1142,
      1.1428,
      0.1714,
      1.2,
      0.2285,
      1.2571,
      0.2857,
      1.3143,
      0.3428,
      1.3714,
      0.4,
      1.4286,
      0.4571,
      1.4857,
      0.5142,
      1.5428,
      0.5714,
      1.6,
      0.6285,
      1.6571,
      0.6857,
      1.7143,
      0.7428,
      1.7714,
      0.8,
      1.8285,
      0.8571,
      1.8857,
      0.9143,
      1.9428,
      0.9714
    ],
    "SoftwareVersions": "27_LX_MR_Software_release:DV26.0_EB_1706.a",
    "SpacingBetweenSlices": 3.3,
    "StationName": "nnmr04",
    "TaskName": "grasp",
    "TotalReadoutTime": 0.040572,
    "dataset": "ds003342",
    "modality": "bold",
    "run_id": 3,
    "session_id": "action",
    "subject_id": "RE29",
    "task_id": "grasp"
  },
  "dummy_trs": 0,
  "dvars_nstd": 38.35612246435028,
  "dvars_std": 1.0328223718644067,
  "dvars_vstd": 1.0070672849717512,
  "efc": 0.5149446333323601,
  "fber": 3261.479248046875,
  "fd_mean": 0.31851176135400894,
  "fd_num": 113,
  "fd_perc": 63.48314606741573,
  "fwhm_avg": 2.7400667373196104,
  "fwhm_x": 2.802013984309311,
  "fwhm_y": 2.9202401955944954,
  "fwhm_z": 2.497946032055024,
  "gcor": 0.0119968,
  "gsr_x": 0.004022518172860146,
  "gsr_y": 0.032207708805799484,
  "provenance": {
    "md5sum": "38cabd122aa0835ff089906c6cfe64f3",
    "settings": {
      "fd_thres": 0.2,
      "testing": false
    },
    "software": "mriqc",
    "version": "22.0.6",
    "webapi_port": null,
    "webapi_url": "https://mriqc.nimh.nih.gov/api/v1"
  },
  "size_t": 178,
  "size_x": 64,
  "size_y": 64,
  "size_z": 35,
  "snr": 4.298260195177514,
  "spacing_tr": 2.0,
  "spacing_x": 3.2969000339508057,
  "spacing_y": 3.2969000339508057,
  "spacing_z": 3.299999237060547,
  "summary_bg_k": 33.9108591507906,
  "summary_bg_mad": 17.841203026271877,
  "summary_bg_mean": 55.93314743041992,
  "summary_bg_median": 24.83146095275879,
  "summary_bg_n": 83221.0,
  "summary_bg_p05": 3.99438214302063,
  "summary_bg_p95": 224.8370819091797,
  "summary_bg_stdv": 103.88062286376953,
  "summary_fg_k": -0.004187195872704219,
  "summary_fg_mad": 333.96031229785774,
  "summary_fg_mean": 1453.69091796875,
  "summary_fg_median": 1422.7135009765625,
  "summary_fg_n": 28999.0,
  "summary_fg_p05": 959.991015625,
  "summary_fg_p95": 2055.984838867187,
  "summary_fg_stdv": 330.9918212890625,
  "tsnr": 32.920113342348486
}