{
  "aor": 0.0008142410714285714,
  "aqi": 0.005914086026785714,
  "bids_meta": {
    "AcquisitionMatrixPE": 64,
    "AcquisitionNumber": 1,
    "AcquisitionTime": "14:14:29.000000",
    "BodyPartExamined": "BRAIN",
    "CoilString": "Head+Neck_40",
    "ConversionSoftware": "dcm2niix",
    "ConversionSoftwareVersion": "v1.0.20200331",
    "DeviceSerialNumber": "00000070431MRS04",
    "EchoTime": 0.03,
    "EffectiveEchoSpacing": 0.000644,
    "FlipAngle": 78,
    "ImageOrientationPatientDICOM": [
      1,
      0,
      0,
      0,
      1,
      0
    ],
    "ImageType": [
      "ORIGINAL",
      "PRIMARY",
      "EPI",
      "NONE"
    ],
    "ImagingFrequency": 127.734,
    "InPlanePhaseEncodingDirectionDICOM": "ROW",
    "InstitutionName": "N_and_N_University_Hospital",
    "MRAcquisitionType": "2D",
    "MagneticFieldStrength": 3,
    "Manufacturer": "GE",
    "ManufacturersModelName": "DISCOVERY_MR750w",
    "Modality": "MR",
    "PatientPosition": "HFS",
    "PercentPhaseFOV": 100,
    "PercentSampling": 100,
    "PhaseEncodingDirection": "i-",
    "PhaseEncodingPolarityGE": "Flipped",
    "PixelBandwidth": 7812.5,
    "ProcedureStepDescription": "MRI_Head",
    "ProtocolName": "fMRI_2_PartB",
    "ReconMatrixPE": 64,
    "RepetitionTime": 2,
    "SAR": 0.0672752,
    "ScanOptions": "SAT_GEMS_EPI_GEMS_ACC_GEMS_FS",
    "ScanningSequence": "EP_GR",
    "SequenceVariant": "SS",
    "SeriesDescription": "fMRI_2_PartB",
    "SeriesNumber": 5,
    "SliceThickness": 3.3,
    "SliceTiming": [
      0,
      1.0285,
      0.0571001,
      1.0857,
      0.1142,
      1.1428,
      0.1714,
      1.2,
      0.2285,
      1.2571,
      0.2857,
      1.3143,
      0.3428,
      1.3714,
      0.4,
      1.4286,
      0.4571,
      1.4857,
      0.5142,
      1.5428,
      0.5714,
      1.6,
      0.6285,
      1.6571,
      0.6857,
      1.7143,
      0.7428,
      1.7714,
      0.8,
      1.8285,
      0.8571,
      1.8857,
      0.9143,
      1.9428,
      0.9714
    ],
    "SoftwareVersions": "27_LX_MR_Software_release:DV26.0_EB_1706.a",
    "SpacingBetweenSlices": 3.3,
    "StationName": "nnmr04",
    "TaskName": "localiser",
    "TotalReadoutTime": 0.040572,
    "dataset": "ds003342",
    "modality": "bold",
    "run_id": 2,
    "session_id": "localiser",
    "subject_id": "MK14",
    "task_id": "localiser"
  },
  "dummy_trs": 0,
  "dvars_nstd": 18.031742660403577,
  "dvars_std": 1.039001440224216,
  "dvars_vstd": 0.982931602017937,
  "efc": 0.5303811625799011,
  "fber": 7222.896484375,
  "fd_mean": 0.11332607612999444,
  "fd_num": 16,
  "fd_perc": 7.142857142857143,
  "fwhm_avg": 2.209335163778674,
  "fwhm_x": 2.231905706641088,
  "fwhm_y": 2.3642815735177702,
  "fwhm_z": 2.031818211177164,
  "gcor": 0.0487277,
  "gsr_x": 0.005663221701979637,
  "gsr_y": 0.017887037247419357,
  "provenance": {
    "md5sum": "97fda960dda8e56bf4abb8c4891a96ef",
    "settings": {
      "fd_thres": 0.2,
      "testing": false
    },
    "software": "mriqc",
    "version": "22.0.6",
    "webapi_port": null,
    "webapi_url": "https://mriqc.nimh.nih.gov/api/v1"
  },
  "size_t": 224,
  "size_x": 64,
  "size_y": 64,
  "size_z": 35,
  "snr": 5.795130874480885,
  "spacing_tr": 2.0,
  "spacing_x": 3.2969000339508057,
  "spacing_y": 3.2969000339508057,
  "spacing_z": 3.299999952316284,
  "summary_bg_k": 84.12818546073987,
  "summary_bg_mad": 61.21691171591499,
  "summary_bg_mean": 123.6508560180664,
  "summary_bg_median": 45.24553680419922,
  "summary_bg_n": 78635.0,
  "summary_bg_p05": 1.0133929252624512,
  "summary_bg_p95": 493.6473358154298,
  "summary_bg_stdv": 253.87196350097656,
  "summary_fg_k": 1.6819615143153168,
  "summary_fg_mad": 535.6729410611345,
  "summary_fg_mean": 3830.534423828125,
  "summary_fg_median": 3801.63427734375,
  "summary_fg_n": 31920.0,
  "summary_fg_p05": 2776.173193359375,
  "summary_fg_p95": 4950.941113281249,
  "summary_fg_stdv": 655.99462890625,
  "tsnr": 66.06143733439967
}