{
  "aor": 0.0011845982142857142,
  "aqi": 0.006673874285714286,
  "bids_meta": {
    "AcquisitionMatrixPE": 64,
    "AcquisitionNumber": 1,
    "AcquisitionTime": "14:31:22.000000",
    "BodyPartExamined": "BRAIN",
    "CoilString": "Head+Neck_40",
    "ConversionSoftware": "dcm2niix",
    "ConversionSoftwareVersion": "v1.0.20200331",
    "DeviceSerialNumber": "00000070431MRS04",
    "EchoTime": 0.03,
    "EffectiveEchoSpacing": 0.000644,
    "FlipAngle": 78,
    "ImageOrientationPatientDICOM": [
      1,
      0,
      0,
      0,
      1,
      0
    ],
    "ImageType": [
      "ORIGINAL",
      "PRIMARY",
      "EPI",
      "NONE"
    ],
    "ImagingFrequency": 127.734,
    "InPlanePhaseEncodingDirectionDICOM": "ROW",
    "InstitutionName": "N_and_N_University_Hospital",
    "MRAcquisitionType": "2D",
    "MagneticFieldStrength": 3,
    "Manufacturer": "GE",
    "ManufacturersModelName": "DISCOVERY_MR750w",
    "Modality": "MR",
    "PatientPosition": "HFS",
    "PercentPhaseFOV": 100,
    "PercentSampling": 100,
    "PhaseEncodingDirection": "i-",
    "PhaseEncodingPolarityGE": "Flipped",
    "PixelBandwidth": 7812.5,
    "ProcedureStepDescription": "MRI_Head",
    "ProtocolName": "fMRI_4_PartB",
    "ReconMatrixPE": 64,
    "RepetitionTime": 2,
    "SAR": 0.0672752,
    "ScanOptions": "SAT_GEMS_EPI_GEMS_ACC_GEMS_FS",
    "ScanningSequence": "EP_GR",
    "SequenceVariant": "SS",
    "SeriesDescription": "fMRI_4_PartB",
    "SeriesNumber": 7,
    "SliceThickness": 3.3,
    "SliceTiming": [
      0,
      1.0285,
      0.0571001,
      1.0857,
      0.1142,
      1.1428,
      0.1714,
      1.2,
      0.2285,
      1.2571,
      0.2857,
      1.3143,
      0.3428,
      1.3714,
      0.4,
      1.4286,
      0.4571,
      1.4857,
      0.5142,
      1.5428,
      0.5714,
      1.6,
      0.6285,
      1.6571,
      0.6857,
      1.7143,
      0.7428,
      1.7714,
      0.8,
      1.8285,
      0.8571,
      1.8857,
      0.9143,
      1.9428,
      0.9714
    ],
    "SoftwareVersions": "27_LX_MR_Software_release:DV26.0_EB_1706.a",
    "SpacingBetweenSlices": 3.3,
    "StationName": "nnmr04",
    "TaskName": "localiser",
    "TotalReadoutTime": 0.040572,
    "dataset": "ds003342",
    "modality": "bold",
    "run_id": 4,
    "session_id": "localiser",
    "subject_id": "MK14",
    "task_id": "localiser"
  },
  "dummy_trs": 0,
  "dvars_nstd": 18.833800970538103,
  "dvars_std": 1.0571539469506728,
  "dvars_vstd": 1.0010233717488786,
  "efc": 0.5269147020924624,
  "fber": 7202.4892578125,
  "fd_mean": 0.1373602741910064,
  "fd_num": 36,
  "fd_perc": 16.071428571428573,
  "fwhm_avg": 2.1892314550500225,
  "fwhm_x": 2.18868025287165,
  "fwhm_y": 2.3698565074892968,
  "fwhm_z": 2.009157604789121,
  "gcor": 0.0651344,
  "gsr_x": 0.00563139608129859,
  "gsr_y": 0.020560553297400475,
  "provenance": {
    "md5sum": "535ea940c77f791eb04d0b8dd4060449",
    "settings": {
      "fd_thres": 0.2,
      "testing": false
    },
    "software": "mriqc",
    "version": "22.0.6",
    "webapi_port": null,
    "webapi_url": "https://mriqc.nimh.nih.gov/api/v1"
  },
  "size_t": 224,
  "size_x": 64,
  "size_y": 64,
  "size_z": 35,
  "snr": 5.861199921794837,
  "spacing_tr": 2.0,
  "spacing_x": 3.2969000339508057,
  "spacing_y": 3.2969000339508057,
  "spacing_z": 3.299999952316284,
  "summary_bg_k": 107.10587218926997,
  "summary_bg_mad": 61.978069205874185,
  "summary_bg_mean": 124.22577667236328,
  "summary_bg_median": 45.68303680419922,
  "summary_bg_n": 79323.0,
  "summary_bg_p05": 1.0178571939468384,
  "summary_bg_p95": 485.87992553710916,
  "summary_bg_stdv": 261.7004089355469,
  "summary_fg_k": 1.8056692581606173,
  "summary_fg_mad": 524.8875166703114,
  "summary_fg_mean": 3840.786376953125,
  "summary_fg_median": 3799.58935546875,
  "summary_fg_n": 31441.0,
  "summary_fg_p05": 2827.138427734375,
  "summary_fg_p95": 4967.607421875,
  "summary_fg_stdv": 648.2510375976562,
  "tsnr": 64.35409840429202
}