{
  "aor": 0.0017765625000000004,
  "aqi": 0.004068096607142857,
  "bids_meta": {
    "AcquisitionMatrixPE": 64,
    "AcquisitionNumber": 1,
    "AcquisitionTime": "14:05:57.000000",
    "BodyPartExamined": "BRAIN",
    "CoilString": "Head+Neck_40",
    "ConversionSoftware": "dcm2niix",
    "ConversionSoftwareVersion": "v1.0.20200331",
    "DeviceSerialNumber": "00000070431MRS04",
    "EchoTime": 0.03,
    "EffectiveEchoSpacing": 0.000644,
    "FlipAngle": 78,
    "ImageOrientationPatientDICOM": [
      1,
      0,
      0,
      0,
      1,
      0
    ],
    "ImageType": [
      "ORIGINAL",
      "PRIMARY",
      "EPI",
      "NONE"
    ],
    "ImagingFrequency": 127.734,
    "InPlanePhaseEncodingDirectionDICOM": "ROW",
    "InstitutionName": "N_and_N_University_Hospital",
    "MRAcquisitionType": "2D",
    "MagneticFieldStrength": 3,
    "Manufacturer": "GE",
    "ManufacturersModelName": "DISCOVERY_MR750w",
    "Modality": "MR",
    "PatientPosition": "HFS",
    "PercentPhaseFOV": 100,
    "PercentSampling": 100,
    "PhaseEncodingDirection": "i-",
    "PhaseEncodingPolarityGE": "Flipped",
    "PixelBandwidth": 7812.5,
    "ProcedureStepDescription": "MRI_Head",
    "ProtocolName": "fMRI_1_PartB",
    "ReconMatrixPE": 64,
    "RepetitionTime": 2,
    "SAR": 0.0669706,
    "ScanOptions": "SAT_GEMS_EPI_GEMS_ACC_GEMS_FS",
    "ScanningSequence": "EP_GR",
    "SequenceVariant": "SS",
    "SeriesDescription": "fMRI_1_PartB",
    "SeriesNumber": 4,
    "SliceThickness": 3.3,
    "SliceTiming": [
      0,
      1.0285,
      0.0571001,
      1.0857,
      0.1142,
      1.1428,
      0.1714,
      1.2,
      0.2285,
      1.2571,
      0.2857,
      1.3143,
      0.3428,
      1.3714,
      0.4,
      1.4286,
      0.4571,
      1.4857,
      0.5142,
      1.5428,
      0.5714,
      1.6,
      0.6285,
      1.6571,
      0.6857,
      1.7143,
      0.7428,
      1.7714,
      0.8,
      1.8285,
      0.8571,
      1.8857,
      0.9143,
      1.9428,
      0.9714
    ],
    "SoftwareVersions": "27_LX_MR_Software_release:DV26.0_EB_1706.a",
    "SpacingBetweenSlices": 3.3,
    "StationName": "nnmr04",
    "TaskName": "localiser",
    "TotalReadoutTime": 0.040572,
    "dataset": "ds003342",
    "modality": "bold",
    "run_id": 1,
    "session_id": "localiser",
    "subject_id": "MK14",
    "task_id": "localiser"
  },
  "dummy_trs": 0,
  "dvars_nstd": 16.846635129999996,
  "dvars_std": 1.0538483697309413,
  "dvars_vstd": 0.994140626188341,
  "efc": 0.5284018098400346,
  "fber": 7682.1357421875,
  "fd_mean": 0.06837949440673734,
  "fd_num": 0,
  "fd_perc": 0.0,
  "fwhm_avg": 2.2909190870715204,
  "fwhm_x": 2.2900694356062656,
  "fwhm_y": 2.477357492156789,
  "fwhm_z": 2.105330333451507,
  "gcor": 0.0246379,
  "gsr_x": 0.004433079157024622,
  "gsr_y": 0.01736173778772354,
  "provenance": {
    "md5sum": "6c1c44a5fca635ea367ba9b12ad91a06",
    "settings": {
      "fd_thres": 0.2,
      "testing": false
    },
    "software": "mriqc",
    "version": "22.0.6",
    "webapi_port": null,
    "webapi_url": "https://mriqc.nimh.nih.gov/api/v1"
  },
  "size_t": 224,
  "size_x": 64,
  "size_y": 64,
  "size_z": 35,
  "snr": 5.554001714344406,
  "spacing_tr": 2.0,
  "spacing_x": 3.2969000339508057,
  "spacing_y": 3.2969000339508057,
  "spacing_z": 3.299999952316284,
  "summary_bg_k": 56.83919661430524,
  "summary_bg_mad": 61.077917757930095,
  "summary_bg_mean": 124.07819366455078,
  "summary_bg_median": 44.87053680419922,
  "summary_bg_n": 78738.0,
  "summary_bg_p05": 0.9196429252624512,
  "summary_bg_p95": 498.3859481811517,
  "summary_bg_stdv": 244.4220428466797,
  "summary_fg_k": 1.3156518964108646,
  "summary_fg_mad": 582.7716228658096,
  "summary_fg_mean": 3884.28369140625,
  "summary_fg_median": 3861.888671875,
  "summary_fg_n": 31740.0,
  "summary_fg_p05": 2752.7724609375,
  "summary_fg_p95": 5070.1033203125,
  "summary_fg_stdv": 695.323486328125,
  "tsnr": 71.59360058652237
}