{
  "aor": 0.003075,
  "aqi": 0.013534248651685397,
  "bids_meta": {
    "AcquisitionMatrixPE": 64,
    "AcquisitionNumber": 1,
    "AcquisitionTime": "12:36:59.000000",
    "BodyPartExamined": "BRAIN",
    "CoilString": "RM:HNU_FlexS",
    "ConversionSoftware": "dcm2niix",
    "ConversionSoftwareVersion": "v1.0.20200331",
    "DeviceSerialNumber": "00000070431MRS04",
    "EchoTime": 0.03,
    "EffectiveEchoSpacing": 0.000644,
    "FlipAngle": 78,
    "ImageOrientationPatientDICOM": [
      1,
      0,
      0,
      0,
      1,
      0
    ],
    "ImageType": [
      "ORIGINAL",
      "PRIMARY",
      "EPI",
      "NONE"
    ],
    "ImagingFrequency": 127.734,
    "InPlanePhaseEncodingDirectionDICOM": "COL",
    "InstitutionName": "N_and_N_University_Hospital",
    "MRAcquisitionType": "2D",
    "MagneticFieldStrength": 3,
    "Manufacturer": "GE",
    "ManufacturersModelName": "DISCOVERY_MR750w",
    "Modality": "MR",
    "PatientPosition": "HFS",
    "PercentPhaseFOV": 100,
    "PercentSampling": 100,
    "PhaseEncodingDirection": "j",
    "PhaseEncodingPolarityGE": "Flipped",
    "PixelBandwidth": 7812.5,
    "ProcedureStepDescription": "MRI_Head",
    "ProtocolName": "fMRI_4_PartA",
    "ReconMatrixPE": 64,
    "RepetitionTime": 2,
    "SAR": 0.0665355,
    "ScanOptions": "SAT_GEMS_EPI_GEMS_ACC_GEMS_FS",
    "ScanningSequence": "EP_GR",
    "SequenceVariant": "SS",
    "SeriesDescription": "fMRI_4_PartA",
    "SeriesNumber": 7,
    "SliceThickness": 3.3,
    "SliceTiming": [
      0,
      1.0285,
      0.0571001,
      1.0857,
      0.1142,
      1.1428,
      0.1714,
      1.2,
      0.2285,
      1.2571,
      0.2857,
      1.3143,
      0.3428,
      1.3714,
      0.4,
      1.4286,
      0.4571,
      1.4857,
      0.5142,
      1.5428,
      0.5714,
      1.6,
      0.6285,
      1.6571,
      0.6857,
      1.7143,
      0.7428,
      1.7714,
      0.8,
      1.8285,
      0.8571,
      1.8857,
      0.9143,
      1.9428,
      0.9714
    ],
    "SoftwareVersions": "27_LX_MR_Software_release:DV26.0_EB_1706.a",
    "SpacingBetweenSlices": 3.3,
    "StationName": "nnmr04",
    "TaskName": "grasp",
    "TotalReadoutTime": 0.040572,
    "dataset": "ds003342",
    "modality": "bold",
    "run_id": 4,
    "session_id": "action",
    "subject_id": "RE29",
    "task_id": "grasp"
  },
  "dummy_trs": 0,
  "dvars_nstd": 38.46920457418077,
  "dvars_std": 1.0639912904519777,
  "dvars_vstd": 1.0386568872316384,
  "efc": 0.5162312370517383,
  "fber": 3199.009765625,
  "fd_mean": 0.33331504667904277,
  "fd_num": 120,
  "fd_perc": 67.41573033707866,
  "fwhm_avg": 2.7005093818977444,
  "fwhm_x": 2.870611757269076,
  "fwhm_y": 3.000800721320149,
  "fwhm_z": 2.230115667104008,
  "gcor": 0.0146948,
  "gsr_x": 0.0032716654241085052,
  "gsr_y": 0.032743848860263824,
  "provenance": {
    "md5sum": "b4afd9b13d7c3143adf0ad9ca29266e3",
    "settings": {
      "fd_thres": 0.2,
      "testing": false
    },
    "software": "mriqc",
    "version": "22.0.6",
    "webapi_port": null,
    "webapi_url": "https://mriqc.nimh.nih.gov/api/v1"
  },
  "size_t": 178,
  "size_x": 64,
  "size_y": 64,
  "size_z": 35,
  "snr": 4.223146231071702,
  "spacing_tr": 2.0,
  "spacing_x": 3.2969000339508057,
  "spacing_y": 3.2969000339508057,
  "spacing_z": 3.299999237060547,
  "summary_bg_k": 33.02154663831287,
  "summary_bg_mad": 17.674616426176023,
  "summary_bg_mean": 56.66932678222656,
  "summary_bg_median": 24.808988571166992,
  "summary_bg_n": 82837.0,
  "summary_bg_p05": 3.7865169048309326,
  "summary_bg_p95": 230.83258666992154,
  "summary_bg_stdv": 105.32919311523438,
  "summary_fg_k": 0.06267295089411551,
  "summary_fg_mad": 334.0602142051594,
  "summary_fg_mean": 1443.256591796875,
  "summary_fg_median": 1407.915771484375,
  "summary_fg_n": 29163.0,
  "summary_fg_p05": 956.2752746582031,
  "summary_fg_p95": 2053.6179199218745,
  "summary_fg_stdv": 333.37506103515625,
  "tsnr": 32.88269502547337
}