{
  "aor": 0.0006416949152542373,
  "aqi": 0.008208227175141242,
  "bids_meta": {
    "AcquisitionMatrixPE": 64,
    "AcquisitionNumber": 1,
    "AcquisitionTime": "14:13:33.000000",
    "BodyPartExamined": "BRAIN",
    "CoilString": "RM:HNU_FlexS",
    "ConversionSoftware": "dcm2niix",
    "ConversionSoftwareVersion": "v1.0.20200331",
    "DeviceSerialNumber": "00000070431MRS04",
    "EchoTime": 0.03,
    "EffectiveEchoSpacing": 0.000644,
    "FlipAngle": 78,
    "ImageOrientationPatientDICOM": [
      1,
      0,
      0,
      0,
      1,
      0
    ],
    "ImageType": [
      "ORIGINAL",
      "PRIMARY",
      "EPI",
      "NONE"
    ],
    "ImagingFrequency": 127.734,
    "InPlanePhaseEncodingDirectionDICOM": "COL",
    "InstitutionName": "N_and_N_University_Hospital",
    "MRAcquisitionType": "2D",
    "MagneticFieldStrength": 3,
    "Manufacturer": "GE",
    "ManufacturersModelName": "DISCOVERY_MR750w",
    "Modality": "MR",
    "PatientPosition": "HFS",
    "PercentPhaseFOV": 100,
    "PercentSampling": 100,
    "PhaseEncodingDirection": "j",
    "PhaseEncodingPolarityGE": "Flipped",
    "PixelBandwidth": 7812.5,
    "ProcedureStepDescription": "MRI_Head",
    "ProtocolName": "fMRI_1_PartA",
    "ReconMatrixPE": 64,
    "RepetitionTime": 2,
    "SAR": 0.0707017,
    "ScanOptions": "SAT_GEMS_EPI_GEMS_ACC_GEMS_FS",
    "ScanningSequence": "EP_GR",
    "SequenceVariant": "SS",
    "SeriesDescription": "fMRI_1_PartA",
    "SeriesNumber": 5,
    "SliceThickness": 3.3,
    "SliceTiming": [
      0,
      1.0285,
      0.0571001,
      1.0857,
      0.1142,
      1.1428,
      0.1714,
      1.2,
      0.2285,
      1.2571,
      0.2857,
      1.3143,
      0.3428,
      1.3714,
      0.4,
      1.4286,
      0.4571,
      1.4857,
      0.5142,
      1.5428,
      0.5714,
      1.6,
      0.6285,
      1.6571,
      0.6857,
      1.7143,
      0.7428,
      1.7714,
      0.8,
      1.8285,
      0.8571,
      1.8857,
      0.9143,
      1.9428,
      0.9714
    ],
    "SoftwareVersions": "27_LX_MR_Software_release:DV26.0_EB_1706.a",
    "SpacingBetweenSlices": 3.3,
    "StationName": "nnmr04",
    "TaskName": "grasp",
    "TotalReadoutTime": 0.040572,
    "dataset": "ds003342",
    "modality": "bold",
    "run_id": 1,
    "session_id": "action",
    "subject_id": "RL17",
    "task_id": "grasp"
  },
  "dummy_trs": 1,
  "dvars_nstd": 34.73876379835227,
  "dvars_std": 1.0018390282386358,
  "dvars_vstd": 0.9865388015909091,
  "efc": 0.511655704716039,
  "fber": 2700.31396484375,
  "fd_mean": 0.1566103941856698,
  "fd_num": 43,
  "fd_perc": 24.293785310734464,
  "fwhm_avg": 2.771135072001774,
  "fwhm_x": 2.7840577225511836,
  "fwhm_y": 2.8531559656444103,
  "fwhm_z": 2.6761915278097272,
  "gcor": 0.00862403,
  "gsr_x": 0.0042451308108866215,
  "gsr_y": 0.031133979558944702,
  "provenance": {
    "md5sum": "c0cd472808b1bc829d40009f37a0aec1",
    "settings": {
      "fd_thres": 0.2,
      "testing": false
    },
    "software": "mriqc",
    "version": "22.0.6",
    "webapi_port": null,
    "webapi_url": "https://mriqc.nimh.nih.gov/api/v1"
  },
  "size_t": 177,
  "size_x": 64,
  "size_y": 64,
  "size_z": 35,
  "snr": 3.9158114468110696,
  "spacing_tr": 2.0,
  "spacing_x": 3.2969000339508057,
  "spacing_y": 3.2969000339508057,
  "spacing_z": 3.299999237060547,
  "summary_bg_k": 38.23093785037141,
  "summary_bg_mad": 18.10114932741535,
  "summary_bg_mean": 57.695926666259766,
  "summary_bg_median": 29.14124298095703,
  "summary_bg_n": 83105.0,
  "summary_bg_p05": 3.8587570190429688,
  "summary_bg_p95": 214.43389587402353,
  "summary_bg_stdv": 104.02409362792969,
  "summary_fg_k": -0.09273478777186561,
  "summary_fg_mad": 395.2768272305468,
  "summary_fg_mean": 1588.2833251953125,
  "summary_fg_median": 1534.19482421875,
  "summary_fg_n": 28890.0,
  "summary_fg_p05": 1041.092352294922,
  "summary_fg_p95": 2328.9924194335936,
  "summary_fg_stdv": 391.7880859375,
  "tsnr": 35.36530985846184
}