{
  "aor": 0.0004568539325842697,
  "aqi": 0.006183342022471909,
  "bids_meta": {
    "AcquisitionMatrixPE": 64,
    "AcquisitionNumber": 1,
    "AcquisitionTime": "14:50:23.000000",
    "BodyPartExamined": "BRAIN",
    "CoilString": "RM:HNU_FlexS",
    "ConversionSoftware": "dcm2niix",
    "ConversionSoftwareVersion": "v1.0.20200331",
    "DeviceSerialNumber": "00000070431MRS04",
    "EchoTime": 0.03,
    "EffectiveEchoSpacing": 0.000644,
    "FlipAngle": 78,
    "ImageOrientationPatientDICOM": [
      1,
      0,
      0,
      0,
      1,
      0
    ],
    "ImageType": [
      "ORIGINAL",
      "PRIMARY",
      "EPI",
      "NONE"
    ],
    "ImagingFrequency": 127.734,
    "InPlanePhaseEncodingDirectionDICOM": "COL",
    "InstitutionName": "N_and_N_University_Hospital",
    "MRAcquisitionType": "2D",
    "MagneticFieldStrength": 3,
    "Manufacturer": "GE",
    "ManufacturersModelName": "DISCOVERY_MR750w",
    "Modality": "MR",
    "PatientPosition": "HFS",
    "PercentPhaseFOV": 100,
    "PercentSampling": 100,
    "PhaseEncodingDirection": "j",
    "PhaseEncodingPolarityGE": "Flipped",
    "PixelBandwidth": 7812.5,
    "ProcedureStepDescription": "MRI_Head",
    "ProtocolName": "fMRI_6_PartA",
    "ReconMatrixPE": 64,
    "RepetitionTime": 2,
    "SAR": 0.0708473,
    "ScanOptions": "SAT_GEMS_EPI_GEMS_ACC_GEMS_FS",
    "ScanningSequence": "EP_GR",
    "SequenceVariant": "SS",
    "SeriesDescription": "fMRI_6_PartA",
    "SeriesNumber": 10,
    "SliceThickness": 3.3,
    "SliceTiming": [
      0,
      1.0285,
      0.0571001,
      1.0857,
      0.1142,
      1.1428,
      0.1714,
      1.2,
      0.2285,
      1.2571,
      0.2857,
      1.3143,
      0.3428,
      1.3714,
      0.4,
      1.4286,
      0.4571,
      1.4857,
      0.5142,
      1.5428,
      0.5714,
      1.6,
      0.6285,
      1.6571,
      0.6857,
      1.7143,
      0.7428,
      1.7714,
      0.8,
      1.8285,
      0.8571,
      1.8857,
      0.9143,
      1.9428,
      0.9714
    ],
    "SoftwareVersions": "27_LX_MR_Software_release:DV26.0_EB_1706.a",
    "SpacingBetweenSlices": 3.3,
    "StationName": "nnmr04",
    "TaskName": "grasp",
    "TotalReadoutTime": 0.040572,
    "dataset": "ds003342",
    "modality": "bold",
    "run_id": 6,
    "session_id": "action",
    "subject_id": "RL17",
    "task_id": "grasp"
  },
  "dummy_trs": 0,
  "dvars_nstd": 33.830980150282485,
  "dvars_std": 1.009480319096045,
  "dvars_vstd": 1.000800544463277,
  "efc": 0.5090136351137534,
  "fber": 2663.430908203125,
  "fd_mean": 0.15455386567152835,
  "fd_num": 40,
  "fd_perc": 22.471910112359552,
  "fwhm_avg": 2.879557979605123,
  "fwhm_x": 2.946528526786673,
  "fwhm_y": 2.9444720495109955,
  "fwhm_z": 2.747673362517701,
  "gcor": 0.0124968,
  "gsr_x": 0.004999090451747179,
  "gsr_y": 0.03378177434206009,
  "provenance": {
    "md5sum": "482c0b31089d97bccaca815df632dcee",
    "settings": {
      "fd_thres": 0.2,
      "testing": false
    },
    "software": "mriqc",
    "version": "22.0.6",
    "webapi_port": null,
    "webapi_url": "https://mriqc.nimh.nih.gov/api/v1"
  },
  "size_t": 178,
  "size_x": 64,
  "size_y": 64,
  "size_z": 35,
  "snr": 3.735438132555972,
  "spacing_tr": 2.0,
  "spacing_x": 3.2969000339508057,
  "spacing_y": 3.2969000339508057,
  "spacing_z": 3.299999237060547,
  "summary_bg_k": 37.03771717812419,
  "summary_bg_mad": 18.16604258400384,
  "summary_bg_mean": 58.404441833496094,
  "summary_bg_median": 29.561798095703125,
  "summary_bg_n": 83707.0,
  "summary_bg_p05": 4.179775238037109,
  "summary_bg_p95": 221.1769668579101,
  "summary_bg_stdv": 104.10675048828125,
  "summary_fg_k": -0.15415838166322926,
  "summary_fg_mad": 417.4607515755704,
  "summary_fg_mean": 1600.771240234375,
  "summary_fg_median": 1539.48876953125,
  "summary_fg_n": 28721.0,
  "summary_fg_p05": 1029.460693359375,
  "summary_fg_p95": 2384.095458984375,
  "summary_fg_stdv": 412.12353515625,
  "tsnr": 37.838671168428846
}