{
  "aor": 0.0011327678571428571,
  "aqi": 0.003608327410714286,
  "bids_meta": {
    "AcquisitionMatrixPE": 64,
    "AcquisitionNumber": 1,
    "AcquisitionTime": "09:42:12.000000",
    "BodyPartExamined": "BRAIN",
    "CoilString": "Head+Neck_40",
    "ConversionSoftware": "dcm2niix",
    "ConversionSoftwareVersion": "v1.0.20200331",
    "DeviceSerialNumber": "00000070431MRS04",
    "EchoTime": 0.03,
    "EffectiveEchoSpacing": 0.000644,
    "FlipAngle": 78,
    "ImageOrientationPatientDICOM": [
      1,
      0,
      0,
      0,
      1,
      0
    ],
    "ImageType": [
      "ORIGINAL",
      "PRIMARY",
      "EPI",
      "NONE"
    ],
    "ImagingFrequency": 127.734,
    "InPlanePhaseEncodingDirectionDICOM": "ROW",
    "InstitutionName": "N_and_N_University_Hospital",
    "MRAcquisitionType": "2D",
    "MagneticFieldStrength": 3,
    "Manufacturer": "GE",
    "ManufacturersModelName": "DISCOVERY_MR750w",
    "Modality": "MR",
    "PatientPosition": "HFS",
    "PercentPhaseFOV": 100,
    "PercentSampling": 100,
    "PhaseEncodingDirection": "i-",
    "PhaseEncodingPolarityGE": "Flipped",
    "PixelBandwidth": 7812.5,
    "ProcedureStepDescription": "MRI_Head",
    "ProtocolName": "fMRI_2_PartB",
    "ReconMatrixPE": 64,
    "RepetitionTime": 2,
    "SAR": 0.0682691,
    "ScanOptions": "SAT_GEMS_EPI_GEMS_ACC_GEMS_FS",
    "ScanningSequence": "EP_GR",
    "SequenceVariant": "SS",
    "SeriesDescription": "fMRI_2_PartB",
    "SeriesNumber": 6,
    "SliceThickness": 3.3,
    "SliceTiming": [
      0,
      1.0285,
      0.0571001,
      1.0857,
      0.1142,
      1.1428,
      0.1714,
      1.2,
      0.2285,
      1.2571,
      0.2857,
      1.3143,
      0.3428,
      1.3714,
      0.4,
      1.4286,
      0.4571,
      1.4857,
      0.5142,
      1.5428,
      0.5714,
      1.6,
      0.6285,
      1.6571,
      0.6857,
      1.7143,
      0.7428,
      1.7714,
      0.8,
      1.8285,
      0.8571,
      1.8857,
      0.9143,
      1.9428,
      0.9714
    ],
    "SoftwareVersions": "27_LX_MR_Software_release:DV26.0_EB_1706.a",
    "SpacingBetweenSlices": 3.3,
    "StationName": "nnmr04",
    "TaskName": "localiser",
    "TotalReadoutTime": 0.040572,
    "dataset": "ds003342",
    "modality": "bold",
    "run_id": 2,
    "session_id": "localiser",
    "subject_id": "KH02",
    "task_id": "localiser"
  },
  "dummy_trs": 0,
  "dvars_nstd": 18.378254792197318,
  "dvars_std": 1.1030058503139013,
  "dvars_vstd": 1.0068469863677123,
  "efc": 0.5374514277279373,
  "fber": 10123.873046875,
  "fd_mean": 0.06833640183301048,
  "fd_num": 7,
  "fd_perc": 3.125,
  "fwhm_avg": 2.2542468195259464,
  "fwhm_x": 2.2146410036128343,
  "fwhm_y": 2.3989171399056177,
  "fwhm_z": 2.149182315059388,
  "gcor": 0.0513951,
  "gsr_x": 0.011865302920341492,
  "gsr_y": 0.013500350527465343,
  "provenance": {
    "md5sum": "7e78a3d24c79cd5a2336ea7fb0bef19d",
    "settings": {
      "fd_thres": 0.2,
      "testing": false
    },
    "software": "mriqc",
    "version": "22.0.6",
    "webapi_port": null,
    "webapi_url": "https://mriqc.nimh.nih.gov/api/v1"
  },
  "size_t": 224,
  "size_x": 64,
  "size_y": 64,
  "size_z": 35,
  "snr": 5.482947841989444,
  "spacing_tr": 2.0,
  "spacing_x": 3.2969000339508057,
  "spacing_y": 3.2969000339508057,
  "spacing_z": 3.299999237060547,
  "summary_bg_k": 33.673662234279576,
  "summary_bg_mad": 53.082457308760226,
  "summary_bg_mean": 142.2456512451172,
  "summary_bg_median": 38.61607360839844,
  "summary_bg_n": 77953.0,
  "summary_bg_p05": 0.7276785969734192,
  "summary_bg_p95": 641.2116210937492,
  "summary_bg_stdv": 296.9483337402344,
  "summary_fg_k": 1.6270719175589994,
  "summary_fg_mad": 597.7865899625012,
  "summary_fg_mean": 3932.628173828125,
  "summary_fg_median": 3866.58056640625,
  "summary_fg_n": 32643.0,
  "summary_fg_p05": 2879.800244140625,
  "summary_fg_p95": 5148.519482421873,
  "summary_fg_stdv": 705.1902465820312,
  "tsnr": 77.92098282440566
}