{
  "aor": 0.0006025892857142856,
  "aqi": 0.004226192455357143,
  "bids_meta": {
    "AcquisitionMatrixPE": 64,
    "AcquisitionNumber": 1,
    "AcquisitionTime": "09:33:30.000000",
    "BodyPartExamined": "BRAIN",
    "CoilString": "Head+Neck_40",
    "ConversionSoftware": "dcm2niix",
    "ConversionSoftwareVersion": "v1.0.20200331",
    "DeviceSerialNumber": "00000070431MRS04",
    "EchoTime": 0.03,
    "EffectiveEchoSpacing": 0.000644,
    "FlipAngle": 78,
    "ImageOrientationPatientDICOM": [
      1,
      0,
      0,
      0,
      1,
      0
    ],
    "ImageType": [
      "ORIGINAL",
      "PRIMARY",
      "EPI",
      "NONE"
    ],
    "ImagingFrequency": 127.734,
    "InPlanePhaseEncodingDirectionDICOM": "ROW",
    "InstitutionName": "N_and_N_University_Hospital",
    "MRAcquisitionType": "2D",
    "MagneticFieldStrength": 3,
    "Manufacturer": "GE",
    "ManufacturersModelName": "DISCOVERY_MR750w",
    "Modality": "MR",
    "PatientPosition": "HFS",
    "PercentPhaseFOV": 100,
    "PercentSampling": 100,
    "PhaseEncodingDirection": "i-",
    "PhaseEncodingPolarityGE": "Flipped",
    "PixelBandwidth": 7812.5,
    "ProcedureStepDescription": "MRI_Head",
    "ProtocolName": "fMRI_1_PartB",
    "ReconMatrixPE": 64,
    "RepetitionTime": 2,
    "SAR": 0.0680157,
    "ScanOptions": "SAT_GEMS_EPI_GEMS_ACC_GEMS_FS",
    "ScanningSequence": "EP_GR",
    "SequenceVariant": "SS",
    "SeriesDescription": "fMRI_1_PartB",
    "SeriesNumber": 5,
    "SliceThickness": 3.3,
    "SliceTiming": [
      0,
      1.0285,
      0.0571001,
      1.0857,
      0.1142,
      1.1428,
      0.1714,
      1.2,
      0.2285,
      1.2571,
      0.2857,
      1.3143,
      0.3428,
      1.3714,
      0.4,
      1.4286,
      0.4571,
      1.4857,
      0.5142,
      1.5428,
      0.5714,
      1.6,
      0.6285,
      1.6571,
      0.6857,
      1.7143,
      0.7428,
      1.7714,
      0.8,
      1.8285,
      0.8571,
      1.8857,
      0.9143,
      1.9428,
      0.9714
    ],
    "SoftwareVersions": "27_LX_MR_Software_release:DV26.0_EB_1706.a",
    "SpacingBetweenSlices": 3.3,
    "StationName": "nnmr04",
    "TaskName": "localiser",
    "TotalReadoutTime": 0.040572,
    "dataset": "ds003342",
    "modality": "bold",
    "run_id": 1,
    "session_id": "localiser",
    "subject_id": "KH02",
    "task_id": "localiser"
  },
  "dummy_trs": 0,
  "dvars_nstd": 18.64489898345293,
  "dvars_std": 1.083654930269058,
  "dvars_vstd": 0.9761021195964124,
  "efc": 0.534957943992699,
  "fber": 9624.615234375,
  "fd_mean": 0.05529289551772757,
  "fd_num": 1,
  "fd_perc": 0.44642857142857145,
  "fwhm_avg": 2.274773843072382,
  "fwhm_x": 2.2426885631529365,
  "fwhm_y": 2.424911255322366,
  "fwhm_z": 2.1567217107418433,
  "gcor": 0.0217003,
  "gsr_x": 0.011304613202810287,
  "gsr_y": 0.014274662360548973,
  "provenance": {
    "md5sum": "c6628ce878f254fcf997a17f738966bc",
    "settings": {
      "fd_thres": 0.2,
      "testing": false
    },
    "software": "mriqc",
    "version": "22.0.6",
    "webapi_port": null,
    "webapi_url": "https://mriqc.nimh.nih.gov/api/v1"
  },
  "size_t": 224,
  "size_x": 64,
  "size_y": 64,
  "size_z": 35,
  "snr": 5.408001443232878,
  "spacing_tr": 2.0,
  "spacing_x": 3.2969000339508057,
  "spacing_y": 3.2969000339508057,
  "spacing_z": 3.299999237060547,
  "summary_bg_k": 31.3254555123685,
  "summary_bg_mad": 54.935711849291806,
  "summary_bg_mean": 141.28250122070312,
  "summary_bg_median": 40.017860412597656,
  "summary_bg_n": 78372.0,
  "summary_bg_p05": 0.7276785969734192,
  "summary_bg_p95": 621.803607177733,
  "summary_bg_stdv": 293.6815490722656,
  "summary_fg_k": 1.5893085602231372,
  "summary_fg_mad": 609.6274997217722,
  "summary_fg_mean": 3959.693359375,
  "summary_fg_median": 3895.281494140625,
  "summary_fg_n": 32359.0,
  "summary_fg_p05": 2881.48046875,
  "summary_fg_p95": 5207.30810546875,
  "summary_fg_stdv": 720.27001953125,
  "tsnr": 71.82355176354758
}