{
  "aor": 0.0006219642857142857,
  "aqi": 0.0037817856696428574,
  "bids_meta": {
    "AcquisitionMatrixPE": 64,
    "AcquisitionNumber": 1,
    "AcquisitionTime": "09:59:46.000000",
    "BodyPartExamined": "BRAIN",
    "CoilString": "Head+Neck_40",
    "ConversionSoftware": "dcm2niix",
    "ConversionSoftwareVersion": "v1.0.20200331",
    "DeviceSerialNumber": "00000070431MRS04",
    "EchoTime": 0.03,
    "EffectiveEchoSpacing": 0.000644,
    "FlipAngle": 78,
    "ImageOrientationPatientDICOM": [
      1,
      0,
      0,
      0,
      1,
      0
    ],
    "ImageType": [
      "ORIGINAL",
      "PRIMARY",
      "EPI",
      "NONE"
    ],
    "ImagingFrequency": 127.734,
    "InPlanePhaseEncodingDirectionDICOM": "ROW",
    "InstitutionName": "N_and_N_University_Hospital",
    "MRAcquisitionType": "2D",
    "MagneticFieldStrength": 3,
    "Manufacturer": "GE",
    "ManufacturersModelName": "DISCOVERY_MR750w",
    "Modality": "MR",
    "PatientPosition": "HFS",
    "PercentPhaseFOV": 100,
    "PercentSampling": 100,
    "PhaseEncodingDirection": "i-",
    "PhaseEncodingPolarityGE": "Flipped",
    "PixelBandwidth": 7812.5,
    "ProcedureStepDescription": "MRI_Head",
    "ProtocolName": "fMRI_4_PartB",
    "ReconMatrixPE": 64,
    "RepetitionTime": 2,
    "SAR": 0.0682691,
    "ScanOptions": "SAT_GEMS_EPI_GEMS_ACC_GEMS_FS",
    "ScanningSequence": "EP_GR",
    "SequenceVariant": "SS",
    "SeriesDescription": "fMRI_4_PartB",
    "SeriesNumber": 8,
    "SliceThickness": 3.3,
    "SliceTiming": [
      0,
      1.0285,
      0.0571001,
      1.0857,
      0.1142,
      1.1428,
      0.1714,
      1.2,
      0.2285,
      1.2571,
      0.2857,
      1.3143,
      0.3428,
      1.3714,
      0.4,
      1.4286,
      0.4571,
      1.4857,
      0.5142,
      1.5428,
      0.5714,
      1.6,
      0.6285,
      1.6571,
      0.6857,
      1.7143,
      0.7428,
      1.7714,
      0.8,
      1.8285,
      0.8571,
      1.8857,
      0.9143,
      1.9428,
      0.9714
    ],
    "SoftwareVersions": "27_LX_MR_Software_release:DV26.0_EB_1706.a",
    "SpacingBetweenSlices": 3.3,
    "StationName": "nnmr04",
    "TaskName": "localiser",
    "TotalReadoutTime": 0.040572,
    "dataset": "ds003342",
    "modality": "bold",
    "run_id": 4,
    "session_id": "localiser",
    "subject_id": "KH02",
    "task_id": "localiser"
  },
  "dummy_trs": 0,
  "dvars_nstd": 18.779206395515686,
  "dvars_std": 1.0921702299551568,
  "dvars_vstd": 0.9973517177578479,
  "efc": 0.5377421368457386,
  "fber": 10226.2822265625,
  "fd_mean": 0.08981690562505805,
  "fd_num": 20,
  "fd_perc": 8.928571428571429,
  "fwhm_avg": 2.2642361961837274,
  "fwhm_x": 2.2366707889421047,
  "fwhm_y": 2.3977979066980586,
  "fwhm_z": 2.1582398929110194,
  "gcor": 0.0465014,
  "gsr_x": 0.01201925240457058,
  "gsr_y": 0.013906272128224373,
  "provenance": {
    "md5sum": "a010194c6310c45973f990cb77557999",
    "settings": {
      "fd_thres": 0.2,
      "testing": false
    },
    "software": "mriqc",
    "version": "22.0.6",
    "webapi_port": null,
    "webapi_url": "https://mriqc.nimh.nih.gov/api/v1"
  },
  "size_t": 224,
  "size_x": 64,
  "size_y": 64,
  "size_z": 35,
  "snr": 5.470389596481142,
  "spacing_tr": 2.0,
  "spacing_x": 3.2969000339508057,
  "spacing_y": 3.2969000339508057,
  "spacing_z": 3.299999237060547,
  "summary_bg_k": 30.02996335706858,
  "summary_bg_mad": 52.9567036479256,
  "summary_bg_mean": 143.39474487304688,
  "summary_bg_median": 38.54018020629883,
  "summary_bg_n": 77947.0,
  "summary_bg_p05": 0.6933036088943489,
  "summary_bg_p95": 647.1804016113277,
  "summary_bg_stdv": 299.0970153808594,
  "summary_fg_k": 1.6450456371577733,
  "summary_fg_mad": 600.3416898307705,
  "summary_fg_mean": 3935.436767578125,
  "summary_fg_median": 3872.169921875,
  "summary_fg_n": 32657.0,
  "summary_fg_p05": 2873.6251953125,
  "summary_fg_p95": 5154.002148437499,
  "summary_fg_stdv": 707.8308715820312,
  "tsnr": 77.54373933374882
}