{
  "aor": 0.0018301129943502827,
  "aqi": 0.009718101129943504,
  "bids_meta": {
    "AcquisitionMatrixPE": 64,
    "AcquisitionNumber": 1,
    "AcquisitionTime": "12:54:1.000000",
    "BodyPartExamined": "BRAIN",
    "CoilString": "RM:HNU_FlexS",
    "ConversionSoftware": "dcm2niix",
    "ConversionSoftwareVersion": "v1.0.20200331",
    "DeviceSerialNumber": "00000070431MRS04",
    "EchoTime": 0.03,
    "EffectiveEchoSpacing": 0.000644,
    "FlipAngle": 78,
    "ImageOrientationPatientDICOM": [
      1,
      0,
      0,
      0,
      1,
      0
    ],
    "ImageType": [
      "ORIGINAL",
      "PRIMARY",
      "EPI",
      "NONE"
    ],
    "ImagingFrequency": 127.734,
    "InPlanePhaseEncodingDirectionDICOM": "COL",
    "InstitutionName": "N_and_N_University_Hospital",
    "MRAcquisitionType": "2D",
    "MagneticFieldStrength": 3,
    "Manufacturer": "GE",
    "ManufacturersModelName": "DISCOVERY_MR750w",
    "Modality": "MR",
    "PatientPosition": "HFS",
    "PercentPhaseFOV": 100,
    "PercentSampling": 100,
    "PhaseEncodingDirection": "j",
    "PhaseEncodingPolarityGE": "Flipped",
    "PixelBandwidth": 7812.5,
    "ProcedureStepDescription": "MRI_Head",
    "ProtocolName": "fMRI_5_PartA",
    "ReconMatrixPE": 64,
    "RepetitionTime": 2,
    "SAR": 0.0688907,
    "ScanOptions": "SAT_GEMS_EPI_GEMS_ACC_GEMS_FS",
    "ScanningSequence": "EP_GR",
    "SequenceVariant": "SS",
    "SeriesDescription": "fMRI_5_PartA",
    "SeriesNumber": 8,
    "SliceThickness": 3.3,
    "SliceTiming": [
      0,
      1.0285,
      0.0571001,
      1.0857,
      0.1142,
      1.1428,
      0.1714,
      1.2,
      0.2285,
      1.2571,
      0.2857,
      1.3143,
      0.3428,
      1.3714,
      0.4,
      1.4286,
      0.4571,
      1.4857,
      0.5142,
      1.5428,
      0.5714,
      1.6,
      0.6285,
      1.6571,
      0.6857,
      1.7143,
      0.7428,
      1.7714,
      0.8,
      1.8285,
      0.8571,
      1.8857,
      0.9143,
      1.9428,
      0.9714
    ],
    "SoftwareVersions": "27_LX_MR_Software_release:DV26.0_EB_1706.a",
    "SpacingBetweenSlices": 3.3,
    "StationName": "nnmr04",
    "TaskName": "grasp",
    "TotalReadoutTime": 0.040572,
    "dataset": "ds003342",
    "modality": "bold",
    "run_id": 5,
    "session_id": "action",
    "subject_id": "CR09",
    "task_id": "grasp"
  },
  "dummy_trs": 1,
  "dvars_nstd": 39.21568864028409,
  "dvars_std": 1.046371834261364,
  "dvars_vstd": 1.0199433268181821,
  "efc": 0.555104580056401,
  "fber": 2525.278564453125,
  "fd_mean": 0.1937385229606852,
  "fd_num": 61,
  "fd_perc": 34.463276836158194,
  "fwhm_avg": 2.8097190143555557,
  "fwhm_x": 2.8845854900257812,
  "fwhm_y": 2.8465042625978603,
  "fwhm_z": 2.698067290443025,
  "gcor": 0.00564712,
  "gsr_x": 0.006412293761968613,
  "gsr_y": 0.04062941297888756,
  "provenance": {
    "md5sum": "650e0ae470ce70c6d89b327a8db8856e",
    "settings": {
      "fd_thres": 0.2,
      "testing": false
    },
    "software": "mriqc",
    "version": "22.0.6",
    "webapi_port": null,
    "webapi_url": "https://mriqc.nimh.nih.gov/api/v1"
  },
  "size_t": 177,
  "size_x": 64,
  "size_y": 64,
  "size_z": 35,
  "snr": 3.9334374606859557,
  "spacing_tr": 2.0,
  "spacing_x": 3.2969000339508057,
  "spacing_y": 3.2969000339508057,
  "spacing_z": 3.299999237060547,
  "summary_bg_k": 26.04366297661403,
  "summary_bg_mad": 20.731301465010375,
  "summary_bg_mean": 62.98728942871094,
  "summary_bg_median": 27.67231559753418,
  "summary_bg_n": 75556.0,
  "summary_bg_p05": 1.7330508828163147,
  "summary_bg_p95": 269.0635528564453,
  "summary_bg_stdv": 111.30718231201172,
  "summary_fg_k": 0.763084380622693,
  "summary_fg_mad": 339.9137963406862,
  "summary_fg_mean": 1431.462890625,
  "summary_fg_median": 1386.454833984375,
  "summary_fg_n": 35008.0,
  "summary_fg_p05": 942.5822113037109,
  "summary_fg_p95": 2069.2983398437505,
  "summary_fg_stdv": 352.4741516113281,
  "tsnr": 33.532644680468366
}