{
  "bids_meta": {
    "AcquisitionMatrixPE": 256,
    "AcquisitionNumber": 1,
    "AcquisitionTime": "12:10:22.000000",
    "BodyPartExamined": "BRAIN",
    "CoilString": "Head+Neck_40",
    "ConversionSoftware": "dcm2niix",
    "ConversionSoftwareVersion": "v1.0.20200331",
    "DeviceSerialNumber": "00000070431MRS04",
    "EchoTime": 0.002612,
    "FlipAngle": 9,
    "ImageOrientationPatientDICOM": [
      -0.0490303,
      0.998797,
      -0.000990561,
      0.0201985,
      0,
      -0.999796
    ],
    "ImageType": [
      "ORIGINAL",
      "PRIMARY",
      "OTHER"
    ],
    "ImagingFrequency": 127.734,
    "InPlanePhaseEncodingDirectionDICOM": "ROW",
    "InstitutionName": "N_and_N_University_Hospital",
    "InversionTime": 0.9,
    "MRAcquisitionType": "3D",
    "MagneticFieldStrength": 3,
    "Manufacturer": "GE",
    "ManufacturersModelName": "DISCOVERY_MR750w",
    "Modality": "MR",
    "PatientPosition": "HFS",
    "PercentPhaseFOV": 100,
    "PercentSampling": 62.5,
    "PixelBandwidth": 390.625,
    "ProcedureStepDescription": "MRI_Head",
    "ProtocolName": "SAG_FSPGR_BRAVO",
    "ReconMatrixPE": 256,
    "RepetitionTime": 0.007064,
    "SAR": 0.0514189,
    "ScanOptions": "FAST_GEMS_NPW_EDR_GEMS_ACC_GEMS_IR_GEMS",
    "ScanningSequence": "GR",
    "SequenceVariant": "SS_SK_OSP",
    "SeriesDescription": "SAG_FSPGR_BRAVO",
    "SeriesNumber": 2,
    "SliceThickness": 0.9,
    "SoftwareVersions": "27_LX_MR_Software_release:DV26.0_EB_1706.a",
    "SpacingBetweenSlices": 0.9,
    "StationName": "nnmr04",
    "dataset": "ds003342",
    "modality": "T1w",
    "session_id": "localiser",
    "subject_id": "RS06"
  },
  "cjv": 0.4181883600019452,
  "cnr": 3.2742158814236526,
  "efc": 0.6268894949481069,
  "fber": 20281.51202983255,
  "fwhm_avg": 3.981223952981143,
  "fwhm_x": 3.953266771392472,
  "fwhm_y": 4.06116425284444,
  "fwhm_z": 3.929240834706516,
  "icvs_csf": 0.18339309068651316,
  "icvs_gm": 0.4216775343829034,
  "icvs_wm": 0.39492937493058344,
  "inu_med": 0.5153443813323975,
  "inu_range": 0.17341481447219848,
  "provenance": {
    "md5sum": "e713492b4658831bed7d6d2fcf1f98b0",
    "settings": {
      "testing": false
    },
    "software": "mriqc",
    "version": "22.0.6",
    "warnings": {
      "large_rot_frame": true,
      "small_air_mask": false
    },
    "webapi_port": null,
    "webapi_url": "https://mriqc.nimh.nih.gov/api/v1"
  },
  "qi_1": 0.0,
  "qi_2": 0.0002601638263142493,
  "rpve_csf": 18.592056311612737,
  "rpve_gm": 8.443924417941071,
  "rpve_wm": 10.327587511687348,
  "size_x": 196,
  "size_y": 256,
  "size_z": 256,
  "snr_csf": 2.955468486923713,
  "snr_gm": 13.263129195009586,
  "snr_total": 11.443411411131995,
  "snr_wm": 18.11163655146268,
  "snrd_csf": 14.828186014942018,
  "snrd_gm": 37.423211676983854,
  "snrd_total": 34.28376658428744,
  "snrd_wm": 50.599902060936444,
  "spacing_x": 0.8999999761581421,
  "spacing_y": 0.8984000086784363,
  "spacing_z": 0.8984000086784363,
  "summary_bg_k": 4382.12727095157,
  "summary_bg_mad": 0.0,
  "summary_bg_mean": 7.228465587346298,
  "summary_bg_median": 0.0,
  "summary_bg_n": 2615471.0,
  "summary_bg_p05": 0.0,
  "summary_bg_p95": 27.854358673095703,
  "summary_bg_stdv": 12.947794980438287,
  "summary_csf_k": 8.679350787437516,
  "summary_csf_mad": 67.84160710318754,
  "summary_csf_mean": 309.34848117905494,
  "summary_csf_median": 293.0570068359375,
  "summary_csf_n": 66774.0,
  "summary_csf_p05": 186.23443222045898,
  "summary_csf_p95": 491.24916629791255,
  "summary_csf_stdv": 99.15680499715984,
  "summary_gm_k": 0.06360246031902328,
  "summary_gm_mad": 55.53239584208288,
  "summary_gm_mean": 738.9649196326412,
  "summary_gm_median": 739.6140289306641,
  "summary_gm_n": 50723.0,
  "summary_gm_p05": 646.3542137145996,
  "summary_gm_p95": 829.8951072692871,
  "summary_gm_stdv": 55.764120766952004,
  "summary_wm_k": 0.46696117172377205,
  "summary_wm_mad": 53.371236613033965,
  "summary_wm_mean": 1003.667669107077,
  "summary_wm_median": 1000.0316848754883,
  "summary_wm_n": 396829.0,
  "summary_wm_p05": 919.6691665649414,
  "summary_wm_p95": 1100.0728797912598,
  "summary_wm_stdv": 55.21480193160408,
  "tpm_overlap_csf": 0.1517539920621686,
  "tpm_overlap_gm": 0.43773772523151827,
  "tpm_overlap_wm": 0.4863299855029326,
  "wm2max": 0.5544324044816107
}