{
  "aor": 0.0021176785714285716,
  "aqi": 0.008017833928571428,
  "bids_meta": {
    "AcquisitionMatrixPE": 64,
    "AcquisitionNumber": 1,
    "AcquisitionTime": "11:25:56.000000",
    "BodyPartExamined": "BRAIN",
    "CoilString": "Head+Neck_40",
    "ConversionSoftware": "dcm2niix",
    "ConversionSoftwareVersion": "v1.0.20200331",
    "DeviceSerialNumber": "00000070431MRS04",
    "EchoTime": 0.03,
    "EffectiveEchoSpacing": 0.000644,
    "FlipAngle": 78,
    "ImageOrientationPatientDICOM": [
      1,
      0,
      0,
      0,
      1,
      0
    ],
    "ImageType": [
      "ORIGINAL",
      "PRIMARY",
      "EPI",
      "NONE"
    ],
    "ImagingFrequency": 127.734,
    "InPlanePhaseEncodingDirectionDICOM": "ROW",
    "InstitutionName": "N_and_N_University_Hospital",
    "MRAcquisitionType": "2D",
    "MagneticFieldStrength": 3,
    "Manufacturer": "GE",
    "ManufacturersModelName": "DISCOVERY_MR750w",
    "Modality": "MR",
    "PatientPosition": "HFS",
    "PercentPhaseFOV": 100,
    "PercentSampling": 100,
    "PhaseEncodingDirection": "i-",
    "PhaseEncodingPolarityGE": "Flipped",
    "PixelBandwidth": 7812.5,
    "ProcedureStepDescription": "MRI_Head",
    "ProtocolName": "fMRI_1_PartB",
    "ReconMatrixPE": 64,
    "RepetitionTime": 2,
    "SAR": 0.0578802,
    "ScanOptions": "SAT_GEMS_EPI_GEMS_ACC_GEMS_FS",
    "ScanningSequence": "EP_GR",
    "SequenceVariant": "SS",
    "SeriesDescription": "fMRI_1_PartB",
    "SeriesNumber": 4,
    "SliceThickness": 3.3,
    "SliceTiming": [
      0,
      1.0285,
      0.0571001,
      1.0857,
      0.1142,
      1.1428,
      0.1714,
      1.2,
      0.2285,
      1.2571,
      0.2857,
      1.3143,
      0.3428,
      1.3714,
      0.4,
      1.4286,
      0.4571,
      1.4857,
      0.5142,
      1.5428,
      0.5714,
      1.6,
      0.6285,
      1.6571,
      0.6857,
      1.7143,
      0.7428,
      1.7714,
      0.8,
      1.8285,
      0.8571,
      1.8857,
      0.9143,
      1.9428,
      0.9714
    ],
    "SoftwareVersions": "27_LX_MR_Software_release:DV26.0_EB_1706.a",
    "SpacingBetweenSlices": 3.3,
    "StationName": "nnmr04",
    "TaskName": "localiser",
    "TotalReadoutTime": 0.040572,
    "dataset": "ds003342",
    "modality": "bold",
    "run_id": 1,
    "session_id": "localiser",
    "subject_id": "SC13",
    "task_id": "localiser"
  },
  "dummy_trs": 0,
  "dvars_nstd": 14.528015367713005,
  "dvars_std": 0.9653303864573998,
  "dvars_vstd": 0.9505978299999999,
  "efc": 0.458658449571487,
  "fber": 35594.99609375,
  "fd_mean": 0.05696281934382167,
  "fd_num": 3,
  "fd_perc": 1.3392857142857142,
  "fwhm_avg": 2.1693868110457966,
  "fwhm_x": 2.18037851496084,
  "fwhm_y": 2.312539028022517,
  "fwhm_z": 2.015242890154033,
  "gcor": 0.0199722,
  "gsr_x": -0.0001925617252709344,
  "gsr_y": 0.013376884162425995,
  "provenance": {
    "md5sum": "4b568eb997ec84e70a7d5481448fb4b7",
    "settings": {
      "fd_thres": 0.2,
      "testing": false
    },
    "software": "mriqc",
    "version": "22.0.6",
    "webapi_port": null,
    "webapi_url": "https://mriqc.nimh.nih.gov/api/v1"
  },
  "size_t": 224,
  "size_x": 64,
  "size_y": 64,
  "size_z": 35,
  "snr": 6.799661560949457,
  "spacing_tr": 2.0,
  "spacing_x": 3.2969000339508057,
  "spacing_y": 3.2969000339508057,
  "spacing_z": 3.299999237060547,
  "summary_bg_k": 60.686634487172334,
  "summary_bg_mad": 26.885403386684818,
  "summary_bg_mean": 93.029052734375,
  "summary_bg_median": 20.35714340209961,
  "summary_bg_n": 88953.0,
  "summary_bg_p05": 0.8258928656578064,
  "summary_bg_p95": 418.1375183105468,
  "summary_bg_stdv": 238.8018035888672,
  "summary_fg_k": 0.6738349852917191,
  "summary_fg_mad": 503.6382723982214,
  "summary_fg_mean": 3851.966796875,
  "summary_fg_median": 3837.390625,
  "summary_fg_n": 22852.0,
  "summary_fg_p05": 2839.8930053710938,
  "summary_fg_p95": 4751.936083984375,
  "summary_fg_stdv": 564.337890625,
  "tsnr": 61.06818978488445
}