{
  "aor": 0.0015070786516853936,
  "aqi": 0.008681814999999999,
  "bids_meta": {
    "AcquisitionMatrixPE": 64,
    "AcquisitionNumber": 1,
    "AcquisitionTime": "13:01:18.000000",
    "BodyPartExamined": "BRAIN",
    "CoilString": "RM:HNU_FlexS",
    "ConversionSoftware": "dcm2niix",
    "ConversionSoftwareVersion": "v1.0.20200331",
    "DeviceSerialNumber": "00000070431MRS04",
    "EchoTime": 0.03,
    "EffectiveEchoSpacing": 0.000644,
    "FlipAngle": 78,
    "ImageOrientationPatientDICOM": [
      1,
      0,
      0,
      0,
      1,
      0
    ],
    "ImageType": [
      "ORIGINAL",
      "PRIMARY",
      "EPI",
      "NONE"
    ],
    "ImagingFrequency": 127.734,
    "InPlanePhaseEncodingDirectionDICOM": "COL",
    "InstitutionName": "N_and_N_University_Hospital",
    "MRAcquisitionType": "2D",
    "MagneticFieldStrength": 3,
    "Manufacturer": "GE",
    "ManufacturersModelName": "DISCOVERY_MR750w",
    "Modality": "MR",
    "PatientPosition": "HFS",
    "PercentPhaseFOV": 100,
    "PercentSampling": 100,
    "PhaseEncodingDirection": "j",
    "PhaseEncodingPolarityGE": "Flipped",
    "PixelBandwidth": 7812.5,
    "ProcedureStepDescription": "MRI_Head",
    "ProtocolName": "fMRI_6_PartA",
    "ReconMatrixPE": 64,
    "RepetitionTime": 2,
    "SAR": 0.0688907,
    "ScanOptions": "SAT_GEMS_EPI_GEMS_ACC_GEMS_FS",
    "ScanningSequence": "EP_GR",
    "SequenceVariant": "SS",
    "SeriesDescription": "fMRI_6_PartA",
    "SeriesNumber": 9,
    "SliceThickness": 3.3,
    "SliceTiming": [
      0,
      1.0285,
      0.0571001,
      1.0857,
      0.1142,
      1.1428,
      0.1714,
      1.2,
      0.2285,
      1.2571,
      0.2857,
      1.3143,
      0.3428,
      1.3714,
      0.4,
      1.4286,
      0.4571,
      1.4857,
      0.5142,
      1.5428,
      0.5714,
      1.6,
      0.6285,
      1.6571,
      0.6857,
      1.7143,
      0.7428,
      1.7714,
      0.8,
      1.8285,
      0.8571,
      1.8857,
      0.9143,
      1.9428,
      0.9714
    ],
    "SoftwareVersions": "27_LX_MR_Software_release:DV26.0_EB_1706.a",
    "SpacingBetweenSlices": 3.3,
    "StationName": "nnmr04",
    "TaskName": "grasp",
    "TotalReadoutTime": 0.040572,
    "dataset": "ds003342",
    "modality": "bold",
    "run_id": 6,
    "session_id": "action",
    "subject_id": "CR09",
    "task_id": "grasp"
  },
  "dummy_trs": 0,
  "dvars_nstd": 40.945456187231656,
  "dvars_std": 1.05109995101695,
  "dvars_vstd": 1.0135596671751417,
  "efc": 0.5497662960749853,
  "fber": 2575.6748046875,
  "fd_mean": 0.262949807605452,
  "fd_num": 71,
  "fd_perc": 39.8876404494382,
  "fwhm_avg": 2.9389672909484545,
  "fwhm_x": 2.981124662194308,
  "fwhm_y": 2.875043192814452,
  "fwhm_z": 2.9607340178366037,
  "gcor": 0.00839902,
  "gsr_x": 0.008990401402115822,
  "gsr_y": 0.040138691663742065,
  "provenance": {
    "md5sum": "3f674281ce55558cdcf8054ec206c26a",
    "settings": {
      "fd_thres": 0.2,
      "testing": false
    },
    "software": "mriqc",
    "version": "22.0.6",
    "webapi_port": null,
    "webapi_url": "https://mriqc.nimh.nih.gov/api/v1"
  },
  "size_t": 178,
  "size_x": 64,
  "size_y": 64,
  "size_z": 35,
  "snr": 3.7869983679386325,
  "spacing_tr": 2.0,
  "spacing_x": 3.2969000339508057,
  "spacing_y": 3.2969000339508057,
  "spacing_z": 3.299999237060547,
  "summary_bg_k": 25.441194377108513,
  "summary_bg_mad": 20.431590087426805,
  "summary_bg_mean": 61.11174011230469,
  "summary_bg_median": 27.297752380371094,
  "summary_bg_n": 76548.0,
  "summary_bg_p05": 2.065730440616612,
  "summary_bg_p95": 266.2073135375975,
  "summary_bg_stdv": 108.1629638671875,
  "summary_fg_k": 0.9442610035602743,
  "summary_fg_mad": 351.101814559032,
  "summary_fg_mean": 1434.6715087890625,
  "summary_fg_median": 1384.92138671875,
  "summary_fg_n": 34681.0,
  "summary_fg_p05": 933.4326171875,
  "summary_fg_p95": 2098.92138671875,
  "summary_fg_stdv": 365.698974609375,
  "tsnr": 33.0167484630947
}