{
  "aor": 0.0016104494382022474,
  "aqi": 0.012836828539325842,
  "bids_meta": {
    "AcquisitionMatrixPE": 64,
    "AcquisitionNumber": 1,
    "AcquisitionTime": "12:24:10.000000",
    "BodyPartExamined": "BRAIN",
    "CoilString": "RM:HNU_FlexS",
    "ConversionSoftware": "dcm2niix",
    "ConversionSoftwareVersion": "v1.0.20200331",
    "DeviceSerialNumber": "00000070431MRS04",
    "EchoTime": 0.03,
    "EffectiveEchoSpacing": 0.000644,
    "FlipAngle": 78,
    "ImageOrientationPatientDICOM": [
      1,
      0,
      0,
      0,
      1,
      0
    ],
    "ImageType": [
      "ORIGINAL",
      "PRIMARY",
      "EPI",
      "NONE"
    ],
    "ImagingFrequency": 127.734,
    "InPlanePhaseEncodingDirectionDICOM": "COL",
    "InstitutionName": "N_and_N_University_Hospital",
    "MRAcquisitionType": "2D",
    "MagneticFieldStrength": 3,
    "Manufacturer": "GE",
    "ManufacturersModelName": "DISCOVERY_MR750w",
    "Modality": "MR",
    "PatientPosition": "HFS",
    "PercentPhaseFOV": 100,
    "PercentSampling": 100,
    "PhaseEncodingDirection": "j",
    "PhaseEncodingPolarityGE": "Flipped",
    "PixelBandwidth": 7812.5,
    "ProcedureStepDescription": "MRI_Head",
    "ProtocolName": "fMRI_1_PartA",
    "ReconMatrixPE": 64,
    "RepetitionTime": 2,
    "SAR": 0.0692694,
    "ScanOptions": "SAT_GEMS_EPI_GEMS_ACC_GEMS_FS",
    "ScanningSequence": "EP_GR",
    "SequenceVariant": "SS",
    "SeriesDescription": "fMRI_1_PartA",
    "SeriesNumber": 4,
    "SliceThickness": 3.3,
    "SliceTiming": [
      0,
      1.0285,
      0.0571001,
      1.0857,
      0.1142,
      1.1428,
      0.1714,
      1.2,
      0.2285,
      1.2571,
      0.2857,
      1.3143,
      0.3428,
      1.3714,
      0.4,
      1.4286,
      0.4571,
      1.4857,
      0.5142,
      1.5428,
      0.5714,
      1.6,
      0.6285,
      1.6571,
      0.6857,
      1.7143,
      0.7428,
      1.7714,
      0.8,
      1.8285,
      0.8571,
      1.8857,
      0.9143,
      1.9428,
      0.9714
    ],
    "SoftwareVersions": "27_LX_MR_Software_release:DV26.0_EB_1706.a",
    "SpacingBetweenSlices": 3.3,
    "StationName": "nnmr04",
    "TaskName": "grasp",
    "TotalReadoutTime": 0.040572,
    "dataset": "ds003342",
    "modality": "bold",
    "run_id": 1,
    "session_id": "action",
    "subject_id": "CR09",
    "task_id": "grasp"
  },
  "dummy_trs": 0,
  "dvars_nstd": 44.981568826836146,
  "dvars_std": 1.0319412846892657,
  "dvars_vstd": 0.997011578079096,
  "efc": 0.5557461169158417,
  "fber": 2476.628173828125,
  "fd_mean": 0.3640622482700828,
  "fd_num": 98,
  "fd_perc": 55.056179775280896,
  "fwhm_avg": 2.9252926285198178,
  "fwhm_x": 2.955546088645949,
  "fwhm_y": 2.8686371751061475,
  "fwhm_z": 2.9516946218073574,
  "gcor": 0.00984569,
  "gsr_x": 0.0052733574993908405,
  "gsr_y": 0.03827807307243347,
  "provenance": {
    "md5sum": "c827e653f83feeca985c0c185a2ab9ae",
    "settings": {
      "fd_thres": 0.2,
      "testing": false
    },
    "software": "mriqc",
    "version": "22.0.6",
    "webapi_port": null,
    "webapi_url": "https://mriqc.nimh.nih.gov/api/v1"
  },
  "size_t": 178,
  "size_x": 64,
  "size_y": 64,
  "size_z": 35,
  "snr": 3.82976277143744,
  "spacing_tr": 2.0,
  "spacing_x": 3.2969000339508057,
  "spacing_y": 3.2969000339508057,
  "spacing_z": 3.299999237060547,
  "summary_bg_k": 26.222070802301694,
  "summary_bg_mad": 20.923016245254626,
  "summary_bg_mean": 61.338191986083984,
  "summary_bg_median": 27.460674285888672,
  "summary_bg_n": 75309.0,
  "summary_bg_p05": 2.2078652381896973,
  "summary_bg_p95": 260.3280883789051,
  "summary_bg_stdv": 108.24427795410156,
  "summary_fg_k": 1.19988288853094,
  "summary_fg_mad": 335.80107733257705,
  "summary_fg_mean": 1426.427734375,
  "summary_fg_median": 1374.3089599609375,
  "summary_fg_n": 35263.0,
  "summary_fg_p05": 944.1146179199219,
  "summary_fg_p95": 2085.325366210938,
  "summary_fg_stdv": 358.84454345703125,
  "tsnr": 29.53788674622774
}