{
  "aor": 0.0014610674157303368,
  "aqi": 0.008615179382022472,
  "bids_meta": {
    "AcquisitionMatrixPE": 64,
    "AcquisitionNumber": 1,
    "AcquisitionTime": "12:38:51.000000",
    "BodyPartExamined": "BRAIN",
    "CoilString": "RM:HNU_FlexS",
    "ConversionSoftware": "dcm2niix",
    "ConversionSoftwareVersion": "v1.0.20200331",
    "DeviceSerialNumber": "00000070431MRS04",
    "EchoTime": 0.03,
    "EffectiveEchoSpacing": 0.000644,
    "FlipAngle": 78,
    "ImageOrientationPatientDICOM": [
      1,
      0,
      0,
      0,
      1,
      0
    ],
    "ImageType": [
      "ORIGINAL",
      "PRIMARY",
      "EPI",
      "NONE"
    ],
    "ImagingFrequency": 127.734,
    "InPlanePhaseEncodingDirectionDICOM": "COL",
    "InstitutionName": "N_and_N_University_Hospital",
    "MRAcquisitionType": "2D",
    "MagneticFieldStrength": 3,
    "Manufacturer": "GE",
    "ManufacturersModelName": "DISCOVERY_MR750w",
    "Modality": "MR",
    "PatientPosition": "HFS",
    "PercentPhaseFOV": 100,
    "PercentSampling": 100,
    "PhaseEncodingDirection": "j",
    "PhaseEncodingPolarityGE": "Flipped",
    "PixelBandwidth": 7812.5,
    "ProcedureStepDescription": "MRI_Head",
    "ProtocolName": "fMRI_3_PartA",
    "ReconMatrixPE": 64,
    "RepetitionTime": 2,
    "SAR": 0.0688907,
    "ScanOptions": "SAT_GEMS_EPI_GEMS_ACC_GEMS_FS",
    "ScanningSequence": "EP_GR",
    "SequenceVariant": "SS",
    "SeriesDescription": "fMRI_3_PartA",
    "SeriesNumber": 6,
    "SliceThickness": 3.3,
    "SliceTiming": [
      0,
      1.0285,
      0.0571001,
      1.0857,
      0.1142,
      1.1428,
      0.1714,
      1.2,
      0.2285,
      1.2571,
      0.2857,
      1.3143,
      0.3428,
      1.3714,
      0.4,
      1.4286,
      0.4571,
      1.4857,
      0.5142,
      1.5428,
      0.5714,
      1.6,
      0.6285,
      1.6571,
      0.6857,
      1.7143,
      0.7428,
      1.7714,
      0.8,
      1.8285,
      0.8571,
      1.8857,
      0.9143,
      1.9428,
      0.9714
    ],
    "SoftwareVersions": "27_LX_MR_Software_release:DV26.0_EB_1706.a",
    "SpacingBetweenSlices": 3.3,
    "StationName": "nnmr04",
    "TaskName": "grasp",
    "TotalReadoutTime": 0.040572,
    "dataset": "ds003342",
    "modality": "bold",
    "run_id": 3,
    "session_id": "action",
    "subject_id": "CR09",
    "task_id": "grasp"
  },
  "dummy_trs": 0,
  "dvars_nstd": 41.01841388898304,
  "dvars_std": 1.064544315593221,
  "dvars_vstd": 1.020452825480227,
  "efc": 0.5564642819399039,
  "fber": 2436.452392578125,
  "fd_mean": 0.19307948021587304,
  "fd_num": 50,
  "fd_perc": 28.089887640449437,
  "fwhm_avg": 2.881927589518927,
  "fwhm_x": 2.9307167037216195,
  "fwhm_y": 2.8793381365052473,
  "fwhm_z": 2.8357279283299137,
  "gcor": 0.00731941,
  "gsr_x": 0.004678933881223202,
  "gsr_y": 0.03918640688061714,
  "provenance": {
    "md5sum": "0f1c006331ee83921d1be96036bb70a0",
    "settings": {
      "fd_thres": 0.2,
      "testing": false
    },
    "software": "mriqc",
    "version": "22.0.6",
    "webapi_port": null,
    "webapi_url": "https://mriqc.nimh.nih.gov/api/v1"
  },
  "size_t": 178,
  "size_x": 64,
  "size_y": 64,
  "size_z": 35,
  "snr": 3.813716906445577,
  "spacing_tr": 2.0,
  "spacing_x": 3.2969000339508057,
  "spacing_y": 3.2969000339508057,
  "spacing_z": 3.299999237060547,
  "summary_bg_k": 24.860588653505307,
  "summary_bg_mad": 20.84805446678696,
  "summary_bg_mean": 62.269412994384766,
  "summary_bg_median": 27.59550666809082,
  "summary_bg_n": 75004.0,
  "summary_bg_p05": 1.4382022619247437,
  "summary_bg_p95": 267.0795074462881,
  "summary_bg_stdv": 108.66373443603516,
  "summary_fg_k": 1.3194118991199266,
  "summary_fg_mad": 333.77715880113806,
  "summary_fg_mean": 1422.21240234375,
  "summary_fg_median": 1369.370849609375,
  "summary_fg_n": 35271.0,
  "summary_fg_p05": 938.7977600097656,
  "summary_fg_p95": 2084.51123046875,
  "summary_fg_stdv": 359.0595397949219,
  "tsnr": 33.912828653352335
}