{
  "aor": 0.001468932584269663,
  "aqi": 0.013728363314606742,
  "bids_meta": {
    "AcquisitionMatrixPE": 64,
    "AcquisitionNumber": 1,
    "AcquisitionTime": "12:46:9.000000",
    "BodyPartExamined": "BRAIN",
    "CoilString": "RM:HNU_FlexS",
    "ConversionSoftware": "dcm2niix",
    "ConversionSoftwareVersion": "v1.0.20200331",
    "DeviceSerialNumber": "00000070431MRS04",
    "EchoTime": 0.03,
    "EffectiveEchoSpacing": 0.000644,
    "FlipAngle": 78,
    "ImageOrientationPatientDICOM": [
      1,
      0,
      0,
      0,
      1,
      0
    ],
    "ImageType": [
      "ORIGINAL",
      "PRIMARY",
      "EPI",
      "NONE"
    ],
    "ImagingFrequency": 127.734,
    "InPlanePhaseEncodingDirectionDICOM": "COL",
    "InstitutionName": "N_and_N_University_Hospital",
    "MRAcquisitionType": "2D",
    "MagneticFieldStrength": 3,
    "Manufacturer": "GE",
    "ManufacturersModelName": "DISCOVERY_MR750w",
    "Modality": "MR",
    "PatientPosition": "HFS",
    "PercentPhaseFOV": 100,
    "PercentSampling": 100,
    "PhaseEncodingDirection": "j",
    "PhaseEncodingPolarityGE": "Flipped",
    "PixelBandwidth": 7812.5,
    "ProcedureStepDescription": "MRI_Head",
    "ProtocolName": "fMRI_4_PartA",
    "ReconMatrixPE": 64,
    "RepetitionTime": 2,
    "SAR": 0.0688907,
    "ScanOptions": "SAT_GEMS_EPI_GEMS_ACC_GEMS_FS",
    "ScanningSequence": "EP_GR",
    "SequenceVariant": "SS",
    "SeriesDescription": "fMRI_4_PartA",
    "SeriesNumber": 7,
    "SliceThickness": 3.3,
    "SliceTiming": [
      0,
      1.0285,
      0.0571001,
      1.0857,
      0.1142,
      1.1428,
      0.1714,
      1.2,
      0.2285,
      1.2571,
      0.2857,
      1.3143,
      0.3428,
      1.3714,
      0.4,
      1.4286,
      0.4571,
      1.4857,
      0.5142,
      1.5428,
      0.5714,
      1.6,
      0.6285,
      1.6571,
      0.6857,
      1.7143,
      0.7428,
      1.7714,
      0.8,
      1.8285,
      0.8571,
      1.8857,
      0.9143,
      1.9428,
      0.9714
    ],
    "SoftwareVersions": "27_LX_MR_Software_release:DV26.0_EB_1706.a",
    "SpacingBetweenSlices": 3.3,
    "StationName": "nnmr04",
    "TaskName": "grasp",
    "TotalReadoutTime": 0.040572,
    "dataset": "ds003342",
    "modality": "bold",
    "run_id": 4,
    "session_id": "action",
    "subject_id": "CR09",
    "task_id": "grasp"
  },
  "dummy_trs": 0,
  "dvars_nstd": 42.07457920666665,
  "dvars_std": 1.020032529830509,
  "dvars_vstd": 0.9977041202259888,
  "efc": 0.5522734653506095,
  "fber": 2507.70458984375,
  "fd_mean": 0.27826964332224047,
  "fd_num": 98,
  "fd_perc": 55.056179775280896,
  "fwhm_avg": 2.980077445038097,
  "fwhm_x": 3.0038854372336647,
  "fwhm_y": 2.942767417904903,
  "fwhm_z": 2.9935794799757245,
  "gcor": 0.00955779,
  "gsr_x": 0.005462357308715582,
  "gsr_y": 0.03818988427519798,
  "provenance": {
    "md5sum": "f7e13ed280f6e679f00c1c2b8e82e299",
    "settings": {
      "fd_thres": 0.2,
      "testing": false
    },
    "software": "mriqc",
    "version": "22.0.6",
    "webapi_port": null,
    "webapi_url": "https://mriqc.nimh.nih.gov/api/v1"
  },
  "size_t": 178,
  "size_x": 64,
  "size_y": 64,
  "size_z": 35,
  "snr": 3.6880174089054933,
  "spacing_tr": 2.0,
  "spacing_x": 3.2969000339508057,
  "spacing_y": 3.2969000339508057,
  "spacing_z": 3.299999237060547,
  "summary_bg_k": 24.729514744309252,
  "summary_bg_mad": 20.681467866691104,
  "summary_bg_mean": 62.263336181640625,
  "summary_bg_median": 27.45505714416504,
  "summary_bg_n": 75664.0,
  "summary_bg_p05": 3.202247142791748,
  "summary_bg_p95": 267.60393829345657,
  "summary_bg_stdv": 110.54902648925781,
  "summary_fg_k": 1.2071589452768494,
  "summary_fg_mad": 352.3929381218761,
  "summary_fg_mean": 1438.388671875,
  "summary_fg_median": 1386.2022705078125,
  "summary_fg_n": 34765.0,
  "summary_fg_p05": 925.0381958007813,
  "summary_fg_p95": 2121.026953124999,
  "summary_fg_stdv": 375.8611145019531,
  "tsnr": 29.13657385041006
}