{
  "aor": 0.0012165730337078651,
  "aqi": 0.007337109213483145,
  "bids_meta": {
    "AcquisitionMatrixPE": 64,
    "AcquisitionNumber": 1,
    "AcquisitionTime": "12:31:32.000000",
    "BodyPartExamined": "BRAIN",
    "CoilString": "RM:HNU_FlexS",
    "ConversionSoftware": "dcm2niix",
    "ConversionSoftwareVersion": "v1.0.20200331",
    "DeviceSerialNumber": "00000070431MRS04",
    "EchoTime": 0.03,
    "EffectiveEchoSpacing": 0.000644,
    "FlipAngle": 78,
    "ImageOrientationPatientDICOM": [
      1,
      0,
      0,
      0,
      1,
      0
    ],
    "ImageType": [
      "ORIGINAL",
      "PRIMARY",
      "EPI",
      "NONE"
    ],
    "ImagingFrequency": 127.734,
    "InPlanePhaseEncodingDirectionDICOM": "COL",
    "InstitutionName": "N_and_N_University_Hospital",
    "MRAcquisitionType": "2D",
    "MagneticFieldStrength": 3,
    "Manufacturer": "GE",
    "ManufacturersModelName": "DISCOVERY_MR750w",
    "Modality": "MR",
    "PatientPosition": "HFS",
    "PercentPhaseFOV": 100,
    "PercentSampling": 100,
    "PhaseEncodingDirection": "j",
    "PhaseEncodingPolarityGE": "Flipped",
    "PixelBandwidth": 7812.5,
    "ProcedureStepDescription": "MRI_Head",
    "ProtocolName": "fMRI_2_PartA",
    "ReconMatrixPE": 64,
    "RepetitionTime": 2,
    "SAR": 0.0688907,
    "ScanOptions": "SAT_GEMS_EPI_GEMS_ACC_GEMS_FS",
    "ScanningSequence": "EP_GR",
    "SequenceVariant": "SS",
    "SeriesDescription": "fMRI_2_PartA",
    "SeriesNumber": 5,
    "SliceThickness": 3.3,
    "SliceTiming": [
      0,
      1.0285,
      0.0571001,
      1.0857,
      0.1142,
      1.1428,
      0.1714,
      1.2,
      0.2285,
      1.2571,
      0.2857,
      1.3143,
      0.3428,
      1.3714,
      0.4,
      1.4286,
      0.4571,
      1.4857,
      0.5142,
      1.5428,
      0.5714,
      1.6,
      0.6285,
      1.6571,
      0.6857,
      1.7143,
      0.7428,
      1.7714,
      0.8,
      1.8285,
      0.8571,
      1.8857,
      0.9143,
      1.9428,
      0.9714
    ],
    "SoftwareVersions": "27_LX_MR_Software_release:DV26.0_EB_1706.a",
    "SpacingBetweenSlices": 3.3,
    "StationName": "nnmr04",
    "TaskName": "grasp",
    "TotalReadoutTime": 0.040572,
    "dataset": "ds003342",
    "modality": "bold",
    "run_id": 2,
    "session_id": "action",
    "subject_id": "CR09",
    "task_id": "grasp"
  },
  "dummy_trs": 0,
  "dvars_nstd": 41.017031524406804,
  "dvars_std": 1.0660740707909608,
  "dvars_vstd": 1.0244156837853104,
  "efc": 0.5567534161344069,
  "fber": 2455.0986328125,
  "fd_mean": 0.20199426496117381,
  "fd_num": 55,
  "fd_perc": 30.89887640449438,
  "fwhm_avg": 2.8892172479650315,
  "fwhm_x": 2.9119050930081216,
  "fwhm_y": 2.865109618953326,
  "fwhm_z": 2.890637031933647,
  "gcor": 0.00643966,
  "gsr_x": 0.004810877609997988,
  "gsr_y": 0.03822430595755577,
  "provenance": {
    "md5sum": "b068b72667aefed6b58250beb5d18fb3",
    "settings": {
      "fd_thres": 0.2,
      "testing": false
    },
    "software": "mriqc",
    "version": "22.0.6",
    "webapi_port": null,
    "webapi_url": "https://mriqc.nimh.nih.gov/api/v1"
  },
  "size_t": 178,
  "size_x": 64,
  "size_y": 64,
  "size_z": 35,
  "snr": 3.840004008190806,
  "spacing_tr": 2.0,
  "spacing_x": 3.2969000339508057,
  "spacing_y": 3.2969000339508057,
  "spacing_z": 3.299999237060547,
  "summary_bg_k": 26.144778703663544,
  "summary_bg_mad": 20.731444270895757,
  "summary_bg_mean": 61.98326873779297,
  "summary_bg_median": 27.466293334960938,
  "summary_bg_n": 75006.0,
  "summary_bg_p05": 1.134831428527832,
  "summary_bg_p95": 264.7696533203125,
  "summary_bg_stdv": 109.95228576660156,
  "summary_fg_k": 1.080751342496118,
  "summary_fg_mad": 338.4580699070254,
  "summary_fg_mean": 1424.04345703125,
  "summary_fg_median": 1373.7528076171875,
  "summary_fg_n": 35227.0,
  "summary_fg_p05": 932.6387756347656,
  "summary_fg_p95": 2075.5409912109367,
  "summary_fg_stdv": 357.74267578125,
  "tsnr": 35.18690242059529
}