{
  "aor": 0.0011456179775280898,
  "aqi": 0.01046960786516854,
  "bids_meta": {
    "AcquisitionMatrixPE": 64,
    "AcquisitionNumber": 1,
    "AcquisitionTime": "13:09:6.000000",
    "BodyPartExamined": "BRAIN",
    "CoilString": "RM:HNU_FlexS",
    "ConversionSoftware": "dcm2niix",
    "ConversionSoftwareVersion": "v1.0.20200331",
    "DeviceSerialNumber": "00000070431MRS04",
    "EchoTime": 0.03,
    "EffectiveEchoSpacing": 0.000644,
    "FlipAngle": 78,
    "ImageOrientationPatientDICOM": [
      1,
      0,
      0,
      0,
      1,
      0
    ],
    "ImageType": [
      "ORIGINAL",
      "PRIMARY",
      "EPI",
      "NONE"
    ],
    "ImagingFrequency": 127.734,
    "InPlanePhaseEncodingDirectionDICOM": "COL",
    "InstitutionName": "N_and_N_University_Hospital",
    "MRAcquisitionType": "2D",
    "MagneticFieldStrength": 3,
    "Manufacturer": "GE",
    "ManufacturersModelName": "DISCOVERY_MR750w",
    "Modality": "MR",
    "PatientPosition": "HFS",
    "PercentPhaseFOV": 100,
    "PercentSampling": 100,
    "PhaseEncodingDirection": "j",
    "PhaseEncodingPolarityGE": "Flipped",
    "PixelBandwidth": 7812.5,
    "ProcedureStepDescription": "MRI_Head",
    "ProtocolName": "fMRI_7_PartA",
    "ReconMatrixPE": 64,
    "RepetitionTime": 2,
    "SAR": 0.0688907,
    "ScanOptions": "SAT_GEMS_EPI_GEMS_ACC_GEMS_FS",
    "ScanningSequence": "EP_GR",
    "SequenceVariant": "SS",
    "SeriesDescription": "fMRI_7_PartA",
    "SeriesNumber": 10,
    "SliceThickness": 3.3,
    "SliceTiming": [
      0,
      1.0285,
      0.0571001,
      1.0857,
      0.1142,
      1.1428,
      0.1714,
      1.2,
      0.2285,
      1.2571,
      0.2857,
      1.3143,
      0.3428,
      1.3714,
      0.4,
      1.4286,
      0.4571,
      1.4857,
      0.5142,
      1.5428,
      0.5714,
      1.6,
      0.6285,
      1.6571,
      0.6857,
      1.7143,
      0.7428,
      1.7714,
      0.8,
      1.8285,
      0.8571,
      1.8857,
      0.9143,
      1.9428,
      0.9714
    ],
    "SoftwareVersions": "27_LX_MR_Software_release:DV26.0_EB_1706.a",
    "SpacingBetweenSlices": 3.3,
    "StationName": "nnmr04",
    "TaskName": "grasp",
    "TotalReadoutTime": 0.040572,
    "dataset": "ds003342",
    "modality": "bold",
    "run_id": 7,
    "session_id": "action",
    "subject_id": "CR09",
    "task_id": "grasp"
  },
  "dummy_trs": 0,
  "dvars_nstd": 40.3324437759322,
  "dvars_std": 1.029676937005649,
  "dvars_vstd": 1.0010996459887012,
  "efc": 0.5503287066156075,
  "fber": 2459.690185546875,
  "fd_mean": 0.22347338883489196,
  "fd_num": 61,
  "fd_perc": 34.26966292134831,
  "fwhm_avg": 2.94402600411378,
  "fwhm_x": 2.9815462703673457,
  "fwhm_y": 2.8879310570391623,
  "fwhm_z": 2.962600684934832,
  "gcor": 0.00833493,
  "gsr_x": 0.007652413100004196,
  "gsr_y": 0.040568314492702484,
  "provenance": {
    "md5sum": "ecc85d0646e2958a4f8eb702ba77c452",
    "settings": {
      "fd_thres": 0.2,
      "testing": false
    },
    "software": "mriqc",
    "version": "22.0.6",
    "webapi_port": null,
    "webapi_url": "https://mriqc.nimh.nih.gov/api/v1"
  },
  "size_t": 178,
  "size_x": 64,
  "size_y": 64,
  "size_z": 35,
  "snr": 3.7398384061571397,
  "spacing_tr": 2.0,
  "spacing_x": 3.2969000339508057,
  "spacing_y": 3.2969000339508057,
  "spacing_z": 3.299999237060547,
  "summary_bg_k": 25.643791580320393,
  "summary_bg_mad": 20.931344232035745,
  "summary_bg_mean": 62.50373840332031,
  "summary_bg_median": 27.797752380371094,
  "summary_bg_n": 76405.0,
  "summary_bg_p05": 1.601123571395874,
  "summary_bg_p95": 271.1056274414063,
  "summary_bg_stdv": 109.9099349975586,
  "summary_fg_k": 1.0165200414495166,
  "summary_fg_mad": 351.50992832889654,
  "summary_fg_mean": 1435.705810546875,
  "summary_fg_median": 1385.3145751953125,
  "summary_fg_n": 34603.0,
  "summary_fg_p05": 929.5489135742188,
  "summary_fg_p95": 2111.7832275390624,
  "summary_fg_stdv": 370.4156188964844,
  "tsnr": 31.343023522524163
}