{
  "aor": 0.0019430337078651682,
  "aqi": 0.011554194213483145,
  "bids_meta": {
    "AcquisitionMatrixPE": 64,
    "AcquisitionNumber": 1,
    "AcquisitionTime": "13:19:7.000000",
    "BodyPartExamined": "BRAIN",
    "CoilString": "RM:HNU_FlexS",
    "ConversionSoftware": "dcm2niix",
    "ConversionSoftwareVersion": "v1.0.20200331",
    "DeviceSerialNumber": "00000070431MRS04",
    "EchoTime": 0.03,
    "EffectiveEchoSpacing": 0.000644,
    "FlipAngle": 78,
    "ImageOrientationPatientDICOM": [
      1,
      0,
      0,
      0,
      1,
      0
    ],
    "ImageType": [
      "ORIGINAL",
      "PRIMARY",
      "EPI",
      "NONE"
    ],
    "ImagingFrequency": 127.734,
    "InPlanePhaseEncodingDirectionDICOM": "COL",
    "InstitutionName": "N_and_N_University_Hospital",
    "MRAcquisitionType": "2D",
    "MagneticFieldStrength": 3,
    "Manufacturer": "GE",
    "ManufacturersModelName": "DISCOVERY_MR750w",
    "Modality": "MR",
    "PatientPosition": "HFS",
    "PercentPhaseFOV": 100,
    "PercentSampling": 100,
    "PhaseEncodingDirection": "j",
    "PhaseEncodingPolarityGE": "Flipped",
    "PixelBandwidth": 7812.5,
    "ProcedureStepDescription": "MRI_Head",
    "ProtocolName": "fMRI_3.3X3.3X3.3_NEW_180_volumes",
    "ReconMatrixPE": 64,
    "RepetitionTime": 2,
    "SAR": 0.0733572,
    "ScanOptions": "SAT_GEMS_EPI_GEMS_ACC_GEMS_FS",
    "ScanningSequence": "EP_GR",
    "SequenceVariant": "SS",
    "SeriesDescription": "fMRI_3.3X3.3X3.3_NEW_180_volumes",
    "SeriesNumber": 5,
    "SliceThickness": 3.3,
    "SliceTiming": [
      0,
      1.0285,
      0.0571001,
      1.0857,
      0.1142,
      1.1428,
      0.1714,
      1.2,
      0.2285,
      1.2571,
      0.2857,
      1.3143,
      0.3428,
      1.3714,
      0.4,
      1.4286,
      0.4571,
      1.4857,
      0.5142,
      1.5428,
      0.5714,
      1.6,
      0.6285,
      1.6571,
      0.6857,
      1.7143,
      0.7428,
      1.7714,
      0.8,
      1.8285,
      0.8571,
      1.8857,
      0.9143,
      1.9428,
      0.9714
    ],
    "SoftwareVersions": "27_LX_MR_Software_release:DV26.0_EB_1706.a",
    "SpacingBetweenSlices": 3.3,
    "StationName": "nnmr04",
    "TaskName": "grasp",
    "TotalReadoutTime": 0.040572,
    "dataset": "ds003342",
    "modality": "bold",
    "run_id": 2,
    "session_id": "action",
    "subject_id": "JR24",
    "task_id": "grasp"
  },
  "dummy_trs": 0,
  "dvars_nstd": 40.57134139067794,
  "dvars_std": 1.0495309043502823,
  "dvars_vstd": 1.0249964091525428,
  "efc": 0.5013765605013996,
  "fber": 2071.738037109375,
  "fd_mean": 0.2356546028025449,
  "fd_num": 80,
  "fd_perc": 44.943820224719104,
  "fwhm_avg": 2.4450303549908035,
  "fwhm_x": 2.5025296232937317,
  "fwhm_y": 2.552670664361908,
  "fwhm_z": 2.279890777316771,
  "gcor": 0.0104981,
  "gsr_x": -0.0008432049653492868,
  "gsr_y": 0.023205339908599854,
  "provenance": {
    "md5sum": "9708d5912a030506a86f131cdb4d3280",
    "settings": {
      "fd_thres": 0.2,
      "testing": false
    },
    "software": "mriqc",
    "version": "22.0.6",
    "webapi_port": null,
    "webapi_url": "https://mriqc.nimh.nih.gov/api/v1"
  },
  "size_t": 178,
  "size_x": 64,
  "size_y": 64,
  "size_z": 35,
  "snr": 4.237697742986182,
  "spacing_tr": 2.0,
  "spacing_x": 3.2969000339508057,
  "spacing_y": 3.2969000339508057,
  "spacing_z": 3.3000001907348633,
  "summary_bg_k": 36.74720495393469,
  "summary_bg_mad": 21.855889328866294,
  "summary_bg_mean": 57.56109619140625,
  "summary_bg_median": 31.061798095703125,
  "summary_bg_n": 85293.0,
  "summary_bg_p05": 4.387640476226807,
  "summary_bg_p95": 195.1820220947262,
  "summary_bg_stdv": 87.55342864990234,
  "summary_fg_k": 0.15360899637645486,
  "summary_fg_mad": 331.32829520023483,
  "summary_fg_mean": 1472.7840576171875,
  "summary_fg_median": 1422.2977294921875,
  "summary_fg_n": 25947.0,
  "summary_fg_p05": 1005.6073120117187,
  "summary_fg_p95": 2092.1302734375,
  "summary_fg_stdv": 335.62335205078125,
  "tsnr": 30.771647007204592
}