{
  "aor": 0.0015712921348314606,
  "aqi": 0.013422318370786515,
  "bids_meta": {
    "AcquisitionMatrixPE": 64,
    "AcquisitionNumber": 1,
    "AcquisitionTime": "13:11:38.000000",
    "BodyPartExamined": "BRAIN",
    "CoilString": "RM:HNU_FlexS",
    "ConversionSoftware": "dcm2niix",
    "ConversionSoftwareVersion": "v1.0.20200331",
    "DeviceSerialNumber": "00000070431MRS04",
    "EchoTime": 0.03,
    "EffectiveEchoSpacing": 0.000644,
    "FlipAngle": 78,
    "ImageOrientationPatientDICOM": [
      1,
      0,
      0,
      0,
      1,
      0
    ],
    "ImageType": [
      "ORIGINAL",
      "PRIMARY",
      "EPI",
      "NONE"
    ],
    "ImagingFrequency": 127.734,
    "InPlanePhaseEncodingDirectionDICOM": "COL",
    "InstitutionName": "N_and_N_University_Hospital",
    "MRAcquisitionType": "2D",
    "MagneticFieldStrength": 3,
    "Manufacturer": "GE",
    "ManufacturersModelName": "DISCOVERY_MR750w",
    "Modality": "MR",
    "PatientPosition": "HFS",
    "PercentPhaseFOV": 100,
    "PercentSampling": 100,
    "PhaseEncodingDirection": "j",
    "PhaseEncodingPolarityGE": "Flipped",
    "PixelBandwidth": 7812.5,
    "ProcedureStepDescription": "MRI_Head",
    "ProtocolName": "fMRI_3.3X3.3X3.3_NEW_180_volumes",
    "ReconMatrixPE": 64,
    "RepetitionTime": 2,
    "SAR": 0.0733572,
    "ScanOptions": "SAT_GEMS_EPI_GEMS_ACC_GEMS_FS",
    "ScanningSequence": "EP_GR",
    "SequenceVariant": "SS",
    "SeriesDescription": "fMRI_3.3X3.3X3.3_NEW_180_volumes",
    "SeriesNumber": 4,
    "SliceThickness": 3.3,
    "SliceTiming": [
      0,
      1.0285,
      0.0571001,
      1.0857,
      0.1142,
      1.1428,
      0.1714,
      1.2,
      0.2285,
      1.2571,
      0.2857,
      1.3143,
      0.3428,
      1.3714,
      0.4,
      1.4286,
      0.4571,
      1.4857,
      0.5142,
      1.5428,
      0.5714,
      1.6,
      0.6285,
      1.6571,
      0.6857,
      1.7143,
      0.7428,
      1.7714,
      0.8,
      1.8285,
      0.8571,
      1.8857,
      0.9143,
      1.9428,
      0.9714
    ],
    "SoftwareVersions": "27_LX_MR_Software_release:DV26.0_EB_1706.a",
    "SpacingBetweenSlices": 3.3,
    "StationName": "nnmr04",
    "TaskName": "grasp",
    "TotalReadoutTime": 0.040572,
    "dataset": "ds003342",
    "modality": "bold",
    "run_id": 1,
    "session_id": "action",
    "subject_id": "JR24",
    "task_id": "grasp"
  },
  "dummy_trs": 0,
  "dvars_nstd": 40.43545659333338,
  "dvars_std": 1.0265914939548029,
  "dvars_vstd": 1.0088005383615821,
  "efc": 0.5003418358943627,
  "fber": 2093.1171875,
  "fd_mean": 0.2221147937879867,
  "fd_num": 77,
  "fd_perc": 43.258426966292134,
  "fwhm_avg": 2.4134196241855355,
  "fwhm_x": 2.48824044269533,
  "fwhm_y": 2.523009467785434,
  "fwhm_z": 2.2290089620758424,
  "gcor": 0.0189321,
  "gsr_x": -0.0013496592873707414,
  "gsr_y": 0.021763958036899567,
  "provenance": {
    "md5sum": "e7206cdd3a140d1d46b3ece87d9314b8",
    "settings": {
      "fd_thres": 0.2,
      "testing": false
    },
    "software": "mriqc",
    "version": "22.0.6",
    "webapi_port": null,
    "webapi_url": "https://mriqc.nimh.nih.gov/api/v1"
  },
  "size_t": 178,
  "size_x": 64,
  "size_y": 64,
  "size_z": 35,
  "snr": 4.320200294956348,
  "spacing_tr": 2.0,
  "spacing_x": 3.2969000339508057,
  "spacing_y": 3.2969000339508057,
  "spacing_z": 3.3000001907348633,
  "summary_bg_k": 35.774883041563996,
  "summary_bg_mad": 22.422274437322464,
  "summary_bg_mean": 58.161502838134766,
  "summary_bg_median": 31.41573143005371,
  "summary_bg_n": 85441.0,
  "summary_bg_p05": 4.904494285583496,
  "summary_bg_p95": 195.61236572265625,
  "summary_bg_stdv": 87.55551147460938,
  "summary_fg_k": 0.11634021430385877,
  "summary_fg_mad": 332.9940509154601,
  "summary_fg_mean": 1482.9365234375,
  "summary_fg_median": 1440.7359619140625,
  "summary_fg_n": 25723.0,
  "summary_fg_p05": 1009.2876281738281,
  "summary_fg_p95": 2088.972485351562,
  "summary_fg_stdv": 333.48175048828125,
  "tsnr": 29.056482387240976
}