{
  "aor": 0.0005676966292134832,
  "aqi": 0.008992204662921348,
  "bids_meta": {
    "AcquisitionMatrixPE": 64,
    "AcquisitionNumber": 1,
    "AcquisitionTime": "13:42:51.000000",
    "BodyPartExamined": "BRAIN",
    "CoilString": "RM:HNU_FlexS",
    "ConversionSoftware": "dcm2niix",
    "ConversionSoftwareVersion": "v1.0.20200331",
    "DeviceSerialNumber": "00000070431MRS04",
    "EchoTime": 0.03,
    "EffectiveEchoSpacing": 0.000644,
    "FlipAngle": 78,
    "ImageOrientationPatientDICOM": [
      1,
      0,
      0,
      0,
      1,
      0
    ],
    "ImageType": [
      "ORIGINAL",
      "PRIMARY",
      "EPI",
      "NONE"
    ],
    "ImagingFrequency": 127.734,
    "InPlanePhaseEncodingDirectionDICOM": "COL",
    "InstitutionName": "N_and_N_University_Hospital",
    "MRAcquisitionType": "2D",
    "MagneticFieldStrength": 3,
    "Manufacturer": "GE",
    "ManufacturersModelName": "DISCOVERY_MR750w",
    "Modality": "MR",
    "PatientPosition": "HFS",
    "PercentPhaseFOV": 100,
    "PercentSampling": 100,
    "PhaseEncodingDirection": "j",
    "PhaseEncodingPolarityGE": "Flipped",
    "PixelBandwidth": 7812.5,
    "ProcedureStepDescription": "MRI_Head",
    "ProtocolName": "fMRI_3.3X3.3X3.3_NEW_180_volumes",
    "ReconMatrixPE": 64,
    "RepetitionTime": 2,
    "SAR": 0.0733572,
    "ScanOptions": "SAT_GEMS_EPI_GEMS_ACC_GEMS_FS",
    "ScanningSequence": "EP_GR",
    "SequenceVariant": "SS",
    "SeriesDescription": "fMRI_3.3X3.3X3.3_NEW_180_volumes",
    "SeriesNumber": 8,
    "SliceThickness": 3.3,
    "SliceTiming": [
      0,
      1.0285,
      0.0571001,
      1.0857,
      0.1142,
      1.1428,
      0.1714,
      1.2,
      0.2285,
      1.2571,
      0.2857,
      1.3143,
      0.3428,
      1.3714,
      0.4,
      1.4286,
      0.4571,
      1.4857,
      0.5142,
      1.5428,
      0.5714,
      1.6,
      0.6285,
      1.6571,
      0.6857,
      1.7143,
      0.7428,
      1.7714,
      0.8,
      1.8285,
      0.8571,
      1.8857,
      0.9143,
      1.9428,
      0.9714
    ],
    "SoftwareVersions": "27_LX_MR_Software_release:DV26.0_EB_1706.a",
    "SpacingBetweenSlices": 3.3,
    "StationName": "nnmr04",
    "TaskName": "grasp",
    "TotalReadoutTime": 0.040572,
    "dataset": "ds003342",
    "modality": "bold",
    "run_id": 5,
    "session_id": "action",
    "subject_id": "JR24",
    "task_id": "grasp"
  },
  "dummy_trs": 0,
  "dvars_nstd": 39.111135644180806,
  "dvars_std": 1.0354080792655367,
  "dvars_vstd": 1.006362873446328,
  "efc": 0.49970176534282024,
  "fber": 1937.53173828125,
  "fd_mean": 0.14391961125287442,
  "fd_num": 35,
  "fd_perc": 19.662921348314608,
  "fwhm_avg": 2.48426542450848,
  "fwhm_x": 2.5409535969342647,
  "fwhm_y": 2.5875367503263798,
  "fwhm_z": 2.324305926264796,
  "gcor": 0.0106234,
  "gsr_x": -0.0012532356195151806,
  "gsr_y": 0.02342003770172596,
  "provenance": {
    "md5sum": "3a63a59e173e4d50446bc514a5f06a8e",
    "settings": {
      "fd_thres": 0.2,
      "testing": false
    },
    "software": "mriqc",
    "version": "22.0.6",
    "webapi_port": null,
    "webapi_url": "https://mriqc.nimh.nih.gov/api/v1"
  },
  "size_t": 178,
  "size_x": 64,
  "size_y": 64,
  "size_z": 35,
  "snr": 4.141322969021347,
  "spacing_tr": 2.0,
  "spacing_x": 3.2969000339508057,
  "spacing_y": 3.2969000339508057,
  "spacing_z": 3.3000001907348633,
  "summary_bg_k": 37.276650243249826,
  "summary_bg_mad": 22.938691625091923,
  "summary_bg_mean": 57.31663131713867,
  "summary_bg_median": 32.308990478515625,
  "summary_bg_n": 85497.0,
  "summary_bg_p05": 4.138202285766604,
  "summary_bg_p95": 191.77079162597656,
  "summary_bg_stdv": 85.04642486572266,
  "summary_fg_k": 0.04847679504382629,
  "summary_fg_mad": 347.94513146635927,
  "summary_fg_mean": 1486.4840087890625,
  "summary_fg_median": 1436.221923828125,
  "summary_fg_n": 25784.0,
  "summary_fg_p05": 998.5168548583985,
  "summary_fg_p95": 2119.8697265625,
  "summary_fg_stdv": 346.79595947265625,
  "tsnr": 33.09169396420475
}