{
  "aor": 0.0007932022471910115,
  "aqi": 0.009920303202247191,
  "bids_meta": {
    "AcquisitionMatrixPE": 64,
    "AcquisitionNumber": 1,
    "AcquisitionTime": "13:50:2.000000",
    "BodyPartExamined": "BRAIN",
    "CoilString": "RM:HNU_FlexS",
    "ConversionSoftware": "dcm2niix",
    "ConversionSoftwareVersion": "v1.0.20200331",
    "DeviceSerialNumber": "00000070431MRS04",
    "EchoTime": 0.03,
    "EffectiveEchoSpacing": 0.000644,
    "FlipAngle": 78,
    "ImageOrientationPatientDICOM": [
      1,
      0,
      0,
      0,
      1,
      0
    ],
    "ImageType": [
      "ORIGINAL",
      "PRIMARY",
      "EPI",
      "NONE"
    ],
    "ImagingFrequency": 127.734,
    "InPlanePhaseEncodingDirectionDICOM": "COL",
    "InstitutionName": "N_and_N_University_Hospital",
    "MRAcquisitionType": "2D",
    "MagneticFieldStrength": 3,
    "Manufacturer": "GE",
    "ManufacturersModelName": "DISCOVERY_MR750w",
    "Modality": "MR",
    "PatientPosition": "HFS",
    "PercentPhaseFOV": 100,
    "PercentSampling": 100,
    "PhaseEncodingDirection": "j",
    "PhaseEncodingPolarityGE": "Flipped",
    "PixelBandwidth": 7812.5,
    "ProcedureStepDescription": "MRI_Head",
    "ProtocolName": "fMRI_3.3X3.3X3.3_NEW_180_volumes",
    "ReconMatrixPE": 64,
    "RepetitionTime": 2,
    "SAR": 0.0733572,
    "ScanOptions": "SAT_GEMS_EPI_GEMS_ACC_GEMS_FS",
    "ScanningSequence": "EP_GR",
    "SequenceVariant": "SS",
    "SeriesDescription": "fMRI_3.3X3.3X3.3_NEW_180_volumes",
    "SeriesNumber": 9,
    "SliceThickness": 3.3,
    "SliceTiming": [
      0,
      1.0285,
      0.0571001,
      1.0857,
      0.1142,
      1.1428,
      0.1714,
      1.2,
      0.2285,
      1.2571,
      0.2857,
      1.3143,
      0.3428,
      1.3714,
      0.4,
      1.4286,
      0.4571,
      1.4857,
      0.5142,
      1.5428,
      0.5714,
      1.6,
      0.6285,
      1.6571,
      0.6857,
      1.7143,
      0.7428,
      1.7714,
      0.8,
      1.8285,
      0.8571,
      1.8857,
      0.9143,
      1.9428,
      0.9714
    ],
    "SoftwareVersions": "27_LX_MR_Software_release:DV26.0_EB_1706.a",
    "SpacingBetweenSlices": 3.3,
    "StationName": "nnmr04",
    "TaskName": "grasp",
    "TotalReadoutTime": 0.040572,
    "dataset": "ds003342",
    "modality": "bold",
    "run_id": 6,
    "session_id": "action",
    "subject_id": "JR24",
    "task_id": "grasp"
  },
  "dummy_trs": 0,
  "dvars_nstd": 41.76018871180791,
  "dvars_std": 1.0427769458192087,
  "dvars_vstd": 1.0062548240677962,
  "efc": 0.5003643192821395,
  "fber": 1849.7857666015625,
  "fd_mean": 0.17953694167266643,
  "fd_num": 53,
  "fd_perc": 29.775280898876403,
  "fwhm_avg": 2.554577905255514,
  "fwhm_x": 2.597716009525751,
  "fwhm_y": 2.6867663286063026,
  "fwhm_z": 2.379251377634489,
  "gcor": 0.0132382,
  "gsr_x": -0.0008437538053840399,
  "gsr_y": 0.02453332021832466,
  "provenance": {
    "md5sum": "bd1b50515fc0e973f61f32a798b57c2b",
    "settings": {
      "fd_thres": 0.2,
      "testing": false
    },
    "software": "mriqc",
    "version": "22.0.6",
    "webapi_port": null,
    "webapi_url": "https://mriqc.nimh.nih.gov/api/v1"
  },
  "size_t": 178,
  "size_x": 64,
  "size_y": 64,
  "size_z": 35,
  "snr": 3.967248339502766,
  "spacing_tr": 2.0,
  "spacing_x": 3.2969000339508057,
  "spacing_y": 3.2969000339508057,
  "spacing_z": 3.3000001907348633,
  "summary_bg_k": 36.046421983643214,
  "summary_bg_mad": 23.18023717581613,
  "summary_bg_mean": 58.21417236328125,
  "summary_bg_median": 32.741573333740234,
  "summary_bg_n": 85415.0,
  "summary_bg_p05": 4.05449457168579,
  "summary_bg_p95": 195.81067504882813,
  "summary_bg_stdv": 86.6998062133789,
  "summary_fg_k": 0.11548141934781064,
  "summary_fg_mad": 352.6219704836338,
  "summary_fg_mean": 1476.572021484375,
  "summary_fg_median": 1419.35107421875,
  "summary_fg_n": 25880.0,
  "summary_fg_p05": 987.1949645996094,
  "summary_fg_p95": 2143.3801147460936,
  "summary_fg_stdv": 357.7602233886719,
  "tsnr": 31.053657509270124
}