{
  "aor": 0.001337191011235955,
  "aqi": 0.009299871797752808,
  "bids_meta": {
    "AcquisitionMatrixPE": 64,
    "AcquisitionNumber": 1,
    "AcquisitionTime": "13:57:39.000000",
    "BodyPartExamined": "BRAIN",
    "CoilString": "RM:HNU_FlexS",
    "ConversionSoftware": "dcm2niix",
    "ConversionSoftwareVersion": "v1.0.20200331",
    "DeviceSerialNumber": "00000070431MRS04",
    "EchoTime": 0.03,
    "EffectiveEchoSpacing": 0.000644,
    "FlipAngle": 78,
    "ImageOrientationPatientDICOM": [
      1,
      0,
      0,
      0,
      1,
      0
    ],
    "ImageType": [
      "ORIGINAL",
      "PRIMARY",
      "EPI",
      "NONE"
    ],
    "ImagingFrequency": 127.734,
    "InPlanePhaseEncodingDirectionDICOM": "COL",
    "InstitutionName": "N_and_N_University_Hospital",
    "MRAcquisitionType": "2D",
    "MagneticFieldStrength": 3,
    "Manufacturer": "GE",
    "ManufacturersModelName": "DISCOVERY_MR750w",
    "Modality": "MR",
    "PatientPosition": "HFS",
    "PercentPhaseFOV": 100,
    "PercentSampling": 100,
    "PhaseEncodingDirection": "j",
    "PhaseEncodingPolarityGE": "Flipped",
    "PixelBandwidth": 7812.5,
    "ProcedureStepDescription": "MRI_Head",
    "ProtocolName": "fMRI_3.3X3.3X3.3_NEW_180_volumes",
    "ReconMatrixPE": 64,
    "RepetitionTime": 2,
    "SAR": 0.0733572,
    "ScanOptions": "SAT_GEMS_EPI_GEMS_ACC_GEMS_FS",
    "ScanningSequence": "EP_GR",
    "SequenceVariant": "SS",
    "SeriesDescription": "fMRI_3.3X3.3X3.3_NEW_180_volumes",
    "SeriesNumber": 10,
    "SliceThickness": 3.3,
    "SliceTiming": [
      0,
      1.0285,
      0.0571001,
      1.0857,
      0.1142,
      1.1428,
      0.1714,
      1.2,
      0.2285,
      1.2571,
      0.2857,
      1.3143,
      0.3428,
      1.3714,
      0.4,
      1.4286,
      0.4571,
      1.4857,
      0.5142,
      1.5428,
      0.5714,
      1.6,
      0.6285,
      1.6571,
      0.6857,
      1.7143,
      0.7428,
      1.7714,
      0.8,
      1.8285,
      0.8571,
      1.8857,
      0.9143,
      1.9428,
      0.9714
    ],
    "SoftwareVersions": "27_LX_MR_Software_release:DV26.0_EB_1706.a",
    "SpacingBetweenSlices": 3.3,
    "StationName": "nnmr04",
    "TaskName": "grasp",
    "TotalReadoutTime": 0.040572,
    "dataset": "ds003342",
    "modality": "bold",
    "run_id": 7,
    "session_id": "action",
    "subject_id": "JR24",
    "task_id": "grasp"
  },
  "dummy_trs": 0,
  "dvars_nstd": 42.802183528361574,
  "dvars_std": 1.0546938864971749,
  "dvars_vstd": 1.0175658461581925,
  "efc": 0.499480027003948,
  "fber": 1840.524658203125,
  "fd_mean": 0.1970232306528331,
  "fd_num": 63,
  "fd_perc": 35.39325842696629,
  "fwhm_avg": 2.541455501874965,
  "fwhm_x": 2.6104188514586966,
  "fwhm_y": 2.6283235496273156,
  "fwhm_z": 2.3856241045388824,
  "gcor": 0.012649,
  "gsr_x": -0.0009302807739004493,
  "gsr_y": 0.024091066792607307,
  "provenance": {
    "md5sum": "4623158e49eeee90b11a928a363dc53e",
    "settings": {
      "fd_thres": 0.2,
      "testing": false
    },
    "software": "mriqc",
    "version": "22.0.6",
    "webapi_port": null,
    "webapi_url": "https://mriqc.nimh.nih.gov/api/v1"
  },
  "size_t": 178,
  "size_x": 64,
  "size_y": 64,
  "size_z": 35,
  "snr": 3.9499465425508054,
  "spacing_tr": 2.0,
  "spacing_x": 3.2969000339508057,
  "spacing_y": 3.2969000339508057,
  "spacing_z": 3.3000001907348633,
  "summary_bg_k": 35.14849933454795,
  "summary_bg_mad": 23.38846795157655,
  "summary_bg_mean": 57.68291091918945,
  "summary_bg_median": 32.558990478515625,
  "summary_bg_n": 85490.0,
  "summary_bg_p05": 4.578089880943296,
  "summary_bg_p95": 192.93258666992188,
  "summary_bg_stdv": 85.21434783935547,
  "summary_fg_k": 0.05628224362376244,
  "summary_fg_mad": 355.2748004786112,
  "summary_fg_mean": 1469.107177734375,
  "summary_fg_median": 1414.837158203125,
  "summary_fg_n": 25730.0,
  "summary_fg_p05": 967.9983154296875,
  "summary_fg_p95": 2131.458166503906,
  "summary_fg_stdv": 358.18450927734375,
  "tsnr": 31.432930985465646
}