{
  "aor": 0.0014203370786516857,
  "aqi": 0.010134872977528091,
  "bids_meta": {
    "AcquisitionMatrixPE": 64,
    "AcquisitionNumber": 1,
    "AcquisitionTime": "13:34:16.000000",
    "BodyPartExamined": "BRAIN",
    "CoilString": "RM:HNU_FlexS",
    "ConversionSoftware": "dcm2niix",
    "ConversionSoftwareVersion": "v1.0.20200331",
    "DeviceSerialNumber": "00000070431MRS04",
    "EchoTime": 0.03,
    "EffectiveEchoSpacing": 0.000644,
    "FlipAngle": 78,
    "ImageOrientationPatientDICOM": [
      1,
      0,
      0,
      0,
      1,
      0
    ],
    "ImageType": [
      "ORIGINAL",
      "PRIMARY",
      "EPI",
      "NONE"
    ],
    "ImagingFrequency": 127.734,
    "InPlanePhaseEncodingDirectionDICOM": "COL",
    "InstitutionName": "N_and_N_University_Hospital",
    "MRAcquisitionType": "2D",
    "MagneticFieldStrength": 3,
    "Manufacturer": "GE",
    "ManufacturersModelName": "DISCOVERY_MR750w",
    "Modality": "MR",
    "PatientPosition": "HFS",
    "PercentPhaseFOV": 100,
    "PercentSampling": 100,
    "PhaseEncodingDirection": "j",
    "PhaseEncodingPolarityGE": "Flipped",
    "PixelBandwidth": 7812.5,
    "ProcedureStepDescription": "MRI_Head",
    "ProtocolName": "fMRI_3.3X3.3X3.3_NEW_180_volumes",
    "ReconMatrixPE": 64,
    "RepetitionTime": 2,
    "SAR": 0.0733572,
    "ScanOptions": "SAT_GEMS_EPI_GEMS_ACC_GEMS_FS",
    "ScanningSequence": "EP_GR",
    "SequenceVariant": "SS",
    "SeriesDescription": "fMRI_3.3X3.3X3.3_NEW_180_volumes",
    "SeriesNumber": 7,
    "SliceThickness": 3.3,
    "SliceTiming": [
      0,
      1.0285,
      0.0571001,
      1.0857,
      0.1142,
      1.1428,
      0.1714,
      1.2,
      0.2285,
      1.2571,
      0.2857,
      1.3143,
      0.3428,
      1.3714,
      0.4,
      1.4286,
      0.4571,
      1.4857,
      0.5142,
      1.5428,
      0.5714,
      1.6,
      0.6285,
      1.6571,
      0.6857,
      1.7143,
      0.7428,
      1.7714,
      0.8,
      1.8285,
      0.8571,
      1.8857,
      0.9143,
      1.9428,
      0.9714
    ],
    "SoftwareVersions": "27_LX_MR_Software_release:DV26.0_EB_1706.a",
    "SpacingBetweenSlices": 3.3,
    "StationName": "nnmr04",
    "TaskName": "grasp",
    "TotalReadoutTime": 0.040572,
    "dataset": "ds003342",
    "modality": "bold",
    "run_id": 4,
    "session_id": "action",
    "subject_id": "JR24",
    "task_id": "grasp"
  },
  "dummy_trs": 0,
  "dvars_nstd": 41.18808802384178,
  "dvars_std": 1.0412420184180788,
  "dvars_vstd": 1.009004780621469,
  "efc": 0.5006746334796207,
  "fber": 1967.1317138671875,
  "fd_mean": 0.21432040282558368,
  "fd_num": 68,
  "fd_perc": 38.20224719101124,
  "fwhm_avg": 2.513320906984763,
  "fwhm_x": 2.5692529081172597,
  "fwhm_y": 2.629973584491576,
  "fwhm_z": 2.3407362283454534,
  "gcor": 0.00842523,
  "gsr_x": -0.0005330289714038372,
  "gsr_y": 0.025168368592858315,
  "provenance": {
    "md5sum": "002e64940f605b6f38882db8b74a4dd7",
    "settings": {
      "fd_thres": 0.2,
      "testing": false
    },
    "software": "mriqc",
    "version": "22.0.6",
    "webapi_port": null,
    "webapi_url": "https://mriqc.nimh.nih.gov/api/v1"
  },
  "size_t": 178,
  "size_x": 64,
  "size_y": 64,
  "size_z": 35,
  "snr": 4.078962576615186,
  "spacing_tr": 2.0,
  "spacing_x": 3.2969000339508057,
  "spacing_y": 3.2969000339508057,
  "spacing_z": 3.3000001907348633,
  "summary_bg_k": 37.101263843628544,
  "summary_bg_mad": 22.588862451337977,
  "summary_bg_mean": 57.31492614746094,
  "summary_bg_median": 31.842697143554688,
  "summary_bg_n": 85371.0,
  "summary_bg_p05": 3.5730338096618652,
  "summary_bg_p95": 191.97472381591797,
  "summary_bg_stdv": 85.76551818847656,
  "summary_fg_k": 0.14127366689891208,
  "summary_fg_mad": 346.8996905831565,
  "summary_fg_mean": 1476.188232421875,
  "summary_fg_median": 1421.856689453125,
  "summary_fg_n": 25942.0,
  "summary_fg_p05": 994.7567413330079,
  "summary_fg_p95": 2122.097985839843,
  "summary_fg_stdv": 348.5762023925781,
  "tsnr": 31.32162810227601
}