{
  "aor": 0.001051123595505618,
  "aqi": 0.009249406853932584,
  "bids_meta": {
    "AcquisitionMatrixPE": 64,
    "AcquisitionNumber": 1,
    "AcquisitionTime": "13:26:37.000000",
    "BodyPartExamined": "BRAIN",
    "CoilString": "RM:HNU_FlexS",
    "ConversionSoftware": "dcm2niix",
    "ConversionSoftwareVersion": "v1.0.20200331",
    "DeviceSerialNumber": "00000070431MRS04",
    "EchoTime": 0.03,
    "EffectiveEchoSpacing": 0.000644,
    "FlipAngle": 78,
    "ImageOrientationPatientDICOM": [
      1,
      0,
      0,
      0,
      1,
      0
    ],
    "ImageType": [
      "ORIGINAL",
      "PRIMARY",
      "EPI",
      "NONE"
    ],
    "ImagingFrequency": 127.734,
    "InPlanePhaseEncodingDirectionDICOM": "COL",
    "InstitutionName": "N_and_N_University_Hospital",
    "MRAcquisitionType": "2D",
    "MagneticFieldStrength": 3,
    "Manufacturer": "GE",
    "ManufacturersModelName": "DISCOVERY_MR750w",
    "Modality": "MR",
    "PatientPosition": "HFS",
    "PercentPhaseFOV": 100,
    "PercentSampling": 100,
    "PhaseEncodingDirection": "j",
    "PhaseEncodingPolarityGE": "Flipped",
    "PixelBandwidth": 7812.5,
    "ProcedureStepDescription": "MRI_Head",
    "ProtocolName": "fMRI_3.3X3.3X3.3_NEW_180_volumes",
    "ReconMatrixPE": 64,
    "RepetitionTime": 2,
    "SAR": 0.0733572,
    "ScanOptions": "SAT_GEMS_EPI_GEMS_ACC_GEMS_FS",
    "ScanningSequence": "EP_GR",
    "SequenceVariant": "SS",
    "SeriesDescription": "fMRI_3.3X3.3X3.3_NEW_180_volumes",
    "SeriesNumber": 6,
    "SliceThickness": 3.3,
    "SliceTiming": [
      0,
      1.0285,
      0.0571001,
      1.0857,
      0.1142,
      1.1428,
      0.1714,
      1.2,
      0.2285,
      1.2571,
      0.2857,
      1.3143,
      0.3428,
      1.3714,
      0.4,
      1.4286,
      0.4571,
      1.4857,
      0.5142,
      1.5428,
      0.5714,
      1.6,
      0.6285,
      1.6571,
      0.6857,
      1.7143,
      0.7428,
      1.7714,
      0.8,
      1.8285,
      0.8571,
      1.8857,
      0.9143,
      1.9428,
      0.9714
    ],
    "SoftwareVersions": "27_LX_MR_Software_release:DV26.0_EB_1706.a",
    "SpacingBetweenSlices": 3.3,
    "StationName": "nnmr04",
    "TaskName": "grasp",
    "TotalReadoutTime": 0.040572,
    "dataset": "ds003342",
    "modality": "bold",
    "run_id": 3,
    "session_id": "action",
    "subject_id": "JR24",
    "task_id": "grasp"
  },
  "dummy_trs": 0,
  "dvars_nstd": 40.524838377175136,
  "dvars_std": 1.0396419528248586,
  "dvars_vstd": 1.0113721520903958,
  "efc": 0.5001553432527542,
  "fber": 1993.3250732421875,
  "fd_mean": 0.20808409667933808,
  "fd_num": 76,
  "fd_perc": 42.69662921348315,
  "fwhm_avg": 2.4922812554089835,
  "fwhm_x": 2.545927966745638,
  "fwhm_y": 2.6073129034789124,
  "fwhm_z": 2.3236028960023996,
  "gcor": 0.0100961,
  "gsr_x": -0.0005083983414806426,
  "gsr_y": 0.024569226428866386,
  "provenance": {
    "md5sum": "d7b49fee556fbdd2b707b84fac042845",
    "settings": {
      "fd_thres": 0.2,
      "testing": false
    },
    "software": "mriqc",
    "version": "22.0.6",
    "webapi_port": null,
    "webapi_url": "https://mriqc.nimh.nih.gov/api/v1"
  },
  "size_t": 178,
  "size_x": 64,
  "size_y": 64,
  "size_z": 35,
  "snr": 4.115784622774249,
  "spacing_tr": 2.0,
  "spacing_x": 3.2969000339508057,
  "spacing_y": 3.2969000339508057,
  "spacing_z": 3.3000001907348633,
  "summary_bg_k": 37.95320260857313,
  "summary_bg_mad": 22.39729047697911,
  "summary_bg_mean": 57.086551666259766,
  "summary_bg_median": 31.685394287109375,
  "summary_bg_n": 85407.0,
  "summary_bg_p05": 4.24438209533692,
  "summary_bg_p95": 194.01516723632795,
  "summary_bg_stdv": 85.70562744140625,
  "summary_fg_k": 0.07458746965290475,
  "summary_fg_mad": 345.10480441347516,
  "summary_fg_mean": 1475.96923828125,
  "summary_fg_median": 1424.971923828125,
  "summary_fg_n": 25838.0,
  "summary_fg_p05": 989.5927032470703,
  "summary_fg_p95": 2106.516845703125,
  "summary_fg_stdv": 346.2145080566406,
  "tsnr": 32.415323531778995
}