{
  "bids_meta": {
    "AcquisitionMatrixPE": 256,
    "AcquisitionNumber": 1,
    "AcquisitionTime": "12:08:37.000000",
    "BodyPartExamined": "BRAIN",
    "CoilString": "Head+Neck_40",
    "ConversionSoftware": "dcm2niix",
    "ConversionSoftwareVersion": "v1.0.20200331",
    "DeviceSerialNumber": "00000070431MRS04",
    "EchoTime": 0.002572,
    "FlipAngle": 9,
    "ImageOrientationPatientDICOM": [
      -0.0123849,
      0.952293,
      0.304935,
      0.067137,
      0.305063,
      -0.949963
    ],
    "ImageType": [
      "ORIGINAL",
      "PRIMARY",
      "OTHER"
    ],
    "ImagingFrequency": 127.734,
    "InPlanePhaseEncodingDirectionDICOM": "ROW",
    "InstitutionName": "N_and_N_University_Hospital",
    "InversionTime": 0.9,
    "MRAcquisitionType": "3D",
    "MagneticFieldStrength": 3,
    "Manufacturer": "GE",
    "ManufacturersModelName": "DISCOVERY_MR750w",
    "Modality": "MR",
    "PatientPosition": "HFS",
    "PercentPhaseFOV": 100,
    "PercentSampling": 62.5,
    "PixelBandwidth": 390.625,
    "ProcedureStepDescription": "MRI_Head",
    "ProtocolName": "SAG_FSPGR_BRAVO",
    "ReconMatrixPE": 256,
    "RepetitionTime": 0.00722,
    "SAR": 0.0481923,
    "ScanOptions": "FAST_GEMS_NPW_EDR_GEMS_ACC_GEMS_IR_GEMS",
    "ScanningSequence": "GR",
    "SequenceVariant": "SS_SK_OSP",
    "SeriesDescription": "SAG_FSPGR_BRAVO",
    "SeriesNumber": 2,
    "SliceThickness": 0.9,
    "SoftwareVersions": "27_LX_MR_Software_release:DV26.0_EB_1706.a",
    "SpacingBetweenSlices": 0.9,
    "StationName": "nnmr04",
    "dataset": "ds003342",
    "modality": "T1w",
    "session_id": "localiser",
    "subject_id": "LP12"
  },
  "cjv": 0.41471690636242897,
  "cnr": 3.2376537825357596,
  "efc": 0.5724773867581452,
  "fber": 12869.248074001736,
  "fwhm_avg": 4.332493537586834,
  "fwhm_x": 4.439655673166267,
  "fwhm_y": 4.324844125631251,
  "fwhm_z": 4.2329808139629845,
  "icvs_csf": 0.2047262211436224,
  "icvs_gm": 0.413431565374774,
  "icvs_wm": 0.38184221348160363,
  "inu_med": 0.560103565454483,
  "inu_range": 0.24498145580291752,
  "provenance": {
    "md5sum": "5753703c04ab622746bea32fc1e1d23f",
    "settings": {
      "testing": false
    },
    "software": "mriqc",
    "version": "22.0.6",
    "warnings": {
      "large_rot_frame": true,
      "small_air_mask": false
    },
    "webapi_port": null,
    "webapi_url": "https://mriqc.nimh.nih.gov/api/v1"
  },
  "qi_1": 0.0,
  "qi_2": 0.00023220181014310386,
  "rpve_csf": 22.98171468497719,
  "rpve_gm": 11.200069149549199,
  "rpve_wm": 13.583053708303288,
  "size_x": 196,
  "size_y": 256,
  "size_z": 256,
  "snr_csf": 2.493175402852719,
  "snr_gm": 14.720765355831672,
  "snr_total": 11.853417504426098,
  "snr_wm": 18.346311754593902,
  "snrd_csf": 24.319919302059823,
  "snrd_gm": 56.59645643768946,
  "snrd_total": 52.12398436326026,
  "snrd_wm": 75.4555773500315,
  "spacing_x": 0.8999999761581421,
  "spacing_y": 0.8984000086784363,
  "spacing_z": 0.8984000086784363,
  "summary_bg_k": 2279.361099601101,
  "summary_bg_mad": 8.682725558910894,
  "summary_bg_mean": 9.566174117434693,
  "summary_bg_median": 5.856409393250942,
  "summary_bg_n": 2894035.0,
  "summary_bg_p05": 0.0,
  "summary_bg_p95": 32.82481314241886,
  "summary_bg_stdv": 19.806296149510857,
  "summary_csf_k": 19.698695930413116,
  "summary_csf_mad": 104.56788620638983,
  "summary_csf_mean": 327.0854150905388,
  "summary_csf_median": 322.3194206804037,
  "summary_csf_n": 55636.0,
  "summary_csf_p05": 131.82343736104667,
  "summary_csf_p95": 527.4745028205216,
  "summary_csf_stdv": 129.27952185722523,
  "summary_gm_k": 0.13556847827864793,
  "summary_gm_mad": 50.70282949833151,
  "summary_gm_mean": 749.1870358730417,
  "summary_gm_median": 750.0903611145914,
  "summary_gm_n": 35689.0,
  "summary_gm_p05": 664.2252772204578,
  "summary_gm_p95": 830.1279561556876,
  "summary_gm_stdv": 50.95386239809958,
  "summary_wm_k": 0.43848267680891695,
  "summary_wm_mad": 52.95390649508619,
  "summary_wm_mean": 1003.9644544440927,
  "summary_wm_median": 1000.0361299104989,
  "summary_wm_n": 259283.0,
  "summary_wm_p05": 921.9506713338196,
  "summary_wm_p95": 1099.8842949979007,
  "summary_wm_stdv": 54.50873259001042,
  "tpm_overlap_csf": 0.13966085646760953,
  "tpm_overlap_gm": 0.4471932703758103,
  "tpm_overlap_wm": 0.48747532589034137,
  "wm2max": 0.45675292557034874
}