{
  "bids_meta": {
    "AcquisitionMatrixPE": 256,
    "AcquisitionNumber": 1,
    "AcquisitionTime": "14:55:55.000000",
    "BodyPartExamined": "BRAIN",
    "CoilString": "RM:HNU_FlexS",
    "ConversionSoftware": "dcm2niix",
    "ConversionSoftwareVersion": "v1.0.20200331",
    "DeviceSerialNumber": "00000070431MRS04",
    "EchoTime": 0.002532,
    "FlipAngle": 9,
    "ImageOrientationPatientDICOM": [
      0.0874341,
      0.888293,
      0.450878,
      0.0255079,
      0.450466,
      -0.892429
    ],
    "ImageType": [
      "ORIGINAL",
      "PRIMARY",
      "OTHER"
    ],
    "ImagingFrequency": 127.734,
    "InPlanePhaseEncodingDirectionDICOM": "ROW",
    "InstitutionName": "N_and_N_University_Hospital",
    "InversionTime": 0.9,
    "MRAcquisitionType": "3D",
    "MagneticFieldStrength": 3,
    "Manufacturer": "GE",
    "ManufacturersModelName": "DISCOVERY_MR750w",
    "Modality": "MR",
    "PatientPosition": "HFS",
    "PercentPhaseFOV": 100,
    "PercentSampling": 62.5,
    "PixelBandwidth": 390.625,
    "ProcedureStepDescription": "MRI_Head",
    "ProtocolName": "SAG_FSPGR_BRAVO",
    "ReconMatrixPE": 256,
    "RepetitionTime": 0.00726,
    "SAR": 0.0404138,
    "ScanOptions": "FAST_GEMS_NPW_EDR_GEMS_ACC_GEMS_IR_GEMS",
    "ScanningSequence": "GR",
    "SequenceVariant": "SS_SK_OSP",
    "SeriesDescription": "SAG_FSPGR_BRAVO",
    "SeriesNumber": 14,
    "SliceThickness": 0.9,
    "SoftwareVersions": "27_LX_MR_Software_release:DV26.0_EA_1641.c",
    "SpacingBetweenSlices": 0.9,
    "StationName": "nnmr04",
    "dataset": "ds003342",
    "modality": "T1w",
    "session_id": "action",
    "subject_id": "SC13"
  },
  "cjv": 0.5739471984249359,
  "cnr": 2.253888735043419,
  "efc": 0.5427550942223941,
  "fber": 567.2246910463044,
  "fwhm_avg": 3.842398839366726,
  "fwhm_x": 3.90966542516636,
  "fwhm_y": 3.8653272111030765,
  "fwhm_z": 3.752203881830741,
  "icvs_csf": 0.19700615284791537,
  "icvs_gm": 0.3979577036657683,
  "icvs_wm": 0.4050361434863163,
  "inu_med": 0.9911878407001495,
  "inu_range": 1.0104156613349913,
  "provenance": {
    "md5sum": "f197541cea0f15391e893e9ac0325869",
    "settings": {
      "testing": false
    },
    "software": "mriqc",
    "version": "22.0.6",
    "warnings": {
      "large_rot_frame": true,
      "small_air_mask": false
    },
    "webapi_port": null,
    "webapi_url": "https://mriqc.nimh.nih.gov/api/v1"
  },
  "qi_1": 0.0,
  "qi_2": 0.00039125828108797935,
  "rpve_csf": 25.675535497100125,
  "rpve_gm": 11.739213038883761,
  "rpve_wm": 12.997596242326583,
  "size_x": 196,
  "size_y": 256,
  "size_z": 256,
  "snr_csf": 1.8649396252633652,
  "snr_gm": 7.716908453084375,
  "snr_total": 6.54785133072983,
  "snr_wm": 10.061705913841749,
  "snrd_csf": 3.058883049338229,
  "snrd_gm": 8.049920244794503,
  "snrd_total": 7.642093239239318,
  "snrd_wm": 11.817476423585221,
  "spacing_x": 0.8996856808662415,
  "spacing_y": 0.8984000086784363,
  "spacing_z": 0.8984000086784363,
  "summary_bg_k": 0.818515706446671,
  "summary_bg_mad": 55.43792855590876,
  "summary_bg_mean": 48.58902379181935,
  "summary_bg_median": 37.392314583063126,
  "summary_bg_n": 4023766.0,
  "summary_bg_p05": 0.0,
  "summary_bg_p95": 140.46557389944792,
  "summary_bg_stdv": 48.36191477982921,
  "summary_csf_k": 6.274821027003547,
  "summary_csf_mad": 136.10373799877928,
  "summary_csf_mean": 269.71512882530465,
  "summary_csf_median": 258.84402080252767,
  "summary_csf_n": 24966.0,
  "summary_csf_p05": 69.65235069394112,
  "summary_csf_p95": 508.019195554778,
  "summary_csf_stdv": 138.79207311255567,
  "summary_gm_k": 0.07249762567054052,
  "summary_gm_mad": 86.6897020065436,
  "summary_gm_mean": 680.1900425737117,
  "summary_gm_median": 681.1877700760961,
  "summary_gm_n": 17292.0,
  "summary_gm_p05": 532.4800013445317,
  "summary_gm_p95": 825.4414542764425,
  "summary_gm_stdv": 88.26955474675863,
  "summary_wm_k": 0.34321948801836344,
  "summary_wm_mad": 96.29169616818793,
  "summary_wm_mean": 1002.8765802218779,
  "summary_wm_median": 1000.0000208839774,
  "summary_wm_n": 209509.0,
  "summary_wm_p05": 844.320907227695,
  "summary_wm_p95": 1170.501643556355,
  "summary_wm_stdv": 99.38649001588051,
  "tpm_overlap_csf": 0.13787495557809493,
  "tpm_overlap_gm": 0.43694582480916866,
  "tpm_overlap_wm": 0.4760992144094976,
  "wm2max": 0.39552924117931365
}