{
  "bids_meta": {
    "AcquisitionMatrixPE": 256,
    "AcquisitionNumber": 1,
    "AcquisitionTime": "12:15:3.000000",
    "BodyPartExamined": "BRAIN",
    "CoilString": "RM:HNU_FlexS",
    "ConversionSoftware": "dcm2niix",
    "ConversionSoftwareVersion": "v1.0.20200331",
    "DeviceSerialNumber": "00000070431MRS04",
    "EchoTime": 0.002612,
    "FlipAngle": 9,
    "ImageOrientationPatientDICOM": [
      0,
      1,
      0,
      0,
      0,
      -1
    ],
    "ImageType": [
      "ORIGINAL",
      "PRIMARY",
      "OTHER"
    ],
    "ImagingFrequency": 127.734,
    "InPlanePhaseEncodingDirectionDICOM": "ROW",
    "InstitutionName": "N_and_N_University_Hospital",
    "InversionTime": 0.9,
    "MRAcquisitionType": "3D",
    "MagneticFieldStrength": 3,
    "Manufacturer": "GE",
    "ManufacturersModelName": "DISCOVERY_MR750w",
    "Modality": "MR",
    "PatientPosition": "HFS",
    "PercentPhaseFOV": 100,
    "PercentSampling": 62.5,
    "PixelBandwidth": 390.625,
    "ProcedureStepDescription": "MRI_Head",
    "ProtocolName": "SAG_FSPGR_BRAVO",
    "ReconMatrixPE": 256,
    "RepetitionTime": 0.007008,
    "SAR": 0.0509361,
    "ScanOptions": "FAST_GEMS_NPW_EDR_GEMS_ACC_GEMS_IR_GEMS",
    "ScanningSequence": "GR",
    "SequenceVariant": "SS_SK_OSP",
    "SeriesDescription": "SAG_FSPGR_BRAVO",
    "SeriesNumber": 2,
    "SliceThickness": 0.9,
    "SoftwareVersions": "27_LX_MR_Software_release:DV26.0_EB_1706.a",
    "SpacingBetweenSlices": 0.9,
    "StationName": "nnmr04",
    "dataset": "ds003342",
    "modality": "T1w",
    "session_id": "action",
    "subject_id": "RS06"
  },
  "cjv": 0.5654336245809731,
  "cnr": 2.3067057492317486,
  "efc": 0.6259136698743131,
  "fber": 2821.4621901951596,
  "fwhm_avg": 4.486426830451541,
  "fwhm_x": 4.489022341140703,
  "fwhm_y": 4.461320081570256,
  "fwhm_z": 4.508938068643665,
  "icvs_csf": 0.1885115879396484,
  "icvs_gm": 0.39243497780088643,
  "icvs_wm": 0.4190534342594652,
  "inu_med": 1.0077534914016724,
  "inu_range": 1.1306210309267044,
  "provenance": {
    "md5sum": "00a9600ca808fd750d3fad2531f2d886",
    "settings": {
      "testing": false
    },
    "software": "mriqc",
    "version": "22.0.6",
    "warnings": {
      "large_rot_frame": true,
      "small_air_mask": false
    },
    "webapi_port": null,
    "webapi_url": "https://mriqc.nimh.nih.gov/api/v1"
  },
  "qi_1": 0.0,
  "qi_2": 0.00019631420899054794,
  "rpve_csf": 18.618985678603842,
  "rpve_gm": 8.28149954990272,
  "rpve_wm": 8.908504893260991,
  "size_x": 196,
  "size_y": 256,
  "size_z": 256,
  "snr_csf": 2.281591136155497,
  "snr_gm": 8.611376783277729,
  "snr_total": 7.192444483597658,
  "snr_wm": 10.684365531359749,
  "snrd_csf": 7.4319449888111455,
  "snrd_gm": 19.70766435814847,
  "snrd_total": 18.421533970608884,
  "snrd_wm": 28.12499256486704,
  "spacing_x": 0.8999999761581421,
  "spacing_y": 0.8984000086784363,
  "spacing_z": 0.8984000086784363,
  "summary_bg_k": 4.187030510883763,
  "summary_bg_mad": 23.29502003519782,
  "summary_bg_mean": 29.520371365782502,
  "summary_bg_median": 15.712252244353294,
  "summary_bg_n": 2666497.0,
  "summary_bg_p05": 0.0,
  "summary_bg_p95": 105.22281816601753,
  "summary_bg_stdv": 38.11675609757763,
  "summary_csf_k": 5.609344947830559,
  "summary_csf_mad": 101.13447722598077,
  "summary_csf_mean": 275.2678916891512,
  "summary_csf_median": 264.2614689320326,
  "summary_csf_n": 61752.0,
  "summary_csf_p05": 107.90539781749249,
  "summary_csf_p95": 473.72166784107685,
  "summary_csf_stdv": 115.82238598146573,
  "summary_gm_k": 0.082158968653947,
  "summary_gm_mad": 80.59914597544054,
  "summary_gm_mean": 699.6394524833615,
  "summary_gm_median": 700.755500793457,
  "summary_gm_n": 28356.0,
  "summary_gm_p05": 562.6710818968713,
  "summary_gm_p95": 831.7091850042343,
  "summary_gm_stdv": 81.37411263398003,
  "summary_wm_k": 0.5693236489224294,
  "summary_wm_mad": 88.63471037782584,
  "summary_wm_mean": 1005.1554901522908,
  "summary_wm_median": 1000.0547447651625,
  "summary_wm_n": 306353.0,
  "summary_wm_p05": 861.0533215999603,
  "summary_wm_p95": 1167.7433462440968,
  "summary_wm_stdv": 93.5996723095141,
  "tpm_overlap_csf": 0.14709855724236673,
  "tpm_overlap_gm": 0.4151675681741698,
  "tpm_overlap_wm": 0.4446623093936496,
  "wm2max": 0.38781792705192986
}