{
  "bids_meta": {
    "AcquisitionMatrixPE": 256,
    "AcquisitionNumber": 1,
    "AcquisitionTime": "13:00:26.000000",
    "BodyPartExamined": "BRAIN",
    "CoilString": "RM:HNU_FlexS",
    "ConversionSoftware": "dcm2niix",
    "ConversionSoftwareVersion": "v1.0.20200331",
    "DeviceSerialNumber": "00000070431MRS04",
    "EchoTime": 0.002676,
    "FlipAngle": 9,
    "ImageOrientationPatientDICOM": [
      0,
      0.864977,
      0.501812,
      0,
      0.501812,
      -0.864977
    ],
    "ImageType": [
      "ORIGINAL",
      "PRIMARY",
      "OTHER"
    ],
    "ImagingFrequency": 127.734,
    "InPlanePhaseEncodingDirectionDICOM": "ROW",
    "InstitutionName": "N_and_N_University_Hospital",
    "InversionTime": 0.9,
    "MRAcquisitionType": "3D",
    "MagneticFieldStrength": 3,
    "Manufacturer": "GE",
    "ManufacturersModelName": "DISCOVERY_MR750w",
    "Modality": "MR",
    "PatientPosition": "HFS",
    "PercentPhaseFOV": 100,
    "PercentSampling": 62.5,
    "PixelBandwidth": 390.625,
    "ProcedureStepDescription": "MRI_Head",
    "ProtocolName": "SAG_FSPGR_BRAVO",
    "ReconMatrixPE": 256,
    "RepetitionTime": 0.007408,
    "SAR": 0.0543849,
    "ScanOptions": "FAST_GEMS_NPW_EDR_GEMS_ACC_GEMS_IR_GEMS",
    "ScanningSequence": "GR",
    "SequenceVariant": "SS_SK_OSP",
    "SeriesDescription": "SAG_FSPGR_BRAVO",
    "SeriesNumber": 2,
    "SliceThickness": 0.9,
    "SoftwareVersions": "27_LX_MR_Software_release:DV26.0_EB_1706.a",
    "SpacingBetweenSlices": 0.9,
    "StationName": "nnmr04",
    "dataset": "ds003342",
    "modality": "T1w",
    "session_id": "action",
    "subject_id": "JR24"
  },
  "cjv": 0.5394702700218921,
  "cnr": 2.3797647991636373,
  "efc": 0.5762067931338555,
  "fber": 1061.962490097329,
  "fwhm_avg": 4.521445903355404,
  "fwhm_x": 4.543144564796674,
  "fwhm_y": 4.598619724055178,
  "fwhm_z": 4.4225734212143575,
  "icvs_csf": 0.24102405709430055,
  "icvs_gm": 0.36504278995054995,
  "icvs_wm": 0.39393315295514947,
  "inu_med": 0.9805852174758911,
  "inu_range": 1.0279569089412686,
  "provenance": {
    "md5sum": "493540f22ab1d993c70bff8b845fecd9",
    "settings": {
      "testing": false
    },
    "software": "mriqc",
    "version": "22.0.6",
    "warnings": {
      "large_rot_frame": true,
      "small_air_mask": false
    },
    "webapi_port": null,
    "webapi_url": "https://mriqc.nimh.nih.gov/api/v1"
  },
  "qi_1": 0.0,
  "qi_2": 0.00033469318625129553,
  "rpve_csf": 20.592346116687285,
  "rpve_gm": 11.803176845257948,
  "rpve_wm": 12.580641680312207,
  "size_x": 196,
  "size_y": 256,
  "size_z": 256,
  "snr_csf": 2.0496849488975175,
  "snr_gm": 7.907534811478581,
  "snr_total": 6.938762476601604,
  "snr_wm": 10.859067669428715,
  "snrd_csf": 3.478289345191872,
  "snrd_gm": 9.94094337883183,
  "snrd_total": 9.339623226799885,
  "snrd_wm": 14.59963695637595,
  "spacing_x": 0.8999999761581421,
  "spacing_y": 0.8984000086784363,
  "spacing_z": 0.8984000086784363,
  "summary_bg_k": 2.851961736787832,
  "summary_bg_mad": 44.87492852914025,
  "summary_bg_mean": 40.27599955255184,
  "summary_bg_median": 30.26767933368683,
  "summary_bg_n": 3133511.0,
  "summary_bg_p05": 0.0,
  "summary_bg_p95": 128.45940136909485,
  "summary_bg_stdv": 45.66132361106545,
  "summary_csf_k": 0.523785952704483,
  "summary_csf_mad": 114.73375731005024,
  "summary_csf_mean": 243.90572221274527,
  "summary_csf_median": 238.2526535987854,
  "summary_csf_n": 59912.0,
  "summary_csf_p05": 62.60937523841858,
  "summary_csf_p95": 440.2748302221298,
  "summary_csf_stdv": 116.23770051275655,
  "summary_gm_k": 0.12470198597951487,
  "summary_gm_mad": 84.17652546365495,
  "summary_gm_mean": 677.568737165101,
  "summary_gm_median": 680.9255654811859,
  "summary_gm_n": 21764.0,
  "summary_gm_p05": 528.9390386343002,
  "summary_gm_p95": 814.9491644322871,
  "summary_gm_stdv": 86.1090008634693,
  "summary_wm_k": 0.5034604400672396,
  "summary_wm_mad": 87.97215646344304,
  "summary_wm_mean": 1002.5411293155317,
  "summary_wm_median": 1000.0324588418007,
  "summary_wm_n": 246322.0,
  "summary_wm_p05": 856.0503396987915,
  "summary_wm_p95": 1157.560498714447,
  "summary_wm_stdv": 92.09173930519528,
  "tpm_overlap_csf": 0.13312029400194184,
  "tpm_overlap_gm": 0.40647617100026556,
  "tpm_overlap_wm": 0.4464366152450419,
  "wm2max": 0.3427863680796232
}