{
  "aor": 0.0007651685393258427,
  "aqi": 0.01239662297752809,
  "bids_meta": {
    "AcquisitionMatrixPE": 64,
    "AcquisitionNumber": 1,
    "AcquisitionTime": "11:25:16.000000",
    "BodyPartExamined": "BRAIN",
    "CoilString": "RM:HNU_FlexS",
    "ConversionSoftware": "dcm2niix",
    "ConversionSoftwareVersion": "v1.0.20200331",
    "DeviceSerialNumber": "00000070431MRS04",
    "EchoTime": 0.03,
    "EffectiveEchoSpacing": 0.000644,
    "FlipAngle": 78,
    "ImageOrientationPatientDICOM": [
      1,
      0,
      0,
      0,
      1,
      0
    ],
    "ImageType": [
      "ORIGINAL",
      "PRIMARY",
      "EPI",
      "NONE"
    ],
    "ImagingFrequency": 127.734,
    "InPlanePhaseEncodingDirectionDICOM": "COL",
    "InstitutionName": "N_and_N_University_Hospital",
    "MRAcquisitionType": "2D",
    "MagneticFieldStrength": 3,
    "Manufacturer": "GE",
    "ManufacturersModelName": "DISCOVERY_MR750w",
    "Modality": "MR",
    "PatientPosition": "HFS",
    "PercentPhaseFOV": 100,
    "PercentSampling": 100,
    "PhaseEncodingDirection": "j",
    "PhaseEncodingPolarityGE": "Flipped",
    "PixelBandwidth": 7812.5,
    "ProcedureStepDescription": "MRI_Head",
    "ProtocolName": "fMRI_3.3X3.3X3.3_NEW_180_volumes",
    "ReconMatrixPE": 64,
    "RepetitionTime": 2,
    "SAR": 0.0568953,
    "ScanOptions": "SAT_GEMS_EPI_GEMS_ACC_GEMS_FS",
    "ScanningSequence": "EP_GR",
    "SequenceVariant": "SS",
    "SeriesDescription": "fMRI_3.3X3.3X3.3_NEW_180_volumes",
    "SeriesNumber": 5,
    "SliceThickness": 3.3,
    "SliceTiming": [
      0,
      1.0285,
      0.0571001,
      1.0857,
      0.1142,
      1.1428,
      0.1714,
      1.2,
      0.2285,
      1.2571,
      0.2857,
      1.3143,
      0.3428,
      1.3714,
      0.4,
      1.4286,
      0.4571,
      1.4857,
      0.5142,
      1.5428,
      0.5714,
      1.6,
      0.6285,
      1.6571,
      0.6857,
      1.7143,
      0.7428,
      1.7714,
      0.8,
      1.8285,
      0.8571,
      1.8857,
      0.9143,
      1.9428,
      0.9714
    ],
    "SoftwareVersions": "27_LX_MR_Software_release:DV26.0_EB_1706.a",
    "SpacingBetweenSlices": 3.3,
    "StationName": "nnmr04",
    "TaskName": "grasp",
    "TotalReadoutTime": 0.040572,
    "dataset": "ds003342",
    "modality": "bold",
    "run_id": 1,
    "session_id": "action",
    "subject_id": "QP18",
    "task_id": "grasp"
  },
  "dummy_trs": 0,
  "dvars_nstd": 38.918611709717496,
  "dvars_std": 1.0034583624293776,
  "dvars_vstd": 0.9958805929943497,
  "efc": 0.5027475040787911,
  "fber": 2340.0458984375,
  "fd_mean": 0.28640653568618996,
  "fd_num": 94,
  "fd_perc": 52.80898876404494,
  "fwhm_avg": 2.6665673039473266,
  "fwhm_x": 2.6953744149018375,
  "fwhm_y": 2.793199643655744,
  "fwhm_z": 2.5111278532843975,
  "gcor": 0.0139925,
  "gsr_x": -0.0027986818458884954,
  "gsr_y": 0.017945507541298866,
  "provenance": {
    "md5sum": "90ba6c14cfbf5258367907021ee1cb11",
    "settings": {
      "fd_thres": 0.2,
      "testing": false
    },
    "software": "mriqc",
    "version": "22.0.6",
    "webapi_port": null,
    "webapi_url": "https://mriqc.nimh.nih.gov/api/v1"
  },
  "size_t": 178,
  "size_x": 64,
  "size_y": 64,
  "size_z": 35,
  "snr": 4.537638268045116,
  "spacing_tr": 2.0,
  "spacing_x": 3.2969000339508057,
  "spacing_y": 3.2969000339508057,
  "spacing_z": 3.299999237060547,
  "summary_bg_k": 79.90165548713779,
  "summary_bg_mad": 16.07540401177922,
  "summary_bg_mean": 47.252925872802734,
  "summary_bg_median": 31.977527618408203,
  "summary_bg_n": 83577.0,
  "summary_bg_p05": 5.50449447631836,
  "summary_bg_p95": 128.39775695800773,
  "summary_bg_stdv": 69.57112884521484,
  "summary_fg_k": 0.2347450456330642,
  "summary_fg_mad": 347.44544094813494,
  "summary_fg_mean": 1609.197021484375,
  "summary_fg_median": 1574.3314208984375,
  "summary_fg_n": 28157.0,
  "summary_fg_p05": 1109.2224853515625,
  "summary_fg_p95": 2236.0482910156247,
  "summary_fg_stdv": 346.943359375,
  "tsnr": 32.56350578390993
}