{
  "aor": 0.001854745762711865,
  "aqi": 0.012385614519774012,
  "bids_meta": {
    "AcquisitionMatrixPE": 64,
    "AcquisitionNumber": 1,
    "AcquisitionTime": "11:58:27.000000",
    "BodyPartExamined": "BRAIN",
    "CoilString": "RM:HNU_FlexS",
    "ConversionSoftware": "dcm2niix",
    "ConversionSoftwareVersion": "v1.0.20200331",
    "DeviceSerialNumber": "00000070431MRS04",
    "EchoTime": 0.03,
    "EffectiveEchoSpacing": 0.000644,
    "FlipAngle": 78,
    "ImageOrientationPatientDICOM": [
      1,
      0,
      0,
      0,
      1,
      0
    ],
    "ImageType": [
      "ORIGINAL",
      "PRIMARY",
      "EPI",
      "NONE"
    ],
    "ImagingFrequency": 127.734,
    "InPlanePhaseEncodingDirectionDICOM": "COL",
    "InstitutionName": "N_and_N_University_Hospital",
    "MRAcquisitionType": "2D",
    "MagneticFieldStrength": 3,
    "Manufacturer": "GE",
    "ManufacturersModelName": "DISCOVERY_MR750w",
    "Modality": "MR",
    "PatientPosition": "HFS",
    "PercentPhaseFOV": 100,
    "PercentSampling": 100,
    "PhaseEncodingDirection": "j",
    "PhaseEncodingPolarityGE": "Flipped",
    "PixelBandwidth": 7812.5,
    "ProcedureStepDescription": "MRI_Head",
    "ProtocolName": "fMRI_3.3X3.3X3.3_NEW_180_volumes",
    "ReconMatrixPE": 64,
    "RepetitionTime": 2,
    "SAR": 0.0568953,
    "ScanOptions": "SAT_GEMS_EPI_GEMS_ACC_GEMS_FS",
    "ScanningSequence": "EP_GR",
    "SequenceVariant": "SS",
    "SeriesDescription": "fMRI_3.3X3.3X3.3_NEW_180_volumes",
    "SeriesNumber": 10,
    "SliceThickness": 3.3,
    "SliceTiming": [
      0,
      1.0285,
      0.0571001,
      1.0857,
      0.1142,
      1.1428,
      0.1714,
      1.2,
      0.2285,
      1.2571,
      0.2857,
      1.3143,
      0.3428,
      1.3714,
      0.4,
      1.4286,
      0.4571,
      1.4857,
      0.5142,
      1.5428,
      0.5714,
      1.6,
      0.6285,
      1.6571,
      0.6857,
      1.7143,
      0.7428,
      1.7714,
      0.8,
      1.8285,
      0.8571,
      1.8857,
      0.9143,
      1.9428,
      0.9714
    ],
    "SoftwareVersions": "27_LX_MR_Software_release:DV26.0_EB_1706.a",
    "SpacingBetweenSlices": 3.3,
    "StationName": "nnmr04",
    "TaskName": "grasp",
    "TotalReadoutTime": 0.040572,
    "dataset": "ds003342",
    "modality": "bold",
    "run_id": 5,
    "session_id": "action",
    "subject_id": "QP18",
    "task_id": "grasp"
  },
  "dummy_trs": 1,
  "dvars_nstd": 37.62146526039772,
  "dvars_std": 1.0029120938636369,
  "dvars_vstd": 0.9960941304545454,
  "efc": 0.49955524316837074,
  "fber": 2480.13134765625,
  "fd_mean": 0.2585734142364364,
  "fd_num": 73,
  "fd_perc": 41.24293785310734,
  "fwhm_avg": 2.768490287662564,
  "fwhm_x": 2.7957080606276983,
  "fwhm_y": 2.866234918465533,
  "fwhm_z": 2.64352788389446,
  "gcor": 0.0230465,
  "gsr_x": -0.002184673212468624,
  "gsr_y": 0.01837259903550148,
  "provenance": {
    "md5sum": "0726ea3baf611bee7c46bbe46a1c0c26",
    "settings": {
      "fd_thres": 0.2,
      "testing": false
    },
    "software": "mriqc",
    "version": "22.0.6",
    "webapi_port": null,
    "webapi_url": "https://mriqc.nimh.nih.gov/api/v1"
  },
  "size_t": 177,
  "size_x": 64,
  "size_y": 64,
  "size_z": 35,
  "snr": 4.306359892607671,
  "spacing_tr": 2.0,
  "spacing_x": 3.2969000339508057,
  "spacing_y": 3.2969000339508057,
  "spacing_z": 3.299999237060547,
  "summary_bg_k": 78.43178472487885,
  "summary_bg_mad": 15.630143744679803,
  "summary_bg_mean": 46.56092071533203,
  "summary_bg_median": 31.242937088012695,
  "summary_bg_n": 83911.0,
  "summary_bg_p05": 6.745762586593628,
  "summary_bg_p95": 127.76553726196289,
  "summary_bg_stdv": 68.8076400756836,
  "summary_fg_k": 0.3228267540147356,
  "summary_fg_mad": 358.93633206841787,
  "summary_fg_mean": 1618.06640625,
  "summary_fg_median": 1580.1412353515625,
  "summary_fg_n": 28004.0,
  "summary_fg_p05": 1089.149169921875,
  "summary_fg_p95": 2294.0158203124997,
  "summary_fg_stdv": 366.9254455566406,
  "tsnr": 31.998828204115853
}