{
  "aor": 0.0017462359550561798,
  "aqi": 0.012127755280898878,
  "bids_meta": {
    "AcquisitionMatrixPE": 64,
    "AcquisitionNumber": 1,
    "AcquisitionTime": "11:48:33.000000",
    "BodyPartExamined": "BRAIN",
    "CoilString": "RM:HNU_FlexS",
    "ConversionSoftware": "dcm2niix",
    "ConversionSoftwareVersion": "v1.0.20200331",
    "DeviceSerialNumber": "00000070431MRS04",
    "EchoTime": 0.03,
    "EffectiveEchoSpacing": 0.000644,
    "FlipAngle": 78,
    "ImageOrientationPatientDICOM": [
      1,
      0,
      0,
      0,
      1,
      0
    ],
    "ImageType": [
      "ORIGINAL",
      "PRIMARY",
      "EPI",
      "NONE"
    ],
    "ImagingFrequency": 127.734,
    "InPlanePhaseEncodingDirectionDICOM": "COL",
    "InstitutionName": "N_and_N_University_Hospital",
    "MRAcquisitionType": "2D",
    "MagneticFieldStrength": 3,
    "Manufacturer": "GE",
    "ManufacturersModelName": "DISCOVERY_MR750w",
    "Modality": "MR",
    "PatientPosition": "HFS",
    "PercentPhaseFOV": 100,
    "PercentSampling": 100,
    "PhaseEncodingDirection": "j",
    "PhaseEncodingPolarityGE": "Flipped",
    "PixelBandwidth": 7812.5,
    "ProcedureStepDescription": "MRI_Head",
    "ProtocolName": "fMRI_3.3X3.3X3.3_NEW_180_volumes",
    "ReconMatrixPE": 64,
    "RepetitionTime": 2,
    "SAR": 0.0568953,
    "ScanOptions": "SAT_GEMS_EPI_GEMS_ACC_GEMS_FS",
    "ScanningSequence": "EP_GR",
    "SequenceVariant": "SS",
    "SeriesDescription": "fMRI_3.3X3.3X3.3_NEW_180_volumes",
    "SeriesNumber": 8,
    "SliceThickness": 3.3,
    "SliceTiming": [
      0,
      1.0285,
      0.0571001,
      1.0857,
      0.1142,
      1.1428,
      0.1714,
      1.2,
      0.2285,
      1.2571,
      0.2857,
      1.3143,
      0.3428,
      1.3714,
      0.4,
      1.4286,
      0.4571,
      1.4857,
      0.5142,
      1.5428,
      0.5714,
      1.6,
      0.6285,
      1.6571,
      0.6857,
      1.7143,
      0.7428,
      1.7714,
      0.8,
      1.8285,
      0.8571,
      1.8857,
      0.9143,
      1.9428,
      0.9714
    ],
    "SoftwareVersions": "27_LX_MR_Software_release:DV26.0_EB_1706.a",
    "SpacingBetweenSlices": 3.3,
    "StationName": "nnmr04",
    "TaskName": "grasp",
    "TotalReadoutTime": 0.040572,
    "dataset": "ds003342",
    "modality": "bold",
    "run_id": 4,
    "session_id": "action",
    "subject_id": "QP18",
    "task_id": "grasp"
  },
  "dummy_trs": 0,
  "dvars_nstd": 38.33850979158195,
  "dvars_std": 1.0096082902824859,
  "dvars_vstd": 1.00080453180791,
  "efc": 0.5013783526554978,
  "fber": 2452.73681640625,
  "fd_mean": 0.26538818426767086,
  "fd_num": 75,
  "fd_perc": 42.13483146067416,
  "fwhm_avg": 2.722232955738749,
  "fwhm_x": 2.746328340792848,
  "fwhm_y": 2.809948710788916,
  "fwhm_z": 2.6104218156344827,
  "gcor": 0.0184751,
  "gsr_x": -0.0015764685813337564,
  "gsr_y": 0.018741903826594353,
  "provenance": {
    "md5sum": "8124acb13e006a7ed653d560dd928cdf",
    "settings": {
      "fd_thres": 0.2,
      "testing": false
    },
    "software": "mriqc",
    "version": "22.0.6",
    "webapi_port": null,
    "webapi_url": "https://mriqc.nimh.nih.gov/api/v1"
  },
  "size_t": 178,
  "size_x": 64,
  "size_y": 64,
  "size_z": 35,
  "snr": 4.4652084565302586,
  "spacing_tr": 2.0,
  "spacing_x": 3.2969000339508057,
  "spacing_y": 3.2969000339508057,
  "spacing_z": 3.299999237060547,
  "summary_bg_k": 81.46604130237513,
  "summary_bg_mad": 15.708921692302349,
  "summary_bg_mean": 45.9811897277832,
  "summary_bg_median": 31.432584762573242,
  "summary_bg_n": 83717.0,
  "summary_bg_p05": 6.73258447647095,
  "summary_bg_p95": 123.37640380859375,
  "summary_bg_stdv": 66.15400695800781,
  "summary_fg_k": 0.3088322122790408,
  "summary_fg_mad": 354.0004177245088,
  "summary_fg_mean": 1612.4263916015625,
  "summary_fg_median": 1579.6011962890625,
  "summary_fg_n": 28226.0,
  "summary_fg_p05": 1098.6447143554688,
  "summary_fg_p95": 2253.3961181640625,
  "summary_fg_stdv": 353.75128173828125,
  "tsnr": 32.54549190867692
}