{
  "aor": 0.0006271348314606741,
  "aqi": 0.00624069713483146,
  "bids_meta": {
    "AcquisitionMatrixPE": 64,
    "AcquisitionNumber": 1,
    "AcquisitionTime": "15:51:6.000000",
    "BodyPartExamined": "BRAIN",
    "CoilString": "RM:HNU_FlexS",
    "ConversionSoftware": "dcm2niix",
    "ConversionSoftwareVersion": "v1.0.20200331",
    "DeviceSerialNumber": "00000070431MRS04",
    "EchoTime": 0.03,
    "EffectiveEchoSpacing": 0.000644,
    "FlipAngle": 78,
    "ImageOrientationPatientDICOM": [
      1,
      0,
      0,
      0,
      1,
      0
    ],
    "ImageType": [
      "ORIGINAL",
      "PRIMARY",
      "EPI",
      "NONE"
    ],
    "ImagingFrequency": 127.734,
    "InPlanePhaseEncodingDirectionDICOM": "COL",
    "InstitutionName": "N_and_N_University_Hospital",
    "MRAcquisitionType": "2D",
    "MagneticFieldStrength": 3,
    "Manufacturer": "GE",
    "ManufacturersModelName": "DISCOVERY_MR750w",
    "Modality": "MR",
    "PatientPosition": "HFS",
    "PercentPhaseFOV": 100,
    "PercentSampling": 100,
    "PhaseEncodingDirection": "j",
    "PhaseEncodingPolarityGE": "Flipped",
    "PixelBandwidth": 7812.5,
    "ProcedureStepDescription": "MRI_Head",
    "ProtocolName": "fMRI_6_PartA",
    "ReconMatrixPE": 64,
    "RepetitionTime": 2,
    "SAR": 0.0745287,
    "ScanOptions": "SAT_GEMS_EPI_GEMS_ACC_GEMS_FS",
    "ScanningSequence": "EP_GR",
    "SequenceVariant": "SS",
    "SeriesDescription": "fMRI_6_PartA",
    "SeriesNumber": 9,
    "SliceThickness": 3.3,
    "SliceTiming": [
      0,
      1.0285,
      0.0571001,
      1.0857,
      0.1142,
      1.1428,
      0.1714,
      1.2,
      0.2285,
      1.2571,
      0.2857,
      1.3143,
      0.3428,
      1.3714,
      0.4,
      1.4286,
      0.4571,
      1.4857,
      0.5142,
      1.5428,
      0.5714,
      1.6,
      0.6285,
      1.6571,
      0.6857,
      1.7143,
      0.7428,
      1.7714,
      0.8,
      1.8285,
      0.8571,
      1.8857,
      0.9143,
      1.9428,
      0.9714
    ],
    "SoftwareVersions": "27_LX_MR_Software_release:DV26.0_EB_1706.a",
    "SpacingBetweenSlices": 3.3,
    "StationName": "nnmr04",
    "TaskName": "grasp",
    "TotalReadoutTime": 0.040572,
    "dataset": "ds003342",
    "modality": "bold",
    "run_id": 6,
    "session_id": "action",
    "subject_id": "QR30",
    "task_id": "grasp"
  },
  "dummy_trs": 0,
  "dvars_nstd": 35.48964136220341,
  "dvars_std": 1.0497724803954802,
  "dvars_vstd": 1.0103115054237286,
  "efc": 0.5292541148829589,
  "fber": 4987.84228515625,
  "fd_mean": 0.15752086095197626,
  "fd_num": 42,
  "fd_perc": 23.59550561797753,
  "fwhm_avg": 2.8135640533454933,
  "fwhm_x": 2.829885621014621,
  "fwhm_y": 2.906327125884271,
  "fwhm_z": 2.704479413137589,
  "gcor": 0.0120136,
  "gsr_x": 0.005586358718574047,
  "gsr_y": 0.03218507394194603,
  "provenance": {
    "md5sum": "f82cf45caba5dd1b21c7cfc11b47aa08",
    "settings": {
      "fd_thres": 0.2,
      "testing": false
    },
    "software": "mriqc",
    "version": "22.0.6",
    "webapi_port": null,
    "webapi_url": "https://mriqc.nimh.nih.gov/api/v1"
  },
  "size_t": 178,
  "size_x": 64,
  "size_y": 64,
  "size_z": 35,
  "snr": 3.757712696323267,
  "spacing_tr": 2.0,
  "spacing_x": 3.2969000339508057,
  "spacing_y": 3.2969000339508057,
  "spacing_z": 3.299999237060547,
  "summary_bg_k": 54.87990229489945,
  "summary_bg_mad": 23.134425471961865,
  "summary_bg_mean": 54.02413558959961,
  "summary_bg_median": 23.536518096923828,
  "summary_bg_n": 78616.0,
  "summary_bg_p05": 2.9143259525299072,
  "summary_bg_p95": 178.2879180908203,
  "summary_bg_stdv": 101.15795135498047,
  "summary_fg_k": -0.012997255943269614,
  "summary_fg_mad": 430.3044810238964,
  "summary_fg_mean": 1713.9058837890625,
  "summary_fg_median": 1638.3905029296875,
  "summary_fg_n": 33360.0,
  "summary_fg_p05": 1127.2909912109376,
  "summary_fg_p95": 2545.8264892578127,
  "summary_fg_stdv": 436.0008544921875,
  "tsnr": 38.83039701031521
}