{
  "bids_meta": {
    "AcquisitionMatrixPE": 256,
    "AcquisitionNumber": 1,
    "AcquisitionTime": "11:06:24.000000",
    "BodyPartExamined": "BRAIN",
    "CoilString": "RM:HNU_FlexS",
    "ConversionSoftware": "dcm2niix",
    "ConversionSoftwareVersion": "v1.0.20200331",
    "DeviceSerialNumber": "00000070431MRS04",
    "EchoTime": 0.002556,
    "FlipAngle": 9,
    "ImageOrientationPatientDICOM": [
      -0.0101853,
      0.857983,
      0.513577,
      -0.0400666,
      0.512841,
      -0.857548
    ],
    "ImageType": [
      "ORIGINAL",
      "PRIMARY",
      "OTHER"
    ],
    "ImagingFrequency": 127.734,
    "InPlanePhaseEncodingDirectionDICOM": "ROW",
    "InstitutionName": "N_and_N_University_Hospital",
    "InversionTime": 0.9,
    "MRAcquisitionType": "3D",
    "MagneticFieldStrength": 3,
    "Manufacturer": "GE",
    "ManufacturersModelName": "DISCOVERY_MR750w",
    "Modality": "MR",
    "PatientPosition": "HFS",
    "PercentPhaseFOV": 100,
    "PercentSampling": 62.5,
    "PixelBandwidth": 390.625,
    "ProcedureStepDescription": "MRI_Head",
    "ProtocolName": "SAG_FSPGR_BRAVO",
    "ReconMatrixPE": 256,
    "RepetitionTime": 0.007272,
    "SAR": 0.047437,
    "ScanOptions": "FAST_GEMS_NPW_EDR_GEMS_ACC_GEMS_IR_GEMS",
    "ScanningSequence": "GR",
    "SequenceVariant": "SS_SK_OSP",
    "SeriesDescription": "SAG_FSPGR_BRAVO",
    "SeriesNumber": 2,
    "SliceThickness": 0.9,
    "SoftwareVersions": "27_LX_MR_Software_release:DV26.0_EB_1706.a",
    "SpacingBetweenSlices": 0.9,
    "StationName": "nnmr04",
    "dataset": "ds003342",
    "modality": "T1w",
    "session_id": "action",
    "subject_id": "QP18"
  },
  "cjv": 0.5482895301155509,
  "cnr": 2.2593093256606487,
  "efc": 0.5933663708571821,
  "fber": 1202.4782165085196,
  "fwhm_avg": 4.471061205538618,
  "fwhm_x": 4.441166784317408,
  "fwhm_y": 4.524821861900737,
  "fwhm_z": 4.4471949703977085,
  "icvs_csf": 0.1607423451679919,
  "icvs_gm": 0.4247009963220967,
  "icvs_wm": 0.4145566585099114,
  "inu_med": 0.9562978148460388,
  "inu_range": 1.1420165479183193,
  "provenance": {
    "md5sum": "d789d5dc932793fc5374ae7232659109",
    "settings": {
      "testing": false
    },
    "software": "mriqc",
    "version": "22.0.6",
    "warnings": {
      "large_rot_frame": true,
      "small_air_mask": false
    },
    "webapi_port": null,
    "webapi_url": "https://mriqc.nimh.nih.gov/api/v1"
  },
  "qi_1": 0.0,
  "qi_2": 0.0002916216413102841,
  "rpve_csf": 27.56629910585147,
  "rpve_gm": 10.269583355714312,
  "rpve_wm": 11.584634975695474,
  "size_x": 196,
  "size_y": 256,
  "size_z": 256,
  "snr_csf": 1.6643014348637153,
  "snr_gm": 8.775216640275644,
  "snr_total": 7.038647284917803,
  "snr_wm": 10.676423779614048,
  "snrd_csf": 4.081668747254425,
  "snrd_gm": 10.07220302044636,
  "snrd_total": 9.553409356840389,
  "snrd_wm": 14.50635630282038,
  "spacing_x": 0.8999999761581421,
  "spacing_y": 0.8984000086784363,
  "spacing_z": 0.8984000086784363,
  "summary_bg_k": 3.08321560341766,
  "summary_bg_mad": 45.16202420858214,
  "summary_bg_mean": 47.69566684808269,
  "summary_bg_median": 30.46132242679596,
  "summary_bg_n": 2188723.0,
  "summary_bg_p05": 0.0,
  "summary_bg_p95": 160.2300775051117,
  "summary_bg_stdv": 57.19171585500707,
  "summary_csf_k": 21.6049248695076,
  "summary_csf_mad": 133.57169009667356,
  "summary_csf_mean": 296.810002684088,
  "summary_csf_median": 281.37105917930603,
  "summary_csf_n": 20056.0,
  "summary_csf_p05": 74.01103579998016,
  "summary_csf_p95": 546.675091356039,
  "summary_csf_stdv": 169.0583439768564,
  "summary_gm_k": 0.06711944433955797,
  "summary_gm_mad": 78.05459675356103,
  "summary_gm_mean": 693.512366071429,
  "summary_gm_median": 694.330335855484,
  "summary_gm_n": 39334.0,
  "summary_gm_p05": 561.333502292633,
  "summary_gm_p95": 822.2414784967898,
  "summary_gm_stdv": 79.12300495570308,
  "summary_wm_k": 0.4760786908385204,
  "summary_wm_mad": 89.5408919279981,
  "summary_wm_mean": 1002.9826870571496,
  "summary_wm_median": 1000.0000221729279,
  "summary_wm_n": 228577.0,
  "summary_wm_p05": 854.9712597131729,
  "summary_wm_p95": 1161.4039463996887,
  "summary_wm_stdv": 93.66411968708456,
  "tpm_overlap_csf": 0.12149167841283316,
  "tpm_overlap_gm": 0.44071499913771484,
  "tpm_overlap_wm": 0.4600633472016802,
  "wm2max": 0.36353937738707404
}