{
  "aor": 0.0010016517857142858,
  "aqi": 0.0067802988839285715,
  "bids_meta": {
    "AcquisitionMatrixPE": 64,
    "AcquisitionNumber": 1,
    "AcquisitionTime": "09:16:10.000000",
    "BodyPartExamined": "BRAIN",
    "CoilString": "Head+Neck_40",
    "ConversionSoftware": "dcm2niix",
    "ConversionSoftwareVersion": "v1.0.20200331",
    "DeviceSerialNumber": "00000070431MRS04",
    "EchoTime": 0.03,
    "EffectiveEchoSpacing": 0.000644,
    "FlipAngle": 78,
    "ImageOrientationPatientDICOM": [
      1,
      0,
      0,
      0,
      1,
      0
    ],
    "ImageType": [
      "ORIGINAL",
      "PRIMARY",
      "EPI",
      "NONE"
    ],
    "ImagingFrequency": 127.734,
    "InPlanePhaseEncodingDirectionDICOM": "ROW",
    "InstitutionName": "N_and_N_University_Hospital",
    "MRAcquisitionType": "2D",
    "MagneticFieldStrength": 3,
    "Manufacturer": "GE",
    "ManufacturersModelName": "DISCOVERY_MR750w",
    "Modality": "MR",
    "PatientPosition": "HFS",
    "PercentPhaseFOV": 100,
    "PercentSampling": 100,
    "PhaseEncodingDirection": "i-",
    "PhaseEncodingPolarityGE": "Flipped",
    "PixelBandwidth": 7812.5,
    "ProcedureStepDescription": "MRI_Head",
    "ProtocolName": "fMRI_1_PartB",
    "ReconMatrixPE": 64,
    "RepetitionTime": 2,
    "SAR": 0.0650656,
    "ScanOptions": "SAT_GEMS_EPI_GEMS_ACC_GEMS_FS",
    "ScanningSequence": "EP_GR",
    "SequenceVariant": "SS",
    "SeriesDescription": "fMRI_1_PartB",
    "SeriesNumber": 5,
    "SliceThickness": 3.3,
    "SliceTiming": [
      0,
      1.0285,
      0.0571001,
      1.0857,
      0.1142,
      1.1428,
      0.1714,
      1.2,
      0.2285,
      1.2571,
      0.2857,
      1.3143,
      0.3428,
      1.3714,
      0.4,
      1.4286,
      0.4571,
      1.4857,
      0.5142,
      1.5428,
      0.5714,
      1.6,
      0.6285,
      1.6571,
      0.6857,
      1.7143,
      0.7428,
      1.7714,
      0.8,
      1.8285,
      0.8571,
      1.8857,
      0.9143,
      1.9428,
      0.9714
    ],
    "SoftwareVersions": "27_LX_MR_Software_release:DV26.0_EB_1706.a",
    "SpacingBetweenSlices": 3.3,
    "StationName": "nnmr04",
    "TaskName": "localiser",
    "TotalReadoutTime": 0.040572,
    "dataset": "ds003342",
    "modality": "bold",
    "run_id": 1,
    "session_id": "localiser",
    "subject_id": "LB28",
    "task_id": "localiser"
  },
  "dummy_trs": 0,
  "dvars_nstd": 18.374122161748872,
  "dvars_std": 1.0249568641704032,
  "dvars_vstd": 0.9602726062780264,
  "efc": 0.5144332177219856,
  "fber": 7008.087890625,
  "fd_mean": 0.08289400495429965,
  "fd_num": 6,
  "fd_perc": 2.6785714285714284,
  "fwhm_avg": 2.1831459251776053,
  "fwhm_x": 2.168324767625232,
  "fwhm_y": 2.3114106953579863,
  "fwhm_z": 2.069702312549598,
  "gcor": 0.024046,
  "gsr_x": 0.001049244194291532,
  "gsr_y": 0.014571920037269592,
  "provenance": {
    "md5sum": "d0ec09cf3a97e24c97e98669822526eb",
    "settings": {
      "fd_thres": 0.2,
      "testing": false
    },
    "software": "mriqc",
    "version": "22.0.6",
    "webapi_port": null,
    "webapi_url": "https://mriqc.nimh.nih.gov/api/v1"
  },
  "size_t": 224,
  "size_x": 64,
  "size_y": 64,
  "size_z": 35,
  "snr": 6.031274757610426,
  "spacing_tr": 2.0,
  "spacing_x": 3.2969000339508057,
  "spacing_y": 3.2969000339508057,
  "spacing_z": 3.3000011444091797,
  "summary_bg_k": 84.762211459949,
  "summary_bg_mad": 66.8891915290334,
  "summary_bg_mean": 121.8830795288086,
  "summary_bg_median": 50.00446701049805,
  "summary_bg_n": 81301.0,
  "summary_bg_p05": 1.0580357313156128,
  "summary_bg_p95": 457.482177734375,
  "summary_bg_stdv": 246.28579711914062,
  "summary_fg_k": 0.7664144509674768,
  "summary_fg_mad": 629.470697041278,
  "summary_fg_mean": 4079.826171875,
  "summary_fg_median": 4027.442138671875,
  "summary_fg_n": 30107.0,
  "summary_fg_p05": 3025.0144287109374,
  "summary_fg_p95": 5186.6205078124985,
  "summary_fg_stdv": 667.7485961914062,
  "tsnr": 62.44765999226365
}