{
  "aor": 0.0007687053571428572,
  "aqi": 0.003871063258928571,
  "bids_meta": {
    "AcquisitionMatrixPE": 64,
    "AcquisitionNumber": 1,
    "AcquisitionTime": "09:34:32.000000",
    "BodyPartExamined": "BRAIN",
    "CoilString": "Head+Neck_40",
    "ConversionSoftware": "dcm2niix",
    "ConversionSoftwareVersion": "v1.0.20200331",
    "DeviceSerialNumber": "00000070431MRS04",
    "EchoTime": 0.03,
    "EffectiveEchoSpacing": 0.000644,
    "FlipAngle": 78,
    "ImageOrientationPatientDICOM": [
      1,
      0,
      0,
      0,
      1,
      0
    ],
    "ImageType": [
      "ORIGINAL",
      "PRIMARY",
      "EPI",
      "NONE"
    ],
    "ImagingFrequency": 127.734,
    "InPlanePhaseEncodingDirectionDICOM": "ROW",
    "InstitutionName": "N_and_N_University_Hospital",
    "MRAcquisitionType": "2D",
    "MagneticFieldStrength": 3,
    "Manufacturer": "GE",
    "ManufacturersModelName": "DISCOVERY_MR750w",
    "Modality": "MR",
    "PatientPosition": "HFS",
    "PercentPhaseFOV": 100,
    "PercentSampling": 100,
    "PhaseEncodingDirection": "i-",
    "PhaseEncodingPolarityGE": "Flipped",
    "PixelBandwidth": 7812.5,
    "ProcedureStepDescription": "MRI_Head",
    "ProtocolName": "fMRI_2_PartB",
    "ReconMatrixPE": 64,
    "RepetitionTime": 2,
    "SAR": 0.0659283,
    "ScanOptions": "SAT_GEMS_EPI_GEMS_ACC_GEMS_FS",
    "ScanningSequence": "EP_GR",
    "SequenceVariant": "SS",
    "SeriesDescription": "fMRI_2_PartB",
    "SeriesNumber": 7,
    "SliceThickness": 3.3,
    "SliceTiming": [
      0,
      1.0285,
      0.0571001,
      1.0857,
      0.1142,
      1.1428,
      0.1714,
      1.2,
      0.2285,
      1.2571,
      0.2857,
      1.3143,
      0.3428,
      1.3714,
      0.4,
      1.4286,
      0.4571,
      1.4857,
      0.5142,
      1.5428,
      0.5714,
      1.6,
      0.6285,
      1.6571,
      0.6857,
      1.7143,
      0.7428,
      1.7714,
      0.8,
      1.8285,
      0.8571,
      1.8857,
      0.9143,
      1.9428,
      0.9714
    ],
    "SoftwareVersions": "27_LX_MR_Software_release:DV26.0_EB_1706.a",
    "SpacingBetweenSlices": 3.3,
    "StationName": "nnmr04",
    "TaskName": "localiser",
    "TotalReadoutTime": 0.040572,
    "dataset": "ds003342",
    "modality": "bold",
    "run_id": 2,
    "session_id": "localiser",
    "subject_id": "LB28",
    "task_id": "localiser"
  },
  "dummy_trs": 0,
  "dvars_nstd": 18.150637519865466,
  "dvars_std": 1.0710357762780274,
  "dvars_vstd": 0.998542857130045,
  "efc": 0.5155171451051719,
  "fber": 7247.3291015625,
  "fd_mean": 0.0796028600006437,
  "fd_num": 3,
  "fd_perc": 1.3392857142857142,
  "fwhm_avg": 2.1874711414343366,
  "fwhm_x": 2.154348001716203,
  "fwhm_y": 2.3156025118697654,
  "fwhm_z": 2.0924629107170416,
  "gcor": 0.0153332,
  "gsr_x": 0.0005244167987257242,
  "gsr_y": 0.014197287149727345,
  "provenance": {
    "md5sum": "31e40bd7b438d132c51d671d1b041d4d",
    "settings": {
      "fd_thres": 0.2,
      "testing": false
    },
    "software": "mriqc",
    "version": "22.0.6",
    "webapi_port": null,
    "webapi_url": "https://mriqc.nimh.nih.gov/api/v1"
  },
  "size_t": 224,
  "size_x": 64,
  "size_y": 64,
  "size_z": 35,
  "snr": 5.937788412527905,
  "spacing_tr": 2.0,
  "spacing_x": 3.2969000339508057,
  "spacing_y": 3.2969000339508057,
  "spacing_z": 3.3000011444091797,
  "summary_bg_k": 77.14931943496163,
  "summary_bg_mad": 64.96975246978636,
  "summary_bg_mean": 123.27092742919922,
  "summary_bg_median": 48.468753814697266,
  "summary_bg_n": 81107.0,
  "summary_bg_p05": 0.9642857313156128,
  "summary_bg_p95": 477.3794860839844,
  "summary_bg_stdv": 251.3385772705078,
  "summary_fg_k": 0.7818451757687725,
  "summary_fg_mad": 630.8012746182376,
  "summary_fg_mean": 4079.052001953125,
  "summary_fg_median": 4022.446533203125,
  "summary_fg_n": 30297.0,
  "summary_fg_p05": 3023.74111328125,
  "summary_fg_p95": 5212.35478515625,
  "summary_fg_stdv": 677.4205932617188,
  "tsnr": 77.9292822885327
}