{
  "aor": 0.0030091964285714284,
  "aqi": 0.008704784910714287,
  "bids_meta": {
    "AcquisitionMatrixPE": 64,
    "AcquisitionNumber": 1,
    "AcquisitionTime": "12:03:7.000000",
    "BodyPartExamined": "BRAIN",
    "CoilString": "Head+Neck_40",
    "ConversionSoftware": "dcm2niix",
    "ConversionSoftwareVersion": "v1.0.20200331",
    "DeviceSerialNumber": "00000070431MRS04",
    "EchoTime": 0.03,
    "EffectiveEchoSpacing": 0.000644,
    "FlipAngle": 78,
    "ImageOrientationPatientDICOM": [
      1,
      0,
      0,
      0,
      1,
      0
    ],
    "ImageType": [
      "ORIGINAL",
      "PRIMARY",
      "EPI",
      "NONE"
    ],
    "ImagingFrequency": 127.734,
    "InPlanePhaseEncodingDirectionDICOM": "ROW",
    "InstitutionName": "N_and_N_University_Hospital",
    "MRAcquisitionType": "2D",
    "MagneticFieldStrength": 3,
    "Manufacturer": "GE",
    "ManufacturersModelName": "DISCOVERY_MR750w",
    "Modality": "MR",
    "PatientPosition": "HFS",
    "PercentPhaseFOV": 100,
    "PercentSampling": 100,
    "PhaseEncodingDirection": "i-",
    "PhaseEncodingPolarityGE": "Flipped",
    "PixelBandwidth": 7812.5,
    "ProcedureStepDescription": "MRI_Head",
    "ProtocolName": "fMRI_4_PartB",
    "ReconMatrixPE": 64,
    "RepetitionTime": 2,
    "SAR": 0.0586404,
    "ScanOptions": "SAT_GEMS_EPI_GEMS_ACC_GEMS_FS",
    "ScanningSequence": "EP_GR",
    "SequenceVariant": "SS",
    "SeriesDescription": "fMRI_4_PartB",
    "SeriesNumber": 9,
    "SliceThickness": 3.3,
    "SliceTiming": [
      0,
      1.0285,
      0.0571001,
      1.0857,
      0.1142,
      1.1428,
      0.1714,
      1.2,
      0.2285,
      1.2571,
      0.2857,
      1.3143,
      0.3428,
      1.3714,
      0.4,
      1.4286,
      0.4571,
      1.4857,
      0.5142,
      1.5428,
      0.5714,
      1.6,
      0.6285,
      1.6571,
      0.6857,
      1.7143,
      0.7428,
      1.7714,
      0.8,
      1.8285,
      0.8571,
      1.8857,
      0.9143,
      1.9428,
      0.9714
    ],
    "SoftwareVersions": "27_LX_MR_Software_release:DV26.0_EB_1706.a",
    "SpacingBetweenSlices": 3.3,
    "StationName": "nnmr04",
    "TaskName": "localiser",
    "TotalReadoutTime": 0.040572,
    "dataset": "ds003342",
    "modality": "bold",
    "run_id": 4,
    "session_id": "localiser",
    "subject_id": "VB04",
    "task_id": "localiser"
  },
  "dummy_trs": 0,
  "dvars_nstd": 16.641866666860984,
  "dvars_std": 1.0065511931838564,
  "dvars_vstd": 0.9810171927802692,
  "efc": 0.5075382035216692,
  "fber": 8580.4150390625,
  "fd_mean": 0.15129266420470538,
  "fd_num": 43,
  "fd_perc": 19.196428571428573,
  "fwhm_avg": 2.3042278685251634,
  "fwhm_x": 2.2918953933053183,
  "fwhm_y": 2.4650307611120206,
  "fwhm_z": 2.1557574511581508,
  "gcor": 0.0322757,
  "gsr_x": 9.036151459440589e-05,
  "gsr_y": 0.016360117122530937,
  "provenance": {
    "md5sum": "bdc90f03f915d8457b32db0e1a1b3d46",
    "settings": {
      "fd_thres": 0.2,
      "testing": false
    },
    "software": "mriqc",
    "version": "22.0.6",
    "webapi_port": null,
    "webapi_url": "https://mriqc.nimh.nih.gov/api/v1"
  },
  "size_t": 224,
  "size_x": 64,
  "size_y": 64,
  "size_z": 35,
  "snr": 6.237791751670494,
  "spacing_tr": 2.0,
  "spacing_x": 3.2969000339508057,
  "spacing_y": 3.2969000339508057,
  "spacing_z": 3.3000001907348633,
  "summary_bg_k": 47.81915964053287,
  "summary_bg_mad": 58.251706218464044,
  "summary_bg_mean": 116.26626586914062,
  "summary_bg_median": 44.35714340209961,
  "summary_bg_n": 82353.0,
  "summary_bg_p05": 1.196428656578064,
  "summary_bg_p95": 435.3455505371086,
  "summary_bg_stdv": 242.2584991455078,
  "summary_fg_k": 1.6796433354269462,
  "summary_fg_mad": 529.1101820709672,
  "summary_fg_mean": 4064.431640625,
  "summary_fg_median": 4015.446533203125,
  "summary_fg_n": 29049.0,
  "summary_fg_p05": 3040.415380859375,
  "summary_fg_p95": 5182.81904296875,
  "summary_fg_stdv": 643.7177734375,
  "tsnr": 60.69815103895962
}