{
  "aor": 0.0019033035714285714,
  "aqi": 0.008043338928571429,
  "bids_meta": {
    "AcquisitionMatrixPE": 64,
    "AcquisitionNumber": 1,
    "AcquisitionTime": "11:54:47.000000",
    "BodyPartExamined": "BRAIN",
    "CoilString": "Head+Neck_40",
    "ConversionSoftware": "dcm2niix",
    "ConversionSoftwareVersion": "v1.0.20200331",
    "DeviceSerialNumber": "00000070431MRS04",
    "EchoTime": 0.03,
    "EffectiveEchoSpacing": 0.000644,
    "FlipAngle": 78,
    "ImageOrientationPatientDICOM": [
      1,
      0,
      0,
      0,
      1,
      0
    ],
    "ImageType": [
      "ORIGINAL",
      "PRIMARY",
      "EPI",
      "NONE"
    ],
    "ImagingFrequency": 127.734,
    "InPlanePhaseEncodingDirectionDICOM": "ROW",
    "InstitutionName": "N_and_N_University_Hospital",
    "MRAcquisitionType": "2D",
    "MagneticFieldStrength": 3,
    "Manufacturer": "GE",
    "ManufacturersModelName": "DISCOVERY_MR750w",
    "Modality": "MR",
    "PatientPosition": "HFS",
    "PercentPhaseFOV": 100,
    "PercentSampling": 100,
    "PhaseEncodingDirection": "i-",
    "PhaseEncodingPolarityGE": "Flipped",
    "PixelBandwidth": 7812.5,
    "ProcedureStepDescription": "MRI_Head",
    "ProtocolName": "fMRI_3_PartB",
    "ReconMatrixPE": 64,
    "RepetitionTime": 2,
    "SAR": 0.0586404,
    "ScanOptions": "SAT_GEMS_EPI_GEMS_ACC_GEMS_FS",
    "ScanningSequence": "EP_GR",
    "SequenceVariant": "SS",
    "SeriesDescription": "fMRI_3_PartB",
    "SeriesNumber": 8,
    "SliceThickness": 3.3,
    "SliceTiming": [
      0,
      1.0285,
      0.0571001,
      1.0857,
      0.1142,
      1.1428,
      0.1714,
      1.2,
      0.2285,
      1.2571,
      0.2857,
      1.3143,
      0.3428,
      1.3714,
      0.4,
      1.4286,
      0.4571,
      1.4857,
      0.5142,
      1.5428,
      0.5714,
      1.6,
      0.6285,
      1.6571,
      0.6857,
      1.7143,
      0.7428,
      1.7714,
      0.8,
      1.8285,
      0.8571,
      1.8857,
      0.9143,
      1.9428,
      0.9714
    ],
    "SoftwareVersions": "27_LX_MR_Software_release:DV26.0_EB_1706.a",
    "SpacingBetweenSlices": 3.3,
    "StationName": "nnmr04",
    "TaskName": "localiser",
    "TotalReadoutTime": 0.040572,
    "dataset": "ds003342",
    "modality": "bold",
    "run_id": 3,
    "session_id": "localiser",
    "subject_id": "VB04",
    "task_id": "localiser"
  },
  "dummy_trs": 0,
  "dvars_nstd": 17.642562053721974,
  "dvars_std": 1.0381525590134528,
  "dvars_vstd": 0.9929947096860987,
  "efc": 0.5077102503150925,
  "fber": 8501.9501953125,
  "fd_mean": 0.16350776956857135,
  "fd_num": 58,
  "fd_perc": 25.892857142857142,
  "fwhm_avg": 2.3429015878741914,
  "fwhm_x": 2.3150535112991197,
  "fwhm_y": 2.4740786544945363,
  "fwhm_z": 2.2395725978289174,
  "gcor": 0.0394236,
  "gsr_x": 0.0004921619547531009,
  "gsr_y": 0.015259219333529472,
  "provenance": {
    "md5sum": "d3091756c6f091b0d211627abd053eb3",
    "settings": {
      "fd_thres": 0.2,
      "testing": false
    },
    "software": "mriqc",
    "version": "22.0.6",
    "webapi_port": null,
    "webapi_url": "https://mriqc.nimh.nih.gov/api/v1"
  },
  "size_t": 224,
  "size_x": 64,
  "size_y": 64,
  "size_z": 35,
  "snr": 6.139475349978771,
  "spacing_tr": 2.0,
  "spacing_x": 3.2969000339508057,
  "spacing_y": 3.2969000339508057,
  "spacing_z": 3.3000001907348633,
  "summary_bg_k": 41.426081611744145,
  "summary_bg_mad": 57.86120423185005,
  "summary_bg_mean": 113.31880187988281,
  "summary_bg_median": 43.906253814697266,
  "summary_bg_n": 82073.0,
  "summary_bg_p05": 1.0267857313156128,
  "summary_bg_p95": 420.363409423828,
  "summary_bg_stdv": 235.67295837402344,
  "summary_fg_k": 1.722857501949874,
  "summary_fg_mad": 531.962815880548,
  "summary_fg_mean": 4056.99365234375,
  "summary_fg_median": 4003.89306640625,
  "summary_fg_n": 29208.0,
  "summary_fg_p05": 3031.0411743164063,
  "summary_fg_p95": 5198.897241210938,
  "summary_fg_stdv": 652.1444091796875,
  "tsnr": 60.49514637328684
}