{
  "aor": 0.0015948660714285713,
  "aqi": 0.0058510725892857145,
  "bids_meta": {
    "AcquisitionMatrixPE": 64,
    "AcquisitionNumber": 1,
    "AcquisitionTime": "16:15:53.000000",
    "BodyPartExamined": "BRAIN",
    "CoilString": "Head+Neck_40",
    "ConversionSoftware": "dcm2niix",
    "ConversionSoftwareVersion": "v1.0.20200331",
    "DeviceSerialNumber": "00000070431MRS04",
    "EchoTime": 0.03,
    "EffectiveEchoSpacing": 0.000644,
    "FlipAngle": 78,
    "ImageOrientationPatientDICOM": [
      1,
      0,
      0,
      0,
      1,
      0
    ],
    "ImageType": [
      "ORIGINAL",
      "PRIMARY",
      "EPI",
      "NONE"
    ],
    "ImagingFrequency": 127.734,
    "InPlanePhaseEncodingDirectionDICOM": "ROW",
    "InstitutionName": "N_and_N_University_Hospital",
    "MRAcquisitionType": "2D",
    "MagneticFieldStrength": 3,
    "Manufacturer": "GE",
    "ManufacturersModelName": "DISCOVERY_MR750w",
    "Modality": "MR",
    "PatientPosition": "HFS",
    "PercentPhaseFOV": 100,
    "PercentSampling": 100,
    "PhaseEncodingDirection": "i-",
    "PhaseEncodingPolarityGE": "Flipped",
    "PixelBandwidth": 7812.5,
    "ProcedureStepDescription": "MRI_Head",
    "ProtocolName": "fMRI_3X3X3_224_volumes_NEW",
    "ReconMatrixPE": 64,
    "RepetitionTime": 2,
    "SAR": 0.0627611,
    "ScanOptions": "SAT_GEMS_EPI_GEMS_ACC_GEMS_FS",
    "ScanningSequence": "EP_GR",
    "SequenceVariant": "SS",
    "SeriesDescription": "fMRI_3X3X3_224_volumes_NEW",
    "SeriesNumber": 6,
    "SliceThickness": 3,
    "SliceTiming": [
      0,
      1.0285,
      0.0571001,
      1.0857,
      0.1142,
      1.1428,
      0.1714,
      1.2,
      0.2285,
      1.2571,
      0.2857,
      1.3143,
      0.3428,
      1.3714,
      0.4,
      1.4286,
      0.4571,
      1.4857,
      0.5142,
      1.5428,
      0.5714,
      1.6,
      0.6285,
      1.6571,
      0.6857,
      1.7143,
      0.7428,
      1.7714,
      0.8,
      1.8285,
      0.8571,
      1.8857,
      0.9143,
      1.9428,
      0.9714
    ],
    "SoftwareVersions": "27_LX_MR_Software_release:DV26.0_EA_1641.c",
    "SpacingBetweenSlices": 3,
    "StationName": "nnmr04",
    "TaskName": "localiser",
    "TotalReadoutTime": 0.040572,
    "dataset": "ds003342",
    "modality": "bold",
    "run_id": 4,
    "session_id": "localiser",
    "subject_id": "DT12",
    "task_id": "localiser"
  },
  "dummy_trs": 0,
  "dvars_nstd": 15.434873461031385,
  "dvars_std": 1.0109931069955158,
  "dvars_vstd": 0.9998604985201792,
  "efc": 0.5043678286143264,
  "fber": 8388.2451171875,
  "fd_mean": 0.045297403935945765,
  "fd_num": 0,
  "fd_perc": 0.0,
  "fwhm_avg": 2.01294812596013,
  "fwhm_x": 1.9179259106690743,
  "fwhm_y": 2.192908467211317,
  "fwhm_z": 1.9280099999999998,
  "gcor": 0.0281243,
  "gsr_x": 0.016471631824970245,
  "gsr_y": 0.02084975689649582,
  "provenance": {
    "md5sum": "361c4e6082895a806c2c63ed08d97c39",
    "settings": {
      "fd_thres": 0.2,
      "testing": false
    },
    "software": "mriqc",
    "version": "22.0.6",
    "webapi_port": null,
    "webapi_url": "https://mriqc.nimh.nih.gov/api/v1"
  },
  "size_t": 224,
  "size_x": 64,
  "size_y": 64,
  "size_z": 35,
  "snr": 7.050947782076681,
  "spacing_tr": 2.0,
  "spacing_x": 3.2969000339508057,
  "spacing_y": 3.2969000339508057,
  "spacing_z": 3.0,
  "summary_bg_k": 27.27013112705955,
  "summary_bg_mad": 61.905264008363716,
  "summary_bg_mean": 140.50289916992188,
  "summary_bg_median": 46.45982360839844,
  "summary_bg_n": 84767.0,
  "summary_bg_p05": 1.0892857313156128,
  "summary_bg_p95": 558.093334960937,
  "summary_bg_stdv": 320.0958251953125,
  "summary_fg_k": 1.4381289745530221,
  "summary_fg_mad": 522.6969139783203,
  "summary_fg_mean": 4142.34912109375,
  "summary_fg_median": 4104.8125,
  "summary_fg_n": 28301.0,
  "summary_fg_p05": 3233.9912109375,
  "summary_fg_p95": 5086.8125,
  "summary_fg_stdv": 582.1543579101562,
  "tsnr": 73.08845313685015
}