{
  "aor": 0.0013261434977578474,
  "aqi": 0.008029638026905829,
  "bids_meta": {
    "AcquisitionMatrixPE": 64,
    "AcquisitionNumber": 1,
    "AcquisitionTime": "15:57:45.000000",
    "BodyPartExamined": "BRAIN",
    "CoilString": "Head+Neck_40",
    "ConversionSoftware": "dcm2niix",
    "ConversionSoftwareVersion": "v1.0.20200331",
    "DeviceSerialNumber": "00000070431MRS04",
    "EchoTime": 0.03,
    "EffectiveEchoSpacing": 0.000644,
    "FlipAngle": 78,
    "ImageOrientationPatientDICOM": [
      1,
      0,
      0,
      0,
      1,
      0
    ],
    "ImageType": [
      "ORIGINAL",
      "PRIMARY",
      "EPI",
      "NONE"
    ],
    "ImagingFrequency": 127.734,
    "InPlanePhaseEncodingDirectionDICOM": "ROW",
    "InstitutionName": "N_and_N_University_Hospital",
    "MRAcquisitionType": "2D",
    "MagneticFieldStrength": 3,
    "Manufacturer": "GE",
    "ManufacturersModelName": "DISCOVERY_MR750w",
    "Modality": "MR",
    "PatientPosition": "HFS",
    "PercentPhaseFOV": 100,
    "PercentSampling": 100,
    "PhaseEncodingDirection": "i-",
    "PhaseEncodingPolarityGE": "Flipped",
    "PixelBandwidth": 7812.5,
    "ProcedureStepDescription": "MRI_Head",
    "ProtocolName": "fMRI_3X3X3_224_volumes_NEW",
    "ReconMatrixPE": 64,
    "RepetitionTime": 2,
    "SAR": 0.0627611,
    "ScanOptions": "SAT_GEMS_EPI_GEMS_ACC_GEMS_FS",
    "ScanningSequence": "EP_GR",
    "SequenceVariant": "SS",
    "SeriesDescription": "fMRI_3X3X3_224_volumes_NEW",
    "SeriesNumber": 4,
    "SliceThickness": 3,
    "SliceTiming": [
      0,
      1.0285,
      0.0571001,
      1.0857,
      0.1142,
      1.1428,
      0.1714,
      1.2,
      0.2285,
      1.2571,
      0.2857,
      1.3143,
      0.3428,
      1.3714,
      0.4,
      1.4286,
      0.4571,
      1.4857,
      0.5142,
      1.5428,
      0.5714,
      1.6,
      0.6285,
      1.6571,
      0.6857,
      1.7143,
      0.7428,
      1.7714,
      0.8,
      1.8285,
      0.8571,
      1.8857,
      0.9143,
      1.9428,
      0.9714
    ],
    "SoftwareVersions": "27_LX_MR_Software_release:DV26.0_EA_1641.c",
    "SpacingBetweenSlices": 3,
    "StationName": "nnmr04",
    "TaskName": "localiser",
    "TotalReadoutTime": 0.040572,
    "dataset": "ds003342",
    "modality": "bold",
    "run_id": 2,
    "session_id": "localiser",
    "subject_id": "DT12",
    "task_id": "localiser"
  },
  "dummy_trs": 1,
  "dvars_nstd": 17.216345370450462,
  "dvars_std": 0.991157783378379,
  "dvars_vstd": 0.9737934017117116,
  "efc": 0.5089550371055137,
  "fber": 8548.4423828125,
  "fd_mean": 0.07709704504660632,
  "fd_num": 14,
  "fd_perc": 6.278026905829597,
  "fwhm_avg": 2.063021178890957,
  "fwhm_x": 1.9787436479177587,
  "fwhm_y": 2.251196555421779,
  "fwhm_z": 1.9591233333333333,
  "gcor": 0.0315615,
  "gsr_x": 0.013919218443334103,
  "gsr_y": 0.018536441028118134,
  "provenance": {
    "md5sum": "663affcbd5c282c30ff532df8c68a8cb",
    "settings": {
      "fd_thres": 0.2,
      "testing": false
    },
    "software": "mriqc",
    "version": "22.0.6",
    "webapi_port": null,
    "webapi_url": "https://mriqc.nimh.nih.gov/api/v1"
  },
  "size_t": 223,
  "size_x": 64,
  "size_y": 64,
  "size_z": 35,
  "snr": 6.882588559517084,
  "spacing_tr": 2.0,
  "spacing_x": 3.2969000339508057,
  "spacing_y": 3.2969000339508057,
  "spacing_z": 3.0,
  "summary_bg_k": 29.36155091790245,
  "summary_bg_mad": 59.64316081322578,
  "summary_bg_mean": 144.6477813720703,
  "summary_bg_median": 44.88789367675781,
  "summary_bg_n": 83805.0,
  "summary_bg_p05": 1.0941704511642456,
  "summary_bg_p95": 600.904089355469,
  "summary_bg_stdv": 335.35302734375,
  "summary_fg_k": 1.7415715018912197,
  "summary_fg_mad": 526.5630453982075,
  "summary_fg_mean": 4132.9052734375,
  "summary_fg_median": 4108.923828125,
  "summary_fg_n": 28779.0,
  "summary_fg_p05": 3179.459912109375,
  "summary_fg_p95": 5084.933105468748,
  "summary_fg_stdv": 596.9923095703125,
  "tsnr": 63.15358395734802
}