{
  "bids_meta": {
    "AcquisitionMatrixPE": 256,
    "AcquisitionNumber": 1,
    "AcquisitionTime": "11:17:21.000000",
    "BodyPartExamined": "BRAIN",
    "CoilString": "Head+Neck_40",
    "ConversionSoftware": "dcm2niix",
    "ConversionSoftwareVersion": "v1.0.20200331",
    "DeviceSerialNumber": "00000070431MRS04",
    "EchoTime": 0.002608,
    "FlipAngle": 9,
    "ImageOrientationPatientDICOM": [
      -0.0519942,
      0.984426,
      0.167932,
      -0.0339807,
      0.166318,
      -0.985487
    ],
    "ImageType": [
      "ORIGINAL",
      "PRIMARY",
      "OTHER"
    ],
    "ImagingFrequency": 127.734,
    "InPlanePhaseEncodingDirectionDICOM": "ROW",
    "InstitutionName": "N_and_N_University_Hospital",
    "InversionTime": 0.9,
    "MRAcquisitionType": "3D",
    "MagneticFieldStrength": 3,
    "Manufacturer": "GE",
    "ManufacturersModelName": "DISCOVERY_MR750w",
    "Modality": "MR",
    "PatientPosition": "HFS",
    "PercentPhaseFOV": 100,
    "PercentSampling": 62.5,
    "PixelBandwidth": 390.625,
    "ProcedureStepDescription": "MRI_Head",
    "ProtocolName": "SAG_FSPGR_BRAVO",
    "ReconMatrixPE": 256,
    "RepetitionTime": 0.007176,
    "SAR": 0.0478677,
    "ScanOptions": "FAST_GEMS_NPW_EDR_GEMS_ACC_GEMS_IR_GEMS",
    "ScanningSequence": "GR",
    "SequenceVariant": "SS_SK_OSP",
    "SeriesDescription": "SAG_FSPGR_BRAVO",
    "SeriesNumber": 2,
    "SliceThickness": 0.9,
    "SoftwareVersions": "27_LX_MR_Software_release:DV26.0_EB_1706.a",
    "SpacingBetweenSlices": 0.9,
    "StationName": "nnmr04",
    "dataset": "ds003342",
    "modality": "T1w",
    "session_id": "localiser",
    "subject_id": "SC13"
  },
  "cjv": 0.4141010013616099,
  "cnr": 3.278551137702305,
  "efc": 0.563548293804267,
  "fber": 14406.000625,
  "fwhm_avg": 4.183657436546336,
  "fwhm_x": 4.266566779692088,
  "fwhm_y": 4.2403717310776985,
  "fwhm_z": 4.044033798869224,
  "icvs_csf": 0.19308724025014717,
  "icvs_gm": 0.41141205642566836,
  "icvs_wm": 0.3955007033241844,
  "inu_med": 0.508832186460495,
  "inu_range": 0.1803723067045211,
  "provenance": {
    "md5sum": "ec251ec6c2b9933c5c95dd06f38d9d01",
    "settings": {
      "testing": false
    },
    "software": "mriqc",
    "version": "22.0.6",
    "warnings": {
      "large_rot_frame": true,
      "small_air_mask": false
    },
    "webapi_port": null,
    "webapi_url": "https://mriqc.nimh.nih.gov/api/v1"
  },
  "qi_1": 0.0,
  "qi_2": 0.00041113649764410533,
  "rpve_csf": 25.219081244159238,
  "rpve_gm": 11.972874914595348,
  "rpve_wm": 14.316648544470969,
  "size_x": 196,
  "size_y": 256,
  "size_z": 256,
  "snr_csf": 2.0581675170684735,
  "snr_gm": 12.813811405400463,
  "snr_total": 11.306025876741735,
  "snr_wm": 19.046098707756272,
  "snrd_csf": 33.62575634023789,
  "snrd_gm": 84.99996337157108,
  "snrd_total": 77.98774066549102,
  "snrd_wm": 115.33750228466408,
  "spacing_x": 0.8999999761581421,
  "spacing_y": 0.8984000086784363,
  "spacing_z": 0.8984000086784363,
  "summary_bg_k": 3724.5341870438024,
  "summary_bg_mad": 5.680468258180219,
  "summary_bg_mean": 6.6854483645761285,
  "summary_bg_median": 3.831417616456747,
  "summary_bg_n": 2333913.0,
  "summary_bg_p05": 0.0,
  "summary_bg_p95": 24.468225605785847,
  "summary_bg_stdv": 19.293183456977243,
  "summary_csf_k": 7.123704520662439,
  "summary_csf_mad": 125.28370682524373,
  "summary_csf_mean": 294.25835196864716,
  "summary_csf_median": 291.5576688274741,
  "summary_csf_n": 31304.0,
  "summary_csf_p05": 74.75227887555957,
  "summary_csf_p95": 521.2273737212643,
  "summary_csf_stdv": 141.65659961922475,
  "summary_gm_k": 0.024811144297161025,
  "summary_gm_mad": 57.68613455289912,
  "summary_gm_mean": 736.2036342226435,
  "summary_gm_median": 737.0062079876661,
  "summary_gm_n": 39322.0,
  "summary_gm_p05": 640.4558052314445,
  "summary_gm_p95": 828.1926260808482,
  "summary_gm_stdv": 57.51581736205736,
  "summary_wm_k": 0.27669280494343296,
  "summary_wm_mad": 51.24174125310156,
  "summary_wm_mean": 1003.7429826255608,
  "summary_wm_median": 1000.0528450347483,
  "summary_wm_n": 284704.0,
  "summary_wm_p05": 924.0322348102927,
  "summary_wm_p95": 1096.1817918531597,
  "summary_wm_stdv": 52.50687314369441,
  "tpm_overlap_csf": 0.14765989227839937,
  "tpm_overlap_gm": 0.459988293050552,
  "tpm_overlap_wm": 0.5157919769075753,
  "wm2max": 0.6231497489091957
}