{
  "aor": 0.0006561797752808988,
  "aqi": 0.012656934101123596,
  "bids_meta": {
    "AcquisitionMatrixPE": 64,
    "AcquisitionNumber": 1,
    "AcquisitionTime": "10:54:23.000000",
    "BodyPartExamined": "BRAIN",
    "CoilString": "RM:HNU_FlexS",
    "ConversionSoftware": "dcm2niix",
    "ConversionSoftwareVersion": "v1.0.20200331",
    "DeviceSerialNumber": "00000070431MRS04",
    "EchoTime": 0.03,
    "EffectiveEchoSpacing": 0.000644,
    "FlipAngle": 78,
    "ImageOrientationPatientDICOM": [
      1,
      0,
      0,
      0,
      1,
      0
    ],
    "ImageType": [
      "ORIGINAL",
      "PRIMARY",
      "EPI",
      "NONE"
    ],
    "ImagingFrequency": 127.734,
    "InPlanePhaseEncodingDirectionDICOM": "COL",
    "InstitutionName": "N_and_N_University_Hospital",
    "MRAcquisitionType": "2D",
    "MagneticFieldStrength": 3,
    "Manufacturer": "GE",
    "ManufacturersModelName": "DISCOVERY_MR750w",
    "Modality": "MR",
    "PatientPosition": "HFS",
    "PercentPhaseFOV": 100,
    "PercentSampling": 100,
    "PhaseEncodingDirection": "j",
    "PhaseEncodingPolarityGE": "Flipped",
    "PixelBandwidth": 7812.5,
    "ProcedureStepDescription": "MRI_Head",
    "ProtocolName": "fMRI_2_PartA",
    "ReconMatrixPE": 64,
    "RepetitionTime": 2,
    "SAR": 0.0658489,
    "ScanOptions": "SAT_GEMS_EPI_GEMS_ACC_GEMS_FS",
    "ScanningSequence": "EP_GR",
    "SequenceVariant": "SS",
    "SeriesDescription": "fMRI_2_PartA",
    "SeriesNumber": 6,
    "SliceThickness": 3.3,
    "SliceTiming": [
      0,
      1.0285,
      0.0571001,
      1.0857,
      0.1142,
      1.1428,
      0.1714,
      1.2,
      0.2285,
      1.2571,
      0.2857,
      1.3143,
      0.3428,
      1.3714,
      0.4,
      1.4286,
      0.4571,
      1.4857,
      0.5142,
      1.5428,
      0.5714,
      1.6,
      0.6285,
      1.6571,
      0.6857,
      1.7143,
      0.7428,
      1.7714,
      0.8,
      1.8285,
      0.8571,
      1.8857,
      0.9143,
      1.9428,
      0.9714
    ],
    "SoftwareVersions": "27_LX_MR_Software_release:DV26.0_EB_1706.a",
    "SpacingBetweenSlices": 3.3,
    "StationName": "nnmr04",
    "TaskName": "grasp",
    "TotalReadoutTime": 0.040572,
    "dataset": "ds003342",
    "modality": "bold",
    "run_id": 2,
    "session_id": "action",
    "subject_id": "KH02",
    "task_id": "grasp"
  },
  "dummy_trs": 0,
  "dvars_nstd": 42.874984267344644,
  "dvars_std": 1.021718165988701,
  "dvars_vstd": 1.001551679209039,
  "efc": 0.533785983827903,
  "fber": 3242.18212890625,
  "fd_mean": 0.19060999261317066,
  "fd_num": 59,
  "fd_perc": 33.146067415730336,
  "fwhm_avg": 2.579644263049854,
  "fwhm_x": 2.6077466442612454,
  "fwhm_y": 2.633628533042006,
  "fwhm_z": 2.4975576118463114,
  "gcor": 0.0114393,
  "gsr_x": 0.009504654444754124,
  "gsr_y": 0.03338107466697693,
  "provenance": {
    "md5sum": "110aee726571a3d00cae22e9603aa320",
    "settings": {
      "fd_thres": 0.2,
      "testing": false
    },
    "software": "mriqc",
    "version": "22.0.6",
    "webapi_port": null,
    "webapi_url": "https://mriqc.nimh.nih.gov/api/v1"
  },
  "size_t": 178,
  "size_x": 64,
  "size_y": 64,
  "size_z": 35,
  "snr": 4.1020951520039475,
  "spacing_tr": 2.0,
  "spacing_x": 3.2969000339508057,
  "spacing_y": 3.2969000339508057,
  "spacing_z": 3.299999952316284,
  "summary_bg_k": 40.56272354814781,
  "summary_bg_mad": 18.832383328708634,
  "summary_bg_mean": 54.846317291259766,
  "summary_bg_median": 23.38763999938965,
  "summary_bg_n": 80002.0,
  "summary_bg_p05": 1.6634831070899985,
  "summary_bg_p95": 219.77893295288075,
  "summary_bg_stdv": 103.14163970947266,
  "summary_fg_k": 0.28917059238196163,
  "summary_fg_mad": 319.9756741110723,
  "summary_fg_mean": 1345.6585693359375,
  "summary_fg_median": 1318.039306640625,
  "summary_fg_n": 32091.0,
  "summary_fg_p05": 873.5140686035156,
  "summary_fg_p95": 1913.1685791015625,
  "summary_fg_stdv": 321.3038024902344,
  "tsnr": 30.134110607323237
}