{
  "aor": 0.0018195505617977531,
  "aqi": 0.012426774382022472,
  "bids_meta": {
    "AcquisitionMatrixPE": 64,
    "AcquisitionNumber": 1,
    "AcquisitionTime": "10:46:18.000000",
    "BodyPartExamined": "BRAIN",
    "CoilString": "RM:HNU_FlexS",
    "ConversionSoftware": "dcm2niix",
    "ConversionSoftwareVersion": "v1.0.20200331",
    "DeviceSerialNumber": "00000070431MRS04",
    "EchoTime": 0.03,
    "EffectiveEchoSpacing": 0.000644,
    "FlipAngle": 78,
    "ImageOrientationPatientDICOM": [
      1,
      0,
      0,
      0,
      1,
      0
    ],
    "ImageType": [
      "ORIGINAL",
      "PRIMARY",
      "EPI",
      "NONE"
    ],
    "ImagingFrequency": 127.734,
    "InPlanePhaseEncodingDirectionDICOM": "COL",
    "InstitutionName": "N_and_N_University_Hospital",
    "MRAcquisitionType": "2D",
    "MagneticFieldStrength": 3,
    "Manufacturer": "GE",
    "ManufacturersModelName": "DISCOVERY_MR750w",
    "Modality": "MR",
    "PatientPosition": "HFS",
    "PercentPhaseFOV": 100,
    "PercentSampling": 100,
    "PhaseEncodingDirection": "j",
    "PhaseEncodingPolarityGE": "Flipped",
    "PixelBandwidth": 7812.5,
    "ProcedureStepDescription": "MRI_Head",
    "ProtocolName": "fMRI_1_PartA",
    "ReconMatrixPE": 64,
    "RepetitionTime": 2,
    "SAR": 0.0655084,
    "ScanOptions": "SAT_GEMS_EPI_GEMS_ACC_GEMS_FS",
    "ScanningSequence": "EP_GR",
    "SequenceVariant": "SS",
    "SeriesDescription": "fMRI_1_PartA",
    "SeriesNumber": 5,
    "SliceThickness": 3.3,
    "SliceTiming": [
      0,
      1.0285,
      0.0571001,
      1.0857,
      0.1142,
      1.1428,
      0.1714,
      1.2,
      0.2285,
      1.2571,
      0.2857,
      1.3143,
      0.3428,
      1.3714,
      0.4,
      1.4286,
      0.4571,
      1.4857,
      0.5142,
      1.5428,
      0.5714,
      1.6,
      0.6285,
      1.6571,
      0.6857,
      1.7143,
      0.7428,
      1.7714,
      0.8,
      1.8285,
      0.8571,
      1.8857,
      0.9143,
      1.9428,
      0.9714
    ],
    "SoftwareVersions": "27_LX_MR_Software_release:DV26.0_EB_1706.a",
    "SpacingBetweenSlices": 3.3,
    "StationName": "nnmr04",
    "TaskName": "grasp",
    "TotalReadoutTime": 0.040572,
    "dataset": "ds003342",
    "modality": "bold",
    "run_id": 1,
    "session_id": "action",
    "subject_id": "KH02",
    "task_id": "grasp"
  },
  "dummy_trs": 0,
  "dvars_nstd": 42.633890356384185,
  "dvars_std": 1.040525278757062,
  "dvars_vstd": 1.0215481479096038,
  "efc": 0.5331457503532608,
  "fber": 3368.432861328125,
  "fd_mean": 0.16995118821781352,
  "fd_num": 50,
  "fd_perc": 28.089887640449437,
  "fwhm_avg": 2.534200627527699,
  "fwhm_x": 2.5511116240673677,
  "fwhm_y": 2.5896205259729737,
  "fwhm_z": 2.4618697325427563,
  "gcor": 0.0108958,
  "gsr_x": 0.01053272932767868,
  "gsr_y": 0.03398970887064934,
  "provenance": {
    "md5sum": "1ad9f34de5243fe14adfb892b041c396",
    "settings": {
      "fd_thres": 0.2,
      "testing": false
    },
    "software": "mriqc",
    "version": "22.0.6",
    "webapi_port": null,
    "webapi_url": "https://mriqc.nimh.nih.gov/api/v1"
  },
  "size_t": 178,
  "size_x": 64,
  "size_y": 64,
  "size_z": 35,
  "snr": 4.135949619459314,
  "spacing_tr": 2.0,
  "spacing_x": 3.2969000339508057,
  "spacing_y": 3.2969000339508057,
  "spacing_z": 3.299999952316284,
  "summary_bg_k": 41.76245561516723,
  "summary_bg_mad": 18.940659882140086,
  "summary_bg_mean": 54.04672622680664,
  "summary_bg_median": 23.230337142944336,
  "summary_bg_n": 80054.0,
  "summary_bg_p05": 1.9643258512020116,
  "summary_bg_p95": 212.6564559936518,
  "summary_bg_stdv": 100.34217071533203,
  "summary_fg_k": 0.3981810680998361,
  "summary_fg_mad": 318.82191567076796,
  "summary_fg_mean": 1351.7340087890625,
  "summary_fg_median": 1321.5252685546875,
  "summary_fg_n": 32114.0,
  "summary_fg_p05": 888.7500183105469,
  "summary_fg_p95": 1914.0713562011717,
  "summary_fg_stdv": 319.5166320800781,
  "tsnr": 29.66436879010871
}