{
  "aor": 0.001402696629213483,
  "aqi": 0.013967258539325844,
  "bids_meta": {
    "AcquisitionMatrixPE": 64,
    "AcquisitionNumber": 1,
    "AcquisitionTime": "11:25:28.000000",
    "BodyPartExamined": "BRAIN",
    "CoilString": "RM:HNU_FlexS",
    "ConversionSoftware": "dcm2niix",
    "ConversionSoftwareVersion": "v1.0.20200331",
    "DeviceSerialNumber": "00000070431MRS04",
    "EchoTime": 0.03,
    "EffectiveEchoSpacing": 0.000644,
    "FlipAngle": 78,
    "ImageOrientationPatientDICOM": [
      1,
      0,
      0,
      0,
      1,
      0
    ],
    "ImageType": [
      "ORIGINAL",
      "PRIMARY",
      "EPI",
      "NONE"
    ],
    "ImagingFrequency": 127.734,
    "InPlanePhaseEncodingDirectionDICOM": "COL",
    "InstitutionName": "N_and_N_University_Hospital",
    "MRAcquisitionType": "2D",
    "MagneticFieldStrength": 3,
    "Manufacturer": "GE",
    "ManufacturersModelName": "DISCOVERY_MR750w",
    "Modality": "MR",
    "PatientPosition": "HFS",
    "PercentPhaseFOV": 100,
    "PercentSampling": 100,
    "PhaseEncodingDirection": "j",
    "PhaseEncodingPolarityGE": "Flipped",
    "PixelBandwidth": 7812.5,
    "ProcedureStepDescription": "MRI_Head",
    "ProtocolName": "fMRI_6_PartA",
    "ReconMatrixPE": 64,
    "RepetitionTime": 2,
    "SAR": 0.0658489,
    "ScanOptions": "SAT_GEMS_EPI_GEMS_ACC_GEMS_FS",
    "ScanningSequence": "EP_GR",
    "SequenceVariant": "SS",
    "SeriesDescription": "fMRI_6_PartA",
    "SeriesNumber": 10,
    "SliceThickness": 3.3,
    "SliceTiming": [
      0,
      1.0285,
      0.0571001,
      1.0857,
      0.1142,
      1.1428,
      0.1714,
      1.2,
      0.2285,
      1.2571,
      0.2857,
      1.3143,
      0.3428,
      1.3714,
      0.4,
      1.4286,
      0.4571,
      1.4857,
      0.5142,
      1.5428,
      0.5714,
      1.6,
      0.6285,
      1.6571,
      0.6857,
      1.7143,
      0.7428,
      1.7714,
      0.8,
      1.8285,
      0.8571,
      1.8857,
      0.9143,
      1.9428,
      0.9714
    ],
    "SoftwareVersions": "27_LX_MR_Software_release:DV26.0_EB_1706.a",
    "SpacingBetweenSlices": 3.3,
    "StationName": "nnmr04",
    "TaskName": "grasp",
    "TotalReadoutTime": 0.040572,
    "dataset": "ds003342",
    "modality": "bold",
    "run_id": 6,
    "session_id": "action",
    "subject_id": "KH02",
    "task_id": "grasp"
  },
  "dummy_trs": 0,
  "dvars_nstd": 43.550135380960434,
  "dvars_std": 1.0333283319209037,
  "dvars_vstd": 1.0113438401694919,
  "efc": 0.5335820041069126,
  "fber": 3042.29248046875,
  "fd_mean": 0.21223954339177437,
  "fd_num": 61,
  "fd_perc": 34.26966292134831,
  "fwhm_avg": 2.5500472656477022,
  "fwhm_x": 2.63808120065365,
  "fwhm_y": 2.61933631929128,
  "fwhm_z": 2.392724276998177,
  "gcor": 0.0118339,
  "gsr_x": 0.009418350644409657,
  "gsr_y": 0.033544428646564484,
  "provenance": {
    "md5sum": "e01f28a2df2fef9f56c00c858438a824",
    "settings": {
      "fd_thres": 0.2,
      "testing": false
    },
    "software": "mriqc",
    "version": "22.0.6",
    "webapi_port": null,
    "webapi_url": "https://mriqc.nimh.nih.gov/api/v1"
  },
  "size_t": 178,
  "size_x": 64,
  "size_y": 64,
  "size_z": 35,
  "snr": 4.087252438139379,
  "spacing_tr": 2.0,
  "spacing_x": 3.2969000339508057,
  "spacing_y": 3.2969000339508057,
  "spacing_z": 3.299999952316284,
  "summary_bg_k": 41.0963827261943,
  "summary_bg_mad": 19.706949193495213,
  "summary_bg_mean": 56.26711654663086,
  "summary_bg_median": 23.994382858276367,
  "summary_bg_n": 80220.0,
  "summary_bg_p05": 1.544662910699846,
  "summary_bg_p95": 229.05674438476566,
  "summary_bg_stdv": 106.10992431640625,
  "summary_fg_k": 0.2662725781221247,
  "summary_fg_mad": 316.6731197552019,
  "summary_fg_mean": 1344.738037109375,
  "summary_fg_median": 1312.870849609375,
  "summary_fg_n": 31836.0,
  "summary_fg_p05": 877.6334533691406,
  "summary_fg_p95": 1915.9775390625,
  "summary_fg_stdv": 321.2060546875,
  "tsnr": 30.395162528729998
}