{
  "aor": 0.001383876404494382,
  "aqi": 0.012216293651685394,
  "bids_meta": {
    "AcquisitionMatrixPE": 64,
    "AcquisitionNumber": 1,
    "AcquisitionTime": "11:18:18.000000",
    "BodyPartExamined": "BRAIN",
    "CoilString": "RM:HNU_FlexS",
    "ConversionSoftware": "dcm2niix",
    "ConversionSoftwareVersion": "v1.0.20200331",
    "DeviceSerialNumber": "00000070431MRS04",
    "EchoTime": 0.03,
    "EffectiveEchoSpacing": 0.000644,
    "FlipAngle": 78,
    "ImageOrientationPatientDICOM": [
      1,
      0,
      0,
      0,
      1,
      0
    ],
    "ImageType": [
      "ORIGINAL",
      "PRIMARY",
      "EPI",
      "NONE"
    ],
    "ImagingFrequency": 127.734,
    "InPlanePhaseEncodingDirectionDICOM": "COL",
    "InstitutionName": "N_and_N_University_Hospital",
    "MRAcquisitionType": "2D",
    "MagneticFieldStrength": 3,
    "Manufacturer": "GE",
    "ManufacturersModelName": "DISCOVERY_MR750w",
    "Modality": "MR",
    "PatientPosition": "HFS",
    "PercentPhaseFOV": 100,
    "PercentSampling": 100,
    "PhaseEncodingDirection": "j",
    "PhaseEncodingPolarityGE": "Flipped",
    "PixelBandwidth": 7812.5,
    "ProcedureStepDescription": "MRI_Head",
    "ProtocolName": "fMRI_5_PartA",
    "ReconMatrixPE": 64,
    "RepetitionTime": 2,
    "SAR": 0.0658489,
    "ScanOptions": "SAT_GEMS_EPI_GEMS_ACC_GEMS_FS",
    "ScanningSequence": "EP_GR",
    "SequenceVariant": "SS",
    "SeriesDescription": "fMRI_5_PartA",
    "SeriesNumber": 9,
    "SliceThickness": 3.3,
    "SliceTiming": [
      0,
      1.0285,
      0.0571001,
      1.0857,
      0.1142,
      1.1428,
      0.1714,
      1.2,
      0.2285,
      1.2571,
      0.2857,
      1.3143,
      0.3428,
      1.3714,
      0.4,
      1.4286,
      0.4571,
      1.4857,
      0.5142,
      1.5428,
      0.5714,
      1.6,
      0.6285,
      1.6571,
      0.6857,
      1.7143,
      0.7428,
      1.7714,
      0.8,
      1.8285,
      0.8571,
      1.8857,
      0.9143,
      1.9428,
      0.9714
    ],
    "SoftwareVersions": "27_LX_MR_Software_release:DV26.0_EB_1706.a",
    "SpacingBetweenSlices": 3.3,
    "StationName": "nnmr04",
    "TaskName": "grasp",
    "TotalReadoutTime": 0.040572,
    "dataset": "ds003342",
    "modality": "bold",
    "run_id": 5,
    "session_id": "action",
    "subject_id": "KH02",
    "task_id": "grasp"
  },
  "dummy_trs": 0,
  "dvars_nstd": 42.64771456090396,
  "dvars_std": 1.0468210371186433,
  "dvars_vstd": 1.022889853220339,
  "efc": 0.5346771188762875,
  "fber": 3083.64501953125,
  "fd_mean": 0.18757416622062267,
  "fd_num": 62,
  "fd_perc": 34.831460674157306,
  "fwhm_avg": 2.5773037563460974,
  "fwhm_x": 2.652943647041289,
  "fwhm_y": 2.6655251628812744,
  "fwhm_z": 2.4134424591157284,
  "gcor": 0.0138856,
  "gsr_x": 0.00845861341804266,
  "gsr_y": 0.03382912650704384,
  "provenance": {
    "md5sum": "a4d0e5e136bfa7f40b09f6b96df718d5",
    "settings": {
      "fd_thres": 0.2,
      "testing": false
    },
    "software": "mriqc",
    "version": "22.0.6",
    "webapi_port": null,
    "webapi_url": "https://mriqc.nimh.nih.gov/api/v1"
  },
  "size_t": 178,
  "size_x": 64,
  "size_y": 64,
  "size_z": 35,
  "snr": 4.05783846657942,
  "spacing_tr": 2.0,
  "spacing_x": 3.2969000339508057,
  "spacing_y": 3.2969000339508057,
  "spacing_z": 3.299999952316284,
  "summary_bg_k": 40.64412312994733,
  "summary_bg_mad": 19.548691994100135,
  "summary_bg_mean": 56.225990295410156,
  "summary_bg_median": 23.837078094482422,
  "summary_bg_n": 79986.0,
  "summary_bg_p05": 1.6249999701976776,
  "summary_bg_p95": 228.00843048095703,
  "summary_bg_stdv": 106.13213348388672,
  "summary_fg_k": 0.1900046829687856,
  "summary_fg_mad": 322.5077893013936,
  "summary_fg_mean": 1346.315673828125,
  "summary_fg_median": 1313.3426513671875,
  "summary_fg_n": 31983.0,
  "summary_fg_p05": 877.271337890625,
  "summary_fg_p95": 1922.0370605468747,
  "summary_fg_stdv": 323.6506652832031,
  "tsnr": 31.134443699964322
}