{
  "bids_meta": {
    "AcquisitionMatrixPE": 256,
    "AcquisitionNumber": 1,
    "AcquisitionTime": "13:09:39.000000",
    "BodyPartExamined": "BRAIN",
    "CoilString": "Head+Neck_40",
    "ConversionSoftware": "dcm2niix",
    "ConversionSoftwareVersion": "v1.0.20200331",
    "DeviceSerialNumber": "00000070431MRS04",
    "EchoTime": 0.002608,
    "FlipAngle": 9,
    "ImageOrientationPatientDICOM": [
      -0.00789476,
      0.993316,
      -0.115155,
      -0.0209844,
      -0.115298,
      -0.993109
    ],
    "ImageType": [
      "ORIGINAL",
      "PRIMARY",
      "OTHER"
    ],
    "ImagingFrequency": 127.734,
    "InPlanePhaseEncodingDirectionDICOM": "ROW",
    "InstitutionName": "N_and_N_University_Hospital",
    "InversionTime": 0.9,
    "MRAcquisitionType": "3D",
    "MagneticFieldStrength": 3,
    "Manufacturer": "GE",
    "ManufacturersModelName": "DISCOVERY_MR750w",
    "Modality": "MR",
    "PatientPosition": "HFS",
    "PercentPhaseFOV": 100,
    "PercentSampling": 62.5,
    "PixelBandwidth": 390.625,
    "ProcedureStepDescription": "MRI_Head",
    "ProtocolName": "SAG_FSPGR_BRAVO",
    "ReconMatrixPE": 256,
    "RepetitionTime": 0.007112,
    "SAR": 0.0479308,
    "ScanOptions": "FAST_GEMS_NPW_EDR_GEMS_ACC_GEMS_IR_GEMS",
    "ScanningSequence": "GR",
    "SequenceVariant": "SS_SK_OSP",
    "SeriesDescription": "SAG_FSPGR_BRAVO",
    "SeriesNumber": 2,
    "SliceThickness": 0.9,
    "SoftwareVersions": "27_LX_MR_Software_release:DV26.0_EB_1706.a",
    "SpacingBetweenSlices": 0.9,
    "StationName": "nnmr04",
    "dataset": "ds003342",
    "modality": "T1w",
    "session_id": "localiser",
    "subject_id": "RL17"
  },
  "cjv": 0.41500832891231854,
  "cnr": 3.276677852300929,
  "efc": 0.5642347493937863,
  "fber": 27411.747723056167,
  "fwhm_avg": 4.1421328853040755,
  "fwhm_x": 4.183422333045068,
  "fwhm_y": 4.178161135062439,
  "fwhm_z": 4.06481518780472,
  "icvs_csf": 0.17522831565033997,
  "icvs_gm": 0.41397396552928933,
  "icvs_wm": 0.4107977188203707,
  "inu_med": 0.5020986199378967,
  "inu_range": 0.1894073784351349,
  "provenance": {
    "md5sum": "7911d27bb8bc8da769b43f648f598bf7",
    "settings": {
      "testing": false
    },
    "software": "mriqc",
    "version": "22.0.6",
    "warnings": {
      "large_rot_frame": true,
      "small_air_mask": false
    },
    "webapi_port": null,
    "webapi_url": "https://mriqc.nimh.nih.gov/api/v1"
  },
  "qi_1": 0.0,
  "qi_2": 0.00032254930916070777,
  "rpve_csf": 23.586790125511563,
  "rpve_gm": 10.340074422675233,
  "rpve_wm": 11.940927338267409,
  "size_x": 196,
  "size_y": 256,
  "size_z": 256,
  "snr_csf": 2.69558382367578,
  "snr_gm": 14.65516495545361,
  "snr_total": 11.870121518139984,
  "snr_wm": 18.259615775290563,
  "snrd_csf": 34.13786434513382,
  "snrd_gm": 80.72908226515064,
  "snrd_total": 74.20942966408955,
  "snrd_wm": 107.76134238198419,
  "spacing_x": 0.8999999761581421,
  "spacing_y": 0.8984000086784363,
  "spacing_z": 0.8984000086784363,
  "summary_bg_k": 5765.7852095809,
  "summary_bg_mad": 6.079876093911491,
  "summary_bg_mean": 6.606545851068325,
  "summary_bg_median": 4.1008141078054905,
  "summary_bg_n": 3985671.0,
  "summary_bg_p05": 0.0,
  "summary_bg_p95": 24.365421049296856,
  "summary_bg_stdv": 15.771604018271635,
  "summary_csf_k": 11.466185424421655,
  "summary_csf_mad": 92.21885053392758,
  "summary_csf_mean": 331.21421237571514,
  "summary_csf_median": 316.81033954024315,
  "summary_csf_n": 38809.0,
  "summary_csf_p05": 168.32494929805398,
  "summary_csf_p95": 532.6149336397648,
  "summary_csf_stdv": 117.5278821124737,
  "summary_gm_k": 0.16418429606966978,
  "summary_gm_mad": 50.32539774084402,
  "summary_gm_mean": 748.2025781107986,
  "summary_gm_median": 749.1917978413403,
  "summary_gm_n": 38012.0,
  "summary_gm_p05": 662.5658414326608,
  "summary_gm_p95": 830.4732260825111,
  "summary_gm_stdv": 51.12067625161211,
  "summary_wm_k": 0.2917202419177065,
  "summary_wm_mad": 53.786933035187786,
  "summary_wm_mean": 1003.9490388868762,
  "summary_wm_median": 1000.0598492100835,
  "summary_wm_n": 331298.0,
  "summary_wm_p05": 921.2164597213268,
  "summary_wm_p95": 1099.7964375838637,
  "summary_wm_stdv": 54.768859991931414,
  "tpm_overlap_csf": 0.14628691380934017,
  "tpm_overlap_gm": 0.43909636817520975,
  "tpm_overlap_wm": 0.4992480848288768,
  "wm2max": 0.5794411973846234
}