{
  "bids_meta": {
    "AcquisitionMatrixPE": 256,
    "AcquisitionNumber": 1,
    "AcquisitionTime": "13:19:9.000000",
    "BodyPartExamined": "BRAIN",
    "CoilString": "RM:HNU_FlexS",
    "ConversionSoftware": "dcm2niix",
    "ConversionSoftwareVersion": "v1.0.20200331",
    "DeviceSerialNumber": "00000070431MRS04",
    "EchoTime": 0.002612,
    "FlipAngle": 9,
    "ImageOrientationPatientDICOM": [
      0,
      1,
      0,
      0,
      0,
      -1
    ],
    "ImageType": [
      "ORIGINAL",
      "PRIMARY",
      "OTHER"
    ],
    "ImagingFrequency": 127.734,
    "InPlanePhaseEncodingDirectionDICOM": "ROW",
    "InstitutionName": "N_and_N_University_Hospital",
    "InversionTime": 0.9,
    "MRAcquisitionType": "3D",
    "MagneticFieldStrength": 3,
    "Manufacturer": "GE",
    "ManufacturersModelName": "DISCOVERY_MR750w",
    "Modality": "MR",
    "PatientPosition": "HFS",
    "PercentPhaseFOV": 100,
    "PercentSampling": 62.5,
    "PixelBandwidth": 390.625,
    "ProcedureStepDescription": "MRI_Head",
    "ProtocolName": "SAG_FSPGR_BRAVO",
    "ReconMatrixPE": 256,
    "RepetitionTime": 0.007008,
    "SAR": 0.0417125,
    "ScanOptions": "FAST_GEMS_NPW_EDR_GEMS_ACC_GEMS_IR_GEMS",
    "ScanningSequence": "GR",
    "SequenceVariant": "SS_SK_OSP",
    "SeriesDescription": "SAG_FSPGR_BRAVO",
    "SeriesNumber": 2,
    "SliceThickness": 0.9,
    "SoftwareVersions": "27_LX_MR_Software_release:DV26.0_EB_1706.a",
    "SpacingBetweenSlices": 0.9,
    "StationName": "nnmr04",
    "dataset": "ds003342",
    "modality": "T1w",
    "session_id": "action",
    "subject_id": "JM15"
  },
  "cjv": 0.5384023206565474,
  "cnr": 2.4313234399675565,
  "efc": 0.5712133900779027,
  "fber": 3170.069561924,
  "fwhm_avg": 4.807152004650416,
  "fwhm_x": 4.764966792895179,
  "fwhm_y": 4.7424086808140125,
  "fwhm_z": 4.914080540242058,
  "icvs_csf": 0.17290746950166563,
  "icvs_gm": 0.38978821469123925,
  "icvs_wm": 0.4373043158070951,
  "inu_med": 0.8710821270942688,
  "inu_range": 1.0812433362007134,
  "provenance": {
    "md5sum": "986f6ff9f3bc4acb54050ee817f9ca57",
    "settings": {
      "testing": false
    },
    "software": "mriqc",
    "version": "22.0.6",
    "warnings": {
      "large_rot_frame": true,
      "small_air_mask": false
    },
    "webapi_port": null,
    "webapi_url": "https://mriqc.nimh.nih.gov/api/v1"
  },
  "qi_1": 0.0,
  "qi_2": 0.00034709234753273096,
  "rpve_csf": 29.850372183515553,
  "rpve_gm": 12.37015312235606,
  "rpve_wm": 12.647175543501517,
  "size_x": 196,
  "size_y": 256,
  "size_z": 256,
  "snr_csf": 2.310519712079132,
  "snr_gm": 8.578019931980956,
  "snr_total": 7.44421353306151,
  "snr_wm": 11.444100955124444,
  "snrd_csf": 8.69769997751663,
  "snrd_gm": 19.970428650239093,
  "snrd_total": 19.08456636120136,
  "snrd_wm": 28.58557045584836,
  "spacing_x": 0.8999999761581421,
  "spacing_y": 0.8984000086784363,
  "spacing_z": 0.8984000086784363,
  "summary_bg_k": 4.091352473439615,
  "summary_bg_mad": 22.917169685691174,
  "summary_bg_mean": 26.470331775612582,
  "summary_bg_median": 15.457396056503057,
  "summary_bg_n": 3118399.0,
  "summary_bg_p05": 0.0,
  "summary_bg_p95": 91.80923138186336,
  "summary_bg_stdv": 33.12406008067305,
  "summary_csf_k": 15.500870478412189,
  "summary_csf_mad": 112.54695432830542,
  "summary_csf_mean": 303.66348611018,
  "summary_csf_median": 304.2521622367203,
  "summary_csf_n": 18857.0,
  "summary_csf_p05": 90.31299945041538,
  "summary_csf_p95": 503.284014235437,
  "summary_csf_stdv": 131.6777749983751,
  "summary_gm_k": 0.16369705307959626,
  "summary_gm_mad": 79.06831320383486,
  "summary_gm_mean": 696.5667494409314,
  "summary_gm_median": 698.5807872582227,
  "summary_gm_n": 24816.0,
  "summary_gm_p05": 557.6626934939995,
  "summary_gm_p95": 828.9234917275608,
  "summary_gm_stdv": 81.4368254499749,
  "summary_wm_k": 0.5172615188398026,
  "summary_wm_mad": 83.18687928613879,
  "summary_wm_mean": 1002.3587678037532,
  "summary_wm_median": 999.9450018331409,
  "summary_wm_n": 238321.0,
  "summary_wm_p05": 863.0287784002721,
  "summary_wm_p95": 1149.898246139288,
  "summary_wm_stdv": 87.37627427936187,
  "tpm_overlap_csf": 0.12095857761766718,
  "tpm_overlap_gm": 0.42563425118452014,
  "tpm_overlap_wm": 0.46767394876353485,
  "wm2max": 0.3987977710499759
}