{
  "aor": 0.0013560112359550561,
  "aqi": 0.005934244213483146,
  "bids_meta": {
    "AcquisitionMatrixPE": 64,
    "AcquisitionNumber": 1,
    "AcquisitionTime": "12:19:2.000000",
    "BodyPartExamined": "BRAIN",
    "CoilString": "RM:HNU_FlexS",
    "ConversionSoftware": "dcm2niix",
    "ConversionSoftwareVersion": "v1.0.20200331",
    "DeviceSerialNumber": "00000070431MRS04",
    "EchoTime": 0.03,
    "EffectiveEchoSpacing": 0.000644,
    "FlipAngle": 78,
    "ImageOrientationPatientDICOM": [
      1,
      0,
      0,
      0,
      1,
      0
    ],
    "ImageType": [
      "ORIGINAL",
      "PRIMARY",
      "EPI",
      "NONE"
    ],
    "ImagingFrequency": 127.734,
    "InPlanePhaseEncodingDirectionDICOM": "COL",
    "InstitutionName": "N_and_N_University_Hospital",
    "MRAcquisitionType": "2D",
    "MagneticFieldStrength": 3,
    "Manufacturer": "GE",
    "ManufacturersModelName": "DISCOVERY_MR750w",
    "Modality": "MR",
    "PatientPosition": "HFS",
    "PercentPhaseFOV": 100,
    "PercentSampling": 100,
    "PhaseEncodingDirection": "j",
    "PhaseEncodingPolarityGE": "Flipped",
    "PixelBandwidth": 7812.5,
    "ProcedureStepDescription": "MRI_Head",
    "ProtocolName": "fMRI_3.3X3.3X3.3_NEW_180_volumes",
    "ReconMatrixPE": 64,
    "RepetitionTime": 2,
    "SAR": 0.0568468,
    "ScanOptions": "SAT_GEMS_EPI_GEMS_ACC_GEMS_FS",
    "ScanningSequence": "EP_GR",
    "SequenceVariant": "SS",
    "SeriesDescription": "fMRI_3.3X3.3X3.3_NEW_180_volumes",
    "SeriesNumber": 10,
    "SliceThickness": 3.3,
    "SliceTiming": [
      0,
      1.0285,
      0.0571001,
      1.0857,
      0.1142,
      1.1428,
      0.1714,
      1.2,
      0.2285,
      1.2571,
      0.2857,
      1.3143,
      0.3428,
      1.3714,
      0.4,
      1.4286,
      0.4571,
      1.4857,
      0.5142,
      1.5428,
      0.5714,
      1.6,
      0.6285,
      1.6571,
      0.6857,
      1.7143,
      0.7428,
      1.7714,
      0.8,
      1.8285,
      0.8571,
      1.8857,
      0.9143,
      1.9428,
      0.9714
    ],
    "SoftwareVersions": "27_LX_MR_Software_release:DV26.0_EA_1641.c",
    "SpacingBetweenSlices": 3.3,
    "StationName": "nnmr04",
    "TaskName": "grasp",
    "TotalReadoutTime": 0.040572,
    "dataset": "ds003342",
    "modality": "bold",
    "run_id": 4,
    "session_id": "action",
    "subject_id": "TS12",
    "task_id": "grasp"
  },
  "dummy_trs": 0,
  "dvars_nstd": 34.305056965593224,
  "dvars_std": 1.0348194845197738,
  "dvars_vstd": 1.0258745964971745,
  "efc": 0.4763196937472423,
  "fber": 2922.279052734375,
  "fd_mean": 0.18083427290404808,
  "fd_num": 64,
  "fd_perc": 35.95505617977528,
  "fwhm_avg": 2.5127234403555727,
  "fwhm_x": 2.5532105654755815,
  "fwhm_y": 2.6193514850529005,
  "fwhm_z": 2.365608270538236,
  "gcor": 0.021393,
  "gsr_x": 0.0009539822349324822,
  "gsr_y": 0.02667936123907566,
  "provenance": {
    "md5sum": "291abb61fc405be5af5a501aea20ea13",
    "settings": {
      "fd_thres": 0.2,
      "testing": false
    },
    "software": "mriqc",
    "version": "22.0.6",
    "webapi_port": null,
    "webapi_url": "https://mriqc.nimh.nih.gov/api/v1"
  },
  "size_t": 178,
  "size_x": 64,
  "size_y": 64,
  "size_z": 35,
  "snr": 4.6329526719109095,
  "spacing_tr": 2.0,
  "spacing_x": 3.2969000339508057,
  "spacing_y": 3.2969000339508057,
  "spacing_z": 3.3000011444091797,
  "summary_bg_k": 53.56547151323144,
  "summary_bg_mad": 19.65697278929056,
  "summary_bg_mean": 51.84874725341797,
  "summary_bg_median": 29.146068572998047,
  "summary_bg_n": 88887.0,
  "summary_bg_p05": 2.1123595237731934,
  "summary_bg_p95": 172.54157867431638,
  "summary_bg_stdv": 89.83216857910156,
  "summary_fg_k": -0.4181702187878522,
  "summary_fg_mad": 369.5802287572303,
  "summary_fg_mean": 1601.218017578125,
  "summary_fg_median": 1584.971923828125,
  "summary_fg_n": 23920.0,
  "summary_fg_p05": 1053.1733520507812,
  "summary_fg_p95": 2164.5370605468747,
  "summary_fg_stdv": 342.1012268066406,
  "tsnr": 38.8129256980028
}