{
  "aor": 0.0039604494382022475,
  "aqi": 0.006665293370786516,
  "bids_meta": {
    "AcquisitionMatrixPE": 64,
    "AcquisitionNumber": 1,
    "AcquisitionTime": "12:43:8.000000",
    "BodyPartExamined": "BRAIN",
    "CoilString": "RM:HNU_FlexS",
    "ConversionSoftware": "dcm2niix",
    "ConversionSoftwareVersion": "v1.0.20200331",
    "DeviceSerialNumber": "00000070431MRS04",
    "EchoTime": 0.03,
    "EffectiveEchoSpacing": 0.000644,
    "FlipAngle": 78,
    "ImageOrientationPatientDICOM": [
      1,
      0,
      0,
      0,
      1,
      0
    ],
    "ImageType": [
      "ORIGINAL",
      "PRIMARY",
      "EPI",
      "NONE"
    ],
    "ImagingFrequency": 127.734,
    "InPlanePhaseEncodingDirectionDICOM": "COL",
    "InstitutionName": "N_and_N_University_Hospital",
    "MRAcquisitionType": "2D",
    "MagneticFieldStrength": 3,
    "Manufacturer": "GE",
    "ManufacturersModelName": "DISCOVERY_MR750w",
    "Modality": "MR",
    "PatientPosition": "HFS",
    "PercentPhaseFOV": 100,
    "PercentSampling": 100,
    "PhaseEncodingDirection": "j",
    "PhaseEncodingPolarityGE": "Flipped",
    "PixelBandwidth": 7812.5,
    "ProcedureStepDescription": "MRI_Head",
    "ProtocolName": "fMRI_3.3X3.3X3.3_NEW_180_volumes",
    "ReconMatrixPE": 64,
    "RepetitionTime": 2,
    "SAR": 0.0568468,
    "ScanOptions": "SAT_GEMS_EPI_GEMS_ACC_GEMS_FS",
    "ScanningSequence": "EP_GR",
    "SequenceVariant": "SS",
    "SeriesDescription": "fMRI_3.3X3.3X3.3_NEW_180_volumes",
    "SeriesNumber": 13,
    "SliceThickness": 3.3,
    "SliceTiming": [
      0,
      1.0285,
      0.0571001,
      1.0857,
      0.1142,
      1.1428,
      0.1714,
      1.2,
      0.2285,
      1.2571,
      0.2857,
      1.3143,
      0.3428,
      1.3714,
      0.4,
      1.4286,
      0.4571,
      1.4857,
      0.5142,
      1.5428,
      0.5714,
      1.6,
      0.6285,
      1.6571,
      0.6857,
      1.7143,
      0.7428,
      1.7714,
      0.8,
      1.8285,
      0.8571,
      1.8857,
      0.9143,
      1.9428,
      0.9714
    ],
    "SoftwareVersions": "27_LX_MR_Software_release:DV26.0_EA_1641.c",
    "SpacingBetweenSlices": 3.3,
    "StationName": "nnmr04",
    "TaskName": "grasp",
    "TotalReadoutTime": 0.040572,
    "dataset": "ds003342",
    "modality": "bold",
    "run_id": 7,
    "session_id": "action",
    "subject_id": "TS12",
    "task_id": "grasp"
  },
  "dummy_trs": 0,
  "dvars_nstd": 31.922099980508474,
  "dvars_std": 1.0453158262146893,
  "dvars_vstd": 3.2925840419774013,
  "efc": 0.47823957955566987,
  "fber": 2800.0458984375,
  "fd_mean": 0.16819223385403792,
  "fd_num": 49,
  "fd_perc": 27.528089887640448,
  "fwhm_avg": 2.529585709635573,
  "fwhm_x": 2.580202588006929,
  "fwhm_y": 2.652506873106632,
  "fwhm_z": 2.356047667793158,
  "gcor": 0.0097306,
  "gsr_x": 0.0016329261707141995,
  "gsr_y": 0.025351600721478462,
  "provenance": {
    "md5sum": "64cc930213752382f6f315395fed4295",
    "settings": {
      "fd_thres": 0.2,
      "testing": false
    },
    "software": "mriqc",
    "version": "22.0.6",
    "webapi_port": null,
    "webapi_url": "https://mriqc.nimh.nih.gov/api/v1"
  },
  "size_t": 178,
  "size_x": 64,
  "size_y": 64,
  "size_z": 35,
  "snr": 5.152989640782611,
  "spacing_tr": 2.0,
  "spacing_x": 3.2969000339508057,
  "spacing_y": 3.2969000339508057,
  "spacing_z": 3.3000011444091797,
  "summary_bg_k": 53.04026679991936,
  "summary_bg_mad": 314.81145133227005,
  "summary_bg_mean": 829.9268798828125,
  "summary_bg_median": 474.8314514160156,
  "summary_bg_n": 89198.0,
  "summary_bg_p05": 36.572472763061555,
  "summary_bg_p95": 2714.5946533203105,
  "summary_bg_stdv": 1406.8433837890625,
  "summary_fg_k": -0.7274862864496567,
  "summary_fg_mad": 5771.674878296193,
  "summary_fg_mean": 25347.375,
  "summary_fg_median": 25362.13671875,
  "summary_fg_n": 23894.0,
  "summary_fg_p05": 17105.45,
  "summary_fg_p95": 32676.1447265625,
  "summary_fg_stdv": 4921.7265625,
  "tsnr": 40.137067794799805
}