{
  "aor": 0.001033483146067416,
  "aqi": 0.008280092022471909,
  "bids_meta": {
    "AcquisitionMatrixPE": 64,
    "AcquisitionNumber": 1,
    "AcquisitionTime": "11:46:33.000000",
    "BodyPartExamined": "BRAIN",
    "CoilString": "RM:HNU_FlexS",
    "ConversionSoftware": "dcm2niix",
    "ConversionSoftwareVersion": "v1.0.20200331",
    "DeviceSerialNumber": "00000070431MRS04",
    "EchoTime": 0.03,
    "EffectiveEchoSpacing": 0.000644,
    "FlipAngle": 78,
    "ImageOrientationPatientDICOM": [
      1,
      0,
      0,
      0,
      1,
      0
    ],
    "ImageType": [
      "ORIGINAL",
      "PRIMARY",
      "EPI",
      "NONE"
    ],
    "ImagingFrequency": 127.734,
    "InPlanePhaseEncodingDirectionDICOM": "COL",
    "InstitutionName": "N_and_N_University_Hospital",
    "MRAcquisitionType": "2D",
    "MagneticFieldStrength": 3,
    "Manufacturer": "GE",
    "ManufacturersModelName": "DISCOVERY_MR750w",
    "Modality": "MR",
    "PatientPosition": "HFS",
    "PercentPhaseFOV": 100,
    "PercentSampling": 100,
    "PhaseEncodingDirection": "j",
    "PhaseEncodingPolarityGE": "Flipped",
    "PixelBandwidth": 7812.5,
    "ProcedureStepDescription": "MRI_Head",
    "ProtocolName": "fMRI_3.3X3.3X3.3_NEW_180_volumes",
    "ReconMatrixPE": 64,
    "RepetitionTime": 2,
    "SAR": 0.0568468,
    "ScanOptions": "SAT_GEMS_EPI_GEMS_ACC_GEMS_FS",
    "ScanningSequence": "EP_GR",
    "SequenceVariant": "SS",
    "SeriesDescription": "fMRI_3.3X3.3X3.3_NEW_180_volumes",
    "SeriesNumber": 7,
    "SliceThickness": 3.3,
    "SliceTiming": [
      0,
      1.0285,
      0.0571001,
      1.0857,
      0.1142,
      1.1428,
      0.1714,
      1.2,
      0.2285,
      1.2571,
      0.2857,
      1.3143,
      0.3428,
      1.3714,
      0.4,
      1.4286,
      0.4571,
      1.4857,
      0.5142,
      1.5428,
      0.5714,
      1.6,
      0.6285,
      1.6571,
      0.6857,
      1.7143,
      0.7428,
      1.7714,
      0.8,
      1.8285,
      0.8571,
      1.8857,
      0.9143,
      1.9428,
      0.9714
    ],
    "SoftwareVersions": "27_LX_MR_Software_release:DV26.0_EA_1641.c",
    "SpacingBetweenSlices": 3.3,
    "StationName": "nnmr04",
    "TaskName": "grasp",
    "TotalReadoutTime": 0.040572,
    "dataset": "ds003342",
    "modality": "bold",
    "run_id": 1,
    "session_id": "action",
    "subject_id": "TS12",
    "task_id": "grasp"
  },
  "dummy_trs": 0,
  "dvars_nstd": 34.518491572372895,
  "dvars_std": 1.0162235740677967,
  "dvars_vstd": 1.008931919096045,
  "efc": 0.4798460013200195,
  "fber": 2983.947509765625,
  "fd_mean": 0.2594457720657428,
  "fd_num": 88,
  "fd_perc": 49.438202247191015,
  "fwhm_avg": 2.500614423261308,
  "fwhm_x": 2.536334105944801,
  "fwhm_y": 2.6300008828624923,
  "fwhm_z": 2.3355082809766317,
  "gcor": 0.0188098,
  "gsr_x": -0.00036041426938027143,
  "gsr_y": 0.026188090443611145,
  "provenance": {
    "md5sum": "85ba05535f6046169b6c78299c1c94bc",
    "settings": {
      "fd_thres": 0.2,
      "testing": false
    },
    "software": "mriqc",
    "version": "22.0.6",
    "webapi_port": null,
    "webapi_url": "https://mriqc.nimh.nih.gov/api/v1"
  },
  "size_t": 178,
  "size_x": 64,
  "size_y": 64,
  "size_z": 35,
  "snr": 4.722131222791947,
  "spacing_tr": 2.0,
  "spacing_x": 3.2969000339508057,
  "spacing_y": 3.2969000339508057,
  "spacing_z": 3.3000011444091797,
  "summary_bg_k": 55.879495667957976,
  "summary_bg_mad": 19.9901417477233,
  "summary_bg_mean": 53.057464599609375,
  "summary_bg_median": 29.0112361907959,
  "summary_bg_n": 88217.0,
  "summary_bg_p05": 2.9213483333587646,
  "summary_bg_p95": 180.44494323730459,
  "summary_bg_stdv": 92.9604263305664,
  "summary_fg_k": -0.3486386565430082,
  "summary_fg_mad": 358.9062891035409,
  "summary_fg_mean": 1612.187744140625,
  "summary_fg_median": 1597.699462890625,
  "summary_fg_n": 24272.0,
  "summary_fg_p05": 1070.1901428222657,
  "summary_fg_p95": 2167.251110839844,
  "summary_fg_stdv": 338.3359069824219,
  "tsnr": 35.4639805406332
}