{
  "bids_meta": {
    "AcquisitionMatrixPE": 256,
    "AcquisitionNumber": 1,
    "AcquisitionTime": "16:13:2.000000",
    "BodyPartExamined": "BRAIN",
    "CoilString": "Head+Neck_40",
    "ConversionSoftware": "dcm2niix",
    "ConversionSoftwareVersion": "v1.0.20200331",
    "DeviceSerialNumber": "00000070431MRS04",
    "EchoTime": 0.002612,
    "FlipAngle": 9,
    "ImageOrientationPatientDICOM": [
      -0.000631249,
      0.998161,
      0.0606187,
      0.0103937,
      0.060622,
      -0.998107
    ],
    "ImageType": [
      "ORIGINAL",
      "PRIMARY",
      "OTHER"
    ],
    "ImagingFrequency": 127.734,
    "InPlanePhaseEncodingDirectionDICOM": "ROW",
    "InstitutionName": "N_and_N_University_Hospital",
    "InversionTime": 0.9,
    "MRAcquisitionType": "3D",
    "MagneticFieldStrength": 3,
    "Manufacturer": "GE",
    "ManufacturersModelName": "DISCOVERY_MR750w",
    "Modality": "MR",
    "PatientPosition": "HFS",
    "PercentPhaseFOV": 100,
    "PercentSampling": 62.5,
    "PixelBandwidth": 390.625,
    "ProcedureStepDescription": "MRI_Head",
    "ProtocolName": "SAG_FSPGR_BRAVO",
    "ReconMatrixPE": 256,
    "RepetitionTime": 0.007072,
    "SAR": 0.0523268,
    "ScanOptions": "FAST_GEMS_NPW_EDR_GEMS_ACC_GEMS_IR_GEMS",
    "ScanningSequence": "GR",
    "SequenceVariant": "SS_SK_OSP",
    "SeriesDescription": "SAG_FSPGR_BRAVO",
    "SeriesNumber": 2,
    "SliceThickness": 0.9,
    "SoftwareVersions": "27_LX_MR_Software_release:DV26.0_EB_1706.a",
    "SpacingBetweenSlices": 0.9,
    "StationName": "nnmr04",
    "dataset": "ds003342",
    "modality": "T1w",
    "session_id": "localiser",
    "subject_id": "MC17"
  },
  "cjv": 0.42100927598440363,
  "cnr": 3.175316522658422,
  "efc": 0.5977298002466627,
  "fber": 26304.78515625,
  "fwhm_avg": 4.391960950929903,
  "fwhm_x": 4.323044558966016,
  "fwhm_y": 4.571649555126036,
  "fwhm_z": 4.281188738697659,
  "icvs_csf": 0.18072642817910742,
  "icvs_gm": 0.4115867397977964,
  "icvs_wm": 0.40768683202309614,
  "inu_med": 0.4834040254354477,
  "inu_range": 0.18666466176509855,
  "provenance": {
    "md5sum": "c83b33cdec1db56c39ef3a2ecca982bf",
    "settings": {
      "testing": false
    },
    "software": "mriqc",
    "version": "22.0.6",
    "warnings": {
      "large_rot_frame": true,
      "small_air_mask": false
    },
    "webapi_port": null,
    "webapi_url": "https://mriqc.nimh.nih.gov/api/v1"
  },
  "qi_1": 0.0,
  "qi_2": 0.00028962227904827387,
  "rpve_csf": 23.75697313520649,
  "rpve_gm": 10.667175076113624,
  "rpve_wm": 12.305325818295838,
  "size_x": 196,
  "size_y": 256,
  "size_z": 256,
  "snr_csf": 2.7009433377000573,
  "snr_gm": 13.853093918865007,
  "snr_total": 11.879029214500859,
  "snr_wm": 19.08305038693751,
  "snrd_csf": 9.845792039531805,
  "snrd_gm": 22.989196540915458,
  "snrd_total": 21.147326861684615,
  "snrd_wm": 30.606992004606578,
  "spacing_x": 0.8999999761581421,
  "spacing_y": 0.8984000086784363,
  "spacing_z": 0.8984000086784363,
  "summary_bg_k": 3865.0904894472174,
  "summary_bg_mad": 0.0,
  "summary_bg_mean": 6.779412635469459,
  "summary_bg_median": 0.0,
  "summary_bg_n": 2665224.0,
  "summary_bg_p05": 0.0,
  "summary_bg_p95": 25.928074099123478,
  "summary_bg_stdv": 21.405416013022556,
  "summary_csf_k": 4.692641705362099,
  "summary_csf_mad": 99.4564649647761,
  "summary_csf_mean": 328.62266463986714,
  "summary_csf_median": 321.693733677268,
  "summary_csf_n": 41411.0,
  "summary_csf_p05": 140.63224978372455,
  "summary_csf_p95": 529.8868879508227,
  "summary_csf_stdv": 119.10277605814227,
  "summary_gm_k": 0.13294118225054818,
  "summary_gm_mad": 53.31864096684927,
  "summary_gm_mean": 750.9807636197584,
  "summary_gm_median": 751.1310862340033,
  "summary_gm_n": 49229.0,
  "summary_gm_p05": 661.6705298960209,
  "summary_gm_p95": 838.6078838825225,
  "summary_gm_stdv": 54.22062837696699,
  "summary_wm_k": 0.220521601036483,
  "summary_wm_mad": 51.469688094611755,
  "summary_wm_mean": 1003.6334976374826,
  "summary_wm_median": 1000.0289966575801,
  "summary_wm_n": 338633.0,
  "summary_wm_p05": 923.6948903612792,
  "summary_wm_p95": 1095.4466295279562,
  "summary_wm_stdv": 52.40396581321552,
  "tpm_overlap_csf": 0.1366463213908262,
  "tpm_overlap_gm": 0.44793943861412633,
  "tpm_overlap_wm": 0.5056795844841717,
  "wm2max": 0.60563108160326
}