{
  "aor": 0.0007135393258426967,
  "aqi": 0.008781665617977528,
  "bids_meta": {
    "AcquisitionMatrixPE": 64,
    "AcquisitionNumber": 1,
    "AcquisitionTime": "10:57:9.000000",
    "BodyPartExamined": "BRAIN",
    "CoilString": "RM:HNU_FlexS",
    "ConversionSoftware": "dcm2niix",
    "ConversionSoftwareVersion": "v1.0.20200331",
    "DeviceSerialNumber": "00000070431MRS04",
    "EchoTime": 0.03,
    "EffectiveEchoSpacing": 0.000644,
    "FlipAngle": 78,
    "ImageOrientationPatientDICOM": [
      1,
      0,
      0,
      0,
      1,
      0
    ],
    "ImageType": [
      "ORIGINAL",
      "PRIMARY",
      "EPI",
      "NONE"
    ],
    "ImagingFrequency": 127.734,
    "InPlanePhaseEncodingDirectionDICOM": "COL",
    "InstitutionName": "N_and_N_University_Hospital",
    "MRAcquisitionType": "2D",
    "MagneticFieldStrength": 3,
    "Manufacturer": "GE",
    "ManufacturersModelName": "DISCOVERY_MR750w",
    "Modality": "MR",
    "PatientPosition": "HFS",
    "PercentPhaseFOV": 100,
    "PercentSampling": 100,
    "PhaseEncodingDirection": "j",
    "PhaseEncodingPolarityGE": "Flipped",
    "PixelBandwidth": 7812.5,
    "ProcedureStepDescription": "MRI_Head",
    "ProtocolName": "fMRI_1_PartA",
    "ReconMatrixPE": 64,
    "RepetitionTime": 2,
    "SAR": 0.0712428,
    "ScanOptions": "SAT_GEMS_EPI_GEMS_ACC_GEMS_FS",
    "ScanningSequence": "EP_GR",
    "SequenceVariant": "SS",
    "SeriesDescription": "fMRI_1_PartA",
    "SeriesNumber": 4,
    "SliceThickness": 3.3,
    "SliceTiming": [
      0,
      1.0285,
      0.0571001,
      1.0857,
      0.1142,
      1.1428,
      0.1714,
      1.2,
      0.2285,
      1.2571,
      0.2857,
      1.3143,
      0.3428,
      1.3714,
      0.4,
      1.4286,
      0.4571,
      1.4857,
      0.5142,
      1.5428,
      0.5714,
      1.6,
      0.6285,
      1.6571,
      0.6857,
      1.7143,
      0.7428,
      1.7714,
      0.8,
      1.8285,
      0.8571,
      1.8857,
      0.9143,
      1.9428,
      0.9714
    ],
    "SoftwareVersions": "27_LX_MR_Software_release:DV26.0_EB_1706.a",
    "SpacingBetweenSlices": 3.3,
    "StationName": "nnmr04",
    "TaskName": "grasp",
    "TotalReadoutTime": 0.040572,
    "dataset": "ds003342",
    "modality": "bold",
    "run_id": 1,
    "session_id": "action",
    "subject_id": "KL04",
    "task_id": "grasp"
  },
  "dummy_trs": 0,
  "dvars_nstd": 39.23646631598873,
  "dvars_std": 1.0192486681920905,
  "dvars_vstd": 1.0045548049152542,
  "efc": 0.5228056185915839,
  "fber": 3193.250732421875,
  "fd_mean": 0.2064821423693901,
  "fd_num": 62,
  "fd_perc": 34.831460674157306,
  "fwhm_avg": 3.0301100869759963,
  "fwhm_x": 3.0969698489051467,
  "fwhm_y": 3.1184748988823636,
  "fwhm_z": 2.8748855131404794,
  "gcor": 0.0190497,
  "gsr_x": -0.005315257236361504,
  "gsr_y": 0.047552283853292465,
  "provenance": {
    "md5sum": "bd7811793c8a99b9e2879184908677b0",
    "settings": {
      "fd_thres": 0.2,
      "testing": false
    },
    "software": "mriqc",
    "version": "22.0.6",
    "webapi_port": null,
    "webapi_url": "https://mriqc.nimh.nih.gov/api/v1"
  },
  "size_t": 178,
  "size_x": 64,
  "size_y": 64,
  "size_z": 35,
  "snr": 3.5717263140420785,
  "spacing_tr": 2.0,
  "spacing_x": 3.2969000339508057,
  "spacing_y": 3.2969000339508057,
  "spacing_z": 3.299999237060547,
  "summary_bg_k": 30.98747243712706,
  "summary_bg_mad": 17.641300237292576,
  "summary_bg_mean": 64.5243911743164,
  "summary_bg_median": 25.0,
  "summary_bg_n": 81282.0,
  "summary_bg_p05": 3.5786516666412354,
  "summary_bg_p95": 283.98596038818346,
  "summary_bg_stdv": 122.12372589111328,
  "summary_fg_k": 0.7107782732102819,
  "summary_fg_mad": 389.3828861723238,
  "summary_fg_mean": 1477.58740234375,
  "summary_fg_median": 1411.3426513671875,
  "summary_fg_n": 30277.0,
  "summary_fg_p05": 955.9292358398437,
  "summary_fg_p95": 2220.4056640625,
  "summary_fg_stdv": 395.136474609375,
  "tsnr": 32.6035729132127
}