{
  "aor": 0.0006210112359550561,
  "aqi": 0.005794620617977528,
  "bids_meta": {
    "AcquisitionMatrixPE": 64,
    "AcquisitionNumber": 1,
    "AcquisitionTime": "11:30:53.000000",
    "BodyPartExamined": "BRAIN",
    "CoilString": "RM:HNU_FlexS",
    "ConversionSoftware": "dcm2niix",
    "ConversionSoftwareVersion": "v1.0.20200331",
    "DeviceSerialNumber": "00000070431MRS04",
    "EchoTime": 0.03,
    "EffectiveEchoSpacing": 0.000644,
    "FlipAngle": 78,
    "ImageOrientationPatientDICOM": [
      1,
      0,
      0,
      0,
      1,
      0
    ],
    "ImageType": [
      "ORIGINAL",
      "PRIMARY",
      "EPI",
      "NONE"
    ],
    "ImagingFrequency": 127.734,
    "InPlanePhaseEncodingDirectionDICOM": "COL",
    "InstitutionName": "N_and_N_University_Hospital",
    "MRAcquisitionType": "2D",
    "MagneticFieldStrength": 3,
    "Manufacturer": "GE",
    "ManufacturersModelName": "DISCOVERY_MR750w",
    "Modality": "MR",
    "PatientPosition": "HFS",
    "PercentPhaseFOV": 100,
    "PercentSampling": 100,
    "PhaseEncodingDirection": "j",
    "PhaseEncodingPolarityGE": "Flipped",
    "PixelBandwidth": 7812.5,
    "ProcedureStepDescription": "MRI_Head",
    "ProtocolName": "fMRI_5_PartA",
    "ReconMatrixPE": 64,
    "RepetitionTime": 2,
    "SAR": 0.0705033,
    "ScanOptions": "SAT_GEMS_EPI_GEMS_ACC_GEMS_FS",
    "ScanningSequence": "EP_GR",
    "SequenceVariant": "SS",
    "SeriesDescription": "fMRI_5_PartA",
    "SeriesNumber": 8,
    "SliceThickness": 3.3,
    "SliceTiming": [
      0,
      1.0285,
      0.0571001,
      1.0857,
      0.1142,
      1.1428,
      0.1714,
      1.2,
      0.2285,
      1.2571,
      0.2857,
      1.3143,
      0.3428,
      1.3714,
      0.4,
      1.4286,
      0.4571,
      1.4857,
      0.5142,
      1.5428,
      0.5714,
      1.6,
      0.6285,
      1.6571,
      0.6857,
      1.7143,
      0.7428,
      1.7714,
      0.8,
      1.8285,
      0.8571,
      1.8857,
      0.9143,
      1.9428,
      0.9714
    ],
    "SoftwareVersions": "27_LX_MR_Software_release:DV26.0_EB_1706.a",
    "SpacingBetweenSlices": 3.3,
    "StationName": "nnmr04",
    "TaskName": "grasp",
    "TotalReadoutTime": 0.040572,
    "dataset": "ds003342",
    "modality": "bold",
    "run_id": 5,
    "session_id": "action",
    "subject_id": "KL04",
    "task_id": "grasp"
  },
  "dummy_trs": 0,
  "dvars_nstd": 38.15121431920904,
  "dvars_std": 1.0294876194915257,
  "dvars_vstd": 1.0141470874576268,
  "efc": 0.5167222872746338,
  "fber": 3204.04736328125,
  "fd_mean": 0.16565459501028723,
  "fd_num": 45,
  "fd_perc": 25.280898876404493,
  "fwhm_avg": 3.1228285952718813,
  "fwhm_x": 3.1957292885748476,
  "fwhm_y": 3.2239679367113623,
  "fwhm_z": 2.948788560529434,
  "gcor": 0.0195634,
  "gsr_x": -0.0040709651075303555,
  "gsr_y": 0.05126626789569855,
  "provenance": {
    "md5sum": "6754f6ffd05a1140d951b98fcc80beca",
    "settings": {
      "fd_thres": 0.2,
      "testing": false
    },
    "software": "mriqc",
    "version": "22.0.6",
    "webapi_port": null,
    "webapi_url": "https://mriqc.nimh.nih.gov/api/v1"
  },
  "size_t": 178,
  "size_x": 64,
  "size_y": 64,
  "size_z": 35,
  "snr": 3.3896991153509792,
  "spacing_tr": 2.0,
  "spacing_x": 3.2969000339508057,
  "spacing_y": 3.2969000339508057,
  "spacing_z": 3.299999237060547,
  "summary_bg_k": 27.075343943983743,
  "summary_bg_mad": 17.932824313100923,
  "summary_bg_mean": 64.03516387939453,
  "summary_bg_median": 24.949438095092773,
  "summary_bg_n": 82248.0,
  "summary_bg_p05": 3.2154494285583515,
  "summary_bg_p95": 287.2505706787102,
  "summary_bg_stdv": 119.23361206054688,
  "summary_fg_k": 0.9279805725537558,
  "summary_fg_mad": 396.5877682913067,
  "summary_fg_mean": 1487.725341796875,
  "summary_fg_median": 1412.44384765625,
  "summary_fg_n": 29755.0,
  "summary_fg_p05": 948.51123046875,
  "summary_fg_p95": 2290.5988281249997,
  "summary_fg_stdv": 416.6800842285156,
  "tsnr": 35.68299160851166
}