{
  "aor": 0.0010812359550561798,
  "aqi": 0.006485377921348315,
  "bids_meta": {
    "AcquisitionMatrixPE": 64,
    "AcquisitionNumber": 1,
    "AcquisitionTime": "11:08:5.000000",
    "BodyPartExamined": "BRAIN",
    "CoilString": "RM:HNU_FlexS",
    "ConversionSoftware": "dcm2niix",
    "ConversionSoftwareVersion": "v1.0.20200331",
    "DeviceSerialNumber": "00000070431MRS04",
    "EchoTime": 0.03,
    "EffectiveEchoSpacing": 0.000644,
    "FlipAngle": 78,
    "ImageOrientationPatientDICOM": [
      1,
      0,
      0,
      0,
      1,
      0
    ],
    "ImageType": [
      "ORIGINAL",
      "PRIMARY",
      "EPI",
      "NONE"
    ],
    "ImagingFrequency": 127.734,
    "InPlanePhaseEncodingDirectionDICOM": "COL",
    "InstitutionName": "N_and_N_University_Hospital",
    "MRAcquisitionType": "2D",
    "MagneticFieldStrength": 3,
    "Manufacturer": "GE",
    "ManufacturersModelName": "DISCOVERY_MR750w",
    "Modality": "MR",
    "PatientPosition": "HFS",
    "PercentPhaseFOV": 100,
    "PercentSampling": 100,
    "PhaseEncodingDirection": "j",
    "PhaseEncodingPolarityGE": "Flipped",
    "PixelBandwidth": 7812.5,
    "ProcedureStepDescription": "MRI_Head",
    "ProtocolName": "fMRI_2_PartA",
    "ReconMatrixPE": 64,
    "RepetitionTime": 2,
    "SAR": 0.0705033,
    "ScanOptions": "SAT_GEMS_EPI_GEMS_ACC_GEMS_FS",
    "ScanningSequence": "EP_GR",
    "SequenceVariant": "SS",
    "SeriesDescription": "fMRI_2_PartA",
    "SeriesNumber": 5,
    "SliceThickness": 3.3,
    "SliceTiming": [
      0,
      1.0285,
      0.0571001,
      1.0857,
      0.1142,
      1.1428,
      0.1714,
      1.2,
      0.2285,
      1.2571,
      0.2857,
      1.3143,
      0.3428,
      1.3714,
      0.4,
      1.4286,
      0.4571,
      1.4857,
      0.5142,
      1.5428,
      0.5714,
      1.6,
      0.6285,
      1.6571,
      0.6857,
      1.7143,
      0.7428,
      1.7714,
      0.8,
      1.8285,
      0.8571,
      1.8857,
      0.9143,
      1.9428,
      0.9714
    ],
    "SoftwareVersions": "27_LX_MR_Software_release:DV26.0_EB_1706.a",
    "SpacingBetweenSlices": 3.3,
    "StationName": "nnmr04",
    "TaskName": "grasp",
    "TotalReadoutTime": 0.040572,
    "dataset": "ds003342",
    "modality": "bold",
    "run_id": 2,
    "session_id": "action",
    "subject_id": "KL04",
    "task_id": "grasp"
  },
  "dummy_trs": 0,
  "dvars_nstd": 39.03873934994349,
  "dvars_std": 1.0481591765536724,
  "dvars_vstd": 1.0231055795480224,
  "efc": 0.5211408160497943,
  "fber": 3101.2060546875,
  "fd_mean": 0.16171500540927403,
  "fd_num": 48,
  "fd_perc": 26.96629213483146,
  "fwhm_avg": 2.9862649522344866,
  "fwhm_x": 3.045618580059691,
  "fwhm_y": 3.0708544073954376,
  "fwhm_z": 2.8423218692483307,
  "gcor": 0.0194863,
  "gsr_x": -0.004350560251623392,
  "gsr_y": 0.05051584169268608,
  "provenance": {
    "md5sum": "ab2f0b3accda7567c0ca1deb0e44cfa9",
    "settings": {
      "fd_thres": 0.2,
      "testing": false
    },
    "software": "mriqc",
    "version": "22.0.6",
    "webapi_port": null,
    "webapi_url": "https://mriqc.nimh.nih.gov/api/v1"
  },
  "size_t": 178,
  "size_x": 64,
  "size_y": 64,
  "size_z": 35,
  "snr": 3.586101553376283,
  "spacing_tr": 2.0,
  "spacing_x": 3.2969000339508057,
  "spacing_y": 3.2969000339508057,
  "spacing_z": 3.299999237060547,
  "summary_bg_k": 28.739156670064958,
  "summary_bg_mad": 18.099407378397636,
  "summary_bg_mean": 64.28591918945312,
  "summary_bg_median": 25.37640380859375,
  "summary_bg_n": 81732.0,
  "summary_bg_p05": 2.935674238204957,
  "summary_bg_p95": 283.0677078247069,
  "summary_bg_stdv": 120.35318756103516,
  "summary_fg_k": 0.6998165553802349,
  "summary_fg_mad": 384.5103154290589,
  "summary_fg_mean": 1478.658935546875,
  "summary_fg_median": 1413.7191162109375,
  "summary_fg_n": 30145.0,
  "summary_fg_p05": 956.1078735351563,
  "summary_fg_p95": 2216.474169921875,
  "summary_fg_stdv": 394.2151794433594,
  "tsnr": 34.99179339478724
}