{
  "aor": 0.0006968539325842697,
  "aqi": 0.00842865679775281,
  "bids_meta": {
    "AcquisitionMatrixPE": 64,
    "AcquisitionNumber": 1,
    "AcquisitionTime": "11:23:47.000000",
    "BodyPartExamined": "BRAIN",
    "CoilString": "RM:HNU_FlexS",
    "ConversionSoftware": "dcm2niix",
    "ConversionSoftwareVersion": "v1.0.20200331",
    "DeviceSerialNumber": "00000070431MRS04",
    "EchoTime": 0.03,
    "EffectiveEchoSpacing": 0.000644,
    "FlipAngle": 78,
    "ImageOrientationPatientDICOM": [
      1,
      0,
      0,
      0,
      1,
      0
    ],
    "ImageType": [
      "ORIGINAL",
      "PRIMARY",
      "EPI",
      "NONE"
    ],
    "ImagingFrequency": 127.734,
    "InPlanePhaseEncodingDirectionDICOM": "COL",
    "InstitutionName": "N_and_N_University_Hospital",
    "MRAcquisitionType": "2D",
    "MagneticFieldStrength": 3,
    "Manufacturer": "GE",
    "ManufacturersModelName": "DISCOVERY_MR750w",
    "Modality": "MR",
    "PatientPosition": "HFS",
    "PercentPhaseFOV": 100,
    "PercentSampling": 100,
    "PhaseEncodingDirection": "j",
    "PhaseEncodingPolarityGE": "Flipped",
    "PixelBandwidth": 7812.5,
    "ProcedureStepDescription": "MRI_Head",
    "ProtocolName": "fMRI_4_PartA",
    "ReconMatrixPE": 64,
    "RepetitionTime": 2,
    "SAR": 0.0705033,
    "ScanOptions": "SAT_GEMS_EPI_GEMS_ACC_GEMS_FS",
    "ScanningSequence": "EP_GR",
    "SequenceVariant": "SS",
    "SeriesDescription": "fMRI_4_PartA",
    "SeriesNumber": 7,
    "SliceThickness": 3.3,
    "SliceTiming": [
      0,
      1.0285,
      0.0571001,
      1.0857,
      0.1142,
      1.1428,
      0.1714,
      1.2,
      0.2285,
      1.2571,
      0.2857,
      1.3143,
      0.3428,
      1.3714,
      0.4,
      1.4286,
      0.4571,
      1.4857,
      0.5142,
      1.5428,
      0.5714,
      1.6,
      0.6285,
      1.6571,
      0.6857,
      1.7143,
      0.7428,
      1.7714,
      0.8,
      1.8285,
      0.8571,
      1.8857,
      0.9143,
      1.9428,
      0.9714
    ],
    "SoftwareVersions": "27_LX_MR_Software_release:DV26.0_EB_1706.a",
    "SpacingBetweenSlices": 3.3,
    "StationName": "nnmr04",
    "TaskName": "grasp",
    "TotalReadoutTime": 0.040572,
    "dataset": "ds003342",
    "modality": "bold",
    "run_id": 4,
    "session_id": "action",
    "subject_id": "KL04",
    "task_id": "grasp"
  },
  "dummy_trs": 0,
  "dvars_nstd": 39.85605373480226,
  "dvars_std": 1.0217592096045198,
  "dvars_vstd": 1.0059445454237281,
  "efc": 0.5193382891809462,
  "fber": 3035.796630859375,
  "fd_mean": 0.19037053548703783,
  "fd_num": 61,
  "fd_perc": 34.26966292134831,
  "fwhm_avg": 3.120309746201963,
  "fwhm_x": 3.2010676366651016,
  "fwhm_y": 3.1842336412668577,
  "fwhm_z": 2.97562796067393,
  "gcor": 0.0175495,
  "gsr_x": -0.004943189211189747,
  "gsr_y": 0.0519159771502018,
  "provenance": {
    "md5sum": "efab034bb55e89034a95693e406f2295",
    "settings": {
      "fd_thres": 0.2,
      "testing": false
    },
    "software": "mriqc",
    "version": "22.0.6",
    "webapi_port": null,
    "webapi_url": "https://mriqc.nimh.nih.gov/api/v1"
  },
  "size_t": 178,
  "size_x": 64,
  "size_y": 64,
  "size_z": 35,
  "snr": 3.406243930362071,
  "spacing_tr": 2.0,
  "spacing_x": 3.2969000339508057,
  "spacing_y": 3.2969000339508057,
  "spacing_z": 3.299999237060547,
  "summary_bg_k": 28.423636304134295,
  "summary_bg_mad": 18.265992564573832,
  "summary_bg_mean": 64.89984130859375,
  "summary_bg_median": 25.398876190185547,
  "summary_bg_n": 81969.0,
  "summary_bg_p05": 3.2146067619323824,
  "summary_bg_p95": 287.20899658203115,
  "summary_bg_stdv": 121.32604217529297,
  "summary_fg_k": 0.8321179851436975,
  "summary_fg_mad": 393.5892632185283,
  "summary_fg_mean": 1477.4388427734375,
  "summary_fg_median": 1403.8736572265625,
  "summary_fg_n": 29862.0,
  "summary_fg_p05": 940.1767211914063,
  "summary_fg_p95": 2264.4854003906244,
  "summary_fg_stdv": 412.1402282714844,
  "tsnr": 32.598243164713494
}