{
  "aor": 0.00039629213483146063,
  "aqi": 0.007250710056179775,
  "bids_meta": {
    "AcquisitionMatrixPE": 64,
    "AcquisitionNumber": 1,
    "AcquisitionTime": "11:37:52.000000",
    "BodyPartExamined": "BRAIN",
    "CoilString": "RM:HNU_FlexS",
    "ConversionSoftware": "dcm2niix",
    "ConversionSoftwareVersion": "v1.0.20200331",
    "DeviceSerialNumber": "00000070431MRS04",
    "EchoTime": 0.03,
    "EffectiveEchoSpacing": 0.000644,
    "FlipAngle": 78,
    "ImageOrientationPatientDICOM": [
      1,
      0,
      0,
      0,
      1,
      0
    ],
    "ImageType": [
      "ORIGINAL",
      "PRIMARY",
      "EPI",
      "NONE"
    ],
    "ImagingFrequency": 127.734,
    "InPlanePhaseEncodingDirectionDICOM": "COL",
    "InstitutionName": "N_and_N_University_Hospital",
    "MRAcquisitionType": "2D",
    "MagneticFieldStrength": 3,
    "Manufacturer": "GE",
    "ManufacturersModelName": "DISCOVERY_MR750w",
    "Modality": "MR",
    "PatientPosition": "HFS",
    "PercentPhaseFOV": 100,
    "PercentSampling": 100,
    "PhaseEncodingDirection": "j",
    "PhaseEncodingPolarityGE": "Flipped",
    "PixelBandwidth": 7812.5,
    "ProcedureStepDescription": "MRI_Head",
    "ProtocolName": "fMRI_6_PartA",
    "ReconMatrixPE": 64,
    "RepetitionTime": 2,
    "SAR": 0.0705033,
    "ScanOptions": "SAT_GEMS_EPI_GEMS_ACC_GEMS_FS",
    "ScanningSequence": "EP_GR",
    "SequenceVariant": "SS",
    "SeriesDescription": "fMRI_6_PartA",
    "SeriesNumber": 9,
    "SliceThickness": 3.3,
    "SliceTiming": [
      0,
      1.0285,
      0.0571001,
      1.0857,
      0.1142,
      1.1428,
      0.1714,
      1.2,
      0.2285,
      1.2571,
      0.2857,
      1.3143,
      0.3428,
      1.3714,
      0.4,
      1.4286,
      0.4571,
      1.4857,
      0.5142,
      1.5428,
      0.5714,
      1.6,
      0.6285,
      1.6571,
      0.6857,
      1.7143,
      0.7428,
      1.7714,
      0.8,
      1.8285,
      0.8571,
      1.8857,
      0.9143,
      1.9428,
      0.9714
    ],
    "SoftwareVersions": "27_LX_MR_Software_release:DV26.0_EB_1706.a",
    "SpacingBetweenSlices": 3.3,
    "StationName": "nnmr04",
    "TaskName": "grasp",
    "TotalReadoutTime": 0.040572,
    "dataset": "ds003342",
    "modality": "bold",
    "run_id": 6,
    "session_id": "action",
    "subject_id": "KL04",
    "task_id": "grasp"
  },
  "dummy_trs": 0,
  "dvars_nstd": 37.7173211699435,
  "dvars_std": 1.009791090225989,
  "dvars_vstd": 0.9993792036723168,
  "efc": 0.5159562771669208,
  "fber": 3085.01513671875,
  "fd_mean": 0.14006308886520932,
  "fd_num": 32,
  "fd_perc": 17.97752808988764,
  "fwhm_avg": 3.172362972542911,
  "fwhm_x": 3.244563040991377,
  "fwhm_y": 3.2913645813508206,
  "fwhm_z": 2.981161295286536,
  "gcor": 0.0105621,
  "gsr_x": -0.003821859136223793,
  "gsr_y": 0.05491797626018524,
  "provenance": {
    "md5sum": "adb052b0906a80d946e70235e0fcea91",
    "settings": {
      "fd_thres": 0.2,
      "testing": false
    },
    "software": "mriqc",
    "version": "22.0.6",
    "webapi_port": null,
    "webapi_url": "https://mriqc.nimh.nih.gov/api/v1"
  },
  "size_t": 178,
  "size_x": 64,
  "size_y": 64,
  "size_z": 35,
  "snr": 3.3467677130122144,
  "spacing_tr": 2.0,
  "spacing_x": 3.2969000339508057,
  "spacing_y": 3.2969000339508057,
  "spacing_z": 3.299999237060547,
  "summary_bg_k": 27.08397716229716,
  "summary_bg_mad": 18.44090573753115,
  "summary_bg_mean": 64.1603012084961,
  "summary_bg_median": 25.4887638092041,
  "summary_bg_n": 82439.0,
  "summary_bg_p05": 2.6741573810577393,
  "summary_bg_p95": 283.08819885253774,
  "summary_bg_stdv": 118.90271759033203,
  "summary_fg_k": 0.8912170046708359,
  "summary_fg_mad": 399.8778349087644,
  "summary_fg_mean": 1490.2132568359375,
  "summary_fg_median": 1412.3426513671875,
  "summary_fg_n": 29755.0,
  "summary_fg_p05": 942.8831420898438,
  "summary_fg_p95": 2301.3646728515623,
  "summary_fg_stdv": 421.9949035644531,
  "tsnr": 34.25050555821508
}