{
  "bids_meta": {
    "AcquisitionMatrixPE": 256,
    "AcquisitionNumber": 1,
    "AcquisitionTime": "14:12:31.000000",
    "BodyPartExamined": "BRAIN",
    "CoilString": "Head+Neck_40",
    "ConversionSoftware": "dcm2niix",
    "ConversionSoftwareVersion": "v1.0.20200331",
    "DeviceSerialNumber": "00000070431MRS04",
    "EchoTime": 0.00258,
    "FlipAngle": 9,
    "ImageOrientationPatientDICOM": [
      -0.0775853,
      0.963886,
      0.254763,
      0.0554493,
      0.259309,
      -0.964201
    ],
    "ImageType": [
      "ORIGINAL",
      "PRIMARY",
      "OTHER"
    ],
    "ImagingFrequency": 127.735,
    "InPlanePhaseEncodingDirectionDICOM": "ROW",
    "InstitutionName": "N_and_N_University_Hospital",
    "InversionTime": 0.9,
    "MRAcquisitionType": "3D",
    "MagneticFieldStrength": 3,
    "Manufacturer": "GE",
    "ManufacturersModelName": "DISCOVERY_MR750w",
    "Modality": "MR",
    "PatientPosition": "HFS",
    "PercentPhaseFOV": 100,
    "PercentSampling": 62.5,
    "PixelBandwidth": 390.625,
    "ProcedureStepDescription": "MRI_Head",
    "ProtocolName": "SAG_FSPGR_BRAVO",
    "ReconMatrixPE": 256,
    "RepetitionTime": 0.007204,
    "SAR": 0.0454126,
    "ScanOptions": "FAST_GEMS_NPW_EDR_GEMS_ACC_GEMS_IR_GEMS",
    "ScanningSequence": "GR",
    "SequenceVariant": "SS_SK_OSP",
    "SeriesDescription": "SAG_FSPGR_BRAVO",
    "SeriesNumber": 2,
    "SliceThickness": 0.9,
    "SoftwareVersions": "27_LX_MR_Software_release:DV26.0_EB_1706.a",
    "SpacingBetweenSlices": 0.9,
    "StationName": "nnmr04",
    "dataset": "ds003342",
    "modality": "T1w",
    "session_id": "localiser",
    "subject_id": "QP18"
  },
  "cjv": 0.38376098354193766,
  "cnr": 3.533251581982856,
  "efc": 0.5788791397221691,
  "fber": 15490.157048940831,
  "fwhm_avg": 4.285997972812276,
  "fwhm_x": 4.348933448540726,
  "fwhm_y": 4.3563557014622045,
  "fwhm_z": 4.1527047684339005,
  "icvs_csf": 0.15267564032881117,
  "icvs_gm": 0.4553635089773096,
  "icvs_wm": 0.39196085069387926,
  "inu_med": 0.5284075736999512,
  "inu_range": 0.20978716015815735,
  "provenance": {
    "md5sum": "89c5da34b38978813b45d17f90725b01",
    "settings": {
      "testing": false
    },
    "software": "mriqc",
    "version": "22.0.6",
    "warnings": {
      "large_rot_frame": true,
      "small_air_mask": false
    },
    "webapi_port": null,
    "webapi_url": "https://mriqc.nimh.nih.gov/api/v1"
  },
  "qi_1": 0.0,
  "qi_2": 0.000319408645112883,
  "rpve_csf": 27.46277202328954,
  "rpve_gm": 10.217413802164396,
  "rpve_wm": 13.087397641984126,
  "size_x": 196,
  "size_y": 256,
  "size_z": 256,
  "snr_csf": 2.271659802416592,
  "snr_gm": 14.274052395275131,
  "snr_total": 12.165661986919156,
  "snr_wm": 19.951273763065746,
  "snrd_csf": 28.23422008911133,
  "snrd_gm": 67.10945539501458,
  "snrd_total": 62.02929619429307,
  "snrd_wm": 90.7442130987533,
  "spacing_x": 0.8999999761581421,
  "spacing_y": 0.8984000086784363,
  "spacing_z": 0.8984000086784363,
  "summary_bg_k": 2816.096277521449,
  "summary_bg_mad": 7.2198318008137905,
  "summary_bg_mean": 8.235634800632926,
  "summary_bg_median": 4.86970254778862,
  "summary_bg_n": 2371721.0,
  "summary_bg_p05": 0.0,
  "summary_bg_p95": 31.02790204435587,
  "summary_bg_stdv": 15.409641958647269,
  "summary_csf_k": 7.2361707710060745,
  "summary_csf_mad": 124.85918577150605,
  "summary_csf_mean": 318.00382964228913,
  "summary_csf_median": 311.1509604267776,
  "summary_csf_n": 25110.0,
  "summary_csf_p05": 114.12378244511784,
  "summary_csf_p95": 536.0571854945271,
  "summary_csf_stdv": 136.96802852091696,
  "summary_gm_k": 0.1100974968491637,
  "summary_gm_mad": 51.319344962541265,
  "summary_gm_mean": 739.4739785611672,
  "summary_gm_median": 739.5696227476001,
  "summary_gm_n": 70518.0,
  "summary_gm_p05": 654.3498281612992,
  "summary_gm_p95": 823.8681222572923,
  "summary_gm_stdv": 51.81180217175299,
  "summary_wm_k": 0.3896899855548561,
  "summary_wm_mad": 48.63629936088749,
  "summary_wm_mean": 1002.8433087887577,
  "summary_wm_median": 1000.0329022631049,
  "summary_wm_n": 313667.0,
  "summary_wm_p05": 925.6383248269558,
  "summary_wm_p95": 1089.66175185889,
  "summary_wm_stdv": 50.12368232916924,
  "tpm_overlap_csf": 0.12183134989299751,
  "tpm_overlap_gm": 0.45546413513187195,
  "tpm_overlap_wm": 0.5007874072719084,
  "wm2max": 0.5166944340552855
}