{
  "aor": 0.0004476404494382023,
  "aqi": 0.010647064157303371,
  "bids_meta": {
    "AcquisitionMatrixPE": 64,
    "AcquisitionNumber": 1,
    "AcquisitionTime": "14:14:27.000000",
    "BodyPartExamined": "BRAIN",
    "CoilString": "RM:HNU_FlexS",
    "ConversionSoftware": "dcm2niix",
    "ConversionSoftwareVersion": "v1.0.20200331",
    "DeviceSerialNumber": "00000070431MRS04",
    "EchoTime": 0.03,
    "EffectiveEchoSpacing": 0.000644,
    "FlipAngle": 78,
    "ImageOrientationPatientDICOM": [
      1,
      0,
      0,
      0,
      1,
      0
    ],
    "ImageType": [
      "ORIGINAL",
      "PRIMARY",
      "EPI",
      "NONE"
    ],
    "ImagingFrequency": 127.734,
    "InPlanePhaseEncodingDirectionDICOM": "COL",
    "InstitutionName": "N_and_N_University_Hospital",
    "MRAcquisitionType": "2D",
    "MagneticFieldStrength": 3,
    "Manufacturer": "GE",
    "ManufacturersModelName": "DISCOVERY_MR750w",
    "Modality": "MR",
    "PatientPosition": "HFS",
    "PercentPhaseFOV": 100,
    "PercentSampling": 100,
    "PhaseEncodingDirection": "j",
    "PhaseEncodingPolarityGE": "Flipped",
    "PixelBandwidth": 7812.5,
    "ProcedureStepDescription": "MRI_Head",
    "ProtocolName": "fMRI_3_PartA",
    "ReconMatrixPE": 64,
    "RepetitionTime": 2,
    "SAR": 0.0686835,
    "ScanOptions": "SAT_GEMS_EPI_GEMS_ACC_GEMS_FS",
    "ScanningSequence": "EP_GR",
    "SequenceVariant": "SS",
    "SeriesDescription": "fMRI_3_PartA",
    "SeriesNumber": 6,
    "SliceThickness": 3.3,
    "SliceTiming": [
      0,
      1.0285,
      0.0571001,
      1.0857,
      0.1142,
      1.1428,
      0.1714,
      1.2,
      0.2285,
      1.2571,
      0.2857,
      1.3143,
      0.3428,
      1.3714,
      0.4,
      1.4286,
      0.4571,
      1.4857,
      0.5142,
      1.5428,
      0.5714,
      1.6,
      0.6285,
      1.6571,
      0.6857,
      1.7143,
      0.7428,
      1.7714,
      0.8,
      1.8285,
      0.8571,
      1.8857,
      0.9143,
      1.9428,
      0.9714
    ],
    "SoftwareVersions": "27_LX_MR_Software_release:DV26.0_EB_1706.a",
    "SpacingBetweenSlices": 3.3,
    "StationName": "nnmr04",
    "TaskName": "grasp",
    "TotalReadoutTime": 0.040572,
    "dataset": "ds003342",
    "modality": "bold",
    "run_id": 3,
    "session_id": "action",
    "subject_id": "LB28",
    "task_id": "grasp"
  },
  "dummy_trs": 0,
  "dvars_nstd": 43.00161954361582,
  "dvars_std": 1.073796467570621,
  "dvars_vstd": 1.0041395054237288,
  "efc": 0.5227211158104708,
  "fber": 3230.14208984375,
  "fd_mean": 0.20486752436351433,
  "fd_num": 75,
  "fd_perc": 42.13483146067416,
  "fwhm_avg": 2.497241750037659,
  "fwhm_x": 2.527832179980606,
  "fwhm_y": 2.502290004260135,
  "fwhm_z": 2.4616030658722368,
  "gcor": 0.012163,
  "gsr_x": 0.0002156988048227504,
  "gsr_y": 0.02343589812517166,
  "provenance": {
    "md5sum": "6ceca17031d12805408fa7d51354a10b",
    "settings": {
      "fd_thres": 0.2,
      "testing": false
    },
    "software": "mriqc",
    "version": "22.0.6",
    "webapi_port": null,
    "webapi_url": "https://mriqc.nimh.nih.gov/api/v1"
  },
  "size_t": 178,
  "size_x": 64,
  "size_y": 64,
  "size_z": 35,
  "snr": 4.568305683290418,
  "spacing_tr": 2.0,
  "spacing_x": 3.2969000339508057,
  "spacing_y": 3.2969000339508057,
  "spacing_z": 3.299999952316284,
  "summary_bg_k": 45.62389965945884,
  "summary_bg_mad": 18.549186532721574,
  "summary_bg_mean": 48.08823013305664,
  "summary_bg_median": 24.61236000061035,
  "summary_bg_n": 80755.0,
  "summary_bg_p05": 1.3370786905288696,
  "summary_bg_p95": 164.95674743652344,
  "summary_bg_stdv": 82.17353820800781,
  "summary_fg_k": -0.10289351004608926,
  "summary_fg_mad": 315.3403703976488,
  "summary_fg_mean": 1424.8526611328125,
  "summary_fg_median": 1403.4410400390625,
  "summary_fg_n": 30638.0,
  "summary_fg_p05": 951.1143310546875,
  "summary_fg_p95": 1957.264318847656,
  "summary_fg_stdv": 307.20758056640625,
  "tsnr": 33.814316630363464
}