{
  "aor": 0.0004251123595505618,
  "aqi": 0.011830845280898878,
  "bids_meta": {
    "AcquisitionMatrixPE": 64,
    "AcquisitionNumber": 1,
    "AcquisitionTime": "14:06:51.000000",
    "BodyPartExamined": "BRAIN",
    "CoilString": "RM:HNU_FlexS",
    "ConversionSoftware": "dcm2niix",
    "ConversionSoftwareVersion": "v1.0.20200331",
    "DeviceSerialNumber": "00000070431MRS04",
    "EchoTime": 0.03,
    "EffectiveEchoSpacing": 0.000644,
    "FlipAngle": 78,
    "ImageOrientationPatientDICOM": [
      1,
      0,
      0,
      0,
      1,
      0
    ],
    "ImageType": [
      "ORIGINAL",
      "PRIMARY",
      "EPI",
      "NONE"
    ],
    "ImagingFrequency": 127.734,
    "InPlanePhaseEncodingDirectionDICOM": "COL",
    "InstitutionName": "N_and_N_University_Hospital",
    "MRAcquisitionType": "2D",
    "MagneticFieldStrength": 3,
    "Manufacturer": "GE",
    "ManufacturersModelName": "DISCOVERY_MR750w",
    "Modality": "MR",
    "PatientPosition": "HFS",
    "PercentPhaseFOV": 100,
    "PercentSampling": 100,
    "PhaseEncodingDirection": "j",
    "PhaseEncodingPolarityGE": "Flipped",
    "PixelBandwidth": 7812.5,
    "ProcedureStepDescription": "MRI_Head",
    "ProtocolName": "fMRI_2_PartA",
    "ReconMatrixPE": 64,
    "RepetitionTime": 2,
    "SAR": 0.0686835,
    "ScanOptions": "SAT_GEMS_EPI_GEMS_ACC_GEMS_FS",
    "ScanningSequence": "EP_GR",
    "SequenceVariant": "SS",
    "SeriesDescription": "fMRI_2_PartA",
    "SeriesNumber": 5,
    "SliceThickness": 3.3,
    "SliceTiming": [
      0,
      1.0285,
      0.0571001,
      1.0857,
      0.1142,
      1.1428,
      0.1714,
      1.2,
      0.2285,
      1.2571,
      0.2857,
      1.3143,
      0.3428,
      1.3714,
      0.4,
      1.4286,
      0.4571,
      1.4857,
      0.5142,
      1.5428,
      0.5714,
      1.6,
      0.6285,
      1.6571,
      0.6857,
      1.7143,
      0.7428,
      1.7714,
      0.8,
      1.8285,
      0.8571,
      1.8857,
      0.9143,
      1.9428,
      0.9714
    ],
    "SoftwareVersions": "27_LX_MR_Software_release:DV26.0_EB_1706.a",
    "SpacingBetweenSlices": 3.3,
    "StationName": "nnmr04",
    "TaskName": "grasp",
    "TotalReadoutTime": 0.040572,
    "dataset": "ds003342",
    "modality": "bold",
    "run_id": 2,
    "session_id": "action",
    "subject_id": "LB28",
    "task_id": "grasp"
  },
  "dummy_trs": 0,
  "dvars_nstd": 43.47879310649717,
  "dvars_std": 1.07271858960452,
  "dvars_vstd": 1.0065588660451978,
  "efc": 0.5231153354043657,
  "fber": 3259.54150390625,
  "fd_mean": 0.22654010481084036,
  "fd_num": 88,
  "fd_perc": 49.438202247191015,
  "fwhm_avg": 2.4384305834670763,
  "fwhm_x": 2.47102427010426,
  "fwhm_y": 2.449243203265558,
  "fwhm_z": 2.395024277031411,
  "gcor": 0.0142333,
  "gsr_x": 0.00044140592217445374,
  "gsr_y": 0.023777708411216736,
  "provenance": {
    "md5sum": "55a52c67154c37baad229579afd2acbb",
    "settings": {
      "fd_thres": 0.2,
      "testing": false
    },
    "software": "mriqc",
    "version": "22.0.6",
    "webapi_port": null,
    "webapi_url": "https://mriqc.nimh.nih.gov/api/v1"
  },
  "size_t": 178,
  "size_x": 64,
  "size_y": 64,
  "size_z": 35,
  "snr": 4.748305039740247,
  "spacing_tr": 2.0,
  "spacing_x": 3.2969000339508057,
  "spacing_y": 3.2969000339508057,
  "spacing_z": 3.299999952316284,
  "summary_bg_k": 44.20380535617483,
  "summary_bg_mad": 18.340955756961158,
  "summary_bg_mean": 47.01466369628906,
  "summary_bg_median": 24.353933334350586,
  "summary_bg_n": 80802.0,
  "summary_bg_p05": 1.550561785697937,
  "summary_bg_p95": 162.1289306640625,
  "summary_bg_stdv": 78.91242218017578,
  "summary_fg_k": -0.08656127740119679,
  "summary_fg_mad": 303.6502184079109,
  "summary_fg_mean": 1414.156494140625,
  "summary_fg_median": 1397.4747314453125,
  "summary_fg_n": 30616.0,
  "summary_fg_p05": 957.76123046875,
  "summary_fg_p95": 1916.3792724609375,
  "summary_fg_stdv": 294.305419921875,
  "tsnr": 33.04955946980044
}