{
  "aor": 0.0006032022471910112,
  "aqi": 0.012706320337078652,
  "bids_meta": {
    "AcquisitionMatrixPE": 64,
    "AcquisitionNumber": 1,
    "AcquisitionTime": "14:36:34.000000",
    "BodyPartExamined": "BRAIN",
    "CoilString": "RM:HNU_FlexS",
    "ConversionSoftware": "dcm2niix",
    "ConversionSoftwareVersion": "v1.0.20200331",
    "DeviceSerialNumber": "00000070431MRS04",
    "EchoTime": 0.03,
    "EffectiveEchoSpacing": 0.000644,
    "FlipAngle": 78,
    "ImageOrientationPatientDICOM": [
      1,
      0,
      0,
      0,
      1,
      0
    ],
    "ImageType": [
      "ORIGINAL",
      "PRIMARY",
      "EPI",
      "NONE"
    ],
    "ImagingFrequency": 127.734,
    "InPlanePhaseEncodingDirectionDICOM": "COL",
    "InstitutionName": "N_and_N_University_Hospital",
    "MRAcquisitionType": "2D",
    "MagneticFieldStrength": 3,
    "Manufacturer": "GE",
    "ManufacturersModelName": "DISCOVERY_MR750w",
    "Modality": "MR",
    "PatientPosition": "HFS",
    "PercentPhaseFOV": 100,
    "PercentSampling": 100,
    "PhaseEncodingDirection": "j",
    "PhaseEncodingPolarityGE": "Flipped",
    "PixelBandwidth": 7812.5,
    "ProcedureStepDescription": "MRI_Head",
    "ProtocolName": "fMRI_6_PartA",
    "ReconMatrixPE": 64,
    "RepetitionTime": 2,
    "SAR": 0.0686835,
    "ScanOptions": "SAT_GEMS_EPI_GEMS_ACC_GEMS_FS",
    "ScanningSequence": "EP_GR",
    "SequenceVariant": "SS",
    "SeriesDescription": "fMRI_6_PartA",
    "SeriesNumber": 9,
    "SliceThickness": 3.3,
    "SliceTiming": [
      0,
      1.0285,
      0.0571001,
      1.0857,
      0.1142,
      1.1428,
      0.1714,
      1.2,
      0.2285,
      1.2571,
      0.2857,
      1.3143,
      0.3428,
      1.3714,
      0.4,
      1.4286,
      0.4571,
      1.4857,
      0.5142,
      1.5428,
      0.5714,
      1.6,
      0.6285,
      1.6571,
      0.6857,
      1.7143,
      0.7428,
      1.7714,
      0.8,
      1.8285,
      0.8571,
      1.8857,
      0.9143,
      1.9428,
      0.9714
    ],
    "SoftwareVersions": "27_LX_MR_Software_release:DV26.0_EB_1706.a",
    "SpacingBetweenSlices": 3.3,
    "StationName": "nnmr04",
    "TaskName": "grasp",
    "TotalReadoutTime": 0.040572,
    "dataset": "ds003342",
    "modality": "bold",
    "run_id": 6,
    "session_id": "action",
    "subject_id": "LB28",
    "task_id": "grasp"
  },
  "dummy_trs": 0,
  "dvars_nstd": 43.358925900225955,
  "dvars_std": 1.0598659537853108,
  "dvars_vstd": 0.9990386305084739,
  "efc": 0.5232294358819486,
  "fber": 3168.119140625,
  "fd_mean": 0.21157014694976867,
  "fd_num": 81,
  "fd_perc": 45.50561797752809,
  "fwhm_avg": 2.5089244783462656,
  "fwhm_x": 2.5358821662485234,
  "fwhm_y": 2.5261791119640216,
  "fwhm_z": 2.4647121568262524,
  "gcor": 0.00876889,
  "gsr_x": -0.0008827074780128896,
  "gsr_y": 0.02330131083726883,
  "provenance": {
    "md5sum": "63bcf02c0cfbf92c094d5548ed6fa9c8",
    "settings": {
      "fd_thres": 0.2,
      "testing": false
    },
    "software": "mriqc",
    "version": "22.0.6",
    "webapi_port": null,
    "webapi_url": "https://mriqc.nimh.nih.gov/api/v1"
  },
  "size_t": 178,
  "size_x": 64,
  "size_y": 64,
  "size_z": 35,
  "snr": 4.586590442399945,
  "spacing_tr": 2.0,
  "spacing_x": 3.2969000339508057,
  "spacing_y": 3.2969000339508057,
  "spacing_z": 3.299999952316284,
  "summary_bg_k": 46.523801784876476,
  "summary_bg_mad": 18.365943959063483,
  "summary_bg_mean": 47.8596076965332,
  "summary_bg_median": 24.62359619140625,
  "summary_bg_n": 80552.0,
  "summary_bg_p05": 1.7247191667556763,
  "summary_bg_p95": 166.2494369506834,
  "summary_bg_stdv": 80.82550811767578,
  "summary_fg_k": -0.06161849524627705,
  "summary_fg_mad": 312.52501882159004,
  "summary_fg_mean": 1410.2650146484375,
  "summary_fg_median": 1388.938232421875,
  "summary_fg_n": 30618.0,
  "summary_fg_p05": 946.0019653320312,
  "summary_fg_p95": 1931.2028320312497,
  "summary_fg_stdv": 302.8209228515625,
  "tsnr": 31.72752896847669
}