{
  "aor": 0.0005942134831460674,
  "aqi": 0.010882600393258427,
  "bids_meta": {
    "AcquisitionMatrixPE": 64,
    "AcquisitionNumber": 1,
    "AcquisitionTime": "14:29:12.000000",
    "BodyPartExamined": "BRAIN",
    "CoilString": "RM:HNU_FlexS",
    "ConversionSoftware": "dcm2niix",
    "ConversionSoftwareVersion": "v1.0.20200331",
    "DeviceSerialNumber": "00000070431MRS04",
    "EchoTime": 0.03,
    "EffectiveEchoSpacing": 0.000644,
    "FlipAngle": 78,
    "ImageOrientationPatientDICOM": [
      1,
      0,
      0,
      0,
      1,
      0
    ],
    "ImageType": [
      "ORIGINAL",
      "PRIMARY",
      "EPI",
      "NONE"
    ],
    "ImagingFrequency": 127.734,
    "InPlanePhaseEncodingDirectionDICOM": "COL",
    "InstitutionName": "N_and_N_University_Hospital",
    "MRAcquisitionType": "2D",
    "MagneticFieldStrength": 3,
    "Manufacturer": "GE",
    "ManufacturersModelName": "DISCOVERY_MR750w",
    "Modality": "MR",
    "PatientPosition": "HFS",
    "PercentPhaseFOV": 100,
    "PercentSampling": 100,
    "PhaseEncodingDirection": "j",
    "PhaseEncodingPolarityGE": "Flipped",
    "PixelBandwidth": 7812.5,
    "ProcedureStepDescription": "MRI_Head",
    "ProtocolName": "fMRI_5_PartA",
    "ReconMatrixPE": 64,
    "RepetitionTime": 2,
    "SAR": 0.0686835,
    "ScanOptions": "SAT_GEMS_EPI_GEMS_ACC_GEMS_FS",
    "ScanningSequence": "EP_GR",
    "SequenceVariant": "SS",
    "SeriesDescription": "fMRI_5_PartA",
    "SeriesNumber": 8,
    "SliceThickness": 3.3,
    "SliceTiming": [
      0,
      1.0285,
      0.0571001,
      1.0857,
      0.1142,
      1.1428,
      0.1714,
      1.2,
      0.2285,
      1.2571,
      0.2857,
      1.3143,
      0.3428,
      1.3714,
      0.4,
      1.4286,
      0.4571,
      1.4857,
      0.5142,
      1.5428,
      0.5714,
      1.6,
      0.6285,
      1.6571,
      0.6857,
      1.7143,
      0.7428,
      1.7714,
      0.8,
      1.8285,
      0.8571,
      1.8857,
      0.9143,
      1.9428,
      0.9714
    ],
    "SoftwareVersions": "27_LX_MR_Software_release:DV26.0_EB_1706.a",
    "SpacingBetweenSlices": 3.3,
    "StationName": "nnmr04",
    "TaskName": "grasp",
    "TotalReadoutTime": 0.040572,
    "dataset": "ds003342",
    "modality": "bold",
    "run_id": 5,
    "session_id": "action",
    "subject_id": "LB28",
    "task_id": "grasp"
  },
  "dummy_trs": 0,
  "dvars_nstd": 42.72290700717516,
  "dvars_std": 1.0790648577966098,
  "dvars_vstd": 1.0093707731638417,
  "efc": 0.5229557250742297,
  "fber": 3179.202880859375,
  "fd_mean": 0.1850693495634202,
  "fd_num": 56,
  "fd_perc": 31.46067415730337,
  "fwhm_avg": 2.495915430407235,
  "fwhm_x": 2.5240346732709487,
  "fwhm_y": 2.5059055218303525,
  "fwhm_z": 2.4578060961204025,
  "gcor": 0.0135794,
  "gsr_x": -0.0008960178238339722,
  "gsr_y": 0.023575693368911743,
  "provenance": {
    "md5sum": "f826b72c98e36ab3b0c881d9b684348c",
    "settings": {
      "fd_thres": 0.2,
      "testing": false
    },
    "software": "mriqc",
    "version": "22.0.6",
    "webapi_port": null,
    "webapi_url": "https://mriqc.nimh.nih.gov/api/v1"
  },
  "size_t": 178,
  "size_x": 64,
  "size_y": 64,
  "size_z": 35,
  "snr": 4.559353267354116,
  "spacing_tr": 2.0,
  "spacing_x": 3.2969000339508057,
  "spacing_y": 3.2969000339508057,
  "spacing_z": 3.299999952316284,
  "summary_bg_k": 45.163299588339456,
  "summary_bg_mad": 18.60749092370735,
  "summary_bg_mean": 48.39525604248047,
  "summary_bg_median": 24.691011428833008,
  "summary_bg_n": 80715.0,
  "summary_bg_p05": 1.7752809524536133,
  "summary_bg_p95": 168.383708190918,
  "summary_bg_stdv": 82.23888397216797,
  "summary_fg_k": -0.04879810961808584,
  "summary_fg_mad": 313.48295504504586,
  "summary_fg_mean": 1420.9732666015625,
  "summary_fg_median": 1396.9803466796875,
  "summary_fg_n": 30478.0,
  "summary_fg_p05": 951.7345489501953,
  "summary_fg_p95": 1956.3688842773436,
  "summary_fg_stdv": 306.3937683105469,
  "tsnr": 33.70801079843659
}