{
  "aor": 0.0005660112359550561,
  "aqi": 0.012964978820224722,
  "bids_meta": {
    "AcquisitionMatrixPE": 64,
    "AcquisitionNumber": 1,
    "AcquisitionTime": "13:54:41.000000",
    "BodyPartExamined": "BRAIN",
    "CoilString": "RM:HNU_FlexS",
    "ConversionSoftware": "dcm2niix",
    "ConversionSoftwareVersion": "v1.0.20200331",
    "DeviceSerialNumber": "00000070431MRS04",
    "EchoTime": 0.03,
    "EffectiveEchoSpacing": 0.000644,
    "FlipAngle": 78,
    "ImageOrientationPatientDICOM": [
      1,
      0,
      0,
      0,
      1,
      0
    ],
    "ImageType": [
      "ORIGINAL",
      "PRIMARY",
      "EPI",
      "NONE"
    ],
    "ImagingFrequency": 127.734,
    "InPlanePhaseEncodingDirectionDICOM": "COL",
    "InstitutionName": "N_and_N_University_Hospital",
    "MRAcquisitionType": "2D",
    "MagneticFieldStrength": 3,
    "Manufacturer": "GE",
    "ManufacturersModelName": "DISCOVERY_MR750w",
    "Modality": "MR",
    "PatientPosition": "HFS",
    "PercentPhaseFOV": 100,
    "PercentSampling": 100,
    "PhaseEncodingDirection": "j",
    "PhaseEncodingPolarityGE": "Flipped",
    "PixelBandwidth": 7812.5,
    "ProcedureStepDescription": "MRI_Head",
    "ProtocolName": "fMRI_1_PartA",
    "ReconMatrixPE": 64,
    "RepetitionTime": 2,
    "SAR": 0.0679958,
    "ScanOptions": "SAT_GEMS_EPI_GEMS_ACC_GEMS_FS",
    "ScanningSequence": "EP_GR",
    "SequenceVariant": "SS",
    "SeriesDescription": "fMRI_1_PartA",
    "SeriesNumber": 4,
    "SliceThickness": 3.3,
    "SliceTiming": [
      0,
      1.0285,
      0.0571001,
      1.0857,
      0.1142,
      1.1428,
      0.1714,
      1.2,
      0.2285,
      1.2571,
      0.2857,
      1.3143,
      0.3428,
      1.3714,
      0.4,
      1.4286,
      0.4571,
      1.4857,
      0.5142,
      1.5428,
      0.5714,
      1.6,
      0.6285,
      1.6571,
      0.6857,
      1.7143,
      0.7428,
      1.7714,
      0.8,
      1.8285,
      0.8571,
      1.8857,
      0.9143,
      1.9428,
      0.9714
    ],
    "SoftwareVersions": "27_LX_MR_Software_release:DV26.0_EB_1706.a",
    "SpacingBetweenSlices": 3.3,
    "StationName": "nnmr04",
    "TaskName": "grasp",
    "TotalReadoutTime": 0.040572,
    "dataset": "ds003342",
    "modality": "bold",
    "run_id": 1,
    "session_id": "action",
    "subject_id": "LB28",
    "task_id": "grasp"
  },
  "dummy_trs": 0,
  "dvars_nstd": 42.96502931265535,
  "dvars_std": 1.0624189971751419,
  "dvars_vstd": 1.0005413138983048,
  "efc": 0.5211890412873448,
  "fber": 3351.377197265625,
  "fd_mean": 0.2813175558517988,
  "fd_num": 107,
  "fd_perc": 60.1123595505618,
  "fwhm_avg": 2.50553715631449,
  "fwhm_x": 2.5384876440948463,
  "fwhm_y": 2.5059965164000726,
  "fwhm_z": 2.4721273084485507,
  "gcor": 0.0215655,
  "gsr_x": 0.0012260869843885303,
  "gsr_y": 0.023646334186196327,
  "provenance": {
    "md5sum": "b9cbccf2b8776a4ecc8aa58fa4755071",
    "settings": {
      "fd_thres": 0.2,
      "testing": false
    },
    "software": "mriqc",
    "version": "22.0.6",
    "webapi_port": null,
    "webapi_url": "https://mriqc.nimh.nih.gov/api/v1"
  },
  "size_t": 178,
  "size_x": 64,
  "size_y": 64,
  "size_z": 35,
  "snr": 4.6472963820303494,
  "spacing_tr": 2.0,
  "spacing_x": 3.2969000339508057,
  "spacing_y": 3.2969000339508057,
  "spacing_z": 3.299999952316284,
  "summary_bg_k": 47.3884446018289,
  "summary_bg_mad": 18.64080852651045,
  "summary_bg_mean": 47.61732864379883,
  "summary_bg_median": 24.561798095703125,
  "summary_bg_n": 81226.0,
  "summary_bg_p05": 1.8103933036327362,
  "summary_bg_p95": 162.47191619873047,
  "summary_bg_stdv": 81.60769653320312,
  "summary_fg_k": -0.08989740336837748,
  "summary_fg_mad": 312.77079199208936,
  "summary_fg_mean": 1436.7489013671875,
  "summary_fg_median": 1416.949462890625,
  "summary_fg_n": 30423.0,
  "summary_fg_p05": 965.7000244140625,
  "summary_fg_p95": 1965.0679443359375,
  "summary_fg_stdv": 304.892578125,
  "tsnr": 31.67018237616867
}