{
  "aor": 0.0005177528089887641,
  "aqi": 0.009444245280898877,
  "bids_meta": {
    "AcquisitionMatrixPE": 64,
    "AcquisitionNumber": 1,
    "AcquisitionTime": "14:21:45.000000",
    "BodyPartExamined": "BRAIN",
    "CoilString": "RM:HNU_FlexS",
    "ConversionSoftware": "dcm2niix",
    "ConversionSoftwareVersion": "v1.0.20200331",
    "DeviceSerialNumber": "00000070431MRS04",
    "EchoTime": 0.03,
    "EffectiveEchoSpacing": 0.000644,
    "FlipAngle": 78,
    "ImageOrientationPatientDICOM": [
      1,
      0,
      0,
      0,
      1,
      0
    ],
    "ImageType": [
      "ORIGINAL",
      "PRIMARY",
      "EPI",
      "NONE"
    ],
    "ImagingFrequency": 127.734,
    "InPlanePhaseEncodingDirectionDICOM": "COL",
    "InstitutionName": "N_and_N_University_Hospital",
    "MRAcquisitionType": "2D",
    "MagneticFieldStrength": 3,
    "Manufacturer": "GE",
    "ManufacturersModelName": "DISCOVERY_MR750w",
    "Modality": "MR",
    "PatientPosition": "HFS",
    "PercentPhaseFOV": 100,
    "PercentSampling": 100,
    "PhaseEncodingDirection": "j",
    "PhaseEncodingPolarityGE": "Flipped",
    "PixelBandwidth": 7812.5,
    "ProcedureStepDescription": "MRI_Head",
    "ProtocolName": "fMRI_4_PartA",
    "ReconMatrixPE": 64,
    "RepetitionTime": 2,
    "SAR": 0.0686835,
    "ScanOptions": "SAT_GEMS_EPI_GEMS_ACC_GEMS_FS",
    "ScanningSequence": "EP_GR",
    "SequenceVariant": "SS",
    "SeriesDescription": "fMRI_4_PartA",
    "SeriesNumber": 7,
    "SliceThickness": 3.3,
    "SliceTiming": [
      0,
      1.0285,
      0.0571001,
      1.0857,
      0.1142,
      1.1428,
      0.1714,
      1.2,
      0.2285,
      1.2571,
      0.2857,
      1.3143,
      0.3428,
      1.3714,
      0.4,
      1.4286,
      0.4571,
      1.4857,
      0.5142,
      1.5428,
      0.5714,
      1.6,
      0.6285,
      1.6571,
      0.6857,
      1.7143,
      0.7428,
      1.7714,
      0.8,
      1.8285,
      0.8571,
      1.8857,
      0.9143,
      1.9428,
      0.9714
    ],
    "SoftwareVersions": "27_LX_MR_Software_release:DV26.0_EB_1706.a",
    "SpacingBetweenSlices": 3.3,
    "StationName": "nnmr04",
    "TaskName": "grasp",
    "TotalReadoutTime": 0.040572,
    "dataset": "ds003342",
    "modality": "bold",
    "run_id": 4,
    "session_id": "action",
    "subject_id": "LB28",
    "task_id": "grasp"
  },
  "dummy_trs": 0,
  "dvars_nstd": 42.46361802514126,
  "dvars_std": 1.0783937641242938,
  "dvars_vstd": 1.0103986355367232,
  "efc": 0.5225045910107933,
  "fber": 3255.44580078125,
  "fd_mean": 0.18029198013775657,
  "fd_num": 65,
  "fd_perc": 36.51685393258427,
  "fwhm_avg": 2.509042057773101,
  "fwhm_x": 2.5597955391710028,
  "fwhm_y": 2.519697265447617,
  "fwhm_z": 2.447633368700683,
  "gcor": 0.0100997,
  "gsr_x": -0.00031259318348020315,
  "gsr_y": 0.023026276379823685,
  "provenance": {
    "md5sum": "c28064dcc679c4c70bba89638264ac9a",
    "settings": {
      "fd_thres": 0.2,
      "testing": false
    },
    "software": "mriqc",
    "version": "22.0.6",
    "webapi_port": null,
    "webapi_url": "https://mriqc.nimh.nih.gov/api/v1"
  },
  "size_t": 178,
  "size_x": 64,
  "size_y": 64,
  "size_z": 35,
  "snr": 4.5155403435935755,
  "spacing_tr": 2.0,
  "spacing_x": 3.2969000339508057,
  "spacing_y": 3.2969000339508057,
  "spacing_z": 3.299999952316284,
  "summary_bg_k": 46.37437196096536,
  "summary_bg_mad": 18.27432267223444,
  "summary_bg_mean": 48.19990921020508,
  "summary_bg_median": 24.44382095336914,
  "summary_bg_n": 80782.0,
  "summary_bg_p05": 1.483146071434021,
  "summary_bg_p95": 166.08118438720686,
  "summary_bg_stdv": 83.14600372314453,
  "summary_fg_k": -0.1018095070367635,
  "summary_fg_mad": 318.0181758694516,
  "summary_fg_mean": 1421.6036376953125,
  "summary_fg_median": 1398.10400390625,
  "summary_fg_n": 30634.0,
  "summary_fg_p05": 948.2927154541015,
  "summary_fg_p95": 1960.9376708984373,
  "summary_fg_stdv": 309.615478515625,
  "tsnr": 34.67947290511802
}