{
  "bids_meta": {
    "AcquisitionMatrixPE": 256,
    "AcquisitionNumber": 1,
    "AcquisitionTime": "15:35:3.000000",
    "BodyPartExamined": "BRAIN",
    "CoilString": "RM:HNU_FlexS",
    "ConversionSoftware": "dcm2niix",
    "ConversionSoftwareVersion": "v1.0.20200331",
    "DeviceSerialNumber": "00000070431MRS04",
    "EchoTime": 0.002612,
    "FlipAngle": 9,
    "ImageOrientationPatientDICOM": [
      0,
      1,
      0,
      0,
      0,
      -1
    ],
    "ImageType": [
      "ORIGINAL",
      "PRIMARY",
      "OTHER"
    ],
    "ImagingFrequency": 127.734,
    "InPlanePhaseEncodingDirectionDICOM": "ROW",
    "InstitutionName": "N_and_N_University_Hospital",
    "InversionTime": 0.9,
    "MRAcquisitionType": "3D",
    "MagneticFieldStrength": 3,
    "Manufacturer": "GE",
    "ManufacturersModelName": "DISCOVERY_MR750w",
    "Modality": "MR",
    "PatientPosition": "HFS",
    "PercentPhaseFOV": 100,
    "PercentSampling": 62.5,
    "PixelBandwidth": 390.625,
    "ProcedureStepDescription": "MRI_Head",
    "ProtocolName": "SAG_FSPGR_BRAVO",
    "ReconMatrixPE": 256,
    "RepetitionTime": 0.007008,
    "SAR": 0.0479184,
    "ScanOptions": "FAST_GEMS_NPW_EDR_GEMS_ACC_GEMS_IR_GEMS",
    "ScanningSequence": "GR",
    "SequenceVariant": "SS_SK_OSP",
    "SeriesDescription": "SAG_FSPGR_BRAVO",
    "SeriesNumber": 2,
    "SliceThickness": 0.9,
    "SoftwareVersions": "27_LX_MR_Software_release:DV26.0_EB_1706.a",
    "SpacingBetweenSlices": 0.9,
    "StationName": "nnmr04",
    "dataset": "ds003342",
    "modality": "T1w",
    "session_id": "action",
    "subject_id": "LP12"
  },
  "cjv": 0.5488317736304752,
  "cnr": 2.3568339657765565,
  "efc": 0.5723533014218194,
  "fber": 2475.744053762432,
  "fwhm_avg": 4.5531089423327975,
  "fwhm_x": 4.58175567693063,
  "fwhm_y": 4.417887312622047,
  "fwhm_z": 4.659683837445716,
  "icvs_csf": 0.20111021735812495,
  "icvs_gm": 0.3919096127891624,
  "icvs_wm": 0.40698016985271257,
  "inu_med": 0.9557036757469177,
  "inu_range": 1.1111887097358704,
  "provenance": {
    "md5sum": "be7b6b4a8bbba4d368aeb52d494a89f1",
    "settings": {
      "testing": false
    },
    "software": "mriqc",
    "version": "22.0.6",
    "warnings": {
      "large_rot_frame": true,
      "small_air_mask": false
    },
    "webapi_port": null,
    "webapi_url": "https://mriqc.nimh.nih.gov/api/v1"
  },
  "qi_1": 0.0,
  "qi_2": 0.0001856515507306431,
  "rpve_csf": 24.319871399294524,
  "rpve_gm": 11.39636073593726,
  "rpve_wm": 12.453230611478668,
  "size_x": 196,
  "size_y": 256,
  "size_z": 256,
  "snr_csf": 2.5277220640664764,
  "snr_gm": 8.682155368012163,
  "snr_total": 7.408482153807138,
  "snr_wm": 11.015569029342776,
  "snrd_csf": 7.732948768656303,
  "snrd_gm": 17.638250334258636,
  "snrd_total": 16.85093874533922,
  "snrd_wm": 25.181617133102723,
  "spacing_x": 0.8999999761581421,
  "spacing_y": 0.8984000086784363,
  "spacing_z": 0.8984000086784363,
  "summary_bg_k": 25.709502773547946,
  "summary_bg_mad": 26.017926815643392,
  "summary_bg_mean": 28.603789646312336,
  "summary_bg_median": 17.548824958503246,
  "summary_bg_n": 2700887.0,
  "summary_bg_p05": 0.0,
  "summary_bg_p95": 100.99065718054771,
  "summary_bg_stdv": 37.49250558846856,
  "summary_csf_k": 4.414541367504309,
  "summary_csf_mad": 111.33154813209987,
  "summary_csf_mean": 306.2139939448062,
  "summary_csf_median": 307.1044367738068,
  "summary_csf_n": 37118.0,
  "summary_csf_p05": 102.85875790193677,
  "summary_csf_p95": 500.04527582563475,
  "summary_csf_stdv": 121.49290629887909,
  "summary_gm_k": 0.14613373297984955,
  "summary_gm_mad": 78.47342442782765,
  "summary_gm_mean": 698.7146455540438,
  "summary_gm_median": 700.4811614081264,
  "summary_gm_n": 22423.0,
  "summary_gm_p05": 563.0965056281536,
  "summary_gm_p95": 828.4687044683843,
  "summary_gm_stdv": 80.67876141822921,
  "summary_wm_k": 0.6101353983274205,
  "summary_wm_mad": 85.94308728780268,
  "summary_wm_mean": 1002.9423505569102,
  "summary_wm_median": 1000.0565861836076,
  "summary_wm_n": 224194.0,
  "summary_wm_p05": 860.0622503049672,
  "summary_wm_p95": 1156.5241738781333,
  "summary_wm_stdv": 90.78553755867597,
  "tpm_overlap_csf": 0.134648070944599,
  "tpm_overlap_gm": 0.4229924003511991,
  "tpm_overlap_wm": 0.45445130608715445,
  "wm2max": 0.34930301532377656
}