{
  "aor": 0.003582723214285714,
  "aqi": 0.005291263348214286,
  "bids_meta": {
    "AcquisitionMatrixPE": 64,
    "AcquisitionNumber": 1,
    "AcquisitionTime": "13:18:45.000000",
    "BodyPartExamined": "BRAIN",
    "CoilString": "Head+Neck_40",
    "ConversionSoftware": "dcm2niix",
    "ConversionSoftwareVersion": "v1.0.20200331",
    "DeviceSerialNumber": "00000070431MRS04",
    "EchoTime": 0.03,
    "EffectiveEchoSpacing": 0.000644,
    "FlipAngle": 78,
    "ImageOrientationPatientDICOM": [
      1,
      0,
      0,
      0,
      1,
      0
    ],
    "ImageType": [
      "ORIGINAL",
      "PRIMARY",
      "EPI",
      "NONE"
    ],
    "ImagingFrequency": 127.734,
    "InPlanePhaseEncodingDirectionDICOM": "ROW",
    "InstitutionName": "N_and_N_University_Hospital",
    "MRAcquisitionType": "2D",
    "MagneticFieldStrength": 3,
    "Manufacturer": "GE",
    "ManufacturersModelName": "DISCOVERY_MR750w",
    "Modality": "MR",
    "PatientPosition": "HFS",
    "PercentPhaseFOV": 100,
    "PercentSampling": 100,
    "PhaseEncodingDirection": "i-",
    "PhaseEncodingPolarityGE": "Flipped",
    "PixelBandwidth": 7812.5,
    "ProcedureStepDescription": "MRI_Head",
    "ProtocolName": "fMRI_1_PartB",
    "ReconMatrixPE": 64,
    "RepetitionTime": 2,
    "SAR": 0.0679331,
    "ScanOptions": "SAT_GEMS_EPI_GEMS_ACC_GEMS_FS",
    "ScanningSequence": "EP_GR",
    "SequenceVariant": "SS",
    "SeriesDescription": "fMRI_1_PartB",
    "SeriesNumber": 5,
    "SliceThickness": 3.3,
    "SliceTiming": [
      0,
      1.0285,
      0.0571001,
      1.0857,
      0.1142,
      1.1428,
      0.1714,
      1.2,
      0.2285,
      1.2571,
      0.2857,
      1.3143,
      0.3428,
      1.3714,
      0.4,
      1.4286,
      0.4571,
      1.4857,
      0.5142,
      1.5428,
      0.5714,
      1.6,
      0.6285,
      1.6571,
      0.6857,
      1.7143,
      0.7428,
      1.7714,
      0.8,
      1.8285,
      0.8571,
      1.8857,
      0.9143,
      1.9428,
      0.9714
    ],
    "SoftwareVersions": "27_LX_MR_Software_release:DV26.0_EB_1706.a",
    "SpacingBetweenSlices": 3.3,
    "StationName": "nnmr04",
    "TaskName": "localiser",
    "TotalReadoutTime": 0.040572,
    "dataset": "ds003342",
    "modality": "bold",
    "run_id": 1,
    "session_id": "localiser",
    "subject_id": "RL17",
    "task_id": "localiser"
  },
  "dummy_trs": 0,
  "dvars_nstd": 17.90660444161434,
  "dvars_std": 1.0859341496412562,
  "dvars_vstd": 1.0164583014349782,
  "efc": 0.5018434981055199,
  "fber": 9106.533203125,
  "fd_mean": 0.09977254235796347,
  "fd_num": 9,
  "fd_perc": 4.017857142857143,
  "fwhm_avg": 2.2910561599710246,
  "fwhm_x": 2.236837612319925,
  "fwhm_y": 2.5130091645731794,
  "fwhm_z": 2.1233217030199696,
  "gcor": 0.0242504,
  "gsr_x": 0.0015701281372457743,
  "gsr_y": 0.03479773551225662,
  "provenance": {
    "md5sum": "386d5902349d5df7e7d5bd2d52fa606b",
    "settings": {
      "fd_thres": 0.2,
      "testing": false
    },
    "software": "mriqc",
    "version": "22.0.6",
    "webapi_port": null,
    "webapi_url": "https://mriqc.nimh.nih.gov/api/v1"
  },
  "size_t": 224,
  "size_x": 64,
  "size_y": 64,
  "size_z": 35,
  "snr": 5.277699540921102,
  "spacing_tr": 2.0,
  "spacing_x": 3.2969000339508057,
  "spacing_y": 3.2969000339508057,
  "spacing_z": 3.299999237060547,
  "summary_bg_k": 145.2441509632336,
  "summary_bg_mad": 56.40507412412705,
  "summary_bg_mean": 137.9303741455078,
  "summary_bg_median": 41.63393020629883,
  "summary_bg_n": 83625.0,
  "summary_bg_p05": 1.008928656578064,
  "summary_bg_p95": 543.2812744140629,
  "summary_bg_stdv": 373.06109619140625,
  "summary_fg_k": 0.629815385157722,
  "summary_fg_mad": 721.8586054527985,
  "summary_fg_mean": 4031.8369140625,
  "summary_fg_median": 3953.919921875,
  "summary_fg_n": 28382.0,
  "summary_fg_p05": 2932.7515502929687,
  "summary_fg_p95": 5350.066870117187,
  "summary_fg_stdv": 749.1616821289062,
  "tsnr": 66.03892135806382
}