{
  "aor": 0.0015893303571428569,
  "aqi": 0.005895883571428571,
  "bids_meta": {
    "AcquisitionMatrixPE": 64,
    "AcquisitionNumber": 1,
    "AcquisitionTime": "13:26:59.000000",
    "BodyPartExamined": "BRAIN",
    "CoilString": "Head+Neck_40",
    "ConversionSoftware": "dcm2niix",
    "ConversionSoftwareVersion": "v1.0.20200331",
    "DeviceSerialNumber": "00000070431MRS04",
    "EchoTime": 0.03,
    "EffectiveEchoSpacing": 0.000644,
    "FlipAngle": 78,
    "ImageOrientationPatientDICOM": [
      1,
      0,
      0,
      0,
      1,
      0
    ],
    "ImageType": [
      "ORIGINAL",
      "PRIMARY",
      "EPI",
      "NONE"
    ],
    "ImagingFrequency": 127.734,
    "InPlanePhaseEncodingDirectionDICOM": "ROW",
    "InstitutionName": "N_and_N_University_Hospital",
    "MRAcquisitionType": "2D",
    "MagneticFieldStrength": 3,
    "Manufacturer": "GE",
    "ManufacturersModelName": "DISCOVERY_MR750w",
    "Modality": "MR",
    "PatientPosition": "HFS",
    "PercentPhaseFOV": 100,
    "PercentSampling": 100,
    "PhaseEncodingDirection": "i-",
    "PhaseEncodingPolarityGE": "Flipped",
    "PixelBandwidth": 7812.5,
    "ProcedureStepDescription": "MRI_Head",
    "ProtocolName": "fMRI_2_PartB",
    "ReconMatrixPE": 64,
    "RepetitionTime": 2,
    "SAR": 0.0676565,
    "ScanOptions": "SAT_GEMS_EPI_GEMS_ACC_GEMS_FS",
    "ScanningSequence": "EP_GR",
    "SequenceVariant": "SS",
    "SeriesDescription": "fMRI_2_PartB",
    "SeriesNumber": 6,
    "SliceThickness": 3.3,
    "SliceTiming": [
      0,
      1.0285,
      0.0571001,
      1.0857,
      0.1142,
      1.1428,
      0.1714,
      1.2,
      0.2285,
      1.2571,
      0.2857,
      1.3143,
      0.3428,
      1.3714,
      0.4,
      1.4286,
      0.4571,
      1.4857,
      0.5142,
      1.5428,
      0.5714,
      1.6,
      0.6285,
      1.6571,
      0.6857,
      1.7143,
      0.7428,
      1.7714,
      0.8,
      1.8285,
      0.8571,
      1.8857,
      0.9143,
      1.9428,
      0.9714
    ],
    "SoftwareVersions": "27_LX_MR_Software_release:DV26.0_EB_1706.a",
    "SpacingBetweenSlices": 3.3,
    "StationName": "nnmr04",
    "TaskName": "localiser",
    "TotalReadoutTime": 0.040572,
    "dataset": "ds003342",
    "modality": "bold",
    "run_id": 2,
    "session_id": "localiser",
    "subject_id": "RL17",
    "task_id": "localiser"
  },
  "dummy_trs": 0,
  "dvars_nstd": 19.047900020089678,
  "dvars_std": 1.0557092817040352,
  "dvars_vstd": 0.986863900672646,
  "efc": 0.5023961875678521,
  "fber": 9470.48046875,
  "fd_mean": 0.1397695357031779,
  "fd_num": 41,
  "fd_perc": 18.303571428571427,
  "fwhm_avg": 2.2553644630658787,
  "fwhm_x": 2.219360588628991,
  "fwhm_y": 2.4666898954332526,
  "fwhm_z": 2.080042905135393,
  "gcor": 0.0353964,
  "gsr_x": 0.0015946218045428395,
  "gsr_y": 0.034590430557727814,
  "provenance": {
    "md5sum": "17f7b4f09ff8e4d123b6423d60fa36c3",
    "settings": {
      "fd_thres": 0.2,
      "testing": false
    },
    "software": "mriqc",
    "version": "22.0.6",
    "webapi_port": null,
    "webapi_url": "https://mriqc.nimh.nih.gov/api/v1"
  },
  "size_t": 224,
  "size_x": 64,
  "size_y": 64,
  "size_z": 35,
  "snr": 5.349266639045657,
  "spacing_tr": 2.0,
  "spacing_x": 3.2969000339508057,
  "spacing_y": 3.2969000339508057,
  "spacing_z": 3.299999237060547,
  "summary_bg_k": 129.3707126707324,
  "summary_bg_mad": 55.84248114819159,
  "summary_bg_mean": 136.75726318359375,
  "summary_bg_median": 41.09821701049805,
  "summary_bg_n": 83579.0,
  "summary_bg_p05": 1.1383929252624512,
  "summary_bg_p95": 543.5290344238275,
  "summary_bg_stdv": 359.19866943359375,
  "summary_fg_k": 0.7749553385744061,
  "summary_fg_mad": 707.8203966780397,
  "summary_fg_mean": 4025.72216796875,
  "summary_fg_median": 3947.19873046875,
  "summary_fg_n": 28426.0,
  "summary_fg_p05": 2958.818115234375,
  "summary_fg_p95": 5314.539306640625,
  "summary_fg_stdv": 737.88232421875,
  "tsnr": 66.77069905400276
}