{
  "aor": 0.0010020535714285715,
  "aqi": 0.005783840401785714,
  "bids_meta": {
    "AcquisitionMatrixPE": 64,
    "AcquisitionNumber": 1,
    "AcquisitionTime": "13:35:29.000000",
    "BodyPartExamined": "BRAIN",
    "CoilString": "Head+Neck_40",
    "ConversionSoftware": "dcm2niix",
    "ConversionSoftwareVersion": "v1.0.20200331",
    "DeviceSerialNumber": "00000070431MRS04",
    "EchoTime": 0.03,
    "EffectiveEchoSpacing": 0.000644,
    "FlipAngle": 78,
    "ImageOrientationPatientDICOM": [
      1,
      0,
      0,
      0,
      1,
      0
    ],
    "ImageType": [
      "ORIGINAL",
      "PRIMARY",
      "EPI",
      "NONE"
    ],
    "ImagingFrequency": 127.734,
    "InPlanePhaseEncodingDirectionDICOM": "ROW",
    "InstitutionName": "N_and_N_University_Hospital",
    "MRAcquisitionType": "2D",
    "MagneticFieldStrength": 3,
    "Manufacturer": "GE",
    "ManufacturersModelName": "DISCOVERY_MR750w",
    "Modality": "MR",
    "PatientPosition": "HFS",
    "PercentPhaseFOV": 100,
    "PercentSampling": 100,
    "PhaseEncodingDirection": "i-",
    "PhaseEncodingPolarityGE": "Flipped",
    "PixelBandwidth": 7812.5,
    "ProcedureStepDescription": "MRI_Head",
    "ProtocolName": "fMRI_3_PartB",
    "ReconMatrixPE": 64,
    "RepetitionTime": 2,
    "SAR": 0.0676565,
    "ScanOptions": "SAT_GEMS_EPI_GEMS_ACC_GEMS_FS",
    "ScanningSequence": "EP_GR",
    "SequenceVariant": "SS",
    "SeriesDescription": "fMRI_3_PartB",
    "SeriesNumber": 7,
    "SliceThickness": 3.3,
    "SliceTiming": [
      0,
      1.0285,
      0.0571001,
      1.0857,
      0.1142,
      1.1428,
      0.1714,
      1.2,
      0.2285,
      1.2571,
      0.2857,
      1.3143,
      0.3428,
      1.3714,
      0.4,
      1.4286,
      0.4571,
      1.4857,
      0.5142,
      1.5428,
      0.5714,
      1.6,
      0.6285,
      1.6571,
      0.6857,
      1.7143,
      0.7428,
      1.7714,
      0.8,
      1.8285,
      0.8571,
      1.8857,
      0.9143,
      1.9428,
      0.9714
    ],
    "SoftwareVersions": "27_LX_MR_Software_release:DV26.0_EB_1706.a",
    "SpacingBetweenSlices": 3.3,
    "StationName": "nnmr04",
    "TaskName": "localiser",
    "TotalReadoutTime": 0.040572,
    "dataset": "ds003342",
    "modality": "bold",
    "run_id": 3,
    "session_id": "localiser",
    "subject_id": "RL17",
    "task_id": "localiser"
  },
  "dummy_trs": 0,
  "dvars_nstd": 19.325742058923776,
  "dvars_std": 1.0538518773991028,
  "dvars_vstd": 0.9757331012556056,
  "efc": 0.5026864079163539,
  "fber": 9330.875,
  "fd_mean": 0.14511444240918053,
  "fd_num": 38,
  "fd_perc": 16.964285714285715,
  "fwhm_avg": 2.267143073306332,
  "fwhm_x": 2.2219357349520736,
  "fwhm_y": 2.479671787380007,
  "fwhm_z": 2.0998216975869144,
  "gcor": 0.0387299,
  "gsr_x": 0.002472406020388007,
  "gsr_y": 0.034439023584127426,
  "provenance": {
    "md5sum": "5fc8177c29931d40393e98b62d340093",
    "settings": {
      "fd_thres": 0.2,
      "testing": false
    },
    "software": "mriqc",
    "version": "22.0.6",
    "webapi_port": null,
    "webapi_url": "https://mriqc.nimh.nih.gov/api/v1"
  },
  "size_t": 224,
  "size_x": 64,
  "size_y": 64,
  "size_z": 35,
  "snr": 5.338547934182891,
  "spacing_tr": 2.0,
  "spacing_x": 3.2969000339508057,
  "spacing_y": 3.2969000339508057,
  "spacing_z": 3.299999237060547,
  "summary_bg_k": 121.21964652563844,
  "summary_bg_mad": 56.014568956193834,
  "summary_bg_mean": 137.0154266357422,
  "summary_bg_median": 41.22321701049805,
  "summary_bg_n": 83613.0,
  "summary_bg_p05": 1.1205357313156128,
  "summary_bg_p95": 542.5544921874994,
  "summary_bg_stdv": 358.661376953125,
  "summary_fg_k": 0.6812000614253355,
  "summary_fg_mad": 704.0541671654541,
  "summary_fg_mean": 4009.73779296875,
  "summary_fg_median": 3930.68994140625,
  "summary_fg_n": 28482.0,
  "summary_fg_p05": 2939.707763671875,
  "summary_fg_p95": 5304.957055664062,
  "summary_fg_stdv": 736.2715454101562,
  "tsnr": 64.70749721070752
}