{
  "aor": 0.000990223214285714,
  "aqi": 0.006845570267857142,
  "bids_meta": {
    "AcquisitionMatrixPE": 64,
    "AcquisitionNumber": 1,
    "AcquisitionTime": "16:06:51.000000",
    "BodyPartExamined": "BRAIN",
    "CoilString": "Head+Neck_40",
    "ConversionSoftware": "dcm2niix",
    "ConversionSoftwareVersion": "v1.0.20200331",
    "DeviceSerialNumber": "00000070431MRS04",
    "EchoTime": 0.03,
    "EffectiveEchoSpacing": 0.000644,
    "FlipAngle": 78,
    "ImageOrientationPatientDICOM": [
      1,
      0,
      0,
      0,
      1,
      0
    ],
    "ImageType": [
      "ORIGINAL",
      "PRIMARY",
      "EPI",
      "NONE"
    ],
    "ImagingFrequency": 127.734,
    "InPlanePhaseEncodingDirectionDICOM": "ROW",
    "InstitutionName": "N_and_N_University_Hospital",
    "MRAcquisitionType": "2D",
    "MagneticFieldStrength": 3,
    "Manufacturer": "GE",
    "ManufacturersModelName": "DISCOVERY_MR750w",
    "Modality": "MR",
    "PatientPosition": "HFS",
    "PercentPhaseFOV": 100,
    "PercentSampling": 100,
    "PhaseEncodingDirection": "i-",
    "PhaseEncodingPolarityGE": "Flipped",
    "PixelBandwidth": 7812.5,
    "ProcedureStepDescription": "MRI_Head",
    "ProtocolName": "fMRI_3X3X3_224_volumes_NEW",
    "ReconMatrixPE": 64,
    "RepetitionTime": 2,
    "SAR": 0.0627611,
    "ScanOptions": "SAT_GEMS_EPI_GEMS_ACC_GEMS_FS",
    "ScanningSequence": "EP_GR",
    "SequenceVariant": "SS",
    "SeriesDescription": "fMRI_3X3X3_224_volumes_NEW",
    "SeriesNumber": 5,
    "SliceThickness": 3,
    "SliceTiming": [
      0,
      1.0285,
      0.0571001,
      1.0857,
      0.1142,
      1.1428,
      0.1714,
      1.2,
      0.2285,
      1.2571,
      0.2857,
      1.3143,
      0.3428,
      1.3714,
      0.4,
      1.4286,
      0.4571,
      1.4857,
      0.5142,
      1.5428,
      0.5714,
      1.6,
      0.6285,
      1.6571,
      0.6857,
      1.7143,
      0.7428,
      1.7714,
      0.8,
      1.8285,
      0.8571,
      1.8857,
      0.9143,
      1.9428,
      0.9714
    ],
    "SoftwareVersions": "27_LX_MR_Software_release:DV26.0_EA_1641.c",
    "SpacingBetweenSlices": 3,
    "StationName": "nnmr04",
    "TaskName": "localiser",
    "TotalReadoutTime": 0.040572,
    "dataset": "ds003342",
    "modality": "bold",
    "run_id": 3,
    "session_id": "localiser",
    "subject_id": "DT12",
    "task_id": "localiser"
  },
  "dummy_trs": 0,
  "dvars_nstd": 16.10468116058296,
  "dvars_std": 0.9893751836771297,
  "dvars_vstd": 0.9757536676681613,
  "efc": 0.5058032354315517,
  "fber": 8590.015625,
  "fd_mean": 0.04433562950976554,
  "fd_num": 0,
  "fd_perc": 0.0,
  "fwhm_avg": 1.9875892486638154,
  "fwhm_x": 1.886908895003768,
  "fwhm_y": 2.165252184321012,
  "fwhm_z": 1.9106066666666666,
  "gcor": 0.0182908,
  "gsr_x": 0.0157006848603487,
  "gsr_y": 0.01906399615108967,
  "provenance": {
    "md5sum": "4e194a48907041709661450e1da5d515",
    "settings": {
      "fd_thres": 0.2,
      "testing": false
    },
    "software": "mriqc",
    "version": "22.0.6",
    "webapi_port": null,
    "webapi_url": "https://mriqc.nimh.nih.gov/api/v1"
  },
  "size_t": 224,
  "size_x": 64,
  "size_y": 64,
  "size_z": 35,
  "snr": 7.148632732733469,
  "spacing_tr": 2.0,
  "spacing_x": 3.2969000339508057,
  "spacing_y": 3.2969000339508057,
  "spacing_z": 3.0,
  "summary_bg_k": 27.299316573994115,
  "summary_bg_mad": 60.03215768236464,
  "summary_bg_mean": 141.8480224609375,
  "summary_bg_median": 45.156253814697266,
  "summary_bg_n": 84516.0,
  "summary_bg_p05": 1.1294643878936768,
  "summary_bg_p95": 569.1663055419922,
  "summary_bg_stdv": 325.9844970703125,
  "summary_fg_k": 1.5627049683173473,
  "summary_fg_mad": 524.4540654601892,
  "summary_fg_mean": 4142.5859375,
  "summary_fg_median": 4109.55615234375,
  "summary_fg_n": 28420.0,
  "summary_fg_p05": 3245.0568725585936,
  "summary_fg_p95": 5067.804150390625,
  "summary_fg_stdv": 574.8629150390625,
  "tsnr": 72.05716919945553
}