{
  "aor": 0.0015994642857142859,
  "aqi": 0.005469529508928571,
  "bids_meta": {
    "AcquisitionMatrixPE": 64,
    "AcquisitionNumber": 1,
    "AcquisitionTime": "15:46:49.000000",
    "BodyPartExamined": "BRAIN",
    "CoilString": "Head+Neck_40",
    "ConversionSoftware": "dcm2niix",
    "ConversionSoftwareVersion": "v1.0.20200331",
    "DeviceSerialNumber": "00000070431MRS04",
    "EchoTime": 0.03,
    "EffectiveEchoSpacing": 0.000644,
    "FlipAngle": 78,
    "ImageOrientationPatientDICOM": [
      1,
      0,
      0,
      0,
      1,
      0
    ],
    "ImageType": [
      "ORIGINAL",
      "PRIMARY",
      "EPI",
      "NONE"
    ],
    "ImagingFrequency": 127.734,
    "InPlanePhaseEncodingDirectionDICOM": "ROW",
    "InstitutionName": "N_and_N_University_Hospital",
    "MRAcquisitionType": "2D",
    "MagneticFieldStrength": 3,
    "Manufacturer": "GE",
    "ManufacturersModelName": "DISCOVERY_MR750w",
    "Modality": "MR",
    "PatientPosition": "HFS",
    "PercentPhaseFOV": 100,
    "PercentSampling": 100,
    "PhaseEncodingDirection": "i-",
    "PhaseEncodingPolarityGE": "Flipped",
    "PixelBandwidth": 7812.5,
    "ProcedureStepDescription": "MRI_Head",
    "ProtocolName": "fMRI_3X3X3_224_volumes_NEW",
    "ReconMatrixPE": 64,
    "RepetitionTime": 2,
    "SAR": 0.0627611,
    "ScanOptions": "SAT_GEMS_EPI_GEMS_ACC_GEMS_FS",
    "ScanningSequence": "EP_GR",
    "SequenceVariant": "SS",
    "SeriesDescription": "fMRI_3X3X3_224_volumes_NEW",
    "SeriesNumber": 3,
    "SliceThickness": 3,
    "SliceTiming": [
      0,
      1.0285,
      0.0571001,
      1.0857,
      0.1142,
      1.1428,
      0.1714,
      1.2,
      0.2285,
      1.2571,
      0.2857,
      1.3143,
      0.3428,
      1.3714,
      0.4,
      1.4286,
      0.4571,
      1.4857,
      0.5142,
      1.5428,
      0.5714,
      1.6,
      0.6285,
      1.6571,
      0.6857,
      1.7143,
      0.7428,
      1.7714,
      0.8,
      1.8285,
      0.8571,
      1.8857,
      0.9143,
      1.9428,
      0.9714
    ],
    "SoftwareVersions": "27_LX_MR_Software_release:DV26.0_EA_1641.c",
    "SpacingBetweenSlices": 3,
    "StationName": "nnmr04",
    "TaskName": "localiser",
    "TotalReadoutTime": 0.040572,
    "dataset": "ds003342",
    "modality": "bold",
    "run_id": 1,
    "session_id": "localiser",
    "subject_id": "DT12",
    "task_id": "localiser"
  },
  "dummy_trs": 0,
  "dvars_nstd": 16.68428402206278,
  "dvars_std": 1.0238888210313901,
  "dvars_vstd": 0.9938046254260088,
  "efc": 0.5079855903538096,
  "fber": 8513.3564453125,
  "fd_mean": 0.04476218071708685,
  "fd_num": 1,
  "fd_perc": 0.44642857142857145,
  "fwhm_avg": 2.078236835918216,
  "fwhm_x": 1.9830537573701743,
  "fwhm_y": 2.2775334170511408,
  "fwhm_z": 1.9741233333333332,
  "gcor": 0.0339777,
  "gsr_x": 0.013854190707206726,
  "gsr_y": 0.01942967250943184,
  "provenance": {
    "md5sum": "37c312a17711deb5942aa582fc6ba7dd",
    "settings": {
      "fd_thres": 0.2,
      "testing": false
    },
    "software": "mriqc",
    "version": "22.0.6",
    "webapi_port": null,
    "webapi_url": "https://mriqc.nimh.nih.gov/api/v1"
  },
  "size_t": 224,
  "size_x": 64,
  "size_y": 64,
  "size_z": 35,
  "snr": 6.784743910234513,
  "spacing_tr": 2.0,
  "spacing_x": 3.2969000339508057,
  "spacing_y": 3.2969000339508057,
  "spacing_z": 3.0,
  "summary_bg_k": 28.109817564649955,
  "summary_bg_mad": 60.50208872660333,
  "summary_bg_mean": 144.20021057128906,
  "summary_bg_median": 45.642860412597656,
  "summary_bg_n": 83958.0,
  "summary_bg_p05": 1.03125,
  "summary_bg_p95": 586.5536010742172,
  "summary_bg_stdv": 332.2419738769531,
  "summary_fg_k": 1.654071072308895,
  "summary_fg_mad": 537.9862493566593,
  "summary_fg_mean": 4162.96533203125,
  "summary_fg_median": 4133.09375,
  "summary_fg_n": 28702.0,
  "summary_fg_p05": 3189.8522705078126,
  "summary_fg_p95": 5146.295166015624,
  "summary_fg_stdv": 609.1640014648438,
  "tsnr": 71.19838347751647
}