{
  "bids_meta": {
    "AcquisitionMatrixPE": 256,
    "AcquisitionNumber": 1,
    "AcquisitionTime": "10:46:45.000000",
    "BodyPartExamined": "BRAIN",
    "CoilString": "RM:HNU_FlexS",
    "ConversionSoftware": "dcm2niix",
    "ConversionSoftwareVersion": "v1.0.20200331",
    "DeviceSerialNumber": "00000070431MRS04",
    "EchoTime": 0.002612,
    "FlipAngle": 9,
    "ImageOrientationPatientDICOM": [
      0,
      1,
      0,
      0,
      0,
      -1
    ],
    "ImageType": [
      "ORIGINAL",
      "PRIMARY",
      "OTHER"
    ],
    "ImagingFrequency": 127.734,
    "InPlanePhaseEncodingDirectionDICOM": "ROW",
    "InstitutionName": "N_and_N_University_Hospital",
    "InversionTime": 0.9,
    "MRAcquisitionType": "3D",
    "MagneticFieldStrength": 3,
    "Manufacturer": "GE",
    "ManufacturersModelName": "DISCOVERY_MR750w",
    "Modality": "MR",
    "PatientPosition": "HFS",
    "PercentPhaseFOV": 100,
    "PercentSampling": 62.5,
    "PixelBandwidth": 390.625,
    "ProcedureStepDescription": "MRI_Head",
    "ProtocolName": "SAG_FSPGR_BRAVO",
    "ReconMatrixPE": 256,
    "RepetitionTime": 0.007008,
    "SAR": 0.0529156,
    "ScanOptions": "FAST_GEMS_NPW_EDR_GEMS_ACC_GEMS_IR_GEMS",
    "ScanningSequence": "GR",
    "SequenceVariant": "SS_SK_OSP",
    "SeriesDescription": "SAG_FSPGR_BRAVO",
    "SeriesNumber": 2,
    "SliceThickness": 0.9,
    "SoftwareVersions": "27_LX_MR_Software_release:DV26.0_EB_1706.a",
    "SpacingBetweenSlices": 0.9,
    "StationName": "nnmr04",
    "dataset": "ds003342",
    "modality": "T1w",
    "session_id": "action",
    "subject_id": "KL04"
  },
  "cjv": 0.5767138292233159,
  "cnr": 2.227694186463139,
  "efc": 0.6139310399175437,
  "fber": 1359.4297398744447,
  "fwhm_avg": 4.147009606954569,
  "fwhm_x": 4.124833442604103,
  "fwhm_y": 4.162956326660785,
  "fwhm_z": 4.15323905159882,
  "icvs_csf": 0.18760680721221673,
  "icvs_gm": 0.3887423605957033,
  "icvs_wm": 0.42365083219208,
  "inu_med": 0.9905892312526703,
  "inu_range": 1.052258968353271,
  "provenance": {
    "md5sum": "fcade9591f3cb8b582744f6ba19fdffe",
    "settings": {
      "testing": false
    },
    "software": "mriqc",
    "version": "22.0.6",
    "warnings": {
      "large_rot_frame": true,
      "small_air_mask": false
    },
    "webapi_port": null,
    "webapi_url": "https://mriqc.nimh.nih.gov/api/v1"
  },
  "qi_1": 0.0,
  "qi_2": 0.00024926655656070924,
  "rpve_csf": 22.267326559948643,
  "rpve_gm": 9.725802652481383,
  "rpve_wm": 10.112726529739186,
  "size_x": 196,
  "size_y": 256,
  "size_z": 256,
  "snr_csf": 2.029593464715487,
  "snr_gm": 8.178022789338788,
  "snr_total": 6.964701470796567,
  "snr_wm": 10.686488158335424,
  "snrd_csf": 5.497213296913794,
  "snrd_gm": 12.65826683430382,
  "snrd_total": 12.067494540545722,
  "snrd_wm": 18.04700349041955,
  "spacing_x": 0.8999999761581421,
  "spacing_y": 0.8984000086784363,
  "spacing_z": 0.8984000086784363,
  "summary_bg_k": 5.9580128290076715,
  "summary_bg_mad": 36.30327782530995,
  "summary_bg_mean": 36.85167548577236,
  "summary_bg_median": 24.486188791692257,
  "summary_bg_n": 3403886.0,
  "summary_bg_p05": 0.0,
  "summary_bg_p95": 119.91160684451461,
  "summary_bg_stdv": 43.058644681507914,
  "summary_csf_k": 8.090920980744924,
  "summary_csf_mad": 126.86488424151634,
  "summary_csf_mean": 311.28862227595687,
  "summary_csf_median": 304.6187963038683,
  "summary_csf_n": 37135.0,
  "summary_csf_p05": 88.97237912937999,
  "summary_csf_p95": 557.343667950108,
  "summary_csf_stdv": 150.08655677440737,
  "summary_gm_k": 0.07370369622029349,
  "summary_gm_mad": 84.00866818059089,
  "summary_gm_mean": 700.9326014750332,
  "summary_gm_median": 701.4364911988378,
  "summary_gm_n": 25765.0,
  "summary_gm_p05": 556.3757121115923,
  "summary_gm_p95": 842.201137523353,
  "summary_gm_stdv": 85.76924972434061,
  "summary_wm_k": 0.6215157236959428,
  "summary_wm_mad": 88.20254865138482,
  "summary_wm_mean": 1004.4231125483944,
  "summary_wm_median": 1000.0442375466228,
  "summary_wm_n": 243049.0,
  "summary_wm_p05": 858.1657790243626,
  "summary_wm_p95": 1165.127116855234,
  "summary_wm_stdv": 93.58005786729188,
  "tpm_overlap_csf": 0.13167156275870606,
  "tpm_overlap_gm": 0.42109606841387737,
  "tpm_overlap_wm": 0.4570718780783612,
  "wm2max": 0.455755866653238
}