{
  "aor": 0.001245674157303371,
  "aqi": 0.007642597078651686,
  "bids_meta": {
    "AcquisitionMatrixPE": 64,
    "AcquisitionNumber": 1,
    "AcquisitionTime": "11:57:14.000000",
    "BodyPartExamined": "BRAIN",
    "CoilString": "RM:HNU_FlexS",
    "ConversionSoftware": "dcm2niix",
    "ConversionSoftwareVersion": "v1.0.20200331",
    "DeviceSerialNumber": "00000070431MRS04",
    "EchoTime": 0.03,
    "EffectiveEchoSpacing": 0.000644,
    "FlipAngle": 78,
    "ImageOrientationPatientDICOM": [
      1,
      0,
      0,
      0,
      1,
      0
    ],
    "ImageType": [
      "ORIGINAL",
      "PRIMARY",
      "EPI",
      "NONE"
    ],
    "ImagingFrequency": 127.734,
    "InPlanePhaseEncodingDirectionDICOM": "COL",
    "InstitutionName": "N_and_N_University_Hospital",
    "MRAcquisitionType": "2D",
    "MagneticFieldStrength": 3,
    "Manufacturer": "GE",
    "ManufacturersModelName": "DISCOVERY_MR750w",
    "Modality": "MR",
    "PatientPosition": "HFS",
    "PercentPhaseFOV": 100,
    "PercentSampling": 100,
    "PhaseEncodingDirection": "j",
    "PhaseEncodingPolarityGE": "Flipped",
    "PixelBandwidth": 7812.5,
    "ProcedureStepDescription": "MRI_Head",
    "ProtocolName": "fMRI_3.3X3.3X3.3_NEW_180_volumes",
    "ReconMatrixPE": 64,
    "RepetitionTime": 2,
    "SAR": 0.0568468,
    "ScanOptions": "SAT_GEMS_EPI_GEMS_ACC_GEMS_FS",
    "ScanningSequence": "EP_GR",
    "SequenceVariant": "SS",
    "SeriesDescription": "fMRI_3.3X3.3X3.3_NEW_180_volumes",
    "SeriesNumber": 8,
    "SliceThickness": 3.3,
    "SliceTiming": [
      0,
      1.0285,
      0.0571001,
      1.0857,
      0.1142,
      1.1428,
      0.1714,
      1.2,
      0.2285,
      1.2571,
      0.2857,
      1.3143,
      0.3428,
      1.3714,
      0.4,
      1.4286,
      0.4571,
      1.4857,
      0.5142,
      1.5428,
      0.5714,
      1.6,
      0.6285,
      1.6571,
      0.6857,
      1.7143,
      0.7428,
      1.7714,
      0.8,
      1.8285,
      0.8571,
      1.8857,
      0.9143,
      1.9428,
      0.9714
    ],
    "SoftwareVersions": "27_LX_MR_Software_release:DV26.0_EA_1641.c",
    "SpacingBetweenSlices": 3.3,
    "StationName": "nnmr04",
    "TaskName": "grasp",
    "TotalReadoutTime": 0.040572,
    "dataset": "ds003342",
    "modality": "bold",
    "run_id": 2,
    "session_id": "action",
    "subject_id": "TS12",
    "task_id": "grasp"
  },
  "dummy_trs": 0,
  "dvars_nstd": 34.134518003898314,
  "dvars_std": 1.0248476614689268,
  "dvars_vstd": 1.0173249434463278,
  "efc": 0.4791068192160789,
  "fber": 2967.16845703125,
  "fd_mean": 0.19256689249813108,
  "fd_num": 61,
  "fd_perc": 34.26966292134831,
  "fwhm_avg": 2.4855109701581273,
  "fwhm_x": 2.525169072240127,
  "fwhm_y": 2.6043282815920885,
  "fwhm_z": 2.327035556642166,
  "gcor": 0.0185305,
  "gsr_x": -0.0004191211482975632,
  "gsr_y": 0.025708790868520737,
  "provenance": {
    "md5sum": "a11ab8a34849333e83ef2083b7aac51f",
    "settings": {
      "fd_thres": 0.2,
      "testing": false
    },
    "software": "mriqc",
    "version": "22.0.6",
    "webapi_port": null,
    "webapi_url": "https://mriqc.nimh.nih.gov/api/v1"
  },
  "size_t": 178,
  "size_x": 64,
  "size_y": 64,
  "size_z": 35,
  "snr": 4.706937197604213,
  "spacing_tr": 2.0,
  "spacing_x": 3.2969000339508057,
  "spacing_y": 3.2969000339508057,
  "spacing_z": 3.3000011444091797,
  "summary_bg_k": 55.12572068263651,
  "summary_bg_mad": 20.01512853590597,
  "summary_bg_mean": 53.07752227783203,
  "summary_bg_median": 29.067415237426758,
  "summary_bg_n": 88291.0,
  "summary_bg_p05": 2.578651785850525,
  "summary_bg_p95": 179.2022476196289,
  "summary_bg_stdv": 92.81189727783203,
  "summary_fg_k": -0.34830989562063985,
  "summary_fg_mad": 363.52485200822275,
  "summary_fg_mean": 1613.376708984375,
  "summary_fg_median": 1596.098388671875,
  "summary_fg_n": 24196.0,
  "summary_fg_p05": 1073.1545104980469,
  "summary_fg_p95": 2169.359619140625,
  "summary_fg_stdv": 339.087890625,
  "tsnr": 36.507032887777314
}