{
  "aor": 0.001383426966292135,
  "aqi": 0.007304400280898876,
  "bids_meta": {
    "AcquisitionMatrixPE": 64,
    "AcquisitionNumber": 1,
    "AcquisitionTime": "12:10:55.000000",
    "BodyPartExamined": "BRAIN",
    "CoilString": "RM:HNU_FlexS",
    "ConversionSoftware": "dcm2niix",
    "ConversionSoftwareVersion": "v1.0.20200331",
    "DeviceSerialNumber": "00000070431MRS04",
    "EchoTime": 0.03,
    "EffectiveEchoSpacing": 0.000644,
    "FlipAngle": 78,
    "ImageOrientationPatientDICOM": [
      1,
      0,
      0,
      0,
      1,
      0
    ],
    "ImageType": [
      "ORIGINAL",
      "PRIMARY",
      "EPI",
      "NONE"
    ],
    "ImagingFrequency": 127.734,
    "InPlanePhaseEncodingDirectionDICOM": "COL",
    "InstitutionName": "N_and_N_University_Hospital",
    "MRAcquisitionType": "2D",
    "MagneticFieldStrength": 3,
    "Manufacturer": "GE",
    "ManufacturersModelName": "DISCOVERY_MR750w",
    "Modality": "MR",
    "PatientPosition": "HFS",
    "PercentPhaseFOV": 100,
    "PercentSampling": 100,
    "PhaseEncodingDirection": "j",
    "PhaseEncodingPolarityGE": "Flipped",
    "PixelBandwidth": 7812.5,
    "ProcedureStepDescription": "MRI_Head",
    "ProtocolName": "fMRI_3.3X3.3X3.3_NEW_180_volumes",
    "ReconMatrixPE": 64,
    "RepetitionTime": 2,
    "SAR": 0.0568468,
    "ScanOptions": "SAT_GEMS_EPI_GEMS_ACC_GEMS_FS",
    "ScanningSequence": "EP_GR",
    "SequenceVariant": "SS",
    "SeriesDescription": "fMRI_3.3X3.3X3.3_NEW_180_volumes",
    "SeriesNumber": 9,
    "SliceThickness": 3.3,
    "SliceTiming": [
      0,
      1.0285,
      0.0571001,
      1.0857,
      0.1142,
      1.1428,
      0.1714,
      1.2,
      0.2285,
      1.2571,
      0.2857,
      1.3143,
      0.3428,
      1.3714,
      0.4,
      1.4286,
      0.4571,
      1.4857,
      0.5142,
      1.5428,
      0.5714,
      1.6,
      0.6285,
      1.6571,
      0.6857,
      1.7143,
      0.7428,
      1.7714,
      0.8,
      1.8285,
      0.8571,
      1.8857,
      0.9143,
      1.9428,
      0.9714
    ],
    "SoftwareVersions": "27_LX_MR_Software_release:DV26.0_EA_1641.c",
    "SpacingBetweenSlices": 3.3,
    "StationName": "nnmr04",
    "TaskName": "grasp",
    "TotalReadoutTime": 0.040572,
    "dataset": "ds003342",
    "modality": "bold",
    "run_id": 3,
    "session_id": "action",
    "subject_id": "TS12",
    "task_id": "grasp"
  },
  "dummy_trs": 0,
  "dvars_nstd": 34.33680259598869,
  "dvars_std": 1.0338344040113001,
  "dvars_vstd": 1.0237462567231639,
  "efc": 0.47745820036887265,
  "fber": 2952.19775390625,
  "fd_mean": 0.2077497268504626,
  "fd_num": 70,
  "fd_perc": 39.325842696629216,
  "fwhm_avg": 2.4668436618861826,
  "fwhm_x": 2.5026812809099317,
  "fwhm_y": 2.579602023846775,
  "fwhm_z": 2.31824768090184,
  "gcor": 0.0229596,
  "gsr_x": 0.0012381661217659712,
  "gsr_y": 0.028390783816576004,
  "provenance": {
    "md5sum": "8ccf851d05e3cdf2d496013516430087",
    "settings": {
      "fd_thres": 0.2,
      "testing": false
    },
    "software": "mriqc",
    "version": "22.0.6",
    "webapi_port": null,
    "webapi_url": "https://mriqc.nimh.nih.gov/api/v1"
  },
  "size_t": 178,
  "size_x": 64,
  "size_y": 64,
  "size_z": 35,
  "snr": 4.79979259560262,
  "spacing_tr": 2.0,
  "spacing_x": 3.2969000339508057,
  "spacing_y": 3.2969000339508057,
  "spacing_z": 3.3000011444091797,
  "summary_bg_k": 54.50191042878957,
  "summary_bg_mad": 19.71527718027633,
  "summary_bg_mean": 51.85887908935547,
  "summary_bg_median": 29.089887619018555,
  "summary_bg_n": 88882.0,
  "summary_bg_p05": 2.365168571472168,
  "summary_bg_p95": 173.74073410034174,
  "summary_bg_stdv": 89.74708557128906,
  "summary_fg_k": -0.3523901464661541,
  "summary_fg_mad": 352.1596526897895,
  "summary_fg_mean": 1602.37744140625,
  "summary_fg_median": 1585.744384765625,
  "summary_fg_n": 24046.0,
  "summary_fg_p05": 1076.5252685546875,
  "summary_fg_p95": 2153.23046875,
  "summary_fg_stdv": 330.3708190917969,
  "tsnr": 37.245465476065874
}