{
  "aor": 0.0013597191011235955,
  "aqi": 0.007516903033707866,
  "bids_meta": {
    "AcquisitionMatrixPE": 64,
    "AcquisitionNumber": 1,
    "AcquisitionTime": "12:26:24.000000",
    "BodyPartExamined": "BRAIN",
    "CoilString": "RM:HNU_FlexS",
    "ConversionSoftware": "dcm2niix",
    "ConversionSoftwareVersion": "v1.0.20200331",
    "DeviceSerialNumber": "00000070431MRS04",
    "EchoTime": 0.03,
    "EffectiveEchoSpacing": 0.000644,
    "FlipAngle": 78,
    "ImageOrientationPatientDICOM": [
      1,
      0,
      0,
      0,
      1,
      0
    ],
    "ImageType": [
      "ORIGINAL",
      "PRIMARY",
      "EPI",
      "NONE"
    ],
    "ImagingFrequency": 127.734,
    "InPlanePhaseEncodingDirectionDICOM": "COL",
    "InstitutionName": "N_and_N_University_Hospital",
    "MRAcquisitionType": "2D",
    "MagneticFieldStrength": 3,
    "Manufacturer": "GE",
    "ManufacturersModelName": "DISCOVERY_MR750w",
    "Modality": "MR",
    "PatientPosition": "HFS",
    "PercentPhaseFOV": 100,
    "PercentSampling": 100,
    "PhaseEncodingDirection": "j",
    "PhaseEncodingPolarityGE": "Flipped",
    "PixelBandwidth": 7812.5,
    "ProcedureStepDescription": "MRI_Head",
    "ProtocolName": "fMRI_3.3X3.3X3.3_NEW_180_volumes",
    "ReconMatrixPE": 64,
    "RepetitionTime": 2,
    "SAR": 0.0568468,
    "ScanOptions": "SAT_GEMS_EPI_GEMS_ACC_GEMS_FS",
    "ScanningSequence": "EP_GR",
    "SequenceVariant": "SS",
    "SeriesDescription": "fMRI_3.3X3.3X3.3_NEW_180_volumes",
    "SeriesNumber": 11,
    "SliceThickness": 3.3,
    "SliceTiming": [
      0,
      1.0285,
      0.0571001,
      1.0857,
      0.1142,
      1.1428,
      0.1714,
      1.2,
      0.2285,
      1.2571,
      0.2857,
      1.3143,
      0.3428,
      1.3714,
      0.4,
      1.4286,
      0.4571,
      1.4857,
      0.5142,
      1.5428,
      0.5714,
      1.6,
      0.6285,
      1.6571,
      0.6857,
      1.7143,
      0.7428,
      1.7714,
      0.8,
      1.8285,
      0.8571,
      1.8857,
      0.9143,
      1.9428,
      0.9714
    ],
    "SoftwareVersions": "27_LX_MR_Software_release:DV26.0_EA_1641.c",
    "SpacingBetweenSlices": 3.3,
    "StationName": "nnmr04",
    "TaskName": "grasp",
    "TotalReadoutTime": 0.040572,
    "dataset": "ds003342",
    "modality": "bold",
    "run_id": 5,
    "session_id": "action",
    "subject_id": "TS12",
    "task_id": "grasp"
  },
  "dummy_trs": 0,
  "dvars_nstd": 34.01794407723164,
  "dvars_std": 1.0269436748587573,
  "dvars_vstd": 1.0212294903954802,
  "efc": 0.4783235392597836,
  "fber": 2961.923828125,
  "fd_mean": 0.22424079221303064,
  "fd_num": 77,
  "fd_perc": 43.258426966292134,
  "fwhm_avg": 2.4819872862376147,
  "fwhm_x": 2.5302526355351644,
  "fwhm_y": 2.588125181877238,
  "fwhm_z": 2.327584041300441,
  "gcor": 0.0213377,
  "gsr_x": 0.0012231705477461219,
  "gsr_y": 0.02724142000079155,
  "provenance": {
    "md5sum": "675c5c6c413f31cf5d84fd4ee302d1e9",
    "settings": {
      "fd_thres": 0.2,
      "testing": false
    },
    "software": "mriqc",
    "version": "22.0.6",
    "webapi_port": null,
    "webapi_url": "https://mriqc.nimh.nih.gov/api/v1"
  },
  "size_t": 178,
  "size_x": 64,
  "size_y": 64,
  "size_z": 35,
  "snr": 4.736376072416635,
  "spacing_tr": 2.0,
  "spacing_x": 3.2969000339508057,
  "spacing_y": 3.2969000339508057,
  "spacing_z": 3.3000011444091797,
  "summary_bg_k": 52.60558379178038,
  "summary_bg_mad": 19.790240372663657,
  "summary_bg_mean": 52.54938888549805,
  "summary_bg_median": 29.0112361907959,
  "summary_bg_n": 88621.0,
  "summary_bg_p05": 2.303370714187622,
  "summary_bg_p95": 176.8258514404297,
  "summary_bg_stdv": 91.4710693359375,
  "summary_fg_k": -0.41207963935740155,
  "summary_fg_mad": 360.8303962185363,
  "summary_fg_mean": 1604.4110107421875,
  "summary_fg_median": 1589.2696533203125,
  "summary_fg_n": 24136.0,
  "summary_fg_p05": 1067.5238647460938,
  "summary_fg_p95": 2152.3947143554688,
  "summary_fg_stdv": 335.5385437011719,
  "tsnr": 36.612486988306046
}