{
  "aor": 0.0024296629213483144,
  "aqi": 0.007840477977528088,
  "bids_meta": {
    "AcquisitionMatrixPE": 64,
    "AcquisitionNumber": 1,
    "AcquisitionTime": "12:34:53.000000",
    "BodyPartExamined": "BRAIN",
    "CoilString": "RM:HNU_FlexS",
    "ConversionSoftware": "dcm2niix",
    "ConversionSoftwareVersion": "v1.0.20200331",
    "DeviceSerialNumber": "00000070431MRS04",
    "EchoTime": 0.03,
    "EffectiveEchoSpacing": 0.000644,
    "FlipAngle": 78,
    "ImageOrientationPatientDICOM": [
      1,
      0,
      0,
      0,
      1,
      0
    ],
    "ImageType": [
      "ORIGINAL",
      "PRIMARY",
      "EPI",
      "NONE"
    ],
    "ImagingFrequency": 127.734,
    "InPlanePhaseEncodingDirectionDICOM": "COL",
    "InstitutionName": "N_and_N_University_Hospital",
    "MRAcquisitionType": "2D",
    "MagneticFieldStrength": 3,
    "Manufacturer": "GE",
    "ManufacturersModelName": "DISCOVERY_MR750w",
    "Modality": "MR",
    "PatientPosition": "HFS",
    "PercentPhaseFOV": 100,
    "PercentSampling": 100,
    "PhaseEncodingDirection": "j",
    "PhaseEncodingPolarityGE": "Flipped",
    "PixelBandwidth": 7812.5,
    "ProcedureStepDescription": "MRI_Head",
    "ProtocolName": "fMRI_3.3X3.3X3.3_NEW_180_volumes",
    "ReconMatrixPE": 64,
    "RepetitionTime": 2,
    "SAR": 0.0568468,
    "ScanOptions": "SAT_GEMS_EPI_GEMS_ACC_GEMS_FS",
    "ScanningSequence": "EP_GR",
    "SequenceVariant": "SS",
    "SeriesDescription": "fMRI_3.3X3.3X3.3_NEW_180_volumes",
    "SeriesNumber": 12,
    "SliceThickness": 3.3,
    "SliceTiming": [
      0,
      1.0285,
      0.0571001,
      1.0857,
      0.1142,
      1.1428,
      0.1714,
      1.2,
      0.2285,
      1.2571,
      0.2857,
      1.3143,
      0.3428,
      1.3714,
      0.4,
      1.4286,
      0.4571,
      1.4857,
      0.5142,
      1.5428,
      0.5714,
      1.6,
      0.6285,
      1.6571,
      0.6857,
      1.7143,
      0.7428,
      1.7714,
      0.8,
      1.8285,
      0.8571,
      1.8857,
      0.9143,
      1.9428,
      0.9714
    ],
    "SoftwareVersions": "27_LX_MR_Software_release:DV26.0_EA_1641.c",
    "SpacingBetweenSlices": 3.3,
    "StationName": "nnmr04",
    "TaskName": "grasp",
    "TotalReadoutTime": 0.040572,
    "dataset": "ds003342",
    "modality": "bold",
    "run_id": 6,
    "session_id": "action",
    "subject_id": "TS12",
    "task_id": "grasp"
  },
  "dummy_trs": 0,
  "dvars_nstd": 32.876649985932204,
  "dvars_std": 1.0294614481920898,
  "dvars_vstd": 1.0312868516949156,
  "efc": 0.47443098055858274,
  "fber": 3072.171142578125,
  "fd_mean": 0.17929483722925488,
  "fd_num": 62,
  "fd_perc": 34.831460674157306,
  "fwhm_avg": 2.527496205796661,
  "fwhm_x": 2.5875276508694083,
  "fwhm_y": 2.6432163275381955,
  "fwhm_z": 2.3517446389823777,
  "gcor": 0.0117092,
  "gsr_x": 0.001874758512713015,
  "gsr_y": 0.02621910721063614,
  "provenance": {
    "md5sum": "fecc4820dfa4b78870639f46a3dac788",
    "settings": {
      "fd_thres": 0.2,
      "testing": false
    },
    "software": "mriqc",
    "version": "22.0.6",
    "webapi_port": null,
    "webapi_url": "https://mriqc.nimh.nih.gov/api/v1"
  },
  "size_t": 178,
  "size_x": 64,
  "size_y": 64,
  "size_z": 35,
  "snr": 4.649083833594161,
  "spacing_tr": 2.0,
  "spacing_x": 3.2969000339508057,
  "spacing_y": 3.2969000339508057,
  "spacing_z": 3.3000011444091797,
  "summary_bg_k": 54.35487311681936,
  "summary_bg_mad": 19.856874164350202,
  "summary_bg_mean": 52.1937141418457,
  "summary_bg_median": 29.067415237426758,
  "summary_bg_n": 89149.0,
  "summary_bg_p05": 2.974157381057742,
  "summary_bg_p95": 173.39325866699195,
  "summary_bg_stdv": 90.26763153076172,
  "summary_fg_k": -0.4299621189411327,
  "summary_fg_mad": 373.79484047151857,
  "summary_fg_mean": 1622.8878173828125,
  "summary_fg_median": 1609.53662109375,
  "summary_fg_n": 23900.0,
  "summary_fg_p05": 1067.7884643554687,
  "summary_fg_p95": 2195.205529785156,
  "summary_fg_stdv": 346.1978759765625,
  "tsnr": 36.07324471883476
}