{
  "aor": 0.0004227232142857143,
  "aqi": 0.004110438214285714,
  "bids_meta": {
    "AcquisitionMatrixPE": 64,
    "AcquisitionNumber": 1,
    "AcquisitionTime": "15:35:33.000000",
    "BodyPartExamined": "BRAIN",
    "CoilString": "Head+Neck_40",
    "ConversionSoftware": "dcm2niix",
    "ConversionSoftwareVersion": "v1.0.20200331",
    "DeviceSerialNumber": "00000070431MRS04",
    "EchoTime": 0.03,
    "EffectiveEchoSpacing": 0.000644,
    "FlipAngle": 78,
    "ImageOrientationPatientDICOM": [
      1,
      0,
      0,
      0,
      1,
      0
    ],
    "ImageType": [
      "ORIGINAL",
      "PRIMARY",
      "EPI",
      "NONE"
    ],
    "ImagingFrequency": 127.734,
    "InPlanePhaseEncodingDirectionDICOM": "ROW",
    "InstitutionName": "N_and_N_University_Hospital",
    "MRAcquisitionType": "2D",
    "MagneticFieldStrength": 3,
    "Manufacturer": "GE",
    "ManufacturersModelName": "DISCOVERY_MR750w",
    "Modality": "MR",
    "PatientPosition": "HFS",
    "PercentPhaseFOV": 100,
    "PercentSampling": 100,
    "PhaseEncodingDirection": "i-",
    "PhaseEncodingPolarityGE": "Flipped",
    "PixelBandwidth": 7812.5,
    "ProcedureStepDescription": "MRI_Head",
    "ProtocolName": "fMRI_2_PartB",
    "ReconMatrixPE": 64,
    "RepetitionTime": 2,
    "SAR": 0.0707602,
    "ScanOptions": "SAT_GEMS_EPI_GEMS_ACC_GEMS_FS",
    "ScanningSequence": "EP_GR",
    "SequenceVariant": "SS",
    "SeriesDescription": "fMRI_2_PartB",
    "SeriesNumber": 5,
    "SliceThickness": 3.3,
    "SliceTiming": [
      0,
      1.0285,
      0.0571001,
      1.0857,
      0.1142,
      1.1428,
      0.1714,
      1.2,
      0.2285,
      1.2571,
      0.2857,
      1.3143,
      0.3428,
      1.3714,
      0.4,
      1.4286,
      0.4571,
      1.4857,
      0.5142,
      1.5428,
      0.5714,
      1.6,
      0.6285,
      1.6571,
      0.6857,
      1.7143,
      0.7428,
      1.7714,
      0.8,
      1.8285,
      0.8571,
      1.8857,
      0.9143,
      1.9428,
      0.9714
    ],
    "SoftwareVersions": "27_LX_MR_Software_release:DV26.0_EB_1706.a",
    "SpacingBetweenSlices": 3.3,
    "StationName": "nnmr04",
    "TaskName": "localiser",
    "TotalReadoutTime": 0.040572,
    "dataset": "ds003342",
    "modality": "bold",
    "run_id": 2,
    "session_id": "localiser",
    "subject_id": "KL04",
    "task_id": "localiser"
  },
  "dummy_trs": 0,
  "dvars_nstd": 18.09897211112107,
  "dvars_std": 1.099328892017937,
  "dvars_vstd": 0.9895892358295966,
  "efc": 0.5327575046063596,
  "fber": 7489.17236328125,
  "fd_mean": 0.04932246035242677,
  "fd_num": 1,
  "fd_perc": 0.44642857142857145,
  "fwhm_avg": 2.058645882546737,
  "fwhm_x": 2.0021110534219164,
  "fwhm_y": 2.2571900644140186,
  "fwhm_z": 1.9166365298042758,
  "gcor": 0.0383388,
  "gsr_x": -0.002338264835998416,
  "gsr_y": 0.033961739391088486,
  "provenance": {
    "md5sum": "21980c78bff3b1b9979a31dbad4f1449",
    "settings": {
      "fd_thres": 0.2,
      "testing": false
    },
    "software": "mriqc",
    "version": "22.0.6",
    "webapi_port": null,
    "webapi_url": "https://mriqc.nimh.nih.gov/api/v1"
  },
  "size_t": 224,
  "size_x": 64,
  "size_y": 64,
  "size_z": 35,
  "snr": 6.7338599999523145,
  "spacing_tr": 2.0,
  "spacing_x": 3.2969000339508057,
  "spacing_y": 3.2969000339508057,
  "spacing_z": 3.299999713897705,
  "summary_bg_k": 28.942761188976398,
  "summary_bg_mad": 56.861767345574876,
  "summary_bg_mean": 165.42857360839844,
  "summary_bg_median": 42.58928680419922,
  "summary_bg_n": 80761.0,
  "summary_bg_p05": 0.6696428656578064,
  "summary_bg_p95": 865.544677734375,
  "summary_bg_stdv": 349.60076904296875,
  "summary_fg_k": 1.2615866570219012,
  "summary_fg_mad": 497.9425968100146,
  "summary_fg_mean": 3658.2109375,
  "summary_fg_median": 3611.95556640625,
  "summary_fg_n": 30499.0,
  "summary_fg_p05": 2852.799267578125,
  "summary_fg_p95": 4541.75029296875,
  "summary_fg_stdv": 536.3782958984375,
  "tsnr": 84.58662765473127
}