{
  "aor": 0.0012544843049327357,
  "aqi": 0.0020263005829596415,
  "bids_meta": {
    "AcquisitionMatrixPE": 72,
    "AcquisitionNumber": 1,
    "AcquisitionTime": "13:24:0.090000",
    "BandwidthPerPixelPhaseEncode": 56.689,
    "BaseResolution": 72,
    "BodyPartExamined": "BRAIN",
    "ConsistencyInfo": "N4_VD13D_LATEST_20130810",
    "ConversionSoftware": "dcm2niix",
    "ConversionSoftwareVersion": "v1.0.20200331",
    "DerivedVendorReportedEchoSpacing": 0.000490003,
    "DeviceSerialNumber": "67003",
    "DwellTime": 2.8e-06,
    "EchoTime": 0.03,
    "EchoTrainLength": 36,
    "EffectiveEchoSpacing": 0.000245001,
    "FlipAngle": 77,
    "ImageOrientationPatientDICOM": [
      1,
      0,
      0,
      0,
      0.993768,
      -0.111469
    ],
    "ImageType": [
      "ORIGINAL",
      "PRIMARY",
      "M",
      "ND",
      "MOSAIC"
    ],
    "ImagingFrequency": 123.257,
    "InPlanePhaseEncodingDirectionDICOM": "COL",
    "InstitutionAddress": "Oxfordlaan_55_Maastricht_Limburg_NL_6229_EV",
    "InstitutionName": "Brains_Unlimited",
    "InstitutionalDepartmentName": "Department",
    "MRAcquisitionType": "2D",
    "MagneticFieldStrength": 3,
    "Manufacturer": "Siemens",
    "ManufacturersModelName": "Prisma_fit",
    "Modality": "MR",
    "ParallelReductionFactorInPlane": 2,
    "PartialFourier": 1,
    "PatientPosition": "HFS",
    "PercentPhaseFOV": 100,
    "PercentSampling": 100,
    "PhaseEncodingDirection": "j-",
    "PhaseEncodingSteps": 72,
    "PhaseResolution": 1,
    "PixelBandwidth": 2480,
    "ProcedureStepDescription": "Stephanie_Rossit_object_reg",
    "ProtocolName": "ep2d_3iso_matrix72_ipat2_localizer",
    "PulseSequenceDetails": "%SiemensSeq%_ep2d_bold",
    "ReceiveCoilActiveElements": "HC1-7",
    "ReceiveCoilName": "HeadNeck_64",
    "ReconMatrixPE": 72,
    "RefLinesPE": 36,
    "RepetitionTime": 2,
    "SAR": 0.0768569,
    "ScanOptions": "FS",
    "ScanningSequence": "EP",
    "SequenceName": "_epfid2d1_72",
    "SequenceVariant": "SK",
    "SeriesDescription": "ep2d_3iso_matrix72_ipat2_localizer",
    "SeriesNumber": 12,
    "ShimSetting": [
      2275,
      -11684,
      -2190,
      371,
      2,
      131,
      -31,
      23
    ],
    "SliceThickness": 3,
    "SliceTiming": [
      0,
      1.0175,
      0.0575,
      1.075,
      0.1125,
      1.1325,
      0.17,
      1.1875,
      0.2275,
      1.245,
      0.2825,
      1.3025,
      0.34,
      1.3575,
      0.3975,
      1.415,
      0.4525,
      1.4725,
      0.51,
      1.5275,
      0.565,
      1.585,
      0.6225,
      1.64,
      0.68,
      1.6975,
      0.735,
      1.755,
      0.7925,
      1.81,
      0.85,
      1.8675,
      0.905,
      1.925,
      0.9625
    ],
    "SoftwareVersions": "syngo_MR_D13D",
    "SpacingBetweenSlices": 3,
    "StationName": "MRCPRISMA",
    "TaskName": "localiser",
    "TotalReadoutTime": 0.0173951,
    "TxRefAmp": 234.062,
    "dataset": "ds003342",
    "modality": "bold",
    "run_id": 2,
    "session_id": "localiser",
    "subject_id": "ST28",
    "task_id": "localiser"
  },
  "dummy_trs": 1,
  "dvars_nstd": 22.848250956081063,
  "dvars_std": 1.1214999385135134,
  "dvars_vstd": 1.0118048240090085,
  "efc": 0.561745713134157,
  "fber": 293.7926940917969,
  "fd_mean": 0.06882296637835932,
  "fd_num": 0,
  "fd_perc": 0.0,
  "fwhm_avg": 2.617992222222222,
  "fwhm_x": 2.44387,
  "fwhm_y": 2.7080466666666667,
  "fwhm_z": 2.70206,
  "gcor": 0.0112626,
  "gsr_x": 0.002250863006338477,
  "gsr_y": 0.04813333973288536,
  "provenance": {
    "md5sum": "90a9dc796f68baa4e6971659745f0b38",
    "settings": {
      "fd_thres": 0.2,
      "testing": false
    },
    "software": "mriqc",
    "version": "22.0.6",
    "webapi_port": null,
    "webapi_url": "https://mriqc.nimh.nih.gov/api/v1"
  },
  "size_t": 223,
  "size_x": 72,
  "size_y": 72,
  "size_z": 35,
  "snr": 2.780985054929092,
  "spacing_tr": 2.0,
  "spacing_x": 3.0,
  "spacing_y": 3.0,
  "spacing_z": 3.0,
  "summary_bg_k": 31.409659768984874,
  "summary_bg_mad": 7.865103419411188,
  "summary_bg_mean": 73.6333236694336,
  "summary_bg_median": 39.96412658691406,
  "summary_bg_n": 110495.0,
  "summary_bg_p05": 33.34977722167969,
  "summary_bg_p95": 239.7870086669914,
  "summary_bg_stdv": 100.67469787597656,
  "summary_fg_k": 0.8131361057832915,
  "summary_fg_mad": 233.6228724963531,
  "summary_fg_mean": 732.7788696289062,
  "summary_fg_median": 689.91259765625,
  "summary_fg_n": 34134.0,
  "summary_fg_p05": 405.7439666748047,
  "summary_fg_p95": 1203.4291748046874,
  "summary_fg_stdv": 248.07846069335938,
  "tsnr": 70.6092153955251
}