{
  "aor": 0.0006265178571428571,
  "aqi": 0.0022035198660714287,
  "bids_meta": {
    "AcquisitionMatrixPE": 72,
    "AcquisitionNumber": 1,
    "AcquisitionTime": "13:32:5.325000",
    "BandwidthPerPixelPhaseEncode": 56.689,
    "BaseResolution": 72,
    "BodyPartExamined": "BRAIN",
    "ConsistencyInfo": "N4_VD13D_LATEST_20130810",
    "ConversionSoftware": "dcm2niix",
    "ConversionSoftwareVersion": "v1.0.20200331",
    "DerivedVendorReportedEchoSpacing": 0.000490003,
    "DeviceSerialNumber": "67003",
    "DwellTime": 2.8e-06,
    "EchoTime": 0.03,
    "EchoTrainLength": 36,
    "EffectiveEchoSpacing": 0.000245001,
    "FlipAngle": 77,
    "ImageOrientationPatientDICOM": [
      1,
      0,
      0,
      0,
      0.993768,
      -0.111469
    ],
    "ImageType": [
      "ORIGINAL",
      "PRIMARY",
      "M",
      "ND",
      "MOSAIC"
    ],
    "ImagingFrequency": 123.257,
    "InPlanePhaseEncodingDirectionDICOM": "COL",
    "InstitutionAddress": "Oxfordlaan_55_Maastricht_Limburg_NL_6229_EV",
    "InstitutionName": "Brains_Unlimited",
    "InstitutionalDepartmentName": "Department",
    "MRAcquisitionType": "2D",
    "MagneticFieldStrength": 3,
    "Manufacturer": "Siemens",
    "ManufacturersModelName": "Prisma_fit",
    "Modality": "MR",
    "ParallelReductionFactorInPlane": 2,
    "PartialFourier": 1,
    "PatientPosition": "HFS",
    "PercentPhaseFOV": 100,
    "PercentSampling": 100,
    "PhaseEncodingDirection": "j-",
    "PhaseEncodingSteps": 72,
    "PhaseResolution": 1,
    "PixelBandwidth": 2480,
    "ProcedureStepDescription": "Stephanie_Rossit_object_reg",
    "ProtocolName": "ep2d_3iso_matrix72_ipat2_localizer",
    "PulseSequenceDetails": "%SiemensSeq%_ep2d_bold",
    "ReceiveCoilActiveElements": "HC1-7",
    "ReceiveCoilName": "HeadNeck_64",
    "ReconMatrixPE": 72,
    "RefLinesPE": 36,
    "RepetitionTime": 2,
    "SAR": 0.0768569,
    "ScanOptions": "FS",
    "ScanningSequence": "EP",
    "SequenceName": "_epfid2d1_72",
    "SequenceVariant": "SK",
    "SeriesDescription": "ep2d_3iso_matrix72_ipat2_localizer",
    "SeriesNumber": 13,
    "ShimSetting": [
      2275,
      -11684,
      -2190,
      371,
      2,
      131,
      -31,
      23
    ],
    "SliceThickness": 3,
    "SliceTiming": [
      0,
      1.02,
      0.0575,
      1.075,
      0.115,
      1.1325,
      0.17,
      1.1875,
      0.2275,
      1.245,
      0.2825,
      1.3025,
      0.34,
      1.3575,
      0.3975,
      1.415,
      0.4525,
      1.4725,
      0.51,
      1.5275,
      0.5675,
      1.585,
      0.6225,
      1.64,
      0.68,
      1.6975,
      0.735,
      1.755,
      0.7925,
      1.81,
      0.85,
      1.8675,
      0.905,
      1.925,
      0.9625
    ],
    "SoftwareVersions": "syngo_MR_D13D",
    "SpacingBetweenSlices": 3,
    "StationName": "MRCPRISMA",
    "TaskName": "localiser",
    "TotalReadoutTime": 0.0173951,
    "TxRefAmp": 234.062,
    "dataset": "ds003342",
    "modality": "bold",
    "run_id": 3,
    "session_id": "localiser",
    "subject_id": "ST28",
    "task_id": "localiser"
  },
  "dummy_trs": 0,
  "dvars_nstd": 23.95026803143498,
  "dvars_std": 1.1082035352017932,
  "dvars_vstd": 0.9967293421076231,
  "efc": 0.5624314936751902,
  "fber": 297.1195373535156,
  "fd_mean": 0.07712287413821839,
  "fd_num": 1,
  "fd_perc": 0.44642857142857145,
  "fwhm_avg": 2.6510711111111114,
  "fwhm_x": 2.4809,
  "fwhm_y": 2.73602,
  "fwhm_z": 2.7362933333333337,
  "gcor": 0.0200003,
  "gsr_x": 0.0023469431325793266,
  "gsr_y": 0.0456995852291584,
  "provenance": {
    "md5sum": "929c09efab7edab58cc8e0978ccb7344",
    "settings": {
      "fd_thres": 0.2,
      "testing": false
    },
    "software": "mriqc",
    "version": "22.0.6",
    "webapi_port": null,
    "webapi_url": "https://mriqc.nimh.nih.gov/api/v1"
  },
  "size_t": 224,
  "size_x": 72,
  "size_y": 72,
  "size_z": 35,
  "snr": 2.7869556224910332,
  "spacing_tr": 2.0,
  "spacing_x": 3.0,
  "spacing_y": 3.0,
  "spacing_z": 3.0,
  "summary_bg_k": 28.86068907851684,
  "summary_bg_mad": 7.379914061191436,
  "summary_bg_mean": 75.51820373535156,
  "summary_bg_median": 39.99553680419922,
  "summary_bg_n": 110815.0,
  "summary_bg_p05": 34.31696701049805,
  "summary_bg_p95": 253.3629562377924,
  "summary_bg_stdv": 103.87590026855469,
  "summary_fg_k": 0.7739772465224792,
  "summary_fg_mad": 235.22415347520845,
  "summary_fg_mean": 736.418701171875,
  "summary_fg_median": 694.1273193359375,
  "summary_fg_n": 34026.0,
  "summary_fg_p05": 407.72322845458984,
  "summary_fg_p95": 1209.0089721679688,
  "summary_fg_stdv": 249.05926513671875,
  "tsnr": 68.31318240612745
}