{
  "aor": 0.0014902232142857141,
  "aqi": 0.004789276294642856,
  "bids_meta": {
    "AcquisitionMatrixPE": 64,
    "AcquisitionNumber": 1,
    "AcquisitionTime": "12:45:17.000000",
    "BodyPartExamined": "BRAIN",
    "CoilString": "Head+Neck_40",
    "ConversionSoftware": "dcm2niix",
    "ConversionSoftwareVersion": "v1.0.20200331",
    "DeviceSerialNumber": "00000070431MRS04",
    "EchoTime": 0.03,
    "EffectiveEchoSpacing": 0.000644,
    "FlipAngle": 78,
    "ImageOrientationPatientDICOM": [
      1,
      0,
      0,
      0,
      1,
      0
    ],
    "ImageType": [
      "ORIGINAL",
      "PRIMARY",
      "EPI",
      "NONE"
    ],
    "ImagingFrequency": 127.734,
    "InPlanePhaseEncodingDirectionDICOM": "ROW",
    "InstitutionName": "N_and_N_University_Hospital",
    "MRAcquisitionType": "2D",
    "MagneticFieldStrength": 3,
    "Manufacturer": "GE",
    "ManufacturersModelName": "DISCOVERY_MR750w",
    "Modality": "MR",
    "PatientPosition": "HFS",
    "PercentPhaseFOV": 100,
    "PercentSampling": 100,
    "PhaseEncodingDirection": "i-",
    "PhaseEncodingPolarityGE": "Flipped",
    "PixelBandwidth": 7812.5,
    "ProcedureStepDescription": "MRI_Head",
    "ProtocolName": "fMRI_4_PartB",
    "ReconMatrixPE": 64,
    "RepetitionTime": 2,
    "SAR": 0.0656215,
    "ScanOptions": "SAT_GEMS_EPI_GEMS_ACC_GEMS_FS",
    "ScanningSequence": "EP_GR",
    "SequenceVariant": "SS",
    "SeriesDescription": "fMRI_4_PartB",
    "SeriesNumber": 8,
    "SliceThickness": 3.3,
    "SliceTiming": [
      0,
      1.0285,
      0.0571001,
      1.0857,
      0.1142,
      1.1428,
      0.1714,
      1.2,
      0.2285,
      1.2571,
      0.2857,
      1.3143,
      0.3428,
      1.3714,
      0.4,
      1.4286,
      0.4571,
      1.4857,
      0.5142,
      1.5428,
      0.5714,
      1.6,
      0.6285,
      1.6571,
      0.6857,
      1.7143,
      0.7428,
      1.7714,
      0.8,
      1.8285,
      0.8571,
      1.8857,
      0.9143,
      1.9428,
      0.9714
    ],
    "SoftwareVersions": "27_LX_MR_Software_release:DV26.0_EB_1706.a",
    "SpacingBetweenSlices": 3.3,
    "StationName": "nnmr04",
    "TaskName": "localiser",
    "TotalReadoutTime": 0.040572,
    "dataset": "ds003342",
    "modality": "bold",
    "run_id": 4,
    "session_id": "localiser",
    "subject_id": "RS06",
    "task_id": "localiser"
  },
  "dummy_trs": 0,
  "dvars_nstd": 20.11997820753363,
  "dvars_std": 1.1278992545291484,
  "dvars_vstd": 0.9985654882959634,
  "efc": 0.5441516402085537,
  "fber": 7399.15673828125,
  "fd_mean": 0.0898694925313545,
  "fd_num": 10,
  "fd_perc": 4.464285714285714,
  "fwhm_avg": 2.1540034607136067,
  "fwhm_x": 2.0883405408411404,
  "fwhm_y": 2.3428644849579494,
  "fwhm_z": 2.03080535634173,
  "gcor": 0.037335,
  "gsr_x": 0.005099879577755928,
  "gsr_y": 0.0347173735499382,
  "provenance": {
    "md5sum": "04a92439ba289e8b7377453a4f4a6ef2",
    "settings": {
      "fd_thres": 0.2,
      "testing": false
    },
    "software": "mriqc",
    "version": "22.0.6",
    "webapi_port": null,
    "webapi_url": "https://mriqc.nimh.nih.gov/api/v1"
  },
  "size_t": 224,
  "size_x": 64,
  "size_y": 64,
  "size_z": 35,
  "snr": 5.752058508034023,
  "spacing_tr": 2.0,
  "spacing_x": 3.2969000339508057,
  "spacing_y": 3.2969000339508057,
  "spacing_z": 3.3000011444091797,
  "summary_bg_k": 72.48462603373633,
  "summary_bg_mad": 63.54009659372543,
  "summary_bg_mean": 143.18284606933594,
  "summary_bg_median": 46.72768020629883,
  "summary_bg_n": 77402.0,
  "summary_bg_p05": 0.7723214626312256,
  "summary_bg_p95": 621.0431152343749,
  "summary_bg_stdv": 319.9795227050781,
  "summary_fg_k": 0.518392069763427,
  "summary_fg_mad": 634.9508234055785,
  "summary_fg_mean": 3991.985595703125,
  "summary_fg_median": 3909.531494140625,
  "summary_fg_n": 34073.0,
  "summary_fg_p05": 3008.029638671875,
  "summary_fg_p95": 5216.413671875,
  "summary_fg_stdv": 679.6652221679688,
  "tsnr": 73.47731257672422
}