{
  "aor": 0.0009322321428571429,
  "aqi": 0.0045441029910714284,
  "bids_meta": {
    "AcquisitionMatrixPE": 64,
    "AcquisitionNumber": 1,
    "AcquisitionTime": "12:19:26.000000",
    "BodyPartExamined": "BRAIN",
    "CoilString": "Head+Neck_40",
    "ConversionSoftware": "dcm2niix",
    "ConversionSoftwareVersion": "v1.0.20200331",
    "DeviceSerialNumber": "00000070431MRS04",
    "EchoTime": 0.03,
    "EffectiveEchoSpacing": 0.000644,
    "FlipAngle": 78,
    "ImageOrientationPatientDICOM": [
      1,
      0,
      0,
      0,
      1,
      0
    ],
    "ImageType": [
      "ORIGINAL",
      "PRIMARY",
      "EPI",
      "NONE"
    ],
    "ImagingFrequency": 127.734,
    "InPlanePhaseEncodingDirectionDICOM": "ROW",
    "InstitutionName": "N_and_N_University_Hospital",
    "MRAcquisitionType": "2D",
    "MagneticFieldStrength": 3,
    "Manufacturer": "GE",
    "ManufacturersModelName": "DISCOVERY_MR750w",
    "Modality": "MR",
    "PatientPosition": "HFS",
    "PercentPhaseFOV": 100,
    "PercentSampling": 100,
    "PhaseEncodingDirection": "i-",
    "PhaseEncodingPolarityGE": "Flipped",
    "PixelBandwidth": 7812.5,
    "ProcedureStepDescription": "MRI_Head",
    "ProtocolName": "fMRI_1_PartB",
    "ReconMatrixPE": 64,
    "RepetitionTime": 2,
    "SAR": 0.0652264,
    "ScanOptions": "SAT_GEMS_EPI_GEMS_ACC_GEMS_FS",
    "ScanningSequence": "EP_GR",
    "SequenceVariant": "SS",
    "SeriesDescription": "fMRI_1_PartB",
    "SeriesNumber": 5,
    "SliceThickness": 3.3,
    "SliceTiming": [
      0,
      1.0285,
      0.0571001,
      1.0857,
      0.1142,
      1.1428,
      0.1714,
      1.2,
      0.2285,
      1.2571,
      0.2857,
      1.3143,
      0.3428,
      1.3714,
      0.4,
      1.4286,
      0.4571,
      1.4857,
      0.5142,
      1.5428,
      0.5714,
      1.6,
      0.6285,
      1.6571,
      0.6857,
      1.7143,
      0.7428,
      1.7714,
      0.8,
      1.8285,
      0.8571,
      1.8857,
      0.9143,
      1.9428,
      0.9714
    ],
    "SoftwareVersions": "27_LX_MR_Software_release:DV26.0_EB_1706.a",
    "SpacingBetweenSlices": 3.3,
    "StationName": "nnmr04",
    "TaskName": "localiser",
    "TotalReadoutTime": 0.040572,
    "dataset": "ds003342",
    "modality": "bold",
    "run_id": 1,
    "session_id": "localiser",
    "subject_id": "RS06",
    "task_id": "localiser"
  },
  "dummy_trs": 0,
  "dvars_nstd": 19.81417925367714,
  "dvars_std": 1.1200065632286993,
  "dvars_vstd": 0.9820693122421519,
  "efc": 0.5446186864280738,
  "fber": 7224.33642578125,
  "fd_mean": 0.059427456308684984,
  "fd_num": 1,
  "fd_perc": 0.44642857142857145,
  "fwhm_avg": 2.2206499653065688,
  "fwhm_x": 2.157365988278591,
  "fwhm_y": 2.432048262740757,
  "fwhm_z": 2.0725356449003582,
  "gcor": 0.0329178,
  "gsr_x": 0.002650793641805649,
  "gsr_y": 0.034292224794626236,
  "provenance": {
    "md5sum": "6782075ca0375e7af04b9921ecbc5966",
    "settings": {
      "fd_thres": 0.2,
      "testing": false
    },
    "software": "mriqc",
    "version": "22.0.6",
    "webapi_port": null,
    "webapi_url": "https://mriqc.nimh.nih.gov/api/v1"
  },
  "size_t": 224,
  "size_x": 64,
  "size_y": 64,
  "size_z": 35,
  "snr": 5.535555130818052,
  "spacing_tr": 2.0,
  "spacing_x": 3.2969000339508057,
  "spacing_y": 3.2969000339508057,
  "spacing_z": 3.3000011444091797,
  "summary_bg_k": 78.87939957501462,
  "summary_bg_mad": 63.88427433060941,
  "summary_bg_mean": 143.8650665283203,
  "summary_bg_median": 47.03571701049805,
  "summary_bg_n": 77021.0,
  "summary_bg_p05": 0.8348214626312256,
  "summary_bg_p95": 603.9285888671875,
  "summary_bg_stdv": 322.2142639160156,
  "summary_fg_k": 0.40163753309143946,
  "summary_fg_mad": 663.788812016555,
  "summary_fg_mean": 4043.5205078125,
  "summary_fg_median": 3951.259033203125,
  "summary_fg_n": 34325.0,
  "summary_fg_p05": 3017.419775390625,
  "summary_fg_p95": 5341.470898437499,
  "summary_fg_stdv": 713.7859497070312,
  "tsnr": 70.83101939084008
}