{
  "aor": 0.001118348214285714,
  "aqi": 0.003565552276785714,
  "bids_meta": {
    "AcquisitionMatrixPE": 64,
    "AcquisitionNumber": 1,
    "AcquisitionTime": "12:37:1.000000",
    "BodyPartExamined": "BRAIN",
    "CoilString": "Head+Neck_40",
    "ConversionSoftware": "dcm2niix",
    "ConversionSoftwareVersion": "v1.0.20200331",
    "DeviceSerialNumber": "00000070431MRS04",
    "EchoTime": 0.03,
    "EffectiveEchoSpacing": 0.000644,
    "FlipAngle": 78,
    "ImageOrientationPatientDICOM": [
      1,
      0,
      0,
      0,
      1,
      0
    ],
    "ImageType": [
      "ORIGINAL",
      "PRIMARY",
      "EPI",
      "NONE"
    ],
    "ImagingFrequency": 127.734,
    "InPlanePhaseEncodingDirectionDICOM": "ROW",
    "InstitutionName": "N_and_N_University_Hospital",
    "MRAcquisitionType": "2D",
    "MagneticFieldStrength": 3,
    "Manufacturer": "GE",
    "ManufacturersModelName": "DISCOVERY_MR750w",
    "Modality": "MR",
    "PatientPosition": "HFS",
    "PercentPhaseFOV": 100,
    "PercentSampling": 100,
    "PhaseEncodingDirection": "i-",
    "PhaseEncodingPolarityGE": "Flipped",
    "PixelBandwidth": 7812.5,
    "ProcedureStepDescription": "MRI_Head",
    "ProtocolName": "fMRI_3_PartB",
    "ReconMatrixPE": 64,
    "RepetitionTime": 2,
    "SAR": 0.0656215,
    "ScanOptions": "SAT_GEMS_EPI_GEMS_ACC_GEMS_FS",
    "ScanningSequence": "EP_GR",
    "SequenceVariant": "SS",
    "SeriesDescription": "fMRI_3_PartB",
    "SeriesNumber": 7,
    "SliceThickness": 3.3,
    "SliceTiming": [
      0,
      1.0285,
      0.0571001,
      1.0857,
      0.1142,
      1.1428,
      0.1714,
      1.2,
      0.2285,
      1.2571,
      0.2857,
      1.3143,
      0.3428,
      1.3714,
      0.4,
      1.4286,
      0.4571,
      1.4857,
      0.5142,
      1.5428,
      0.5714,
      1.6,
      0.6285,
      1.6571,
      0.6857,
      1.7143,
      0.7428,
      1.7714,
      0.8,
      1.8285,
      0.8571,
      1.8857,
      0.9143,
      1.9428,
      0.9714
    ],
    "SoftwareVersions": "27_LX_MR_Software_release:DV26.0_EB_1706.a",
    "SpacingBetweenSlices": 3.3,
    "StationName": "nnmr04",
    "TaskName": "localiser",
    "TotalReadoutTime": 0.040572,
    "dataset": "ds003342",
    "modality": "bold",
    "run_id": 3,
    "session_id": "localiser",
    "subject_id": "RS06",
    "task_id": "localiser"
  },
  "dummy_trs": 0,
  "dvars_nstd": 19.552460606188337,
  "dvars_std": 1.1400628748430495,
  "dvars_vstd": 1.0067201624215238,
  "efc": 0.5429369941916016,
  "fber": 7715.2060546875,
  "fd_mean": 0.07777990541692006,
  "fd_num": 5,
  "fd_perc": 2.232142857142857,
  "fwhm_avg": 2.1886774068971397,
  "fwhm_x": 2.108975076101367,
  "fwhm_y": 2.3842033179818545,
  "fwhm_z": 2.0728538266081977,
  "gcor": 0.0403062,
  "gsr_x": 0.003605807665735483,
  "gsr_y": 0.035347696393728256,
  "provenance": {
    "md5sum": "f26956dca895c05b7097cd7f79d0c58e",
    "settings": {
      "fd_thres": 0.2,
      "testing": false
    },
    "software": "mriqc",
    "version": "22.0.6",
    "webapi_port": null,
    "webapi_url": "https://mriqc.nimh.nih.gov/api/v1"
  },
  "size_t": 224,
  "size_x": 64,
  "size_y": 64,
  "size_z": 35,
  "snr": 5.628101876639113,
  "spacing_tr": 2.0,
  "spacing_x": 3.2969000339508057,
  "spacing_y": 3.2969000339508057,
  "spacing_z": 3.3000011444091797,
  "summary_bg_k": 76.38680841357208,
  "summary_bg_mad": 61.872168037466885,
  "summary_bg_mean": 142.56639099121094,
  "summary_bg_median": 45.60714340209961,
  "summary_bg_n": 77373.0,
  "summary_bg_p05": 0.7500000596046448,
  "summary_bg_p95": 615.2089477539045,
  "summary_bg_stdv": 321.1151123046875,
  "summary_fg_k": 0.4856552626582036,
  "summary_fg_mad": 652.5234241145653,
  "summary_fg_mean": 4039.067626953125,
  "summary_fg_median": 3950.817138671875,
  "summary_fg_n": 34093.0,
  "summary_fg_p05": 3016.575146484375,
  "summary_fg_p95": 5303.176074218749,
  "summary_fg_stdv": 701.9700927734375,
  "tsnr": 81.84406646643765
}