{
  "aor": 0.0009590625,
  "aqi": 0.004447705044642857,
  "bids_meta": {
    "AcquisitionMatrixPE": 64,
    "AcquisitionNumber": 1,
    "AcquisitionTime": "12:27:49.000000",
    "BodyPartExamined": "BRAIN",
    "CoilString": "Head+Neck_40",
    "ConversionSoftware": "dcm2niix",
    "ConversionSoftwareVersion": "v1.0.20200331",
    "DeviceSerialNumber": "00000070431MRS04",
    "EchoTime": 0.03,
    "EffectiveEchoSpacing": 0.000644,
    "FlipAngle": 78,
    "ImageOrientationPatientDICOM": [
      1,
      0,
      0,
      0,
      1,
      0
    ],
    "ImageType": [
      "ORIGINAL",
      "PRIMARY",
      "EPI",
      "NONE"
    ],
    "ImagingFrequency": 127.734,
    "InPlanePhaseEncodingDirectionDICOM": "ROW",
    "InstitutionName": "N_and_N_University_Hospital",
    "MRAcquisitionType": "2D",
    "MagneticFieldStrength": 3,
    "Manufacturer": "GE",
    "ManufacturersModelName": "DISCOVERY_MR750w",
    "Modality": "MR",
    "PatientPosition": "HFS",
    "PercentPhaseFOV": 100,
    "PercentSampling": 100,
    "PhaseEncodingDirection": "i-",
    "PhaseEncodingPolarityGE": "Flipped",
    "PixelBandwidth": 7812.5,
    "ProcedureStepDescription": "MRI_Head",
    "ProtocolName": "fMRI_2_PartB",
    "ReconMatrixPE": 64,
    "RepetitionTime": 2,
    "SAR": 0.0656215,
    "ScanOptions": "SAT_GEMS_EPI_GEMS_ACC_GEMS_FS",
    "ScanningSequence": "EP_GR",
    "SequenceVariant": "SS",
    "SeriesDescription": "fMRI_2_PartB",
    "SeriesNumber": 6,
    "SliceThickness": 3.3,
    "SliceTiming": [
      0,
      1.0285,
      0.0571001,
      1.0857,
      0.1142,
      1.1428,
      0.1714,
      1.2,
      0.2285,
      1.2571,
      0.2857,
      1.3143,
      0.3428,
      1.3714,
      0.4,
      1.4286,
      0.4571,
      1.4857,
      0.5142,
      1.5428,
      0.5714,
      1.6,
      0.6285,
      1.6571,
      0.6857,
      1.7143,
      0.7428,
      1.7714,
      0.8,
      1.8285,
      0.8571,
      1.8857,
      0.9143,
      1.9428,
      0.9714
    ],
    "SoftwareVersions": "27_LX_MR_Software_release:DV26.0_EB_1706.a",
    "SpacingBetweenSlices": 3.3,
    "StationName": "nnmr04",
    "TaskName": "localiser",
    "TotalReadoutTime": 0.040572,
    "dataset": "ds003342",
    "modality": "bold",
    "run_id": 2,
    "session_id": "localiser",
    "subject_id": "RS06",
    "task_id": "localiser"
  },
  "dummy_trs": 0,
  "dvars_nstd": 19.47588457022422,
  "dvars_std": 1.141410092152466,
  "dvars_vstd": 1.0026000786547091,
  "efc": 0.5434424359549823,
  "fber": 7664.0419921875,
  "fd_mean": 0.06549517367811253,
  "fd_num": 3,
  "fd_perc": 1.3392857142857142,
  "fwhm_avg": 2.211499665882217,
  "fwhm_x": 2.1507324841459856,
  "fwhm_y": 2.413530867802688,
  "fwhm_z": 2.0702356456979767,
  "gcor": 0.0355401,
  "gsr_x": 0.002566494746133685,
  "gsr_y": 0.03617321699857712,
  "provenance": {
    "md5sum": "acd5a93b2fb01b20c25bed2fccf661fa",
    "settings": {
      "fd_thres": 0.2,
      "testing": false
    },
    "software": "mriqc",
    "version": "22.0.6",
    "webapi_port": null,
    "webapi_url": "https://mriqc.nimh.nih.gov/api/v1"
  },
  "size_t": 224,
  "size_x": 64,
  "size_y": 64,
  "size_z": 35,
  "snr": 5.5709056015843075,
  "spacing_tr": 2.0,
  "spacing_x": 3.2969000339508057,
  "spacing_y": 3.2969000339508057,
  "spacing_z": 3.3000011444091797,
  "summary_bg_k": 79.79740905946396,
  "summary_bg_mad": 61.52799772366111,
  "summary_bg_mean": 143.30157470703125,
  "summary_bg_median": 45.625003814697266,
  "summary_bg_n": 77127.0,
  "summary_bg_p05": 0.9330357313156128,
  "summary_bg_p95": 617.3897766113276,
  "summary_bg_stdv": 326.14666748046875,
  "summary_fg_k": 0.4096599288275802,
  "summary_fg_mad": 659.9831284898538,
  "summary_fg_mean": 4061.715087890625,
  "summary_fg_median": 3969.379638671875,
  "summary_fg_n": 34187.0,
  "summary_fg_p05": 3026.34697265625,
  "summary_fg_p95": 5361.0492187499985,
  "summary_fg_stdv": 712.5092163085938,
  "tsnr": 75.78920090198517
}