{
  "aor": 0.001236067415730337,
  "aqi": 0.009461759887640449,
  "bids_meta": {
    "AcquisitionMatrixPE": 64,
    "AcquisitionNumber": 1,
    "AcquisitionTime": "15:57:42.000000",
    "BodyPartExamined": "BRAIN",
    "CoilString": "RM:HNU_FlexS",
    "ConversionSoftware": "dcm2niix",
    "ConversionSoftwareVersion": "v1.0.20200331",
    "DeviceSerialNumber": "00000070431MRS04",
    "EchoTime": 0.03,
    "EffectiveEchoSpacing": 0.000644,
    "FlipAngle": 78,
    "ImageOrientationPatientDICOM": [
      1,
      0,
      0,
      0,
      1,
      0
    ],
    "ImageType": [
      "ORIGINAL",
      "PRIMARY",
      "EPI",
      "NONE"
    ],
    "ImagingFrequency": 127.734,
    "InPlanePhaseEncodingDirectionDICOM": "COL",
    "InstitutionName": "N_and_N_University_Hospital",
    "MRAcquisitionType": "2D",
    "MagneticFieldStrength": 3,
    "Manufacturer": "GE",
    "ManufacturersModelName": "DISCOVERY_MR750w",
    "Modality": "MR",
    "PatientPosition": "HFS",
    "PercentPhaseFOV": 100,
    "PercentSampling": 100,
    "PhaseEncodingDirection": "j",
    "PhaseEncodingPolarityGE": "Flipped",
    "PixelBandwidth": 7812.5,
    "ProcedureStepDescription": "MRI_Head",
    "ProtocolName": "fMRI_2_PartA",
    "ReconMatrixPE": 64,
    "RepetitionTime": 2,
    "SAR": 0.0611359,
    "ScanOptions": "SAT_GEMS_EPI_GEMS_ACC_GEMS_FS",
    "ScanningSequence": "EP_GR",
    "SequenceVariant": "SS",
    "SeriesDescription": "fMRI_2_PartA",
    "SeriesNumber": 5,
    "SliceThickness": 3.3,
    "SliceTiming": [
      0,
      1.0285,
      0.0571001,
      1.0857,
      0.1142,
      1.1428,
      0.1714,
      1.2,
      0.2285,
      1.2571,
      0.2857,
      1.3143,
      0.3428,
      1.3714,
      0.4,
      1.4286,
      0.4571,
      1.4857,
      0.5142,
      1.5428,
      0.5714,
      1.6,
      0.6285,
      1.6571,
      0.6857,
      1.7143,
      0.7428,
      1.7714,
      0.8,
      1.8285,
      0.8571,
      1.8857,
      0.9143,
      1.9428,
      0.9714
    ],
    "SoftwareVersions": "27_LX_MR_Software_release:DV26.0_EB_1706.a",
    "SpacingBetweenSlices": 3.3,
    "StationName": "nnmr04",
    "TaskName": "grasp",
    "TotalReadoutTime": 0.040572,
    "dataset": "ds003342",
    "modality": "bold",
    "run_id": 2,
    "session_id": "action",
    "subject_id": "LP12",
    "task_id": "grasp"
  },
  "dummy_trs": 0,
  "dvars_nstd": 36.983866028813566,
  "dvars_std": 1.0400935172881356,
  "dvars_vstd": 1.0189203735028245,
  "efc": 0.4860507646540449,
  "fber": 2439.60107421875,
  "fd_mean": 0.14507979709713525,
  "fd_num": 41,
  "fd_perc": 23.03370786516854,
  "fwhm_avg": 2.729393349911382,
  "fwhm_x": 2.8498255643926496,
  "fwhm_y": 2.67672962756616,
  "fwhm_z": 2.661624857775337,
  "gcor": 0.0114119,
  "gsr_x": 0.008645306341350079,
  "gsr_y": 0.02269933372735977,
  "provenance": {
    "md5sum": "47d82b91b74c5f3c8312f9b7e7d59c50",
    "settings": {
      "fd_thres": 0.2,
      "testing": false
    },
    "software": "mriqc",
    "version": "22.0.6",
    "webapi_port": null,
    "webapi_url": "https://mriqc.nimh.nih.gov/api/v1"
  },
  "size_t": 178,
  "size_x": 64,
  "size_y": 64,
  "size_z": 35,
  "snr": 4.221309076410909,
  "spacing_tr": 2.0,
  "spacing_x": 3.2969000339508057,
  "spacing_y": 3.2969000339508057,
  "spacing_z": 3.299999237060547,
  "summary_bg_k": 64.66532319365076,
  "summary_bg_mad": 19.65697278929056,
  "summary_bg_mean": 50.11552047729492,
  "summary_bg_median": 29.308988571166992,
  "summary_bg_n": 88196.0,
  "summary_bg_p05": 4.948033690452576,
  "summary_bg_p95": 152.55056762695312,
  "summary_bg_stdv": 84.4392318725586,
  "summary_fg_k": 0.6848809669385059,
  "summary_fg_mad": 315.13206044238757,
  "summary_fg_mean": 1498.7862548828125,
  "summary_fg_median": 1454.1826171875,
  "summary_fg_n": 25426.0,
  "summary_fg_p05": 1010.5927124023438,
  "summary_fg_p95": 2152.1838989257812,
  "summary_fg_stdv": 344.4794006347656,
  "tsnr": 34.86786157311872
}