{
  "aor": 0.0017756741573033705,
  "aqi": 0.02178694584269663,
  "bids_meta": {
    "AcquisitionMatrixPE": 64,
    "AcquisitionNumber": 1,
    "AcquisitionTime": "15:50:0.000000",
    "BodyPartExamined": "BRAIN",
    "CoilString": "RM:HNU_FlexS",
    "ConversionSoftware": "dcm2niix",
    "ConversionSoftwareVersion": "v1.0.20200331",
    "DeviceSerialNumber": "00000070431MRS04",
    "EchoTime": 0.03,
    "EffectiveEchoSpacing": 0.000644,
    "FlipAngle": 78,
    "ImageOrientationPatientDICOM": [
      1,
      0,
      0,
      0,
      1,
      0
    ],
    "ImageType": [
      "ORIGINAL",
      "PRIMARY",
      "EPI",
      "NONE"
    ],
    "ImagingFrequency": 127.734,
    "InPlanePhaseEncodingDirectionDICOM": "COL",
    "InstitutionName": "N_and_N_University_Hospital",
    "MRAcquisitionType": "2D",
    "MagneticFieldStrength": 3,
    "Manufacturer": "GE",
    "ManufacturersModelName": "DISCOVERY_MR750w",
    "Modality": "MR",
    "PatientPosition": "HFS",
    "PercentPhaseFOV": 100,
    "PercentSampling": 100,
    "PhaseEncodingDirection": "j",
    "PhaseEncodingPolarityGE": "Flipped",
    "PixelBandwidth": 7812.5,
    "ProcedureStepDescription": "MRI_Head",
    "ProtocolName": "fMRI_1_PartA",
    "ReconMatrixPE": 64,
    "RepetitionTime": 2,
    "SAR": 0.0613868,
    "ScanOptions": "SAT_GEMS_EPI_GEMS_ACC_GEMS_FS",
    "ScanningSequence": "EP_GR",
    "SequenceVariant": "SS",
    "SeriesDescription": "fMRI_1_PartA",
    "SeriesNumber": 4,
    "SliceThickness": 3.3,
    "SliceTiming": [
      0,
      1.0285,
      0.0571001,
      1.0857,
      0.1142,
      1.1428,
      0.1714,
      1.2,
      0.2285,
      1.2571,
      0.2857,
      1.3143,
      0.3428,
      1.3714,
      0.4,
      1.4286,
      0.4571,
      1.4857,
      0.5142,
      1.5428,
      0.5714,
      1.6,
      0.6285,
      1.6571,
      0.6857,
      1.7143,
      0.7428,
      1.7714,
      0.8,
      1.8285,
      0.8571,
      1.8857,
      0.9143,
      1.9428,
      0.9714
    ],
    "SoftwareVersions": "27_LX_MR_Software_release:DV26.0_EB_1706.a",
    "SpacingBetweenSlices": 3.3,
    "StationName": "nnmr04",
    "TaskName": "grasp",
    "TotalReadoutTime": 0.040572,
    "dataset": "ds003342",
    "modality": "bold",
    "run_id": 1,
    "session_id": "action",
    "subject_id": "LP12",
    "task_id": "grasp"
  },
  "dummy_trs": 0,
  "dvars_nstd": 37.048149238531046,
  "dvars_std": 0.9964413405084743,
  "dvars_vstd": 0.9918901880790959,
  "efc": 0.4888133973502066,
  "fber": 2473.508056640625,
  "fd_mean": 0.210079275344914,
  "fd_num": 74,
  "fd_perc": 41.57303370786517,
  "fwhm_avg": 2.620722176083722,
  "fwhm_x": 2.843577270605193,
  "fwhm_y": 2.7106069058730053,
  "fwhm_z": 2.3079823517729676,
  "gcor": 0.0290984,
  "gsr_x": 0.006147353909909725,
  "gsr_y": 0.023914411664009094,
  "provenance": {
    "md5sum": "7cdc7df06a0b409a2b45e901a104b001",
    "settings": {
      "fd_thres": 0.2,
      "testing": false
    },
    "software": "mriqc",
    "version": "22.0.6",
    "webapi_port": null,
    "webapi_url": "https://mriqc.nimh.nih.gov/api/v1"
  },
  "size_t": 178,
  "size_x": 64,
  "size_y": 64,
  "size_z": 35,
  "snr": 4.293683737654717,
  "spacing_tr": 2.0,
  "spacing_x": 3.2969000339508057,
  "spacing_y": 3.2969000339508057,
  "spacing_z": 3.299999237060547,
  "summary_bg_k": 62.75852597124303,
  "summary_bg_mad": 19.69861837887478,
  "summary_bg_mean": 51.3662109375,
  "summary_bg_median": 29.20786476135254,
  "summary_bg_n": 87761.0,
  "summary_bg_p05": 5.089887619018555,
  "summary_bg_p95": 157.94943237304688,
  "summary_bg_stdv": 87.14530181884766,
  "summary_fg_k": 1.012727606504285,
  "summary_fg_mad": 306.1740084392904,
  "summary_fg_mean": 1499.5667724609375,
  "summary_fg_median": 1454.1685791015625,
  "summary_fg_n": 25409.0,
  "summary_fg_p05": 1019.3865112304687,
  "summary_fg_p95": 2131.5033691406247,
  "summary_fg_stdv": 338.6695556640625,
  "tsnr": 29.448168609989807
}