{
  "aor": 0.000498876404494382,
  "aqi": 0.009828245505617976,
  "bids_meta": {
    "AcquisitionMatrixPE": 64,
    "AcquisitionNumber": 1,
    "AcquisitionTime": "16:05:32.000000",
    "BodyPartExamined": "BRAIN",
    "CoilString": "RM:HNU_FlexS",
    "ConversionSoftware": "dcm2niix",
    "ConversionSoftwareVersion": "v1.0.20200331",
    "DeviceSerialNumber": "00000070431MRS04",
    "EchoTime": 0.03,
    "EffectiveEchoSpacing": 0.000644,
    "FlipAngle": 78,
    "ImageOrientationPatientDICOM": [
      1,
      0,
      0,
      0,
      1,
      0
    ],
    "ImageType": [
      "ORIGINAL",
      "PRIMARY",
      "EPI",
      "NONE"
    ],
    "ImagingFrequency": 127.734,
    "InPlanePhaseEncodingDirectionDICOM": "COL",
    "InstitutionName": "N_and_N_University_Hospital",
    "MRAcquisitionType": "2D",
    "MagneticFieldStrength": 3,
    "Manufacturer": "GE",
    "ManufacturersModelName": "DISCOVERY_MR750w",
    "Modality": "MR",
    "PatientPosition": "HFS",
    "PercentPhaseFOV": 100,
    "PercentSampling": 100,
    "PhaseEncodingDirection": "j",
    "PhaseEncodingPolarityGE": "Flipped",
    "PixelBandwidth": 7812.5,
    "ProcedureStepDescription": "MRI_Head",
    "ProtocolName": "fMRI_3_PartA",
    "ReconMatrixPE": 64,
    "RepetitionTime": 2,
    "SAR": 0.0611359,
    "ScanOptions": "SAT_GEMS_EPI_GEMS_ACC_GEMS_FS",
    "ScanningSequence": "EP_GR",
    "SequenceVariant": "SS",
    "SeriesDescription": "fMRI_3_PartA",
    "SeriesNumber": 6,
    "SliceThickness": 3.3,
    "SliceTiming": [
      0,
      1.0285,
      0.0571001,
      1.0857,
      0.1142,
      1.1428,
      0.1714,
      1.2,
      0.2285,
      1.2571,
      0.2857,
      1.3143,
      0.3428,
      1.3714,
      0.4,
      1.4286,
      0.4571,
      1.4857,
      0.5142,
      1.5428,
      0.5714,
      1.6,
      0.6285,
      1.6571,
      0.6857,
      1.7143,
      0.7428,
      1.7714,
      0.8,
      1.8285,
      0.8571,
      1.8857,
      0.9143,
      1.9428,
      0.9714
    ],
    "SoftwareVersions": "27_LX_MR_Software_release:DV26.0_EB_1706.a",
    "SpacingBetweenSlices": 3.3,
    "StationName": "nnmr04",
    "TaskName": "grasp",
    "TotalReadoutTime": 0.040572,
    "dataset": "ds003342",
    "modality": "bold",
    "run_id": 3,
    "session_id": "action",
    "subject_id": "LP12",
    "task_id": "grasp"
  },
  "dummy_trs": 0,
  "dvars_nstd": 36.96314414062147,
  "dvars_std": 1.022498855762712,
  "dvars_vstd": 1.004894288248588,
  "efc": 0.4882100388038265,
  "fber": 2452.671630859375,
  "fd_mean": 0.14551118547496372,
  "fd_num": 42,
  "fd_perc": 23.59550561797753,
  "fwhm_avg": 2.619718633760625,
  "fwhm_x": 2.703636721832435,
  "fwhm_y": 2.603688286451723,
  "fwhm_z": 2.551830892997717,
  "gcor": 0.00880955,
  "gsr_x": 0.007550218608230352,
  "gsr_y": 0.022082936018705368,
  "provenance": {
    "md5sum": "306bfa74914e8b5a6f15506dc2f0dcaa",
    "settings": {
      "fd_thres": 0.2,
      "testing": false
    },
    "software": "mriqc",
    "version": "22.0.6",
    "webapi_port": null,
    "webapi_url": "https://mriqc.nimh.nih.gov/api/v1"
  },
  "size_t": 178,
  "size_x": 64,
  "size_y": 64,
  "size_z": 35,
  "snr": 4.405099336730366,
  "spacing_tr": 2.0,
  "spacing_x": 3.2969000339508057,
  "spacing_y": 3.2969000339508057,
  "spacing_z": 3.299999237060547,
  "summary_bg_k": 63.07247946284508,
  "summary_bg_mad": 19.482059616333245,
  "summary_bg_mean": 49.78610610961914,
  "summary_bg_median": 29.202247619628906,
  "summary_bg_n": 87922.0,
  "summary_bg_p05": 4.882022380828857,
  "summary_bg_p95": 153.2974784851074,
  "summary_bg_stdv": 82.6631851196289,
  "summary_fg_k": 0.8816531109530183,
  "summary_fg_mad": 301.493006842545,
  "summary_fg_mean": 1493.725341796875,
  "summary_fg_median": 1453.44384765625,
  "summary_fg_n": 25662.0,
  "summary_fg_p05": 1020.2783599853516,
  "summary_fg_p95": 2106.9320556640623,
  "summary_fg_stdv": 329.9393310546875,
  "tsnr": 34.92659896903206
}