{
  "aor": 0.0007232584269662921,
  "aqi": 0.013372632808988765,
  "bids_meta": {
    "AcquisitionMatrixPE": 64,
    "AcquisitionNumber": 1,
    "AcquisitionTime": "16:24:7.000000",
    "BodyPartExamined": "BRAIN",
    "CoilString": "RM:HNU_FlexS",
    "ConversionSoftware": "dcm2niix",
    "ConversionSoftwareVersion": "v1.0.20200331",
    "DeviceSerialNumber": "00000070431MRS04",
    "EchoTime": 0.03,
    "EffectiveEchoSpacing": 0.000644,
    "FlipAngle": 78,
    "ImageOrientationPatientDICOM": [
      1,
      0,
      0,
      0,
      1,
      0
    ],
    "ImageType": [
      "ORIGINAL",
      "PRIMARY",
      "EPI",
      "NONE"
    ],
    "ImagingFrequency": 127.734,
    "InPlanePhaseEncodingDirectionDICOM": "COL",
    "InstitutionName": "N_and_N_University_Hospital",
    "MRAcquisitionType": "2D",
    "MagneticFieldStrength": 3,
    "Manufacturer": "GE",
    "ManufacturersModelName": "DISCOVERY_MR750w",
    "Modality": "MR",
    "PatientPosition": "HFS",
    "PercentPhaseFOV": 100,
    "PercentSampling": 100,
    "PhaseEncodingDirection": "j",
    "PhaseEncodingPolarityGE": "Flipped",
    "PixelBandwidth": 7812.5,
    "ProcedureStepDescription": "MRI_Head",
    "ProtocolName": "fMRI_5_PartA",
    "ReconMatrixPE": 64,
    "RepetitionTime": 2,
    "SAR": 0.0611359,
    "ScanOptions": "SAT_GEMS_EPI_GEMS_ACC_GEMS_FS",
    "ScanningSequence": "EP_GR",
    "SequenceVariant": "SS",
    "SeriesDescription": "fMRI_5_PartA",
    "SeriesNumber": 9,
    "SliceThickness": 3.3,
    "SliceTiming": [
      0,
      1.0285,
      0.0571001,
      1.0857,
      0.1142,
      1.1428,
      0.1714,
      1.2,
      0.2285,
      1.2571,
      0.2857,
      1.3143,
      0.3428,
      1.3714,
      0.4,
      1.4286,
      0.4571,
      1.4857,
      0.5142,
      1.5428,
      0.5714,
      1.6,
      0.6285,
      1.6571,
      0.6857,
      1.7143,
      0.7428,
      1.7714,
      0.8,
      1.8285,
      0.8571,
      1.8857,
      0.9143,
      1.9428,
      0.9714
    ],
    "SoftwareVersions": "27_LX_MR_Software_release:DV26.0_EB_1706.a",
    "SpacingBetweenSlices": 3.3,
    "StationName": "nnmr04",
    "TaskName": "grasp",
    "TotalReadoutTime": 0.040572,
    "dataset": "ds003342",
    "modality": "bold",
    "run_id": 5,
    "session_id": "action",
    "subject_id": "LP12",
    "task_id": "grasp"
  },
  "dummy_trs": 0,
  "dvars_nstd": 39.11314555887006,
  "dvars_std": 1.022851526723164,
  "dvars_vstd": 1.0099115319774015,
  "efc": 0.49438536736448213,
  "fber": 2260.977783203125,
  "fd_mean": 0.19626011171257798,
  "fd_num": 61,
  "fd_perc": 34.26966292134831,
  "fwhm_avg": 2.420325439191601,
  "fwhm_x": 2.5074615289725686,
  "fwhm_y": 2.4184203093489893,
  "fwhm_z": 2.335094479253244,
  "gcor": 0.0142463,
  "gsr_x": 0.0067388396710157394,
  "gsr_y": 0.02277487702667713,
  "provenance": {
    "md5sum": "93d8d04aa67195cee19d83c10b17b6fd",
    "settings": {
      "fd_thres": 0.2,
      "testing": false
    },
    "software": "mriqc",
    "version": "22.0.6",
    "webapi_port": null,
    "webapi_url": "https://mriqc.nimh.nih.gov/api/v1"
  },
  "size_t": 178,
  "size_x": 64,
  "size_y": 64,
  "size_z": 35,
  "snr": 4.868260119855321,
  "spacing_tr": 2.0,
  "spacing_x": 3.2969000339508057,
  "spacing_y": 3.2969000339508057,
  "spacing_z": 3.299999237060547,
  "summary_bg_k": 54.630799972391124,
  "summary_bg_mad": 19.84021536294865,
  "summary_bg_mean": 49.84684371948242,
  "summary_bg_median": 29.35955047607422,
  "summary_bg_n": 87366.0,
  "summary_bg_p05": 4.844101190567017,
  "summary_bg_p95": 155.84971618652344,
  "summary_bg_stdv": 77.42353820800781,
  "summary_fg_k": 1.2819140902529895,
  "summary_fg_mad": 276.31365411391715,
  "summary_fg_mean": 1428.1307373046875,
  "summary_fg_median": 1404.7977294921875,
  "summary_fg_n": 25861.0,
  "summary_fg_p05": 1000.9044799804688,
  "summary_fg_p95": 1925.46630859375,
  "summary_fg_stdv": 288.5570068359375,
  "tsnr": 32.207153926603496
}