{
  "aor": 0.0005291573033707865,
  "aqi": 0.01256717741573034,
  "bids_meta": {
    "AcquisitionMatrixPE": 64,
    "AcquisitionNumber": 1,
    "AcquisitionTime": "16:12:40.000000",
    "BodyPartExamined": "BRAIN",
    "CoilString": "RM:HNU_FlexS",
    "ConversionSoftware": "dcm2niix",
    "ConversionSoftwareVersion": "v1.0.20200331",
    "DeviceSerialNumber": "00000070431MRS04",
    "EchoTime": 0.03,
    "EffectiveEchoSpacing": 0.000644,
    "FlipAngle": 78,
    "ImageOrientationPatientDICOM": [
      1,
      0,
      0,
      0,
      1,
      0
    ],
    "ImageType": [
      "ORIGINAL",
      "PRIMARY",
      "EPI",
      "NONE"
    ],
    "ImagingFrequency": 127.734,
    "InPlanePhaseEncodingDirectionDICOM": "COL",
    "InstitutionName": "N_and_N_University_Hospital",
    "MRAcquisitionType": "2D",
    "MagneticFieldStrength": 3,
    "Manufacturer": "GE",
    "ManufacturersModelName": "DISCOVERY_MR750w",
    "Modality": "MR",
    "PatientPosition": "HFS",
    "PercentPhaseFOV": 100,
    "PercentSampling": 100,
    "PhaseEncodingDirection": "j",
    "PhaseEncodingPolarityGE": "Flipped",
    "PixelBandwidth": 7812.5,
    "ProcedureStepDescription": "MRI_Head",
    "ProtocolName": "fMRI_4_PartA",
    "ReconMatrixPE": 64,
    "RepetitionTime": 2,
    "SAR": 0.0611359,
    "ScanOptions": "SAT_GEMS_EPI_GEMS_ACC_GEMS_FS",
    "ScanningSequence": "EP_GR",
    "SequenceVariant": "SS",
    "SeriesDescription": "fMRI_4_PartA",
    "SeriesNumber": 7,
    "SliceThickness": 3.3,
    "SliceTiming": [
      0,
      1.0285,
      0.0571001,
      1.0857,
      0.1142,
      1.1428,
      0.1714,
      1.2,
      0.2285,
      1.2571,
      0.2857,
      1.3143,
      0.3428,
      1.3714,
      0.4,
      1.4286,
      0.4571,
      1.4857,
      0.5142,
      1.5428,
      0.5714,
      1.6,
      0.6285,
      1.6571,
      0.6857,
      1.7143,
      0.7428,
      1.7714,
      0.8,
      1.8285,
      0.8571,
      1.8857,
      0.9143,
      1.9428,
      0.9714
    ],
    "SoftwareVersions": "27_LX_MR_Software_release:DV26.0_EB_1706.a",
    "SpacingBetweenSlices": 3.3,
    "StationName": "nnmr04",
    "TaskName": "grasp",
    "TotalReadoutTime": 0.040572,
    "dataset": "ds003342",
    "modality": "bold",
    "run_id": 4,
    "session_id": "action",
    "subject_id": "LP12",
    "task_id": "grasp"
  },
  "dummy_trs": 0,
  "dvars_nstd": 37.5756161577401,
  "dvars_std": 1.0156287129378532,
  "dvars_vstd": 0.9986317721468925,
  "efc": 0.4937509991214339,
  "fber": 2392.58984375,
  "fd_mean": 0.16326087396841807,
  "fd_num": 50,
  "fd_perc": 28.089887640449437,
  "fwhm_avg": 2.592665134183271,
  "fwhm_x": 2.6879371254033697,
  "fwhm_y": 2.577575878094338,
  "fwhm_z": 2.5124823990521055,
  "gcor": 0.0114356,
  "gsr_x": 0.006500197574496269,
  "gsr_y": 0.022319946438074112,
  "provenance": {
    "md5sum": "c7121659bd92a7eaab87ba5ac9a9b1d0",
    "settings": {
      "fd_thres": 0.2,
      "testing": false
    },
    "software": "mriqc",
    "version": "22.0.6",
    "webapi_port": null,
    "webapi_url": "https://mriqc.nimh.nih.gov/api/v1"
  },
  "size_t": 178,
  "size_x": 64,
  "size_y": 64,
  "size_z": 35,
  "snr": 4.434831092322368,
  "spacing_tr": 2.0,
  "spacing_x": 3.2969000339508057,
  "spacing_y": 3.2969000339508057,
  "spacing_z": 3.299999237060547,
  "summary_bg_k": 61.0459710692884,
  "summary_bg_mad": 19.490390430953678,
  "summary_bg_mean": 50.973018646240234,
  "summary_bg_median": 29.146068572998047,
  "summary_bg_n": 87026.0,
  "summary_bg_p05": 4.505618095397949,
  "summary_bg_p95": 160.03370666503906,
  "summary_bg_stdv": 84.96210479736328,
  "summary_fg_k": 0.974510911232926,
  "summary_fg_mad": 298.33623325901425,
  "summary_fg_mean": 1470.2938232421875,
  "summary_fg_median": 1433.028076171875,
  "summary_fg_n": 26079.0,
  "summary_fg_p05": 1006.9561889648438,
  "summary_fg_p95": 2063.259130859374,
  "summary_fg_stdv": 323.1240539550781,
  "tsnr": 33.04182313370984
}