{
  "aor": 0.0034824719101123596,
  "aqi": 0.01646259511235955,
  "bids_meta": {
    "AcquisitionMatrixPE": 64,
    "AcquisitionNumber": 1,
    "AcquisitionTime": "16:31:7.000000",
    "BodyPartExamined": "BRAIN",
    "CoilString": "RM:HNU_FlexS",
    "ConversionSoftware": "dcm2niix",
    "ConversionSoftwareVersion": "v1.0.20200331",
    "DeviceSerialNumber": "00000070431MRS04",
    "EchoTime": 0.03,
    "EffectiveEchoSpacing": 0.000644,
    "FlipAngle": 78,
    "ImageOrientationPatientDICOM": [
      1,
      0,
      0,
      0,
      1,
      0
    ],
    "ImageType": [
      "ORIGINAL",
      "PRIMARY",
      "EPI",
      "NONE"
    ],
    "ImagingFrequency": 127.734,
    "InPlanePhaseEncodingDirectionDICOM": "COL",
    "InstitutionName": "N_and_N_University_Hospital",
    "MRAcquisitionType": "2D",
    "MagneticFieldStrength": 3,
    "Manufacturer": "GE",
    "ManufacturersModelName": "DISCOVERY_MR750w",
    "Modality": "MR",
    "PatientPosition": "HFS",
    "PercentPhaseFOV": 100,
    "PercentSampling": 100,
    "PhaseEncodingDirection": "j",
    "PhaseEncodingPolarityGE": "Flipped",
    "PixelBandwidth": 7812.5,
    "ProcedureStepDescription": "MRI_Head",
    "ProtocolName": "fMRI_6_PartA",
    "ReconMatrixPE": 64,
    "RepetitionTime": 2,
    "SAR": 0.0611359,
    "ScanOptions": "SAT_GEMS_EPI_GEMS_ACC_GEMS_FS",
    "ScanningSequence": "EP_GR",
    "SequenceVariant": "SS",
    "SeriesDescription": "fMRI_6_PartA",
    "SeriesNumber": 10,
    "SliceThickness": 3.3,
    "SliceTiming": [
      0,
      1.0285,
      0.0571001,
      1.0857,
      0.1142,
      1.1428,
      0.1714,
      1.2,
      0.2285,
      1.2571,
      0.2857,
      1.3143,
      0.3428,
      1.3714,
      0.4,
      1.4286,
      0.4571,
      1.4857,
      0.5142,
      1.5428,
      0.5714,
      1.6,
      0.6285,
      1.6571,
      0.6857,
      1.7143,
      0.7428,
      1.7714,
      0.8,
      1.8285,
      0.8571,
      1.8857,
      0.9143,
      1.9428,
      0.9714
    ],
    "SoftwareVersions": "27_LX_MR_Software_release:DV26.0_EB_1706.a",
    "SpacingBetweenSlices": 3.3,
    "StationName": "nnmr04",
    "TaskName": "grasp",
    "TotalReadoutTime": 0.040572,
    "dataset": "ds003342",
    "modality": "bold",
    "run_id": 6,
    "session_id": "action",
    "subject_id": "LP12",
    "task_id": "grasp"
  },
  "dummy_trs": 0,
  "dvars_nstd": 38.687069413672305,
  "dvars_std": 1.0452786620338985,
  "dvars_vstd": 1.0285462063276836,
  "efc": 0.4930863271818167,
  "fber": 2321.67041015625,
  "fd_mean": 0.2313130301176044,
  "fd_num": 81,
  "fd_perc": 45.50561797752809,
  "fwhm_avg": 2.5703964224213025,
  "fwhm_x": 2.7844368665916845,
  "fwhm_y": 2.6068518643256633,
  "fwhm_z": 2.3199005363465597,
  "gcor": 0.0178305,
  "gsr_x": 0.006356358528137207,
  "gsr_y": 0.023035259917378426,
  "provenance": {
    "md5sum": "012ebac17e479790bb27be5ee886a52e",
    "settings": {
      "fd_thres": 0.2,
      "testing": false
    },
    "software": "mriqc",
    "version": "22.0.6",
    "webapi_port": null,
    "webapi_url": "https://mriqc.nimh.nih.gov/api/v1"
  },
  "size_t": 178,
  "size_x": 64,
  "size_y": 64,
  "size_z": 35,
  "snr": 4.3510893686387195,
  "spacing_tr": 2.0,
  "spacing_x": 3.2969000339508057,
  "spacing_y": 3.2969000339508057,
  "spacing_z": 3.299999237060547,
  "summary_bg_k": 55.09655510470959,
  "summary_bg_mad": 19.77358439910142,
  "summary_bg_mean": 52.22005844116211,
  "summary_bg_median": 29.404495239257812,
  "summary_bg_n": 87200.0,
  "summary_bg_p05": 5.9831461906433105,
  "summary_bg_p95": 166.91600723266603,
  "summary_bg_stdv": 86.76131439208984,
  "summary_fg_k": 1.2893864521485572,
  "summary_fg_mad": 300.7934220188593,
  "summary_fg_mean": 1462.178955078125,
  "summary_fg_median": 1424.539306640625,
  "summary_fg_n": 25687.0,
  "summary_fg_p05": 994.965185546875,
  "summary_fg_p95": 2060.174243164062,
  "summary_fg_stdv": 327.3919372558594,
  "tsnr": 30.777420681901276
}