{
  "bids_meta": {
    "AcquisitionMatrixPE": 256,
    "AcquisitionNumber": 1,
    "AcquisitionTime": "13:56:57.000000",
    "BodyPartExamined": "BRAIN",
    "CoilString": "RM:HNU_FlexS",
    "ConversionSoftware": "dcm2niix",
    "ConversionSoftwareVersion": "v1.0.20200331",
    "DeviceSerialNumber": "00000070431MRS04",
    "EchoTime": 0.002612,
    "FlipAngle": 9,
    "ImageOrientationPatientDICOM": [
      0,
      1,
      0,
      0,
      0,
      -1
    ],
    "ImageType": [
      "ORIGINAL",
      "PRIMARY",
      "OTHER"
    ],
    "ImagingFrequency": 127.734,
    "InPlanePhaseEncodingDirectionDICOM": "ROW",
    "InstitutionName": "N_and_N_University_Hospital",
    "InversionTime": 0.9,
    "MRAcquisitionType": "3D",
    "MagneticFieldStrength": 3,
    "Manufacturer": "GE",
    "ManufacturersModelName": "DISCOVERY_MR750w",
    "Modality": "MR",
    "PatientPosition": "HFS",
    "PercentPhaseFOV": 100,
    "PercentSampling": 62.5,
    "PixelBandwidth": 390.625,
    "ProcedureStepDescription": "MRI_Head",
    "ProtocolName": "SAG_FSPGR_BRAVO",
    "ReconMatrixPE": 256,
    "RepetitionTime": 0.007008,
    "SAR": 0.0490914,
    "ScanOptions": "FAST_GEMS_NPW_EDR_GEMS_ACC_GEMS_IR_GEMS",
    "ScanningSequence": "GR",
    "SequenceVariant": "SS_SK_OSP",
    "SeriesDescription": "SAG_FSPGR_BRAVO",
    "SeriesNumber": 2,
    "SliceThickness": 0.9,
    "SoftwareVersions": "27_LX_MR_Software_release:DV26.0_EB_1706.a",
    "SpacingBetweenSlices": 0.9,
    "StationName": "nnmr04",
    "dataset": "ds003342",
    "modality": "T1w",
    "session_id": "action",
    "subject_id": "MK14"
  },
  "cjv": 0.5635888261639934,
  "cnr": 2.2609752916252197,
  "efc": 0.6164759068549579,
  "fber": 2322.161523790894,
  "fwhm_avg": 4.192084486778526,
  "fwhm_x": 4.246200112485888,
  "fwhm_y": 4.168198980216553,
  "fwhm_z": 4.161854367633139,
  "icvs_csf": 0.18284308830146676,
  "icvs_gm": 0.38611367376750366,
  "icvs_wm": 0.43104323793102955,
  "inu_med": 1.0070019364356995,
  "inu_range": 1.0182831078767773,
  "provenance": {
    "md5sum": "5f124632de3e88095582277971c0be5d",
    "settings": {
      "testing": false
    },
    "software": "mriqc",
    "version": "22.0.6",
    "warnings": {
      "large_rot_frame": true,
      "small_air_mask": false
    },
    "webapi_port": null,
    "webapi_url": "https://mriqc.nimh.nih.gov/api/v1"
  },
  "qi_1": 0.0,
  "qi_2": 0.00021925245234050055,
  "rpve_csf": 21.093454945382078,
  "rpve_gm": 9.13554806943298,
  "rpve_wm": 9.441141352783465,
  "size_x": 196,
  "size_y": 256,
  "size_z": 256,
  "snr_csf": 2.1699905017161183,
  "snr_gm": 8.67119369941615,
  "snr_total": 7.227155137263938,
  "snr_wm": 10.840281210659544,
  "snrd_csf": 7.095865333346755,
  "snrd_gm": 16.622801014676075,
  "snrd_total": 15.779553280248399,
  "snrd_wm": 23.61999349272236,
  "spacing_x": 0.8999999761581421,
  "spacing_y": 0.8984000086784363,
  "spacing_z": 0.8984000086784363,
  "summary_bg_k": 1027.5205004593286,
  "summary_bg_mad": 27.73651914541558,
  "summary_bg_mean": 32.40734908589023,
  "summary_bg_median": 18.707997869700193,
  "summary_bg_n": 3199357.0,
  "summary_bg_p05": 0.0,
  "summary_bg_p95": 107.46503630653024,
  "summary_bg_stdv": 45.50251273977316,
  "summary_csf_k": 6.517561143252001,
  "summary_csf_mad": 127.37255879399582,
  "summary_csf_mean": 307.28048392263867,
  "summary_csf_median": 300.41775219887495,
  "summary_csf_n": 44206.0,
  "summary_csf_p05": 98.56511498987675,
  "summary_csf_p95": 536.8862398350611,
  "summary_csf_stdv": 138.4404005512806,
  "summary_gm_k": 0.03340305094017326,
  "summary_gm_mad": 79.97811831250901,
  "summary_gm_mean": 703.5610173200062,
  "summary_gm_median": 703.7597645223141,
  "summary_gm_n": 31453.0,
  "summary_gm_p05": 568.8684400767088,
  "summary_gm_p95": 837.9245647788048,
  "summary_gm_stdv": 81.15936528997482,
  "summary_wm_k": 0.586579474861066,
  "summary_wm_mad": 86.97956974727411,
  "summary_wm_mean": 1005.7929323586343,
  "summary_wm_median": 1000.0000026337802,
  "summary_wm_n": 272987.0,
  "summary_wm_p05": 864.3216103166342,
  "summary_wm_p95": 1167.0400224477053,
  "summary_wm_stdv": 92.24836068456624,
  "tpm_overlap_csf": 0.15783444026772422,
  "tpm_overlap_gm": 0.4141483717690212,
  "tpm_overlap_wm": 0.45934798915637487,
  "wm2max": 0.3626405974688807
}