{
  "aor": 0.0010341517857142856,
  "aqi": 0.0034494817857142856,
  "bids_meta": {
    "AcquisitionMatrixPE": 64,
    "AcquisitionNumber": 1,
    "AcquisitionTime": "16:53:9.000000",
    "BodyPartExamined": "BRAIN",
    "CoilString": "Head+Neck_40",
    "ConversionSoftware": "dcm2niix",
    "ConversionSoftwareVersion": "v1.0.20200331",
    "DeviceSerialNumber": "00000070431MRS04",
    "EchoTime": 0.03,
    "EffectiveEchoSpacing": 0.000644,
    "FlipAngle": 78,
    "ImageOrientationPatientDICOM": [
      1,
      0,
      0,
      0,
      1,
      0
    ],
    "ImageType": [
      "ORIGINAL",
      "PRIMARY",
      "EPI",
      "NONE"
    ],
    "ImagingFrequency": 127.734,
    "InPlanePhaseEncodingDirectionDICOM": "ROW",
    "InstitutionName": "N_and_N_University_Hospital",
    "MRAcquisitionType": "2D",
    "MagneticFieldStrength": 3,
    "Manufacturer": "GE",
    "ManufacturersModelName": "DISCOVERY_MR750w",
    "Modality": "MR",
    "PatientPosition": "HFS",
    "PercentPhaseFOV": 100,
    "PercentSampling": 100,
    "PhaseEncodingDirection": "i-",
    "PhaseEncodingPolarityGE": "Flipped",
    "PixelBandwidth": 7812.5,
    "ProcedureStepDescription": "MRI_Head",
    "ProtocolName": "fMRI_4_PartB",
    "ReconMatrixPE": 64,
    "RepetitionTime": 2,
    "SAR": 0.0675176,
    "ScanOptions": "SAT_GEMS_EPI_GEMS_ACC_GEMS_FS",
    "ScanningSequence": "EP_GR",
    "SequenceVariant": "SS",
    "SeriesDescription": "fMRI_4_PartB",
    "SeriesNumber": 11,
    "SliceThickness": 3.3,
    "SliceTiming": [
      0,
      1.0285,
      0.0571001,
      1.0857,
      0.1142,
      1.1428,
      0.1714,
      1.2,
      0.2285,
      1.2571,
      0.2857,
      1.3143,
      0.3428,
      1.3714,
      0.4,
      1.4286,
      0.4571,
      1.4857,
      0.5142,
      1.5428,
      0.5714,
      1.6,
      0.6285,
      1.6571,
      0.6857,
      1.7143,
      0.7428,
      1.7714,
      0.8,
      1.8285,
      0.8571,
      1.8857,
      0.9143,
      1.9428,
      0.9714
    ],
    "SoftwareVersions": "27_LX_MR_Software_release:DV26.0_EB_1706.a",
    "SpacingBetweenSlices": 3.3,
    "StationName": "nnmr04",
    "TaskName": "localiser",
    "TotalReadoutTime": 0.040572,
    "dataset": "ds003342",
    "modality": "bold",
    "run_id": 4,
    "session_id": "localiser",
    "subject_id": "MC17",
    "task_id": "localiser"
  },
  "dummy_trs": 0,
  "dvars_nstd": 15.217185071748892,
  "dvars_std": 1.021603761524664,
  "dvars_vstd": 0.9994500869955151,
  "efc": 0.4988723238415724,
  "fber": 8997.4638671875,
  "fd_mean": 0.04727007597980901,
  "fd_num": 2,
  "fd_perc": 0.8928571428571429,
  "fwhm_avg": 2.1323560372347465,
  "fwhm_x": 2.085092034702128,
  "fwhm_y": 2.3482695623993317,
  "fwhm_z": 1.9637065146027801,
  "gcor": 0.0177257,
  "gsr_x": -0.004191204905509949,
  "gsr_y": 0.021167458966374397,
  "provenance": {
    "md5sum": "0b7db210b9e3d6069aa9b61f13ffb310",
    "settings": {
      "fd_thres": 0.2,
      "testing": false
    },
    "software": "mriqc",
    "version": "22.0.6",
    "webapi_port": null,
    "webapi_url": "https://mriqc.nimh.nih.gov/api/v1"
  },
  "size_t": 224,
  "size_x": 64,
  "size_y": 64,
  "size_z": 35,
  "snr": 6.399601363727485,
  "spacing_tr": 2.0,
  "spacing_x": 3.2969000339508057,
  "spacing_y": 3.2969000339508057,
  "spacing_z": 3.299999237060547,
  "summary_bg_k": 98.60156885664418,
  "summary_bg_mad": 55.1342707076369,
  "summary_bg_mean": 124.47705841064453,
  "summary_bg_median": 43.16964340209961,
  "summary_bg_n": 84145.0,
  "summary_bg_p05": 1.6705357789993278,
  "summary_bg_p95": 508.46787109375015,
  "summary_bg_stdv": 279.6005859375,
  "summary_fg_k": 1.6031912567798816,
  "summary_fg_mad": 545.2104965192676,
  "summary_fg_mean": 4031.8828125,
  "summary_fg_median": 4021.22802734375,
  "summary_fg_n": 27676.0,
  "summary_fg_p05": 2952.8438720703125,
  "summary_fg_p95": 5011.00146484375,
  "summary_fg_stdv": 628.3446655273438,
  "tsnr": 82.39724985137582
}