{
  "aor": 0.0011444642857142858,
  "aqi": 0.0036147819642857143,
  "bids_meta": {
    "AcquisitionMatrixPE": 64,
    "AcquisitionNumber": 1,
    "AcquisitionTime": "16:44:49.000000",
    "BodyPartExamined": "BRAIN",
    "CoilString": "Head+Neck_40",
    "ConversionSoftware": "dcm2niix",
    "ConversionSoftwareVersion": "v1.0.20200331",
    "DeviceSerialNumber": "00000070431MRS04",
    "EchoTime": 0.03,
    "EffectiveEchoSpacing": 0.000644,
    "FlipAngle": 78,
    "ImageOrientationPatientDICOM": [
      1,
      0,
      0,
      0,
      1,
      0
    ],
    "ImageType": [
      "ORIGINAL",
      "PRIMARY",
      "EPI",
      "NONE"
    ],
    "ImagingFrequency": 127.734,
    "InPlanePhaseEncodingDirectionDICOM": "ROW",
    "InstitutionName": "N_and_N_University_Hospital",
    "MRAcquisitionType": "2D",
    "MagneticFieldStrength": 3,
    "Manufacturer": "GE",
    "ManufacturersModelName": "DISCOVERY_MR750w",
    "Modality": "MR",
    "PatientPosition": "HFS",
    "PercentPhaseFOV": 100,
    "PercentSampling": 100,
    "PhaseEncodingDirection": "i-",
    "PhaseEncodingPolarityGE": "Flipped",
    "PixelBandwidth": 7812.5,
    "ProcedureStepDescription": "MRI_Head",
    "ProtocolName": "fMRI_3_PartB",
    "ReconMatrixPE": 64,
    "RepetitionTime": 2,
    "SAR": 0.0675176,
    "ScanOptions": "SAT_GEMS_EPI_GEMS_ACC_GEMS_FS",
    "ScanningSequence": "EP_GR",
    "SequenceVariant": "SS",
    "SeriesDescription": "fMRI_3_PartB",
    "SeriesNumber": 10,
    "SliceThickness": 3.3,
    "SliceTiming": [
      0,
      1.0285,
      0.0571001,
      1.0857,
      0.1142,
      1.1428,
      0.1714,
      1.2,
      0.2285,
      1.2571,
      0.2857,
      1.3143,
      0.3428,
      1.3714,
      0.4,
      1.4286,
      0.4571,
      1.4857,
      0.5142,
      1.5428,
      0.5714,
      1.6,
      0.6285,
      1.6571,
      0.6857,
      1.7143,
      0.7428,
      1.7714,
      0.8,
      1.8285,
      0.8571,
      1.8857,
      0.9143,
      1.9428,
      0.9714
    ],
    "SoftwareVersions": "27_LX_MR_Software_release:DV26.0_EB_1706.a",
    "SpacingBetweenSlices": 3.3,
    "StationName": "nnmr04",
    "TaskName": "localiser",
    "TotalReadoutTime": 0.040572,
    "dataset": "ds003342",
    "modality": "bold",
    "run_id": 3,
    "session_id": "localiser",
    "subject_id": "MC17",
    "task_id": "localiser"
  },
  "dummy_trs": 0,
  "dvars_nstd": 14.88469991139013,
  "dvars_std": 1.0219537163228705,
  "dvars_vstd": 1.0042212964573995,
  "efc": 0.49957870409474664,
  "fber": 9207.3017578125,
  "fd_mean": 0.04655847859093288,
  "fd_num": 4,
  "fd_perc": 1.7857142857142858,
  "fwhm_avg": 2.139457848731763,
  "fwhm_x": 2.094658597132049,
  "fwhm_y": 2.3606175255103685,
  "fwhm_z": 1.9630974235528713,
  "gcor": 0.0384653,
  "gsr_x": -0.004415625240653753,
  "gsr_y": 0.021006712689995766,
  "provenance": {
    "md5sum": "177483767df58c3ba1d18f7cf89d7862",
    "settings": {
      "fd_thres": 0.2,
      "testing": false
    },
    "software": "mriqc",
    "version": "22.0.6",
    "webapi_port": null,
    "webapi_url": "https://mriqc.nimh.nih.gov/api/v1"
  },
  "size_t": 224,
  "size_x": 64,
  "size_y": 64,
  "size_z": 35,
  "snr": 6.385731969655682,
  "spacing_tr": 2.0,
  "spacing_x": 3.2969000339508057,
  "spacing_y": 3.2969000339508057,
  "spacing_z": 3.299999237060547,
  "summary_bg_k": 98.93186291674958,
  "summary_bg_mad": 54.4393009177124,
  "summary_bg_mean": 124.4039535522461,
  "summary_bg_median": 42.57589340209961,
  "summary_bg_n": 84056.0,
  "summary_bg_p05": 1.6383929252624512,
  "summary_bg_p95": 508.81809997558594,
  "summary_bg_stdv": 279.3197937011719,
  "summary_fg_k": 1.582437696571854,
  "summary_fg_mad": 546.9511786649691,
  "summary_fg_mean": 4014.190185546875,
  "summary_fg_median": 4006.21435546875,
  "summary_fg_n": 27758.0,
  "summary_fg_p05": 2937.480859375,
  "summary_fg_p95": 4989.0505859375,
  "summary_fg_stdv": 627.3583374023438,
  "tsnr": 83.0982030776795
}