{
  "aor": 0.0007283035714285715,
  "aqi": 0.0043456901339285715,
  "bids_meta": {
    "AcquisitionMatrixPE": 64,
    "AcquisitionNumber": 1,
    "AcquisitionTime": "16:22:59.000000",
    "BodyPartExamined": "BRAIN",
    "CoilString": "Head+Neck_40",
    "ConversionSoftware": "dcm2niix",
    "ConversionSoftwareVersion": "v1.0.20200331",
    "DeviceSerialNumber": "00000070431MRS04",
    "EchoTime": 0.03,
    "EffectiveEchoSpacing": 0.000644,
    "FlipAngle": 78,
    "ImageOrientationPatientDICOM": [
      1,
      0,
      0,
      0,
      1,
      0
    ],
    "ImageType": [
      "ORIGINAL",
      "PRIMARY",
      "EPI",
      "NONE"
    ],
    "ImagingFrequency": 127.734,
    "InPlanePhaseEncodingDirectionDICOM": "ROW",
    "InstitutionName": "N_and_N_University_Hospital",
    "MRAcquisitionType": "2D",
    "MagneticFieldStrength": 3,
    "Manufacturer": "GE",
    "ManufacturersModelName": "DISCOVERY_MR750w",
    "Modality": "MR",
    "PatientPosition": "HFS",
    "PercentPhaseFOV": 100,
    "PercentSampling": 100,
    "PhaseEncodingDirection": "i-",
    "PhaseEncodingPolarityGE": "Flipped",
    "PixelBandwidth": 7812.5,
    "ProcedureStepDescription": "MRI_Head",
    "ProtocolName": "fMRI_1_PartB",
    "ReconMatrixPE": 64,
    "RepetitionTime": 2,
    "SAR": 0.0667312,
    "ScanOptions": "SAT_GEMS_EPI_GEMS_ACC_GEMS_FS",
    "ScanningSequence": "EP_GR",
    "SequenceVariant": "SS",
    "SeriesDescription": "fMRI_1_PartB",
    "SeriesNumber": 6,
    "SliceThickness": 3.3,
    "SliceTiming": [
      0,
      1.0285,
      0.0571001,
      1.0857,
      0.1142,
      1.1428,
      0.1714,
      1.2,
      0.2285,
      1.2571,
      0.2857,
      1.3143,
      0.3428,
      1.3714,
      0.4,
      1.4286,
      0.4571,
      1.4857,
      0.5142,
      1.5428,
      0.5714,
      1.6,
      0.6285,
      1.6571,
      0.6857,
      1.7143,
      0.7428,
      1.7714,
      0.8,
      1.8285,
      0.8571,
      1.8857,
      0.9143,
      1.9428,
      0.9714
    ],
    "SoftwareVersions": "27_LX_MR_Software_release:DV26.0_EB_1706.a",
    "SpacingBetweenSlices": 3.3,
    "StationName": "nnmr04",
    "TaskName": "localiser",
    "TotalReadoutTime": 0.040572,
    "dataset": "ds003342",
    "modality": "bold",
    "run_id": 1,
    "session_id": "localiser",
    "subject_id": "MC17",
    "task_id": "localiser"
  },
  "dummy_trs": 0,
  "dvars_nstd": 15.358356796636784,
  "dvars_std": 1.0106610875784756,
  "dvars_vstd": 0.9865164158744402,
  "efc": 0.49730543808278216,
  "fber": 9323.29296875,
  "fd_mean": 0.038598495344195155,
  "fd_num": 0,
  "fd_perc": 0.0,
  "fwhm_avg": 2.1224023872861912,
  "fwhm_x": 2.0677090387332377,
  "fwhm_y": 2.3459340351098454,
  "fwhm_z": 1.95356408801549,
  "gcor": 0.0193163,
  "gsr_x": -0.004628289490938187,
  "gsr_y": 0.020311761647462845,
  "provenance": {
    "md5sum": "55245e859f16b39a28f685888fe5d799",
    "settings": {
      "fd_thres": 0.2,
      "testing": false
    },
    "software": "mriqc",
    "version": "22.0.6",
    "webapi_port": null,
    "webapi_url": "https://mriqc.nimh.nih.gov/api/v1"
  },
  "size_t": 224,
  "size_x": 64,
  "size_y": 64,
  "size_z": 35,
  "snr": 6.35766143801402,
  "spacing_tr": 2.0,
  "spacing_x": 3.2969000339508057,
  "spacing_y": 3.2969000339508057,
  "spacing_z": 3.299999237060547,
  "summary_bg_k": 100.12168411387022,
  "summary_bg_mad": 53.34720916933873,
  "summary_bg_mean": 119.184814453125,
  "summary_bg_median": 42.017860412597656,
  "summary_bg_n": 84051.0,
  "summary_bg_p05": 1.727678656578064,
  "summary_bg_p95": 482.7656555175781,
  "summary_bg_stdv": 269.4689636230469,
  "summary_fg_k": 1.6620278377739508,
  "summary_fg_mad": 546.0178559549065,
  "summary_fg_mean": 4044.991455078125,
  "summary_fg_median": 4031.88623046875,
  "summary_fg_n": 27756.0,
  "summary_fg_p05": 2957.3875122070312,
  "summary_fg_p95": 5032.389892578125,
  "summary_fg_stdv": 634.1661376953125,
  "tsnr": 76.19558045524172
}