{
  "aor": 0.0009815695067264573,
  "aqi": 0.005600278385650224,
  "bids_meta": {
    "AcquisitionMatrixPE": 64,
    "AcquisitionNumber": 1,
    "AcquisitionTime": "13:24:35.000000",
    "BodyPartExamined": "BRAIN",
    "CoilString": "Head+Neck_40",
    "ConversionSoftware": "dcm2niix",
    "ConversionSoftwareVersion": "v1.0.20200331",
    "DeviceSerialNumber": "00000070431MRS04",
    "EchoTime": 0.03,
    "EffectiveEchoSpacing": 0.000644,
    "FlipAngle": 78,
    "ImageOrientationPatientDICOM": [
      1,
      0,
      0,
      0,
      1,
      0
    ],
    "ImageType": [
      "ORIGINAL",
      "PRIMARY",
      "EPI",
      "NONE"
    ],
    "ImagingFrequency": 127.734,
    "InPlanePhaseEncodingDirectionDICOM": "ROW",
    "InstitutionName": "N_and_N_University_Hospital",
    "MRAcquisitionType": "2D",
    "MagneticFieldStrength": 3,
    "Manufacturer": "GE",
    "ManufacturersModelName": "DISCOVERY_MR750w",
    "Modality": "MR",
    "PatientPosition": "HFS",
    "PercentPhaseFOV": 100,
    "PercentSampling": 100,
    "PhaseEncodingDirection": "i-",
    "PhaseEncodingPolarityGE": "Flipped",
    "PixelBandwidth": 7812.5,
    "ProcedureStepDescription": "MRI_Head",
    "ProtocolName": "fMRI_1_PartB",
    "ReconMatrixPE": 64,
    "RepetitionTime": 2,
    "SAR": 0.0550566,
    "ScanOptions": "SAT_GEMS_EPI_GEMS_ACC_GEMS_FS",
    "ScanningSequence": "EP_GR",
    "SequenceVariant": "SS",
    "SeriesDescription": "fMRI_1_PartB",
    "SeriesNumber": 4,
    "SliceThickness": 3.3,
    "SliceTiming": [
      0,
      1.0285,
      0.0571001,
      1.0857,
      0.1142,
      1.1428,
      0.1714,
      1.2,
      0.2285,
      1.2571,
      0.2857,
      1.3143,
      0.3428,
      1.3714,
      0.4,
      1.4286,
      0.4571,
      1.4857,
      0.5142,
      1.5428,
      0.5714,
      1.6,
      0.6285,
      1.6571,
      0.6857,
      1.7143,
      0.7428,
      1.7714,
      0.8,
      1.8285,
      0.8571,
      1.8857,
      0.9143,
      1.9428,
      0.9714
    ],
    "SoftwareVersions": "27_LX_MR_Software_release:DV26.0_EB_1706.a",
    "SpacingBetweenSlices": 3.3,
    "StationName": "nnmr04",
    "TaskName": "localiser",
    "TotalReadoutTime": 0.040572,
    "dataset": "ds003342",
    "modality": "bold",
    "run_id": 1,
    "session_id": "localiser",
    "subject_id": "JM15",
    "task_id": "localiser"
  },
  "dummy_trs": 1,
  "dvars_nstd": 15.172725742117127,
  "dvars_std": 1.058160551711712,
  "dvars_vstd": 0.9867814343243233,
  "efc": 0.4415636890138497,
  "fber": 37806.6484375,
  "fd_mean": 0.04786223313303744,
  "fd_num": 0,
  "fd_perc": 0.0,
  "fwhm_avg": 2.1623146322068845,
  "fwhm_x": 2.127504603648732,
  "fwhm_y": 2.3309472294769216,
  "fwhm_z": 2.028492063494999,
  "gcor": 0.020101,
  "gsr_x": -0.006879925727844238,
  "gsr_y": 0.014251334592700005,
  "provenance": {
    "md5sum": "70ae22dc11fee7a732de878aed86b6b2",
    "settings": {
      "fd_thres": 0.2,
      "testing": false
    },
    "software": "mriqc",
    "version": "22.0.6",
    "webapi_port": null,
    "webapi_url": "https://mriqc.nimh.nih.gov/api/v1"
  },
  "size_t": 223,
  "size_x": 64,
  "size_y": 64,
  "size_z": 35,
  "snr": 7.480111148944779,
  "spacing_tr": 2.0,
  "spacing_x": 3.2969000339508057,
  "spacing_y": 3.2969000339508057,
  "spacing_z": 3.3000030517578125,
  "summary_bg_k": 67.13483449535921,
  "summary_bg_mad": 29.884740197701607,
  "summary_bg_mean": 88.4655990600586,
  "summary_bg_median": 22.58296012878418,
  "summary_bg_n": 91979.0,
  "summary_bg_p05": 1.0493273735046387,
  "summary_bg_p95": 387.1426239013665,
  "summary_bg_stdv": 208.02305603027344,
  "summary_fg_k": 1.8469644893379487,
  "summary_fg_mad": 469.20668188693327,
  "summary_fg_mean": 4283.91650390625,
  "summary_fg_median": 4275.96435546875,
  "summary_fg_n": 21945.0,
  "summary_fg_p05": 3336.18759765625,
  "summary_fg_p95": 5213.265039062499,
  "summary_fg_stdv": 571.6314697265625,
  "tsnr": 80.68029177375138
}