{
  "aor": 0.0006010112359550562,
  "aqi": 0.00627917702247191,
  "bids_meta": {
    "AcquisitionMatrixPE": 64,
    "AcquisitionNumber": 1,
    "AcquisitionTime": "11:15:59.000000",
    "BodyPartExamined": "BRAIN",
    "CoilString": "RM:HNU_FlexS",
    "ConversionSoftware": "dcm2niix",
    "ConversionSoftwareVersion": "v1.0.20200331",
    "DeviceSerialNumber": "00000070431MRS04",
    "EchoTime": 0.03,
    "EffectiveEchoSpacing": 0.000644,
    "FlipAngle": 78,
    "ImageOrientationPatientDICOM": [
      1,
      0,
      0,
      0,
      1,
      0
    ],
    "ImageType": [
      "ORIGINAL",
      "PRIMARY",
      "EPI",
      "NONE"
    ],
    "ImagingFrequency": 127.734,
    "InPlanePhaseEncodingDirectionDICOM": "COL",
    "InstitutionName": "N_and_N_University_Hospital",
    "MRAcquisitionType": "2D",
    "MagneticFieldStrength": 3,
    "Manufacturer": "GE",
    "ManufacturersModelName": "DISCOVERY_MR750w",
    "Modality": "MR",
    "PatientPosition": "HFS",
    "PercentPhaseFOV": 100,
    "PercentSampling": 100,
    "PhaseEncodingDirection": "j",
    "PhaseEncodingPolarityGE": "Flipped",
    "PixelBandwidth": 7812.5,
    "ProcedureStepDescription": "MRI_Head",
    "ProtocolName": "fMRI_3_PartA",
    "ReconMatrixPE": 64,
    "RepetitionTime": 2,
    "SAR": 0.0705033,
    "ScanOptions": "SAT_GEMS_EPI_GEMS_ACC_GEMS_FS",
    "ScanningSequence": "EP_GR",
    "SequenceVariant": "SS",
    "SeriesDescription": "fMRI_3_PartA",
    "SeriesNumber": 6,
    "SliceThickness": 3.3,
    "SliceTiming": [
      0,
      1.0285,
      0.0571001,
      1.0857,
      0.1142,
      1.1428,
      0.1714,
      1.2,
      0.2285,
      1.2571,
      0.2857,
      1.3143,
      0.3428,
      1.3714,
      0.4,
      1.4286,
      0.4571,
      1.4857,
      0.5142,
      1.5428,
      0.5714,
      1.6,
      0.6285,
      1.6571,
      0.6857,
      1.7143,
      0.7428,
      1.7714,
      0.8,
      1.8285,
      0.8571,
      1.8857,
      0.9143,
      1.9428,
      0.9714
    ],
    "SoftwareVersions": "27_LX_MR_Software_release:DV26.0_EB_1706.a",
    "SpacingBetweenSlices": 3.3,
    "StationName": "nnmr04",
    "TaskName": "grasp",
    "TotalReadoutTime": 0.040572,
    "dataset": "ds003342",
    "modality": "bold",
    "run_id": 3,
    "session_id": "action",
    "subject_id": "KL04",
    "task_id": "grasp"
  },
  "dummy_trs": 0,
  "dvars_nstd": 40.02248910621467,
  "dvars_std": 1.0407308304519776,
  "dvars_vstd": 1.015650494858757,
  "efc": 0.5204653368778883,
  "fber": 3057.648193359375,
  "fd_mean": 0.14896119582621264,
  "fd_num": 34,
  "fd_perc": 19.10112359550562,
  "fwhm_avg": 3.0714185267594085,
  "fwhm_x": 3.138736356406737,
  "fwhm_y": 3.139130666208858,
  "fwhm_z": 2.9363885576626303,
  "gcor": 0.0179604,
  "gsr_x": -0.004352982621639967,
  "gsr_y": 0.051843173801898956,
  "provenance": {
    "md5sum": "2da007ec0195ccbe93069b357b36a047",
    "settings": {
      "fd_thres": 0.2,
      "testing": false
    },
    "software": "mriqc",
    "version": "22.0.6",
    "webapi_port": null,
    "webapi_url": "https://mriqc.nimh.nih.gov/api/v1"
  },
  "size_t": 178,
  "size_x": 64,
  "size_y": 64,
  "size_z": 35,
  "snr": 3.4152180284884275,
  "spacing_tr": 2.0,
  "spacing_x": 3.2969000339508057,
  "spacing_y": 3.2969000339508057,
  "spacing_z": 3.299999237060547,
  "summary_bg_k": 28.84010429393641,
  "summary_bg_mad": 18.241005776391162,
  "summary_bg_mean": 64.32614135742188,
  "summary_bg_median": 25.404495239257812,
  "summary_bg_n": 81695.0,
  "summary_bg_p05": 2.9775280952453613,
  "summary_bg_p95": 286.0646057128907,
  "summary_bg_stdv": 120.3700180053711,
  "summary_fg_k": 0.8711076764372923,
  "summary_fg_mad": 387.97539136601057,
  "summary_fg_mean": 1482.472900390625,
  "summary_fg_median": 1404.46630859375,
  "summary_fg_n": 30213.0,
  "summary_fg_p05": 951.5854125976563,
  "summary_fg_p95": 2269.7,
  "summary_fg_stdv": 411.2308654785156,
  "tsnr": 34.6914917929098
}