{
  "aor": 0.0016246067415730337,
  "aqi": 0.013896745561797756,
  "bids_meta": {
    "AcquisitionMatrixPE": 64,
    "AcquisitionNumber": 1,
    "AcquisitionTime": "14:11:30.000000",
    "BodyPartExamined": "BRAIN",
    "CoilString": "RM:HNU_FlexS",
    "ConversionSoftware": "dcm2niix",
    "ConversionSoftwareVersion": "v1.0.20200331",
    "DeviceSerialNumber": "00000070431MRS04",
    "EchoTime": 0.03,
    "EffectiveEchoSpacing": 0.000644,
    "FlipAngle": 78,
    "ImageOrientationPatientDICOM": [
      1,
      0,
      0,
      0,
      1,
      0
    ],
    "ImageType": [
      "ORIGINAL",
      "PRIMARY",
      "EPI",
      "NONE"
    ],
    "ImagingFrequency": 127.734,
    "InPlanePhaseEncodingDirectionDICOM": "COL",
    "InstitutionName": "N_and_N_University_Hospital",
    "MRAcquisitionType": "2D",
    "MagneticFieldStrength": 3,
    "Manufacturer": "GE",
    "ManufacturersModelName": "DISCOVERY_MR750w",
    "Modality": "MR",
    "PatientPosition": "HFS",
    "PercentPhaseFOV": 100,
    "PercentSampling": 100,
    "PhaseEncodingDirection": "j",
    "PhaseEncodingPolarityGE": "Flipped",
    "PixelBandwidth": 7812.5,
    "ProcedureStepDescription": "MRI_Head",
    "ProtocolName": "fMRI_3.3X3.3X3.3_NEW_180_volumes",
    "ReconMatrixPE": 64,
    "RepetitionTime": 2,
    "SAR": 0.058895,
    "ScanOptions": "SAT_GEMS_EPI_GEMS_ACC_GEMS_FS",
    "ScanningSequence": "EP_GR",
    "SequenceVariant": "SS",
    "SeriesDescription": "fMRI_3.3X3.3X3.3_NEW_180_volumes",
    "SeriesNumber": 8,
    "SliceThickness": 3.3,
    "SliceTiming": [
      0,
      1.0285,
      0.0571001,
      1.0857,
      0.1142,
      1.1428,
      0.1714,
      1.2,
      0.2285,
      1.2571,
      0.2857,
      1.3143,
      0.3428,
      1.3714,
      0.4,
      1.4286,
      0.4571,
      1.4857,
      0.5142,
      1.5428,
      0.5714,
      1.6,
      0.6285,
      1.6571,
      0.6857,
      1.7143,
      0.7428,
      1.7714,
      0.8,
      1.8285,
      0.8571,
      1.8857,
      0.9143,
      1.9428,
      0.9714
    ],
    "SoftwareVersions": "27_LX_MR_Software_release:DV26.0_EA_1641.c",
    "SpacingBetweenSlices": 3.3,
    "StationName": "nnmr04",
    "TaskName": "grasp",
    "TotalReadoutTime": 0.040572,
    "dataset": "ds003342",
    "modality": "bold",
    "run_id": 1,
    "session_id": "action",
    "subject_id": "SC13",
    "task_id": "grasp"
  },
  "dummy_trs": 0,
  "dvars_nstd": 39.33709596118644,
  "dvars_std": 1.0044541757062146,
  "dvars_vstd": 0.9975361385875703,
  "efc": 0.4733126220936317,
  "fber": 2630.94921875,
  "fd_mean": 0.46479172147068826,
  "fd_num": 140,
  "fd_perc": 78.65168539325843,
  "fwhm_avg": 2.538873435670071,
  "fwhm_x": 2.597039616557497,
  "fwhm_y": 2.604431408771105,
  "fwhm_z": 2.4151492816816096,
  "gcor": 0.0146789,
  "gsr_x": 0.004189238417893648,
  "gsr_y": 0.014941125176846981,
  "provenance": {
    "md5sum": "a92d6ce050cba8a15933f455c7dd36fc",
    "settings": {
      "fd_thres": 0.2,
      "testing": false
    },
    "software": "mriqc",
    "version": "22.0.6",
    "webapi_port": null,
    "webapi_url": "https://mriqc.nimh.nih.gov/api/v1"
  },
  "size_t": 178,
  "size_x": 64,
  "size_y": 64,
  "size_z": 35,
  "snr": 4.610596696635531,
  "spacing_tr": 2.0,
  "spacing_x": 3.2969000339508057,
  "spacing_y": 3.2969000339508057,
  "spacing_z": 3.3000030517578125,
  "summary_bg_k": 69.48452508833493,
  "summary_bg_mad": 15.867178891697428,
  "summary_bg_mean": 44.45857620239258,
  "summary_bg_median": 27.747190475463867,
  "summary_bg_n": 89011.0,
  "summary_bg_p05": 2.1573033332824707,
  "summary_bg_p95": 140.43820190429688,
  "summary_bg_stdv": 73.21694946289062,
  "summary_fg_k": -0.1502149989638486,
  "summary_fg_mad": 324.4940636358783,
  "summary_fg_mean": 1482.5919189453125,
  "summary_fg_median": 1459.1685791015625,
  "summary_fg_n": 23052.0,
  "summary_fg_p05": 990.0466400146485,
  "summary_fg_p95": 2028.5084655761723,
  "summary_fg_stdv": 316.4746398925781,
  "tsnr": 29.418001073645428
}