{
  "aor": 0.0008436516853932583,
  "aqi": 0.0111567954494382,
  "bids_meta": {
    "AcquisitionMatrixPE": 64,
    "AcquisitionNumber": 1,
    "AcquisitionTime": "14:18:47.000000",
    "BodyPartExamined": "BRAIN",
    "CoilString": "RM:HNU_FlexS",
    "ConversionSoftware": "dcm2niix",
    "ConversionSoftwareVersion": "v1.0.20200331",
    "DeviceSerialNumber": "00000070431MRS04",
    "EchoTime": 0.03,
    "EffectiveEchoSpacing": 0.000644,
    "FlipAngle": 78,
    "ImageOrientationPatientDICOM": [
      1,
      0,
      0,
      0,
      1,
      0
    ],
    "ImageType": [
      "ORIGINAL",
      "PRIMARY",
      "EPI",
      "NONE"
    ],
    "ImagingFrequency": 127.734,
    "InPlanePhaseEncodingDirectionDICOM": "COL",
    "InstitutionName": "N_and_N_University_Hospital",
    "MRAcquisitionType": "2D",
    "MagneticFieldStrength": 3,
    "Manufacturer": "GE",
    "ManufacturersModelName": "DISCOVERY_MR750w",
    "Modality": "MR",
    "PatientPosition": "HFS",
    "PercentPhaseFOV": 100,
    "PercentSampling": 100,
    "PhaseEncodingDirection": "j",
    "PhaseEncodingPolarityGE": "Flipped",
    "PixelBandwidth": 7812.5,
    "ProcedureStepDescription": "MRI_Head",
    "ProtocolName": "fMRI_3.3X3.3X3.3_NEW_180_volumes",
    "ReconMatrixPE": 64,
    "RepetitionTime": 2,
    "SAR": 0.058895,
    "ScanOptions": "SAT_GEMS_EPI_GEMS_ACC_GEMS_FS",
    "ScanningSequence": "EP_GR",
    "SequenceVariant": "SS",
    "SeriesDescription": "fMRI_3.3X3.3X3.3_NEW_180_volumes",
    "SeriesNumber": 9,
    "SliceThickness": 3.3,
    "SliceTiming": [
      0,
      1.0285,
      0.0571001,
      1.0857,
      0.1142,
      1.1428,
      0.1714,
      1.2,
      0.2285,
      1.2571,
      0.2857,
      1.3143,
      0.3428,
      1.3714,
      0.4,
      1.4286,
      0.4571,
      1.4857,
      0.5142,
      1.5428,
      0.5714,
      1.6,
      0.6285,
      1.6571,
      0.6857,
      1.7143,
      0.7428,
      1.7714,
      0.8,
      1.8285,
      0.8571,
      1.8857,
      0.9143,
      1.9428,
      0.9714
    ],
    "SoftwareVersions": "27_LX_MR_Software_release:DV26.0_EA_1641.c",
    "SpacingBetweenSlices": 3.3,
    "StationName": "nnmr04",
    "TaskName": "grasp",
    "TotalReadoutTime": 0.040572,
    "dataset": "ds003342",
    "modality": "bold",
    "run_id": 2,
    "session_id": "action",
    "subject_id": "SC13",
    "task_id": "grasp"
  },
  "dummy_trs": 0,
  "dvars_nstd": 37.901707837796636,
  "dvars_std": 1.0089284406214685,
  "dvars_vstd": 0.9972685972881359,
  "efc": 0.4717999354193858,
  "fber": 2664.504638671875,
  "fd_mean": 0.33514104642524006,
  "fd_num": 121,
  "fd_perc": 67.97752808988764,
  "fwhm_avg": 2.49649174658363,
  "fwhm_x": 2.5841517523327875,
  "fwhm_y": 2.5402620382043914,
  "fwhm_z": 2.3650614492137105,
  "gcor": 0.0122924,
  "gsr_x": 0.00310806673951447,
  "gsr_y": 0.013962882570922375,
  "provenance": {
    "md5sum": "cdf3fae1f93960e50c896ff62fab4a01",
    "settings": {
      "fd_thres": 0.2,
      "testing": false
    },
    "software": "mriqc",
    "version": "22.0.6",
    "webapi_port": null,
    "webapi_url": "https://mriqc.nimh.nih.gov/api/v1"
  },
  "size_t": 178,
  "size_x": 64,
  "size_y": 64,
  "size_z": 35,
  "snr": 4.6120292484719325,
  "spacing_tr": 2.0,
  "spacing_x": 3.2969000339508057,
  "spacing_y": 3.2969000339508057,
  "spacing_z": 3.3000030517578125,
  "summary_bg_k": 59.98229257147161,
  "summary_bg_mad": 16.025430435413877,
  "summary_bg_mean": 44.968936920166016,
  "summary_bg_median": 27.713483810424805,
  "summary_bg_n": 88880.0,
  "summary_bg_p05": 2.274719154834745,
  "summary_bg_p95": 142.59129409790046,
  "summary_bg_stdv": 72.16609191894531,
  "summary_fg_k": -0.04005867233525873,
  "summary_fg_mad": 321.0002116060626,
  "summary_fg_mean": 1491.9691162109375,
  "summary_fg_median": 1466.8314208984375,
  "summary_fg_n": 22909.0,
  "summary_fg_p05": 1002.6202514648437,
  "summary_fg_p95": 2040.6562255859374,
  "summary_fg_stdv": 318.0377502441406,
  "tsnr": 32.725766214192845
}