{
  "aor": 0.0018262359550561796,
  "aqi": 0.0076433102808988775,
  "bids_meta": {
    "AcquisitionMatrixPE": 64,
    "AcquisitionNumber": 1,
    "AcquisitionTime": "14:25:36.000000",
    "BodyPartExamined": "BRAIN",
    "CoilString": "RM:HNU_FlexS",
    "ConversionSoftware": "dcm2niix",
    "ConversionSoftwareVersion": "v1.0.20200331",
    "DeviceSerialNumber": "00000070431MRS04",
    "EchoTime": 0.03,
    "EffectiveEchoSpacing": 0.000644,
    "FlipAngle": 78,
    "ImageOrientationPatientDICOM": [
      1,
      0,
      0,
      0,
      1,
      0
    ],
    "ImageType": [
      "ORIGINAL",
      "PRIMARY",
      "EPI",
      "NONE"
    ],
    "ImagingFrequency": 127.734,
    "InPlanePhaseEncodingDirectionDICOM": "COL",
    "InstitutionName": "N_and_N_University_Hospital",
    "MRAcquisitionType": "2D",
    "MagneticFieldStrength": 3,
    "Manufacturer": "GE",
    "ManufacturersModelName": "DISCOVERY_MR750w",
    "Modality": "MR",
    "PatientPosition": "HFS",
    "PercentPhaseFOV": 100,
    "PercentSampling": 100,
    "PhaseEncodingDirection": "j",
    "PhaseEncodingPolarityGE": "Flipped",
    "PixelBandwidth": 7812.5,
    "ProcedureStepDescription": "MRI_Head",
    "ProtocolName": "fMRI_3.3X3.3X3.3_NEW_180_volumes",
    "ReconMatrixPE": 64,
    "RepetitionTime": 2,
    "SAR": 0.058895,
    "ScanOptions": "SAT_GEMS_EPI_GEMS_ACC_GEMS_FS",
    "ScanningSequence": "EP_GR",
    "SequenceVariant": "SS",
    "SeriesDescription": "fMRI_3.3X3.3X3.3_NEW_180_volumes",
    "SeriesNumber": 10,
    "SliceThickness": 3.3,
    "SliceTiming": [
      0,
      1.0285,
      0.0571001,
      1.0857,
      0.1142,
      1.1428,
      0.1714,
      1.2,
      0.2285,
      1.2571,
      0.2857,
      1.3143,
      0.3428,
      1.3714,
      0.4,
      1.4286,
      0.4571,
      1.4857,
      0.5142,
      1.5428,
      0.5714,
      1.6,
      0.6285,
      1.6571,
      0.6857,
      1.7143,
      0.7428,
      1.7714,
      0.8,
      1.8285,
      0.8571,
      1.8857,
      0.9143,
      1.9428,
      0.9714
    ],
    "SoftwareVersions": "27_LX_MR_Software_release:DV26.0_EA_1641.c",
    "SpacingBetweenSlices": 3.3,
    "StationName": "nnmr04",
    "TaskName": "grasp",
    "TotalReadoutTime": 0.040572,
    "dataset": "ds003342",
    "modality": "bold",
    "run_id": 3,
    "session_id": "action",
    "subject_id": "SC13",
    "task_id": "grasp"
  },
  "dummy_trs": 0,
  "dvars_nstd": 37.307515569887,
  "dvars_std": 1.0416873809039546,
  "dvars_vstd": 1.0258240071186437,
  "efc": 0.47191892358996357,
  "fber": 2675.948974609375,
  "fd_mean": 0.2858045122097747,
  "fd_num": 94,
  "fd_perc": 52.80898876404494,
  "fwhm_avg": 2.5241768963594757,
  "fwhm_x": 2.5847280512743485,
  "fwhm_y": 2.6019593896270385,
  "fwhm_z": 2.385843248177039,
  "gcor": 0.010315,
  "gsr_x": 0.003914779517799616,
  "gsr_y": 0.014035864733159542,
  "provenance": {
    "md5sum": "b96a05c01dba180fadb00cf1e80605a9",
    "settings": {
      "fd_thres": 0.2,
      "testing": false
    },
    "software": "mriqc",
    "version": "22.0.6",
    "webapi_port": null,
    "webapi_url": "https://mriqc.nimh.nih.gov/api/v1"
  },
  "size_t": 178,
  "size_x": 64,
  "size_y": 64,
  "size_z": 35,
  "snr": 4.486644622959827,
  "spacing_tr": 2.0,
  "spacing_x": 3.2969000339508057,
  "spacing_y": 3.2969000339508057,
  "spacing_z": 3.3000030517578125,
  "summary_bg_k": 61.70061126135761,
  "summary_bg_mad": 15.717249679083467,
  "summary_bg_mean": 44.728233337402344,
  "summary_bg_median": 27.702247619628906,
  "summary_bg_n": 88902.0,
  "summary_bg_p05": 2.32050565481186,
  "summary_bg_p95": 142.45955429077142,
  "summary_bg_stdv": 73.23768615722656,
  "summary_fg_k": -0.06182461704585274,
  "summary_fg_mad": 333.3980021058537,
  "summary_fg_mean": 1497.9169921875,
  "summary_fg_median": 1471.1629638671875,
  "summary_fg_n": 23040.0,
  "summary_fg_p05": 996.6823333740234,
  "summary_fg_p95": 2069.550817871094,
  "summary_fg_stdv": 327.8911437988281,
  "tsnr": 36.105553045053966
}