{
  "aor": 0.0011471348314606741,
  "aqi": 0.007949014887640448,
  "bids_meta": {
    "AcquisitionMatrixPE": 64,
    "AcquisitionNumber": 1,
    "AcquisitionTime": "14:47:33.000000",
    "BodyPartExamined": "BRAIN",
    "CoilString": "RM:HNU_FlexS",
    "ConversionSoftware": "dcm2niix",
    "ConversionSoftwareVersion": "v1.0.20200331",
    "DeviceSerialNumber": "00000070431MRS04",
    "EchoTime": 0.03,
    "EffectiveEchoSpacing": 0.000644,
    "FlipAngle": 78,
    "ImageOrientationPatientDICOM": [
      1,
      0,
      0,
      0,
      1,
      0
    ],
    "ImageType": [
      "ORIGINAL",
      "PRIMARY",
      "EPI",
      "NONE"
    ],
    "ImagingFrequency": 127.734,
    "InPlanePhaseEncodingDirectionDICOM": "COL",
    "InstitutionName": "N_and_N_University_Hospital",
    "MRAcquisitionType": "2D",
    "MagneticFieldStrength": 3,
    "Manufacturer": "GE",
    "ManufacturersModelName": "DISCOVERY_MR750w",
    "Modality": "MR",
    "PatientPosition": "HFS",
    "PercentPhaseFOV": 100,
    "PercentSampling": 100,
    "PhaseEncodingDirection": "j",
    "PhaseEncodingPolarityGE": "Flipped",
    "PixelBandwidth": 7812.5,
    "ProcedureStepDescription": "MRI_Head",
    "ProtocolName": "fMRI_3.3X3.3X3.3_NEW_180_volumes",
    "ReconMatrixPE": 64,
    "RepetitionTime": 2,
    "SAR": 0.058895,
    "ScanOptions": "SAT_GEMS_EPI_GEMS_ACC_GEMS_FS",
    "ScanningSequence": "EP_GR",
    "SequenceVariant": "SS",
    "SeriesDescription": "fMRI_3.3X3.3X3.3_NEW_180_volumes",
    "SeriesNumber": 13,
    "SliceThickness": 3.3,
    "SliceTiming": [
      0,
      1.0285,
      0.0571001,
      1.0857,
      0.1142,
      1.1428,
      0.1714,
      1.2,
      0.2285,
      1.2571,
      0.2857,
      1.3143,
      0.3428,
      1.3714,
      0.4,
      1.4286,
      0.4571,
      1.4857,
      0.5142,
      1.5428,
      0.5714,
      1.6,
      0.6285,
      1.6571,
      0.6857,
      1.7143,
      0.7428,
      1.7714,
      0.8,
      1.8285,
      0.8571,
      1.8857,
      0.9143,
      1.9428,
      0.9714
    ],
    "SoftwareVersions": "27_LX_MR_Software_release:DV26.0_EA_1641.c",
    "SpacingBetweenSlices": 3.3,
    "StationName": "nnmr04",
    "TaskName": "grasp",
    "TotalReadoutTime": 0.040572,
    "dataset": "ds003342",
    "modality": "bold",
    "run_id": 6,
    "session_id": "action",
    "subject_id": "SC13",
    "task_id": "grasp"
  },
  "dummy_trs": 0,
  "dvars_nstd": 36.338864752090394,
  "dvars_std": 1.0273229459887012,
  "dvars_vstd": 1.0160712836723158,
  "efc": 0.47170272463648566,
  "fber": 2658.125244140625,
  "fd_mean": 0.23188479072293983,
  "fd_num": 73,
  "fd_perc": 41.01123595505618,
  "fwhm_avg": 2.5228277501210514,
  "fwhm_x": 2.575140256778159,
  "fwhm_y": 2.609433076953394,
  "fwhm_z": 2.3839099166316022,
  "gcor": 0.00741853,
  "gsr_x": 0.005288949701935053,
  "gsr_y": 0.015985924750566483,
  "provenance": {
    "md5sum": "2cc459cde8d674e7975fc28dc5a6bc97",
    "settings": {
      "fd_thres": 0.2,
      "testing": false
    },
    "software": "mriqc",
    "version": "22.0.6",
    "webapi_port": null,
    "webapi_url": "https://mriqc.nimh.nih.gov/api/v1"
  },
  "size_t": 178,
  "size_x": 64,
  "size_y": 64,
  "size_z": 35,
  "snr": 4.554681030903925,
  "spacing_tr": 2.0,
  "spacing_x": 3.2969000339508057,
  "spacing_y": 3.2969000339508057,
  "spacing_z": 3.3000030517578125,
  "summary_bg_k": 71.59913427504037,
  "summary_bg_mad": 15.725577665864586,
  "summary_bg_mean": 44.62262725830078,
  "summary_bg_median": 27.870786666870117,
  "summary_bg_n": 89169.0,
  "summary_bg_p05": 1.8561798095703155,
  "summary_bg_p95": 140.13482666015625,
  "summary_bg_stdv": 73.92353820800781,
  "summary_fg_k": -0.0392593731206472,
  "summary_fg_mad": 327.62178965397084,
  "summary_fg_mean": 1497.889404296875,
  "summary_fg_median": 1473.2135009765625,
  "summary_fg_n": 23099.0,
  "summary_fg_p05": 999.7045166015625,
  "summary_fg_p95": 2061.5758056640625,
  "summary_fg_stdv": 323.44342041015625,
  "tsnr": 36.24122414912563
}