{
  "aor": 0.0009870224719101125,
  "aqi": 0.007353893707865169,
  "bids_meta": {
    "AcquisitionMatrixPE": 64,
    "AcquisitionNumber": 1,
    "AcquisitionTime": "14:27:7.000000",
    "BodyPartExamined": "BRAIN",
    "CoilString": "RM:HNU_FlexS",
    "ConversionSoftware": "dcm2niix",
    "ConversionSoftwareVersion": "v1.0.20200331",
    "DeviceSerialNumber": "00000070431MRS04",
    "EchoTime": 0.03,
    "EffectiveEchoSpacing": 0.000644,
    "FlipAngle": 78,
    "ImageOrientationPatientDICOM": [
      1,
      0,
      0,
      0,
      1,
      0
    ],
    "ImageType": [
      "ORIGINAL",
      "PRIMARY",
      "EPI",
      "NONE"
    ],
    "ImagingFrequency": 127.734,
    "InPlanePhaseEncodingDirectionDICOM": "COL",
    "InstitutionName": "N_and_N_University_Hospital",
    "MRAcquisitionType": "2D",
    "MagneticFieldStrength": 3,
    "Manufacturer": "GE",
    "ManufacturersModelName": "DISCOVERY_MR750w",
    "Modality": "MR",
    "PatientPosition": "HFS",
    "PercentPhaseFOV": 100,
    "PercentSampling": 100,
    "PhaseEncodingDirection": "j",
    "PhaseEncodingPolarityGE": "Flipped",
    "PixelBandwidth": 7812.5,
    "ProcedureStepDescription": "MRI_Head",
    "ProtocolName": "fMRI_3.3X3.3X3.3_NEW_180_volumes",
    "ReconMatrixPE": 64,
    "RepetitionTime": 2,
    "SAR": 0.0589292,
    "ScanOptions": "SAT_GEMS_EPI_GEMS_ACC_GEMS_FS",
    "ScanningSequence": "EP_GR",
    "SequenceVariant": "SS",
    "SeriesDescription": "fMRI_3.3X3.3X3.3_NEW_180_volumes",
    "SeriesNumber": 10,
    "SliceThickness": 3.3,
    "SliceTiming": [
      0,
      1.0285,
      0.0571001,
      1.0857,
      0.1142,
      1.1428,
      0.1714,
      1.2,
      0.2285,
      1.2571,
      0.2857,
      1.3143,
      0.3428,
      1.3714,
      0.4,
      1.4286,
      0.4571,
      1.4857,
      0.5142,
      1.5428,
      0.5714,
      1.6,
      0.6285,
      1.6571,
      0.6857,
      1.7143,
      0.7428,
      1.7714,
      0.8,
      1.8285,
      0.8571,
      1.8857,
      0.9143,
      1.9428,
      0.9714
    ],
    "SoftwareVersions": "27_LX_MR_Software_release:DV26.0_EA_1641.c",
    "SpacingBetweenSlices": 3.3,
    "StationName": "nnmr04",
    "TaskName": "grasp",
    "TotalReadoutTime": 0.040572,
    "dataset": "ds003342",
    "modality": "bold",
    "run_id": 5,
    "session_id": "action",
    "subject_id": "ST28",
    "task_id": "grasp"
  },
  "dummy_trs": 0,
  "dvars_nstd": 29.422788727853117,
  "dvars_std": 1.0406347058192091,
  "dvars_vstd": 1.0083436769491527,
  "efc": 0.48671891228645847,
  "fber": 3374.13720703125,
  "fd_mean": 0.16495753596926424,
  "fd_num": 46,
  "fd_perc": 25.84269662921348,
  "fwhm_avg": 2.5350870705181574,
  "fwhm_x": 2.550747645788487,
  "fwhm_y": 2.645873368974026,
  "fwhm_z": 2.4086401967919584,
  "gcor": 0.0342241,
  "gsr_x": 0.007059329189360142,
  "gsr_y": 0.018282299861311913,
  "provenance": {
    "md5sum": "a55d5a018a4ff47e588e6f093689d92c",
    "settings": {
      "fd_thres": 0.2,
      "testing": false
    },
    "software": "mriqc",
    "version": "22.0.6",
    "webapi_port": null,
    "webapi_url": "https://mriqc.nimh.nih.gov/api/v1"
  },
  "size_t": 178,
  "size_x": 64,
  "size_y": 64,
  "size_z": 35,
  "snr": 4.519366964031492,
  "spacing_tr": 2.0,
  "spacing_x": 3.2969000339508057,
  "spacing_y": 3.2969000339508057,
  "spacing_z": 3.3000030517578125,
  "summary_bg_k": 31.310095539423862,
  "summary_bg_mad": 24.66283656648242,
  "summary_bg_mean": 76.22688293457031,
  "summary_bg_median": 32.85955047607422,
  "summary_bg_n": 87791.0,
  "summary_bg_p05": 3.1797752380371094,
  "summary_bg_p95": 280.97190856933594,
  "summary_bg_stdv": 151.1040802001953,
  "summary_fg_k": -0.2147168693417436,
  "summary_fg_mad": 442.44871613939483,
  "summary_fg_mean": 1931.1314697265625,
  "summary_fg_median": 1904.2864990234375,
  "summary_fg_n": 24635.0,
  "summary_fg_p05": 1285.616357421875,
  "summary_fg_p95": 2667.3478271484373,
  "summary_fg_stdv": 421.352783203125,
  "tsnr": 40.31247274344787
}