{
  "aor": 0.00167561797752809,
  "aqi": 0.005544122921348315,
  "bids_meta": {
    "AcquisitionMatrixPE": 64,
    "AcquisitionNumber": 1,
    "AcquisitionTime": "14:35:5.000000",
    "BodyPartExamined": "BRAIN",
    "CoilString": "RM:HNU_FlexS",
    "ConversionSoftware": "dcm2niix",
    "ConversionSoftwareVersion": "v1.0.20200331",
    "DeviceSerialNumber": "00000070431MRS04",
    "EchoTime": 0.03,
    "EffectiveEchoSpacing": 0.000644,
    "FlipAngle": 78,
    "ImageOrientationPatientDICOM": [
      1,
      0,
      0,
      0,
      1,
      0
    ],
    "ImageType": [
      "ORIGINAL",
      "PRIMARY",
      "EPI",
      "NONE"
    ],
    "ImagingFrequency": 127.734,
    "InPlanePhaseEncodingDirectionDICOM": "COL",
    "InstitutionName": "N_and_N_University_Hospital",
    "MRAcquisitionType": "2D",
    "MagneticFieldStrength": 3,
    "Manufacturer": "GE",
    "ManufacturersModelName": "DISCOVERY_MR750w",
    "Modality": "MR",
    "PatientPosition": "HFS",
    "PercentPhaseFOV": 100,
    "PercentSampling": 100,
    "PhaseEncodingDirection": "j",
    "PhaseEncodingPolarityGE": "Flipped",
    "PixelBandwidth": 7812.5,
    "ProcedureStepDescription": "MRI_Head",
    "ProtocolName": "fMRI_3.3X3.3X3.3_NEW_180_volumes",
    "ReconMatrixPE": 64,
    "RepetitionTime": 2,
    "SAR": 0.0589292,
    "ScanOptions": "SAT_GEMS_EPI_GEMS_ACC_GEMS_FS",
    "ScanningSequence": "EP_GR",
    "SequenceVariant": "SS",
    "SeriesDescription": "fMRI_3.3X3.3X3.3_NEW_180_volumes",
    "SeriesNumber": 11,
    "SliceThickness": 3.3,
    "SliceTiming": [
      0,
      1.0285,
      0.0571001,
      1.0857,
      0.1142,
      1.1428,
      0.1714,
      1.2,
      0.2285,
      1.2571,
      0.2857,
      1.3143,
      0.3428,
      1.3714,
      0.4,
      1.4286,
      0.4571,
      1.4857,
      0.5142,
      1.5428,
      0.5714,
      1.6,
      0.6285,
      1.6571,
      0.6857,
      1.7143,
      0.7428,
      1.7714,
      0.8,
      1.8285,
      0.8571,
      1.8857,
      0.9143,
      1.9428,
      0.9714
    ],
    "SoftwareVersions": "27_LX_MR_Software_release:DV26.0_EA_1641.c",
    "SpacingBetweenSlices": 3.3,
    "StationName": "nnmr04",
    "TaskName": "grasp",
    "TotalReadoutTime": 0.040572,
    "dataset": "ds003342",
    "modality": "bold",
    "run_id": 6,
    "session_id": "action",
    "subject_id": "ST28",
    "task_id": "grasp"
  },
  "dummy_trs": 0,
  "dvars_nstd": 29.242240883841813,
  "dvars_std": 1.0586742297740115,
  "dvars_vstd": 1.0224320051412428,
  "efc": 0.48585270447234835,
  "fber": 3393.994873046875,
  "fd_mean": 0.13535210339868278,
  "fd_num": 40,
  "fd_perc": 22.471910112359552,
  "fwhm_avg": 2.529004267652489,
  "fwhm_x": 2.5357942048311273,
  "fwhm_y": 2.628663262687605,
  "fwhm_z": 2.422555335438736,
  "gcor": 0.0319248,
  "gsr_x": 0.007432966027408838,
  "gsr_y": 0.018120920285582542,
  "provenance": {
    "md5sum": "c9395c2bc130d4830dca1715def142c0",
    "settings": {
      "fd_thres": 0.2,
      "testing": false
    },
    "software": "mriqc",
    "version": "22.0.6",
    "webapi_port": null,
    "webapi_url": "https://mriqc.nimh.nih.gov/api/v1"
  },
  "size_t": 178,
  "size_x": 64,
  "size_y": 64,
  "size_z": 35,
  "snr": 4.540629498549019,
  "spacing_tr": 2.0,
  "spacing_x": 3.2969000339508057,
  "spacing_y": 3.2969000339508057,
  "spacing_z": 3.3000030517578125,
  "summary_bg_k": 31.424517307875284,
  "summary_bg_mad": 24.17141465041357,
  "summary_bg_mean": 75.29073333740234,
  "summary_bg_median": 32.78651809692383,
  "summary_bg_n": 87896.0,
  "summary_bg_p05": 2.79073029756546,
  "summary_bg_p95": 277.6544952392578,
  "summary_bg_stdv": 148.5384979248047,
  "summary_fg_k": -0.21583790255062674,
  "summary_fg_mad": 439.9247451262993,
  "summary_fg_mean": 1935.0208740234375,
  "summary_fg_median": 1910.109619140625,
  "summary_fg_n": 24592.0,
  "summary_fg_p05": 1289.4559204101563,
  "summary_fg_p95": 2663.9227905273438,
  "summary_fg_stdv": 420.662109375,
  "tsnr": 43.618306427495554
}