{
  "aor": 0.0013192696629213485,
  "aqi": 0.007355782528089888,
  "bids_meta": {
    "AcquisitionMatrixPE": 64,
    "AcquisitionNumber": 1,
    "AcquisitionTime": "14:41:49.000000",
    "BodyPartExamined": "BRAIN",
    "CoilString": "RM:HNU_FlexS",
    "ConversionSoftware": "dcm2niix",
    "ConversionSoftwareVersion": "v1.0.20200331",
    "DeviceSerialNumber": "00000070431MRS04",
    "EchoTime": 0.03,
    "EffectiveEchoSpacing": 0.000644,
    "FlipAngle": 78,
    "ImageOrientationPatientDICOM": [
      1,
      0,
      0,
      0,
      1,
      0
    ],
    "ImageType": [
      "ORIGINAL",
      "PRIMARY",
      "EPI",
      "NONE"
    ],
    "ImagingFrequency": 127.734,
    "InPlanePhaseEncodingDirectionDICOM": "COL",
    "InstitutionName": "N_and_N_University_Hospital",
    "MRAcquisitionType": "2D",
    "MagneticFieldStrength": 3,
    "Manufacturer": "GE",
    "ManufacturersModelName": "DISCOVERY_MR750w",
    "Modality": "MR",
    "PatientPosition": "HFS",
    "PercentPhaseFOV": 100,
    "PercentSampling": 100,
    "PhaseEncodingDirection": "j",
    "PhaseEncodingPolarityGE": "Flipped",
    "PixelBandwidth": 7812.5,
    "ProcedureStepDescription": "MRI_Head",
    "ProtocolName": "fMRI_5_PartA",
    "ReconMatrixPE": 64,
    "RepetitionTime": 2,
    "SAR": 0.0670201,
    "ScanOptions": "SAT_GEMS_EPI_GEMS_ACC_GEMS_FS",
    "ScanningSequence": "EP_GR",
    "SequenceVariant": "SS",
    "SeriesDescription": "fMRI_5_PartA",
    "SeriesNumber": 9,
    "SliceThickness": 3.3,
    "SliceTiming": [
      0,
      1.0285,
      0.0571001,
      1.0857,
      0.1142,
      1.1428,
      0.1714,
      1.2,
      0.2285,
      1.2571,
      0.2857,
      1.3143,
      0.3428,
      1.3714,
      0.4,
      1.4286,
      0.4571,
      1.4857,
      0.5142,
      1.5428,
      0.5714,
      1.6,
      0.6285,
      1.6571,
      0.6857,
      1.7143,
      0.7428,
      1.7714,
      0.8,
      1.8285,
      0.8571,
      1.8857,
      0.9143,
      1.9428,
      0.9714
    ],
    "SoftwareVersions": "27_LX_MR_Software_release:DV26.0_EB_1706.a",
    "SpacingBetweenSlices": 3.3,
    "StationName": "nnmr04",
    "TaskName": "grasp",
    "TotalReadoutTime": 0.040572,
    "dataset": "ds003342",
    "modality": "bold",
    "run_id": 5,
    "session_id": "action",
    "subject_id": "MK14",
    "task_id": "grasp"
  },
  "dummy_trs": 0,
  "dvars_nstd": 38.07145001259888,
  "dvars_std": 1.0393640402259885,
  "dvars_vstd": 1.0245971917514127,
  "efc": 0.5385244935711349,
  "fber": 2560.37646484375,
  "fd_mean": 0.1627118741807673,
  "fd_num": 45,
  "fd_perc": 25.280898876404493,
  "fwhm_avg": 2.6334314433337602,
  "fwhm_x": 2.6877581694162527,
  "fwhm_y": 2.7488064262415626,
  "fwhm_z": 2.4637297343434645,
  "gcor": 0.00730468,
  "gsr_x": 0.0031627770513296127,
  "gsr_y": 0.033947352319955826,
  "provenance": {
    "md5sum": "26d39c9770e2c30e1f7d16473b4c473e",
    "settings": {
      "fd_thres": 0.2,
      "testing": false
    },
    "software": "mriqc",
    "version": "22.0.6",
    "webapi_port": null,
    "webapi_url": "https://mriqc.nimh.nih.gov/api/v1"
  },
  "size_t": 178,
  "size_x": 64,
  "size_y": 64,
  "size_z": 35,
  "snr": 3.9882353461087843,
  "spacing_tr": 2.0,
  "spacing_x": 3.2969000339508057,
  "spacing_y": 3.2969000339508057,
  "spacing_z": 3.3001022338867188,
  "summary_bg_k": 32.105996658731705,
  "summary_bg_mad": 24.47126600604321,
  "summary_bg_mean": 57.81938552856445,
  "summary_bg_median": 27.629213333129883,
  "summary_bg_n": 77798.0,
  "summary_bg_p05": 2.0665730357170125,
  "summary_bg_p95": 223.53314743041972,
  "summary_bg_stdv": 97.41889190673828,
  "summary_fg_k": 0.1776722841286551,
  "summary_fg_mad": 356.9614595820491,
  "summary_fg_mean": 1448.8336181640625,
  "summary_fg_median": 1403.4129638671875,
  "summary_fg_n": 32464.0,
  "summary_fg_p05": 958.0275238037109,
  "summary_fg_p95": 2086.816064453125,
  "summary_fg_stdv": 351.8827819824219,
  "tsnr": 34.25428984919563
}