{
  "aor": 0.0005906741573033708,
  "aqi": 0.009932249943820224,
  "bids_meta": {
    "AcquisitionMatrixPE": 64,
    "AcquisitionNumber": 1,
    "AcquisitionTime": "14:56:30.000000",
    "BodyPartExamined": "BRAIN",
    "CoilString": "RM:HNU_FlexS",
    "ConversionSoftware": "dcm2niix",
    "ConversionSoftwareVersion": "v1.0.20200331",
    "DeviceSerialNumber": "00000070431MRS04",
    "EchoTime": 0.03,
    "EffectiveEchoSpacing": 0.000644,
    "FlipAngle": 78,
    "ImageOrientationPatientDICOM": [
      1,
      0,
      0,
      0,
      1,
      0
    ],
    "ImageType": [
      "ORIGINAL",
      "PRIMARY",
      "EPI",
      "NONE"
    ],
    "ImagingFrequency": 127.734,
    "InPlanePhaseEncodingDirectionDICOM": "COL",
    "InstitutionName": "N_and_N_University_Hospital",
    "MRAcquisitionType": "2D",
    "MagneticFieldStrength": 3,
    "Manufacturer": "GE",
    "ManufacturersModelName": "DISCOVERY_MR750w",
    "Modality": "MR",
    "PatientPosition": "HFS",
    "PercentPhaseFOV": 100,
    "PercentSampling": 100,
    "PhaseEncodingDirection": "j",
    "PhaseEncodingPolarityGE": "Flipped",
    "PixelBandwidth": 7812.5,
    "ProcedureStepDescription": "MRI_Head",
    "ProtocolName": "fMRI_7_PartA",
    "ReconMatrixPE": 64,
    "RepetitionTime": 2,
    "SAR": 0.0670201,
    "ScanOptions": "SAT_GEMS_EPI_GEMS_ACC_GEMS_FS",
    "ScanningSequence": "EP_GR",
    "SequenceVariant": "SS",
    "SeriesDescription": "fMRI_7_PartA",
    "SeriesNumber": 11,
    "SliceThickness": 3.3,
    "SliceTiming": [
      0,
      1.0285,
      0.0571001,
      1.0857,
      0.1142,
      1.1428,
      0.1714,
      1.2,
      0.2285,
      1.2571,
      0.2857,
      1.3143,
      0.3428,
      1.3714,
      0.4,
      1.4286,
      0.4571,
      1.4857,
      0.5142,
      1.5428,
      0.5714,
      1.6,
      0.6285,
      1.6571,
      0.6857,
      1.7143,
      0.7428,
      1.7714,
      0.8,
      1.8285,
      0.8571,
      1.8857,
      0.9143,
      1.9428,
      0.9714
    ],
    "SoftwareVersions": "27_LX_MR_Software_release:DV26.0_EB_1706.a",
    "SpacingBetweenSlices": 3.3,
    "StationName": "nnmr04",
    "TaskName": "grasp",
    "TotalReadoutTime": 0.040572,
    "dataset": "ds003342",
    "modality": "bold",
    "run_id": 7,
    "session_id": "action",
    "subject_id": "MK14",
    "task_id": "grasp"
  },
  "dummy_trs": 0,
  "dvars_nstd": 38.27084841943502,
  "dvars_std": 0.9992884426553676,
  "dvars_vstd": 0.9929699572881355,
  "efc": 0.5348305924363298,
  "fber": 2538.357421875,
  "fd_mean": 0.19324513519440545,
  "fd_num": 56,
  "fd_perc": 31.46067415730337,
  "fwhm_avg": 2.6908366666091457,
  "fwhm_x": 2.735032881538242,
  "fwhm_y": 2.801249629923661,
  "fwhm_z": 2.5362274883655336,
  "gcor": 0.00585178,
  "gsr_x": 0.004564553964883089,
  "gsr_y": 0.034399405121803284,
  "provenance": {
    "md5sum": "1161cc4b6d3be6991d1da8a15f482c21",
    "settings": {
      "fd_thres": 0.2,
      "testing": false
    },
    "software": "mriqc",
    "version": "22.0.6",
    "webapi_port": null,
    "webapi_url": "https://mriqc.nimh.nih.gov/api/v1"
  },
  "size_t": 178,
  "size_x": 64,
  "size_y": 64,
  "size_z": 35,
  "snr": 3.949630679405623,
  "spacing_tr": 2.0,
  "spacing_x": 3.2969000339508057,
  "spacing_y": 3.2969000339508057,
  "spacing_z": 3.3001022338867188,
  "summary_bg_k": 32.84584591918005,
  "summary_bg_mad": 25.345834698669105,
  "summary_bg_mean": 56.95989990234375,
  "summary_bg_median": 28.0112361907959,
  "summary_bg_n": 78557.0,
  "summary_bg_p05": 2.4426966667175303,
  "summary_bg_p95": 218.05842895507809,
  "summary_bg_stdv": 94.21382904052734,
  "summary_fg_k": 0.22562552759453913,
  "summary_fg_mad": 357.63199684029655,
  "summary_fg_mean": 1456.3438720703125,
  "summary_fg_median": 1408.6798095703125,
  "summary_fg_n": 32024.0,
  "summary_fg_p05": 964.0339813232422,
  "summary_fg_p95": 2106.898083496094,
  "summary_fg_stdv": 356.65557861328125,
  "tsnr": 31.712365303654224
}