{
  "aor": 0.0008676404494382022,
  "aqi": 0.010994825,
  "bids_meta": {
    "AcquisitionMatrixPE": 64,
    "AcquisitionNumber": 1,
    "AcquisitionTime": "14:19:43.000000",
    "BodyPartExamined": "BRAIN",
    "CoilString": "RM:HNU_FlexS",
    "ConversionSoftware": "dcm2niix",
    "ConversionSoftwareVersion": "v1.0.20200331",
    "DeviceSerialNumber": "00000070431MRS04",
    "EchoTime": 0.03,
    "EffectiveEchoSpacing": 0.000644,
    "FlipAngle": 78,
    "ImageOrientationPatientDICOM": [
      1,
      0,
      0,
      0,
      1,
      0
    ],
    "ImageType": [
      "ORIGINAL",
      "PRIMARY",
      "EPI",
      "NONE"
    ],
    "ImagingFrequency": 127.734,
    "InPlanePhaseEncodingDirectionDICOM": "COL",
    "InstitutionName": "N_and_N_University_Hospital",
    "MRAcquisitionType": "2D",
    "MagneticFieldStrength": 3,
    "Manufacturer": "GE",
    "ManufacturersModelName": "DISCOVERY_MR750w",
    "Modality": "MR",
    "PatientPosition": "HFS",
    "PercentPhaseFOV": 100,
    "PercentSampling": 100,
    "PhaseEncodingDirection": "j",
    "PhaseEncodingPolarityGE": "Flipped",
    "PixelBandwidth": 7812.5,
    "ProcedureStepDescription": "MRI_Head",
    "ProtocolName": "fMRI_2_PartA",
    "ReconMatrixPE": 64,
    "RepetitionTime": 2,
    "SAR": 0.0670201,
    "ScanOptions": "SAT_GEMS_EPI_GEMS_ACC_GEMS_FS",
    "ScanningSequence": "EP_GR",
    "SequenceVariant": "SS",
    "SeriesDescription": "fMRI_2_PartA",
    "SeriesNumber": 6,
    "SliceThickness": 3.3,
    "SliceTiming": [
      0,
      1.0285,
      0.0571001,
      1.0857,
      0.1142,
      1.1428,
      0.1714,
      1.2,
      0.2285,
      1.2571,
      0.2857,
      1.3143,
      0.3428,
      1.3714,
      0.4,
      1.4286,
      0.4571,
      1.4857,
      0.5142,
      1.5428,
      0.5714,
      1.6,
      0.6285,
      1.6571,
      0.6857,
      1.7143,
      0.7428,
      1.7714,
      0.8,
      1.8285,
      0.8571,
      1.8857,
      0.9143,
      1.9428,
      0.9714
    ],
    "SoftwareVersions": "27_LX_MR_Software_release:DV26.0_EB_1706.a",
    "SpacingBetweenSlices": 3.3,
    "StationName": "nnmr04",
    "TaskName": "grasp",
    "TotalReadoutTime": 0.040572,
    "dataset": "ds003342",
    "modality": "bold",
    "run_id": 2,
    "session_id": "action",
    "subject_id": "MK14",
    "task_id": "grasp"
  },
  "dummy_trs": 0,
  "dvars_nstd": 38.84016575807907,
  "dvars_std": 1.0101897280225993,
  "dvars_vstd": 0.999050266949152,
  "efc": 0.540837078357859,
  "fber": 2541.588134765625,
  "fd_mean": 0.2136540847325776,
  "fd_num": 76,
  "fd_perc": 42.69662921348315,
  "fwhm_avg": 2.5794257559651883,
  "fwhm_x": 2.62086502806258,
  "fwhm_y": 2.68052106797117,
  "fwhm_z": 2.436891171861815,
  "gcor": 0.0135796,
  "gsr_x": 0.0019984266255050898,
  "gsr_y": 0.032056454569101334,
  "provenance": {
    "md5sum": "ca0873e4687f9c382fb5b07f296f0512",
    "settings": {
      "fd_thres": 0.2,
      "testing": false
    },
    "software": "mriqc",
    "version": "22.0.6",
    "webapi_port": null,
    "webapi_url": "https://mriqc.nimh.nih.gov/api/v1"
  },
  "size_t": 178,
  "size_x": 64,
  "size_y": 64,
  "size_z": 35,
  "snr": 4.124381254707934,
  "spacing_tr": 2.0,
  "spacing_x": 3.2969000339508057,
  "spacing_y": 3.2969000339508057,
  "spacing_z": 3.3001022338867188,
  "summary_bg_k": 33.200706485212926,
  "summary_bg_mad": 25.287528893763675,
  "summary_bg_mean": 58.897857666015625,
  "summary_bg_median": 27.797752380371094,
  "summary_bg_n": 77646.0,
  "summary_bg_p05": 2.5898876190185547,
  "summary_bg_p95": 226.31741333007812,
  "summary_bg_stdv": 99.31465911865234,
  "summary_fg_k": 0.4230529876002609,
  "summary_fg_mad": 336.74227274729117,
  "summary_fg_mean": 1439.827880859375,
  "summary_fg_median": 1395.3905029296875,
  "summary_fg_n": 32452.0,
  "summary_fg_p05": 972.1308959960937,
  "summary_fg_p95": 2050.4463745117187,
  "summary_fg_stdv": 338.322021484375,
  "tsnr": 31.43535048980266
}