{
  "aor": 0.0005025842696629214,
  "aqi": 0.007161384325842696,
  "bids_meta": {
    "AcquisitionMatrixPE": 64,
    "AcquisitionNumber": 1,
    "AcquisitionTime": "14:34:15.000000",
    "BodyPartExamined": "BRAIN",
    "CoilString": "RM:HNU_FlexS",
    "ConversionSoftware": "dcm2niix",
    "ConversionSoftwareVersion": "v1.0.20200331",
    "DeviceSerialNumber": "00000070431MRS04",
    "EchoTime": 0.03,
    "EffectiveEchoSpacing": 0.000644,
    "FlipAngle": 78,
    "ImageOrientationPatientDICOM": [
      1,
      0,
      0,
      0,
      1,
      0
    ],
    "ImageType": [
      "ORIGINAL",
      "PRIMARY",
      "EPI",
      "NONE"
    ],
    "ImagingFrequency": 127.734,
    "InPlanePhaseEncodingDirectionDICOM": "COL",
    "InstitutionName": "N_and_N_University_Hospital",
    "MRAcquisitionType": "2D",
    "MagneticFieldStrength": 3,
    "Manufacturer": "GE",
    "ManufacturersModelName": "DISCOVERY_MR750w",
    "Modality": "MR",
    "PatientPosition": "HFS",
    "PercentPhaseFOV": 100,
    "PercentSampling": 100,
    "PhaseEncodingDirection": "j",
    "PhaseEncodingPolarityGE": "Flipped",
    "PixelBandwidth": 7812.5,
    "ProcedureStepDescription": "MRI_Head",
    "ProtocolName": "fMRI_4_PartA",
    "ReconMatrixPE": 64,
    "RepetitionTime": 2,
    "SAR": 0.0670201,
    "ScanOptions": "SAT_GEMS_EPI_GEMS_ACC_GEMS_FS",
    "ScanningSequence": "EP_GR",
    "SequenceVariant": "SS",
    "SeriesDescription": "fMRI_4_PartA",
    "SeriesNumber": 8,
    "SliceThickness": 3.3,
    "SliceTiming": [
      0,
      1.0285,
      0.0571001,
      1.0857,
      0.1142,
      1.1428,
      0.1714,
      1.2,
      0.2285,
      1.2571,
      0.2857,
      1.3143,
      0.3428,
      1.3714,
      0.4,
      1.4286,
      0.4571,
      1.4857,
      0.5142,
      1.5428,
      0.5714,
      1.6,
      0.6285,
      1.6571,
      0.6857,
      1.7143,
      0.7428,
      1.7714,
      0.8,
      1.8285,
      0.8571,
      1.8857,
      0.9143,
      1.9428,
      0.9714
    ],
    "SoftwareVersions": "27_LX_MR_Software_release:DV26.0_EB_1706.a",
    "SpacingBetweenSlices": 3.3,
    "StationName": "nnmr04",
    "TaskName": "grasp",
    "TotalReadoutTime": 0.040572,
    "dataset": "ds003342",
    "modality": "bold",
    "run_id": 4,
    "session_id": "action",
    "subject_id": "MK14",
    "task_id": "grasp"
  },
  "dummy_trs": 0,
  "dvars_nstd": 38.52662844050847,
  "dvars_std": 1.0293512946892662,
  "dvars_vstd": 1.0121544380225989,
  "efc": 0.5375744346683109,
  "fber": 2483.03125,
  "fd_mean": 0.17542739079001146,
  "fd_num": 56,
  "fd_perc": 31.46067415730337,
  "fwhm_avg": 2.650991482675831,
  "fwhm_x": 2.687466986793148,
  "fwhm_y": 2.755273106996347,
  "fwhm_z": 2.5102343542379972,
  "gcor": 0.0142572,
  "gsr_x": 0.003713218029588461,
  "gsr_y": 0.03258468955755234,
  "provenance": {
    "md5sum": "10f1eab50063eab853d15b12ad2e412d",
    "settings": {
      "fd_thres": 0.2,
      "testing": false
    },
    "software": "mriqc",
    "version": "22.0.6",
    "webapi_port": null,
    "webapi_url": "https://mriqc.nimh.nih.gov/api/v1"
  },
  "size_t": 178,
  "size_x": 64,
  "size_y": 64,
  "size_z": 35,
  "snr": 3.9372884069059326,
  "spacing_tr": 2.0,
  "spacing_x": 3.2969000339508057,
  "spacing_y": 3.2969000339508057,
  "spacing_z": 3.3001022338867188,
  "summary_bg_k": 32.758183760263854,
  "summary_bg_mad": 25.245884718099113,
  "summary_bg_mean": 57.94919204711914,
  "summary_bg_median": 27.932584762573242,
  "summary_bg_n": 77961.0,
  "summary_bg_p05": 2.33146071434021,
  "summary_bg_p95": 223.9101104736328,
  "summary_bg_stdv": 98.22713470458984,
  "summary_fg_k": 0.21592725301143645,
  "summary_fg_mad": 359.2104288774909,
  "summary_fg_mean": 1453.580078125,
  "summary_fg_median": 1404.595458984375,
  "summary_fg_n": 32260.0,
  "summary_fg_p05": 959.0277954101563,
  "summary_fg_p95": 2108.151611328125,
  "summary_fg_stdv": 356.7362976074219,
  "tsnr": 34.407085276558064
}