{
  "aor": 0.0005214044943820225,
  "aqi": 0.007050129775280899,
  "bids_meta": {
    "AcquisitionMatrixPE": 64,
    "AcquisitionNumber": 1,
    "AcquisitionTime": "14:27:10.000000",
    "BodyPartExamined": "BRAIN",
    "CoilString": "RM:HNU_FlexS",
    "ConversionSoftware": "dcm2niix",
    "ConversionSoftwareVersion": "v1.0.20200331",
    "DeviceSerialNumber": "00000070431MRS04",
    "EchoTime": 0.03,
    "EffectiveEchoSpacing": 0.000644,
    "FlipAngle": 78,
    "ImageOrientationPatientDICOM": [
      1,
      0,
      0,
      0,
      1,
      0
    ],
    "ImageType": [
      "ORIGINAL",
      "PRIMARY",
      "EPI",
      "NONE"
    ],
    "ImagingFrequency": 127.734,
    "InPlanePhaseEncodingDirectionDICOM": "COL",
    "InstitutionName": "N_and_N_University_Hospital",
    "MRAcquisitionType": "2D",
    "MagneticFieldStrength": 3,
    "Manufacturer": "GE",
    "ManufacturersModelName": "DISCOVERY_MR750w",
    "Modality": "MR",
    "PatientPosition": "HFS",
    "PercentPhaseFOV": 100,
    "PercentSampling": 100,
    "PhaseEncodingDirection": "j",
    "PhaseEncodingPolarityGE": "Flipped",
    "PixelBandwidth": 7812.5,
    "ProcedureStepDescription": "MRI_Head",
    "ProtocolName": "fMRI_3_PartA",
    "ReconMatrixPE": 64,
    "RepetitionTime": 2,
    "SAR": 0.0670201,
    "ScanOptions": "SAT_GEMS_EPI_GEMS_ACC_GEMS_FS",
    "ScanningSequence": "EP_GR",
    "SequenceVariant": "SS",
    "SeriesDescription": "fMRI_3_PartA",
    "SeriesNumber": 7,
    "SliceThickness": 3.3,
    "SliceTiming": [
      0,
      1.0285,
      0.0571001,
      1.0857,
      0.1142,
      1.1428,
      0.1714,
      1.2,
      0.2285,
      1.2571,
      0.2857,
      1.3143,
      0.3428,
      1.3714,
      0.4,
      1.4286,
      0.4571,
      1.4857,
      0.5142,
      1.5428,
      0.5714,
      1.6,
      0.6285,
      1.6571,
      0.6857,
      1.7143,
      0.7428,
      1.7714,
      0.8,
      1.8285,
      0.8571,
      1.8857,
      0.9143,
      1.9428,
      0.9714
    ],
    "SoftwareVersions": "27_LX_MR_Software_release:DV26.0_EB_1706.a",
    "SpacingBetweenSlices": 3.3,
    "StationName": "nnmr04",
    "TaskName": "grasp",
    "TotalReadoutTime": 0.040572,
    "dataset": "ds003342",
    "modality": "bold",
    "run_id": 3,
    "session_id": "action",
    "subject_id": "MK14",
    "task_id": "grasp"
  },
  "dummy_trs": 0,
  "dvars_nstd": 39.30330201056496,
  "dvars_std": 1.0337406728248588,
  "dvars_vstd": 1.0167311315819207,
  "efc": 0.5394999141698327,
  "fber": 2438.1796875,
  "fd_mean": 0.1727660250323895,
  "fd_num": 52,
  "fd_perc": 29.213483146067414,
  "fwhm_avg": 2.6283131133031916,
  "fwhm_x": 2.6667171917446093,
  "fwhm_y": 2.734547577166401,
  "fwhm_z": 2.483674570998564,
  "gcor": 0.0112322,
  "gsr_x": 0.003872114699333906,
  "gsr_y": 0.03218374773859978,
  "provenance": {
    "md5sum": "4cd4cbe876ec221cf680f70ed9ded9c7",
    "settings": {
      "fd_thres": 0.2,
      "testing": false
    },
    "software": "mriqc",
    "version": "22.0.6",
    "webapi_port": null,
    "webapi_url": "https://mriqc.nimh.nih.gov/api/v1"
  },
  "size_t": 178,
  "size_x": 64,
  "size_y": 64,
  "size_z": 35,
  "snr": 4.017481387028886,
  "spacing_tr": 2.0,
  "spacing_x": 3.2969000339508057,
  "spacing_y": 3.2969000339508057,
  "spacing_z": 3.3001022338867188,
  "summary_bg_k": 32.37870016943147,
  "summary_bg_mad": 24.787777576994053,
  "summary_bg_mean": 57.81684875488281,
  "summary_bg_median": 27.865169525146484,
  "summary_bg_n": 77674.0,
  "summary_bg_p05": 1.5710673987865453,
  "summary_bg_p95": 223.14831848144513,
  "summary_bg_stdv": 98.2033462524414,
  "summary_fg_k": 0.2829946483349852,
  "summary_fg_mad": 345.500430444927,
  "summary_fg_mean": 1435.68212890625,
  "summary_fg_median": 1386.294921875,
  "summary_fg_n": 32492.0,
  "summary_fg_p05": 962.288217163086,
  "summary_fg_p95": 2064.1935546874993,
  "summary_fg_stdv": 345.06036376953125,
  "tsnr": 34.83005790039897
}