{
  "bids_meta": {
    "AcquisitionMatrixPE": 256,
    "AcquisitionNumber": 1,
    "AcquisitionTime": "16:24:33.000000",
    "BodyPartExamined": "BRAIN",
    "CoilString": "Head+Neck_40",
    "ConversionSoftware": "dcm2niix",
    "ConversionSoftwareVersion": "v1.0.20200331",
    "DeviceSerialNumber": "00000070431MRS04",
    "EchoTime": 0.002612,
    "FlipAngle": 9,
    "ImageOrientationPatientDICOM": [
      0.0391103,
      0.998821,
      0.0287534,
      -0.0105457,
      0.0291864,
      -0.999518
    ],
    "ImageType": [
      "ORIGINAL",
      "PRIMARY",
      "OTHER"
    ],
    "ImagingFrequency": 127.734,
    "InPlanePhaseEncodingDirectionDICOM": "ROW",
    "InstitutionName": "N_and_N_University_Hospital",
    "InversionTime": 0.9,
    "MRAcquisitionType": "3D",
    "MagneticFieldStrength": 3,
    "Manufacturer": "GE",
    "ManufacturersModelName": "DISCOVERY_MR750w",
    "Modality": "MR",
    "PatientPosition": "HFS",
    "PercentPhaseFOV": 100,
    "PercentSampling": 62.5,
    "PixelBandwidth": 390.625,
    "ProcedureStepDescription": "MRI_Head",
    "ProtocolName": "SAG_FSPGR_BRAVO",
    "ReconMatrixPE": 256,
    "RepetitionTime": 0.007064,
    "SAR": 0.0515223,
    "ScanOptions": "FAST_GEMS_NPW_EDR_GEMS_ACC_GEMS_IR_GEMS",
    "ScanningSequence": "GR",
    "SequenceVariant": "SS_SK_OSP",
    "SeriesDescription": "SAG_FSPGR_BRAVO",
    "SeriesNumber": 7,
    "SliceThickness": 0.9,
    "SoftwareVersions": "27_LX_MR_Software_release:DV26.0_EA_1641.c",
    "SpacingBetweenSlices": 0.9,
    "StationName": "nnmr04",
    "dataset": "ds003342",
    "modality": "T1w",
    "session_id": "localiser",
    "subject_id": "DT12"
  },
  "cjv": 0.4399911598313394,
  "cnr": 3.121128168590851,
  "efc": 0.6033617680247623,
  "fber": 15321.4884,
  "fwhm_avg": 3.8112542448425546,
  "fwhm_x": 3.7609889885210723,
  "fwhm_y": 3.9123886532130276,
  "fwhm_z": 3.760385092793564,
  "icvs_csf": 0.1667125983723902,
  "icvs_gm": 0.42885214551140527,
  "icvs_wm": 0.4044352561162045,
  "inu_med": 0.541690468788147,
  "inu_range": 0.1877330869436264,
  "provenance": {
    "md5sum": "dabcad3ad2e4482e25f64ab676d2652a",
    "settings": {
      "testing": false
    },
    "software": "mriqc",
    "version": "22.0.6",
    "warnings": {
      "large_rot_frame": true,
      "small_air_mask": false
    },
    "webapi_port": null,
    "webapi_url": "https://mriqc.nimh.nih.gov/api/v1"
  },
  "qi_1": 0.0,
  "qi_2": 0.0002365432743235711,
  "rpve_csf": 24.85334195664836,
  "rpve_gm": 10.153263657796751,
  "rpve_wm": 12.09324220285287,
  "size_x": 196,
  "size_y": 256,
  "size_z": 256,
  "snr_csf": 2.465368876289135,
  "snr_gm": 12.650641894116589,
  "snr_total": 10.764943295687436,
  "snr_wm": 17.178819116656584,
  "snrd_csf": 15.887417247572285,
  "snrd_gm": 39.28431038438108,
  "snrd_total": 36.09493623682521,
  "snrd_wm": 53.11308107852227,
  "spacing_x": 0.8999999761581421,
  "spacing_y": 0.8984000086784363,
  "spacing_z": 0.8984000086784363,
  "summary_bg_k": 10.005452033237933,
  "summary_bg_mad": 0.0,
  "summary_bg_mean": 8.211500319864191,
  "summary_bg_median": 0.0,
  "summary_bg_n": 2697041.0,
  "summary_bg_p05": 0.0,
  "summary_bg_p95": 32.51522360742092,
  "summary_bg_stdv": 12.335134450811717,
  "summary_csf_k": 8.070988750656044,
  "summary_csf_mad": 92.04027815898984,
  "summary_csf_mean": 313.5075777463691,
  "summary_csf_median": 299.133780118078,
  "summary_csf_n": 27350.0,
  "summary_csf_p05": 138.925686811842,
  "summary_csf_p95": 524.8148540878668,
  "summary_csf_stdv": 121.33207096110971,
  "summary_gm_k": 0.09818897438623786,
  "summary_gm_mad": 57.653136824564406,
  "summary_gm_mean": 739.2640483355897,
  "summary_gm_median": 739.6585663668811,
  "summary_gm_n": 45314.0,
  "summary_gm_p05": 642.3639783523977,
  "summary_gm_p95": 834.4737116545439,
  "summary_gm_stdv": 58.46742094457012,
  "summary_wm_k": 0.28242149604117106,
  "summary_wm_mad": 56.90862496887996,
  "summary_wm_mean": 1003.135023535999,
  "summary_wm_median": 1000.0314380340278,
  "summary_wm_n": 318543.0,
  "summary_wm_p05": 913.5334107540548,
  "summary_wm_p95": 1104.0111058056355,
  "summary_wm_stdv": 58.21295756976812,
  "tpm_overlap_csf": 0.1421058254012511,
  "tpm_overlap_gm": 0.4558517899693928,
  "tpm_overlap_wm": 0.49645304182186534,
  "wm2max": 0.5137414304376589
}