{
  "bids_meta": {
    "AcquisitionMatrixPE": 256,
    "AcquisitionNumber": 1,
    "AcquisitionTime": "10:20:48.000000",
    "BodyPartExamined": "BRAIN",
    "CoilString": "Head+Neck_40",
    "ConversionSoftware": "dcm2niix",
    "ConversionSoftwareVersion": "v1.0.20200331",
    "DeviceSerialNumber": "00000070431MRS04",
    "EchoTime": 0.002612,
    "FlipAngle": 9,
    "ImageOrientationPatientDICOM": [
      0.021122,
      0.998236,
      0.0554898,
      -0.0375061,
      0.0562543,
      -0.997712
    ],
    "ImageType": [
      "ORIGINAL",
      "PRIMARY",
      "OTHER"
    ],
    "ImagingFrequency": 127.734,
    "InPlanePhaseEncodingDirectionDICOM": "ROW",
    "InstitutionName": "N_and_N_University_Hospital",
    "InversionTime": 0.9,
    "MRAcquisitionType": "3D",
    "MagneticFieldStrength": 3,
    "Manufacturer": "GE",
    "ManufacturersModelName": "DISCOVERY_MR750w",
    "Modality": "MR",
    "PatientPosition": "HFS",
    "PercentPhaseFOV": 100,
    "PercentSampling": 62.5,
    "PixelBandwidth": 390.625,
    "ProcedureStepDescription": "MRI_Head",
    "ProtocolName": "SAG_FSPGR_BRAVO",
    "ReconMatrixPE": 256,
    "RepetitionTime": 0.007084,
    "SAR": 0.0568336,
    "ScanOptions": "FAST_GEMS_NPW_EDR_GEMS_ACC_GEMS_IR_GEMS",
    "ScanningSequence": "GR",
    "SequenceVariant": "SS_SK_OSP",
    "SeriesDescription": "SAG_FSPGR_BRAVO",
    "SeriesNumber": 2,
    "SliceThickness": 0.9,
    "SoftwareVersions": "27_LX_MR_Software_release:DV26.0_EB_1706.a",
    "SpacingBetweenSlices": 0.9,
    "StationName": "nnmr04",
    "dataset": "ds003342",
    "modality": "T1w",
    "session_id": "localiser",
    "subject_id": "JR24"
  },
  "cjv": 0.4189123455933797,
  "cnr": 3.223239934081304,
  "efc": 0.6045949565722234,
  "fber": 19523.362732219925,
  "fwhm_avg": 4.434610851960978,
  "fwhm_x": 4.491789007880661,
  "fwhm_y": 4.493020882688785,
  "fwhm_z": 4.319022665313487,
  "icvs_csf": 0.2399044682734231,
  "icvs_gm": 0.38638217628486704,
  "icvs_wm": 0.37371335544170986,
  "inu_med": 0.5785024166107178,
  "inu_range": 0.24835686683654784,
  "provenance": {
    "md5sum": "70786704d3e536a06449dfd035a01b54",
    "settings": {
      "testing": false
    },
    "software": "mriqc",
    "version": "22.0.6",
    "warnings": {
      "large_rot_frame": true,
      "small_air_mask": false
    },
    "webapi_port": null,
    "webapi_url": "https://mriqc.nimh.nih.gov/api/v1"
  },
  "qi_1": 0.0,
  "qi_2": 0.0001668932236188405,
  "rpve_csf": 20.352124332832076,
  "rpve_gm": 11.818171788662733,
  "rpve_wm": 13.873926638985322,
  "size_x": 196,
  "size_y": 256,
  "size_z": 256,
  "snr_csf": 2.485120938929319,
  "snr_gm": 14.175359801134062,
  "snr_total": 11.557113648029727,
  "snr_wm": 18.0108602040258,
  "snrd_csf": 12.844073503378889,
  "snrd_gm": 34.02283203841134,
  "snrd_total": 30.77036606485105,
  "snrd_wm": 45.44419265276292,
  "spacing_x": 0.8999999761581421,
  "spacing_y": 0.8984000086784363,
  "spacing_z": 0.8984000086784363,
  "summary_bg_k": 1781.2879288556207,
  "summary_bg_mad": 0.0,
  "summary_bg_mean": 7.593544668911566,
  "summary_bg_median": 0.0,
  "summary_bg_n": 2649096.0,
  "summary_bg_p05": 0.0,
  "summary_bg_p95": 30.362531132996082,
  "summary_bg_stdv": 14.41680794538259,
  "summary_csf_k": 22.88271845936441,
  "summary_csf_mad": 93.3735844572867,
  "summary_csf_mean": 294.3527941703676,
  "summary_csf_median": 282.6442568823695,
  "summary_csf_n": 104453.0,
  "summary_csf_p05": 139.4131070226431,
  "summary_csf_p95": 486.09139662981033,
  "summary_csf_stdv": 113.73406399590532,
  "summary_gm_k": 0.14038788290091908,
  "summary_gm_mad": 51.48485748077875,
  "summary_gm_mean": 747.7342687793229,
  "summary_gm_median": 748.7000191956758,
  "summary_gm_n": 31445.0,
  "summary_gm_p05": 659.1396429315209,
  "summary_gm_p95": 833.1333093643188,
  "summary_gm_stdv": 52.81616302448159,
  "summary_wm_k": 0.40596908584471514,
  "summary_wm_mad": 53.803023838552036,
  "summary_wm_mean": 1004.3934912619158,
  "summary_wm_median": 1000.036324813962,
  "summary_wm_n": 263694.0,
  "summary_wm_p05": 921.2755554318428,
  "summary_wm_p95": 1102.5907735336564,
  "summary_wm_stdv": 55.52396816574978,
  "tpm_overlap_csf": 0.15602802170121863,
  "tpm_overlap_gm": 0.4339145276206531,
  "tpm_overlap_wm": 0.47907587810403773,
  "wm2max": 0.47110212751378944
}