{
  "bids_meta": {
    "AcquisitionMatrixPE": 256,
    "AcquisitionNumber": 1,
    "AcquisitionTime": "13:45:13.000000",
    "BodyPartExamined": "BRAIN",
    "CoilString": "RM:HNU_FlexS",
    "ConversionSoftware": "dcm2niix",
    "ConversionSoftwareVersion": "v1.0.20200331",
    "DeviceSerialNumber": "00000070431MRS04",
    "EchoTime": 0.002612,
    "FlipAngle": 9,
    "ImageOrientationPatientDICOM": [
      0.00124475,
      0.999999,
      1.15436e-05,
      -0.000472061,
      1.21407e-05,
      -1
    ],
    "ImageType": [
      "ORIGINAL",
      "PRIMARY",
      "OTHER"
    ],
    "ImagingFrequency": 127.734,
    "InPlanePhaseEncodingDirectionDICOM": "ROW",
    "InstitutionName": "N_and_N_University_Hospital",
    "InversionTime": 0.9,
    "MRAcquisitionType": "3D",
    "MagneticFieldStrength": 3,
    "Manufacturer": "GE",
    "ManufacturersModelName": "DISCOVERY_MR750w",
    "Modality": "MR",
    "PatientPosition": "HFS",
    "PercentPhaseFOV": 100,
    "PercentSampling": 62.5,
    "PixelBandwidth": 390.625,
    "ProcedureStepDescription": "MRI_Head",
    "ProtocolName": "SAG_FSPGR_BRAVO",
    "ReconMatrixPE": 256,
    "RepetitionTime": 0.007012,
    "SAR": 0.0540623,
    "ScanOptions": "FAST_GEMS_NPW_EDR_GEMS_ACC_GEMS_IR_GEMS",
    "ScanningSequence": "GR",
    "SequenceVariant": "SS_SK_OSP",
    "SeriesDescription": "SAG_FSPGR_BRAVO",
    "SeriesNumber": 2,
    "SliceThickness": 0.9,
    "SoftwareVersions": "27_LX_MR_Software_release:DV26.0_EB_1706.a",
    "SpacingBetweenSlices": 0.9,
    "StationName": "nnmr04",
    "dataset": "ds003342",
    "modality": "T1w",
    "session_id": "action",
    "subject_id": "LB28"
  },
  "cjv": 0.5584189146913755,
  "cnr": 2.3326810650380536,
  "efc": 0.6009373421665193,
  "fber": 2155.612244897959,
  "fwhm_avg": 4.532278230565452,
  "fwhm_x": 4.533589008987984,
  "fwhm_y": 4.46087484559949,
  "fwhm_z": 4.60237083710888,
  "icvs_csf": 0.19913716837878934,
  "icvs_gm": 0.38068877833281606,
  "icvs_wm": 0.4201740532883946,
  "inu_med": 0.9642954468727112,
  "inu_range": 1.037838280200958,
  "provenance": {
    "md5sum": "e69eb31866b0e1a01acfd42202086745",
    "settings": {
      "testing": false
    },
    "software": "mriqc",
    "version": "22.0.6",
    "warnings": {
      "large_rot_frame": true,
      "small_air_mask": false
    },
    "webapi_port": null,
    "webapi_url": "https://mriqc.nimh.nih.gov/api/v1"
  },
  "qi_1": 0.0,
  "qi_2": 0.0001564306087537715,
  "rpve_csf": 21.315598920698037,
  "rpve_gm": 10.102512862623334,
  "rpve_wm": 10.580033303411431,
  "size_x": 196,
  "size_y": 256,
  "size_z": 256,
  "snr_csf": 1.997833578836094,
  "snr_gm": 8.535186031010431,
  "snr_total": 7.085586793095115,
  "snr_wm": 10.723740769438821,
  "snrd_csf": 6.952184342903816,
  "snrd_gm": 17.25544419694268,
  "snrd_total": 16.32607506175694,
  "snrd_wm": 24.770596645424323,
  "spacing_x": 0.8999999761581421,
  "spacing_y": 0.8984000086784363,
  "spacing_z": 0.8984000086784363,
  "summary_bg_k": 226.35174090513445,
  "summary_bg_mad": 26.44982540942696,
  "summary_bg_mean": 31.42835267073502,
  "summary_bg_median": 17.840136133134365,
  "summary_bg_n": 2661198.0,
  "summary_bg_p05": 0.0,
  "summary_bg_p95": 106.92336394525474,
  "summary_bg_stdv": 39.48811023384303,
  "summary_csf_k": 3.6761796915720364,
  "summary_csf_mad": 135.73184427186362,
  "summary_csf_mean": 286.49082186728,
  "summary_csf_median": 280.68057595938444,
  "summary_csf_n": 31911.0,
  "summary_csf_p05": 70.97961635887623,
  "summary_csf_p95": 521.4906697422266,
  "summary_csf_stdv": 140.49026957634993,
  "summary_gm_k": 0.10908077711292519,
  "summary_gm_mad": 80.19662366132303,
  "summary_gm_mean": 695.0445229921029,
  "summary_gm_median": 696.6541415974498,
  "summary_gm_n": 24194.0,
  "summary_gm_p05": 557.4248941242695,
  "summary_gm_p95": 827.7156541470438,
  "summary_gm_stdv": 81.61974931389153,
  "summary_wm_k": 0.5440293824360691,
  "summary_wm_mad": 89.2328629471059,
  "summary_wm_mean": 1004.0775215177722,
  "summary_wm_median": 1000.0634319186211,
  "summary_wm_n": 269669.0,
  "summary_wm_p05": 859.1200076639652,
  "summary_wm_p95": 1163.6085944771767,
  "summary_wm_stdv": 93.25678409948672,
  "tpm_overlap_csf": 0.12024758908605335,
  "tpm_overlap_gm": 0.3994889046869285,
  "tpm_overlap_wm": 0.4379728016654591,
  "wm2max": 0.3462474753933094
}