{
  "bids_meta": {
    "AcquisitionMatrixPE": 256,
    "AcquisitionNumber": 1,
    "AcquisitionTime": "16:36:39.000000",
    "BodyPartExamined": "BRAIN",
    "CoilString": "RM:HNU_FlexS",
    "ConversionSoftware": "dcm2niix",
    "ConversionSoftwareVersion": "v1.0.20200331",
    "DeviceSerialNumber": "00000070431MRS04",
    "EchoTime": 0.002592,
    "FlipAngle": 9,
    "ImageOrientationPatientDICOM": [
      -0.0810732,
      0.996708,
      0,
      0,
      0,
      -1
    ],
    "ImageType": [
      "ORIGINAL",
      "PRIMARY",
      "OTHER"
    ],
    "ImagingFrequency": 127.734,
    "InPlanePhaseEncodingDirectionDICOM": "ROW",
    "InstitutionName": "N_and_N_University_Hospital",
    "InversionTime": 0.9,
    "MRAcquisitionType": "3D",
    "MagneticFieldStrength": 3,
    "Manufacturer": "GE",
    "ManufacturersModelName": "DISCOVERY_MR750w",
    "Modality": "MR",
    "PatientPosition": "HFS",
    "PercentPhaseFOV": 100,
    "PercentSampling": 62.5,
    "PixelBandwidth": 390.625,
    "ProcedureStepDescription": "MRI_Head",
    "ProtocolName": "SAG_FSPGR_BRAVO",
    "ReconMatrixPE": 256,
    "RepetitionTime": 0.006976,
    "SAR": 0.0418108,
    "ScanOptions": "FAST_GEMS_NPW_EDR_GEMS_ACC_GEMS_IR_GEMS",
    "ScanningSequence": "GR",
    "SequenceVariant": "SS_SK_OSP",
    "SeriesDescription": "SAG_FSPGR_BRAVO",
    "SeriesNumber": 11,
    "SliceThickness": 0.9,
    "SoftwareVersions": "27_LX_MR_Software_release:DV26.0_EA_1641.c",
    "SpacingBetweenSlices": 0.9,
    "StationName": "nnmr04",
    "dataset": "ds003342",
    "modality": "T1w",
    "session_id": "action",
    "subject_id": "VB04"
  },
  "cjv": 0.5821184670701925,
  "cnr": 2.206215561624416,
  "efc": 0.5801730811449252,
  "fber": 1061.2109684489935,
  "fwhm_avg": 4.032608624892486,
  "fwhm_x": 4.095788997390244,
  "fwhm_y": 3.947083666234958,
  "fwhm_z": 4.054953211052256,
  "icvs_csf": 0.16837427076917835,
  "icvs_gm": 0.41331082642035355,
  "icvs_wm": 0.4183149028104681,
  "inu_med": 0.9943214058876038,
  "inu_range": 0.9271276116371154,
  "provenance": {
    "md5sum": "2c7e5d76a52a594b878d30dd84735372",
    "settings": {
      "testing": false
    },
    "software": "mriqc",
    "version": "22.0.6",
    "warnings": {
      "large_rot_frame": true,
      "small_air_mask": false
    },
    "webapi_port": null,
    "webapi_url": "https://mriqc.nimh.nih.gov/api/v1"
  },
  "qi_1": 0.0,
  "qi_2": 0.00018795781401764535,
  "rpve_csf": 25.88454780717842,
  "rpve_gm": 9.782708782517854,
  "rpve_wm": 10.574147281647365,
  "size_x": 196,
  "size_y": 256,
  "size_z": 256,
  "snr_csf": 2.0732963800962803,
  "snr_gm": 8.217788185737547,
  "snr_total": 6.9427661771238975,
  "snr_wm": 10.537213965537868,
  "snrd_csf": 4.292575643009214,
  "snrd_gm": 10.040997253178721,
  "snrd_total": 9.54940265288557,
  "snrd_wm": 14.314635062468778,
  "spacing_x": 0.8999999761581421,
  "spacing_y": 0.8984000086784363,
  "spacing_z": 0.8984000086784363,
  "summary_bg_k": 3.4105010608015256,
  "summary_bg_mad": 45.766895856628345,
  "summary_bg_mean": 41.90619480278038,
  "summary_bg_median": 30.86930215358734,
  "summary_bg_n": 3617111.0,
  "summary_bg_p05": 0.0,
  "summary_bg_p95": 127.11537636816502,
  "summary_bg_stdv": 44.94610429241299,
  "summary_csf_k": 1.8797733013402533,
  "summary_csf_mad": 140.07939196118033,
  "summary_csf_mean": 304.1178950291911,
  "summary_csf_median": 299.87322092056274,
  "summary_csf_n": 32300.0,
  "summary_csf_p05": 76.8976366147399,
  "summary_csf_p95": 546.1689092908055,
  "summary_csf_stdv": 144.63372519387906,
  "summary_gm_k": 0.0033372729498486464,
  "summary_gm_mad": 83.97408123693862,
  "summary_gm_mean": 701.1407055592595,
  "summary_gm_median": 701.4497676864266,
  "summary_gm_n": 33244.0,
  "summary_gm_p05": 558.6792452260852,
  "summary_gm_p95": 841.8499687314034,
  "summary_gm_stdv": 85.35620555466569,
  "summary_wm_k": 0.5342734050855147,
  "summary_wm_mad": 89.81753311863314,
  "summary_wm_mean": 1005.3159999064999,
  "summary_wm_median": 1000.0000185146928,
  "summary_wm_n": 223658.0,
  "summary_wm_p05": 858.9934561774135,
  "summary_wm_p95": 1169.9465516209602,
  "summary_wm_stdv": 94.90153528499937,
  "tpm_overlap_csf": 0.10601626637830706,
  "tpm_overlap_gm": 0.41481008470958264,
  "tpm_overlap_wm": 0.4324119614858309,
  "wm2max": 0.4059933307969474
}