{
  "bids_meta": {
    "AcquisitionMatrixPE": 256,
    "AcquisitionNumber": 1,
    "AcquisitionTime": "12:07:36.000000",
    "BodyPartExamined": "BRAIN",
    "CoilString": "RM:HNU_FlexS",
    "ConversionSoftware": "dcm2niix",
    "ConversionSoftwareVersion": "v1.0.20200331",
    "DeviceSerialNumber": "00000070431MRS04",
    "EchoTime": 0.002612,
    "FlipAngle": 9,
    "ImageOrientationPatientDICOM": [
      -0.00318504,
      0.999995,
      0,
      0,
      0,
      -1
    ],
    "ImageType": [
      "ORIGINAL",
      "PRIMARY",
      "OTHER"
    ],
    "ImagingFrequency": 127.734,
    "InPlanePhaseEncodingDirectionDICOM": "ROW",
    "InstitutionName": "N_and_N_University_Hospital",
    "InversionTime": 0.9,
    "MRAcquisitionType": "3D",
    "MagneticFieldStrength": 3,
    "Manufacturer": "GE",
    "ManufacturersModelName": "DISCOVERY_MR750w",
    "Modality": "MR",
    "PatientPosition": "HFS",
    "PercentPhaseFOV": 100,
    "PercentSampling": 62.5,
    "PixelBandwidth": 390.625,
    "ProcedureStepDescription": "MRI_Head",
    "ProtocolName": "SAG_FSPGR_BRAVO",
    "ReconMatrixPE": 256,
    "RepetitionTime": 0.007008,
    "SAR": 0.0505934,
    "ScanOptions": "FAST_GEMS_NPW_EDR_GEMS_ACC_GEMS_IR_GEMS",
    "ScanningSequence": "GR",
    "SequenceVariant": "SS_SK_OSP",
    "SeriesDescription": "SAG_FSPGR_BRAVO",
    "SeriesNumber": 2,
    "SliceThickness": 0.9,
    "SoftwareVersions": "27_LX_MR_Software_release:DV26.0_EB_1706.a",
    "SpacingBetweenSlices": 0.9,
    "StationName": "nnmr04",
    "dataset": "ds003342",
    "modality": "T1w",
    "session_id": "action",
    "subject_id": "RE29"
  },
  "cjv": 0.5636002948021844,
  "cnr": 2.2881406335825893,
  "efc": 0.5972516809589643,
  "fber": 3583.144775390625,
  "fwhm_avg": 4.670491086126862,
  "fwhm_x": 4.626533455894615,
  "fwhm_y": 4.568421594337983,
  "fwhm_z": 4.81651820814799,
  "icvs_csf": 0.1911894579883712,
  "icvs_gm": 0.3823572521892676,
  "icvs_wm": 0.42645328982236125,
  "inu_med": 0.9323140382766724,
  "inu_range": 1.1797345817089075,
  "provenance": {
    "md5sum": "fadfe34c949e513c4ee87db4b7858e4d",
    "settings": {
      "testing": false
    },
    "software": "mriqc",
    "version": "22.0.6",
    "warnings": {
      "large_rot_frame": true,
      "small_air_mask": false
    },
    "webapi_port": null,
    "webapi_url": "https://mriqc.nimh.nih.gov/api/v1"
  },
  "qi_1": 0.0,
  "qi_2": 0.00025035805481678957,
  "rpve_csf": 22.43720965399372,
  "rpve_gm": 10.144686601759092,
  "rpve_wm": 10.523639868147667,
  "size_x": 196,
  "size_y": 256,
  "size_z": 256,
  "snr_csf": 2.573663176848901,
  "snr_gm": 8.50183407387673,
  "snr_total": 7.3232453172289,
  "snr_wm": 10.894238700961072,
  "snrd_csf": 9.875647066122639,
  "snrd_gm": 22.46497430517878,
  "snrd_total": 21.427560599221234,
  "snrd_wm": 31.942060426362275,
  "spacing_x": 0.8999999761581421,
  "spacing_y": 0.8984000086784363,
  "spacing_z": 0.8984000086784363,
  "summary_bg_k": 398.87330281296187,
  "summary_bg_mad": 20.51014774526213,
  "summary_bg_mean": 28.19657660208889,
  "summary_bg_median": 13.833884429186583,
  "summary_bg_n": 3378889.0,
  "summary_bg_p05": 0.0,
  "summary_bg_p95": 104.21526269987226,
  "summary_bg_stdv": 39.305594883682055,
  "summary_csf_k": 2.6738597683364116,
  "summary_csf_mad": 110.43307001664668,
  "summary_csf_mean": 307.80349010928705,
  "summary_csf_median": 309.1737543605268,
  "summary_csf_n": 37399.0,
  "summary_csf_p05": 113.43785231932998,
  "summary_csf_p95": 497.1518310159445,
  "summary_csf_stdv": 120.12823731734373,
  "summary_gm_k": 0.1733876202164515,
  "summary_gm_mad": 80.99497560579987,
  "summary_gm_mean": 702.2509874153986,
  "summary_gm_median": 703.3038342744112,
  "summary_gm_n": 21777.0,
  "summary_gm_p05": 563.0662215314806,
  "summary_gm_p95": 836.2718763761222,
  "summary_gm_stdv": 82.72187861103723,
  "summary_wm_k": 0.6583311956029636,
  "summary_wm_mad": 86.22305248204314,
  "summary_wm_mean": 1003.0573826429116,
  "summary_wm_median": 999.9999673850834,
  "summary_wm_n": 243571.0,
  "summary_wm_p05": 858.4060914628208,
  "summary_wm_p95": 1158.9268867392093,
  "summary_wm_stdv": 91.79144518884918,
  "tpm_overlap_csf": 0.13572005247233984,
  "tpm_overlap_gm": 0.4021811772451132,
  "tpm_overlap_wm": 0.44563417041112297,
  "wm2max": 0.4242789625547273
}