{
  "aor": 0.0007196067415730336,
  "aqi": 0.006855667022471908,
  "bids_meta": {
    "AcquisitionMatrixPE": 64,
    "AcquisitionNumber": 1,
    "AcquisitionTime": "14:01:11.000000",
    "BodyPartExamined": "BRAIN",
    "CoilString": "RM:HNU_FlexS",
    "ConversionSoftware": "dcm2niix",
    "ConversionSoftwareVersion": "v1.0.20200331",
    "DeviceSerialNumber": "00000070431MRS04",
    "EchoTime": 0.03,
    "EffectiveEchoSpacing": 0.000644,
    "FlipAngle": 78,
    "ImageOrientationPatientDICOM": [
      1,
      0,
      0,
      0,
      1,
      0
    ],
    "ImageType": [
      "ORIGINAL",
      "PRIMARY",
      "EPI",
      "NONE"
    ],
    "ImagingFrequency": 127.734,
    "InPlanePhaseEncodingDirectionDICOM": "COL",
    "InstitutionName": "N_and_N_University_Hospital",
    "MRAcquisitionType": "2D",
    "MagneticFieldStrength": 3,
    "Manufacturer": "GE",
    "ManufacturersModelName": "DISCOVERY_MR750w",
    "Modality": "MR",
    "PatientPosition": "HFS",
    "PercentPhaseFOV": 100,
    "PercentSampling": 100,
    "PhaseEncodingDirection": "j",
    "PhaseEncodingPolarityGE": "Flipped",
    "PixelBandwidth": 7812.5,
    "ProcedureStepDescription": "MRI_Head",
    "ProtocolName": "fMRI_5_PartA",
    "ReconMatrixPE": 64,
    "RepetitionTime": 2,
    "SAR": 0.0551998,
    "ScanOptions": "SAT_GEMS_EPI_GEMS_ACC_GEMS_FS",
    "ScanningSequence": "EP_GR",
    "SequenceVariant": "SS",
    "SeriesDescription": "fMRI_5_PartA",
    "SeriesNumber": 8,
    "SliceThickness": 3.3,
    "SliceTiming": [
      0,
      1.0285,
      0.0571001,
      1.0857,
      0.1142,
      1.1428,
      0.1714,
      1.2,
      0.2285,
      1.2571,
      0.2857,
      1.3143,
      0.3428,
      1.3714,
      0.4,
      1.4286,
      0.4571,
      1.4857,
      0.5142,
      1.5428,
      0.5714,
      1.6,
      0.6285,
      1.6571,
      0.6857,
      1.7143,
      0.7428,
      1.7714,
      0.8,
      1.8285,
      0.8571,
      1.8857,
      0.9143,
      1.9428,
      0.9714
    ],
    "SoftwareVersions": "27_LX_MR_Software_release:DV26.0_EB_1706.a",
    "SpacingBetweenSlices": 3.3,
    "StationName": "nnmr04",
    "TaskName": "grasp",
    "TotalReadoutTime": 0.040572,
    "dataset": "ds003342",
    "modality": "bold",
    "run_id": 5,
    "session_id": "action",
    "subject_id": "JM15",
    "task_id": "grasp"
  },
  "dummy_trs": 0,
  "dvars_nstd": 38.0831525557062,
  "dvars_std": 1.0462763778531072,
  "dvars_vstd": 1.0141520652542373,
  "efc": 0.4551628258491783,
  "fber": 3934.420654296875,
  "fd_mean": 0.23243196179619105,
  "fd_num": 75,
  "fd_perc": 42.13483146067416,
  "fwhm_avg": 3.281675733021453,
  "fwhm_x": 3.310746424701232,
  "fwhm_y": 3.2981285110333585,
  "fwhm_z": 3.236152263329769,
  "gcor": 0.0150625,
  "gsr_x": -0.009674029424786568,
  "gsr_y": 0.03081822767853737,
  "provenance": {
    "md5sum": "a861b61ec80201b26852a8210f199013",
    "settings": {
      "fd_thres": 0.2,
      "testing": false
    },
    "software": "mriqc",
    "version": "22.0.6",
    "webapi_port": null,
    "webapi_url": "https://mriqc.nimh.nih.gov/api/v1"
  },
  "size_t": 178,
  "size_x": 64,
  "size_y": 64,
  "size_z": 35,
  "snr": 3.5516482214351037,
  "spacing_tr": 2.0,
  "spacing_x": 3.2969000339508057,
  "spacing_y": 3.2969000339508057,
  "spacing_z": 3.299999237060547,
  "summary_bg_k": 75.38507178793549,
  "summary_bg_mad": 14.526170829426382,
  "summary_bg_mean": 44.19981384277344,
  "summary_bg_median": 23.005619049072266,
  "summary_bg_n": 91178.0,
  "summary_bg_p05": 4.8185394048690835,
  "summary_bg_p95": 145.1702201843261,
  "summary_bg_stdv": 81.20841217041016,
  "summary_fg_k": 0.9728477166832659,
  "summary_fg_mad": 368.0227001082485,
  "summary_fg_mean": 1530.525146484375,
  "summary_fg_median": 1453.5533447265625,
  "summary_fg_n": 22720.0,
  "summary_fg_p05": 1010.9929779052734,
  "summary_fg_p95": 2376.6434814453123,
  "summary_fg_stdv": 409.25262451171875,
  "tsnr": 36.496828687610105
}