{
  "aor": 0.0006703932584269663,
  "aqi": 0.008478140168539327,
  "bids_meta": {
    "AcquisitionMatrixPE": 64,
    "AcquisitionNumber": 1,
    "AcquisitionTime": "13:46:50.000000",
    "BodyPartExamined": "BRAIN",
    "CoilString": "RM:HNU_FlexS",
    "ConversionSoftware": "dcm2niix",
    "ConversionSoftwareVersion": "v1.0.20200331",
    "DeviceSerialNumber": "00000070431MRS04",
    "EchoTime": 0.03,
    "EffectiveEchoSpacing": 0.000644,
    "FlipAngle": 78,
    "ImageOrientationPatientDICOM": [
      1,
      0,
      0,
      0,
      1,
      0
    ],
    "ImageType": [
      "ORIGINAL",
      "PRIMARY",
      "EPI",
      "NONE"
    ],
    "ImagingFrequency": 127.734,
    "InPlanePhaseEncodingDirectionDICOM": "COL",
    "InstitutionName": "N_and_N_University_Hospital",
    "MRAcquisitionType": "2D",
    "MagneticFieldStrength": 3,
    "Manufacturer": "GE",
    "ManufacturersModelName": "DISCOVERY_MR750w",
    "Modality": "MR",
    "PatientPosition": "HFS",
    "PercentPhaseFOV": 100,
    "PercentSampling": 100,
    "PhaseEncodingDirection": "j",
    "PhaseEncodingPolarityGE": "Flipped",
    "PixelBandwidth": 7812.5,
    "ProcedureStepDescription": "MRI_Head",
    "ProtocolName": "fMRI_3_PartA",
    "ReconMatrixPE": 64,
    "RepetitionTime": 2,
    "SAR": 0.0551998,
    "ScanOptions": "SAT_GEMS_EPI_GEMS_ACC_GEMS_FS",
    "ScanningSequence": "EP_GR",
    "SequenceVariant": "SS",
    "SeriesDescription": "fMRI_3_PartA",
    "SeriesNumber": 6,
    "SliceThickness": 3.3,
    "SliceTiming": [
      0,
      1.0285,
      0.0571001,
      1.0857,
      0.1142,
      1.1428,
      0.1714,
      1.2,
      0.2285,
      1.2571,
      0.2857,
      1.3143,
      0.3428,
      1.3714,
      0.4,
      1.4286,
      0.4571,
      1.4857,
      0.5142,
      1.5428,
      0.5714,
      1.6,
      0.6285,
      1.6571,
      0.6857,
      1.7143,
      0.7428,
      1.7714,
      0.8,
      1.8285,
      0.8571,
      1.8857,
      0.9143,
      1.9428,
      0.9714
    ],
    "SoftwareVersions": "27_LX_MR_Software_release:DV26.0_EB_1706.a",
    "SpacingBetweenSlices": 3.3,
    "StationName": "nnmr04",
    "TaskName": "grasp",
    "TotalReadoutTime": 0.040572,
    "dataset": "ds003342",
    "modality": "bold",
    "run_id": 3,
    "session_id": "action",
    "subject_id": "JM15",
    "task_id": "grasp"
  },
  "dummy_trs": 0,
  "dvars_nstd": 38.82172098508477,
  "dvars_std": 1.0397034290395477,
  "dvars_vstd": 1.006991795819209,
  "efc": 0.45600931996820865,
  "fber": 3963.898193359375,
  "fd_mean": 0.29334084556215584,
  "fd_num": 102,
  "fd_perc": 57.30337078651685,
  "fwhm_avg": 3.270089394993675,
  "fwhm_x": 3.3150838325245635,
  "fwhm_y": 3.2600017863205775,
  "fwhm_z": 3.235182566135884,
  "gcor": 0.0127432,
  "gsr_x": -0.009680586867034435,
  "gsr_y": 0.03147406131029129,
  "provenance": {
    "md5sum": "8e6b62653aaf7800e8b62ee96dbc707e",
    "settings": {
      "fd_thres": 0.2,
      "testing": false
    },
    "software": "mriqc",
    "version": "22.0.6",
    "webapi_port": null,
    "webapi_url": "https://mriqc.nimh.nih.gov/api/v1"
  },
  "size_t": 178,
  "size_x": 64,
  "size_y": 64,
  "size_z": 35,
  "snr": 3.5377984269890512,
  "spacing_tr": 2.0,
  "spacing_x": 3.2969000339508057,
  "spacing_y": 3.2969000339508057,
  "spacing_z": 3.299999237060547,
  "summary_bg_k": 74.67811134753319,
  "summary_bg_mad": 14.234646046658208,
  "summary_bg_mean": 44.03755187988281,
  "summary_bg_median": 22.837078094482422,
  "summary_bg_n": 91098.0,
  "summary_bg_p05": 4.775280952453613,
  "summary_bg_p95": 144.55870971679678,
  "summary_bg_stdv": 80.84539794921875,
  "summary_fg_k": 0.9605015356751796,
  "summary_fg_mad": 368.54736610329826,
  "summary_fg_mean": 1524.8748779296875,
  "summary_fg_median": 1442.9326171875,
  "summary_fg_n": 22850.0,
  "summary_fg_p05": 1016.8758422851563,
  "summary_fg_p95": 2363.2244628906246,
  "summary_fg_stdv": 407.8528137207031,
  "tsnr": 34.197245303948876
}