{
  "aor": 0.0009358988764044944,
  "aqi": 0.007906850168539325,
  "bids_meta": {
    "AcquisitionMatrixPE": 64,
    "AcquisitionNumber": 1,
    "AcquisitionTime": "13:39:38.000000",
    "BodyPartExamined": "BRAIN",
    "CoilString": "RM:HNU_FlexS",
    "ConversionSoftware": "dcm2niix",
    "ConversionSoftwareVersion": "v1.0.20200331",
    "DeviceSerialNumber": "00000070431MRS04",
    "EchoTime": 0.03,
    "EffectiveEchoSpacing": 0.000644,
    "FlipAngle": 78,
    "ImageOrientationPatientDICOM": [
      1,
      0,
      0,
      0,
      1,
      0
    ],
    "ImageType": [
      "ORIGINAL",
      "PRIMARY",
      "EPI",
      "NONE"
    ],
    "ImagingFrequency": 127.734,
    "InPlanePhaseEncodingDirectionDICOM": "COL",
    "InstitutionName": "N_and_N_University_Hospital",
    "MRAcquisitionType": "2D",
    "MagneticFieldStrength": 3,
    "Manufacturer": "GE",
    "ManufacturersModelName": "DISCOVERY_MR750w",
    "Modality": "MR",
    "PatientPosition": "HFS",
    "PercentPhaseFOV": 100,
    "PercentSampling": 100,
    "PhaseEncodingDirection": "j",
    "PhaseEncodingPolarityGE": "Flipped",
    "PixelBandwidth": 7812.5,
    "ProcedureStepDescription": "MRI_Head",
    "ProtocolName": "fMRI_2_PartA",
    "ReconMatrixPE": 64,
    "RepetitionTime": 2,
    "SAR": 0.0551998,
    "ScanOptions": "SAT_GEMS_EPI_GEMS_ACC_GEMS_FS",
    "ScanningSequence": "EP_GR",
    "SequenceVariant": "SS",
    "SeriesDescription": "fMRI_2_PartA",
    "SeriesNumber": 5,
    "SliceThickness": 3.3,
    "SliceTiming": [
      0,
      1.0285,
      0.0571001,
      1.0857,
      0.1142,
      1.1428,
      0.1714,
      1.2,
      0.2285,
      1.2571,
      0.2857,
      1.3143,
      0.3428,
      1.3714,
      0.4,
      1.4286,
      0.4571,
      1.4857,
      0.5142,
      1.5428,
      0.5714,
      1.6,
      0.6285,
      1.6571,
      0.6857,
      1.7143,
      0.7428,
      1.7714,
      0.8,
      1.8285,
      0.8571,
      1.8857,
      0.9143,
      1.9428,
      0.9714
    ],
    "SoftwareVersions": "27_LX_MR_Software_release:DV26.0_EB_1706.a",
    "SpacingBetweenSlices": 3.3,
    "StationName": "nnmr04",
    "TaskName": "grasp",
    "TotalReadoutTime": 0.040572,
    "dataset": "ds003342",
    "modality": "bold",
    "run_id": 2,
    "session_id": "action",
    "subject_id": "JM15",
    "task_id": "grasp"
  },
  "dummy_trs": 0,
  "dvars_nstd": 38.52519844593219,
  "dvars_std": 1.0439069728813561,
  "dvars_vstd": 1.0142192527118645,
  "efc": 0.45711035427687746,
  "fber": 3975.419677734375,
  "fd_mean": 0.2707750195839745,
  "fd_num": 88,
  "fd_perc": 49.438202247191015,
  "fwhm_avg": 3.2036803936847433,
  "fwhm_x": 3.2367678395186763,
  "fwhm_y": 3.1934544243318417,
  "fwhm_z": 3.1808189172037107,
  "gcor": 0.0248366,
  "gsr_x": -0.009937571361660957,
  "gsr_y": 0.030406737700104713,
  "provenance": {
    "md5sum": "6989a94b252031c1debc10cf1f689eb1",
    "settings": {
      "fd_thres": 0.2,
      "testing": false
    },
    "software": "mriqc",
    "version": "22.0.6",
    "webapi_port": null,
    "webapi_url": "https://mriqc.nimh.nih.gov/api/v1"
  },
  "size_t": 178,
  "size_x": 64,
  "size_y": 64,
  "size_z": 35,
  "snr": 3.6347937097654475,
  "spacing_tr": 2.0,
  "spacing_x": 3.2969000339508057,
  "spacing_y": 3.2969000339508057,
  "spacing_z": 3.299999237060547,
  "summary_bg_k": 74.44080731180962,
  "summary_bg_mad": 14.417891448155615,
  "summary_bg_mean": 44.090877532958984,
  "summary_bg_median": 22.904495239257812,
  "summary_bg_n": 90914.0,
  "summary_bg_p05": 4.48876428604126,
  "summary_bg_p95": 147.09719009399325,
  "summary_bg_stdv": 80.87604522705078,
  "summary_fg_k": 0.971971890061877,
  "summary_fg_mad": 364.1287879949358,
  "summary_fg_mean": 1528.4619140625,
  "summary_fg_median": 1452.7247314453125,
  "summary_fg_n": 22878.0,
  "summary_fg_p05": 1024.4559204101563,
  "summary_fg_p95": 2347.2967285156246,
  "summary_fg_stdv": 399.6631164550781,
  "tsnr": 35.05195388244465
}