{
  "aor": 0.000775561797752809,
  "aqi": 0.006928097471910112,
  "bids_meta": {
    "AcquisitionMatrixPE": 64,
    "AcquisitionNumber": 1,
    "AcquisitionTime": "14:08:7.000000",
    "BodyPartExamined": "BRAIN",
    "CoilString": "RM:HNU_FlexS",
    "ConversionSoftware": "dcm2niix",
    "ConversionSoftwareVersion": "v1.0.20200331",
    "DeviceSerialNumber": "00000070431MRS04",
    "EchoTime": 0.03,
    "EffectiveEchoSpacing": 0.000644,
    "FlipAngle": 78,
    "ImageOrientationPatientDICOM": [
      1,
      0,
      0,
      0,
      1,
      0
    ],
    "ImageType": [
      "ORIGINAL",
      "PRIMARY",
      "EPI",
      "NONE"
    ],
    "ImagingFrequency": 127.734,
    "InPlanePhaseEncodingDirectionDICOM": "COL",
    "InstitutionName": "N_and_N_University_Hospital",
    "MRAcquisitionType": "2D",
    "MagneticFieldStrength": 3,
    "Manufacturer": "GE",
    "ManufacturersModelName": "DISCOVERY_MR750w",
    "Modality": "MR",
    "PatientPosition": "HFS",
    "PercentPhaseFOV": 100,
    "PercentSampling": 100,
    "PhaseEncodingDirection": "j",
    "PhaseEncodingPolarityGE": "Flipped",
    "PixelBandwidth": 7812.5,
    "ProcedureStepDescription": "MRI_Head",
    "ProtocolName": "fMRI_6_PartA",
    "ReconMatrixPE": 64,
    "RepetitionTime": 2,
    "SAR": 0.0551998,
    "ScanOptions": "SAT_GEMS_EPI_GEMS_ACC_GEMS_FS",
    "ScanningSequence": "EP_GR",
    "SequenceVariant": "SS",
    "SeriesDescription": "fMRI_6_PartA",
    "SeriesNumber": 9,
    "SliceThickness": 3.3,
    "SliceTiming": [
      0,
      1.0285,
      0.0571001,
      1.0857,
      0.1142,
      1.1428,
      0.1714,
      1.2,
      0.2285,
      1.2571,
      0.2857,
      1.3143,
      0.3428,
      1.3714,
      0.4,
      1.4286,
      0.4571,
      1.4857,
      0.5142,
      1.5428,
      0.5714,
      1.6,
      0.6285,
      1.6571,
      0.6857,
      1.7143,
      0.7428,
      1.7714,
      0.8,
      1.8285,
      0.8571,
      1.8857,
      0.9143,
      1.9428,
      0.9714
    ],
    "SoftwareVersions": "27_LX_MR_Software_release:DV26.0_EB_1706.a",
    "SpacingBetweenSlices": 3.3,
    "StationName": "nnmr04",
    "TaskName": "grasp",
    "TotalReadoutTime": 0.040572,
    "dataset": "ds003342",
    "modality": "bold",
    "run_id": 6,
    "session_id": "action",
    "subject_id": "JM15",
    "task_id": "grasp"
  },
  "dummy_trs": 0,
  "dvars_nstd": 38.000954579548036,
  "dvars_std": 1.0499985122598872,
  "dvars_vstd": 1.0179365575141248,
  "efc": 0.4561342276780803,
  "fber": 3908.739013671875,
  "fd_mean": 0.22414444450941878,
  "fd_num": 72,
  "fd_perc": 40.449438202247194,
  "fwhm_avg": 3.2501862490456994,
  "fwhm_x": 3.2758955044983797,
  "fwhm_y": 3.253662497963401,
  "fwhm_z": 3.2210007446753175,
  "gcor": 0.0118285,
  "gsr_x": -0.009898337535560131,
  "gsr_y": 0.030068758875131607,
  "provenance": {
    "md5sum": "52411fa083906d1495b4eb113dcd78da",
    "settings": {
      "fd_thres": 0.2,
      "testing": false
    },
    "software": "mriqc",
    "version": "22.0.6",
    "webapi_port": null,
    "webapi_url": "https://mriqc.nimh.nih.gov/api/v1"
  },
  "size_t": 178,
  "size_x": 64,
  "size_y": 64,
  "size_z": 35,
  "snr": 3.581784044133064,
  "spacing_tr": 2.0,
  "spacing_x": 3.2969000339508057,
  "spacing_y": 3.2969000339508057,
  "spacing_z": 3.299999237060547,
  "summary_bg_k": 75.54947716674256,
  "summary_bg_mad": 14.434547421717852,
  "summary_bg_mean": 43.88101577758789,
  "summary_bg_median": 22.921348571777344,
  "summary_bg_n": 90963.0,
  "summary_bg_p05": 4.466854143142703,
  "summary_bg_p95": 145.05505981445305,
  "summary_bg_stdv": 79.97559356689453,
  "summary_fg_k": 1.0046714159199128,
  "summary_fg_mad": 366.81917169600945,
  "summary_fg_mean": 1516.34130859375,
  "summary_fg_median": 1443.69384765625,
  "summary_fg_n": 22868.0,
  "summary_fg_p05": 997.4078735351563,
  "summary_fg_p95": 2334.9338134765603,
  "summary_fg_stdv": 403.0567626953125,
  "tsnr": 35.97832854511216
}