{
  "bids_meta": {
    "AcquisitionMatrixPE": 256,
    "AcquisitionNumber": 1,
    "AcquisitionTime": "09:07:19.000000",
    "BodyPartExamined": "BRAIN",
    "CoilString": "Head+Neck_40",
    "ConversionSoftware": "dcm2niix",
    "ConversionSoftwareVersion": "v1.0.20200331",
    "DeviceSerialNumber": "00000070431MRS04",
    "EchoTime": 0.002608,
    "FlipAngle": 9,
    "ImageOrientationPatientDICOM": [
      0.0580522,
      0.998314,
      0,
      -0.0498703,
      0.00289997,
      -0.998751
    ],
    "ImageType": [
      "ORIGINAL",
      "PRIMARY",
      "OTHER"
    ],
    "ImagingFrequency": 127.734,
    "InPlanePhaseEncodingDirectionDICOM": "ROW",
    "InstitutionName": "N_and_N_University_Hospital",
    "InversionTime": 0.9,
    "MRAcquisitionType": "3D",
    "MagneticFieldStrength": 3,
    "Manufacturer": "GE",
    "ManufacturersModelName": "DISCOVERY_MR750w",
    "Modality": "MR",
    "PatientPosition": "HFS",
    "PercentPhaseFOV": 100,
    "PercentSampling": 62.5,
    "PixelBandwidth": 390.625,
    "ProcedureStepDescription": "MRI_Head",
    "ProtocolName": "SAG_FSPGR_BRAVO",
    "ReconMatrixPE": 256,
    "RepetitionTime": 0.007088,
    "SAR": 0.0517539,
    "ScanOptions": "FAST_GEMS_NPW_EDR_GEMS_ACC_GEMS_IR_GEMS",
    "ScanningSequence": "GR",
    "SequenceVariant": "SS_SK_OSP",
    "SeriesDescription": "SAG_FSPGR_BRAVO",
    "SeriesNumber": 2,
    "SliceThickness": 0.9,
    "SoftwareVersions": "27_LX_MR_Software_release:DV26.0_EB_1706.a",
    "SpacingBetweenSlices": 0.9,
    "StationName": "nnmr04",
    "dataset": "ds003342",
    "modality": "T1w",
    "session_id": "localiser",
    "subject_id": "LB28"
  },
  "cjv": 0.427413099133242,
  "cnr": 3.1934559847697686,
  "efc": 0.6023068517029682,
  "fber": 22345.095124851367,
  "fwhm_avg": 4.374150114961929,
  "fwhm_x": 4.4254001172330675,
  "fwhm_y": 4.3718833059426645,
  "fwhm_z": 4.325166921710056,
  "icvs_csf": 0.19761310666167958,
  "icvs_gm": 0.41374110517766,
  "icvs_wm": 0.3886457881606604,
  "inu_med": 0.5244191884994507,
  "inu_range": 0.2157144606113432,
  "provenance": {
    "md5sum": "11729d8bf4053db905c717a76bbd1f40",
    "settings": {
      "testing": false
    },
    "software": "mriqc",
    "version": "22.0.6",
    "warnings": {
      "large_rot_frame": true,
      "small_air_mask": false
    },
    "webapi_port": null,
    "webapi_url": "https://mriqc.nimh.nih.gov/api/v1"
  },
  "qi_1": 0.0,
  "qi_2": 0.00022809645008100502,
  "rpve_csf": 20.90826822329532,
  "rpve_gm": 10.133063654918686,
  "rpve_wm": 12.24786781770311,
  "size_x": 196,
  "size_y": 256,
  "size_z": 256,
  "snr_csf": 2.36497567118352,
  "snr_gm": 14.345736282693533,
  "snr_total": 11.749573735343494,
  "snr_wm": 18.53800925215343,
  "snrd_csf": 10.843880518982713,
  "snrd_gm": 28.774425016602027,
  "snrd_total": 25.93675753671191,
  "snrd_wm": 38.19196707455099,
  "spacing_x": 0.8999999761581421,
  "spacing_y": 0.8984000086784363,
  "spacing_z": 0.8984000086784363,
  "summary_bg_k": 5820.352200826692,
  "summary_bg_mad": 0.0,
  "summary_bg_mean": 7.1022772427169345,
  "summary_bg_median": 0.0,
  "summary_bg_n": 2728944.0,
  "summary_bg_p05": 0.0,
  "summary_bg_p95": 27.881813630461693,
  "summary_bg_stdv": 17.154964012568424,
  "summary_csf_k": 6.381118404227376,
  "summary_csf_mad": 104.32098135889858,
  "summary_csf_mean": 300.7343331431783,
  "summary_csf_median": 283.95060946047306,
  "summary_csf_n": 57887.0,
  "summary_csf_p05": 138.4137845065445,
  "summary_csf_p95": 516.2574417337771,
  "summary_csf_stdv": 120.06388069070674,
  "summary_gm_k": 0.039714953038400225,
  "summary_gm_mad": 52.28902811335626,
  "summary_gm_mean": 752.517772866927,
  "summary_gm_median": 753.4678666032851,
  "summary_gm_n": 42955.0,
  "summary_gm_p05": 663.7189441211522,
  "summary_gm_p95": 837.252022985369,
  "summary_gm_stdv": 52.521465700479844,
  "summary_wm_k": 0.25372082542427865,
  "summary_wm_mad": 53.11166769036088,
  "summary_wm_mean": 1003.7719759386264,
  "summary_wm_median": 1000.0693301931024,
  "summary_wm_n": 334536.0,
  "summary_wm_p05": 921.7210871027783,
  "summary_wm_p95": 1098.2105398625135,
  "summary_wm_stdv": 53.94688404121585,
  "tpm_overlap_csf": 0.13020670532714068,
  "tpm_overlap_gm": 0.4341824971684268,
  "tpm_overlap_wm": 0.4734996360659671,
  "wm2max": 0.4898839757419267
}