{
  "bids_meta": {
    "AcquisitionMatrixPE": 256,
    "AcquisitionNumber": 1,
    "AcquisitionTime": "10:20:10.000000",
    "BodyPartExamined": "BRAIN",
    "CoilString": "Head_24",
    "ConversionSoftware": "dcm2niix",
    "ConversionSoftwareVersion": "v1.0.20200331",
    "DeviceSerialNumber": "00000070431MRS04",
    "EchoTime": 0.002628,
    "FlipAngle": 9,
    "ImageOrientationPatientDICOM": [
      0,
      1,
      0,
      0.165585,
      0,
      -0.986196
    ],
    "ImageType": [
      "ORIGINAL",
      "PRIMARY",
      "OTHER"
    ],
    "ImagingFrequency": 127.734,
    "InPlanePhaseEncodingDirectionDICOM": "ROW",
    "InstitutionName": "N_and_N_University_Hospital",
    "InversionTime": 0.9,
    "MRAcquisitionType": "3D",
    "MagneticFieldStrength": 3,
    "Manufacturer": "GE",
    "ManufacturersModelName": "DISCOVERY_MR750w",
    "Modality": "MR",
    "PatientPosition": "HFS",
    "PercentPhaseFOV": 100,
    "PercentSampling": 62.5,
    "PixelBandwidth": 390.625,
    "ProcedureStepDescription": "MRI_Head",
    "ProtocolName": "SAG_FSPGR_BRAVO",
    "ReconMatrixPE": 256,
    "RepetitionTime": 0.00716,
    "SAR": 0.0522695,
    "ScanOptions": "FAST_GEMS_NPW_EDR_GEMS_ACC_GEMS_IR_GEMS",
    "ScanningSequence": "GR",
    "SequenceVariant": "SS_SK_OSP",
    "SeriesDescription": "SAG_FSPGR_BRAVO",
    "SeriesNumber": 2,
    "SliceThickness": 0.9,
    "SoftwareVersions": "27_LX_MR_Software_release:DV26.0_EB_1706.a",
    "SpacingBetweenSlices": 0.9,
    "StationName": "nnmr04",
    "dataset": "ds003342",
    "modality": "T1w",
    "session_id": "localiser",
    "subject_id": "CR09"
  },
  "cjv": 0.468506174600268,
  "cnr": 2.9459363796795817,
  "efc": 0.6370313735533232,
  "fber": 15389.336223840906,
  "fwhm_avg": 4.089312823475409,
  "fwhm_x": 4.24116873496297,
  "fwhm_y": 4.107535579199705,
  "fwhm_z": 3.919234156263553,
  "icvs_csf": 0.167474870645726,
  "icvs_gm": 0.4105202510302859,
  "icvs_wm": 0.4220048783239881,
  "inu_med": 0.6160300672054291,
  "inu_range": 0.2866845741868018,
  "provenance": {
    "md5sum": "cae3409585d90d9bbb77c8fe20a5b537",
    "settings": {
      "testing": false
    },
    "software": "mriqc",
    "version": "22.0.6",
    "warnings": {
      "large_rot_frame": true,
      "small_air_mask": false
    },
    "webapi_port": null,
    "webapi_url": "https://mriqc.nimh.nih.gov/api/v1"
  },
  "qi_1": 0.0,
  "qi_2": 0.00026854922086702766,
  "rpve_csf": 21.068792542734936,
  "rpve_gm": 8.699032996603169,
  "rpve_wm": 9.677042067390325,
  "size_x": 196,
  "size_y": 256,
  "size_z": 256,
  "snr_csf": 2.604595241555862,
  "snr_gm": 12.720933125644885,
  "snr_total": 10.271508959231769,
  "snr_wm": 15.488998510494561,
  "snrd_csf": 17.526165897488344,
  "snrd_gm": 38.85427615684081,
  "snrd_total": 36.26765418073496,
  "snrd_wm": 52.42252048787573,
  "spacing_x": 0.8994289636611938,
  "spacing_y": 0.8984000086784363,
  "spacing_z": 0.8984000086784363,
  "summary_bg_k": 1798.4935795647,
  "summary_bg_mad": 0.0,
  "summary_bg_mean": 7.768651446200033,
  "summary_bg_median": 0.0,
  "summary_bg_n": 2516032.0,
  "summary_bg_p05": 0.0,
  "summary_bg_p95": 31.7170480042696,
  "summary_bg_stdv": 12.498076841794044,
  "summary_csf_k": 7.3839323631131535,
  "summary_csf_mad": 105.82853887825885,
  "summary_csf_mean": 339.6081058755561,
  "summary_csf_median": 334.34772992134094,
  "summary_csf_n": 42466.0,
  "summary_csf_p05": 140.435852477327,
  "summary_csf_p95": 542.0216953586787,
  "summary_csf_stdv": 128.36689091331428,
  "summary_gm_k": 0.11156946249734823,
  "summary_gm_mad": 57.55147448235015,
  "summary_gm_mean": 740.7317502181581,
  "summary_gm_median": 741.2253830507398,
  "summary_gm_n": 49606.0,
  "summary_gm_p05": 643.5044142529368,
  "summary_gm_p95": 835.2860422041267,
  "summary_gm_stdv": 58.267573971638605,
  "summary_wm_k": 0.2671350823440526,
  "summary_wm_mad": 63.717703891173386,
  "summary_wm_mean": 1006.1069938090673,
  "summary_wm_median": 1000.0676031708717,
  "summary_wm_n": 371442.0,
  "summary_wm_p05": 911.2733941525221,
  "summary_wm_p95": 1121.863772585988,
  "summary_wm_stdv": 64.56623107660519,
  "tpm_overlap_csf": 0.14885967881750653,
  "tpm_overlap_gm": 0.4489661923072393,
  "tpm_overlap_wm": 0.47559371504355596,
  "wm2max": 0.5602419974172896
}