{
  "aor": 0.0008374107142857143,
  "aqi": 0.004333784508928571,
  "bids_meta": {
    "AcquisitionMatrixPE": 64,
    "AcquisitionNumber": 1,
    "AcquisitionTime": "15:53:12.000000",
    "BodyPartExamined": "BRAIN",
    "CoilString": "Head+Neck_40",
    "ConversionSoftware": "dcm2niix",
    "ConversionSoftwareVersion": "v1.0.20200331",
    "DeviceSerialNumber": "00000070431MRS04",
    "EchoTime": 0.03,
    "EffectiveEchoSpacing": 0.000644,
    "FlipAngle": 78,
    "ImageOrientationPatientDICOM": [
      1,
      0,
      0,
      0,
      1,
      0
    ],
    "ImageType": [
      "ORIGINAL",
      "PRIMARY",
      "EPI",
      "NONE"
    ],
    "ImagingFrequency": 127.734,
    "InPlanePhaseEncodingDirectionDICOM": "ROW",
    "InstitutionName": "N_and_N_University_Hospital",
    "MRAcquisitionType": "2D",
    "MagneticFieldStrength": 3,
    "Manufacturer": "GE",
    "ManufacturersModelName": "DISCOVERY_MR750w",
    "Modality": "MR",
    "PatientPosition": "HFS",
    "PercentPhaseFOV": 100,
    "PercentSampling": 100,
    "PhaseEncodingDirection": "i-",
    "PhaseEncodingPolarityGE": "Flipped",
    "PixelBandwidth": 7812.5,
    "ProcedureStepDescription": "MRI_Head",
    "ProtocolName": "fMRI_4_PartB",
    "ReconMatrixPE": 64,
    "RepetitionTime": 2,
    "SAR": 0.0707602,
    "ScanOptions": "SAT_GEMS_EPI_GEMS_ACC_GEMS_FS",
    "ScanningSequence": "EP_GR",
    "SequenceVariant": "SS",
    "SeriesDescription": "fMRI_4_PartB",
    "SeriesNumber": 7,
    "SliceThickness": 3.3,
    "SliceTiming": [
      0,
      1.0285,
      0.0571001,
      1.0857,
      0.1142,
      1.1428,
      0.1714,
      1.2,
      0.2285,
      1.2571,
      0.2857,
      1.3143,
      0.3428,
      1.3714,
      0.4,
      1.4286,
      0.4571,
      1.4857,
      0.5142,
      1.5428,
      0.5714,
      1.6,
      0.6285,
      1.6571,
      0.6857,
      1.7143,
      0.7428,
      1.7714,
      0.8,
      1.8285,
      0.8571,
      1.8857,
      0.9143,
      1.9428,
      0.9714
    ],
    "SoftwareVersions": "27_LX_MR_Software_release:DV26.0_EB_1706.a",
    "SpacingBetweenSlices": 3.3,
    "StationName": "nnmr04",
    "TaskName": "localiser",
    "TotalReadoutTime": 0.040572,
    "dataset": "ds003342",
    "modality": "bold",
    "run_id": 4,
    "session_id": "localiser",
    "subject_id": "KL04",
    "task_id": "localiser"
  },
  "dummy_trs": 0,
  "dvars_nstd": 18.94489490179372,
  "dvars_std": 1.1192991390582963,
  "dvars_vstd": 0.9996482997309418,
  "efc": 0.5354144002107301,
  "fber": 7231.43505859375,
  "fd_mean": 0.08345952370437804,
  "fd_num": 15,
  "fd_perc": 6.696428571428571,
  "fwhm_avg": 2.115951664602743,
  "fwhm_x": 2.080933582865913,
  "fwhm_y": 2.319412151188719,
  "fwhm_z": 1.9475092597535966,
  "gcor": 0.0217514,
  "gsr_x": -0.00021398428361862898,
  "gsr_y": 0.032112427055835724,
  "provenance": {
    "md5sum": "1462537f0ccc1efd1a11f732d4a63e56",
    "settings": {
      "fd_thres": 0.2,
      "testing": false
    },
    "software": "mriqc",
    "version": "22.0.6",
    "webapi_port": null,
    "webapi_url": "https://mriqc.nimh.nih.gov/api/v1"
  },
  "size_t": 224,
  "size_x": 64,
  "size_y": 64,
  "size_z": 35,
  "snr": 6.441018621129797,
  "spacing_tr": 2.0,
  "spacing_x": 3.2969000339508057,
  "spacing_y": 3.2969000339508057,
  "spacing_z": 3.299999713897705,
  "summary_bg_k": 26.647319181608786,
  "summary_bg_mad": 58.06638447594999,
  "summary_bg_mean": 167.8793182373047,
  "summary_bg_median": 43.31696701049805,
  "summary_bg_n": 80375.0,
  "summary_bg_p05": 0.7723214626312256,
  "summary_bg_p95": 875.0013977050781,
  "summary_bg_stdv": 347.71661376953125,
  "summary_fg_k": 1.0533742702614122,
  "summary_fg_mad": 508.51953026386036,
  "summary_fg_mean": 3652.78466796875,
  "summary_fg_median": 3601.451171875,
  "summary_fg_n": 30807.0,
  "summary_fg_p05": 2820.5037109375,
  "summary_fg_p95": 4603.899999999999,
  "summary_fg_stdv": 559.134033203125,
  "tsnr": 80.2557082909625
}