{
  "aor": 0.0008451339285714286,
  "aqi": 0.004462231071428571,
  "bids_meta": {
    "AcquisitionMatrixPE": 64,
    "AcquisitionNumber": 1,
    "AcquisitionTime": "15:26:48.000000",
    "BodyPartExamined": "BRAIN",
    "CoilString": "Head+Neck_40",
    "ConversionSoftware": "dcm2niix",
    "ConversionSoftwareVersion": "v1.0.20200331",
    "DeviceSerialNumber": "00000070431MRS04",
    "EchoTime": 0.03,
    "EffectiveEchoSpacing": 0.000644,
    "FlipAngle": 78,
    "ImageOrientationPatientDICOM": [
      1,
      0,
      0,
      0,
      1,
      0
    ],
    "ImageType": [
      "ORIGINAL",
      "PRIMARY",
      "EPI",
      "NONE"
    ],
    "ImagingFrequency": 127.734,
    "InPlanePhaseEncodingDirectionDICOM": "ROW",
    "InstitutionName": "N_and_N_University_Hospital",
    "MRAcquisitionType": "2D",
    "MagneticFieldStrength": 3,
    "Manufacturer": "GE",
    "ManufacturersModelName": "DISCOVERY_MR750w",
    "Modality": "MR",
    "PatientPosition": "HFS",
    "PercentPhaseFOV": 100,
    "PercentSampling": 100,
    "PhaseEncodingDirection": "i-",
    "PhaseEncodingPolarityGE": "Flipped",
    "PixelBandwidth": 7812.5,
    "ProcedureStepDescription": "MRI_Head",
    "ProtocolName": "fMRI_1_PartB",
    "ReconMatrixPE": 64,
    "RepetitionTime": 2,
    "SAR": 0.0705338,
    "ScanOptions": "SAT_GEMS_EPI_GEMS_ACC_GEMS_FS",
    "ScanningSequence": "EP_GR",
    "SequenceVariant": "SS",
    "SeriesDescription": "fMRI_1_PartB",
    "SeriesNumber": 4,
    "SliceThickness": 3.3,
    "SliceTiming": [
      0,
      1.0285,
      0.0571001,
      1.0857,
      0.1142,
      1.1428,
      0.1714,
      1.2,
      0.2285,
      1.2571,
      0.2857,
      1.3143,
      0.3428,
      1.3714,
      0.4,
      1.4286,
      0.4571,
      1.4857,
      0.5142,
      1.5428,
      0.5714,
      1.6,
      0.6285,
      1.6571,
      0.6857,
      1.7143,
      0.7428,
      1.7714,
      0.8,
      1.8285,
      0.8571,
      1.8857,
      0.9143,
      1.9428,
      0.9714
    ],
    "SoftwareVersions": "27_LX_MR_Software_release:DV26.0_EB_1706.a",
    "SpacingBetweenSlices": 3.3,
    "StationName": "nnmr04",
    "TaskName": "localiser",
    "TotalReadoutTime": 0.040572,
    "dataset": "ds003342",
    "modality": "bold",
    "run_id": 1,
    "session_id": "localiser",
    "subject_id": "KL04",
    "task_id": "localiser"
  },
  "dummy_trs": 0,
  "dvars_nstd": 17.64420809542602,
  "dvars_std": 1.047046877085202,
  "dvars_vstd": 0.9687995451569508,
  "efc": 0.5301932579380941,
  "fber": 7741.326171875,
  "fd_mean": 0.057141518171792756,
  "fd_num": 6,
  "fd_perc": 2.6785714285714284,
  "fwhm_avg": 2.1163897182307667,
  "fwhm_x": 2.0583911947938853,
  "fwhm_y": 2.334447487258827,
  "fwhm_z": 1.9563304726395874,
  "gcor": 0.0464164,
  "gsr_x": -0.003079125890508294,
  "gsr_y": 0.034415196627378464,
  "provenance": {
    "md5sum": "0b05a980d4d92496aa20e1a38e939fca",
    "settings": {
      "fd_thres": 0.2,
      "testing": false
    },
    "software": "mriqc",
    "version": "22.0.6",
    "webapi_port": null,
    "webapi_url": "https://mriqc.nimh.nih.gov/api/v1"
  },
  "size_t": 224,
  "size_x": 64,
  "size_y": 64,
  "size_z": 35,
  "snr": 6.480741549485413,
  "spacing_tr": 2.0,
  "spacing_x": 3.2969000339508057,
  "spacing_y": 3.2969000339508057,
  "spacing_z": 3.299999713897705,
  "summary_bg_k": 31.664526761094436,
  "summary_bg_mad": 56.2925536908444,
  "summary_bg_mean": 162.36776733398438,
  "summary_bg_median": 42.23214340209961,
  "summary_bg_n": 80861.0,
  "summary_bg_p05": 0.7321428656578064,
  "summary_bg_p95": 842.8616333007812,
  "summary_bg_stdv": 344.21307373046875,
  "summary_fg_k": 1.1114016660304822,
  "summary_fg_mad": 516.597649163152,
  "summary_fg_mean": 3699.38525390625,
  "summary_fg_median": 3645.43994140625,
  "summary_fg_n": 30378.0,
  "summary_fg_p05": 2852.022912597656,
  "summary_fg_p95": 4644.953759765624,
  "summary_fg_stdv": 562.4942626953125,
  "tsnr": 78.4984738426283
}