{
  "aor": 0.0026676785714285713,
  "aqi": 0.005116416205357142,
  "bids_meta": {
    "AcquisitionMatrixPE": 64,
    "AcquisitionNumber": 1,
    "AcquisitionTime": "15:44:29.000000",
    "BodyPartExamined": "BRAIN",
    "CoilString": "Head+Neck_40",
    "ConversionSoftware": "dcm2niix",
    "ConversionSoftwareVersion": "v1.0.20200331",
    "DeviceSerialNumber": "00000070431MRS04",
    "EchoTime": 0.03,
    "EffectiveEchoSpacing": 0.000644,
    "FlipAngle": 78,
    "ImageOrientationPatientDICOM": [
      1,
      0,
      0,
      0,
      1,
      0
    ],
    "ImageType": [
      "ORIGINAL",
      "PRIMARY",
      "EPI",
      "NONE"
    ],
    "ImagingFrequency": 127.734,
    "InPlanePhaseEncodingDirectionDICOM": "ROW",
    "InstitutionName": "N_and_N_University_Hospital",
    "MRAcquisitionType": "2D",
    "MagneticFieldStrength": 3,
    "Manufacturer": "GE",
    "ManufacturersModelName": "DISCOVERY_MR750w",
    "Modality": "MR",
    "PatientPosition": "HFS",
    "PercentPhaseFOV": 100,
    "PercentSampling": 100,
    "PhaseEncodingDirection": "i-",
    "PhaseEncodingPolarityGE": "Flipped",
    "PixelBandwidth": 7812.5,
    "ProcedureStepDescription": "MRI_Head",
    "ProtocolName": "fMRI_3_PartB",
    "ReconMatrixPE": 64,
    "RepetitionTime": 2,
    "SAR": 0.0707602,
    "ScanOptions": "SAT_GEMS_EPI_GEMS_ACC_GEMS_FS",
    "ScanningSequence": "EP_GR",
    "SequenceVariant": "SS",
    "SeriesDescription": "fMRI_3_PartB",
    "SeriesNumber": 6,
    "SliceThickness": 3.3,
    "SliceTiming": [
      0,
      1.0285,
      0.0571001,
      1.0857,
      0.1142,
      1.1428,
      0.1714,
      1.2,
      0.2285,
      1.2571,
      0.2857,
      1.3143,
      0.3428,
      1.3714,
      0.4,
      1.4286,
      0.4571,
      1.4857,
      0.5142,
      1.5428,
      0.5714,
      1.6,
      0.6285,
      1.6571,
      0.6857,
      1.7143,
      0.7428,
      1.7714,
      0.8,
      1.8285,
      0.8571,
      1.8857,
      0.9143,
      1.9428,
      0.9714
    ],
    "SoftwareVersions": "27_LX_MR_Software_release:DV26.0_EB_1706.a",
    "SpacingBetweenSlices": 3.3,
    "StationName": "nnmr04",
    "TaskName": "localiser",
    "TotalReadoutTime": 0.040572,
    "dataset": "ds003342",
    "modality": "bold",
    "run_id": 3,
    "session_id": "localiser",
    "subject_id": "KL04",
    "task_id": "localiser"
  },
  "dummy_trs": 0,
  "dvars_nstd": 19.391134056860984,
  "dvars_std": 1.1258362514349776,
  "dvars_vstd": 1.012542548609865,
  "efc": 0.5345789848624883,
  "fber": 7510.68017578125,
  "fd_mean": 0.08836200861675624,
  "fd_num": 14,
  "fd_perc": 6.25,
  "fwhm_avg": 2.0775463797862534,
  "fwhm_x": 2.023867855042026,
  "fwhm_y": 2.2789559654911002,
  "fwhm_z": 1.9298153188256337,
  "gcor": 0.0261037,
  "gsr_x": -0.0018830569460988045,
  "gsr_y": 0.03253184258937836,
  "provenance": {
    "md5sum": "7364729955af1c2ad23e659521d4ec91",
    "settings": {
      "fd_thres": 0.2,
      "testing": false
    },
    "software": "mriqc",
    "version": "22.0.6",
    "webapi_port": null,
    "webapi_url": "https://mriqc.nimh.nih.gov/api/v1"
  },
  "size_t": 224,
  "size_x": 64,
  "size_y": 64,
  "size_z": 35,
  "snr": 6.607772120853206,
  "spacing_tr": 2.0,
  "spacing_x": 3.2969000339508057,
  "spacing_y": 3.2969000339508057,
  "spacing_z": 3.299999713897705,
  "summary_bg_k": 27.740027246730556,
  "summary_bg_mad": 56.934568654806284,
  "summary_bg_mean": 165.35653686523438,
  "summary_bg_median": 42.44196701049805,
  "summary_bg_n": 80509.0,
  "summary_bg_p05": 0.8321429014205937,
  "summary_bg_p95": 864.2866455078116,
  "summary_bg_stdv": 344.6729736328125,
  "summary_fg_k": 1.087912207526581,
  "summary_fg_mad": 502.5722900902382,
  "summary_fg_mean": 3629.094970703125,
  "summary_fg_median": 3586.1318359375,
  "summary_fg_n": 30738.0,
  "summary_fg_p05": 2807.7926391601563,
  "summary_fg_p95": 4534.077783203125,
  "summary_fg_stdv": 542.7053833007812,
  "tsnr": 76.66192350536585
}