{
  "aor": 0.0011937053571428572,
  "aqi": 0.010381363839285715,
  "bids_meta": {
    "AcquisitionMatrixPE": 64,
    "AcquisitionNumber": 1,
    "AcquisitionTime": "12:16:42.000000",
    "BodyPartExamined": "BRAIN",
    "CoilString": "Head+Neck_40",
    "ConversionSoftware": "dcm2niix",
    "ConversionSoftwareVersion": "v1.0.20200331",
    "DeviceSerialNumber": "00000070431MRS04",
    "EchoTime": 0.03,
    "EffectiveEchoSpacing": 0.000644,
    "FlipAngle": 78,
    "ImageOrientationPatientDICOM": [
      1,
      0,
      0,
      0,
      1,
      0
    ],
    "ImageType": [
      "ORIGINAL",
      "PRIMARY",
      "EPI",
      "NONE"
    ],
    "ImagingFrequency": 127.734,
    "InPlanePhaseEncodingDirectionDICOM": "ROW",
    "InstitutionName": "N_and_N_University_Hospital",
    "MRAcquisitionType": "2D",
    "MagneticFieldStrength": 3,
    "Manufacturer": "GE",
    "ManufacturersModelName": "DISCOVERY_MR750w",
    "Modality": "MR",
    "PatientPosition": "HFS",
    "PercentPhaseFOV": 100,
    "PercentSampling": 100,
    "PhaseEncodingDirection": "i-",
    "PhaseEncodingPolarityGE": "Flipped",
    "PixelBandwidth": 7812.5,
    "ProcedureStepDescription": "MRI_Head",
    "ProtocolName": "fMRI_1_PartB",
    "ReconMatrixPE": 64,
    "RepetitionTime": 2,
    "SAR": 0.0601448,
    "ScanOptions": "SAT_GEMS_EPI_GEMS_ACC_GEMS_FS",
    "ScanningSequence": "EP_GR",
    "SequenceVariant": "SS",
    "SeriesDescription": "fMRI_1_PartB",
    "SeriesNumber": 4,
    "SliceThickness": 3.3,
    "SliceTiming": [
      0,
      1.0285,
      0.0571001,
      1.0857,
      0.1142,
      1.1428,
      0.1714,
      1.2,
      0.2285,
      1.2571,
      0.2857,
      1.3143,
      0.3428,
      1.3714,
      0.4,
      1.4286,
      0.4571,
      1.4857,
      0.5142,
      1.5428,
      0.5714,
      1.6,
      0.6285,
      1.6571,
      0.6857,
      1.7143,
      0.7428,
      1.7714,
      0.8,
      1.8285,
      0.8571,
      1.8857,
      0.9143,
      1.9428,
      0.9714
    ],
    "SoftwareVersions": "27_LX_MR_Software_release:DV26.0_EB_1706.a",
    "SpacingBetweenSlices": 3.3,
    "StationName": "nnmr04",
    "TaskName": "localiser",
    "TotalReadoutTime": 0.040572,
    "dataset": "ds003342",
    "modality": "bold",
    "run_id": 1,
    "session_id": "localiser",
    "subject_id": "LP12",
    "task_id": "localiser"
  },
  "dummy_trs": 0,
  "dvars_nstd": 15.640637859686095,
  "dvars_std": 0.9438784333183857,
  "dvars_vstd": 0.9262632275336321,
  "efc": 0.4715911223131003,
  "fber": 17936.51953125,
  "fd_mean": 0.07370397060956849,
  "fd_num": 9,
  "fd_perc": 4.017857142857143,
  "fwhm_avg": 2.2778543414666617,
  "fwhm_x": 2.30147712149686,
  "fwhm_y": 2.4019351264680053,
  "fwhm_z": 2.13015077643512,
  "gcor": 0.0211267,
  "gsr_x": 0.010898973792791367,
  "gsr_y": 0.007861160673201084,
  "provenance": {
    "md5sum": "eaba5a2c147fd60ce37d6fc27e309a01",
    "settings": {
      "fd_thres": 0.2,
      "testing": false
    },
    "software": "mriqc",
    "version": "22.0.6",
    "webapi_port": null,
    "webapi_url": "https://mriqc.nimh.nih.gov/api/v1"
  },
  "size_t": 224,
  "size_x": 64,
  "size_y": 64,
  "size_z": 35,
  "snr": 6.270925777163938,
  "spacing_tr": 2.0,
  "spacing_x": 3.2969000339508057,
  "spacing_y": 3.2969000339508057,
  "spacing_z": 3.3000011444091797,
  "summary_bg_k": 44.831613928880806,
  "summary_bg_mad": 42.66121938537056,
  "summary_bg_mean": 103.2311019897461,
  "summary_bg_median": 31.426342010498047,
  "summary_bg_n": 87598.0,
  "summary_bg_p05": 0.848214328289032,
  "summary_bg_p95": 392.4390731811521,
  "summary_bg_stdv": 232.5482940673828,
  "summary_fg_k": 1.0931051853184899,
  "summary_fg_mad": 572.0495420756306,
  "summary_fg_mean": 4187.525390625,
  "summary_fg_median": 4167.1923828125,
  "summary_fg_n": 24996.0,
  "summary_fg_p05": 3091.758056640625,
  "summary_fg_p95": 5301.7972412109375,
  "summary_fg_stdv": 664.5125732421875,
  "tsnr": 55.05142697598785
}