{
  "aor": 0.0013921910112359552,
  "aqi": 0.013842100000000001,
  "bids_meta": {
    "AcquisitionMatrixPE": 64,
    "AcquisitionNumber": 1,
    "AcquisitionTime": "11:11:8.000000",
    "BodyPartExamined": "BRAIN",
    "CoilString": "RM:HNU_FlexS",
    "ConversionSoftware": "dcm2niix",
    "ConversionSoftwareVersion": "v1.0.20200331",
    "DeviceSerialNumber": "00000070431MRS04",
    "EchoTime": 0.03,
    "EffectiveEchoSpacing": 0.000644,
    "FlipAngle": 78,
    "ImageOrientationPatientDICOM": [
      1,
      0,
      0,
      0,
      1,
      0
    ],
    "ImageType": [
      "ORIGINAL",
      "PRIMARY",
      "EPI",
      "NONE"
    ],
    "ImagingFrequency": 127.734,
    "InPlanePhaseEncodingDirectionDICOM": "COL",
    "InstitutionName": "N_and_N_University_Hospital",
    "MRAcquisitionType": "2D",
    "MagneticFieldStrength": 3,
    "Manufacturer": "GE",
    "ManufacturersModelName": "DISCOVERY_MR750w",
    "Modality": "MR",
    "PatientPosition": "HFS",
    "PercentPhaseFOV": 100,
    "PercentSampling": 100,
    "PhaseEncodingDirection": "j",
    "PhaseEncodingPolarityGE": "Flipped",
    "PixelBandwidth": 7812.5,
    "ProcedureStepDescription": "MRI_Head",
    "ProtocolName": "fMRI_4_PartA",
    "ReconMatrixPE": 64,
    "RepetitionTime": 2,
    "SAR": 0.0658489,
    "ScanOptions": "SAT_GEMS_EPI_GEMS_ACC_GEMS_FS",
    "ScanningSequence": "EP_GR",
    "SequenceVariant": "SS",
    "SeriesDescription": "fMRI_4_PartA",
    "SeriesNumber": 8,
    "SliceThickness": 3.3,
    "SliceTiming": [
      0,
      1.0285,
      0.0571001,
      1.0857,
      0.1142,
      1.1428,
      0.1714,
      1.2,
      0.2285,
      1.2571,
      0.2857,
      1.3143,
      0.3428,
      1.3714,
      0.4,
      1.4286,
      0.4571,
      1.4857,
      0.5142,
      1.5428,
      0.5714,
      1.6,
      0.6285,
      1.6571,
      0.6857,
      1.7143,
      0.7428,
      1.7714,
      0.8,
      1.8285,
      0.8571,
      1.8857,
      0.9143,
      1.9428,
      0.9714
    ],
    "SoftwareVersions": "27_LX_MR_Software_release:DV26.0_EB_1706.a",
    "SpacingBetweenSlices": 3.3,
    "StationName": "nnmr04",
    "TaskName": "grasp",
    "TotalReadoutTime": 0.040572,
    "dataset": "ds003342",
    "modality": "bold",
    "run_id": 4,
    "session_id": "action",
    "subject_id": "KH02",
    "task_id": "grasp"
  },
  "dummy_trs": 0,
  "dvars_nstd": 43.435543168305095,
  "dvars_std": 1.036739134689266,
  "dvars_vstd": 1.0119495663841807,
  "efc": 0.5341573941878215,
  "fber": 3170.71240234375,
  "fd_mean": 0.21474921057437807,
  "fd_num": 75,
  "fd_perc": 42.13483146067416,
  "fwhm_avg": 2.5576035440721623,
  "fwhm_x": 2.624977982613935,
  "fwhm_y": 2.634747766249565,
  "fwhm_z": 2.4130848833529863,
  "gcor": 0.0180964,
  "gsr_x": 0.009705878794193268,
  "gsr_y": 0.033566899597644806,
  "provenance": {
    "md5sum": "dbd6319b1ae8a691cfcdad92c96f40a0",
    "settings": {
      "fd_thres": 0.2,
      "testing": false
    },
    "software": "mriqc",
    "version": "22.0.6",
    "webapi_port": null,
    "webapi_url": "https://mriqc.nimh.nih.gov/api/v1"
  },
  "size_t": 178,
  "size_x": 64,
  "size_y": 64,
  "size_z": 35,
  "snr": 4.058704812617738,
  "spacing_tr": 2.0,
  "spacing_x": 3.2969000339508057,
  "spacing_y": 3.2969000339508057,
  "spacing_z": 3.299999952316284,
  "summary_bg_k": 41.46978526788699,
  "summary_bg_mad": 19.265498025952393,
  "summary_bg_mean": 55.309940338134766,
  "summary_bg_median": 23.67977523803711,
  "summary_bg_n": 79965.0,
  "summary_bg_p05": 1.9943820238113403,
  "summary_bg_p95": 222.93595581054691,
  "summary_bg_stdv": 103.554931640625,
  "summary_fg_k": 0.24489465165545798,
  "summary_fg_mad": 325.5893649818739,
  "summary_fg_mean": 1346.8175048828125,
  "summary_fg_median": 1316.8033447265625,
  "summary_fg_n": 32031.0,
  "summary_fg_p05": 874.44384765625,
  "summary_fg_p95": 1920.2303466796875,
  "summary_fg_stdv": 324.4342346191406,
  "tsnr": 29.79893681651447
}