{
  "aor": 0.0017632022471910113,
  "aqi": 0.012160014101123596,
  "bids_meta": {
    "AcquisitionMatrixPE": 64,
    "AcquisitionNumber": 1,
    "AcquisitionTime": "11:01:39.000000",
    "BodyPartExamined": "BRAIN",
    "CoilString": "RM:HNU_FlexS",
    "ConversionSoftware": "dcm2niix",
    "ConversionSoftwareVersion": "v1.0.20200331",
    "DeviceSerialNumber": "00000070431MRS04",
    "EchoTime": 0.03,
    "EffectiveEchoSpacing": 0.000644,
    "FlipAngle": 78,
    "ImageOrientationPatientDICOM": [
      1,
      0,
      0,
      0,
      1,
      0
    ],
    "ImageType": [
      "ORIGINAL",
      "PRIMARY",
      "EPI",
      "NONE"
    ],
    "ImagingFrequency": 127.734,
    "InPlanePhaseEncodingDirectionDICOM": "COL",
    "InstitutionName": "N_and_N_University_Hospital",
    "MRAcquisitionType": "2D",
    "MagneticFieldStrength": 3,
    "Manufacturer": "GE",
    "ManufacturersModelName": "DISCOVERY_MR750w",
    "Modality": "MR",
    "PatientPosition": "HFS",
    "PercentPhaseFOV": 100,
    "PercentSampling": 100,
    "PhaseEncodingDirection": "j",
    "PhaseEncodingPolarityGE": "Flipped",
    "PixelBandwidth": 7812.5,
    "ProcedureStepDescription": "MRI_Head",
    "ProtocolName": "fMRI_3_PartA",
    "ReconMatrixPE": 64,
    "RepetitionTime": 2,
    "SAR": 0.0658489,
    "ScanOptions": "SAT_GEMS_EPI_GEMS_ACC_GEMS_FS",
    "ScanningSequence": "EP_GR",
    "SequenceVariant": "SS",
    "SeriesDescription": "fMRI_3_PartA",
    "SeriesNumber": 7,
    "SliceThickness": 3.3,
    "SliceTiming": [
      0,
      1.0285,
      0.0571001,
      1.0857,
      0.1142,
      1.1428,
      0.1714,
      1.2,
      0.2285,
      1.2571,
      0.2857,
      1.3143,
      0.3428,
      1.3714,
      0.4,
      1.4286,
      0.4571,
      1.4857,
      0.5142,
      1.5428,
      0.5714,
      1.6,
      0.6285,
      1.6571,
      0.6857,
      1.7143,
      0.7428,
      1.7714,
      0.8,
      1.8285,
      0.8571,
      1.8857,
      0.9143,
      1.9428,
      0.9714
    ],
    "SoftwareVersions": "27_LX_MR_Software_release:DV26.0_EB_1706.a",
    "SpacingBetweenSlices": 3.3,
    "StationName": "nnmr04",
    "TaskName": "grasp",
    "TotalReadoutTime": 0.040572,
    "dataset": "ds003342",
    "modality": "bold",
    "run_id": 3,
    "session_id": "action",
    "subject_id": "KH02",
    "task_id": "grasp"
  },
  "dummy_trs": 0,
  "dvars_nstd": 44.65581699903954,
  "dvars_std": 1.0527920184180788,
  "dvars_vstd": 1.0225098176271181,
  "efc": 0.5335607697962345,
  "fber": 3122.51953125,
  "fd_mean": 0.22510659765902122,
  "fd_num": 73,
  "fd_perc": 41.01123595505618,
  "fwhm_avg": 2.5726604615351536,
  "fwhm_x": 2.653574542724683,
  "fwhm_y": 2.62985529155094,
  "fwhm_z": 2.4345515503298376,
  "gcor": 0.014202,
  "gsr_x": 0.009225034154951572,
  "gsr_y": 0.03316328674554825,
  "provenance": {
    "md5sum": "fce62c558817c03dca2c3e5991f5a7d9",
    "settings": {
      "fd_thres": 0.2,
      "testing": false
    },
    "software": "mriqc",
    "version": "22.0.6",
    "webapi_port": null,
    "webapi_url": "https://mriqc.nimh.nih.gov/api/v1"
  },
  "size_t": 178,
  "size_x": 64,
  "size_y": 64,
  "size_z": 35,
  "snr": 4.023202129928427,
  "spacing_tr": 2.0,
  "spacing_x": 3.2969000339508057,
  "spacing_y": 3.2969000339508057,
  "spacing_z": 3.299999952316284,
  "summary_bg_k": 39.274572270330715,
  "summary_bg_mad": 19.348792032960148,
  "summary_bg_mean": 56.067447662353516,
  "summary_bg_median": 23.752809524536133,
  "summary_bg_n": 80001.0,
  "summary_bg_p05": 1.651685357093811,
  "summary_bg_p95": 226.62359619140625,
  "summary_bg_stdv": 105.4145736694336,
  "summary_fg_k": 0.3673679925540356,
  "summary_fg_mad": 325.414536644096,
  "summary_fg_mean": 1345.1328125,
  "summary_fg_median": 1317.07861328125,
  "summary_fg_n": 31919.0,
  "summary_fg_p05": 865.3724731445312,
  "summary_fg_p95": 1916.096142578125,
  "summary_fg_stdv": 327.3656005859375,
  "tsnr": 30.411806541960686
}