{
  "aor": 0.0006383146067415731,
  "aqi": 0.007668319213483147,
  "bids_meta": {
    "AcquisitionMatrixPE": 64,
    "AcquisitionNumber": 1,
    "AcquisitionTime": "13:54:5.000000",
    "BodyPartExamined": "BRAIN",
    "CoilString": "RM:HNU_FlexS",
    "ConversionSoftware": "dcm2niix",
    "ConversionSoftwareVersion": "v1.0.20200331",
    "DeviceSerialNumber": "00000070431MRS04",
    "EchoTime": 0.03,
    "EffectiveEchoSpacing": 0.000644,
    "FlipAngle": 78,
    "ImageOrientationPatientDICOM": [
      1,
      0,
      0,
      0,
      1,
      0
    ],
    "ImageType": [
      "ORIGINAL",
      "PRIMARY",
      "EPI",
      "NONE"
    ],
    "ImagingFrequency": 127.734,
    "InPlanePhaseEncodingDirectionDICOM": "COL",
    "InstitutionName": "N_and_N_University_Hospital",
    "MRAcquisitionType": "2D",
    "MagneticFieldStrength": 3,
    "Manufacturer": "GE",
    "ManufacturersModelName": "DISCOVERY_MR750w",
    "Modality": "MR",
    "PatientPosition": "HFS",
    "PercentPhaseFOV": 100,
    "PercentSampling": 100,
    "PhaseEncodingDirection": "j",
    "PhaseEncodingPolarityGE": "Flipped",
    "PixelBandwidth": 7812.5,
    "ProcedureStepDescription": "MRI_Head",
    "ProtocolName": "fMRI_4_PartA",
    "ReconMatrixPE": 64,
    "RepetitionTime": 2,
    "SAR": 0.0551998,
    "ScanOptions": "SAT_GEMS_EPI_GEMS_ACC_GEMS_FS",
    "ScanningSequence": "EP_GR",
    "SequenceVariant": "SS",
    "SeriesDescription": "fMRI_4_PartA",
    "SeriesNumber": 7,
    "SliceThickness": 3.3,
    "SliceTiming": [
      0,
      1.0285,
      0.0571001,
      1.0857,
      0.1142,
      1.1428,
      0.1714,
      1.2,
      0.2285,
      1.2571,
      0.2857,
      1.3143,
      0.3428,
      1.3714,
      0.4,
      1.4286,
      0.4571,
      1.4857,
      0.5142,
      1.5428,
      0.5714,
      1.6,
      0.6285,
      1.6571,
      0.6857,
      1.7143,
      0.7428,
      1.7714,
      0.8,
      1.8285,
      0.8571,
      1.8857,
      0.9143,
      1.9428,
      0.9714
    ],
    "SoftwareVersions": "27_LX_MR_Software_release:DV26.0_EB_1706.a",
    "SpacingBetweenSlices": 3.3,
    "StationName": "nnmr04",
    "TaskName": "grasp",
    "TotalReadoutTime": 0.040572,
    "dataset": "ds003342",
    "modality": "bold",
    "run_id": 4,
    "session_id": "action",
    "subject_id": "JM15",
    "task_id": "grasp"
  },
  "dummy_trs": 0,
  "dvars_nstd": 38.20777108542371,
  "dvars_std": 1.036777135762711,
  "dvars_vstd": 1.0087539479096044,
  "efc": 0.4545377442228205,
  "fber": 3945.2607421875,
  "fd_mean": 0.26885629159296737,
  "fd_num": 92,
  "fd_perc": 51.68539325842696,
  "fwhm_avg": 3.2832703351570025,
  "fwhm_x": 3.3046497885299755,
  "fwhm_y": 3.2998877393812833,
  "fwhm_z": 3.245273477559749,
  "gcor": 0.0145501,
  "gsr_x": -0.01021803542971611,
  "gsr_y": 0.031805336475372314,
  "provenance": {
    "md5sum": "c6a9d11ceb76fa58bcaf57391d202e35",
    "settings": {
      "fd_thres": 0.2,
      "testing": false
    },
    "software": "mriqc",
    "version": "22.0.6",
    "webapi_port": null,
    "webapi_url": "https://mriqc.nimh.nih.gov/api/v1"
  },
  "size_t": 178,
  "size_x": 64,
  "size_y": 64,
  "size_z": 35,
  "snr": 3.5653976262323663,
  "spacing_tr": 2.0,
  "spacing_x": 3.2969000339508057,
  "spacing_y": 3.2969000339508057,
  "spacing_z": 3.299999237060547,
  "summary_bg_k": 76.26777486821074,
  "summary_bg_mad": 14.6177914092956,
  "summary_bg_mean": 43.856624603271484,
  "summary_bg_median": 22.932584762573242,
  "summary_bg_n": 91282.0,
  "summary_bg_p05": 4.623876595497133,
  "summary_bg_p95": 144.90393371582027,
  "summary_bg_stdv": 79.97325897216797,
  "summary_fg_k": 0.9869863772895022,
  "summary_fg_mad": 367.99356205195215,
  "summary_fg_mean": 1524.7728271484375,
  "summary_fg_median": 1452.7247314453125,
  "summary_fg_n": 22593.0,
  "summary_fg_p05": 1001.7943969726563,
  "summary_fg_p95": 2360.94384765625,
  "summary_fg_stdv": 407.44195556640625,
  "tsnr": 34.904390265000984
}