{
  "aor": 0.0009012921348314606,
  "aqi": 0.009432848595505618,
  "bids_meta": {
    "AcquisitionMatrixPE": 64,
    "AcquisitionNumber": 1,
    "AcquisitionTime": "13:31:8.000000",
    "BodyPartExamined": "BRAIN",
    "CoilString": "RM:HNU_FlexS",
    "ConversionSoftware": "dcm2niix",
    "ConversionSoftwareVersion": "v1.0.20200331",
    "DeviceSerialNumber": "00000070431MRS04",
    "EchoTime": 0.03,
    "EffectiveEchoSpacing": 0.000644,
    "FlipAngle": 78,
    "ImageOrientationPatientDICOM": [
      1,
      0,
      0,
      0,
      1,
      0
    ],
    "ImageType": [
      "ORIGINAL",
      "PRIMARY",
      "EPI",
      "NONE"
    ],
    "ImagingFrequency": 127.734,
    "InPlanePhaseEncodingDirectionDICOM": "COL",
    "InstitutionName": "N_and_N_University_Hospital",
    "MRAcquisitionType": "2D",
    "MagneticFieldStrength": 3,
    "Manufacturer": "GE",
    "ManufacturersModelName": "DISCOVERY_MR750w",
    "Modality": "MR",
    "PatientPosition": "HFS",
    "PercentPhaseFOV": 100,
    "PercentSampling": 100,
    "PhaseEncodingDirection": "j",
    "PhaseEncodingPolarityGE": "Flipped",
    "PixelBandwidth": 7812.5,
    "ProcedureStepDescription": "MRI_Head",
    "ProtocolName": "fMRI_1_PartA",
    "ReconMatrixPE": 64,
    "RepetitionTime": 2,
    "SAR": 0.0548363,
    "ScanOptions": "SAT_GEMS_EPI_GEMS_ACC_GEMS_FS",
    "ScanningSequence": "EP_GR",
    "SequenceVariant": "SS",
    "SeriesDescription": "fMRI_1_PartA",
    "SeriesNumber": 4,
    "SliceThickness": 3.3,
    "SliceTiming": [
      0,
      1.0285,
      0.0571001,
      1.0857,
      0.1142,
      1.1428,
      0.1714,
      1.2,
      0.2285,
      1.2571,
      0.2857,
      1.3143,
      0.3428,
      1.3714,
      0.4,
      1.4286,
      0.4571,
      1.4857,
      0.5142,
      1.5428,
      0.5714,
      1.6,
      0.6285,
      1.6571,
      0.6857,
      1.7143,
      0.7428,
      1.7714,
      0.8,
      1.8285,
      0.8571,
      1.8857,
      0.9143,
      1.9428,
      0.9714
    ],
    "SoftwareVersions": "27_LX_MR_Software_release:DV26.0_EB_1706.a",
    "SpacingBetweenSlices": 3.3,
    "StationName": "nnmr04",
    "TaskName": "grasp",
    "TotalReadoutTime": 0.040572,
    "dataset": "ds003342",
    "modality": "bold",
    "run_id": 1,
    "session_id": "action",
    "subject_id": "JM15",
    "task_id": "grasp"
  },
  "dummy_trs": 0,
  "dvars_nstd": 39.936366840677955,
  "dvars_std": 1.028774204350282,
  "dvars_vstd": 1.00455442740113,
  "efc": 0.4578322665322358,
  "fber": 4012.037353515625,
  "fd_mean": 0.36373227742900716,
  "fd_num": 112,
  "fd_perc": 62.92134831460674,
  "fwhm_avg": 3.211983636802032,
  "fwhm_x": 3.213897870995656,
  "fwhm_y": 3.2492644270935895,
  "fwhm_z": 3.172788612316851,
  "gcor": 0.0141764,
  "gsr_x": -0.010824020951986313,
  "gsr_y": 0.03128667548298836,
  "provenance": {
    "md5sum": "e12ab41c05459cb57ffc1919fe0ace57",
    "settings": {
      "fd_thres": 0.2,
      "testing": false
    },
    "software": "mriqc",
    "version": "22.0.6",
    "webapi_port": null,
    "webapi_url": "https://mriqc.nimh.nih.gov/api/v1"
  },
  "size_t": 178,
  "size_x": 64,
  "size_y": 64,
  "size_z": 35,
  "snr": 3.572301512887924,
  "spacing_tr": 2.0,
  "spacing_x": 3.2969000339508057,
  "spacing_y": 3.2969000339508057,
  "spacing_z": 3.299999237060547,
  "summary_bg_k": 76.76379835101041,
  "summary_bg_mad": 14.651107598179046,
  "summary_bg_mean": 44.66553497314453,
  "summary_bg_median": 22.769662857055664,
  "summary_bg_n": 90950.0,
  "summary_bg_p05": 5.30898904800415,
  "summary_bg_p95": 149.95870590209967,
  "summary_bg_stdv": 82.78675079345703,
  "summary_fg_k": 1.1087607815796892,
  "summary_fg_mad": 360.7805357557436,
  "summary_fg_mean": 1533.5589599609375,
  "summary_fg_median": 1452.60400390625,
  "summary_fg_n": 22892.0,
  "summary_fg_p05": 1023.385140991211,
  "summary_fg_p95": 2373.6473999023438,
  "summary_fg_stdv": 406.620849609375,
  "tsnr": 33.40529304649681
}