{
  "bids_meta": {
    "AcquisitionMatrixPE": 256,
    "AcquisitionNumber": 1,
    "AcquisitionTime": "13:58:28.000000",
    "BodyPartExamined": "BRAIN",
    "CoilString": "Head+Neck_40",
    "ConversionSoftware": "dcm2niix",
    "ConversionSoftwareVersion": "v1.0.20200331",
    "DeviceSerialNumber": "00000070431MRS04",
    "EchoTime": 0.002616,
    "FlipAngle": 9,
    "ImageOrientationPatientDICOM": [
      0.0437373,
      0.990537,
      0.130087,
      -0.0232933,
      0.131187,
      -0.991084
    ],
    "ImageType": [
      "ORIGINAL",
      "PRIMARY",
      "OTHER"
    ],
    "ImagingFrequency": 127.734,
    "InPlanePhaseEncodingDirectionDICOM": "ROW",
    "InstitutionName": "N_and_N_University_Hospital",
    "InversionTime": 0.9,
    "MRAcquisitionType": "3D",
    "MagneticFieldStrength": 3,
    "Manufacturer": "GE",
    "ManufacturersModelName": "DISCOVERY_MR750w",
    "Modality": "MR",
    "PatientPosition": "HFS",
    "PercentPhaseFOV": 100,
    "PercentSampling": 62.5,
    "PixelBandwidth": 390.625,
    "ProcedureStepDescription": "MRI_Head",
    "ProtocolName": "SAG_FSPGR_BRAVO",
    "ReconMatrixPE": 256,
    "RepetitionTime": 0.007144,
    "SAR": 0.0526216,
    "ScanOptions": "FAST_GEMS_NPW_EDR_GEMS_ACC_GEMS_IR_GEMS",
    "ScanningSequence": "GR",
    "SequenceVariant": "SS_SK_OSP",
    "SeriesDescription": "SAG_FSPGR_BRAVO",
    "SeriesNumber": 2,
    "SliceThickness": 0.9,
    "SoftwareVersions": "27_LX_MR_Software_release:DV26.0_EB_1706.a",
    "SpacingBetweenSlices": 0.9,
    "StationName": "nnmr04",
    "dataset": "ds003342",
    "modality": "T1w",
    "session_id": "localiser",
    "subject_id": "MK14"
  },
  "cjv": 0.4324546630774912,
  "cnr": 3.098080425050222,
  "efc": 0.6302115796072266,
  "fber": 16980.323787755104,
  "fwhm_avg": 4.044973909808333,
  "fwhm_x": 4.116466775715796,
  "fwhm_y": 4.116507084010636,
  "fwhm_z": 3.9019478696985685,
  "icvs_csf": 0.1951492335298731,
  "icvs_gm": 0.3919727228608812,
  "icvs_wm": 0.4128780436092457,
  "inu_med": 0.5168273150920868,
  "inu_range": 0.18808486312627792,
  "provenance": {
    "md5sum": "97465a05cddb1f9d8a99a0c530398948",
    "settings": {
      "testing": false
    },
    "software": "mriqc",
    "version": "22.0.6",
    "warnings": {
      "large_rot_frame": true,
      "small_air_mask": false
    },
    "webapi_port": null,
    "webapi_url": "https://mriqc.nimh.nih.gov/api/v1"
  },
  "qi_1": 0.0,
  "qi_2": 0.00020654172318719337,
  "rpve_csf": 19.404712883831706,
  "rpve_gm": 9.450776719729252,
  "rpve_wm": 10.503621865788578,
  "size_x": 196,
  "size_y": 256,
  "size_z": 256,
  "snr_csf": 2.541197718698574,
  "snr_gm": 13.479917237936366,
  "snr_total": 11.2284345372888,
  "snr_wm": 17.66418865523146,
  "snrd_csf": 28.812983007077662,
  "snrd_gm": 69.59971793076127,
  "snrd_total": 63.90027771805584,
  "snrd_wm": 93.28813221632858,
  "spacing_x": 0.8999999761581421,
  "spacing_y": 0.8984000086784363,
  "spacing_z": 0.8984000086784363,
  "summary_bg_k": 3243.579260875306,
  "summary_bg_mad": 7.022958809688752,
  "summary_bg_mean": 8.326305243082993,
  "summary_bg_median": 4.736913733184338,
  "summary_bg_n": 2463322.0,
  "summary_bg_p05": 0.0,
  "summary_bg_p95": 31.079606652259827,
  "summary_bg_stdv": 21.20954659391534,
  "summary_csf_k": 3.7947035985432915,
  "summary_csf_mad": 102.43920134276219,
  "summary_csf_mean": 318.7212995265883,
  "summary_csf_median": 308.87063036486506,
  "summary_csf_n": 60214.0,
  "summary_csf_p05": 132.1564853042364,
  "summary_csf_p95": 527.9443708956242,
  "summary_csf_stdv": 121.54428728913402,
  "summary_gm_k": 0.13224918245207684,
  "summary_gm_mad": 54.541611763014444,
  "summary_gm_mean": 745.3178982730137,
  "summary_gm_median": 746.0979914925992,
  "summary_gm_n": 40966.0,
  "summary_gm_p05": 652.2287189885974,
  "summary_gm_p95": 834.2676321845502,
  "summary_gm_stdv": 55.34817995987034,
  "summary_wm_k": 0.328612057265663,
  "summary_wm_mad": 55.27422257409708,
  "summary_wm_mean": 1004.5926278776966,
  "summary_wm_median": 1000.0340539589524,
  "summary_wm_n": 373712.0,
  "summary_wm_p05": 919.7791486233473,
  "summary_wm_p95": 1104.9277264103293,
  "summary_wm_stdv": 56.613566323503434,
  "tpm_overlap_csf": 0.1674842495542176,
  "tpm_overlap_gm": 0.44009897592205205,
  "tpm_overlap_wm": 0.5000843579874235,
  "wm2max": 0.5008151579485578
}