{
  "bids_meta": {
    "AcquisitionMatrixPE": 256,
    "AcquisitionNumber": 1,
    "AcquisitionTime": "12:15:30.697500",
    "BaseResolution": 256,
    "BodyPartExamined": "BRAIN",
    "ConsistencyInfo": "N4_VD13D_LATEST_20130810",
    "ConversionSoftware": "dcm2niix",
    "ConversionSoftwareVersion": "v1.0.20200331",
    "DeviceSerialNumber": "67003",
    "DwellTime": 9.8e-06,
    "EchoTime": 0.00221,
    "FlipAngle": 9,
    "ImageOrientationPatientDICOM": [
      0,
      1,
      0,
      0,
      0,
      -1
    ],
    "ImageType": [
      "ORIGINAL",
      "PRIMARY",
      "M",
      "NORM",
      "DIS3D",
      "DIS2D"
    ],
    "ImagingFrequency": 123.257,
    "InPlanePhaseEncodingDirectionDICOM": "ROW",
    "InstitutionAddress": "Oxfordlaan_55_Maastricht_Limburg_NL_6229_EV",
    "InstitutionName": "Brains_Unlimited",
    "InstitutionalDepartmentName": "Department",
    "InversionTime": 0.9,
    "MRAcquisitionType": "3D",
    "MagneticFieldStrength": 3,
    "Manufacturer": "Siemens",
    "ManufacturersModelName": "Prisma_fit",
    "Modality": "MR",
    "ParallelReductionFactorInPlane": 2,
    "PartialFourier": 0.875,
    "PatientPosition": "HFS",
    "PercentPhaseFOV": 100,
    "PercentSampling": 100,
    "PhaseEncodingSteps": 223,
    "PhaseResolution": 1,
    "PixelBandwidth": 200,
    "ProcedureStepDescription": "Stephanie_Rossit_object_reg",
    "ProtocolName": "MPRAGE_1iso_G2",
    "PulseSequenceDetails": "%SiemensSeq%_tfl",
    "ReceiveCoilActiveElements": "HC1-7;NC1",
    "ReceiveCoilName": "HeadNeck_64",
    "ReconMatrixPE": 256,
    "RefLinesPE": 48,
    "RepetitionTime": 2.25,
    "SAR": 0.0529899,
    "ScanOptions": "IR_PFP",
    "ScanningSequence": "GR_IR",
    "SequenceName": "_tfl3d1_16ns",
    "SequenceVariant": "SK_SP_MP",
    "SeriesDescription": "MPRAGE_1iso_G2",
    "SeriesNumber": 2,
    "ShimSetting": [
      2276,
      -11683,
      -2190,
      367,
      6,
      131,
      -29,
      28
    ],
    "SliceThickness": 1,
    "SoftwareVersions": "syngo_MR_D13D",
    "StationName": "MRCPRISMA",
    "TxRefAmp": 234.062,
    "dataset": "ds003342",
    "modality": "T1w",
    "session_id": "localiser",
    "subject_id": "ST28"
  },
  "cjv": 0.2975245618114157,
  "cnr": 4.570906773894583,
  "efc": 0.5240981498404719,
  "fber": -1.0,
  "fwhm_avg": 4.28446,
  "fwhm_x": 4.16922,
  "fwhm_y": 4.46276,
  "fwhm_z": 4.2214,
  "icvs_csf": 0.21787131213972716,
  "icvs_gm": 0.4512227091650448,
  "icvs_wm": 0.33090597869522803,
  "inu_med": 0.49077364802360535,
  "inu_range": 0.1689923256635666,
  "provenance": {
    "md5sum": "ebd36e85f426060f96c9246427cde465",
    "settings": {
      "testing": false
    },
    "software": "mriqc",
    "version": "22.0.6",
    "warnings": {
      "large_rot_frame": true,
      "small_air_mask": false
    },
    "webapi_port": null,
    "webapi_url": "https://mriqc.nimh.nih.gov/api/v1"
  },
  "qi_1": 0.0,
  "qi_2": 0.010547829534906709,
  "rpve_csf": 28.218651767036825,
  "rpve_gm": 14.509582983291327,
  "rpve_wm": 22.426426017367614,
  "size_x": 192,
  "size_y": 256,
  "size_z": 256,
  "snr_csf": 1.6928856009226216,
  "snr_gm": 10.897232561065472,
  "snr_total": 12.511010694327595,
  "snr_wm": 24.94291392099469,
  "snrd_csf": 21.775066860004628,
  "snrd_gm": 77.06077949354903,
  "snrd_total": 71.56133302457856,
  "snrd_wm": 115.848152720182,
  "spacing_x": 1.0,
  "spacing_y": 1.0,
  "spacing_z": 1.0,
  "summary_bg_k": 14.94365350940857,
  "summary_bg_mad": 0.0,
  "summary_bg_mean": 2.5280365770163837,
  "summary_bg_median": 0.0,
  "summary_bg_n": 2852840.0,
  "summary_bg_p05": 0.0,
  "summary_bg_p95": 11.190535128116608,
  "summary_bg_stdv": 5.655409221933723,
  "summary_csf_k": 0.7961971989859733,
  "summary_csf_mad": 115.99160825041034,
  "summary_csf_mean": 202.97146323776263,
  "summary_csf_median": 187.97141164541245,
  "summary_csf_n": 35321.0,
  "summary_csf_p05": 61.819079518318176,
  "summary_csf_p95": 409.16934609413147,
  "summary_csf_stdv": 111.03452626835744,
  "summary_gm_k": -0.07438738662683075,
  "summary_gm_mad": 61.54060122674575,
  "summary_gm_mean": 665.2833579195199,
  "summary_gm_median": 665.2206212282181,
  "summary_gm_n": 52855.0,
  "summary_gm_p05": 564.7522926330566,
  "summary_gm_p95": 765.2452722191811,
  "summary_gm_stdv": 61.04433621913975,
  "summary_wm_k": 0.4876235554892623,
  "summary_wm_mad": 38.07916061654933,
  "summary_wm_mean": 998.3409443192892,
  "summary_wm_median": 1000.0493198633194,
  "summary_wm_n": 170395.0,
  "summary_wm_p05": 929.5045807957649,
  "summary_wm_p95": 1060.931746661663,
  "summary_wm_stdv": 40.09340642891529,
  "tpm_overlap_csf": 0.1547644484066243,
  "tpm_overlap_gm": 0.48527501303944964,
  "tpm_overlap_wm": 0.5206667448275939,
  "wm2max": 0.38883671004964443
}