{
  "aor": 0.0015944382022471913,
  "aqi": 0.007670723651685392,
  "bids_meta": {
    "AcquisitionMatrixPE": 64,
    "AcquisitionNumber": 1,
    "AcquisitionTime": "14:09:0.000000",
    "BodyPartExamined": "BRAIN",
    "CoilString": "RM:HNU_FlexS",
    "ConversionSoftware": "dcm2niix",
    "ConversionSoftwareVersion": "v1.0.20200331",
    "DeviceSerialNumber": "00000070431MRS04",
    "EchoTime": 0.03,
    "EffectiveEchoSpacing": 0.000644,
    "FlipAngle": 78,
    "ImageOrientationPatientDICOM": [
      1,
      0,
      0,
      0,
      1,
      0
    ],
    "ImageType": [
      "ORIGINAL",
      "PRIMARY",
      "EPI",
      "NONE"
    ],
    "ImagingFrequency": 127.734,
    "InPlanePhaseEncodingDirectionDICOM": "COL",
    "InstitutionName": "N_and_N_University_Hospital",
    "MRAcquisitionType": "2D",
    "MagneticFieldStrength": 3,
    "Manufacturer": "GE",
    "ManufacturersModelName": "DISCOVERY_MR750w",
    "Modality": "MR",
    "PatientPosition": "HFS",
    "PercentPhaseFOV": 100,
    "PercentSampling": 100,
    "PhaseEncodingDirection": "j",
    "PhaseEncodingPolarityGE": "Flipped",
    "PixelBandwidth": 7812.5,
    "ProcedureStepDescription": "MRI_Head",
    "ProtocolName": "fMRI_3.3X3.3X3.3_NEW_180_volumes",
    "ReconMatrixPE": 64,
    "RepetitionTime": 2,
    "SAR": 0.0589292,
    "ScanOptions": "SAT_GEMS_EPI_GEMS_ACC_GEMS_FS",
    "ScanningSequence": "EP_GR",
    "SequenceVariant": "SS",
    "SeriesDescription": "fMRI_3.3X3.3X3.3_NEW_180_volumes",
    "SeriesNumber": 8,
    "SliceThickness": 3.3,
    "SliceTiming": [
      0,
      1.0285,
      0.0571001,
      1.0857,
      0.1142,
      1.1428,
      0.1714,
      1.2,
      0.2285,
      1.2571,
      0.2857,
      1.3143,
      0.3428,
      1.3714,
      0.4,
      1.4286,
      0.4571,
      1.4857,
      0.5142,
      1.5428,
      0.5714,
      1.6,
      0.6285,
      1.6571,
      0.6857,
      1.7143,
      0.7428,
      1.7714,
      0.8,
      1.8285,
      0.8571,
      1.8857,
      0.9143,
      1.9428,
      0.9714
    ],
    "SoftwareVersions": "27_LX_MR_Software_release:DV26.0_EA_1641.c",
    "SpacingBetweenSlices": 3.3,
    "StationName": "nnmr04",
    "TaskName": "grasp",
    "TotalReadoutTime": 0.040572,
    "dataset": "ds003342",
    "modality": "bold",
    "run_id": 3,
    "session_id": "action",
    "subject_id": "ST28",
    "task_id": "grasp"
  },
  "dummy_trs": 0,
  "dvars_nstd": 29.638779645593214,
  "dvars_std": 1.0419712234463279,
  "dvars_vstd": 1.0087076507344634,
  "efc": 0.48815149510328665,
  "fber": 3364.431396484375,
  "fd_mean": 0.13579196163736917,
  "fd_num": 34,
  "fd_perc": 19.10112359550562,
  "fwhm_avg": 2.5428506627631378,
  "fwhm_x": 2.562222061030209,
  "fwhm_y": 2.6600624555457357,
  "fwhm_z": 2.406267471713468,
  "gcor": 0.0280061,
  "gsr_x": 0.007378657814115286,
  "gsr_y": 0.017035579308867455,
  "provenance": {
    "md5sum": "a1b1d987e7c72927f3399782f2dc100e",
    "settings": {
      "fd_thres": 0.2,
      "testing": false
    },
    "software": "mriqc",
    "version": "22.0.6",
    "webapi_port": null,
    "webapi_url": "https://mriqc.nimh.nih.gov/api/v1"
  },
  "size_t": 178,
  "size_x": 64,
  "size_y": 64,
  "size_z": 35,
  "snr": 4.48832529400633,
  "spacing_tr": 2.0,
  "spacing_x": 3.2969000339508057,
  "spacing_y": 3.2969000339508057,
  "spacing_z": 3.3000030517578125,
  "summary_bg_k": 31.52733746506548,
  "summary_bg_mad": 24.437949817159762,
  "summary_bg_mean": 76.93099212646484,
  "summary_bg_median": 32.825843811035156,
  "summary_bg_n": 87520.0,
  "summary_bg_p05": 3.393258571624756,
  "summary_bg_p95": 282.89353027343753,
  "summary_bg_stdv": 154.63986206054688,
  "summary_fg_k": -0.20445054057224654,
  "summary_fg_mad": 446.33005002343674,
  "summary_fg_mean": 1928.72607421875,
  "summary_fg_median": 1900.7247314453125,
  "summary_fg_n": 24743.0,
  "summary_fg_p05": 1285.4966430664062,
  "summary_fg_p95": 2663.7961669921874,
  "summary_fg_stdv": 423.473388671875,
  "tsnr": 39.81291218230035
}