{
  "aor": 0.0009023595505617977,
  "aqi": 0.007749610280898877,
  "bids_meta": {
    "AcquisitionMatrixPE": 64,
    "AcquisitionNumber": 1,
    "AcquisitionTime": "14:18:46.000000",
    "BodyPartExamined": "BRAIN",
    "CoilString": "RM:HNU_FlexS",
    "ConversionSoftware": "dcm2niix",
    "ConversionSoftwareVersion": "v1.0.20200331",
    "DeviceSerialNumber": "00000070431MRS04",
    "EchoTime": 0.03,
    "EffectiveEchoSpacing": 0.000644,
    "FlipAngle": 78,
    "ImageOrientationPatientDICOM": [
      1,
      0,
      0,
      0,
      1,
      0
    ],
    "ImageType": [
      "ORIGINAL",
      "PRIMARY",
      "EPI",
      "NONE"
    ],
    "ImagingFrequency": 127.734,
    "InPlanePhaseEncodingDirectionDICOM": "COL",
    "InstitutionName": "N_and_N_University_Hospital",
    "MRAcquisitionType": "2D",
    "MagneticFieldStrength": 3,
    "Manufacturer": "GE",
    "ManufacturersModelName": "DISCOVERY_MR750w",
    "Modality": "MR",
    "PatientPosition": "HFS",
    "PercentPhaseFOV": 100,
    "PercentSampling": 100,
    "PhaseEncodingDirection": "j",
    "PhaseEncodingPolarityGE": "Flipped",
    "PixelBandwidth": 7812.5,
    "ProcedureStepDescription": "MRI_Head",
    "ProtocolName": "fMRI_3.3X3.3X3.3_NEW_180_volumes",
    "ReconMatrixPE": 64,
    "RepetitionTime": 2,
    "SAR": 0.0589292,
    "ScanOptions": "SAT_GEMS_EPI_GEMS_ACC_GEMS_FS",
    "ScanningSequence": "EP_GR",
    "SequenceVariant": "SS",
    "SeriesDescription": "fMRI_3.3X3.3X3.3_NEW_180_volumes",
    "SeriesNumber": 9,
    "SliceThickness": 3.3,
    "SliceTiming": [
      0,
      1.0285,
      0.0571001,
      1.0857,
      0.1142,
      1.1428,
      0.1714,
      1.2,
      0.2285,
      1.2571,
      0.2857,
      1.3143,
      0.3428,
      1.3714,
      0.4,
      1.4286,
      0.4571,
      1.4857,
      0.5142,
      1.5428,
      0.5714,
      1.6,
      0.6285,
      1.6571,
      0.6857,
      1.7143,
      0.7428,
      1.7714,
      0.8,
      1.8285,
      0.8571,
      1.8857,
      0.9143,
      1.9428,
      0.9714
    ],
    "SoftwareVersions": "27_LX_MR_Software_release:DV26.0_EA_1641.c",
    "SpacingBetweenSlices": 3.3,
    "StationName": "nnmr04",
    "TaskName": "grasp",
    "TotalReadoutTime": 0.040572,
    "dataset": "ds003342",
    "modality": "bold",
    "run_id": 4,
    "session_id": "action",
    "subject_id": "ST28",
    "task_id": "grasp"
  },
  "dummy_trs": 0,
  "dvars_nstd": 29.80109951836157,
  "dvars_std": 1.0352871386440674,
  "dvars_vstd": 1.0004669429378528,
  "efc": 0.4879641335384791,
  "fber": 3364.349609375,
  "fd_mean": 0.13610057109913,
  "fd_num": 40,
  "fd_perc": 22.471910112359552,
  "fwhm_avg": 2.535942486584162,
  "fwhm_x": 2.545457828135417,
  "fwhm_y": 2.6700566924533424,
  "fwhm_z": 2.392312939163727,
  "gcor": 0.0369241,
  "gsr_x": 0.007204320281744003,
  "gsr_y": 0.018536586314439774,
  "provenance": {
    "md5sum": "d2be700dad8eca93eb70e24594ed7276",
    "settings": {
      "fd_thres": 0.2,
      "testing": false
    },
    "software": "mriqc",
    "version": "22.0.6",
    "webapi_port": null,
    "webapi_url": "https://mriqc.nimh.nih.gov/api/v1"
  },
  "size_t": 178,
  "size_x": 64,
  "size_y": 64,
  "size_z": 35,
  "snr": 4.499125443275124,
  "spacing_tr": 2.0,
  "spacing_x": 3.2969000339508057,
  "spacing_y": 3.2969000339508057,
  "spacing_z": 3.3000030517578125,
  "summary_bg_k": 31.29137911915076,
  "summary_bg_mad": 24.32967184980865,
  "summary_bg_mean": 76.45040893554688,
  "summary_bg_median": 32.808990478515625,
  "summary_bg_n": 87558.0,
  "summary_bg_p05": 3.2407303810119648,
  "summary_bg_p95": 281.2494430541987,
  "summary_bg_stdv": 152.7845916748047,
  "summary_fg_k": -0.17145887124553116,
  "summary_fg_mad": 441.5655253646991,
  "summary_fg_mean": 1924.3892822265625,
  "summary_fg_median": 1896.6292724609375,
  "summary_fg_n": 24801.0,
  "summary_fg_p05": 1283.3089599609375,
  "summary_fg_p95": 2659.028076171875,
  "summary_fg_stdv": 421.5466003417969,
  "tsnr": 39.69846084632445
}