{
  "aor": 0.0004854444444444444,
  "aqi": 0.006434867055555555,
  "bids_meta": {
    "AcquisitionMatrixPE": 64,
    "AcquisitionNumber": 1,
    "AcquisitionTime": "13:52:27.000000",
    "BodyPartExamined": "BRAIN",
    "CoilString": "RM:HNU_FlexS",
    "ConversionSoftware": "dcm2niix",
    "ConversionSoftwareVersion": "v1.0.20200331",
    "DeviceSerialNumber": "00000070431MRS04",
    "EchoTime": 0.03,
    "EffectiveEchoSpacing": 0.000644,
    "FlipAngle": 78,
    "ImageOrientationPatientDICOM": [
      1,
      0,
      0,
      0,
      1,
      0
    ],
    "ImageType": [
      "ORIGINAL",
      "PRIMARY",
      "EPI",
      "NONE"
    ],
    "ImagingFrequency": 127.734,
    "InPlanePhaseEncodingDirectionDICOM": "COL",
    "InstitutionName": "N_and_N_University_Hospital",
    "MRAcquisitionType": "2D",
    "MagneticFieldStrength": 3,
    "Manufacturer": "GE",
    "ManufacturersModelName": "DISCOVERY_MR750w",
    "Modality": "MR",
    "PatientPosition": "HFS",
    "PercentPhaseFOV": 100,
    "PercentSampling": 100,
    "PhaseEncodingDirection": "j",
    "PhaseEncodingPolarityGE": "Flipped",
    "PixelBandwidth": 7812.5,
    "ProcedureStepDescription": "MRI_Head",
    "ProtocolName": "fMRI_3.3X3.3X3.3_NEW_180_volumes",
    "ReconMatrixPE": 64,
    "RepetitionTime": 2,
    "SAR": 0.0589292,
    "ScanOptions": "SAT_GEMS_EPI_GEMS_ACC_GEMS_FS",
    "ScanningSequence": "EP_GR",
    "SequenceVariant": "SS",
    "SeriesDescription": "fMRI_3.3X3.3X3.3_NEW_180_volumes",
    "SeriesNumber": 6,
    "SliceThickness": 3.3,
    "SliceTiming": [
      0,
      1.0285,
      0.0571001,
      1.0857,
      0.1142,
      1.1428,
      0.1714,
      1.2,
      0.2285,
      1.2571,
      0.2857,
      1.3143,
      0.3428,
      1.3714,
      0.4,
      1.4286,
      0.4571,
      1.4857,
      0.5142,
      1.5428,
      0.5714,
      1.6,
      0.6285,
      1.6571,
      0.6857,
      1.7143,
      0.7428,
      1.7714,
      0.8,
      1.8285,
      0.8571,
      1.8857,
      0.9143,
      1.9428,
      0.9714
    ],
    "SoftwareVersions": "27_LX_MR_Software_release:DV26.0_EA_1641.c",
    "SpacingBetweenSlices": 3.3,
    "StationName": "nnmr04",
    "TaskName": "grasp",
    "TotalReadoutTime": 0.040572,
    "dataset": "ds003342",
    "modality": "bold",
    "run_id": 1,
    "session_id": "action",
    "subject_id": "ST28",
    "task_id": "grasp"
  },
  "dummy_trs": 0,
  "dvars_nstd": 29.404707051229042,
  "dvars_std": 1.0046455450837986,
  "dvars_vstd": 0.984561754636871,
  "efc": 0.48930347003450314,
  "fber": 3239.842529296875,
  "fd_mean": 0.18348118678227254,
  "fd_num": 61,
  "fd_perc": 33.888888888888886,
  "fwhm_avg": 2.495815018269509,
  "fwhm_x": 2.4923746293129527,
  "fwhm_y": 2.587045379649891,
  "fwhm_z": 2.4080250458456827,
  "gcor": 0.0234771,
  "gsr_x": 0.00795183889567852,
  "gsr_y": 0.017878178507089615,
  "provenance": {
    "md5sum": "44e163dcb4fd6b000ed87c34819bb600",
    "settings": {
      "fd_thres": 0.2,
      "testing": false
    },
    "software": "mriqc",
    "version": "22.0.6",
    "webapi_port": null,
    "webapi_url": "https://mriqc.nimh.nih.gov/api/v1"
  },
  "size_t": 180,
  "size_x": 64,
  "size_y": 64,
  "size_z": 35,
  "snr": 4.7037517440085495,
  "spacing_tr": 2.0,
  "spacing_x": 3.2969000339508057,
  "spacing_y": 3.2969000339508057,
  "spacing_z": 3.3000030517578125,
  "summary_bg_k": 32.2090884717959,
  "summary_bg_mad": 24.45058460321682,
  "summary_bg_mean": 75.72500610351562,
  "summary_bg_median": 33.025001525878906,
  "summary_bg_n": 87446.0,
  "summary_bg_p05": 2.6611111164093018,
  "summary_bg_p95": 282.0833435058594,
  "summary_bg_stdv": 152.96746826171875,
  "summary_fg_k": -0.19732507014542566,
  "summary_fg_mad": 422.6321231321596,
  "summary_fg_mean": 1912.8892822265625,
  "summary_fg_median": 1886.45556640625,
  "summary_fg_n": 24855.0,
  "summary_fg_p05": 1303.9938720703126,
  "summary_fg_p95": 2607.3461425781243,
  "summary_fg_stdv": 401.0453186035156,
  "tsnr": 41.62911294528749
}