{
  "aor": 0.0006560674157303372,
  "aqi": 0.0053693944382022475,
  "bids_meta": {
    "AcquisitionMatrixPE": 64,
    "AcquisitionNumber": 1,
    "AcquisitionTime": "14:01:7.000000",
    "BodyPartExamined": "BRAIN",
    "CoilString": "RM:HNU_FlexS",
    "ConversionSoftware": "dcm2niix",
    "ConversionSoftwareVersion": "v1.0.20200331",
    "DeviceSerialNumber": "00000070431MRS04",
    "EchoTime": 0.03,
    "EffectiveEchoSpacing": 0.000644,
    "FlipAngle": 78,
    "ImageOrientationPatientDICOM": [
      1,
      0,
      0,
      0,
      1,
      0
    ],
    "ImageType": [
      "ORIGINAL",
      "PRIMARY",
      "EPI",
      "NONE"
    ],
    "ImagingFrequency": 127.734,
    "InPlanePhaseEncodingDirectionDICOM": "COL",
    "InstitutionName": "N_and_N_University_Hospital",
    "MRAcquisitionType": "2D",
    "MagneticFieldStrength": 3,
    "Manufacturer": "GE",
    "ManufacturersModelName": "DISCOVERY_MR750w",
    "Modality": "MR",
    "PatientPosition": "HFS",
    "PercentPhaseFOV": 100,
    "PercentSampling": 100,
    "PhaseEncodingDirection": "j",
    "PhaseEncodingPolarityGE": "Flipped",
    "PixelBandwidth": 7812.5,
    "ProcedureStepDescription": "MRI_Head",
    "ProtocolName": "fMRI_3.3X3.3X3.3_NEW_180_volumes",
    "ReconMatrixPE": 64,
    "RepetitionTime": 2,
    "SAR": 0.0589292,
    "ScanOptions": "SAT_GEMS_EPI_GEMS_ACC_GEMS_FS",
    "ScanningSequence": "EP_GR",
    "SequenceVariant": "SS",
    "SeriesDescription": "fMRI_3.3X3.3X3.3_NEW_180_volumes",
    "SeriesNumber": 7,
    "SliceThickness": 3.3,
    "SliceTiming": [
      0,
      1.0285,
      0.0571001,
      1.0857,
      0.1142,
      1.1428,
      0.1714,
      1.2,
      0.2285,
      1.2571,
      0.2857,
      1.3143,
      0.3428,
      1.3714,
      0.4,
      1.4286,
      0.4571,
      1.4857,
      0.5142,
      1.5428,
      0.5714,
      1.6,
      0.6285,
      1.6571,
      0.6857,
      1.7143,
      0.7428,
      1.7714,
      0.8,
      1.8285,
      0.8571,
      1.8857,
      0.9143,
      1.9428,
      0.9714
    ],
    "SoftwareVersions": "27_LX_MR_Software_release:DV26.0_EA_1641.c",
    "SpacingBetweenSlices": 3.3,
    "StationName": "nnmr04",
    "TaskName": "grasp",
    "TotalReadoutTime": 0.040572,
    "dataset": "ds003342",
    "modality": "bold",
    "run_id": 2,
    "session_id": "action",
    "subject_id": "ST28",
    "task_id": "grasp"
  },
  "dummy_trs": 0,
  "dvars_nstd": 28.729309642033893,
  "dvars_std": 1.0309692020903958,
  "dvars_vstd": 1.0097692847457627,
  "efc": 0.48821536095842105,
  "fber": 3292.546142578125,
  "fd_mean": 0.1423685991903193,
  "fd_num": 34,
  "fd_perc": 19.10112359550562,
  "fwhm_avg": 2.539825147652424,
  "fwhm_x": 2.5558039107126085,
  "fwhm_y": 2.63985256161087,
  "fwhm_z": 2.423818970633794,
  "gcor": 0.0194242,
  "gsr_x": 0.007940013892948627,
  "gsr_y": 0.016557853668928146,
  "provenance": {
    "md5sum": "64f011edc04927160edff43fec3ddc1e",
    "settings": {
      "fd_thres": 0.2,
      "testing": false
    },
    "software": "mriqc",
    "version": "22.0.6",
    "webapi_port": null,
    "webapi_url": "https://mriqc.nimh.nih.gov/api/v1"
  },
  "size_t": 178,
  "size_x": 64,
  "size_y": 64,
  "size_z": 35,
  "snr": 4.511337011065757,
  "spacing_tr": 2.0,
  "spacing_x": 3.2969000339508057,
  "spacing_y": 3.2969000339508057,
  "spacing_z": 3.3000030517578125,
  "summary_bg_k": 31.943370253325313,
  "summary_bg_mad": 24.142262454920687,
  "summary_bg_mean": 76.30582427978516,
  "summary_bg_median": 32.55337142944336,
  "summary_bg_n": 87604.0,
  "summary_bg_p05": 2.730337142944336,
  "summary_bg_p95": 283.92611999511615,
  "summary_bg_stdv": 154.76486206054688,
  "summary_fg_k": -0.17028927419809925,
  "summary_fg_mad": 434.26924747907253,
  "summary_fg_mean": 1904.0274658203125,
  "summary_fg_median": 1872.2078857421875,
  "summary_fg_n": 24727.0,
  "summary_fg_p05": 1277.3983642578125,
  "summary_fg_p95": 2632.068505859375,
  "summary_fg_stdv": 414.9922790527344,
  "tsnr": 43.43647046829574
}