{
  "aor": 0.0005859550561797753,
  "aqi": 0.00557132106741573,
  "bids_meta": {
    "AcquisitionMatrixPE": 64,
    "AcquisitionNumber": 1,
    "AcquisitionTime": "14:44:15.000000",
    "BodyPartExamined": "BRAIN",
    "CoilString": "RM:HNU_FlexS",
    "ConversionSoftware": "dcm2niix",
    "ConversionSoftwareVersion": "v1.0.20200331",
    "DeviceSerialNumber": "00000070431MRS04",
    "EchoTime": 0.03,
    "EffectiveEchoSpacing": 0.000644,
    "FlipAngle": 78,
    "ImageOrientationPatientDICOM": [
      1,
      0,
      0,
      0,
      1,
      0
    ],
    "ImageType": [
      "ORIGINAL",
      "PRIMARY",
      "EPI",
      "NONE"
    ],
    "ImagingFrequency": 127.734,
    "InPlanePhaseEncodingDirectionDICOM": "COL",
    "InstitutionName": "N_and_N_University_Hospital",
    "MRAcquisitionType": "2D",
    "MagneticFieldStrength": 3,
    "Manufacturer": "GE",
    "ManufacturersModelName": "DISCOVERY_MR750w",
    "Modality": "MR",
    "PatientPosition": "HFS",
    "PercentPhaseFOV": 100,
    "PercentSampling": 100,
    "PhaseEncodingDirection": "j",
    "PhaseEncodingPolarityGE": "Flipped",
    "PixelBandwidth": 7812.5,
    "ProcedureStepDescription": "MRI_Head",
    "ProtocolName": "fMRI_3.3X3.3X3.3_NEW_180_volumes",
    "ReconMatrixPE": 64,
    "RepetitionTime": 2,
    "SAR": 0.0589292,
    "ScanOptions": "SAT_GEMS_EPI_GEMS_ACC_GEMS_FS",
    "ScanningSequence": "EP_GR",
    "SequenceVariant": "SS",
    "SeriesDescription": "fMRI_3.3X3.3X3.3_NEW_180_volumes",
    "SeriesNumber": 12,
    "SliceThickness": 3.3,
    "SliceTiming": [
      0,
      1.0285,
      0.0571001,
      1.0857,
      0.1142,
      1.1428,
      0.1714,
      1.2,
      0.2285,
      1.2571,
      0.2857,
      1.3143,
      0.3428,
      1.3714,
      0.4,
      1.4286,
      0.4571,
      1.4857,
      0.5142,
      1.5428,
      0.5714,
      1.6,
      0.6285,
      1.6571,
      0.6857,
      1.7143,
      0.7428,
      1.7714,
      0.8,
      1.8285,
      0.8571,
      1.8857,
      0.9143,
      1.9428,
      0.9714
    ],
    "SoftwareVersions": "27_LX_MR_Software_release:DV26.0_EA_1641.c",
    "SpacingBetweenSlices": 3.3,
    "StationName": "nnmr04",
    "TaskName": "grasp",
    "TotalReadoutTime": 0.040572,
    "dataset": "ds003342",
    "modality": "bold",
    "run_id": 7,
    "session_id": "action",
    "subject_id": "ST28",
    "task_id": "grasp"
  },
  "dummy_trs": 0,
  "dvars_nstd": 29.092179303559316,
  "dvars_std": 1.0289180051412425,
  "dvars_vstd": 1.0051057244632768,
  "efc": 0.48699669617167307,
  "fber": 3268.501220703125,
  "fd_mean": 0.1405760327641339,
  "fd_num": 40,
  "fd_perc": 22.471910112359552,
  "fwhm_avg": 2.5505432544531232,
  "fwhm_x": 2.5498255674819887,
  "fwhm_y": 2.648845858251554,
  "fwhm_z": 2.452958337625827,
  "gcor": 0.0431725,
  "gsr_x": 0.006687671411782503,
  "gsr_y": 0.019460029900074005,
  "provenance": {
    "md5sum": "7e422e33613648ec4405958e64d8d80a",
    "settings": {
      "fd_thres": 0.2,
      "testing": false
    },
    "software": "mriqc",
    "version": "22.0.6",
    "webapi_port": null,
    "webapi_url": "https://mriqc.nimh.nih.gov/api/v1"
  },
  "size_t": 178,
  "size_x": 64,
  "size_y": 64,
  "size_z": 35,
  "snr": 4.475351635074374,
  "spacing_tr": 2.0,
  "spacing_x": 3.2969000339508057,
  "spacing_y": 3.2969000339508057,
  "spacing_z": 3.3000030517578125,
  "summary_bg_k": 31.79375143155557,
  "summary_bg_mad": 24.42961900253933,
  "summary_bg_mean": 74.9466781616211,
  "summary_bg_median": 32.797752380371094,
  "summary_bg_n": 87760.0,
  "summary_bg_p05": 2.7528090476989746,
  "summary_bg_p95": 277.81067657470714,
  "summary_bg_stdv": 147.54579162597656,
  "summary_fg_k": -0.2740708735254356,
  "summary_fg_mad": 443.08142821897195,
  "summary_fg_mean": 1902.5615234375,
  "summary_fg_median": 1878.8314208984375,
  "summary_fg_n": 24707.0,
  "summary_fg_p05": 1253.1663330078125,
  "summary_fg_p95": 2627.283251953125,
  "summary_fg_stdv": 419.8091125488281,
  "tsnr": 42.397974749910645
}