{
  "aor": 0.0006758035714285714,
  "aqi": 0.0018364792857142856,
  "bids_meta": {
    "AcquisitionMatrixPE": 72,
    "AcquisitionNumber": 1,
    "AcquisitionTime": "13:15:48.202500",
    "BandwidthPerPixelPhaseEncode": 56.689,
    "BaseResolution": 72,
    "BodyPartExamined": "BRAIN",
    "ConsistencyInfo": "N4_VD13D_LATEST_20130810",
    "ConversionSoftware": "dcm2niix",
    "ConversionSoftwareVersion": "v1.0.20200331",
    "DerivedVendorReportedEchoSpacing": 0.000490003,
    "DeviceSerialNumber": "67003",
    "DwellTime": 2.8e-06,
    "EchoTime": 0.03,
    "EchoTrainLength": 36,
    "EffectiveEchoSpacing": 0.000245001,
    "FlipAngle": 77,
    "ImageOrientationPatientDICOM": [
      1,
      0,
      0,
      0,
      0.993768,
      -0.111469
    ],
    "ImageType": [
      "ORIGINAL",
      "PRIMARY",
      "M",
      "ND",
      "MOSAIC"
    ],
    "ImagingFrequency": 123.257,
    "InPlanePhaseEncodingDirectionDICOM": "COL",
    "InstitutionAddress": "Oxfordlaan_55_Maastricht_Limburg_NL_6229_EV",
    "InstitutionName": "Brains_Unlimited",
    "InstitutionalDepartmentName": "Department",
    "MRAcquisitionType": "2D",
    "MagneticFieldStrength": 3,
    "Manufacturer": "Siemens",
    "ManufacturersModelName": "Prisma_fit",
    "Modality": "MR",
    "ParallelReductionFactorInPlane": 2,
    "PartialFourier": 1,
    "PatientPosition": "HFS",
    "PercentPhaseFOV": 100,
    "PercentSampling": 100,
    "PhaseEncodingDirection": "j-",
    "PhaseEncodingSteps": 72,
    "PhaseResolution": 1,
    "PixelBandwidth": 2480,
    "ProcedureStepDescription": "Stephanie_Rossit_object_reg",
    "ProtocolName": "ep2d_3iso_matrix72_ipat2_localizer",
    "PulseSequenceDetails": "%SiemensSeq%_ep2d_bold",
    "ReceiveCoilActiveElements": "HC1-7",
    "ReceiveCoilName": "HeadNeck_64",
    "ReconMatrixPE": 72,
    "RefLinesPE": 36,
    "RepetitionTime": 2,
    "SAR": 0.0768569,
    "ScanOptions": "FS",
    "ScanningSequence": "EP",
    "SequenceName": "_epfid2d1_72",
    "SequenceVariant": "SK",
    "SeriesDescription": "ep2d_3iso_matrix72_ipat2_localizer",
    "SeriesNumber": 11,
    "ShimSetting": [
      2275,
      -11684,
      -2190,
      371,
      2,
      131,
      -31,
      23
    ],
    "SliceThickness": 3,
    "SliceTiming": [
      0,
      1.02,
      0.0575,
      1.075,
      0.1125,
      1.1325,
      0.17,
      1.1875,
      0.2275,
      1.245,
      0.2825,
      1.3025,
      0.34,
      1.3575,
      0.3975,
      1.415,
      0.4525,
      1.4725,
      0.51,
      1.5275,
      0.5675,
      1.585,
      0.6225,
      1.64,
      0.68,
      1.6975,
      0.735,
      1.755,
      0.7925,
      1.81,
      0.85,
      1.8675,
      0.905,
      1.925,
      0.9625
    ],
    "SoftwareVersions": "syngo_MR_D13D",
    "SpacingBetweenSlices": 3,
    "StationName": "MRCPRISMA",
    "TaskName": "localiser",
    "TotalReadoutTime": 0.0173951,
    "TxRefAmp": 234.062,
    "dataset": "ds003342",
    "modality": "bold",
    "run_id": 1,
    "session_id": "localiser",
    "subject_id": "ST28",
    "task_id": "localiser"
  },
  "dummy_trs": 0,
  "dvars_nstd": 22.781978983363224,
  "dvars_std": 1.1132669753811657,
  "dvars_vstd": 1.0026962081165922,
  "efc": 0.5610761209521128,
  "fber": 299.7663269042969,
  "fd_mean": 0.0639913742271306,
  "fd_num": 4,
  "fd_perc": 1.7857142857142858,
  "fwhm_avg": 2.6270577777777775,
  "fwhm_x": 2.4568066666666666,
  "fwhm_y": 2.714783333333333,
  "fwhm_z": 2.7095833333333332,
  "gcor": 0.0174758,
  "gsr_x": 0.0029072093311697245,
  "gsr_y": 0.04497598484158516,
  "provenance": {
    "md5sum": "1a53d0eeabecb7b4459e6f360d9f719f",
    "settings": {
      "fd_thres": 0.2,
      "testing": false
    },
    "software": "mriqc",
    "version": "22.0.6",
    "webapi_port": null,
    "webapi_url": "https://mriqc.nimh.nih.gov/api/v1"
  },
  "size_t": 224,
  "size_x": 72,
  "size_y": 72,
  "size_z": 35,
  "snr": 2.7915417949862014,
  "spacing_tr": 2.0,
  "spacing_x": 3.0,
  "spacing_y": 3.0,
  "spacing_z": 3.0,
  "summary_bg_k": 29.652730046401523,
  "summary_bg_mad": 6.969554986911228,
  "summary_bg_mean": 74.0316390991211,
  "summary_bg_median": 39.66518020629883,
  "summary_bg_n": 111022.0,
  "summary_bg_p05": 34.29018020629883,
  "summary_bg_p95": 244.1553718566894,
  "summary_bg_stdv": 101.04216003417969,
  "summary_fg_k": 0.8031711939475228,
  "summary_fg_mad": 233.25828482921693,
  "summary_fg_mean": 732.1622924804688,
  "summary_fg_median": 689.2500610351562,
  "summary_fg_n": 33969.0,
  "summary_fg_p05": 407.09197998046875,
  "summary_fg_p95": 1201.9687988281248,
  "summary_fg_stdv": 246.9029541015625,
  "tsnr": 73.14515715197194
}