{
  "aor": 0.0011204519774011298,
  "aqi": 0.01038953757062147,
  "bids_meta": {
    "AcquisitionMatrixPE": 64,
    "AcquisitionNumber": 1,
    "AcquisitionTime": "11:41:6.000000",
    "BodyPartExamined": "BRAIN",
    "CoilString": "RM:HNU_FlexS",
    "ConversionSoftware": "dcm2niix",
    "ConversionSoftwareVersion": "v1.0.20200331",
    "DeviceSerialNumber": "00000070431MRS04",
    "EchoTime": 0.03,
    "EffectiveEchoSpacing": 0.000644,
    "FlipAngle": 78,
    "ImageOrientationPatientDICOM": [
      1,
      0,
      0,
      0,
      1,
      0
    ],
    "ImageType": [
      "ORIGINAL",
      "PRIMARY",
      "EPI",
      "NONE"
    ],
    "ImagingFrequency": 127.734,
    "InPlanePhaseEncodingDirectionDICOM": "COL",
    "InstitutionName": "N_and_N_University_Hospital",
    "MRAcquisitionType": "2D",
    "MagneticFieldStrength": 3,
    "Manufacturer": "GE",
    "ManufacturersModelName": "DISCOVERY_MR750w",
    "Modality": "MR",
    "PatientPosition": "HFS",
    "PercentPhaseFOV": 100,
    "PercentSampling": 100,
    "PhaseEncodingDirection": "j",
    "PhaseEncodingPolarityGE": "Flipped",
    "PixelBandwidth": 7812.5,
    "ProcedureStepDescription": "MRI_Head",
    "ProtocolName": "fMRI_3.3X3.3X3.3_NEW_180_volumes",
    "ReconMatrixPE": 64,
    "RepetitionTime": 2,
    "SAR": 0.0568953,
    "ScanOptions": "SAT_GEMS_EPI_GEMS_ACC_GEMS_FS",
    "ScanningSequence": "EP_GR",
    "SequenceVariant": "SS",
    "SeriesDescription": "fMRI_3.3X3.3X3.3_NEW_180_volumes",
    "SeriesNumber": 7,
    "SliceThickness": 3.3,
    "SliceTiming": [
      0,
      1.0285,
      0.0571001,
      1.0857,
      0.1142,
      1.1428,
      0.1714,
      1.2,
      0.2285,
      1.2571,
      0.2857,
      1.3143,
      0.3428,
      1.3714,
      0.4,
      1.4286,
      0.4571,
      1.4857,
      0.5142,
      1.5428,
      0.5714,
      1.6,
      0.6285,
      1.6571,
      0.6857,
      1.7143,
      0.7428,
      1.7714,
      0.8,
      1.8285,
      0.8571,
      1.8857,
      0.9143,
      1.9428,
      0.9714
    ],
    "SoftwareVersions": "27_LX_MR_Software_release:DV26.0_EB_1706.a",
    "SpacingBetweenSlices": 3.3,
    "StationName": "nnmr04",
    "TaskName": "grasp",
    "TotalReadoutTime": 0.040572,
    "dataset": "ds003342",
    "modality": "bold",
    "run_id": 3,
    "session_id": "action",
    "subject_id": "QP18",
    "task_id": "grasp"
  },
  "dummy_trs": 1,
  "dvars_nstd": 36.93805254607955,
  "dvars_std": 1.015092999090909,
  "dvars_vstd": 1.0041103637499993,
  "efc": 0.5027473411556913,
  "fber": 2415.910400390625,
  "fd_mean": 0.23247325136865127,
  "fd_num": 74,
  "fd_perc": 41.80790960451977,
  "fwhm_avg": 2.6387505452941977,
  "fwhm_x": 2.668955658159727,
  "fwhm_y": 2.7564257048794705,
  "fwhm_z": 2.490870272843395,
  "gcor": 0.0118679,
  "gsr_x": -0.0015191023703664541,
  "gsr_y": 0.017614692449569702,
  "provenance": {
    "md5sum": "86ab2c7d08f3b467851d2bf42f95ec0b",
    "settings": {
      "fd_thres": 0.2,
      "testing": false
    },
    "software": "mriqc",
    "version": "22.0.6",
    "webapi_port": null,
    "webapi_url": "https://mriqc.nimh.nih.gov/api/v1"
  },
  "size_t": 177,
  "size_x": 64,
  "size_y": 64,
  "size_z": 35,
  "snr": 4.588710921687082,
  "spacing_tr": 2.0,
  "spacing_x": 3.2969000339508057,
  "spacing_y": 3.2969000339508057,
  "spacing_z": 3.299999237060547,
  "summary_bg_k": 85.76780637011227,
  "summary_bg_mad": 15.563135264284089,
  "summary_bg_mean": 45.74022674560547,
  "summary_bg_median": 31.610170364379883,
  "summary_bg_n": 83463.0,
  "summary_bg_p05": 5.570621490478516,
  "summary_bg_p95": 121.91525268554688,
  "summary_bg_stdv": 66.12895202636719,
  "summary_fg_k": 0.3068742205442043,
  "summary_fg_mad": 348.2440227705417,
  "summary_fg_mean": 1611.1141357421875,
  "summary_fg_median": 1577.861572265625,
  "summary_fg_n": 28346.0,
  "summary_fg_p05": 1112.3206176757812,
  "summary_fg_p95": 2223.7020263671875,
  "summary_fg_stdv": 343.8511962890625,
  "tsnr": 34.77845057146624
}