{
  "aor": 0.0009004494382022473,
  "aqi": 0.010386924438202246,
  "bids_meta": {
    "AcquisitionMatrixPE": 64,
    "AcquisitionNumber": 1,
    "AcquisitionTime": "11:33:24.000000",
    "BodyPartExamined": "BRAIN",
    "CoilString": "RM:HNU_FlexS",
    "ConversionSoftware": "dcm2niix",
    "ConversionSoftwareVersion": "v1.0.20200331",
    "DeviceSerialNumber": "00000070431MRS04",
    "EchoTime": 0.03,
    "EffectiveEchoSpacing": 0.000644,
    "FlipAngle": 78,
    "ImageOrientationPatientDICOM": [
      1,
      0,
      0,
      0,
      1,
      0
    ],
    "ImageType": [
      "ORIGINAL",
      "PRIMARY",
      "EPI",
      "NONE"
    ],
    "ImagingFrequency": 127.734,
    "InPlanePhaseEncodingDirectionDICOM": "COL",
    "InstitutionName": "N_and_N_University_Hospital",
    "MRAcquisitionType": "2D",
    "MagneticFieldStrength": 3,
    "Manufacturer": "GE",
    "ManufacturersModelName": "DISCOVERY_MR750w",
    "Modality": "MR",
    "PatientPosition": "HFS",
    "PercentPhaseFOV": 100,
    "PercentSampling": 100,
    "PhaseEncodingDirection": "j",
    "PhaseEncodingPolarityGE": "Flipped",
    "PixelBandwidth": 7812.5,
    "ProcedureStepDescription": "MRI_Head",
    "ProtocolName": "fMRI_3.3X3.3X3.3_NEW_180_volumes",
    "ReconMatrixPE": 64,
    "RepetitionTime": 2,
    "SAR": 0.0568953,
    "ScanOptions": "SAT_GEMS_EPI_GEMS_ACC_GEMS_FS",
    "ScanningSequence": "EP_GR",
    "SequenceVariant": "SS",
    "SeriesDescription": "fMRI_3.3X3.3X3.3_NEW_180_volumes",
    "SeriesNumber": 6,
    "SliceThickness": 3.3,
    "SliceTiming": [
      0,
      1.0285,
      0.0571001,
      1.0857,
      0.1142,
      1.1428,
      0.1714,
      1.2,
      0.2285,
      1.2571,
      0.2857,
      1.3143,
      0.3428,
      1.3714,
      0.4,
      1.4286,
      0.4571,
      1.4857,
      0.5142,
      1.5428,
      0.5714,
      1.6,
      0.6285,
      1.6571,
      0.6857,
      1.7143,
      0.7428,
      1.7714,
      0.8,
      1.8285,
      0.8571,
      1.8857,
      0.9143,
      1.9428,
      0.9714
    ],
    "SoftwareVersions": "27_LX_MR_Software_release:DV26.0_EB_1706.a",
    "SpacingBetweenSlices": 3.3,
    "StationName": "nnmr04",
    "TaskName": "grasp",
    "TotalReadoutTime": 0.040572,
    "dataset": "ds003342",
    "modality": "bold",
    "run_id": 2,
    "session_id": "action",
    "subject_id": "QP18",
    "task_id": "grasp"
  },
  "dummy_trs": 0,
  "dvars_nstd": 37.63381326553673,
  "dvars_std": 1.016066599265536,
  "dvars_vstd": 1.00477660559322,
  "efc": 0.5008674801221226,
  "fber": 2380.418212890625,
  "fd_mean": 0.2534091380044842,
  "fd_num": 84,
  "fd_perc": 47.19101123595506,
  "fwhm_avg": 2.7141920638770785,
  "fwhm_x": 2.759243503388474,
  "fwhm_y": 2.8600139230489927,
  "fwhm_z": 2.5233187651937694,
  "gcor": 0.0162763,
  "gsr_x": -0.002223092596977949,
  "gsr_y": 0.017660029232501984,
  "provenance": {
    "md5sum": "f958d92c26d98dcfe3a9963838f7de25",
    "settings": {
      "fd_thres": 0.2,
      "testing": false
    },
    "software": "mriqc",
    "version": "22.0.6",
    "webapi_port": null,
    "webapi_url": "https://mriqc.nimh.nih.gov/api/v1"
  },
  "size_t": 178,
  "size_x": 64,
  "size_y": 64,
  "size_z": 35,
  "snr": 4.411371830344529,
  "spacing_tr": 2.0,
  "spacing_x": 3.2969000339508057,
  "spacing_y": 3.2969000339508057,
  "spacing_z": 3.299999237060547,
  "summary_bg_k": 84.25231375147597,
  "summary_bg_mad": 15.808871672872343,
  "summary_bg_mean": 46.467308044433594,
  "summary_bg_median": 31.904495239257812,
  "summary_bg_n": 83774.0,
  "summary_bg_p05": 5.168539524078369,
  "summary_bg_p95": 124.00140457153246,
  "summary_bg_stdv": 68.0887222290039,
  "summary_fg_k": 0.23191940101214037,
  "summary_fg_mad": 358.7980620372975,
  "summary_fg_mean": 1618.8948974609375,
  "summary_fg_median": 1586.2022705078125,
  "summary_fg_n": 28035.0,
  "summary_fg_p05": 1096.6820556640625,
  "summary_fg_p95": 2272.151684570312,
  "summary_fg_stdv": 359.5647888183594,
  "tsnr": 33.90997464850079
}