{
  "aor": 0.0024814044943820227,
  "aqi": 0.010601042191011236,
  "bids_meta": {
    "AcquisitionMatrixPE": 64,
    "AcquisitionNumber": 1,
    "AcquisitionTime": "12:06:2.000000",
    "BodyPartExamined": "BRAIN",
    "CoilString": "RM:HNU_FlexS",
    "ConversionSoftware": "dcm2niix",
    "ConversionSoftwareVersion": "v1.0.20200331",
    "DeviceSerialNumber": "00000070431MRS04",
    "EchoTime": 0.03,
    "EffectiveEchoSpacing": 0.000644,
    "FlipAngle": 78,
    "ImageOrientationPatientDICOM": [
      1,
      0,
      0,
      0,
      1,
      0
    ],
    "ImageType": [
      "ORIGINAL",
      "PRIMARY",
      "EPI",
      "NONE"
    ],
    "ImagingFrequency": 127.734,
    "InPlanePhaseEncodingDirectionDICOM": "COL",
    "InstitutionName": "N_and_N_University_Hospital",
    "MRAcquisitionType": "2D",
    "MagneticFieldStrength": 3,
    "Manufacturer": "GE",
    "ManufacturersModelName": "DISCOVERY_MR750w",
    "Modality": "MR",
    "PatientPosition": "HFS",
    "PercentPhaseFOV": 100,
    "PercentSampling": 100,
    "PhaseEncodingDirection": "j",
    "PhaseEncodingPolarityGE": "Flipped",
    "PixelBandwidth": 7812.5,
    "ProcedureStepDescription": "MRI_Head",
    "ProtocolName": "fMRI_3.3X3.3X3.3_NEW_180_volumes",
    "ReconMatrixPE": 64,
    "RepetitionTime": 2,
    "SAR": 0.0568953,
    "ScanOptions": "SAT_GEMS_EPI_GEMS_ACC_GEMS_FS",
    "ScanningSequence": "EP_GR",
    "SequenceVariant": "SS",
    "SeriesDescription": "fMRI_3.3X3.3X3.3_NEW_180_volumes",
    "SeriesNumber": 11,
    "SliceThickness": 3.3,
    "SliceTiming": [
      0,
      1.0285,
      0.0571001,
      1.0857,
      0.1142,
      1.1428,
      0.1714,
      1.2,
      0.2285,
      1.2571,
      0.2857,
      1.3143,
      0.3428,
      1.3714,
      0.4,
      1.4286,
      0.4571,
      1.4857,
      0.5142,
      1.5428,
      0.5714,
      1.6,
      0.6285,
      1.6571,
      0.6857,
      1.7143,
      0.7428,
      1.7714,
      0.8,
      1.8285,
      0.8571,
      1.8857,
      0.9143,
      1.9428,
      0.9714
    ],
    "SoftwareVersions": "27_LX_MR_Software_release:DV26.0_EB_1706.a",
    "SpacingBetweenSlices": 3.3,
    "StationName": "nnmr04",
    "TaskName": "grasp",
    "TotalReadoutTime": 0.040572,
    "dataset": "ds003342",
    "modality": "bold",
    "run_id": 6,
    "session_id": "action",
    "subject_id": "QP18",
    "task_id": "grasp"
  },
  "dummy_trs": 0,
  "dvars_nstd": 37.28731998096042,
  "dvars_std": 1.0314179867231645,
  "dvars_vstd": 1.0217328588135595,
  "efc": 0.4999138912188023,
  "fber": 2436.643798828125,
  "fd_mean": 0.24737727970890075,
  "fd_num": 74,
  "fd_perc": 41.57303370786517,
  "fwhm_avg": 2.751566909497716,
  "fwhm_x": 2.778537385321489,
  "fwhm_y": 2.860365768718577,
  "fwhm_z": 2.615797574453082,
  "gcor": 0.0158174,
  "gsr_x": -0.0019618631340563297,
  "gsr_y": 0.01837441697716713,
  "provenance": {
    "md5sum": "15a0cce866975554c9d895f59fbef291",
    "settings": {
      "fd_thres": 0.2,
      "testing": false
    },
    "software": "mriqc",
    "version": "22.0.6",
    "webapi_port": null,
    "webapi_url": "https://mriqc.nimh.nih.gov/api/v1"
  },
  "size_t": 178,
  "size_x": 64,
  "size_y": 64,
  "size_z": 35,
  "snr": 4.316818838200461,
  "spacing_tr": 2.0,
  "spacing_x": 3.2969000339508057,
  "spacing_y": 3.2969000339508057,
  "spacing_z": 3.299999237060547,
  "summary_bg_k": 76.42385907719247,
  "summary_bg_mad": 15.79221287147079,
  "summary_bg_mean": 47.11602020263672,
  "summary_bg_median": 31.62359619140625,
  "summary_bg_n": 83949.0,
  "summary_bg_p05": 6.086516761779788,
  "summary_bg_p95": 128.68652038574186,
  "summary_bg_stdv": 69.83718872070312,
  "summary_fg_k": 0.31843335460239697,
  "summary_fg_mad": 359.83924985017137,
  "summary_fg_mean": 1622.97412109375,
  "summary_fg_median": 1584.393310546875,
  "summary_fg_n": 27977.0,
  "summary_fg_p05": 1095.3055908203125,
  "summary_fg_p95": 2294.197705078124,
  "summary_fg_stdv": 367.02142333984375,
  "tsnr": 33.70863365661353
}