{
  "aor": 0.0006919101123595506,
  "aqi": 0.01026750691011236,
  "bids_meta": {
    "AcquisitionMatrixPE": 64,
    "AcquisitionNumber": 1,
    "AcquisitionTime": "12:51:44.000000",
    "BodyPartExamined": "BRAIN",
    "CoilString": "RM:HNU_FlexS",
    "ConversionSoftware": "dcm2niix",
    "ConversionSoftwareVersion": "v1.0.20200331",
    "DeviceSerialNumber": "00000070431MRS04",
    "EchoTime": 0.03,
    "EffectiveEchoSpacing": 0.000644,
    "FlipAngle": 78,
    "ImageOrientationPatientDICOM": [
      1,
      0,
      0,
      0,
      1,
      0
    ],
    "ImageType": [
      "ORIGINAL",
      "PRIMARY",
      "EPI",
      "NONE"
    ],
    "ImagingFrequency": 127.734,
    "InPlanePhaseEncodingDirectionDICOM": "COL",
    "InstitutionName": "N_and_N_University_Hospital",
    "MRAcquisitionType": "2D",
    "MagneticFieldStrength": 3,
    "Manufacturer": "GE",
    "ManufacturersModelName": "DISCOVERY_MR750w",
    "Modality": "MR",
    "PatientPosition": "HFS",
    "PercentPhaseFOV": 100,
    "PercentSampling": 100,
    "PhaseEncodingDirection": "j",
    "PhaseEncodingPolarityGE": "Flipped",
    "PixelBandwidth": 7812.5,
    "ProcedureStepDescription": "MRI_Head",
    "ProtocolName": "fMRI_4_PartA",
    "ReconMatrixPE": 64,
    "RepetitionTime": 2,
    "SAR": 0.0652739,
    "ScanOptions": "SAT_GEMS_EPI_GEMS_ACC_GEMS_FS",
    "ScanningSequence": "EP_GR",
    "SequenceVariant": "SS",
    "SeriesDescription": "fMRI_4_PartA",
    "SeriesNumber": 8,
    "SliceThickness": 3.3,
    "SliceTiming": [
      0,
      1.0285,
      0.0571001,
      1.0857,
      0.1142,
      1.1428,
      0.1714,
      1.2,
      0.2285,
      1.2571,
      0.2857,
      1.3143,
      0.3428,
      1.3714,
      0.4,
      1.4286,
      0.4571,
      1.4857,
      0.5142,
      1.5428,
      0.5714,
      1.6,
      0.6285,
      1.6571,
      0.6857,
      1.7143,
      0.7428,
      1.7714,
      0.8,
      1.8285,
      0.8571,
      1.8857,
      0.9143,
      1.9428,
      0.9714
    ],
    "SoftwareVersions": "27_LX_MR_Software_release:DV26.0_EB_1706.a",
    "SpacingBetweenSlices": 3.3,
    "StationName": "nnmr04",
    "TaskName": "grasp",
    "TotalReadoutTime": 0.040572,
    "dataset": "ds003342",
    "modality": "bold",
    "run_id": 4,
    "session_id": "action",
    "subject_id": "RS06",
    "task_id": "grasp"
  },
  "dummy_trs": 0,
  "dvars_nstd": 37.81927287655369,
  "dvars_std": 1.0095733846892656,
  "dvars_vstd": 0.9969897503389836,
  "efc": 0.532407654403319,
  "fber": 3090.37841796875,
  "fd_mean": 0.231043955004932,
  "fd_num": 87,
  "fd_perc": 48.87640449438202,
  "fwhm_avg": 2.903922287693865,
  "fwhm_x": 2.905781158465949,
  "fwhm_y": 2.994449300353676,
  "fwhm_z": 2.8115364042619704,
  "gcor": 0.0113002,
  "gsr_x": 0.007002109196037054,
  "gsr_y": 0.04339027777314186,
  "provenance": {
    "md5sum": "b0ad62f1032c3d28068096852d482c95",
    "settings": {
      "fd_thres": 0.2,
      "testing": false
    },
    "software": "mriqc",
    "version": "22.0.6",
    "webapi_port": null,
    "webapi_url": "https://mriqc.nimh.nih.gov/api/v1"
  },
  "size_t": 178,
  "size_x": 64,
  "size_y": 64,
  "size_z": 35,
  "snr": 3.5872723478368025,
  "spacing_tr": 2.0,
  "spacing_x": 3.2969000339508057,
  "spacing_y": 3.2969000339508057,
  "spacing_z": 3.299999952316284,
  "summary_bg_k": 40.376510563646555,
  "summary_bg_mad": 19.265500853791707,
  "summary_bg_mean": 56.24832534790039,
  "summary_bg_median": 25.966293334960938,
  "summary_bg_n": 79869.0,
  "summary_bg_p05": 1.8258427381515503,
  "summary_bg_p95": 232.89326171874927,
  "summary_bg_stdv": 101.3264389038086,
  "summary_fg_k": 0.10445422539230798,
  "summary_fg_mad": 411.56373382817327,
  "summary_fg_mean": 1482.48486328125,
  "summary_fg_median": 1436.6798095703125,
  "summary_fg_n": 33642.0,
  "summary_fg_p05": 916.351416015625,
  "summary_fg_p95": 2210.072717285156,
  "summary_fg_stdv": 400.4877014160156,
  "tsnr": 33.1527328719385
}