{
  "aor": 0.0017540449438202246,
  "aqi": 0.007372529438202247,
  "bids_meta": {
    "AcquisitionMatrixPE": 64,
    "AcquisitionNumber": 1,
    "AcquisitionTime": "12:44:7.000000",
    "BodyPartExamined": "BRAIN",
    "CoilString": "RM:HNU_FlexS",
    "ConversionSoftware": "dcm2niix",
    "ConversionSoftwareVersion": "v1.0.20200331",
    "DeviceSerialNumber": "00000070431MRS04",
    "EchoTime": 0.03,
    "EffectiveEchoSpacing": 0.000644,
    "FlipAngle": 78,
    "ImageOrientationPatientDICOM": [
      1,
      0,
      0,
      0,
      1,
      0
    ],
    "ImageType": [
      "ORIGINAL",
      "PRIMARY",
      "EPI",
      "NONE"
    ],
    "ImagingFrequency": 127.734,
    "InPlanePhaseEncodingDirectionDICOM": "COL",
    "InstitutionName": "N_and_N_University_Hospital",
    "MRAcquisitionType": "2D",
    "MagneticFieldStrength": 3,
    "Manufacturer": "GE",
    "ManufacturersModelName": "DISCOVERY_MR750w",
    "Modality": "MR",
    "PatientPosition": "HFS",
    "PercentPhaseFOV": 100,
    "PercentSampling": 100,
    "PhaseEncodingDirection": "j",
    "PhaseEncodingPolarityGE": "Flipped",
    "PixelBandwidth": 7812.5,
    "ProcedureStepDescription": "MRI_Head",
    "ProtocolName": "fMRI_3_PartA",
    "ReconMatrixPE": 64,
    "RepetitionTime": 2,
    "SAR": 0.0652739,
    "ScanOptions": "SAT_GEMS_EPI_GEMS_ACC_GEMS_FS",
    "ScanningSequence": "EP_GR",
    "SequenceVariant": "SS",
    "SeriesDescription": "fMRI_3_PartA",
    "SeriesNumber": 7,
    "SliceThickness": 3.3,
    "SliceTiming": [
      0,
      1.0285,
      0.0571001,
      1.0857,
      0.1142,
      1.1428,
      0.1714,
      1.2,
      0.2285,
      1.2571,
      0.2857,
      1.3143,
      0.3428,
      1.3714,
      0.4,
      1.4286,
      0.4571,
      1.4857,
      0.5142,
      1.5428,
      0.5714,
      1.6,
      0.6285,
      1.6571,
      0.6857,
      1.7143,
      0.7428,
      1.7714,
      0.8,
      1.8285,
      0.8571,
      1.8857,
      0.9143,
      1.9428,
      0.9714
    ],
    "SoftwareVersions": "27_LX_MR_Software_release:DV26.0_EB_1706.a",
    "SpacingBetweenSlices": 3.3,
    "StationName": "nnmr04",
    "TaskName": "grasp",
    "TotalReadoutTime": 0.040572,
    "dataset": "ds003342",
    "modality": "bold",
    "run_id": 3,
    "session_id": "action",
    "subject_id": "RS06",
    "task_id": "grasp"
  },
  "dummy_trs": 0,
  "dvars_nstd": 39.10975944401132,
  "dvars_std": 1.0440507955367226,
  "dvars_vstd": 1.0212338648587576,
  "efc": 0.5317228886147226,
  "fber": 3184.9287109375,
  "fd_mean": 0.2666867092474611,
  "fd_num": 96,
  "fd_perc": 53.93258426966292,
  "fwhm_avg": 2.8814870084881687,
  "fwhm_x": 2.8510388253222527,
  "fwhm_y": 2.9687827653879197,
  "fwhm_z": 2.8246394347543347,
  "gcor": 0.0197097,
  "gsr_x": 0.008192630484700203,
  "gsr_y": 0.043152064085006714,
  "provenance": {
    "md5sum": "98e2b356e595f6a8ed2f4f514f4a2ef2",
    "settings": {
      "fd_thres": 0.2,
      "testing": false
    },
    "software": "mriqc",
    "version": "22.0.6",
    "webapi_port": null,
    "webapi_url": "https://mriqc.nimh.nih.gov/api/v1"
  },
  "size_t": 178,
  "size_x": 64,
  "size_y": 64,
  "size_z": 35,
  "snr": 3.643902665558293,
  "spacing_tr": 2.0,
  "spacing_x": 3.2969000339508057,
  "spacing_y": 3.2969000339508057,
  "spacing_z": 3.299999952316284,
  "summary_bg_k": 41.829949617293174,
  "summary_bg_mad": 18.707443732116655,
  "summary_bg_mean": 55.57868957519531,
  "summary_bg_median": 25.769662857055664,
  "summary_bg_n": 79991.0,
  "summary_bg_p05": 1.9382022619247437,
  "summary_bg_p95": 228.73876190185547,
  "summary_bg_stdv": 100.66727447509766,
  "summary_fg_k": 0.20296242583852253,
  "summary_fg_mad": 391.02384739243985,
  "summary_fg_mean": 1476.0198974609375,
  "summary_fg_median": 1426.0084228515625,
  "summary_fg_n": 33556.0,
  "summary_fg_p05": 928.0870819091797,
  "summary_fg_p95": 2197.8104858398438,
  "summary_fg_stdv": 391.33514404296875,
  "tsnr": 34.46664161165245
}