{
  "aor": 0.0007923033707865168,
  "aqi": 0.007718445561797753,
  "bids_meta": {
    "AcquisitionMatrixPE": 64,
    "AcquisitionNumber": 1,
    "AcquisitionTime": "12:34:51.000000",
    "BodyPartExamined": "BRAIN",
    "CoilString": "RM:HNU_FlexS",
    "ConversionSoftware": "dcm2niix",
    "ConversionSoftwareVersion": "v1.0.20200331",
    "DeviceSerialNumber": "00000070431MRS04",
    "EchoTime": 0.03,
    "EffectiveEchoSpacing": 0.000644,
    "FlipAngle": 78,
    "ImageOrientationPatientDICOM": [
      1,
      0,
      0,
      0,
      1,
      0
    ],
    "ImageType": [
      "ORIGINAL",
      "PRIMARY",
      "EPI",
      "NONE"
    ],
    "ImagingFrequency": 127.734,
    "InPlanePhaseEncodingDirectionDICOM": "COL",
    "InstitutionName": "N_and_N_University_Hospital",
    "MRAcquisitionType": "2D",
    "MagneticFieldStrength": 3,
    "Manufacturer": "GE",
    "ManufacturersModelName": "DISCOVERY_MR750w",
    "Modality": "MR",
    "PatientPosition": "HFS",
    "PercentPhaseFOV": 100,
    "PercentSampling": 100,
    "PhaseEncodingDirection": "j",
    "PhaseEncodingPolarityGE": "Flipped",
    "PixelBandwidth": 7812.5,
    "ProcedureStepDescription": "MRI_Head",
    "ProtocolName": "fMRI_2_PartA",
    "ReconMatrixPE": 64,
    "RepetitionTime": 2,
    "SAR": 0.0652739,
    "ScanOptions": "SAT_GEMS_EPI_GEMS_ACC_GEMS_FS",
    "ScanningSequence": "EP_GR",
    "SequenceVariant": "SS",
    "SeriesDescription": "fMRI_2_PartA",
    "SeriesNumber": 6,
    "SliceThickness": 3.3,
    "SliceTiming": [
      0,
      1.0285,
      0.0571001,
      1.0857,
      0.1142,
      1.1428,
      0.1714,
      1.2,
      0.2285,
      1.2571,
      0.2857,
      1.3143,
      0.3428,
      1.3714,
      0.4,
      1.4286,
      0.4571,
      1.4857,
      0.5142,
      1.5428,
      0.5714,
      1.6,
      0.6285,
      1.6571,
      0.6857,
      1.7143,
      0.7428,
      1.7714,
      0.8,
      1.8285,
      0.8571,
      1.8857,
      0.9143,
      1.9428,
      0.9714
    ],
    "SoftwareVersions": "27_LX_MR_Software_release:DV26.0_EB_1706.a",
    "SpacingBetweenSlices": 3.3,
    "StationName": "nnmr04",
    "TaskName": "grasp",
    "TotalReadoutTime": 0.040572,
    "dataset": "ds003342",
    "modality": "bold",
    "run_id": 2,
    "session_id": "action",
    "subject_id": "RS06",
    "task_id": "grasp"
  },
  "dummy_trs": 0,
  "dvars_nstd": 38.03815606757059,
  "dvars_std": 1.0259778285310732,
  "dvars_vstd": 1.010485162090395,
  "efc": 0.531581417056368,
  "fber": 3186.416259765625,
  "fd_mean": 0.26479872423627415,
  "fd_num": 112,
  "fd_perc": 62.92134831460674,
  "fwhm_avg": 2.8404815927295,
  "fwhm_x": 2.8129030011525002,
  "fwhm_y": 2.8928477969563793,
  "fwhm_z": 2.815693980079622,
  "gcor": 0.0205611,
  "gsr_x": 0.00794551894068718,
  "gsr_y": 0.04144318029284477,
  "provenance": {
    "md5sum": "2a599ae10cf24182c6c7c964f74f076f",
    "settings": {
      "fd_thres": 0.2,
      "testing": false
    },
    "software": "mriqc",
    "version": "22.0.6",
    "webapi_port": null,
    "webapi_url": "https://mriqc.nimh.nih.gov/api/v1"
  },
  "size_t": 178,
  "size_x": 64,
  "size_y": 64,
  "size_z": 35,
  "snr": 3.702639965381739,
  "spacing_tr": 2.0,
  "spacing_x": 3.2969000339508057,
  "spacing_y": 3.2969000339508057,
  "spacing_z": 3.299999952316284,
  "summary_bg_k": 44.79090953571516,
  "summary_bg_mad": 18.69078210287579,
  "summary_bg_mean": 55.67791748046875,
  "summary_bg_median": 26.09550666809082,
  "summary_bg_n": 80071.0,
  "summary_bg_p05": 1.8033708333969116,
  "summary_bg_p95": 229.9578628540039,
  "summary_bg_stdv": 102.29578399658203,
  "summary_fg_k": 0.10565357536874798,
  "summary_fg_mad": 402.85552708418834,
  "summary_fg_mean": 1491.56103515625,
  "summary_fg_median": 1447.64892578125,
  "summary_fg_n": 33574.0,
  "summary_fg_p05": 936.4884887695313,
  "summary_fg_p95": 2190.8453002929687,
  "summary_fg_stdv": 390.9716796875,
  "tsnr": 34.55899360240437
}