{
  "aor": 0.0024706179775280898,
  "aqi": 0.0068362981460674144,
  "bids_meta": {
    "AcquisitionMatrixPE": 64,
    "AcquisitionNumber": 1,
    "AcquisitionTime": "15:23:4.000000",
    "BodyPartExamined": "BRAIN",
    "CoilString": "RM:HNU_FlexS",
    "ConversionSoftware": "dcm2niix",
    "ConversionSoftwareVersion": "v1.0.20200331",
    "DeviceSerialNumber": "00000070431MRS04",
    "EchoTime": 0.03,
    "EffectiveEchoSpacing": 0.000644,
    "FlipAngle": 78,
    "ImageOrientationPatientDICOM": [
      1,
      0,
      0,
      0,
      1,
      0
    ],
    "ImageType": [
      "ORIGINAL",
      "PRIMARY",
      "EPI",
      "NONE"
    ],
    "ImagingFrequency": 127.734,
    "InPlanePhaseEncodingDirectionDICOM": "COL",
    "InstitutionName": "N_and_N_University_Hospital",
    "MRAcquisitionType": "2D",
    "MagneticFieldStrength": 3,
    "Manufacturer": "GE",
    "ManufacturersModelName": "DISCOVERY_MR750w",
    "Modality": "MR",
    "PatientPosition": "HFS",
    "PercentPhaseFOV": 100,
    "PercentSampling": 100,
    "PhaseEncodingDirection": "j",
    "PhaseEncodingPolarityGE": "Flipped",
    "PixelBandwidth": 7812.5,
    "ProcedureStepDescription": "MRI_Head",
    "ProtocolName": "fMRI_2_PartA",
    "ReconMatrixPE": 64,
    "RepetitionTime": 2,
    "SAR": 0.0745287,
    "ScanOptions": "SAT_GEMS_EPI_GEMS_ACC_GEMS_FS",
    "ScanningSequence": "EP_GR",
    "SequenceVariant": "SS",
    "SeriesDescription": "fMRI_2_PartA",
    "SeriesNumber": 5,
    "SliceThickness": 3.3,
    "SliceTiming": [
      0,
      1.0285,
      0.0571001,
      1.0857,
      0.1142,
      1.1428,
      0.1714,
      1.2,
      0.2285,
      1.2571,
      0.2857,
      1.3143,
      0.3428,
      1.3714,
      0.4,
      1.4286,
      0.4571,
      1.4857,
      0.5142,
      1.5428,
      0.5714,
      1.6,
      0.6285,
      1.6571,
      0.6857,
      1.7143,
      0.7428,
      1.7714,
      0.8,
      1.8285,
      0.8571,
      1.8857,
      0.9143,
      1.9428,
      0.9714
    ],
    "SoftwareVersions": "27_LX_MR_Software_release:DV26.0_EB_1706.a",
    "SpacingBetweenSlices": 3.3,
    "StationName": "nnmr04",
    "TaskName": "grasp",
    "TotalReadoutTime": 0.040572,
    "dataset": "ds003342",
    "modality": "bold",
    "run_id": 2,
    "session_id": "action",
    "subject_id": "QR30",
    "task_id": "grasp"
  },
  "dummy_trs": 0,
  "dvars_nstd": 35.04137973485877,
  "dvars_std": 1.0657991672316383,
  "dvars_vstd": 1.0311460148587572,
  "efc": 0.5274009189300629,
  "fber": 5335.099609375,
  "fd_mean": 0.1488428085928451,
  "fd_num": 36,
  "fd_perc": 20.224719101123597,
  "fwhm_avg": 2.863358950579217,
  "fwhm_x": 2.9000272685073063,
  "fwhm_y": 2.971500469870231,
  "fwhm_z": 2.718549113360113,
  "gcor": 0.00997956,
  "gsr_x": 0.004629064816981554,
  "gsr_y": 0.03230328857898712,
  "provenance": {
    "md5sum": "1444926ab67f058577ff405d5d7d77be",
    "settings": {
      "fd_thres": 0.2,
      "testing": false
    },
    "software": "mriqc",
    "version": "22.0.6",
    "webapi_port": null,
    "webapi_url": "https://mriqc.nimh.nih.gov/api/v1"
  },
  "size_t": 178,
  "size_x": 64,
  "size_y": 64,
  "size_z": 35,
  "snr": 3.6447708145410385,
  "spacing_tr": 2.0,
  "spacing_x": 3.2969000339508057,
  "spacing_y": 3.2969000339508057,
  "spacing_z": 3.299999237060547,
  "summary_bg_k": 53.5646636873653,
  "summary_bg_mad": 22.338983258154023,
  "summary_bg_mean": 54.43356704711914,
  "summary_bg_median": 22.977527618408203,
  "summary_bg_n": 78724.0,
  "summary_bg_p05": 3.017696726322175,
  "summary_bg_p95": 180.92415924072216,
  "summary_bg_stdv": 103.45988464355469,
  "summary_fg_k": 0.041317823454085634,
  "summary_fg_mad": 443.96027543248067,
  "summary_fg_mean": 1725.24267578125,
  "summary_fg_median": 1644.483154296875,
  "summary_fg_n": 33146.0,
  "summary_fg_p05": 1126.8440856933594,
  "summary_fg_p95": 2590.471923828125,
  "summary_fg_stdv": 451.18292236328125,
  "tsnr": 36.78822833497543
}