{
  "aor": 0.0030468539325842693,
  "aqi": 0.008490358764044944,
  "bids_meta": {
    "AcquisitionMatrixPE": 64,
    "AcquisitionNumber": 1,
    "AcquisitionTime": "15:11:57.000000",
    "BodyPartExamined": "BRAIN",
    "CoilString": "RM:HNU_FlexS",
    "ConversionSoftware": "dcm2niix",
    "ConversionSoftwareVersion": "v1.0.20200331",
    "DeviceSerialNumber": "00000070431MRS04",
    "EchoTime": 0.03,
    "EffectiveEchoSpacing": 0.000644,
    "FlipAngle": 78,
    "ImageOrientationPatientDICOM": [
      1,
      0,
      0,
      0,
      1,
      0
    ],
    "ImageType": [
      "ORIGINAL",
      "PRIMARY",
      "EPI",
      "NONE"
    ],
    "ImagingFrequency": 127.734,
    "InPlanePhaseEncodingDirectionDICOM": "COL",
    "InstitutionName": "N_and_N_University_Hospital",
    "MRAcquisitionType": "2D",
    "MagneticFieldStrength": 3,
    "Manufacturer": "GE",
    "ManufacturersModelName": "DISCOVERY_MR750w",
    "Modality": "MR",
    "PatientPosition": "HFS",
    "PercentPhaseFOV": 100,
    "PercentSampling": 100,
    "PhaseEncodingDirection": "j",
    "PhaseEncodingPolarityGE": "Flipped",
    "PixelBandwidth": 7812.5,
    "ProcedureStepDescription": "MRI_Head",
    "ProtocolName": "fMRI_1_PartA",
    "ReconMatrixPE": 64,
    "RepetitionTime": 2,
    "SAR": 0.0751666,
    "ScanOptions": "SAT_GEMS_EPI_GEMS_ACC_GEMS_FS",
    "ScanningSequence": "EP_GR",
    "SequenceVariant": "SS",
    "SeriesDescription": "fMRI_1_PartA",
    "SeriesNumber": 4,
    "SliceThickness": 3.3,
    "SliceTiming": [
      0,
      1.0285,
      0.0571001,
      1.0857,
      0.1142,
      1.1428,
      0.1714,
      1.2,
      0.2285,
      1.2571,
      0.2857,
      1.3143,
      0.3428,
      1.3714,
      0.4,
      1.4286,
      0.4571,
      1.4857,
      0.5142,
      1.5428,
      0.5714,
      1.6,
      0.6285,
      1.6571,
      0.6857,
      1.7143,
      0.7428,
      1.7714,
      0.8,
      1.8285,
      0.8571,
      1.8857,
      0.9143,
      1.9428,
      0.9714
    ],
    "SoftwareVersions": "27_LX_MR_Software_release:DV26.0_EB_1706.a",
    "SpacingBetweenSlices": 3.3,
    "StationName": "nnmr04",
    "TaskName": "grasp",
    "TotalReadoutTime": 0.040572,
    "dataset": "ds003342",
    "modality": "bold",
    "run_id": 1,
    "session_id": "action",
    "subject_id": "QR30",
    "task_id": "grasp"
  },
  "dummy_trs": 0,
  "dvars_nstd": 36.317013088700584,
  "dvars_std": 1.0560635328813557,
  "dvars_vstd": 1.0320045708474572,
  "efc": 0.531911336333529,
  "fber": 5338.2109375,
  "fd_mean": 0.17828648063223995,
  "fd_num": 56,
  "fd_perc": 31.46067415730337,
  "fwhm_avg": 2.782641394386651,
  "fwhm_x": 2.8362249093717975,
  "fwhm_y": 2.8921623045311535,
  "fwhm_z": 2.619536969257001,
  "gcor": 0.00842936,
  "gsr_x": 0.004531379323452711,
  "gsr_y": 0.03328416496515274,
  "provenance": {
    "md5sum": "da6dfd1b17aa52d4a982a6a69308cdb5",
    "settings": {
      "fd_thres": 0.2,
      "testing": false
    },
    "software": "mriqc",
    "version": "22.0.6",
    "webapi_port": null,
    "webapi_url": "https://mriqc.nimh.nih.gov/api/v1"
  },
  "size_t": 178,
  "size_x": 64,
  "size_y": 64,
  "size_z": 35,
  "snr": 3.8067776114469023,
  "spacing_tr": 2.0,
  "spacing_x": 3.2969000339508057,
  "spacing_y": 3.2969000339508057,
  "spacing_z": 3.299999237060547,
  "summary_bg_k": 54.34845417216742,
  "summary_bg_mad": 21.964168003177235,
  "summary_bg_mean": 54.16645812988281,
  "summary_bg_median": 22.426965713500977,
  "summary_bg_n": 78016.0,
  "summary_bg_p05": 2.6797752380371094,
  "summary_bg_p95": 179.75281143188477,
  "summary_bg_stdv": 103.84788513183594,
  "summary_fg_k": 0.17625583599031724,
  "summary_fg_mad": 412.49244150447475,
  "summary_fg_mean": 1687.7281494140625,
  "summary_fg_median": 1613.80615234375,
  "summary_fg_n": 33564.0,
  "summary_fg_p05": 1124.4129638671875,
  "summary_fg_p95": 2493.5379028320312,
  "summary_fg_stdv": 423.92340087890625,
  "tsnr": 34.06014255434275
}