{
  "aor": 0.0005947752808988764,
  "aqi": 0.005568091629213482,
  "bids_meta": {
    "AcquisitionMatrixPE": 64,
    "AcquisitionNumber": 1,
    "AcquisitionTime": "15:36:53.000000",
    "BodyPartExamined": "BRAIN",
    "CoilString": "RM:HNU_FlexS",
    "ConversionSoftware": "dcm2niix",
    "ConversionSoftwareVersion": "v1.0.20200331",
    "DeviceSerialNumber": "00000070431MRS04",
    "EchoTime": 0.03,
    "EffectiveEchoSpacing": 0.000644,
    "FlipAngle": 78,
    "ImageOrientationPatientDICOM": [
      1,
      0,
      0,
      0,
      1,
      0
    ],
    "ImageType": [
      "ORIGINAL",
      "PRIMARY",
      "EPI",
      "NONE"
    ],
    "ImagingFrequency": 127.734,
    "InPlanePhaseEncodingDirectionDICOM": "COL",
    "InstitutionName": "N_and_N_University_Hospital",
    "MRAcquisitionType": "2D",
    "MagneticFieldStrength": 3,
    "Manufacturer": "GE",
    "ManufacturersModelName": "DISCOVERY_MR750w",
    "Modality": "MR",
    "PatientPosition": "HFS",
    "PercentPhaseFOV": 100,
    "PercentSampling": 100,
    "PhaseEncodingDirection": "j",
    "PhaseEncodingPolarityGE": "Flipped",
    "PixelBandwidth": 7812.5,
    "ProcedureStepDescription": "MRI_Head",
    "ProtocolName": "fMRI_4_PartA",
    "ReconMatrixPE": 64,
    "RepetitionTime": 2,
    "SAR": 0.0745287,
    "ScanOptions": "SAT_GEMS_EPI_GEMS_ACC_GEMS_FS",
    "ScanningSequence": "EP_GR",
    "SequenceVariant": "SS",
    "SeriesDescription": "fMRI_4_PartA",
    "SeriesNumber": 7,
    "SliceThickness": 3.3,
    "SliceTiming": [
      0,
      1.0285,
      0.0571001,
      1.0857,
      0.1142,
      1.1428,
      0.1714,
      1.2,
      0.2285,
      1.2571,
      0.2857,
      1.3143,
      0.3428,
      1.3714,
      0.4,
      1.4286,
      0.4571,
      1.4857,
      0.5142,
      1.5428,
      0.5714,
      1.6,
      0.6285,
      1.6571,
      0.6857,
      1.7143,
      0.7428,
      1.7714,
      0.8,
      1.8285,
      0.8571,
      1.8857,
      0.9143,
      1.9428,
      0.9714
    ],
    "SoftwareVersions": "27_LX_MR_Software_release:DV26.0_EB_1706.a",
    "SpacingBetweenSlices": 3.3,
    "StationName": "nnmr04",
    "TaskName": "grasp",
    "TotalReadoutTime": 0.040572,
    "dataset": "ds003342",
    "modality": "bold",
    "run_id": 4,
    "session_id": "action",
    "subject_id": "QR30",
    "task_id": "grasp"
  },
  "dummy_trs": 0,
  "dvars_nstd": 35.74368692429379,
  "dvars_std": 1.0589321670056502,
  "dvars_vstd": 1.0132959445762724,
  "efc": 0.5285084158550251,
  "fber": 5030.69970703125,
  "fd_mean": 0.14487419847401561,
  "fd_num": 32,
  "fd_perc": 17.97752808988764,
  "fwhm_avg": 2.8355588052735996,
  "fwhm_x": 2.8661378575911645,
  "fwhm_y": 2.924280354490074,
  "fwhm_z": 2.71625820373956,
  "gcor": 0.00856337,
  "gsr_x": 0.005307065322995186,
  "gsr_y": 0.03061594069004059,
  "provenance": {
    "md5sum": "bac8f1c06439f505528dbf599fc19a30",
    "settings": {
      "fd_thres": 0.2,
      "testing": false
    },
    "software": "mriqc",
    "version": "22.0.6",
    "webapi_port": null,
    "webapi_url": "https://mriqc.nimh.nih.gov/api/v1"
  },
  "size_t": 178,
  "size_x": 64,
  "size_y": 64,
  "size_z": 35,
  "snr": 3.675110700445007,
  "spacing_tr": 2.0,
  "spacing_x": 3.2969000339508057,
  "spacing_y": 3.2969000339508057,
  "spacing_z": 3.299999237060547,
  "summary_bg_k": 53.7382011034531,
  "summary_bg_mad": 22.917865295500672,
  "summary_bg_mean": 54.68960189819336,
  "summary_bg_median": 23.35674285888672,
  "summary_bg_n": 78646.0,
  "summary_bg_p05": 2.9775280952453613,
  "summary_bg_p95": 182.05617904663086,
  "summary_bg_stdv": 103.7144546508789,
  "summary_fg_k": -0.028685307201600008,
  "summary_fg_mad": 440.65772107661024,
  "summary_fg_mean": 1723.4281005859375,
  "summary_fg_median": 1643.882080078125,
  "summary_fg_n": 33229.0,
  "summary_fg_p05": 1124.1494873046875,
  "summary_fg_p95": 2580.0224609375,
  "summary_fg_stdv": 447.2946472167969,
  "tsnr": 39.866468767868355
}