{
  "aor": 0.0016630898876404492,
  "aqi": 0.006419618258426966,
  "bids_meta": {
    "AcquisitionMatrixPE": 64,
    "AcquisitionNumber": 1,
    "AcquisitionTime": "15:44:8.000000",
    "BodyPartExamined": "BRAIN",
    "CoilString": "RM:HNU_FlexS",
    "ConversionSoftware": "dcm2niix",
    "ConversionSoftwareVersion": "v1.0.20200331",
    "DeviceSerialNumber": "00000070431MRS04",
    "EchoTime": 0.03,
    "EffectiveEchoSpacing": 0.000644,
    "FlipAngle": 78,
    "ImageOrientationPatientDICOM": [
      1,
      0,
      0,
      0,
      1,
      0
    ],
    "ImageType": [
      "ORIGINAL",
      "PRIMARY",
      "EPI",
      "NONE"
    ],
    "ImagingFrequency": 127.734,
    "InPlanePhaseEncodingDirectionDICOM": "COL",
    "InstitutionName": "N_and_N_University_Hospital",
    "MRAcquisitionType": "2D",
    "MagneticFieldStrength": 3,
    "Manufacturer": "GE",
    "ManufacturersModelName": "DISCOVERY_MR750w",
    "Modality": "MR",
    "PatientPosition": "HFS",
    "PercentPhaseFOV": 100,
    "PercentSampling": 100,
    "PhaseEncodingDirection": "j",
    "PhaseEncodingPolarityGE": "Flipped",
    "PixelBandwidth": 7812.5,
    "ProcedureStepDescription": "MRI_Head",
    "ProtocolName": "fMRI_5_PartA",
    "ReconMatrixPE": 64,
    "RepetitionTime": 2,
    "SAR": 0.0745287,
    "ScanOptions": "SAT_GEMS_EPI_GEMS_ACC_GEMS_FS",
    "ScanningSequence": "EP_GR",
    "SequenceVariant": "SS",
    "SeriesDescription": "fMRI_5_PartA",
    "SeriesNumber": 8,
    "SliceThickness": 3.3,
    "SliceTiming": [
      0,
      1.0285,
      0.0571001,
      1.0857,
      0.1142,
      1.1428,
      0.1714,
      1.2,
      0.2285,
      1.2571,
      0.2857,
      1.3143,
      0.3428,
      1.3714,
      0.4,
      1.4286,
      0.4571,
      1.4857,
      0.5142,
      1.5428,
      0.5714,
      1.6,
      0.6285,
      1.6571,
      0.6857,
      1.7143,
      0.7428,
      1.7714,
      0.8,
      1.8285,
      0.8571,
      1.8857,
      0.9143,
      1.9428,
      0.9714
    ],
    "SoftwareVersions": "27_LX_MR_Software_release:DV26.0_EB_1706.a",
    "SpacingBetweenSlices": 3.3,
    "StationName": "nnmr04",
    "TaskName": "grasp",
    "TotalReadoutTime": 0.040572,
    "dataset": "ds003342",
    "modality": "bold",
    "run_id": 5,
    "session_id": "action",
    "subject_id": "QR30",
    "task_id": "grasp"
  },
  "dummy_trs": 0,
  "dvars_nstd": 35.57582231310737,
  "dvars_std": 1.0599201556497178,
  "dvars_vstd": 1.0247824336723164,
  "efc": 0.5305359395247421,
  "fber": 4961.419921875,
  "fd_mean": 0.14940259553543278,
  "fd_num": 33,
  "fd_perc": 18.53932584269663,
  "fwhm_avg": 2.7841126642205567,
  "fwhm_x": 2.821122843950562,
  "fwhm_y": 2.883247869850894,
  "fwhm_z": 2.647967278860214,
  "gcor": 0.0119669,
  "gsr_x": 0.0047829956747591496,
  "gsr_y": 0.0323222316801548,
  "provenance": {
    "md5sum": "b4272e332be177b9d697de69045d1a74",
    "settings": {
      "fd_thres": 0.2,
      "testing": false
    },
    "software": "mriqc",
    "version": "22.0.6",
    "webapi_port": null,
    "webapi_url": "https://mriqc.nimh.nih.gov/api/v1"
  },
  "size_t": 178,
  "size_x": 64,
  "size_y": 64,
  "size_z": 35,
  "snr": 3.7915678129114885,
  "spacing_tr": 2.0,
  "spacing_x": 3.2969000339508057,
  "spacing_y": 3.2969000339508057,
  "spacing_z": 3.299999237060547,
  "summary_bg_k": 54.01299672503679,
  "summary_bg_mad": 22.68881243190797,
  "summary_bg_mean": 53.80730438232422,
  "summary_bg_median": 23.30337142944336,
  "summary_bg_n": 78372.0,
  "summary_bg_p05": 2.8738763809204113,
  "summary_bg_p95": 176.9157257080078,
  "summary_bg_stdv": 101.19293212890625,
  "summary_fg_k": 0.012429903352106031,
  "summary_fg_mad": 423.68697506460103,
  "summary_fg_mean": 1701.343505859375,
  "summary_fg_median": 1626.0955810546875,
  "summary_fg_n": 33446.0,
  "summary_fg_p05": 1124.893310546875,
  "summary_fg_p95": 2521.0912475585938,
  "summary_fg_stdv": 428.8651428222656,
  "tsnr": 38.249657355831005
}