{
  "aor": 0.0004926966292134831,
  "aqi": 0.006116606348314607,
  "bids_meta": {
    "AcquisitionMatrixPE": 64,
    "AcquisitionNumber": 1,
    "AcquisitionTime": "15:29:55.000000",
    "BodyPartExamined": "BRAIN",
    "CoilString": "RM:HNU_FlexS",
    "ConversionSoftware": "dcm2niix",
    "ConversionSoftwareVersion": "v1.0.20200331",
    "DeviceSerialNumber": "00000070431MRS04",
    "EchoTime": 0.03,
    "EffectiveEchoSpacing": 0.000644,
    "FlipAngle": 78,
    "ImageOrientationPatientDICOM": [
      1,
      0,
      0,
      0,
      1,
      0
    ],
    "ImageType": [
      "ORIGINAL",
      "PRIMARY",
      "EPI",
      "NONE"
    ],
    "ImagingFrequency": 127.734,
    "InPlanePhaseEncodingDirectionDICOM": "COL",
    "InstitutionName": "N_and_N_University_Hospital",
    "MRAcquisitionType": "2D",
    "MagneticFieldStrength": 3,
    "Manufacturer": "GE",
    "ManufacturersModelName": "DISCOVERY_MR750w",
    "Modality": "MR",
    "PatientPosition": "HFS",
    "PercentPhaseFOV": 100,
    "PercentSampling": 100,
    "PhaseEncodingDirection": "j",
    "PhaseEncodingPolarityGE": "Flipped",
    "PixelBandwidth": 7812.5,
    "ProcedureStepDescription": "MRI_Head",
    "ProtocolName": "fMRI_3_PartA",
    "ReconMatrixPE": 64,
    "RepetitionTime": 2,
    "SAR": 0.0745287,
    "ScanOptions": "SAT_GEMS_EPI_GEMS_ACC_GEMS_FS",
    "ScanningSequence": "EP_GR",
    "SequenceVariant": "SS",
    "SeriesDescription": "fMRI_3_PartA",
    "SeriesNumber": 6,
    "SliceThickness": 3.3,
    "SliceTiming": [
      0,
      1.0285,
      0.0571001,
      1.0857,
      0.1142,
      1.1428,
      0.1714,
      1.2,
      0.2285,
      1.2571,
      0.2857,
      1.3143,
      0.3428,
      1.3714,
      0.4,
      1.4286,
      0.4571,
      1.4857,
      0.5142,
      1.5428,
      0.5714,
      1.6,
      0.6285,
      1.6571,
      0.6857,
      1.7143,
      0.7428,
      1.7714,
      0.8,
      1.8285,
      0.8571,
      1.8857,
      0.9143,
      1.9428,
      0.9714
    ],
    "SoftwareVersions": "27_LX_MR_Software_release:DV26.0_EB_1706.a",
    "SpacingBetweenSlices": 3.3,
    "StationName": "nnmr04",
    "TaskName": "grasp",
    "TotalReadoutTime": 0.040572,
    "dataset": "ds003342",
    "modality": "bold",
    "run_id": 3,
    "session_id": "action",
    "subject_id": "QR30",
    "task_id": "grasp"
  },
  "dummy_trs": 0,
  "dvars_nstd": 35.563749798248594,
  "dvars_std": 1.0504042006214687,
  "dvars_vstd": 1.0060138264971754,
  "efc": 0.5286362561806938,
  "fber": 5162.6748046875,
  "fd_mean": 0.1390999976977428,
  "fd_num": 23,
  "fd_perc": 12.92134831460674,
  "fwhm_avg": 2.830296289639167,
  "fwhm_x": 2.871130426316482,
  "fwhm_y": 2.9164184236662454,
  "fwhm_z": 2.7033400189347745,
  "gcor": 0.00917162,
  "gsr_x": 0.004842111375182867,
  "gsr_y": 0.031037135049700737,
  "provenance": {
    "md5sum": "05816a6a8250f2a3cf14b6e63a30aa36",
    "settings": {
      "fd_thres": 0.2,
      "testing": false
    },
    "software": "mriqc",
    "version": "22.0.6",
    "webapi_port": null,
    "webapi_url": "https://mriqc.nimh.nih.gov/api/v1"
  },
  "size_t": 178,
  "size_x": 64,
  "size_y": 64,
  "size_z": 35,
  "snr": 3.6880140756138924,
  "spacing_tr": 2.0,
  "spacing_x": 3.2969000339508057,
  "spacing_y": 3.2969000339508057,
  "spacing_z": 3.299999237060547,
  "summary_bg_k": 53.556402199889725,
  "summary_bg_mad": 22.480580242227894,
  "summary_bg_mean": 54.32615280151367,
  "summary_bg_median": 23.039325714111328,
  "summary_bg_n": 78589.0,
  "summary_bg_p05": 2.8842697620391853,
  "summary_bg_p95": 180.7618011474609,
  "summary_bg_stdv": 103.40100860595703,
  "summary_fg_k": -0.013127064185571413,
  "summary_fg_mad": 437.95910270745287,
  "summary_fg_mean": 1719.66845703125,
  "summary_fg_median": 1640.938232421875,
  "summary_fg_n": 33296.0,
  "summary_fg_p05": 1122.6292419433594,
  "summary_fg_p95": 2565.1320190429688,
  "summary_fg_stdv": 444.9314880371094,
  "tsnr": 38.652187447529286
}