{
  "aor": 0.0014420089285714283,
  "aqi": 0.0066419545535714285,
  "bids_meta": {
    "AcquisitionMatrixPE": 64,
    "AcquisitionNumber": 1,
    "AcquisitionTime": "10:54:37.000000",
    "BodyPartExamined": "BRAIN",
    "CoilString": "Head+Neck_40",
    "ConversionSoftware": "dcm2niix",
    "ConversionSoftwareVersion": "v1.0.20200331",
    "DeviceSerialNumber": "00000070431MRS04",
    "EchoTime": 0.03,
    "EffectiveEchoSpacing": 0.000644,
    "FlipAngle": 78,
    "ImageOrientationPatientDICOM": [
      1,
      0,
      0,
      0,
      1,
      0
    ],
    "ImageType": [
      "ORIGINAL",
      "PRIMARY",
      "EPI",
      "NONE"
    ],
    "ImagingFrequency": 127.734,
    "InPlanePhaseEncodingDirectionDICOM": "ROW",
    "InstitutionName": "N_and_N_University_Hospital",
    "MRAcquisitionType": "2D",
    "MagneticFieldStrength": 3,
    "Manufacturer": "GE",
    "ManufacturersModelName": "DISCOVERY_MR750w",
    "Modality": "MR",
    "PatientPosition": "HFS",
    "PercentPhaseFOV": 100,
    "PercentSampling": 100,
    "PhaseEncodingDirection": "i-",
    "PhaseEncodingPolarityGE": "Flipped",
    "PixelBandwidth": 7812.5,
    "ProcedureStepDescription": "MRI_Head",
    "ProtocolName": "fMRI_4_PartB",
    "ReconMatrixPE": 64,
    "RepetitionTime": 2,
    "SAR": 0.0731874,
    "ScanOptions": "SAT_GEMS_EPI_GEMS_ACC_GEMS_FS",
    "ScanningSequence": "EP_GR",
    "SequenceVariant": "SS",
    "SeriesDescription": "fMRI_4_PartB",
    "SeriesNumber": 7,
    "SliceThickness": 3.3,
    "SliceTiming": [
      0,
      1.0285,
      0.0571001,
      1.0857,
      0.1142,
      1.1428,
      0.1714,
      1.2,
      0.2285,
      1.2571,
      0.2857,
      1.3143,
      0.3428,
      1.3714,
      0.4,
      1.4286,
      0.4571,
      1.4857,
      0.5142,
      1.5428,
      0.5714,
      1.6,
      0.6285,
      1.6571,
      0.6857,
      1.7143,
      0.7428,
      1.7714,
      0.8,
      1.8285,
      0.8571,
      1.8857,
      0.9143,
      1.9428,
      0.9714
    ],
    "SoftwareVersions": "27_LX_MR_Software_release:DV26.0_EB_1706.a",
    "SpacingBetweenSlices": 3.3,
    "StationName": "nnmr04",
    "TaskName": "localiser",
    "TotalReadoutTime": 0.040572,
    "dataset": "ds003342",
    "modality": "bold",
    "run_id": 4,
    "session_id": "localiser",
    "subject_id": "JR24",
    "task_id": "localiser"
  },
  "dummy_trs": 0,
  "dvars_nstd": 18.182592960538127,
  "dvars_std": 1.0753629702690584,
  "dvars_vstd": 0.9777577731390135,
  "efc": 0.48547700380413433,
  "fber": 7741.7451171875,
  "fd_mean": 0.06362651130263769,
  "fd_num": 2,
  "fd_perc": 0.8928571428571429,
  "fwhm_avg": 2.1333423323070417,
  "fwhm_x": 2.1083684456365654,
  "fwhm_y": 2.349570784746331,
  "fwhm_z": 1.942087766538229,
  "gcor": 0.0188076,
  "gsr_x": 0.0039190310053527355,
  "gsr_y": 0.0157790370285511,
  "provenance": {
    "md5sum": "f2171d397174301ad959c6e5b6349363",
    "settings": {
      "fd_thres": 0.2,
      "testing": false
    },
    "software": "mriqc",
    "version": "22.0.6",
    "webapi_port": null,
    "webapi_url": "https://mriqc.nimh.nih.gov/api/v1"
  },
  "size_t": 224,
  "size_x": 64,
  "size_y": 64,
  "size_z": 35,
  "snr": 5.779647094118269,
  "spacing_tr": 2.0,
  "spacing_x": 3.2969000339508057,
  "spacing_y": 3.2969000339508057,
  "spacing_z": 3.3000001907348633,
  "summary_bg_k": 103.69461491209132,
  "summary_bg_mad": 59.64826718406788,
  "summary_bg_mean": 115.07110595703125,
  "summary_bg_median": 44.14732360839844,
  "summary_bg_n": 85882.0,
  "summary_bg_p05": 0.8303571939468384,
  "summary_bg_p95": 445.931036376953,
  "summary_bg_stdv": 227.6852264404297,
  "summary_fg_k": 1.0549308191618767,
  "summary_fg_mad": 601.4831415143783,
  "summary_fg_mean": 3863.013427734375,
  "summary_fg_median": 3823.75244140625,
  "summary_fg_n": 25756.0,
  "summary_fg_p05": 2790.6016845703125,
  "summary_fg_p95": 4949.165283203125,
  "summary_fg_stdv": 661.576416015625,
  "tsnr": 59.70353348425124
}