{
  "aor": 0.0021772471910112357,
  "aqi": 0.011653004662921348,
  "bids_meta": {
    "AcquisitionMatrixPE": 64,
    "AcquisitionNumber": 1,
    "AcquisitionTime": "15:56:17.000000",
    "BodyPartExamined": "BRAIN",
    "CoilString": "RM:HNU_FlexS",
    "ConversionSoftware": "dcm2niix",
    "ConversionSoftwareVersion": "v1.0.20200331",
    "DeviceSerialNumber": "00000070431MRS04",
    "EchoTime": 0.03,
    "EffectiveEchoSpacing": 0.000644,
    "FlipAngle": 78,
    "ImageOrientationPatientDICOM": [
      1,
      0,
      0,
      0,
      1,
      0
    ],
    "ImageType": [
      "ORIGINAL",
      "PRIMARY",
      "EPI",
      "NONE"
    ],
    "ImagingFrequency": 127.734,
    "InPlanePhaseEncodingDirectionDICOM": "COL",
    "InstitutionName": "N_and_N_University_Hospital",
    "MRAcquisitionType": "2D",
    "MagneticFieldStrength": 3,
    "Manufacturer": "GE",
    "ManufacturersModelName": "DISCOVERY_MR750w",
    "Modality": "MR",
    "PatientPosition": "HFS",
    "PercentPhaseFOV": 100,
    "PercentSampling": 100,
    "PhaseEncodingDirection": "j",
    "PhaseEncodingPolarityGE": "Flipped",
    "PixelBandwidth": 7812.5,
    "ProcedureStepDescription": "MRI_Head",
    "ProtocolName": "fMRI_6_PartA",
    "ReconMatrixPE": 64,
    "RepetitionTime": 2,
    "SAR": 0.0663695,
    "ScanOptions": "SAT_GEMS_EPI_GEMS_ACC_GEMS_FS",
    "ScanningSequence": "EP_GR",
    "SequenceVariant": "SS",
    "SeriesDescription": "fMRI_6_PartA",
    "SeriesNumber": 10,
    "SliceThickness": 3.3,
    "SliceTiming": [
      0,
      1.0285,
      0.0571001,
      1.0857,
      0.1142,
      1.1428,
      0.1714,
      1.2,
      0.2285,
      1.2571,
      0.2857,
      1.3143,
      0.3428,
      1.3714,
      0.4,
      1.4286,
      0.4571,
      1.4857,
      0.5142,
      1.5428,
      0.5714,
      1.6,
      0.6285,
      1.6571,
      0.6857,
      1.7143,
      0.7428,
      1.7714,
      0.8,
      1.8285,
      0.8571,
      1.8857,
      0.9143,
      1.9428,
      0.9714
    ],
    "SoftwareVersions": "27_LX_MR_Software_release:DV26.0_EB_1706.a",
    "SpacingBetweenSlices": 3.3,
    "StationName": "nnmr04",
    "TaskName": "grasp",
    "TotalReadoutTime": 0.040572,
    "dataset": "ds003342",
    "modality": "bold",
    "run_id": 6,
    "session_id": "action",
    "subject_id": "MC17",
    "task_id": "grasp"
  },
  "dummy_trs": 0,
  "dvars_nstd": 41.620570231242944,
  "dvars_std": 1.0355736885310733,
  "dvars_vstd": 1.0238381347457632,
  "efc": 0.5055557009352061,
  "fber": 3501.8349609375,
  "fd_mean": 0.2621777460533186,
  "fd_num": 72,
  "fd_perc": 40.449438202247194,
  "fwhm_avg": 2.650470557139983,
  "fwhm_x": 2.662819591008259,
  "fwhm_y": 2.782990052933133,
  "fwhm_z": 2.505602027478558,
  "gcor": 0.0145528,
  "gsr_x": -0.007069481536746025,
  "gsr_y": 0.029954440891742706,
  "provenance": {
    "md5sum": "6097c8bce10d001a7dc2281ffb077c2f",
    "settings": {
      "fd_thres": 0.2,
      "testing": false
    },
    "software": "mriqc",
    "version": "22.0.6",
    "webapi_port": null,
    "webapi_url": "https://mriqc.nimh.nih.gov/api/v1"
  },
  "size_t": 178,
  "size_x": 64,
  "size_y": 64,
  "size_z": 35,
  "snr": 4.283813523298234,
  "spacing_tr": 2.0,
  "spacing_x": 3.2969000339508057,
  "spacing_y": 3.2969000339508057,
  "spacing_z": 3.299997329711914,
  "summary_bg_k": 44.20010990979537,
  "summary_bg_mad": 16.850025551674435,
  "summary_bg_mean": 48.92958450317383,
  "summary_bg_median": 23.314607620239258,
  "summary_bg_n": 83729.0,
  "summary_bg_p05": 2.974157381057742,
  "summary_bg_p95": 180.8528106689442,
  "summary_bg_stdv": 85.26435089111328,
  "summary_fg_k": -0.10170636076300221,
  "summary_fg_mad": 330.88262772427413,
  "summary_fg_mean": 1427.0498046875,
  "summary_fg_median": 1385.2471923828125,
  "summary_fg_n": 28358.0,
  "summary_fg_p05": 961.9536651611328,
  "summary_fg_p95": 2014.7025512695309,
  "summary_fg_stdv": 323.362060546875,
  "tsnr": 30.583106573612895
}