{
  "aor": 0.0014975280898876407,
  "aqi": 0.00991141415730337,
  "bids_meta": {
    "AcquisitionMatrixPE": 64,
    "AcquisitionNumber": 1,
    "AcquisitionTime": "15:42:7.000000",
    "BodyPartExamined": "BRAIN",
    "CoilString": "RM:HNU_FlexS",
    "ConversionSoftware": "dcm2niix",
    "ConversionSoftwareVersion": "v1.0.20200331",
    "DeviceSerialNumber": "00000070431MRS04",
    "EchoTime": 0.03,
    "EffectiveEchoSpacing": 0.000644,
    "FlipAngle": 78,
    "ImageOrientationPatientDICOM": [
      1,
      0,
      0,
      0,
      1,
      0
    ],
    "ImageType": [
      "ORIGINAL",
      "PRIMARY",
      "EPI",
      "NONE"
    ],
    "ImagingFrequency": 127.734,
    "InPlanePhaseEncodingDirectionDICOM": "COL",
    "InstitutionName": "N_and_N_University_Hospital",
    "MRAcquisitionType": "2D",
    "MagneticFieldStrength": 3,
    "Manufacturer": "GE",
    "ManufacturersModelName": "DISCOVERY_MR750w",
    "Modality": "MR",
    "PatientPosition": "HFS",
    "PercentPhaseFOV": 100,
    "PercentSampling": 100,
    "PhaseEncodingDirection": "j",
    "PhaseEncodingPolarityGE": "Flipped",
    "PixelBandwidth": 7812.5,
    "ProcedureStepDescription": "MRI_Head",
    "ProtocolName": "fMRI_4_PartA",
    "ReconMatrixPE": 64,
    "RepetitionTime": 2,
    "SAR": 0.0663695,
    "ScanOptions": "SAT_GEMS_EPI_GEMS_ACC_GEMS_FS",
    "ScanningSequence": "EP_GR",
    "SequenceVariant": "SS",
    "SeriesDescription": "fMRI_4_PartA",
    "SeriesNumber": 8,
    "SliceThickness": 3.3,
    "SliceTiming": [
      0,
      1.0285,
      0.0571001,
      1.0857,
      0.1142,
      1.1428,
      0.1714,
      1.2,
      0.2285,
      1.2571,
      0.2857,
      1.3143,
      0.3428,
      1.3714,
      0.4,
      1.4286,
      0.4571,
      1.4857,
      0.5142,
      1.5428,
      0.5714,
      1.6,
      0.6285,
      1.6571,
      0.6857,
      1.7143,
      0.7428,
      1.7714,
      0.8,
      1.8285,
      0.8571,
      1.8857,
      0.9143,
      1.9428,
      0.9714
    ],
    "SoftwareVersions": "27_LX_MR_Software_release:DV26.0_EB_1706.a",
    "SpacingBetweenSlices": 3.3,
    "StationName": "nnmr04",
    "TaskName": "grasp",
    "TotalReadoutTime": 0.040572,
    "dataset": "ds003342",
    "modality": "bold",
    "run_id": 4,
    "session_id": "action",
    "subject_id": "MC17",
    "task_id": "grasp"
  },
  "dummy_trs": 0,
  "dvars_nstd": 39.962143741525445,
  "dvars_std": 1.0267365587005655,
  "dvars_vstd": 1.0157694495480218,
  "efc": 0.5037561609898549,
  "fber": 3649.66357421875,
  "fd_mean": 0.24562990794287237,
  "fd_num": 81,
  "fd_perc": 45.50561797752809,
  "fwhm_avg": 2.574228588388507,
  "fwhm_x": 2.6122387428531013,
  "fwhm_y": 2.7189935720488876,
  "fwhm_z": 2.3914534502635325,
  "gcor": 0.01384,
  "gsr_x": -0.005744980648159981,
  "gsr_y": 0.031207574531435966,
  "provenance": {
    "md5sum": "c8aa62761b8857106bfb232a93b8b053",
    "settings": {
      "fd_thres": 0.2,
      "testing": false
    },
    "software": "mriqc",
    "version": "22.0.6",
    "webapi_port": null,
    "webapi_url": "https://mriqc.nimh.nih.gov/api/v1"
  },
  "size_t": 178,
  "size_x": 64,
  "size_y": 64,
  "size_z": 35,
  "snr": 4.39264767985836,
  "spacing_tr": 2.0,
  "spacing_x": 3.2969000339508057,
  "spacing_y": 3.2969000339508057,
  "spacing_z": 3.299997329711914,
  "summary_bg_k": 48.180943864854385,
  "summary_bg_mad": 16.945810124934212,
  "summary_bg_mean": 48.69357681274414,
  "summary_bg_median": 23.35955047607422,
  "summary_bg_n": 83962.0,
  "summary_bg_p05": 3.511516857147218,
  "summary_bg_p95": 179.68427047729486,
  "summary_bg_stdv": 85.12688446044922,
  "summary_fg_k": -0.055129048174321404,
  "summary_fg_mad": 325.9891535927966,
  "summary_fg_mean": 1432.2047119140625,
  "summary_fg_median": 1396.115234375,
  "summary_fg_n": 28208.0,
  "summary_fg_p05": 968.105648803711,
  "summary_fg_p95": 1998.3966796875,
  "summary_fg_stdv": 317.8243713378906,
  "tsnr": 32.32552071567625
}