{
  "aor": 0.0021116853932584274,
  "aqi": 0.013130426179775279,
  "bids_meta": {
    "AcquisitionMatrixPE": 64,
    "AcquisitionNumber": 1,
    "AcquisitionTime": "16:04:52.000000",
    "BodyPartExamined": "BRAIN",
    "CoilString": "RM:HNU_FlexS",
    "ConversionSoftware": "dcm2niix",
    "ConversionSoftwareVersion": "v1.0.20200331",
    "DeviceSerialNumber": "00000070431MRS04",
    "EchoTime": 0.03,
    "EffectiveEchoSpacing": 0.000644,
    "FlipAngle": 78,
    "ImageOrientationPatientDICOM": [
      1,
      0,
      0,
      0,
      1,
      0
    ],
    "ImageType": [
      "ORIGINAL",
      "PRIMARY",
      "EPI",
      "NONE"
    ],
    "ImagingFrequency": 127.734,
    "InPlanePhaseEncodingDirectionDICOM": "COL",
    "InstitutionName": "N_and_N_University_Hospital",
    "MRAcquisitionType": "2D",
    "MagneticFieldStrength": 3,
    "Manufacturer": "GE",
    "ManufacturersModelName": "DISCOVERY_MR750w",
    "Modality": "MR",
    "PatientPosition": "HFS",
    "PercentPhaseFOV": 100,
    "PercentSampling": 100,
    "PhaseEncodingDirection": "j",
    "PhaseEncodingPolarityGE": "Flipped",
    "PixelBandwidth": 7812.5,
    "ProcedureStepDescription": "MRI_Head",
    "ProtocolName": "fMRI_7_PartA",
    "ReconMatrixPE": 64,
    "RepetitionTime": 2,
    "SAR": 0.0663695,
    "ScanOptions": "SAT_GEMS_EPI_GEMS_ACC_GEMS_FS",
    "ScanningSequence": "EP_GR",
    "SequenceVariant": "SS",
    "SeriesDescription": "fMRI_7_PartA",
    "SeriesNumber": 11,
    "SliceThickness": 3.3,
    "SliceTiming": [
      0,
      1.0285,
      0.0571001,
      1.0857,
      0.1142,
      1.1428,
      0.1714,
      1.2,
      0.2285,
      1.2571,
      0.2857,
      1.3143,
      0.3428,
      1.3714,
      0.4,
      1.4286,
      0.4571,
      1.4857,
      0.5142,
      1.5428,
      0.5714,
      1.6,
      0.6285,
      1.6571,
      0.6857,
      1.7143,
      0.7428,
      1.7714,
      0.8,
      1.8285,
      0.8571,
      1.8857,
      0.9143,
      1.9428,
      0.9714
    ],
    "SoftwareVersions": "27_LX_MR_Software_release:DV26.0_EB_1706.a",
    "SpacingBetweenSlices": 3.3,
    "StationName": "nnmr04",
    "TaskName": "grasp",
    "TotalReadoutTime": 0.040572,
    "dataset": "ds003342",
    "modality": "bold",
    "run_id": 7,
    "session_id": "action",
    "subject_id": "MC17",
    "task_id": "grasp"
  },
  "dummy_trs": 0,
  "dvars_nstd": 41.94279044638417,
  "dvars_std": 1.0247029002259889,
  "dvars_vstd": 1.0143204504519774,
  "efc": 0.5065741875399596,
  "fber": 3518.385498046875,
  "fd_mean": 0.28792644634744013,
  "fd_num": 87,
  "fd_perc": 48.87640449438202,
  "fwhm_avg": 2.548938744644635,
  "fwhm_x": 2.5733203653837546,
  "fwhm_y": 2.6871242405805353,
  "fwhm_z": 2.386371627969614,
  "gcor": 0.0134388,
  "gsr_x": -0.006908426992595196,
  "gsr_y": 0.029991311952471733,
  "provenance": {
    "md5sum": "3b8bb36cfb4a169c68a11bbfe265f3a2",
    "settings": {
      "fd_thres": 0.2,
      "testing": false
    },
    "software": "mriqc",
    "version": "22.0.6",
    "webapi_port": null,
    "webapi_url": "https://mriqc.nimh.nih.gov/api/v1"
  },
  "size_t": 178,
  "size_x": 64,
  "size_y": 64,
  "size_z": 35,
  "snr": 4.534900792909154,
  "spacing_tr": 2.0,
  "spacing_x": 3.2969000339508057,
  "spacing_y": 3.2969000339508057,
  "spacing_z": 3.299997329711914,
  "summary_bg_k": 45.90391412805272,
  "summary_bg_mad": 17.03326812533253,
  "summary_bg_mean": 49.07595443725586,
  "summary_bg_median": 23.522472381591797,
  "summary_bg_n": 83693.0,
  "summary_bg_p05": 3.1235954761505127,
  "summary_bg_p95": 182.39775390624976,
  "summary_bg_stdv": 84.85107421875,
  "summary_fg_k": -0.11610187506021852,
  "summary_fg_mad": 318.2471177403512,
  "summary_fg_mean": 1428.7181396484375,
  "summary_fg_median": 1393.1376953125,
  "summary_fg_n": 28364.0,
  "summary_fg_p05": 982.0932739257812,
  "summary_fg_p95": 1976.5377075195306,
  "summary_fg_stdv": 307.1981506347656,
  "tsnr": 30.300977145088837
}