{
  "aor": 0.0012592696629213484,
  "aqi": 0.018050303426966292,
  "bids_meta": {
    "AcquisitionMatrixPE": 64,
    "AcquisitionNumber": 1,
    "AcquisitionTime": "15:19:42.000000",
    "BodyPartExamined": "BRAIN",
    "CoilString": "RM:HNU_FlexS",
    "ConversionSoftware": "dcm2niix",
    "ConversionSoftwareVersion": "v1.0.20200331",
    "DeviceSerialNumber": "00000070431MRS04",
    "EchoTime": 0.03,
    "EffectiveEchoSpacing": 0.000644,
    "FlipAngle": 78,
    "ImageOrientationPatientDICOM": [
      1,
      0,
      0,
      0,
      1,
      0
    ],
    "ImageType": [
      "ORIGINAL",
      "PRIMARY",
      "EPI",
      "NONE"
    ],
    "ImagingFrequency": 127.734,
    "InPlanePhaseEncodingDirectionDICOM": "COL",
    "InstitutionName": "N_and_N_University_Hospital",
    "MRAcquisitionType": "2D",
    "MagneticFieldStrength": 3,
    "Manufacturer": "GE",
    "ManufacturersModelName": "DISCOVERY_MR750w",
    "Modality": "MR",
    "PatientPosition": "HFS",
    "PercentPhaseFOV": 100,
    "PercentSampling": 100,
    "PhaseEncodingDirection": "j",
    "PhaseEncodingPolarityGE": "Flipped",
    "PixelBandwidth": 7812.5,
    "ProcedureStepDescription": "MRI_Head",
    "ProtocolName": "fMRI_1_PartA",
    "ReconMatrixPE": 64,
    "RepetitionTime": 2,
    "SAR": 0.0657898,
    "ScanOptions": "SAT_GEMS_EPI_GEMS_ACC_GEMS_FS",
    "ScanningSequence": "EP_GR",
    "SequenceVariant": "SS",
    "SeriesDescription": "fMRI_1_PartA",
    "SeriesNumber": 5,
    "SliceThickness": 3.3,
    "SliceTiming": [
      0,
      1.0285,
      0.0571001,
      1.0857,
      0.1142,
      1.1428,
      0.1714,
      1.2,
      0.2285,
      1.2571,
      0.2857,
      1.3143,
      0.3428,
      1.3714,
      0.4,
      1.4286,
      0.4571,
      1.4857,
      0.5142,
      1.5428,
      0.5714,
      1.6,
      0.6285,
      1.6571,
      0.6857,
      1.7143,
      0.7428,
      1.7714,
      0.8,
      1.8285,
      0.8571,
      1.8857,
      0.9143,
      1.9428,
      0.9714
    ],
    "SoftwareVersions": "27_LX_MR_Software_release:DV26.0_EB_1706.a",
    "SpacingBetweenSlices": 3.3,
    "StationName": "nnmr04",
    "TaskName": "grasp",
    "TotalReadoutTime": 0.040572,
    "dataset": "ds003342",
    "modality": "bold",
    "run_id": 1,
    "session_id": "action",
    "subject_id": "MC17",
    "task_id": "grasp"
  },
  "dummy_trs": 0,
  "dvars_nstd": 41.7513560279661,
  "dvars_std": 1.008276948870057,
  "dvars_vstd": 1.0016223115254237,
  "efc": 0.5049466400803317,
  "fber": 3764.490234375,
  "fd_mean": 0.28154546199931074,
  "fd_num": 102,
  "fd_perc": 57.30337078651685,
  "fwhm_avg": 2.5397591327106475,
  "fwhm_x": 2.6266826142200275,
  "fwhm_y": 2.7150959713125373,
  "fwhm_z": 2.277498812599377,
  "gcor": 0.022496,
  "gsr_x": -0.005982710048556328,
  "gsr_y": 0.02920733205974102,
  "provenance": {
    "md5sum": "f4bc33ef707826d15201c685bec81a9d",
    "settings": {
      "fd_thres": 0.2,
      "testing": false
    },
    "software": "mriqc",
    "version": "22.0.6",
    "webapi_port": null,
    "webapi_url": "https://mriqc.nimh.nih.gov/api/v1"
  },
  "size_t": 178,
  "size_x": 64,
  "size_y": 64,
  "size_z": 35,
  "snr": 4.369368175251366,
  "spacing_tr": 2.0,
  "spacing_x": 3.2969000339508057,
  "spacing_y": 3.2969000339508057,
  "spacing_z": 3.299997329711914,
  "summary_bg_k": 43.68981631558082,
  "summary_bg_mad": 16.450219973715836,
  "summary_bg_mean": 48.2653694152832,
  "summary_bg_median": 22.758426666259766,
  "summary_bg_n": 83815.0,
  "summary_bg_p05": 5.011236190795898,
  "summary_bg_p95": 180.3286483764649,
  "summary_bg_stdv": 83.1400375366211,
  "summary_fg_k": 0.04717566515039362,
  "summary_fg_mad": 322.32436433209966,
  "summary_fg_mean": 1438.0372314453125,
  "summary_fg_median": 1397.4129638671875,
  "summary_fg_n": 28322.0,
  "summary_fg_p05": 981.601416015625,
  "summary_fg_p95": 2021.9940917968736,
  "summary_fg_stdv": 319.8147277832031,
  "tsnr": 28.42390410869848
}