{
  "aor": 0.0055257589285714285,
  "aqi": 0.006148196785714286,
  "bids_meta": {
    "AcquisitionMatrixPE": 64,
    "AcquisitionNumber": 1,
    "AcquisitionTime": "13:43:41.000000",
    "BodyPartExamined": "BRAIN",
    "CoilString": "Head+Neck_40",
    "ConversionSoftware": "dcm2niix",
    "ConversionSoftwareVersion": "v1.0.20200331",
    "DeviceSerialNumber": "00000070431MRS04",
    "EchoTime": 0.03,
    "EffectiveEchoSpacing": 0.000644,
    "FlipAngle": 78,
    "ImageOrientationPatientDICOM": [
      1,
      0,
      0,
      0,
      1,
      0
    ],
    "ImageType": [
      "ORIGINAL",
      "PRIMARY",
      "EPI",
      "NONE"
    ],
    "ImagingFrequency": 127.734,
    "InPlanePhaseEncodingDirectionDICOM": "ROW",
    "InstitutionName": "N_and_N_University_Hospital",
    "MRAcquisitionType": "2D",
    "MagneticFieldStrength": 3,
    "Manufacturer": "GE",
    "ManufacturersModelName": "DISCOVERY_MR750w",
    "Modality": "MR",
    "PatientPosition": "HFS",
    "PercentPhaseFOV": 100,
    "PercentSampling": 100,
    "PhaseEncodingDirection": "i-",
    "PhaseEncodingPolarityGE": "Flipped",
    "PixelBandwidth": 7812.5,
    "ProcedureStepDescription": "MRI_Head",
    "ProtocolName": "fMRI_4_PartB",
    "ReconMatrixPE": 64,
    "RepetitionTime": 2,
    "SAR": 0.0676565,
    "ScanOptions": "SAT_GEMS_EPI_GEMS_ACC_GEMS_FS",
    "ScanningSequence": "EP_GR",
    "SequenceVariant": "SS",
    "SeriesDescription": "fMRI_4_PartB",
    "SeriesNumber": 8,
    "SliceThickness": 3.3,
    "SliceTiming": [
      0,
      1.0285,
      0.0571001,
      1.0857,
      0.1142,
      1.1428,
      0.1714,
      1.2,
      0.2285,
      1.2571,
      0.2857,
      1.3143,
      0.3428,
      1.3714,
      0.4,
      1.4286,
      0.4571,
      1.4857,
      0.5142,
      1.5428,
      0.5714,
      1.6,
      0.6285,
      1.6571,
      0.6857,
      1.7143,
      0.7428,
      1.7714,
      0.8,
      1.8285,
      0.8571,
      1.8857,
      0.9143,
      1.9428,
      0.9714
    ],
    "SoftwareVersions": "27_LX_MR_Software_release:DV26.0_EB_1706.a",
    "SpacingBetweenSlices": 3.3,
    "StationName": "nnmr04",
    "TaskName": "localiser",
    "TotalReadoutTime": 0.040572,
    "dataset": "ds003342",
    "modality": "bold",
    "run_id": 4,
    "session_id": "localiser",
    "subject_id": "RL17",
    "task_id": "localiser"
  },
  "dummy_trs": 0,
  "dvars_nstd": 20.51088345950674,
  "dvars_std": 1.0890719871300458,
  "dvars_vstd": 1.021968216412556,
  "efc": 0.5007867788800056,
  "fber": 9243.947265625,
  "fd_mean": 0.18907095434586793,
  "fd_num": 44,
  "fd_perc": 19.642857142857142,
  "fwhm_avg": 2.2631037833820566,
  "fwhm_x": 2.2170614591673927,
  "fwhm_y": 2.4622948577157655,
  "fwhm_z": 2.109955033263012,
  "gcor": 0.0421322,
  "gsr_x": 0.0025918264873325825,
  "gsr_y": 0.034710634499788284,
  "provenance": {
    "md5sum": "21b8bbe2cd4e8cb3066d2e9cffa2ea60",
    "settings": {
      "fd_thres": 0.2,
      "testing": false
    },
    "software": "mriqc",
    "version": "22.0.6",
    "webapi_port": null,
    "webapi_url": "https://mriqc.nimh.nih.gov/api/v1"
  },
  "size_t": 224,
  "size_x": 64,
  "size_y": 64,
  "size_z": 35,
  "snr": 5.356713157151163,
  "spacing_tr": 2.0,
  "spacing_x": 3.2969000339508057,
  "spacing_y": 3.2969000339508057,
  "spacing_z": 3.299999237060547,
  "summary_bg_k": 127.88445010519007,
  "summary_bg_mad": 55.93514131248879,
  "summary_bg_mean": 134.7233428955078,
  "summary_bg_median": 41.33928680419922,
  "summary_bg_n": 83886.0,
  "summary_bg_p05": 1.2064732611179352,
  "summary_bg_p95": 535.4107360839844,
  "summary_bg_stdv": 356.6399841308594,
  "summary_fg_k": 0.6284372465330894,
  "summary_fg_mad": 704.7292289666048,
  "summary_fg_mean": 4020.07861328125,
  "summary_fg_median": 3936.94873046875,
  "summary_fg_n": 28282.0,
  "summary_fg_p05": 2953.180944824219,
  "summary_fg_p95": 5316.232275390625,
  "summary_fg_stdv": 734.9430541992188,
  "tsnr": 62.52246700320393
}