{
  "aor": 0.0018155056179775281,
  "aqi": 0.01005619511235955,
  "bids_meta": {
    "AcquisitionMatrixPE": 64,
    "AcquisitionNumber": 1,
    "AcquisitionTime": "15:28:8.000000",
    "BodyPartExamined": "BRAIN",
    "CoilString": "RM:HNU_FlexS",
    "ConversionSoftware": "dcm2niix",
    "ConversionSoftwareVersion": "v1.0.20200331",
    "DeviceSerialNumber": "00000070431MRS04",
    "EchoTime": 0.03,
    "EffectiveEchoSpacing": 0.000644,
    "FlipAngle": 78,
    "ImageOrientationPatientDICOM": [
      1,
      0,
      0,
      0,
      1,
      0
    ],
    "ImageType": [
      "ORIGINAL",
      "PRIMARY",
      "EPI",
      "NONE"
    ],
    "ImagingFrequency": 127.734,
    "InPlanePhaseEncodingDirectionDICOM": "COL",
    "InstitutionName": "N_and_N_University_Hospital",
    "MRAcquisitionType": "2D",
    "MagneticFieldStrength": 3,
    "Manufacturer": "GE",
    "ManufacturersModelName": "DISCOVERY_MR750w",
    "Modality": "MR",
    "PatientPosition": "HFS",
    "PercentPhaseFOV": 100,
    "PercentSampling": 100,
    "PhaseEncodingDirection": "j",
    "PhaseEncodingPolarityGE": "Flipped",
    "PixelBandwidth": 7812.5,
    "ProcedureStepDescription": "MRI_Head",
    "ProtocolName": "fMRI_2_PartA",
    "ReconMatrixPE": 64,
    "RepetitionTime": 2,
    "SAR": 0.0663695,
    "ScanOptions": "SAT_GEMS_EPI_GEMS_ACC_GEMS_FS",
    "ScanningSequence": "EP_GR",
    "SequenceVariant": "SS",
    "SeriesDescription": "fMRI_2_PartA",
    "SeriesNumber": 6,
    "SliceThickness": 3.3,
    "SliceTiming": [
      0,
      1.0285,
      0.0571001,
      1.0857,
      0.1142,
      1.1428,
      0.1714,
      1.2,
      0.2285,
      1.2571,
      0.2857,
      1.3143,
      0.3428,
      1.3714,
      0.4,
      1.4286,
      0.4571,
      1.4857,
      0.5142,
      1.5428,
      0.5714,
      1.6,
      0.6285,
      1.6571,
      0.6857,
      1.7143,
      0.7428,
      1.7714,
      0.8,
      1.8285,
      0.8571,
      1.8857,
      0.9143,
      1.9428,
      0.9714
    ],
    "SoftwareVersions": "27_LX_MR_Software_release:DV26.0_EB_1706.a",
    "SpacingBetweenSlices": 3.3,
    "StationName": "nnmr04",
    "TaskName": "grasp",
    "TotalReadoutTime": 0.040572,
    "dataset": "ds003342",
    "modality": "bold",
    "run_id": 2,
    "session_id": "action",
    "subject_id": "MC17",
    "task_id": "grasp"
  },
  "dummy_trs": 0,
  "dvars_nstd": 39.77926081870055,
  "dvars_std": 1.0391737566666672,
  "dvars_vstd": 1.025701145310734,
  "efc": 0.5034316724826882,
  "fber": 3662.970947265625,
  "fd_mean": 0.23506134991085811,
  "fd_num": 79,
  "fd_perc": 44.38202247191011,
  "fwhm_avg": 2.541409711854975,
  "fwhm_x": 2.573526619741787,
  "fwhm_y": 2.690997576098294,
  "fwhm_z": 2.3597049397248444,
  "gcor": 0.0164132,
  "gsr_x": -0.005326768383383751,
  "gsr_y": 0.03078807145357132,
  "provenance": {
    "md5sum": "ac615745a16d4f0a76410cc246c13c4d",
    "settings": {
      "fd_thres": 0.2,
      "testing": false
    },
    "software": "mriqc",
    "version": "22.0.6",
    "webapi_port": null,
    "webapi_url": "https://mriqc.nimh.nih.gov/api/v1"
  },
  "size_t": 178,
  "size_x": 64,
  "size_y": 64,
  "size_z": 35,
  "snr": 4.467615890426995,
  "spacing_tr": 2.0,
  "spacing_x": 3.2969000339508057,
  "spacing_y": 3.2969000339508057,
  "spacing_z": 3.299997329711914,
  "summary_bg_k": 49.4793714044613,
  "summary_bg_mad": 16.899999128039777,
  "summary_bg_mean": 48.26863098144531,
  "summary_bg_median": 23.382022857666016,
  "summary_bg_n": 84045.0,
  "summary_bg_p05": 3.264045000076294,
  "summary_bg_p95": 176.7606811523438,
  "summary_bg_stdv": 84.29901885986328,
  "summary_fg_k": -0.009226428590637159,
  "summary_fg_mad": 321.39565665579823,
  "summary_fg_mean": 1439.29541015625,
  "summary_fg_median": 1402.528076171875,
  "summary_fg_n": 28210.0,
  "summary_fg_p05": 987.4011383056641,
  "summary_fg_p95": 1999.5556579589843,
  "summary_fg_stdv": 313.9265441894531,
  "tsnr": 32.799267004593275
}