{
  "aor": 0.0008381460674157302,
  "aqi": 0.00910904893258427,
  "bids_meta": {
    "AcquisitionMatrixPE": 64,
    "AcquisitionNumber": 1,
    "AcquisitionTime": "15:49:19.000000",
    "BodyPartExamined": "BRAIN",
    "CoilString": "RM:HNU_FlexS",
    "ConversionSoftware": "dcm2niix",
    "ConversionSoftwareVersion": "v1.0.20200331",
    "DeviceSerialNumber": "00000070431MRS04",
    "EchoTime": 0.03,
    "EffectiveEchoSpacing": 0.000644,
    "FlipAngle": 78,
    "ImageOrientationPatientDICOM": [
      1,
      0,
      0,
      0,
      1,
      0
    ],
    "ImageType": [
      "ORIGINAL",
      "PRIMARY",
      "EPI",
      "NONE"
    ],
    "ImagingFrequency": 127.734,
    "InPlanePhaseEncodingDirectionDICOM": "COL",
    "InstitutionName": "N_and_N_University_Hospital",
    "MRAcquisitionType": "2D",
    "MagneticFieldStrength": 3,
    "Manufacturer": "GE",
    "ManufacturersModelName": "DISCOVERY_MR750w",
    "Modality": "MR",
    "PatientPosition": "HFS",
    "PercentPhaseFOV": 100,
    "PercentSampling": 100,
    "PhaseEncodingDirection": "j",
    "PhaseEncodingPolarityGE": "Flipped",
    "PixelBandwidth": 7812.5,
    "ProcedureStepDescription": "MRI_Head",
    "ProtocolName": "fMRI_5_PartA",
    "ReconMatrixPE": 64,
    "RepetitionTime": 2,
    "SAR": 0.0663695,
    "ScanOptions": "SAT_GEMS_EPI_GEMS_ACC_GEMS_FS",
    "ScanningSequence": "EP_GR",
    "SequenceVariant": "SS",
    "SeriesDescription": "fMRI_5_PartA",
    "SeriesNumber": 9,
    "SliceThickness": 3.3,
    "SliceTiming": [
      0,
      1.0285,
      0.0571001,
      1.0857,
      0.1142,
      1.1428,
      0.1714,
      1.2,
      0.2285,
      1.2571,
      0.2857,
      1.3143,
      0.3428,
      1.3714,
      0.4,
      1.4286,
      0.4571,
      1.4857,
      0.5142,
      1.5428,
      0.5714,
      1.6,
      0.6285,
      1.6571,
      0.6857,
      1.7143,
      0.7428,
      1.7714,
      0.8,
      1.8285,
      0.8571,
      1.8857,
      0.9143,
      1.9428,
      0.9714
    ],
    "SoftwareVersions": "27_LX_MR_Software_release:DV26.0_EB_1706.a",
    "SpacingBetweenSlices": 3.3,
    "StationName": "nnmr04",
    "TaskName": "grasp",
    "TotalReadoutTime": 0.040572,
    "dataset": "ds003342",
    "modality": "bold",
    "run_id": 5,
    "session_id": "action",
    "subject_id": "MC17",
    "task_id": "grasp"
  },
  "dummy_trs": 0,
  "dvars_nstd": 39.694924909265545,
  "dvars_std": 1.028127805310735,
  "dvars_vstd": 1.0163889712994347,
  "efc": 0.5069445117458792,
  "fber": 3531.94189453125,
  "fd_mean": 0.17497427962846265,
  "fd_num": 50,
  "fd_perc": 28.089887640449437,
  "fwhm_avg": 2.578255945459185,
  "fwhm_x": 2.589732752608962,
  "fwhm_y": 2.7094725069038263,
  "fwhm_z": 2.435562576864767,
  "gcor": 0.0117604,
  "gsr_x": -0.006802304182201624,
  "gsr_y": 0.03082292154431343,
  "provenance": {
    "md5sum": "53505bd0e7ab733da47f5a6872d6555a",
    "settings": {
      "fd_thres": 0.2,
      "testing": false
    },
    "software": "mriqc",
    "version": "22.0.6",
    "webapi_port": null,
    "webapi_url": "https://mriqc.nimh.nih.gov/api/v1"
  },
  "size_t": 178,
  "size_x": 64,
  "size_y": 64,
  "size_z": 35,
  "snr": 4.408358473955032,
  "spacing_tr": 2.0,
  "spacing_x": 3.2969000339508057,
  "spacing_y": 3.2969000339508057,
  "spacing_z": 3.299997329711914,
  "summary_bg_k": 44.534250604187065,
  "summary_bg_mad": 16.68344036549824,
  "summary_bg_mean": 48.41379165649414,
  "summary_bg_median": 23.185394287109375,
  "summary_bg_n": 83521.0,
  "summary_bg_p05": 2.83707857131958,
  "summary_bg_p95": 181.06179809570312,
  "summary_bg_stdv": 83.97772979736328,
  "summary_fg_k": -0.06420891586722943,
  "summary_fg_mad": 322.2079025977725,
  "summary_fg_mean": 1427.6702880859375,
  "summary_fg_median": 1388.415771484375,
  "summary_fg_n": 28524.0,
  "summary_fg_p05": 978.4727661132813,
  "summary_fg_p95": 1997.628692626953,
  "summary_fg_stdv": 314.9452209472656,
  "tsnr": 33.67343046586029
}