{
  "aor": 0.0008389325842696628,
  "aqi": 0.010507765898876404,
  "bids_meta": {
    "AcquisitionMatrixPE": 64,
    "AcquisitionNumber": 1,
    "AcquisitionTime": "15:35:15.000000",
    "BodyPartExamined": "BRAIN",
    "CoilString": "RM:HNU_FlexS",
    "ConversionSoftware": "dcm2niix",
    "ConversionSoftwareVersion": "v1.0.20200331",
    "DeviceSerialNumber": "00000070431MRS04",
    "EchoTime": 0.03,
    "EffectiveEchoSpacing": 0.000644,
    "FlipAngle": 78,
    "ImageOrientationPatientDICOM": [
      1,
      0,
      0,
      0,
      1,
      0
    ],
    "ImageType": [
      "ORIGINAL",
      "PRIMARY",
      "EPI",
      "NONE"
    ],
    "ImagingFrequency": 127.734,
    "InPlanePhaseEncodingDirectionDICOM": "COL",
    "InstitutionName": "N_and_N_University_Hospital",
    "MRAcquisitionType": "2D",
    "MagneticFieldStrength": 3,
    "Manufacturer": "GE",
    "ManufacturersModelName": "DISCOVERY_MR750w",
    "Modality": "MR",
    "PatientPosition": "HFS",
    "PercentPhaseFOV": 100,
    "PercentSampling": 100,
    "PhaseEncodingDirection": "j",
    "PhaseEncodingPolarityGE": "Flipped",
    "PixelBandwidth": 7812.5,
    "ProcedureStepDescription": "MRI_Head",
    "ProtocolName": "fMRI_3_PartA",
    "ReconMatrixPE": 64,
    "RepetitionTime": 2,
    "SAR": 0.0663695,
    "ScanOptions": "SAT_GEMS_EPI_GEMS_ACC_GEMS_FS",
    "ScanningSequence": "EP_GR",
    "SequenceVariant": "SS",
    "SeriesDescription": "fMRI_3_PartA",
    "SeriesNumber": 7,
    "SliceThickness": 3.3,
    "SliceTiming": [
      0,
      1.0285,
      0.0571001,
      1.0857,
      0.1142,
      1.1428,
      0.1714,
      1.2,
      0.2285,
      1.2571,
      0.2857,
      1.3143,
      0.3428,
      1.3714,
      0.4,
      1.4286,
      0.4571,
      1.4857,
      0.5142,
      1.5428,
      0.5714,
      1.6,
      0.6285,
      1.6571,
      0.6857,
      1.7143,
      0.7428,
      1.7714,
      0.8,
      1.8285,
      0.8571,
      1.8857,
      0.9143,
      1.9428,
      0.9714
    ],
    "SoftwareVersions": "27_LX_MR_Software_release:DV26.0_EB_1706.a",
    "SpacingBetweenSlices": 3.3,
    "StationName": "nnmr04",
    "TaskName": "grasp",
    "TotalReadoutTime": 0.040572,
    "dataset": "ds003342",
    "modality": "bold",
    "run_id": 3,
    "session_id": "action",
    "subject_id": "MC17",
    "task_id": "grasp"
  },
  "dummy_trs": 0,
  "dvars_nstd": 39.948524625932215,
  "dvars_std": 1.0243828673446327,
  "dvars_vstd": 1.0105902764406778,
  "efc": 0.5056661627968926,
  "fber": 3624.2080078125,
  "fd_mean": 0.213678372064324,
  "fd_num": 74,
  "fd_perc": 41.57303370786517,
  "fwhm_avg": 2.4976821183298146,
  "fwhm_x": 2.522035825889427,
  "fwhm_y": 2.638260156640766,
  "fwhm_z": 2.332750372459251,
  "gcor": 0.0101143,
  "gsr_x": -0.0056785698980093,
  "gsr_y": 0.031200716271996498,
  "provenance": {
    "md5sum": "89cf9a87e5ad511863f703de508e4536",
    "settings": {
      "fd_thres": 0.2,
      "testing": false
    },
    "software": "mriqc",
    "version": "22.0.6",
    "webapi_port": null,
    "webapi_url": "https://mriqc.nimh.nih.gov/api/v1"
  },
  "size_t": 178,
  "size_x": 64,
  "size_y": 64,
  "size_z": 35,
  "snr": 4.551497511074787,
  "spacing_tr": 2.0,
  "spacing_x": 3.2969000339508057,
  "spacing_y": 3.2969000339508057,
  "spacing_z": 3.299997329711914,
  "summary_bg_k": 48.585096728318824,
  "summary_bg_mad": 16.80004914746978,
  "summary_bg_mean": 48.16687774658203,
  "summary_bg_median": 23.26404571533203,
  "summary_bg_n": 83765.0,
  "summary_bg_p05": 3.134831428527832,
  "summary_bg_p95": 176.43932495117195,
  "summary_bg_stdv": 83.34839630126953,
  "summary_fg_k": -0.056989786904400486,
  "summary_fg_mad": 315.66939515756616,
  "summary_fg_mean": 1427.7359619140625,
  "summary_fg_median": 1390.96630859375,
  "summary_fg_n": 28417.0,
  "summary_fg_p05": 986.1415649414063,
  "summary_fg_p95": 1970.884326171875,
  "summary_fg_stdv": 305.6009216308594,
  "tsnr": 32.4085120910313
}