{
  "bids_meta": {
    "AcquisitionMatrixPE": 256,
    "AcquisitionNumber": 1,
    "AcquisitionTime": "14:01:37.000000",
    "BodyPartExamined": "BRAIN",
    "CoilString": "RM:HNU_FlexS",
    "ConversionSoftware": "dcm2niix",
    "ConversionSoftwareVersion": "v1.0.20200331",
    "DeviceSerialNumber": "00000070431MRS04",
    "EchoTime": 0.002612,
    "FlipAngle": 9,
    "ImageOrientationPatientDICOM": [
      0,
      1,
      0,
      0,
      0,
      -1
    ],
    "ImageType": [
      "ORIGINAL",
      "PRIMARY",
      "OTHER"
    ],
    "ImagingFrequency": 127.734,
    "InPlanePhaseEncodingDirectionDICOM": "ROW",
    "InstitutionName": "N_and_N_University_Hospital",
    "InversionTime": 0.9,
    "MRAcquisitionType": "3D",
    "MagneticFieldStrength": 3,
    "Manufacturer": "GE",
    "ManufacturersModelName": "DISCOVERY_MR750w",
    "Modality": "MR",
    "PatientPosition": "HFS",
    "PercentPhaseFOV": 100,
    "PercentSampling": 62.5,
    "PixelBandwidth": 390.625,
    "ProcedureStepDescription": "MRI_Head",
    "ProtocolName": "SAG_FSPGR_BRAVO",
    "ReconMatrixPE": 256,
    "RepetitionTime": 0.007008,
    "SAR": 0.055697,
    "ScanOptions": "FAST_GEMS_NPW_EDR_GEMS_ACC_GEMS_IR_GEMS",
    "ScanningSequence": "GR",
    "SequenceVariant": "SS_SK_OSP",
    "SeriesDescription": "SAG_FSPGR_BRAVO",
    "SeriesNumber": 2,
    "SliceThickness": 0.9,
    "SoftwareVersions": "27_LX_MR_Software_release:DV26.0_EB_1706.a",
    "SpacingBetweenSlices": 0.9,
    "StationName": "nnmr04",
    "dataset": "ds003342",
    "modality": "T1w",
    "session_id": "action",
    "subject_id": "RL17"
  },
  "cjv": 0.5310401535534415,
  "cnr": 2.3945150881471817,
  "efc": 0.6171041527953757,
  "fber": 2746.9033917355373,
  "fwhm_avg": 4.908919726805025,
  "fwhm_x": 4.8559890175286675,
  "fwhm_y": 4.872595678665949,
  "fwhm_z": 4.99817448422046,
  "icvs_csf": 0.18164822877536518,
  "icvs_gm": 0.3917151011488359,
  "icvs_wm": 0.4266366700757989,
  "inu_med": 0.9160715043544769,
  "inu_range": 1.1127920329570768,
  "provenance": {
    "md5sum": "e38adde198d335953da3761b97672a1a",
    "settings": {
      "testing": false
    },
    "software": "mriqc",
    "version": "22.0.6",
    "warnings": {
      "large_rot_frame": true,
      "small_air_mask": false
    },
    "webapi_port": null,
    "webapi_url": "https://mriqc.nimh.nih.gov/api/v1"
  },
  "qi_1": 0.0,
  "qi_2": 0.00021384733303133412,
  "rpve_csf": 23.41784208150277,
  "rpve_gm": 10.19792046801607,
  "rpve_wm": 10.74130677420393,
  "size_x": 196,
  "size_y": 256,
  "size_z": 256,
  "snr_csf": 2.1302645951361265,
  "snr_gm": 8.93331978647767,
  "snr_total": 7.408293950057543,
  "snr_wm": 11.161297468558834,
  "snrd_csf": 8.010750079463074,
  "snrd_gm": 20.315236208413253,
  "snrd_total": 19.119553373595807,
  "snrd_wm": 29.032673832911094,
  "spacing_x": 0.8999999761581421,
  "spacing_y": 0.8984000086784363,
  "spacing_z": 0.8984000086784363,
  "summary_bg_k": 581.7811423851407,
  "summary_bg_mad": 22.565485499055047,
  "summary_bg_mean": 26.62108000668675,
  "summary_bg_median": 15.220188677310944,
  "summary_bg_n": 2437379.0,
  "summary_bg_p05": 0.0,
  "summary_bg_p95": 97.14061596989632,
  "summary_bg_stdv": 39.51840597476663,
  "summary_csf_k": 10.209881160847038,
  "summary_csf_mad": 115.97995855764323,
  "summary_csf_mean": 286.4060828324262,
  "summary_csf_median": 275.9218763522804,
  "summary_csf_n": 27991.0,
  "summary_csf_p05": 95.3500055372715,
  "summary_csf_p95": 497.90161342173815,
  "summary_csf_stdv": 129.52238335915231,
  "summary_gm_k": 0.28136668432360556,
  "summary_gm_mad": 75.32890012184554,
  "summary_gm_mean": 697.5890378082685,
  "summary_gm_median": 699.7369831241667,
  "summary_gm_n": 28689.0,
  "summary_gm_p05": 564.0646689072252,
  "summary_gm_p95": 821.8342319987714,
  "summary_gm_stdv": 78.32752039876209,
  "summary_wm_k": 0.6729851004560485,
  "summary_wm_mad": 84.12280255897727,
  "summary_wm_mean": 1003.8355923101691,
  "summary_wm_median": 999.9999700449407,
  "summary_wm_n": 271389.0,
  "summary_wm_p05": 863.8016640134156,
  "summary_wm_p95": 1157.2379486598074,
  "summary_wm_stdv": 89.59515060739245,
  "tpm_overlap_csf": 0.13243770707594602,
  "tpm_overlap_gm": 0.4230047749507347,
  "tpm_overlap_wm": 0.4607425170595608,
  "wm2max": 0.3828324157580172
}