{
  "aor": 0.0009040624999999998,
  "aqi": 0.012920558883928571,
  "bids_meta": {
    "AcquisitionMatrixPE": 64,
    "AcquisitionNumber": 1,
    "AcquisitionTime": "11:46:12.000000",
    "BodyPartExamined": "BRAIN",
    "CoilString": "Head+Neck_40",
    "ConversionSoftware": "dcm2niix",
    "ConversionSoftwareVersion": "v1.0.20200331",
    "DeviceSerialNumber": "00000070431MRS04",
    "EchoTime": 0.03,
    "EffectiveEchoSpacing": 0.000644,
    "FlipAngle": 78,
    "ImageOrientationPatientDICOM": [
      1,
      0,
      0,
      0,
      1,
      0
    ],
    "ImageType": [
      "ORIGINAL",
      "PRIMARY",
      "EPI",
      "NONE"
    ],
    "ImagingFrequency": 127.734,
    "InPlanePhaseEncodingDirectionDICOM": "ROW",
    "InstitutionName": "N_and_N_University_Hospital",
    "MRAcquisitionType": "2D",
    "MagneticFieldStrength": 3,
    "Manufacturer": "GE",
    "ManufacturersModelName": "DISCOVERY_MR750w",
    "Modality": "MR",
    "PatientPosition": "HFS",
    "PercentPhaseFOV": 100,
    "PercentSampling": 100,
    "PhaseEncodingDirection": "i-",
    "PhaseEncodingPolarityGE": "Flipped",
    "PixelBandwidth": 7812.5,
    "ProcedureStepDescription": "MRI_Head",
    "ProtocolName": "fMRI_2_PartB",
    "ReconMatrixPE": 64,
    "RepetitionTime": 2,
    "SAR": 0.0586404,
    "ScanOptions": "SAT_GEMS_EPI_GEMS_ACC_GEMS_FS",
    "ScanningSequence": "EP_GR",
    "SequenceVariant": "SS",
    "SeriesDescription": "fMRI_2_PartB",
    "SeriesNumber": 7,
    "SliceThickness": 3.3,
    "SliceTiming": [
      0,
      1.0285,
      0.0571001,
      1.0857,
      0.1142,
      1.1428,
      0.1714,
      1.2,
      0.2285,
      1.2571,
      0.2857,
      1.3143,
      0.3428,
      1.3714,
      0.4,
      1.4286,
      0.4571,
      1.4857,
      0.5142,
      1.5428,
      0.5714,
      1.6,
      0.6285,
      1.6571,
      0.6857,
      1.7143,
      0.7428,
      1.7714,
      0.8,
      1.8285,
      0.8571,
      1.8857,
      0.9143,
      1.9428,
      0.9714
    ],
    "SoftwareVersions": "27_LX_MR_Software_release:DV26.0_EB_1706.a",
    "SpacingBetweenSlices": 3.3,
    "StationName": "nnmr04",
    "TaskName": "localiser",
    "TotalReadoutTime": 0.040572,
    "dataset": "ds003342",
    "modality": "bold",
    "run_id": 2,
    "session_id": "localiser",
    "subject_id": "VB04",
    "task_id": "localiser"
  },
  "dummy_trs": 0,
  "dvars_nstd": 17.263719999596418,
  "dvars_std": 0.9420473962331839,
  "dvars_vstd": 0.9259073563677123,
  "efc": 0.50700213221552,
  "fber": 7906.76220703125,
  "fd_mean": 0.19663094942661158,
  "fd_num": 71,
  "fd_perc": 31.696428571428573,
  "fwhm_avg": 2.3549573380288393,
  "fwhm_x": 2.306336231519921,
  "fwhm_y": 2.4930965195660666,
  "fwhm_z": 2.265439263000531,
  "gcor": 0.0276052,
  "gsr_x": 0.000558967178221792,
  "gsr_y": 0.017284343019127846,
  "provenance": {
    "md5sum": "f82ce0c54becb3093149f4416a4afcf7",
    "settings": {
      "fd_thres": 0.2,
      "testing": false
    },
    "software": "mriqc",
    "version": "22.0.6",
    "webapi_port": null,
    "webapi_url": "https://mriqc.nimh.nih.gov/api/v1"
  },
  "size_t": 224,
  "size_x": 64,
  "size_y": 64,
  "size_z": 35,
  "snr": 6.17373331668196,
  "spacing_tr": 2.0,
  "spacing_x": 3.2969000339508057,
  "spacing_y": 3.2969000339508057,
  "spacing_z": 3.3000001907348633,
  "summary_bg_k": 53.15837823725242,
  "summary_bg_mad": 61.21691489723422,
  "summary_bg_mean": 116.9109878540039,
  "summary_bg_median": 46.580360412597656,
  "summary_bg_n": 82551.0,
  "summary_bg_p05": 1.0982143878936768,
  "summary_bg_p95": 424.99778747558594,
  "summary_bg_stdv": 244.8189239501953,
  "summary_fg_k": 1.8487408031551782,
  "summary_fg_mad": 524.9005473538725,
  "summary_fg_mean": 4058.14501953125,
  "summary_fg_median": 4006.58056640625,
  "summary_fg_n": 28957.0,
  "summary_fg_p05": 3035.242919921875,
  "summary_fg_p95": 5201.79765625,
  "summary_fg_stdv": 648.9608764648438,
  "tsnr": 49.55245054909028
}