{
  "aor": 0.004198090909090909,
  "aqi": 0.014238850136363635,
  "bids_meta": {
    "AcquisitionMatrixPE": 64,
    "AcquisitionNumber": 1,
    "AcquisitionTime": "11:36:25.000000",
    "BodyPartExamined": "BRAIN",
    "CoilString": "Head+Neck_40",
    "ConversionSoftware": "dcm2niix",
    "ConversionSoftwareVersion": "v1.0.20200331",
    "DeviceSerialNumber": "00000070431MRS04",
    "EchoTime": 0.03,
    "EffectiveEchoSpacing": 0.000644,
    "FlipAngle": 78,
    "ImageOrientationPatientDICOM": [
      1,
      0,
      0,
      0,
      1,
      0
    ],
    "ImageType": [
      "ORIGINAL",
      "PRIMARY",
      "EPI",
      "NONE"
    ],
    "ImagingFrequency": 127.734,
    "InPlanePhaseEncodingDirectionDICOM": "ROW",
    "InstitutionName": "N_and_N_University_Hospital",
    "MRAcquisitionType": "2D",
    "MagneticFieldStrength": 3,
    "Manufacturer": "GE",
    "ManufacturersModelName": "DISCOVERY_MR750w",
    "Modality": "MR",
    "PatientPosition": "HFS",
    "PercentPhaseFOV": 100,
    "PercentSampling": 100,
    "PhaseEncodingDirection": "i-",
    "PhaseEncodingPolarityGE": "Flipped",
    "PixelBandwidth": 7812.5,
    "ProcedureStepDescription": "MRI_Head",
    "ProtocolName": "fMRI_1_PartB",
    "ReconMatrixPE": 64,
    "RepetitionTime": 2,
    "SAR": 0.058184,
    "ScanOptions": "SAT_GEMS_EPI_GEMS_ACC_GEMS_FS",
    "ScanningSequence": "EP_GR",
    "SequenceVariant": "SS",
    "SeriesDescription": "fMRI_1_PartB",
    "SeriesNumber": 6,
    "SliceThickness": 3.3,
    "SliceTiming": [
      0,
      1.0285,
      0.0571001,
      1.0857,
      0.1142,
      1.1428,
      0.1714,
      1.2,
      0.2285,
      1.2571,
      0.2857,
      1.3143,
      0.3428,
      1.3714,
      0.4,
      1.4286,
      0.4571,
      1.4857,
      0.5142,
      1.5428,
      0.5714,
      1.6,
      0.6285,
      1.6571,
      0.6857,
      1.7143,
      0.7428,
      1.7714,
      0.8,
      1.8285,
      0.8571,
      1.8857,
      0.9143,
      1.9428,
      0.9714
    ],
    "SoftwareVersions": "27_LX_MR_Software_release:DV26.0_EB_1706.a",
    "SpacingBetweenSlices": 3.3,
    "StationName": "nnmr04",
    "TaskName": "localiser",
    "TotalReadoutTime": 0.040572,
    "dataset": "ds003342",
    "modality": "bold",
    "run_id": 1,
    "session_id": "localiser",
    "subject_id": "VB04",
    "task_id": "localiser"
  },
  "dummy_trs": 4,
  "dvars_nstd": 16.05699791748859,
  "dvars_std": 0.962649517260274,
  "dvars_vstd": 0.9548879045205481,
  "efc": 0.5042386849038591,
  "fber": 8523.9716796875,
  "fd_mean": 0.13120153930892936,
  "fd_num": 38,
  "fd_perc": 17.272727272727273,
  "fwhm_avg": 2.3923338334077666,
  "fwhm_x": 2.339364227176044,
  "fwhm_y": 2.552749526322332,
  "fwhm_z": 2.2848877467249236,
  "gcor": 0.0219157,
  "gsr_x": -4.457207614905201e-05,
  "gsr_y": 0.0221027210354805,
  "provenance": {
    "md5sum": "5b8864a2dfbe4cb4c8733f16e23e9ff2",
    "settings": {
      "fd_thres": 0.2,
      "testing": false
    },
    "software": "mriqc",
    "version": "22.0.6",
    "webapi_port": null,
    "webapi_url": "https://mriqc.nimh.nih.gov/api/v1"
  },
  "size_t": 220,
  "size_x": 64,
  "size_y": 64,
  "size_z": 35,
  "snr": 6.076274009256971,
  "spacing_tr": 2.0,
  "spacing_x": 3.2969000339508057,
  "spacing_y": 3.2969000339508057,
  "spacing_z": 3.3000001907348633,
  "summary_bg_k": 78.92355787553055,
  "summary_bg_mad": 60.22060560124084,
  "summary_bg_mean": 118.32778930664062,
  "summary_bg_median": 45.513633728027344,
  "summary_bg_n": 82952.0,
  "summary_bg_p05": 1.077272653579712,
  "summary_bg_p95": 422.57931671142575,
  "summary_bg_stdv": 263.84063720703125,
  "summary_fg_k": 1.537910361362786,
  "summary_fg_mad": 553.3747627154354,
  "summary_fg_mean": 4126.6181640625,
  "summary_fg_median": 4076.47265625,
  "summary_fg_n": 28759.0,
  "summary_fg_p05": 3056.736669921875,
  "summary_fg_p95": 5294.671728515625,
  "summary_fg_stdv": 670.8719482421875,
  "tsnr": 46.951336819678545
}