{
  "aor": 0.0007150684931506849,
  "aqi": 0.002086144200913242,
  "bids_meta": {
    "AcquisitionMatrixPE": 72,
    "AcquisitionNumber": 1,
    "AcquisitionTime": "14:58:55.522500",
    "BandwidthPerPixelPhaseEncode": 56.689,
    "BaseResolution": 72,
    "BodyPartExamined": "BRAIN",
    "ConsistencyInfo": "N4_VD13D_LATEST_20130810",
    "ConversionSoftware": "dcm2niix",
    "ConversionSoftwareVersion": "v1.0.20200331",
    "DerivedVendorReportedEchoSpacing": 0.000490003,
    "DeviceSerialNumber": "67003",
    "DwellTime": 2.8e-06,
    "EchoTime": 0.03,
    "EchoTrainLength": 36,
    "EffectiveEchoSpacing": 0.000245001,
    "FlipAngle": 77,
    "ImageOrientationPatientDICOM": [
      1,
      0,
      0,
      0,
      0.993768,
      -0.111469
    ],
    "ImageType": [
      "ORIGINAL",
      "PRIMARY",
      "M",
      "ND",
      "MOSAIC"
    ],
    "ImagingFrequency": 123.257,
    "InPlanePhaseEncodingDirectionDICOM": "COL",
    "InstitutionAddress": "Oxfordlaan_55_Maastricht_Limburg_NL_6229_EV",
    "InstitutionName": "Brains_Unlimited",
    "InstitutionalDepartmentName": "Department",
    "MRAcquisitionType": "2D",
    "MagneticFieldStrength": 3,
    "Manufacturer": "Siemens",
    "ManufacturersModelName": "Prisma_fit",
    "Modality": "MR",
    "ParallelReductionFactorInPlane": 2,
    "PartialFourier": 1,
    "PatientPosition": "HFS",
    "PercentPhaseFOV": 100,
    "PercentSampling": 100,
    "PhaseEncodingDirection": "j-",
    "PhaseEncodingSteps": 72,
    "PhaseResolution": 1,
    "PixelBandwidth": 2480,
    "ProcedureStepDescription": "Stephanie_Rossit_object_reg",
    "ProtocolName": "ep2d_3iso_matrix72_ipat2_localizer2",
    "PulseSequenceDetails": "%SiemensSeq%_ep2d_bold",
    "ReceiveCoilActiveElements": "HC1-7",
    "ReceiveCoilName": "HeadNeck_64",
    "ReconMatrixPE": 72,
    "RefLinesPE": 36,
    "RepetitionTime": 2,
    "SAR": 0.0815475,
    "ScanOptions": "FS",
    "ScanningSequence": "EP",
    "SequenceName": "_epfid2d1_72",
    "SequenceVariant": "SK",
    "SeriesDescription": "ep2d_3iso_matrix72_ipat2_localizer2",
    "SeriesNumber": 15,
    "ShimSetting": [
      2242,
      -11690,
      -2198,
      347,
      -76,
      168,
      -73,
      23
    ],
    "SliceThickness": 3,
    "SliceTiming": [
      0,
      1.02,
      0.0575,
      1.075,
      0.115,
      1.1325,
      0.17,
      1.1875,
      0.2275,
      1.245,
      0.2825,
      1.3025,
      0.34,
      1.3575,
      0.3975,
      1.415,
      0.4525,
      1.4725,
      0.51,
      1.5275,
      0.5675,
      1.585,
      0.6225,
      1.6425,
      0.68,
      1.6975,
      0.735,
      1.755,
      0.7925,
      1.81,
      0.85,
      1.8675,
      0.905,
      1.925,
      0.9625
    ],
    "SoftwareVersions": "syngo_MR_D13D",
    "SpacingBetweenSlices": 3,
    "StationName": "MRCPRISMA",
    "TaskName": "localiser",
    "TotalReadoutTime": 0.0173951,
    "TxRefAmp": 230.083,
    "dataset": "ds003342",
    "modality": "bold",
    "run_id": 2,
    "session_id": "localiser",
    "subject_id": "TS12",
    "task_id": "localiser"
  },
  "dummy_trs": 5,
  "dvars_nstd": 19.248964677247706,
  "dvars_std": 1.1009030295412847,
  "dvars_vstd": 0.9956124436697245,
  "efc": 0.5256133432049811,
  "fber": 411.00836181640625,
  "fd_mean": 0.08532195151059312,
  "fd_num": 1,
  "fd_perc": 0.45662100456621,
  "fwhm_avg": 2.7779744444444443,
  "fwhm_x": 2.6355333333333335,
  "fwhm_y": 2.859,
  "fwhm_z": 2.83939,
  "gcor": 0.0147591,
  "gsr_x": -0.006142225116491318,
  "gsr_y": 0.03567710518836975,
  "provenance": {
    "md5sum": "e2922f0bad9ab7669c22b597529519cd",
    "settings": {
      "fd_thres": 0.2,
      "testing": false
    },
    "software": "mriqc",
    "version": "22.0.6",
    "webapi_port": null,
    "webapi_url": "https://mriqc.nimh.nih.gov/api/v1"
  },
  "size_t": 219,
  "size_x": 72,
  "size_y": 72,
  "size_z": 35,
  "snr": 2.4368629478373296,
  "spacing_tr": 2.0,
  "spacing_x": 3.0,
  "spacing_y": 3.0,
  "spacing_z": 3.0,
  "summary_bg_k": 34.72226524364174,
  "summary_bg_mad": 7.0542091846292445,
  "summary_bg_mean": 69.38367462158203,
  "summary_bg_median": 39.575340270996094,
  "summary_bg_n": 113406.0,
  "summary_bg_p05": 33.634700775146484,
  "summary_bg_p95": 227.46460342407227,
  "summary_bg_stdv": 90.59317779541016,
  "summary_fg_k": 2.5292817930217435,
  "summary_fg_mad": 290.9148970075445,
  "summary_fg_mean": 866.7406005859375,
  "summary_fg_median": 804.3424072265625,
  "summary_fg_n": 31697.0,
  "summary_fg_p05": 458.7515869140625,
  "summary_fg_p95": 1496.1898925781227,
  "summary_fg_stdv": 330.06768798828125,
  "tsnr": 76.17397528747097
}