{
  "bids_meta": {
    "AcquisitionMatrixPE": 256,
    "AcquisitionNumber": 1,
    "AcquisitionTime": "12:14:22.000000",
    "BodyPartExamined": "BRAIN",
    "CoilString": "RM:HNU_FlexS",
    "ConversionSoftware": "dcm2niix",
    "ConversionSoftwareVersion": "v1.0.20200331",
    "DeviceSerialNumber": "00000070431MRS04",
    "EchoTime": 0.002612,
    "FlipAngle": 9,
    "ImageOrientationPatientDICOM": [
      0,
      1,
      0,
      0,
      0,
      -1
    ],
    "ImageType": [
      "ORIGINAL",
      "PRIMARY",
      "OTHER"
    ],
    "ImagingFrequency": 127.734,
    "InPlanePhaseEncodingDirectionDICOM": "ROW",
    "InstitutionName": "N_and_N_University_Hospital",
    "InversionTime": 0.9,
    "MRAcquisitionType": "3D",
    "MagneticFieldStrength": 3,
    "Manufacturer": "GE",
    "ManufacturersModelName": "DISCOVERY_MR750w",
    "Modality": "MR",
    "PatientPosition": "HFS",
    "PercentPhaseFOV": 100,
    "PercentSampling": 62.5,
    "PixelBandwidth": 390.625,
    "ProcedureStepDescription": "MRI_Head",
    "ProtocolName": "SAG_FSPGR_BRAVO",
    "ReconMatrixPE": 256,
    "RepetitionTime": 0.007008,
    "SAR": 0.0514554,
    "ScanOptions": "FAST_GEMS_NPW_EDR_GEMS_ACC_GEMS_IR_GEMS",
    "ScanningSequence": "GR",
    "SequenceVariant": "SS_SK_OSP",
    "SeriesDescription": "SAG_FSPGR_BRAVO",
    "SeriesNumber": 2,
    "SliceThickness": 0.9,
    "SoftwareVersions": "27_LX_MR_Software_release:DV26.0_EB_1706.a",
    "SpacingBetweenSlices": 0.9,
    "StationName": "nnmr04",
    "dataset": "ds003342",
    "modality": "T1w",
    "session_id": "action",
    "subject_id": "CR09"
  },
  "cjv": 0.6001995766402602,
  "cnr": 2.1838825576872005,
  "efc": 0.6256770681955939,
  "fber": 2121.0211570247934,
  "fwhm_avg": 3.8801453901678093,
  "fwhm_x": 3.863855657912775,
  "fwhm_y": 3.8432546378523593,
  "fwhm_z": 3.9333258747382924,
  "icvs_csf": 0.1757405856583255,
  "icvs_gm": 0.4093199749540374,
  "icvs_wm": 0.4149394393876371,
  "inu_med": 1.0218212604522705,
  "inu_range": 0.9904384970664976,
  "provenance": {
    "md5sum": "29d6b010a038817c68c52090e90a166f",
    "settings": {
      "testing": false
    },
    "software": "mriqc",
    "version": "22.0.6",
    "warnings": {
      "large_rot_frame": true,
      "small_air_mask": false
    },
    "webapi_port": null,
    "webapi_url": "https://mriqc.nimh.nih.gov/api/v1"
  },
  "qi_1": 0.0,
  "qi_2": 0.00023488014195687497,
  "rpve_csf": 20.93912953510829,
  "rpve_gm": 8.352714394972235,
  "rpve_wm": 9.213037674053778,
  "size_x": 196,
  "size_y": 256,
  "size_z": 256,
  "snr_csf": 2.325961387405698,
  "snr_gm": 7.508368993006829,
  "snr_total": 6.545254331422288,
  "snr_wm": 9.801432613854335,
  "snrd_csf": 7.232272053662871,
  "snrd_gm": 16.023511530154494,
  "snrd_total": 15.528404766254928,
  "snrd_wm": 23.32943071494742,
  "spacing_x": 0.8999999761581421,
  "spacing_y": 0.8984000086784363,
  "spacing_z": 0.8984000086784363,
  "summary_bg_k": 3.1387772085323595,
  "summary_bg_mad": 28.083462089391713,
  "summary_bg_mean": 34.812377703286934,
  "summary_bg_median": 18.942007329314947,
  "summary_bg_n": 2770175.0,
  "summary_bg_p05": 0.0,
  "summary_bg_p95": 118.53345762938261,
  "summary_bg_stdv": 42.26348195553545,
  "summary_csf_k": 2.2999190728876435,
  "summary_csf_mad": 127.20156358136246,
  "summary_csf_mean": 312.4553112503399,
  "summary_csf_median": 310.0228258408606,
  "summary_csf_n": 36896.0,
  "summary_csf_p05": 99.94959749747068,
  "summary_csf_p95": 529.4344107387587,
  "summary_csf_stdv": 133.28623002269734,
  "summary_gm_k": -0.05211741636141065,
  "summary_gm_mad": 90.58293164127328,
  "summary_gm_mean": 686.6174840095175,
  "summary_gm_median": 686.8732657749206,
  "summary_gm_n": 26768.0,
  "summary_gm_p05": 534.1433831490576,
  "summary_gm_p95": 839.2662247410043,
  "summary_gm_stdv": 91.47931277425786,
  "summary_wm_k": 0.4854817292765894,
  "summary_wm_mad": 97.38746797385697,
  "summary_wm_mean": 1004.977057987193,
  "summary_wm_median": 1000.0530928373337,
  "summary_wm_n": 242375.0,
  "summary_wm_p05": 845.9702096879482,
  "summary_wm_p95": 1179.9756330437958,
  "summary_wm_stdv": 102.03110802323692,
  "tpm_overlap_csf": 0.13749026055371957,
  "tpm_overlap_gm": 0.4246461441211497,
  "tpm_overlap_wm": 0.4365320945120336,
  "wm2max": 0.4053553663588906
}