{
  "bids_meta": {
    "AcquisitionMatrixPE": 256,
    "AcquisitionNumber": 1,
    "AcquisitionTime": "11:25:5.000000",
    "BodyPartExamined": "BRAIN",
    "CoilString": "Head+Neck_40",
    "ConversionSoftware": "dcm2niix",
    "ConversionSoftwareVersion": "v1.0.20200331",
    "DeviceSerialNumber": "00000070431MRS04",
    "EchoTime": 0.0026,
    "FlipAngle": 9,
    "ImageOrientationPatientDICOM": [
      -0.0182218,
      0.971258,
      0.237332,
      0.0200671,
      0.237679,
      -0.971136
    ],
    "ImageType": [
      "ORIGINAL",
      "PRIMARY",
      "OTHER"
    ],
    "ImagingFrequency": 127.734,
    "InPlanePhaseEncodingDirectionDICOM": "ROW",
    "InstitutionName": "N_and_N_University_Hospital",
    "InversionTime": 0.9,
    "MRAcquisitionType": "3D",
    "MagneticFieldStrength": 3,
    "Manufacturer": "GE",
    "ManufacturersModelName": "DISCOVERY_MR750w",
    "Modality": "MR",
    "PatientPosition": "HFS",
    "PercentPhaseFOV": 100,
    "PercentSampling": 62.5,
    "PixelBandwidth": 390.625,
    "ProcedureStepDescription": "MRI_Head",
    "ProtocolName": "SAG_FSPGR_BRAVO",
    "ReconMatrixPE": 256,
    "RepetitionTime": 0.00718,
    "SAR": 0.0431879,
    "ScanOptions": "FAST_GEMS_NPW_EDR_GEMS_ACC_GEMS_IR_GEMS",
    "ScanningSequence": "GR",
    "SequenceVariant": "SS_SK_OSP",
    "SeriesDescription": "SAG_FSPGR_BRAVO",
    "SeriesNumber": 3,
    "SliceThickness": 0.9,
    "SoftwareVersions": "27_LX_MR_Software_release:DV26.0_EB_1706.a",
    "SpacingBetweenSlices": 0.9,
    "StationName": "nnmr04",
    "dataset": "ds003342",
    "modality": "T1w",
    "session_id": "localiser",
    "subject_id": "VB04"
  },
  "cjv": 0.41741885045614,
  "cnr": 3.2187166514650456,
  "efc": 0.566609532323153,
  "fber": 16201.449892325456,
  "fwhm_avg": 4.262392810777329,
  "fwhm_x": 4.280577891174366,
  "fwhm_y": 4.336442522669701,
  "fwhm_z": 4.170158018487922,
  "icvs_csf": 0.15423793595331867,
  "icvs_gm": 0.42377018211197737,
  "icvs_wm": 0.421991881934704,
  "inu_med": 0.5586012899875641,
  "inu_range": 0.2443652302026748,
  "provenance": {
    "md5sum": "ee9da951bb917e25841d2dc3ede13050",
    "settings": {
      "testing": false
    },
    "software": "mriqc",
    "version": "22.0.6",
    "warnings": {
      "large_rot_frame": true,
      "small_air_mask": false
    },
    "webapi_port": null,
    "webapi_url": "https://mriqc.nimh.nih.gov/api/v1"
  },
  "qi_1": 0.0,
  "qi_2": 0.0002789255896024218,
  "rpve_csf": 26.776864339776566,
  "rpve_gm": 10.045433660692032,
  "rpve_wm": 11.224027829126475,
  "size_x": 196,
  "size_y": 256,
  "size_z": 256,
  "snr_csf": 2.235460774892602,
  "snr_gm": 13.606560999949679,
  "snr_total": 10.927947336410574,
  "snr_wm": 16.941820234389436,
  "snrd_csf": 24.335886159757397,
  "snrd_gm": 58.06717035307038,
  "snrd_total": 53.870182014402445,
  "snrd_wm": 79.20748953037956,
  "spacing_x": 0.8999999761581421,
  "spacing_y": 0.8984000086784363,
  "spacing_z": 0.8984000086784363,
  "summary_bg_k": 3872.944389126157,
  "summary_bg_mad": 8.271423367080567,
  "summary_bg_mean": 9.884294320026783,
  "summary_bg_median": 5.578990280628204,
  "summary_bg_n": 3354331.0,
  "summary_bg_p05": 0.0,
  "summary_bg_p95": 33.91617871820927,
  "summary_bg_stdv": 22.113494664827613,
  "summary_csf_k": 3.750706345651918,
  "summary_csf_mad": 123.13829360199514,
  "summary_csf_mean": 312.0741619760303,
  "summary_csf_median": 307.2526842355728,
  "summary_csf_n": 33214.0,
  "summary_csf_p05": 87.80106045305729,
  "summary_csf_p95": 537.636067327112,
  "summary_csf_stdv": 137.44283160884612,
  "summary_gm_k": 0.042703434931614215,
  "summary_gm_mad": 53.915558411031256,
  "summary_gm_mean": 733.1055445911921,
  "summary_gm_median": 733.1269484013319,
  "summary_gm_n": 61837.0,
  "summary_gm_p05": 644.9516873806715,
  "summary_gm_p95": 821.6083735227585,
  "summary_gm_stdv": 53.879964267336916,
  "summary_wm_k": 0.36422280862881395,
  "summary_wm_mad": 57.49647950287711,
  "summary_wm_mean": 1004.6345713835476,
  "summary_wm_median": 1000.0340078026056,
  "summary_wm_n": 319421.0,
  "summary_wm_p05": 916.6212994605303,
  "summary_wm_p95": 1109.504682943225,
  "summary_wm_stdv": 59.02744974155453,
  "tpm_overlap_csf": 0.11316717976617559,
  "tpm_overlap_gm": 0.43519851006817334,
  "tpm_overlap_wm": 0.46900460811202177,
  "wm2max": 0.5321109220577055
}