{
  "aor": 0.0008942134831460676,
  "aqi": 0.008901828988764045,
  "bids_meta": {
    "AcquisitionMatrixPE": 64,
    "AcquisitionNumber": 1,
    "AcquisitionTime": "16:29:13.000000",
    "BodyPartExamined": "BRAIN",
    "CoilString": "RM:HNU_FlexS",
    "ConversionSoftware": "dcm2niix",
    "ConversionSoftwareVersion": "v1.0.20200331",
    "DeviceSerialNumber": "00000070431MRS04",
    "EchoTime": 0.03,
    "EffectiveEchoSpacing": 0.000644,
    "FlipAngle": 78,
    "ImageOrientationPatientDICOM": [
      1,
      0,
      0,
      0,
      1,
      0
    ],
    "ImageType": [
      "ORIGINAL",
      "PRIMARY",
      "EPI",
      "NONE"
    ],
    "ImagingFrequency": 127.734,
    "InPlanePhaseEncodingDirectionDICOM": "COL",
    "InstitutionName": "N_and_N_University_Hospital",
    "MRAcquisitionType": "2D",
    "MagneticFieldStrength": 3,
    "Manufacturer": "GE",
    "ManufacturersModelName": "DISCOVERY_MR750w",
    "Modality": "MR",
    "PatientPosition": "HFS",
    "PercentPhaseFOV": 100,
    "PercentSampling": 100,
    "PhaseEncodingDirection": "j",
    "PhaseEncodingPolarityGE": "Flipped",
    "PixelBandwidth": 7812.5,
    "ProcedureStepDescription": "MRI_Head",
    "ProtocolName": "fMRI_3.3X3.3X3.3_NEW_178_volumes",
    "ReconMatrixPE": 64,
    "RepetitionTime": 2,
    "SAR": 0.0552832,
    "ScanOptions": "SAT_GEMS_EPI_GEMS_ACC_GEMS_FS",
    "ScanningSequence": "EP_GR",
    "SequenceVariant": "SS",
    "SeriesDescription": "fMRI_3.3X3.3X3.3_NEW_178_volumes",
    "SeriesNumber": 10,
    "SliceThickness": 3.3,
    "SliceTiming": [
      0,
      1.0285,
      0.0571001,
      1.0857,
      0.1142,
      1.1428,
      0.1714,
      1.2,
      0.2285,
      1.2571,
      0.2857,
      1.3143,
      0.3428,
      1.3714,
      0.4,
      1.4286,
      0.4571,
      1.4857,
      0.5142,
      1.5428,
      0.5714,
      1.6,
      0.6285,
      1.6571,
      0.6857,
      1.7143,
      0.7428,
      1.7714,
      0.8,
      1.8285,
      0.8571,
      1.8857,
      0.9143,
      1.9428,
      0.9714
    ],
    "SoftwareVersions": "27_LX_MR_Software_release:DV26.0_EA_1641.c",
    "SpacingBetweenSlices": 3.3,
    "StationName": "nnmr04",
    "TaskName": "grasp",
    "TotalReadoutTime": 0.040572,
    "dataset": "ds003342",
    "modality": "bold",
    "run_id": 5,
    "session_id": "action",
    "subject_id": "VB04",
    "task_id": "grasp"
  },
  "dummy_trs": 0,
  "dvars_nstd": 40.601344545367226,
  "dvars_std": 1.0384931396045194,
  "dvars_vstd": 1.021306319039548,
  "efc": 0.5043689147683253,
  "fber": 2406.12841796875,
  "fd_mean": 0.24309698332084465,
  "fd_num": 108,
  "fd_perc": 60.674157303370784,
  "fwhm_avg": 3.020253338335744,
  "fwhm_x": 3.0722193259412416,
  "fwhm_y": 2.984543024863466,
  "fwhm_z": 3.003997664202526,
  "gcor": 0.00852044,
  "gsr_x": 0.0026227706111967564,
  "gsr_y": 0.024780483916401863,
  "provenance": {
    "md5sum": "7a61daf6bcc1d1e90b9a74a51857790a",
    "settings": {
      "fd_thres": 0.2,
      "testing": false
    },
    "software": "mriqc",
    "version": "22.0.6",
    "webapi_port": null,
    "webapi_url": "https://mriqc.nimh.nih.gov/api/v1"
  },
  "size_t": 178,
  "size_x": 64,
  "size_y": 64,
  "size_z": 35,
  "snr": 3.6527645927141417,
  "spacing_tr": 2.0,
  "spacing_x": 3.2969000339508057,
  "spacing_y": 3.2969000339508057,
  "spacing_z": 3.299999237060547,
  "summary_bg_k": 66.56985299488665,
  "summary_bg_mad": 18.865698103672422,
  "summary_bg_mean": 49.600242614746094,
  "summary_bg_median": 28.966293334960938,
  "summary_bg_n": 83469.0,
  "summary_bg_p05": 1.0393258333206177,
  "summary_bg_p95": 159.01011657714804,
  "summary_bg_stdv": 86.4044418334961,
  "summary_fg_k": 2.579030912004935,
  "summary_fg_mad": 326.14742210354893,
  "summary_fg_mean": 1502.5447998046875,
  "summary_fg_median": 1434.3848876953125,
  "summary_fg_n": 29070.0,
  "summary_fg_p05": 1000.7691192626953,
  "summary_fg_p95": 2253.4135253906247,
  "summary_fg_stdv": 392.677978515625,
  "tsnr": 33.29293278395198
}