{
  "aor": 0.0008492134831460676,
  "aqi": 0.012727118595505618,
  "bids_meta": {
    "AcquisitionMatrixPE": 64,
    "AcquisitionNumber": 1,
    "AcquisitionTime": "15:53:4.000000",
    "BodyPartExamined": "BRAIN",
    "CoilString": "RM:HNU_FlexS",
    "ConversionSoftware": "dcm2niix",
    "ConversionSoftwareVersion": "v1.0.20200331",
    "DeviceSerialNumber": "00000070431MRS04",
    "EchoTime": 0.03,
    "EffectiveEchoSpacing": 0.000644,
    "FlipAngle": 78,
    "ImageOrientationPatientDICOM": [
      1,
      0,
      0,
      0,
      1,
      0
    ],
    "ImageType": [
      "ORIGINAL",
      "PRIMARY",
      "EPI",
      "NONE"
    ],
    "ImagingFrequency": 127.734,
    "InPlanePhaseEncodingDirectionDICOM": "COL",
    "InstitutionName": "N_and_N_University_Hospital",
    "MRAcquisitionType": "2D",
    "MagneticFieldStrength": 3,
    "Manufacturer": "GE",
    "ManufacturersModelName": "DISCOVERY_MR750w",
    "Modality": "MR",
    "PatientPosition": "HFS",
    "PercentPhaseFOV": 100,
    "PercentSampling": 100,
    "PhaseEncodingDirection": "j",
    "PhaseEncodingPolarityGE": "Flipped",
    "PixelBandwidth": 7812.5,
    "ProcedureStepDescription": "MRI_Head",
    "ProtocolName": "fMRI_3.3X3.3X3.3_NEW_178_volumes",
    "ReconMatrixPE": 64,
    "RepetitionTime": 2,
    "SAR": 0.0552832,
    "ScanOptions": "SAT_GEMS_EPI_GEMS_ACC_GEMS_FS",
    "ScanningSequence": "EP_GR",
    "SequenceVariant": "SS",
    "SeriesDescription": "fMRI_3.3X3.3X3.3_NEW_178_volumes",
    "SeriesNumber": 5,
    "SliceThickness": 3.3,
    "SliceTiming": [
      0,
      1.0285,
      0.0571001,
      1.0857,
      0.1142,
      1.1428,
      0.1714,
      1.2,
      0.2285,
      1.2571,
      0.2857,
      1.3143,
      0.3428,
      1.3714,
      0.4,
      1.4286,
      0.4571,
      1.4857,
      0.5142,
      1.5428,
      0.5714,
      1.6,
      0.6285,
      1.6571,
      0.6857,
      1.7143,
      0.7428,
      1.7714,
      0.8,
      1.8285,
      0.8571,
      1.8857,
      0.9143,
      1.9428,
      0.9714
    ],
    "SoftwareVersions": "27_LX_MR_Software_release:DV26.0_EA_1641.c",
    "SpacingBetweenSlices": 3.3,
    "StationName": "nnmr04",
    "TaskName": "grasp",
    "TotalReadoutTime": 0.040572,
    "dataset": "ds003342",
    "modality": "bold",
    "run_id": 1,
    "session_id": "action",
    "subject_id": "VB04",
    "task_id": "grasp"
  },
  "dummy_trs": 0,
  "dvars_nstd": 42.93126531887005,
  "dvars_std": 1.0346338305084752,
  "dvars_vstd": 1.0078133568361582,
  "efc": 0.502206382156547,
  "fber": 2507.641357421875,
  "fd_mean": 0.44458339168346284,
  "fd_num": 130,
  "fd_perc": 73.03370786516854,
  "fwhm_avg": 2.953671093366784,
  "fwhm_x": 3.0673359506995888,
  "fwhm_y": 2.9074463590918294,
  "fwhm_z": 2.8862309703089326,
  "gcor": 0.0208658,
  "gsr_x": 0.004013403318822384,
  "gsr_y": 0.026171868667006493,
  "provenance": {
    "md5sum": "6d0d18e609964cfd0b9d4214581211ff",
    "settings": {
      "fd_thres": 0.2,
      "testing": false
    },
    "software": "mriqc",
    "version": "22.0.6",
    "webapi_port": null,
    "webapi_url": "https://mriqc.nimh.nih.gov/api/v1"
  },
  "size_t": 178,
  "size_x": 64,
  "size_y": 64,
  "size_z": 35,
  "snr": 3.775388313369011,
  "spacing_tr": 2.0,
  "spacing_x": 3.2969000339508057,
  "spacing_y": 3.2969000339508057,
  "spacing_z": 3.299999237060547,
  "summary_bg_k": 68.74998024413513,
  "summary_bg_mad": 19.72360658097711,
  "summary_bg_mean": 48.551856994628906,
  "summary_bg_median": 28.84831428527832,
  "summary_bg_n": 84061.0,
  "summary_bg_p05": 1.398876428604126,
  "summary_bg_p95": 150.03932189941406,
  "summary_bg_stdv": 84.08673858642578,
  "summary_fg_k": 2.4400786383312685,
  "summary_fg_mad": 324.76481228320307,
  "summary_fg_mean": 1526.0760498046875,
  "summary_fg_median": 1456.915771484375,
  "summary_fg_n": 28857.0,
  "summary_fg_p05": 1027.8280517578125,
  "summary_fg_p95": 2241.2989746093745,
  "summary_fg_stdv": 385.8915710449219,
  "tsnr": 30.92579995037522
}