{
  "aor": 0.0005411797752808989,
  "aqi": 0.008571402359550562,
  "bids_meta": {
    "AcquisitionMatrixPE": 64,
    "AcquisitionNumber": 1,
    "AcquisitionTime": "16:00:9.000000",
    "BodyPartExamined": "BRAIN",
    "CoilString": "RM:HNU_FlexS",
    "ConversionSoftware": "dcm2niix",
    "ConversionSoftwareVersion": "v1.0.20200331",
    "DeviceSerialNumber": "00000070431MRS04",
    "EchoTime": 0.03,
    "EffectiveEchoSpacing": 0.000644,
    "FlipAngle": 78,
    "ImageOrientationPatientDICOM": [
      1,
      0,
      0,
      0,
      1,
      0
    ],
    "ImageType": [
      "ORIGINAL",
      "PRIMARY",
      "EPI",
      "NONE"
    ],
    "ImagingFrequency": 127.734,
    "InPlanePhaseEncodingDirectionDICOM": "COL",
    "InstitutionName": "N_and_N_University_Hospital",
    "MRAcquisitionType": "2D",
    "MagneticFieldStrength": 3,
    "Manufacturer": "GE",
    "ManufacturersModelName": "DISCOVERY_MR750w",
    "Modality": "MR",
    "PatientPosition": "HFS",
    "PercentPhaseFOV": 100,
    "PercentSampling": 100,
    "PhaseEncodingDirection": "j",
    "PhaseEncodingPolarityGE": "Flipped",
    "PixelBandwidth": 7812.5,
    "ProcedureStepDescription": "MRI_Head",
    "ProtocolName": "fMRI_3.3X3.3X3.3_NEW_178_volumes",
    "ReconMatrixPE": 64,
    "RepetitionTime": 2,
    "SAR": 0.0552832,
    "ScanOptions": "SAT_GEMS_EPI_GEMS_ACC_GEMS_FS",
    "ScanningSequence": "EP_GR",
    "SequenceVariant": "SS",
    "SeriesDescription": "fMRI_3.3X3.3X3.3_NEW_178_volumes",
    "SeriesNumber": 6,
    "SliceThickness": 3.3,
    "SliceTiming": [
      0,
      1.0285,
      0.0571001,
      1.0857,
      0.1142,
      1.1428,
      0.1714,
      1.2,
      0.2285,
      1.2571,
      0.2857,
      1.3143,
      0.3428,
      1.3714,
      0.4,
      1.4286,
      0.4571,
      1.4857,
      0.5142,
      1.5428,
      0.5714,
      1.6,
      0.6285,
      1.6571,
      0.6857,
      1.7143,
      0.7428,
      1.7714,
      0.8,
      1.8285,
      0.8571,
      1.8857,
      0.9143,
      1.9428,
      0.9714
    ],
    "SoftwareVersions": "27_LX_MR_Software_release:DV26.0_EA_1641.c",
    "SpacingBetweenSlices": 3.3,
    "StationName": "nnmr04",
    "TaskName": "grasp",
    "TotalReadoutTime": 0.040572,
    "dataset": "ds003342",
    "modality": "bold",
    "run_id": 2,
    "session_id": "action",
    "subject_id": "VB04",
    "task_id": "grasp"
  },
  "dummy_trs": 0,
  "dvars_nstd": 40.1925906594915,
  "dvars_std": 1.0319468497175144,
  "dvars_vstd": 1.0132484107344628,
  "efc": 0.5039192470127873,
  "fber": 2448.4453125,
  "fd_mean": 0.27135671749538876,
  "fd_num": 115,
  "fd_perc": 64.6067415730337,
  "fwhm_avg": 2.9499142363368684,
  "fwhm_x": 3.0151808964882703,
  "fwhm_y": 2.9135005311305497,
  "fwhm_z": 2.9210612813917867,
  "gcor": 0.0124787,
  "gsr_x": 0.0037983283400535583,
  "gsr_y": 0.026230664923787117,
  "provenance": {
    "md5sum": "38f6d4b9c4047565e494ef548f1ef7b4",
    "settings": {
      "fd_thres": 0.2,
      "testing": false
    },
    "software": "mriqc",
    "version": "22.0.6",
    "webapi_port": null,
    "webapi_url": "https://mriqc.nimh.nih.gov/api/v1"
  },
  "size_t": 178,
  "size_x": 64,
  "size_y": 64,
  "size_z": 35,
  "snr": 3.766534265531402,
  "spacing_tr": 2.0,
  "spacing_x": 3.2969000339508057,
  "spacing_y": 3.2969000339508057,
  "spacing_z": 3.299999237060547,
  "summary_bg_k": 70.78941650930207,
  "summary_bg_mad": 18.95731726962198,
  "summary_bg_mean": 48.14134216308594,
  "summary_bg_median": 29.039325714111328,
  "summary_bg_n": 83610.0,
  "summary_bg_p05": 0.9912921369075764,
  "summary_bg_p95": 148.43005981445313,
  "summary_bg_stdv": 83.1694107055664,
  "summary_fg_k": 2.7292726181342273,
  "summary_fg_mad": 320.0629977891032,
  "summary_fg_mean": 1517.3861083984375,
  "summary_fg_median": 1449.654541015625,
  "summary_fg_n": 29182.0,
  "summary_fg_p05": 1025.061212158203,
  "summary_fg_p95": 2239.332373046874,
  "summary_fg_stdv": 384.8709716796875,
  "tsnr": 34.38170448038727
}