{
  "aor": 0.0007175842696629213,
  "aqi": 0.009297525674157304,
  "bids_meta": {
    "AcquisitionMatrixPE": 64,
    "AcquisitionNumber": 1,
    "AcquisitionTime": "16:07:12.000000",
    "BodyPartExamined": "BRAIN",
    "CoilString": "RM:HNU_FlexS",
    "ConversionSoftware": "dcm2niix",
    "ConversionSoftwareVersion": "v1.0.20200331",
    "DeviceSerialNumber": "00000070431MRS04",
    "EchoTime": 0.03,
    "EffectiveEchoSpacing": 0.000644,
    "FlipAngle": 78,
    "ImageOrientationPatientDICOM": [
      1,
      0,
      0,
      0,
      1,
      0
    ],
    "ImageType": [
      "ORIGINAL",
      "PRIMARY",
      "EPI",
      "NONE"
    ],
    "ImagingFrequency": 127.734,
    "InPlanePhaseEncodingDirectionDICOM": "COL",
    "InstitutionName": "N_and_N_University_Hospital",
    "MRAcquisitionType": "2D",
    "MagneticFieldStrength": 3,
    "Manufacturer": "GE",
    "ManufacturersModelName": "DISCOVERY_MR750w",
    "Modality": "MR",
    "PatientPosition": "HFS",
    "PercentPhaseFOV": 100,
    "PercentSampling": 100,
    "PhaseEncodingDirection": "j",
    "PhaseEncodingPolarityGE": "Flipped",
    "PixelBandwidth": 7812.5,
    "ProcedureStepDescription": "MRI_Head",
    "ProtocolName": "fMRI_3.3X3.3X3.3_NEW_178_volumes",
    "ReconMatrixPE": 64,
    "RepetitionTime": 2,
    "SAR": 0.0552832,
    "ScanOptions": "SAT_GEMS_EPI_GEMS_ACC_GEMS_FS",
    "ScanningSequence": "EP_GR",
    "SequenceVariant": "SS",
    "SeriesDescription": "fMRI_3.3X3.3X3.3_NEW_178_volumes",
    "SeriesNumber": 7,
    "SliceThickness": 3.3,
    "SliceTiming": [
      0,
      1.0285,
      0.0571001,
      1.0857,
      0.1142,
      1.1428,
      0.1714,
      1.2,
      0.2285,
      1.2571,
      0.2857,
      1.3143,
      0.3428,
      1.3714,
      0.4,
      1.4286,
      0.4571,
      1.4857,
      0.5142,
      1.5428,
      0.5714,
      1.6,
      0.6285,
      1.6571,
      0.6857,
      1.7143,
      0.7428,
      1.7714,
      0.8,
      1.8285,
      0.8571,
      1.8857,
      0.9143,
      1.9428,
      0.9714
    ],
    "SoftwareVersions": "27_LX_MR_Software_release:DV26.0_EA_1641.c",
    "SpacingBetweenSlices": 3.3,
    "StationName": "nnmr04",
    "TaskName": "grasp",
    "TotalReadoutTime": 0.040572,
    "dataset": "ds003342",
    "modality": "bold",
    "run_id": 3,
    "session_id": "action",
    "subject_id": "VB04",
    "task_id": "grasp"
  },
  "dummy_trs": 0,
  "dvars_nstd": 40.600927234293785,
  "dvars_std": 1.0346187311299433,
  "dvars_vstd": 1.015144473220339,
  "efc": 0.50227166001188,
  "fber": 2423.05322265625,
  "fd_mean": 0.26692062151970863,
  "fd_num": 101,
  "fd_perc": 56.741573033707866,
  "fwhm_avg": 2.98852717077578,
  "fwhm_x": 3.0665776626185868,
  "fwhm_y": 2.9421122570029175,
  "fwhm_z": 2.956891592705835,
  "gcor": 0.00589802,
  "gsr_x": 0.003847600193694234,
  "gsr_y": 0.027085231617093086,
  "provenance": {
    "md5sum": "78ff8ff5533c894cc18cf552afec23d2",
    "settings": {
      "fd_thres": 0.2,
      "testing": false
    },
    "software": "mriqc",
    "version": "22.0.6",
    "webapi_port": null,
    "webapi_url": "https://mriqc.nimh.nih.gov/api/v1"
  },
  "size_t": 178,
  "size_x": 64,
  "size_y": 64,
  "size_z": 35,
  "snr": 3.6974779226575314,
  "spacing_tr": 2.0,
  "spacing_x": 3.2969000339508057,
  "spacing_y": 3.2969000339508057,
  "spacing_z": 3.299999237060547,
  "summary_bg_k": 64.16368504386229,
  "summary_bg_mad": 18.765748123102426,
  "summary_bg_mean": 47.91807556152344,
  "summary_bg_median": 29.033708572387695,
  "summary_bg_n": 83931.0,
  "summary_bg_p05": 0.8426966667175293,
  "summary_bg_p95": 149.12640380859375,
  "summary_bg_stdv": 79.7344970703125,
  "summary_fg_k": 2.71503010965139,
  "summary_fg_mad": 323.1406823626868,
  "summary_fg_mean": 1507.9097900390625,
  "summary_fg_median": 1442.7022705078125,
  "summary_fg_n": 28999.0,
  "summary_fg_p05": 1006.5882202148438,
  "summary_fg_p95": 2248.1566894531247,
  "summary_fg_stdv": 390.17877197265625,
  "tsnr": 33.86863311426714
}