{
  "aor": 0.002191891891891892,
  "aqi": 0.007238359054054054,
  "bids_meta": {
    "AcquisitionMatrixPE": 64,
    "AcquisitionNumber": 1,
    "AcquisitionTime": "10:28:41.000000",
    "BodyPartExamined": "BRAIN",
    "CoilString": "Head+Neck_40",
    "ConversionSoftware": "dcm2niix",
    "ConversionSoftwareVersion": "v1.0.20200331",
    "DeviceSerialNumber": "00000070431MRS04",
    "EchoTime": 0.03,
    "EffectiveEchoSpacing": 0.000644,
    "FlipAngle": 78,
    "ImageOrientationPatientDICOM": [
      1,
      0,
      0,
      0,
      1,
      0
    ],
    "ImageType": [
      "ORIGINAL",
      "PRIMARY",
      "EPI",
      "NONE"
    ],
    "ImagingFrequency": 127.734,
    "InPlanePhaseEncodingDirectionDICOM": "ROW",
    "InstitutionName": "N_and_N_University_Hospital",
    "MRAcquisitionType": "2D",
    "MagneticFieldStrength": 3,
    "Manufacturer": "GE",
    "ManufacturersModelName": "DISCOVERY_MR750w",
    "Modality": "MR",
    "PatientPosition": "HFS",
    "PercentPhaseFOV": 100,
    "PercentSampling": 100,
    "PhaseEncodingDirection": "i-",
    "PhaseEncodingPolarityGE": "Flipped",
    "PixelBandwidth": 7812.5,
    "ProcedureStepDescription": "MRI_Head",
    "ProtocolName": "fMRI_1_PartB",
    "ReconMatrixPE": 64,
    "RepetitionTime": 2,
    "SAR": 0.073052,
    "ScanOptions": "SAT_GEMS_EPI_GEMS_ACC_GEMS_FS",
    "ScanningSequence": "EP_GR",
    "SequenceVariant": "SS",
    "SeriesDescription": "fMRI_1_PartB",
    "SeriesNumber": 4,
    "SliceThickness": 3.3,
    "SliceTiming": [
      0,
      1.0285,
      0.0571001,
      1.0857,
      0.1142,
      1.1428,
      0.1714,
      1.2,
      0.2285,
      1.2571,
      0.2857,
      1.3143,
      0.3428,
      1.3714,
      0.4,
      1.4286,
      0.4571,
      1.4857,
      0.5142,
      1.5428,
      0.5714,
      1.6,
      0.6285,
      1.6571,
      0.6857,
      1.7143,
      0.7428,
      1.7714,
      0.8,
      1.8285,
      0.8571,
      1.8857,
      0.9143,
      1.9428,
      0.9714
    ],
    "SoftwareVersions": "27_LX_MR_Software_release:DV26.0_EB_1706.a",
    "SpacingBetweenSlices": 3.3,
    "StationName": "nnmr04",
    "TaskName": "localiser",
    "TotalReadoutTime": 0.040572,
    "dataset": "ds003342",
    "modality": "bold",
    "run_id": 1,
    "session_id": "localiser",
    "subject_id": "JR24",
    "task_id": "localiser"
  },
  "dummy_trs": 2,
  "dvars_nstd": 16.996727800950232,
  "dvars_std": 1.0574406606334839,
  "dvars_vstd": 0.9750845275113128,
  "efc": 0.4833946836651737,
  "fber": 7703.462890625,
  "fd_mean": 0.06045899312580572,
  "fd_num": 5,
  "fd_perc": 2.2522522522522523,
  "fwhm_avg": 2.2137739921837207,
  "fwhm_x": 2.1741453869350034,
  "fwhm_y": 2.4526494333254196,
  "fwhm_z": 2.0145271562907388,
  "gcor": 0.0142151,
  "gsr_x": 0.0019174725748598576,
  "gsr_y": 0.014877792447805405,
  "provenance": {
    "md5sum": "f7d486db3f0eb548794e07c55c14471e",
    "settings": {
      "fd_thres": 0.2,
      "testing": false
    },
    "software": "mriqc",
    "version": "22.0.6",
    "webapi_port": null,
    "webapi_url": "https://mriqc.nimh.nih.gov/api/v1"
  },
  "size_t": 222,
  "size_x": 64,
  "size_y": 64,
  "size_z": 35,
  "snr": 5.576303707660356,
  "spacing_tr": 2.0,
  "spacing_x": 3.2969000339508057,
  "spacing_y": 3.2969000339508057,
  "spacing_z": 3.3000001907348633,
  "summary_bg_k": 85.33653873031933,
  "summary_bg_mad": 61.20743173809314,
  "summary_bg_mean": 114.60784149169922,
  "summary_bg_median": 45.4054069519043,
  "summary_bg_n": 86144.0,
  "summary_bg_p05": 0.7612612843513489,
  "summary_bg_p95": 449.9711883544908,
  "summary_bg_stdv": 220.32008361816406,
  "summary_fg_k": 0.8454800577931914,
  "summary_fg_mad": 644.444581288409,
  "summary_fg_mean": 3937.120361328125,
  "summary_fg_median": 3895.1533203125,
  "summary_fg_n": 25542.0,
  "summary_fg_p05": 2813.727770996094,
  "summary_fg_p95": 5098.759350585937,
  "summary_fg_stdv": 698.5051879882812,
  "tsnr": 56.93566151056439
}