{
  "aor": 0.0030341517857142863,
  "aqi": 0.007066227767857143,
  "bids_meta": {
    "AcquisitionMatrixPE": 64,
    "AcquisitionNumber": 1,
    "AcquisitionTime": "10:37:21.000000",
    "BodyPartExamined": "BRAIN",
    "CoilString": "Head+Neck_40",
    "ConversionSoftware": "dcm2niix",
    "ConversionSoftwareVersion": "v1.0.20200331",
    "DeviceSerialNumber": "00000070431MRS04",
    "EchoTime": 0.03,
    "EffectiveEchoSpacing": 0.000644,
    "FlipAngle": 78,
    "ImageOrientationPatientDICOM": [
      1,
      0,
      0,
      0,
      1,
      0
    ],
    "ImageType": [
      "ORIGINAL",
      "PRIMARY",
      "EPI",
      "NONE"
    ],
    "ImagingFrequency": 127.734,
    "InPlanePhaseEncodingDirectionDICOM": "ROW",
    "InstitutionName": "N_and_N_University_Hospital",
    "MRAcquisitionType": "2D",
    "MagneticFieldStrength": 3,
    "Manufacturer": "GE",
    "ManufacturersModelName": "DISCOVERY_MR750w",
    "Modality": "MR",
    "PatientPosition": "HFS",
    "PercentPhaseFOV": 100,
    "PercentSampling": 100,
    "PhaseEncodingDirection": "i-",
    "PhaseEncodingPolarityGE": "Flipped",
    "PixelBandwidth": 7812.5,
    "ProcedureStepDescription": "MRI_Head",
    "ProtocolName": "fMRI_2_PartB",
    "ReconMatrixPE": 64,
    "RepetitionTime": 2,
    "SAR": 0.0731874,
    "ScanOptions": "SAT_GEMS_EPI_GEMS_ACC_GEMS_FS",
    "ScanningSequence": "EP_GR",
    "SequenceVariant": "SS",
    "SeriesDescription": "fMRI_2_PartB",
    "SeriesNumber": 5,
    "SliceThickness": 3.3,
    "SliceTiming": [
      0,
      1.0285,
      0.0571001,
      1.0857,
      0.1142,
      1.1428,
      0.1714,
      1.2,
      0.2285,
      1.2571,
      0.2857,
      1.3143,
      0.3428,
      1.3714,
      0.4,
      1.4286,
      0.4571,
      1.4857,
      0.5142,
      1.5428,
      0.5714,
      1.6,
      0.6285,
      1.6571,
      0.6857,
      1.7143,
      0.7428,
      1.7714,
      0.8,
      1.8285,
      0.8571,
      1.8857,
      0.9143,
      1.9428,
      0.9714
    ],
    "SoftwareVersions": "27_LX_MR_Software_release:DV26.0_EB_1706.a",
    "SpacingBetweenSlices": 3.3,
    "StationName": "nnmr04",
    "TaskName": "localiser",
    "TotalReadoutTime": 0.040572,
    "dataset": "ds003342",
    "modality": "bold",
    "run_id": 2,
    "session_id": "localiser",
    "subject_id": "JR24",
    "task_id": "localiser"
  },
  "dummy_trs": 0,
  "dvars_nstd": 18.11178565349776,
  "dvars_std": 1.118513810538116,
  "dvars_vstd": 0.9819582051569501,
  "efc": 0.48368658755237376,
  "fber": 8302.8271484375,
  "fd_mean": 0.05682260508131463,
  "fd_num": 4,
  "fd_perc": 1.7857142857142858,
  "fwhm_avg": 2.1679952887988345,
  "fwhm_x": 2.1374806416423944,
  "fwhm_y": 2.4186113979454014,
  "fwhm_z": 1.9478938268087083,
  "gcor": 0.0215582,
  "gsr_x": 0.0025131197180598974,
  "gsr_y": 0.014979762025177479,
  "provenance": {
    "md5sum": "c804899280e6e5b574ab2ea1b63efb9e",
    "settings": {
      "fd_thres": 0.2,
      "testing": false
    },
    "software": "mriqc",
    "version": "22.0.6",
    "webapi_port": null,
    "webapi_url": "https://mriqc.nimh.nih.gov/api/v1"
  },
  "size_t": 224,
  "size_x": 64,
  "size_y": 64,
  "size_z": 35,
  "snr": 5.664387862595126,
  "spacing_tr": 2.0,
  "spacing_x": 3.2969000339508057,
  "spacing_y": 3.2969000339508057,
  "spacing_z": 3.3000001907348633,
  "summary_bg_k": 89.52953136605849,
  "summary_bg_mad": 59.271000192405445,
  "summary_bg_mean": 114.6345443725586,
  "summary_bg_median": 43.812503814697266,
  "summary_bg_n": 85975.0,
  "summary_bg_p05": 0.8035714626312256,
  "summary_bg_p95": 449.92456359863303,
  "summary_bg_stdv": 223.9101104736328,
  "summary_fg_k": 0.9218483648498981,
  "summary_fg_mad": 629.4511510159364,
  "summary_fg_mean": 3925.184326171875,
  "summary_fg_median": 3889.634033203125,
  "summary_fg_n": 25647.0,
  "summary_fg_p05": 2809.0322021484376,
  "summary_fg_p95": 5061.273974609375,
  "summary_fg_stdv": 686.6687622070312,
  "tsnr": 58.12645895523019
}