{
  "aor": 0.0009008482142857143,
  "aqi": 0.006746640714285714,
  "bids_meta": {
    "AcquisitionMatrixPE": 64,
    "AcquisitionNumber": 1,
    "AcquisitionTime": "10:46:10.000000",
    "BodyPartExamined": "BRAIN",
    "CoilString": "Head+Neck_40",
    "ConversionSoftware": "dcm2niix",
    "ConversionSoftwareVersion": "v1.0.20200331",
    "DeviceSerialNumber": "00000070431MRS04",
    "EchoTime": 0.03,
    "EffectiveEchoSpacing": 0.000644,
    "FlipAngle": 78,
    "ImageOrientationPatientDICOM": [
      1,
      0,
      0,
      0,
      1,
      0
    ],
    "ImageType": [
      "ORIGINAL",
      "PRIMARY",
      "EPI",
      "NONE"
    ],
    "ImagingFrequency": 127.734,
    "InPlanePhaseEncodingDirectionDICOM": "ROW",
    "InstitutionName": "N_and_N_University_Hospital",
    "MRAcquisitionType": "2D",
    "MagneticFieldStrength": 3,
    "Manufacturer": "GE",
    "ManufacturersModelName": "DISCOVERY_MR750w",
    "Modality": "MR",
    "PatientPosition": "HFS",
    "PercentPhaseFOV": 100,
    "PercentSampling": 100,
    "PhaseEncodingDirection": "i-",
    "PhaseEncodingPolarityGE": "Flipped",
    "PixelBandwidth": 7812.5,
    "ProcedureStepDescription": "MRI_Head",
    "ProtocolName": "fMRI_3_PartB",
    "ReconMatrixPE": 64,
    "RepetitionTime": 2,
    "SAR": 0.0731874,
    "ScanOptions": "SAT_GEMS_EPI_GEMS_ACC_GEMS_FS",
    "ScanningSequence": "EP_GR",
    "SequenceVariant": "SS",
    "SeriesDescription": "fMRI_3_PartB",
    "SeriesNumber": 6,
    "SliceThickness": 3.3,
    "SliceTiming": [
      0,
      1.0285,
      0.0571001,
      1.0857,
      0.1142,
      1.1428,
      0.1714,
      1.2,
      0.2285,
      1.2571,
      0.2857,
      1.3143,
      0.3428,
      1.3714,
      0.4,
      1.4286,
      0.4571,
      1.4857,
      0.5142,
      1.5428,
      0.5714,
      1.6,
      0.6285,
      1.6571,
      0.6857,
      1.7143,
      0.7428,
      1.7714,
      0.8,
      1.8285,
      0.8571,
      1.8857,
      0.9143,
      1.9428,
      0.9714
    ],
    "SoftwareVersions": "27_LX_MR_Software_release:DV26.0_EB_1706.a",
    "SpacingBetweenSlices": 3.3,
    "StationName": "nnmr04",
    "TaskName": "localiser",
    "TotalReadoutTime": 0.040572,
    "dataset": "ds003342",
    "modality": "bold",
    "run_id": 3,
    "session_id": "localiser",
    "subject_id": "JR24",
    "task_id": "localiser"
  },
  "dummy_trs": 0,
  "dvars_nstd": 18.39289291883408,
  "dvars_std": 1.070909890313901,
  "dvars_vstd": 0.9556043874439463,
  "efc": 0.4843199239491231,
  "fber": 8158.11572265625,
  "fd_mean": 0.07402915499192972,
  "fd_num": 8,
  "fd_perc": 3.5714285714285716,
  "fwhm_avg": 2.1438981648868545,
  "fwhm_x": 2.116742979203152,
  "fwhm_y": 2.3678879916310156,
  "fwhm_z": 1.9470635238263954,
  "gcor": 0.0147175,
  "gsr_x": 0.0033645774237811565,
  "gsr_y": 0.015654612332582474,
  "provenance": {
    "md5sum": "7aea96ff93c06c849d579c7c702bb0d4",
    "settings": {
      "fd_thres": 0.2,
      "testing": false
    },
    "software": "mriqc",
    "version": "22.0.6",
    "webapi_port": null,
    "webapi_url": "https://mriqc.nimh.nih.gov/api/v1"
  },
  "size_t": 224,
  "size_x": 64,
  "size_y": 64,
  "size_z": 35,
  "snr": 5.720512436371903,
  "spacing_tr": 2.0,
  "spacing_x": 3.2969000339508057,
  "spacing_y": 3.2969000339508057,
  "spacing_z": 3.3000001907348633,
  "summary_bg_k": 95.34512182802399,
  "summary_bg_mad": 59.098907789164315,
  "summary_bg_mean": 115.25559997558594,
  "summary_bg_median": 43.63839340209961,
  "summary_bg_n": 85950.0,
  "summary_bg_p05": 0.816964328289032,
  "summary_bg_p95": 449.27725677490236,
  "summary_bg_stdv": 227.1983184814453,
  "summary_fg_k": 1.0120569546507596,
  "summary_fg_mad": 619.2510214950653,
  "summary_fg_mean": 3906.4912109375,
  "summary_fg_median": 3868.531494140625,
  "summary_fg_n": 25633.0,
  "summary_fg_p05": 2813.4072265625,
  "summary_fg_p95": 5025.767382812499,
  "summary_fg_stdv": 676.242919921875,
  "tsnr": 59.98474625824019
}