{
  "bids_meta": {
    "AcquisitionMatrixPE": 256,
    "AcquisitionNumber": 1,
    "AcquisitionTime": "15:07:54.000000",
    "BodyPartExamined": "BRAIN",
    "CoilString": "RM:HNU_FlexS",
    "ConversionSoftware": "dcm2niix",
    "ConversionSoftwareVersion": "v1.0.20200331",
    "DeviceSerialNumber": "00000070431MRS04",
    "EchoTime": 0.002612,
    "FlipAngle": 9,
    "ImageOrientationPatientDICOM": [
      0,
      1,
      0,
      0.00632172,
      0,
      -0.99998
    ],
    "ImageType": [
      "ORIGINAL",
      "PRIMARY",
      "OTHER"
    ],
    "ImagingFrequency": 127.734,
    "InPlanePhaseEncodingDirectionDICOM": "ROW",
    "InstitutionName": "N_and_N_University_Hospital",
    "InversionTime": 0.9,
    "MRAcquisitionType": "3D",
    "MagneticFieldStrength": 3,
    "Manufacturer": "GE",
    "ManufacturersModelName": "DISCOVERY_MR750w",
    "Modality": "MR",
    "PatientPosition": "HFS",
    "PercentPhaseFOV": 100,
    "PercentSampling": 62.5,
    "PixelBandwidth": 390.625,
    "ProcedureStepDescription": "MRI_Head",
    "ProtocolName": "SAG_FSPGR_BRAVO",
    "ReconMatrixPE": 256,
    "RepetitionTime": 0.007024,
    "SAR": 0.0499395,
    "ScanOptions": "FAST_GEMS_NPW_EDR_GEMS_ACC_GEMS_IR_GEMS",
    "ScanningSequence": "GR",
    "SequenceVariant": "SS_SK_OSP",
    "SeriesDescription": "SAG_FSPGR_BRAVO",
    "SeriesNumber": 2,
    "SliceThickness": 0.9,
    "SoftwareVersions": "27_LX_MR_Software_release:DV26.0_EB_1706.a",
    "SpacingBetweenSlices": 0.9,
    "StationName": "nnmr04",
    "dataset": "ds003342",
    "modality": "T1w",
    "session_id": "action",
    "subject_id": "MC17"
  },
  "cjv": 0.5591237232479153,
  "cnr": 2.2569654840483793,
  "efc": 0.5886321743041655,
  "fber": 2693.3047145328724,
  "fwhm_avg": 4.575015521398542,
  "fwhm_x": 4.555122342891756,
  "fwhm_y": 4.5221170533783335,
  "fwhm_z": 4.647807167925536,
  "icvs_csf": 0.182996470903869,
  "icvs_gm": 0.3867304325804531,
  "icvs_wm": 0.4302730965156779,
  "inu_med": 0.9441549777984619,
  "inu_range": 1.1463575780391693,
  "provenance": {
    "md5sum": "034c70079d55efaf3ae95b5a9f1ae2f1",
    "settings": {
      "testing": false
    },
    "software": "mriqc",
    "version": "22.0.6",
    "warnings": {
      "large_rot_frame": true,
      "small_air_mask": false
    },
    "webapi_port": null,
    "webapi_url": "https://mriqc.nimh.nih.gov/api/v1"
  },
  "qi_1": 0.0,
  "qi_2": 0.0002555469073768429,
  "rpve_csf": 24.1399528384841,
  "rpve_gm": 10.562456706684278,
  "rpve_wm": 10.890777549219257,
  "size_x": 196,
  "size_y": 256,
  "size_z": 256,
  "snr_csf": 2.249977742550533,
  "snr_gm": 8.539157197146693,
  "snr_total": 7.185473168881718,
  "snr_wm": 10.767284566947932,
  "snrd_csf": 7.463079177421932,
  "snrd_gm": 18.25251130515761,
  "snrd_total": 17.251521924261848,
  "snrd_wm": 26.038975290206,
  "spacing_x": 0.8999999761581421,
  "spacing_y": 0.8984000086784363,
  "spacing_z": 0.8984000086784363,
  "summary_bg_k": 1445.0194212342428,
  "summary_bg_mad": 25.1613148584794,
  "summary_bg_mean": 29.410257884052392,
  "summary_bg_median": 16.97104897350073,
  "summary_bg_n": 3187799.0,
  "summary_bg_p05": 0.0,
  "summary_bg_p95": 101.18033695966005,
  "summary_bg_stdv": 46.80508902322771,
  "summary_csf_k": 3.279999057078566,
  "summary_csf_mad": 119.1897579282294,
  "summary_csf_mean": 292.73845593407685,
  "summary_csf_median": 286.6286852583289,
  "summary_csf_n": 30748.0,
  "summary_csf_p05": 95.77778849750757,
  "summary_csf_p95": 502.3577304538338,
  "summary_csf_stdv": 127.38971540373626,
  "summary_gm_k": 0.13171683989743865,
  "summary_gm_mad": 79.53239142983021,
  "summary_gm_mean": 699.2657545757459,
  "summary_gm_median": 701.0100246407092,
  "summary_gm_n": 24058.0,
  "summary_gm_p05": 559.6247441526502,
  "summary_gm_p95": 831.7575697600842,
  "summary_gm_stdv": 82.09187852366146,
  "summary_wm_k": 0.6981153468641681,
  "summary_wm_mad": 87.67281682522061,
  "summary_wm_mean": 1003.80960742892,
  "summary_wm_median": 1000.0586990267038,
  "summary_wm_n": 253444.0,
  "summary_wm_p05": 859.3575455993414,
  "summary_wm_p95": 1162.1938762441278,
  "summary_wm_stdv": 92.87919529464335,
  "tpm_overlap_csf": 0.12798021347074526,
  "tpm_overlap_gm": 0.4145506892931657,
  "tpm_overlap_wm": 0.4552274104842988,
  "wm2max": 0.38358039413166917
}