{
  "aor": 0.0005486516853932584,
  "aqi": 0.007890895674157303,
  "bids_meta": {
    "AcquisitionMatrixPE": 64,
    "AcquisitionNumber": 1,
    "AcquisitionTime": "16:14:3.000000",
    "BodyPartExamined": "BRAIN",
    "CoilString": "RM:HNU_FlexS",
    "ConversionSoftware": "dcm2niix",
    "ConversionSoftwareVersion": "v1.0.20200331",
    "DeviceSerialNumber": "00000070431MRS04",
    "EchoTime": 0.03,
    "EffectiveEchoSpacing": 0.000644,
    "FlipAngle": 78,
    "ImageOrientationPatientDICOM": [
      1,
      0,
      0,
      0,
      1,
      0
    ],
    "ImageType": [
      "ORIGINAL",
      "PRIMARY",
      "EPI",
      "NONE"
    ],
    "ImagingFrequency": 127.734,
    "InPlanePhaseEncodingDirectionDICOM": "COL",
    "InstitutionName": "N_and_N_University_Hospital",
    "MRAcquisitionType": "2D",
    "MagneticFieldStrength": 3,
    "Manufacturer": "GE",
    "ManufacturersModelName": "DISCOVERY_MR750w",
    "Modality": "MR",
    "PatientPosition": "HFS",
    "PercentPhaseFOV": 100,
    "PercentSampling": 100,
    "PhaseEncodingDirection": "j",
    "PhaseEncodingPolarityGE": "Flipped",
    "PixelBandwidth": 7812.5,
    "ProcedureStepDescription": "MRI_Head",
    "ProtocolName": "fMRI_3.3X3.3X3.3_NEW_178_volumes",
    "ReconMatrixPE": 64,
    "RepetitionTime": 2,
    "SAR": 0.0552832,
    "ScanOptions": "SAT_GEMS_EPI_GEMS_ACC_GEMS_FS",
    "ScanningSequence": "EP_GR",
    "SequenceVariant": "SS",
    "SeriesDescription": "fMRI_3.3X3.3X3.3_NEW_178_volumes",
    "SeriesNumber": 8,
    "SliceThickness": 3.3,
    "SliceTiming": [
      0,
      1.0285,
      0.0571001,
      1.0857,
      0.1142,
      1.1428,
      0.1714,
      1.2,
      0.2285,
      1.2571,
      0.2857,
      1.3143,
      0.3428,
      1.3714,
      0.4,
      1.4286,
      0.4571,
      1.4857,
      0.5142,
      1.5428,
      0.5714,
      1.6,
      0.6285,
      1.6571,
      0.6857,
      1.7143,
      0.7428,
      1.7714,
      0.8,
      1.8285,
      0.8571,
      1.8857,
      0.9143,
      1.9428,
      0.9714
    ],
    "SoftwareVersions": "27_LX_MR_Software_release:DV26.0_EA_1641.c",
    "SpacingBetweenSlices": 3.3,
    "StationName": "nnmr04",
    "TaskName": "grasp",
    "TotalReadoutTime": 0.040572,
    "dataset": "ds003342",
    "modality": "bold",
    "run_id": 4,
    "session_id": "action",
    "subject_id": "VB04",
    "task_id": "grasp"
  },
  "dummy_trs": 0,
  "dvars_nstd": 40.537419809322024,
  "dvars_std": 1.0343871957062147,
  "dvars_vstd": 1.0142178341807913,
  "efc": 0.49987674475204047,
  "fber": 2427.45458984375,
  "fd_mean": 0.25760879288958566,
  "fd_num": 96,
  "fd_perc": 53.93258426966292,
  "fwhm_avg": 2.975844400781954,
  "fwhm_x": 3.08304767973795,
  "fwhm_y": 2.887118172216328,
  "fwhm_z": 2.9573673503915843,
  "gcor": 0.00687446,
  "gsr_x": 0.0045592933893203735,
  "gsr_y": 0.027021218091249466,
  "provenance": {
    "md5sum": "be950b8cff99bdefb69ef51bce4dbc6d",
    "settings": {
      "fd_thres": 0.2,
      "testing": false
    },
    "software": "mriqc",
    "version": "22.0.6",
    "webapi_port": null,
    "webapi_url": "https://mriqc.nimh.nih.gov/api/v1"
  },
  "size_t": 178,
  "size_x": 64,
  "size_y": 64,
  "size_z": 35,
  "snr": 3.739177683955489,
  "spacing_tr": 2.0,
  "spacing_x": 3.2969000339508057,
  "spacing_y": 3.2969000339508057,
  "spacing_z": 3.299999237060547,
  "summary_bg_k": 69.05272640125813,
  "summary_bg_mad": 18.915674507877075,
  "summary_bg_mean": 48.09190368652344,
  "summary_bg_median": 29.044944763183594,
  "summary_bg_n": 84627.0,
  "summary_bg_p05": 0.6533708095550548,
  "summary_bg_p95": 146.6719131469725,
  "summary_bg_stdv": 83.06241607666016,
  "summary_fg_k": 2.606568359623153,
  "summary_fg_mad": 321.3748437584437,
  "summary_fg_mean": 1506.4036865234375,
  "summary_fg_median": 1439.2808837890625,
  "summary_fg_n": 28556.0,
  "summary_fg_p05": 1008.5941162109375,
  "summary_fg_p95": 2223.3526000976562,
  "summary_fg_stdv": 384.912353515625,
  "tsnr": 35.27690790314227
}