{
  "aor": 0.0007364285714285714,
  "aqi": 0.0035193735714285712,
  "bids_meta": {
    "AcquisitionMatrixPE": 64,
    "AcquisitionNumber": 1,
    "AcquisitionTime": "09:52:16.000000",
    "BodyPartExamined": "BRAIN",
    "CoilString": "Head+Neck_40",
    "ConversionSoftware": "dcm2niix",
    "ConversionSoftwareVersion": "v1.0.20200331",
    "DeviceSerialNumber": "00000070431MRS04",
    "EchoTime": 0.03,
    "EffectiveEchoSpacing": 0.000644,
    "FlipAngle": 78,
    "ImageOrientationPatientDICOM": [
      1,
      0,
      0,
      0,
      1,
      0
    ],
    "ImageType": [
      "ORIGINAL",
      "PRIMARY",
      "EPI",
      "NONE"
    ],
    "ImagingFrequency": 127.734,
    "InPlanePhaseEncodingDirectionDICOM": "ROW",
    "InstitutionName": "N_and_N_University_Hospital",
    "MRAcquisitionType": "2D",
    "MagneticFieldStrength": 3,
    "Manufacturer": "GE",
    "ManufacturersModelName": "DISCOVERY_MR750w",
    "Modality": "MR",
    "PatientPosition": "HFS",
    "PercentPhaseFOV": 100,
    "PercentSampling": 100,
    "PhaseEncodingDirection": "i-",
    "PhaseEncodingPolarityGE": "Flipped",
    "PixelBandwidth": 7812.5,
    "ProcedureStepDescription": "MRI_Head",
    "ProtocolName": "fMRI_4_PartB",
    "ReconMatrixPE": 64,
    "RepetitionTime": 2,
    "SAR": 0.0659283,
    "ScanOptions": "SAT_GEMS_EPI_GEMS_ACC_GEMS_FS",
    "ScanningSequence": "EP_GR",
    "SequenceVariant": "SS",
    "SeriesDescription": "fMRI_4_PartB",
    "SeriesNumber": 9,
    "SliceThickness": 3.3,
    "SliceTiming": [
      0,
      1.0285,
      0.0571001,
      1.0857,
      0.1142,
      1.1428,
      0.1714,
      1.2,
      0.2285,
      1.2571,
      0.2857,
      1.3143,
      0.3428,
      1.3714,
      0.4,
      1.4286,
      0.4571,
      1.4857,
      0.5142,
      1.5428,
      0.5714,
      1.6,
      0.6285,
      1.6571,
      0.6857,
      1.7143,
      0.7428,
      1.7714,
      0.8,
      1.8285,
      0.8571,
      1.8857,
      0.9143,
      1.9428,
      0.9714
    ],
    "SoftwareVersions": "27_LX_MR_Software_release:DV26.0_EB_1706.a",
    "SpacingBetweenSlices": 3.3,
    "StationName": "nnmr04",
    "TaskName": "localiser",
    "TotalReadoutTime": 0.040572,
    "dataset": "ds003342",
    "modality": "bold",
    "run_id": 4,
    "session_id": "localiser",
    "subject_id": "LB28",
    "task_id": "localiser"
  },
  "dummy_trs": 0,
  "dvars_nstd": 17.921220471479835,
  "dvars_std": 1.067667385022421,
  "dvars_vstd": 1.0007960692376683,
  "efc": 0.5167521022019032,
  "fber": 7199.65625,
  "fd_mean": 0.07434679887598131,
  "fd_num": 1,
  "fd_perc": 0.44642857142857145,
  "fwhm_avg": 2.1862713846942046,
  "fwhm_x": 2.1528556907727907,
  "fwhm_y": 2.327544032569385,
  "fwhm_z": 2.0784144307404384,
  "gcor": 0.0177346,
  "gsr_x": 0.0006989379762671888,
  "gsr_y": 0.014821333810687065,
  "provenance": {
    "md5sum": "a313d8c61d940f115777c9c283027504",
    "settings": {
      "fd_thres": 0.2,
      "testing": false
    },
    "software": "mriqc",
    "version": "22.0.6",
    "webapi_port": null,
    "webapi_url": "https://mriqc.nimh.nih.gov/api/v1"
  },
  "size_t": 224,
  "size_x": 64,
  "size_y": 64,
  "size_z": 35,
  "snr": 5.9109810582925055,
  "spacing_tr": 2.0,
  "spacing_x": 3.2969000339508057,
  "spacing_y": 3.2969000339508057,
  "spacing_z": 3.3000011444091797,
  "summary_bg_k": 77.95232839221862,
  "summary_bg_mad": 64.14240727979248,
  "summary_bg_mean": 124.32091522216797,
  "summary_bg_median": 48.093753814697266,
  "summary_bg_n": 80931.0,
  "summary_bg_p05": 0.9910714626312256,
  "summary_bg_p95": 481.8995666503906,
  "summary_bg_stdv": 257.0235290527344,
  "summary_fg_k": 0.7977796354946394,
  "summary_fg_mad": 633.4220708494606,
  "summary_fg_mean": 4059.9287109375,
  "summary_fg_median": 4000.55810546875,
  "summary_fg_n": 30434.0,
  "summary_fg_p05": 3016.6646728515625,
  "summary_fg_p95": 5192.705810546875,
  "summary_fg_stdv": 676.7899169921875,
  "tsnr": 80.56218985770829
}