{
  "aor": 0.0007469196428571428,
  "aqi": 0.003975134999999999,
  "bids_meta": {
    "AcquisitionMatrixPE": 64,
    "AcquisitionNumber": 1,
    "AcquisitionTime": "09:43:48.000000",
    "BodyPartExamined": "BRAIN",
    "CoilString": "Head+Neck_40",
    "ConversionSoftware": "dcm2niix",
    "ConversionSoftwareVersion": "v1.0.20200331",
    "DeviceSerialNumber": "00000070431MRS04",
    "EchoTime": 0.03,
    "EffectiveEchoSpacing": 0.000644,
    "FlipAngle": 78,
    "ImageOrientationPatientDICOM": [
      1,
      0,
      0,
      0,
      1,
      0
    ],
    "ImageType": [
      "ORIGINAL",
      "PRIMARY",
      "EPI",
      "NONE"
    ],
    "ImagingFrequency": 127.734,
    "InPlanePhaseEncodingDirectionDICOM": "ROW",
    "InstitutionName": "N_and_N_University_Hospital",
    "MRAcquisitionType": "2D",
    "MagneticFieldStrength": 3,
    "Manufacturer": "GE",
    "ManufacturersModelName": "DISCOVERY_MR750w",
    "Modality": "MR",
    "PatientPosition": "HFS",
    "PercentPhaseFOV": 100,
    "PercentSampling": 100,
    "PhaseEncodingDirection": "i-",
    "PhaseEncodingPolarityGE": "Flipped",
    "PixelBandwidth": 7812.5,
    "ProcedureStepDescription": "MRI_Head",
    "ProtocolName": "fMRI_3_PartB",
    "ReconMatrixPE": 64,
    "RepetitionTime": 2,
    "SAR": 0.0659283,
    "ScanOptions": "SAT_GEMS_EPI_GEMS_ACC_GEMS_FS",
    "ScanningSequence": "EP_GR",
    "SequenceVariant": "SS",
    "SeriesDescription": "fMRI_3_PartB",
    "SeriesNumber": 8,
    "SliceThickness": 3.3,
    "SliceTiming": [
      0,
      1.0285,
      0.0571001,
      1.0857,
      0.1142,
      1.1428,
      0.1714,
      1.2,
      0.2285,
      1.2571,
      0.2857,
      1.3143,
      0.3428,
      1.3714,
      0.4,
      1.4286,
      0.4571,
      1.4857,
      0.5142,
      1.5428,
      0.5714,
      1.6,
      0.6285,
      1.6571,
      0.6857,
      1.7143,
      0.7428,
      1.7714,
      0.8,
      1.8285,
      0.8571,
      1.8857,
      0.9143,
      1.9428,
      0.9714
    ],
    "SoftwareVersions": "27_LX_MR_Software_release:DV26.0_EB_1706.a",
    "SpacingBetweenSlices": 3.3,
    "StationName": "nnmr04",
    "TaskName": "localiser",
    "TotalReadoutTime": 0.040572,
    "dataset": "ds003342",
    "modality": "bold",
    "run_id": 3,
    "session_id": "localiser",
    "subject_id": "LB28",
    "task_id": "localiser"
  },
  "dummy_trs": 0,
  "dvars_nstd": 18.062855391210764,
  "dvars_std": 1.0616375660089687,
  "dvars_vstd": 0.9937550240807178,
  "efc": 0.5169081282238429,
  "fber": 7123.978515625,
  "fd_mean": 0.07702821816114101,
  "fd_num": 0,
  "fd_perc": 0.0,
  "fwhm_avg": 2.1760084019754067,
  "fwhm_x": 2.141448004882197,
  "fwhm_y": 2.3120051932134915,
  "fwhm_z": 2.0745720078305303,
  "gcor": 0.0216594,
  "gsr_x": 0.0006801613490097225,
  "gsr_y": 0.014242660254240036,
  "provenance": {
    "md5sum": "e67224667b2dc690604f81275ec9b0e3",
    "settings": {
      "fd_thres": 0.2,
      "testing": false
    },
    "software": "mriqc",
    "version": "22.0.6",
    "webapi_port": null,
    "webapi_url": "https://mriqc.nimh.nih.gov/api/v1"
  },
  "size_t": 224,
  "size_x": 64,
  "size_y": 64,
  "size_z": 35,
  "snr": 5.96161433358224,
  "spacing_tr": 2.0,
  "spacing_x": 3.2969000339508057,
  "spacing_y": 3.2969000339508057,
  "spacing_z": 3.3000011444091797,
  "summary_bg_k": 76.83277771098564,
  "summary_bg_mad": 65.53896188275786,
  "summary_bg_mean": 124.27928924560547,
  "summary_bg_median": 48.88616180419922,
  "summary_bg_n": 80908.0,
  "summary_bg_p05": 1.0535714626312256,
  "summary_bg_p95": 482.13440551757776,
  "summary_bg_stdv": 256.2184143066406,
  "summary_fg_k": 0.8392042442265168,
  "summary_fg_mad": 625.6118048900357,
  "summary_fg_mean": 4069.256103515625,
  "summary_fg_median": 4011.48681640625,
  "summary_fg_n": 30420.0,
  "summary_fg_p05": 3018.0476806640627,
  "summary_fg_p95": 5192.401123046875,
  "summary_fg_stdv": 672.8749389648438,
  "tsnr": 76.7350630313158
}