{
  "bids_meta": {
    "AcquisitionMatrixPE": 256,
    "AcquisitionNumber": 1,
    "AcquisitionTime": "09:22:38.000000",
    "BodyPartExamined": "BRAIN",
    "CoilString": "Head+Neck_40",
    "ConversionSoftware": "dcm2niix",
    "ConversionSoftwareVersion": "v1.0.20200331",
    "DeviceSerialNumber": "00000070431MRS04",
    "EchoTime": 0.002596,
    "FlipAngle": 9,
    "ImageOrientationPatientDICOM": [
      0.0117208,
      0.971178,
      0.238067,
      -0.0143284,
      0.238222,
      -0.971105
    ],
    "ImageType": [
      "ORIGINAL",
      "PRIMARY",
      "OTHER"
    ],
    "ImagingFrequency": 127.734,
    "InPlanePhaseEncodingDirectionDICOM": "ROW",
    "InstitutionName": "N_and_N_University_Hospital",
    "InversionTime": 0.9,
    "MRAcquisitionType": "3D",
    "MagneticFieldStrength": 3,
    "Manufacturer": "GE",
    "ManufacturersModelName": "DISCOVERY_MR750w",
    "Modality": "MR",
    "PatientPosition": "HFS",
    "PercentPhaseFOV": 100,
    "PercentSampling": 62.5,
    "PixelBandwidth": 390.625,
    "ProcedureStepDescription": "MRI_Head",
    "ProtocolName": "SAG_FSPGR_BRAVO",
    "ReconMatrixPE": 256,
    "RepetitionTime": 0.007172,
    "SAR": 0.0529704,
    "ScanOptions": "FAST_GEMS_NPW_EDR_GEMS_ACC_GEMS_IR_GEMS",
    "ScanningSequence": "GR",
    "SequenceVariant": "SS_SK_OSP",
    "SeriesDescription": "SAG_FSPGR_BRAVO",
    "SeriesNumber": 2,
    "SliceThickness": 0.9,
    "SoftwareVersions": "27_LX_MR_Software_release:DV26.0_EB_1706.a",
    "SpacingBetweenSlices": 0.9,
    "StationName": "nnmr04",
    "dataset": "ds003342",
    "modality": "T1w",
    "session_id": "localiser",
    "subject_id": "KH02"
  },
  "cjv": 0.4429885754057211,
  "cnr": 3.1046772816161017,
  "efc": 0.6284835147604507,
  "fber": 17564.579559183672,
  "fwhm_avg": 4.0233981136186,
  "fwhm_x": 4.054644551855843,
  "fwhm_y": 4.163724358710356,
  "fwhm_z": 3.851825430289602,
  "icvs_csf": 0.2110378909625527,
  "icvs_gm": 0.3957670959477168,
  "icvs_wm": 0.3931950130897305,
  "inu_med": 0.5104527473449707,
  "inu_range": 0.18358539044857014,
  "provenance": {
    "md5sum": "ab3ded8f6b0c1bce6112c240c6658779",
    "settings": {
      "testing": false
    },
    "software": "mriqc",
    "version": "22.0.6",
    "warnings": {
      "large_rot_frame": true,
      "small_air_mask": false
    },
    "webapi_port": null,
    "webapi_url": "https://mriqc.nimh.nih.gov/api/v1"
  },
  "qi_1": 0.0,
  "qi_2": 0.0002810084319581634,
  "rpve_csf": 18.921401437836504,
  "rpve_gm": 9.918513065765705,
  "rpve_wm": 11.544483675436261,
  "size_x": 196,
  "size_y": 256,
  "size_z": 256,
  "snr_csf": 2.5006684523993385,
  "snr_gm": 13.35650809066886,
  "snr_total": 11.50006688947588,
  "snr_wm": 18.643024125359442,
  "snrd_csf": 26.515952901326887,
  "snrd_gm": 67.81109360375366,
  "snrd_total": 61.373936250385704,
  "snrd_wm": 89.79476224607659,
  "spacing_x": 0.8999999761581421,
  "spacing_y": 0.8984000086784363,
  "spacing_z": 0.8984000086784363,
  "summary_bg_k": 9.897189774144278,
  "summary_bg_mad": 7.296173321849477,
  "summary_bg_mean": 8.394679007171831,
  "summary_bg_median": 4.9211941212415695,
  "summary_bg_n": 2533670.0,
  "summary_bg_p05": 0.0,
  "summary_bg_p95": 31.95451047644019,
  "summary_bg_stdv": 12.014607758332668,
  "summary_csf_k": 3.414253501336372,
  "summary_csf_mad": 105.4494238880813,
  "summary_csf_mean": 309.9419854503339,
  "summary_csf_median": 295.3048985861242,
  "summary_csf_n": 80741.0,
  "summary_csf_p05": 147.46956707909703,
  "summary_csf_p95": 524.7722001448274,
  "summary_csf_stdv": 118.08965302057575,
  "summary_gm_k": 0.09088498986395477,
  "summary_gm_mad": 56.150955497206446,
  "summary_gm_mean": 754.5768093093321,
  "summary_gm_median": 755.2037897408009,
  "summary_gm_n": 35169.0,
  "summary_gm_p05": 660.7035620883107,
  "summary_gm_p95": 846.797852756828,
  "summary_gm_stdv": 56.54120431445874,
  "summary_wm_k": 0.33494041582258216,
  "summary_wm_mad": 52.305674962718214,
  "summary_wm_mean": 1003.8534926672951,
  "summary_wm_median": 1000.0331972725689,
  "summary_wm_n": 353721.0,
  "summary_wm_p05": 922.7571490444243,
  "summary_wm_p95": 1098.1245665811002,
  "summary_wm_stdv": 53.64107115652411,
  "tpm_overlap_csf": 0.1518885483938762,
  "tpm_overlap_gm": 0.43375663898633476,
  "tpm_overlap_wm": 0.488073549111052,
  "wm2max": 0.5164065317055582
}